STORAGE: NONE
RESTRICTION: || (== net20) (== net35) (== net40) (== net45) (== net461) (== net471) (== net472) (== net48) (== net5.0-windows7.0) (== net50) (== netcoreapp2.0) (== netstandard1.0) (== netstandard1.1) (== netstandard2.0)
NUGET
  remote: https://api.nuget.org/v3/index.json
    Antlr4 (4.6.6)
      Antlr4.CodeGenerator (>= 4.6.6)
      Antlr4.Runtime (>= 4.6.6)
    Antlr4.CodeGenerator (4.6.6)
    Antlr4.Runtime (4.6.6)
      NETStandard.Library (>= 1.6) - restriction: || (&& (== net35) (< net20) (>= netstandard1.1)) (&& (== net40) (< net20) (>= netstandard1.1)) (&& (== net45) (< net20)) (&& (== net461) (< net20)) (&& (== net471) (< net20)) (&& (== net472) (< net20)) (&& (== net48) (< net20)) (== net5.0-windows7.0) (== net50) (== netcoreapp2.0) (&& (== netstandard1.0) (>= netstandard1.1)) (== netstandard1.1) (== netstandard2.0)
    ApprovalTests (5.4.6)
      ApprovalUtilities (>= 5.4.6) - restriction: || (&& (== net20) (>= net461)) (&& (== net20) (>= netstandard2.0)) (&& (== net35) (>= net461)) (&& (== net35) (>= netstandard2.0)) (&& (== net40) (>= net461)) (&& (== net40) (>= netstandard2.0)) (&& (== net45) (>= net461)) (&& (== net45) (>= netstandard2.0)) (== net461) (== net471) (== net472) (== net48) (== net5.0-windows7.0) (== net50) (== netcoreapp2.0) (&& (== netstandard1.0) (>= net461)) (&& (== netstandard1.0) (>= netstandard2.0)) (&& (== netstandard1.1) (>= net461)) (&& (== netstandard1.1) (>= netstandard2.0)) (== netstandard2.0)
      DiffEngine (>= 6.5.6) - restriction: || (&& (== net20) (>= net461)) (&& (== net20) (>= netstandard2.0)) (&& (== net35) (>= net461)) (&& (== net35) (>= netstandard2.0)) (&& (== net40) (>= net461)) (&& (== net40) (>= netstandard2.0)) (&& (== net45) (>= net461)) (&& (== net45) (>= netstandard2.0)) (== net461) (== net471) (== net472) (== net48) (== net5.0-windows7.0) (== net50) (== netcoreapp2.0) (&& (== netstandard1.0) (>= net461)) (&& (== netstandard1.0) (>= netstandard2.0)) (&& (== netstandard1.1) (>= net461)) (&& (== netstandard1.1) (>= netstandard2.0)) (== netstandard2.0)
      EmptyFiles (>= 2.6) - restriction: || (&& (== net20) (>= net461)) (&& (== net20) (>= netstandard2.0)) (&& (== net35) (>= net461)) (&& (== net35) (>= netstandard2.0)) (&& (== net40) (>= net461)) (&& (== net40) (>= netstandard2.0)) (&& (== net45) (>= net461)) (&& (== net45) (>= netstandard2.0)) (== net461) (== net471) (== net472) (== net48) (== net5.0-windows7.0) (== net50) (== netcoreapp2.0) (&& (== netstandard1.0) (>= net461)) (&& (== netstandard1.0) (>= netstandard2.0)) (&& (== netstandard1.1) (>= net461)) (&& (== netstandard1.1) (>= netstandard2.0)) (== netstandard2.0)
      Microsoft.Win32.Registry (>= 5.0) - restriction: || (&& (== net20) (>= net461)) (&& (== net20) (>= netstandard2.0)) (&& (== net35) (>= net461)) (&& (== net35) (>= netstandard2.0)) (&& (== net40) (>= net461)) (&& (== net40) (>= netstandard2.0)) (&& (== net45) (>= net461)) (&& (== net45) (>= netstandard2.0)) (== net461) (== net471) (== net472) (== net48) (== net5.0-windows7.0) (== net50) (== netcoreapp2.0) (&& (== netstandard1.0) (>= net461)) (&& (== netstandard1.0) (>= netstandard2.0)) (&& (== netstandard1.1) (>= net461)) (&& (== netstandard1.1) (>= netstandard2.0)) (== netstandard2.0)
      TextCopy (>= 4.3) - restriction: || (&& (== net20) (>= net461)) (&& (== net20) (>= netstandard2.0)) (&& (== net35) (>= net461)) (&& (== net35) (>= netstandard2.0)) (&& (== net40) (>= net461)) (&& (== net40) (>= netstandard2.0)) (&& (== net45) (>= net461)) (&& (== net45) (>= netstandard2.0)) (== net461) (== net471) (== net472) (== net48) (== net5.0-windows7.0) (== net50) (== netcoreapp2.0) (&& (== netstandard1.0) (>= net461)) (&& (== netstandard1.0) (>= netstandard2.0)) (&& (== netstandard1.1) (>= net461)) (&& (== netstandard1.1) (>= netstandard2.0)) (== netstandard2.0)
    ApprovalUtilities (5.4.6) - restriction: || (&& (== net20) (>= net461)) (&& (== net20) (>= netstandard2.0)) (&& (== net35) (>= net461)) (&& (== net35) (>= netstandard2.0)) (&& (== net40) (>= net461)) (&& (== net40) (>= netstandard2.0)) (&& (== net45) (>= net461)) (&& (== net45) (>= netstandard2.0)) (== net461) (== net471) (== net472) (== net48) (== net5.0-windows7.0) (== net50) (== netcoreapp2.0) (&& (== netstandard1.0) (>= net461)) (&& (== netstandard1.0) (>= netstandard2.0)) (&& (== netstandard1.1) (>= net461)) (&& (== netstandard1.1) (>= netstandard2.0)) (== netstandard2.0)
      System.Data.SqlClient (>= 4.8.2) - restriction: || (&& (== net20) (>= net461)) (&& (== net20) (>= netstandard2.0)) (&& (== net35) (>= net461)) (&& (== net35) (>= netstandard2.0)) (&& (== net40) (>= net461)) (&& (== net40) (>= netstandard2.0)) (&& (== net45) (>= net461)) (&& (== net45) (>= netstandard2.0)) (== net461) (== net471) (== net472) (== net48) (== net5.0-windows7.0) (== net50) (== netcoreapp2.0) (&& (== netstandard1.0) (>= net461)) (&& (== netstandard1.0) (>= netstandard2.0)) (&& (== netstandard1.1) (>= net461)) (&& (== netstandard1.1) (>= netstandard2.0)) (== netstandard2.0)
      System.Management (>= 5.0) - restriction: || (&& (== net20) (>= net461)) (&& (== net20) (>= netstandard2.0)) (&& (== net35) (>= net461)) (&& (== net35) (>= netstandard2.0)) (&& (== net40) (>= net461)) (&& (== net40) (>= netstandard2.0)) (&& (== net45) (>= net461)) (&& (== net45) (>= netstandard2.0)) (== net461) (== net471) (== net472) (== net48) (== net5.0-windows7.0) (== net50) (== netcoreapp2.0) (&& (== netstandard1.0) (>= net461)) (&& (== netstandard1.0) (>= netstandard2.0)) (&& (== netstandard1.1) (>= net461)) (&& (== netstandard1.1) (>= netstandard2.0)) (== netstandard2.0)
    Castle.Core (4.4.1) - restriction: || (&& (== net20) (>= net45)) (&& (== net20) (>= netstandard2.0)) (&& (== net35) (>= net45)) (&& (== net35) (>= netstandard2.0)) (&& (== net40) (>= net45)) (&& (== net40) (>= netstandard2.0)) (== net45) (== net461) (== net471) (== net472) (== net48) (== net5.0-windows7.0) (== net50) (== netcoreapp2.0) (&& (== netstandard1.0) (>= net45)) (&& (== netstandard1.0) (>= netstandard2.0)) (&& (== netstandard1.1) (>= net45)) (&& (== netstandard1.1) (>= netstandard2.0)) (== netstandard2.0)
      NETStandard.Library (>= 1.6.1) - restriction: || (&& (== net20) (>= netstandard1.3)) (&& (== net20) (>= netstandard1.5)) (&& (== net40) (< net35) (>= netstandard1.3)) (&& (== net40) (< net35) (>= netstandard1.5)) (&& (== net45) (< net35) (>= netstandard1.3)) (&& (== net45) (< net35) (>= netstandard1.5)) (&& (== net461) (< net35)) (&& (== net471) (< net35)) (&& (== net472) (< net35)) (&& (== net48) (< net35)) (== net5.0-windows7.0) (== net50) (== netcoreapp2.0) (&& (== netstandard1.0) (>= netstandard1.3)) (&& (== netstandard1.0) (>= netstandard1.5)) (&& (== netstandard1.1) (>= netstandard1.3)) (&& (== netstandard1.1) (>= netstandard1.5)) (== netstandard2.0)
      System.Collections.Specialized (>= 4.3) - restriction: || (&& (== net20) (>= netstandard1.3)) (&& (== net20) (>= netstandard1.5)) (&& (== net40) (< net35) (>= netstandard1.3)) (&& (== net40) (< net35) (>= netstandard1.5)) (&& (== net45) (< net35) (>= netstandard1.3)) (&& (== net45) (< net35) (>= netstandard1.5)) (&& (== net461) (< net35)) (&& (== net471) (< net35)) (&& (== net472) (< net35)) (&& (== net48) (< net35)) (== net5.0-windows7.0) (== net50) (== netcoreapp2.0) (&& (== netstandard1.0) (>= netstandard1.3)) (&& (== netstandard1.0) (>= netstandard1.5)) (&& (== netstandard1.1) (>= netstandard1.3)) (&& (== netstandard1.1) (>= netstandard1.5)) (== netstandard2.0)
      System.ComponentModel (>= 4.3) - restriction: || (&& (== net20) (>= netstandard1.3)) (&& (== net20) (>= netstandard1.5)) (&& (== net40) (< net35) (>= netstandard1.3)) (&& (== net40) (< net35) (>= netstandard1.5)) (&& (== net45) (< net35) (>= netstandard1.3)) (&& (== net45) (< net35) (>= netstandard1.5)) (&& (== net461) (< net35)) (&& (== net471) (< net35)) (&& (== net472) (< net35)) (&& (== net48) (< net35)) (== net5.0-windows7.0) (== net50) (== netcoreapp2.0) (&& (== netstandard1.0) (>= netstandard1.3)) (&& (== netstandard1.0) (>= netstandard1.5)) (&& (== netstandard1.1) (>= netstandard1.3)) (&& (== netstandard1.1) (>= netstandard1.5)) (== netstandard2.0)
      System.ComponentModel.TypeConverter (>= 4.3) - restriction: || (&& (== net20) (>= netstandard1.3)) (&& (== net20) (>= netstandard1.5)) (&& (== net40) (< net35) (>= netstandard1.3)) (&& (== net40) (< net35) (>= netstandard1.5)) (&& (== net45) (< net35) (>= netstandard1.3)) (&& (== net45) (< net35) (>= netstandard1.5)) (&& (== net461) (< net35)) (&& (== net471) (< net35)) (&& (== net472) (< net35)) (&& (== net48) (< net35)) (== net5.0-windows7.0) (== net50) (== netcoreapp2.0) (&& (== netstandard1.0) (>= netstandard1.3)) (&& (== netstandard1.0) (>= netstandard1.5)) (&& (== netstandard1.1) (>= netstandard1.3)) (&& (== netstandard1.1) (>= netstandard1.5)) (== netstandard2.0)
      System.Diagnostics.TraceSource (>= 4.3) - restriction: || (&& (== net20) (>= netstandard1.3)) (&& (== net20) (>= netstandard1.5)) (&& (== net40) (< net35) (>= netstandard1.3)) (&& (== net40) (< net35) (>= netstandard1.5)) (&& (== net45) (< net35) (>= netstandard1.3)) (&& (== net45) (< net35) (>= netstandard1.5)) (&& (== net461) (< net35)) (&& (== net471) (< net35)) (&& (== net472) (< net35)) (&& (== net48) (< net35)) (== net5.0-windows7.0) (== net50) (== netcoreapp2.0) (&& (== netstandard1.0) (>= netstandard1.3)) (&& (== netstandard1.0) (>= netstandard1.5)) (&& (== netstandard1.1) (>= netstandard1.3)) (&& (== netstandard1.1) (>= netstandard1.5)) (== netstandard2.0)
      System.Dynamic.Runtime (>= 4.3) - restriction: || (&& (== net20) (>= netstandard1.3)) (&& (== net20) (>= netstandard1.5)) (&& (== net40) (< net35) (>= netstandard1.3)) (&& (== net40) (< net35) (>= netstandard1.5)) (&& (== net45) (< net35) (>= netstandard1.3)) (&& (== net45) (< net35) (>= netstandard1.5)) (&& (== net461) (< net35)) (&& (== net471) (< net35)) (&& (== net472) (< net35)) (&& (== net48) (< net35)) (== net5.0-windows7.0) (== net50) (== netcoreapp2.0) (&& (== netstandard1.0) (>= netstandard1.3)) (&& (== netstandard1.0) (>= netstandard1.5)) (&& (== netstandard1.1) (>= netstandard1.3)) (&& (== netstandard1.1) (>= netstandard1.5)) (== netstandard2.0)
      System.Reflection (>= 4.3) - restriction: || (&& (== net20) (>= netstandard1.3)) (&& (== net20) (>= netstandard1.5)) (&& (== net40) (< net35) (>= netstandard1.3)) (&& (== net40) (< net35) (>= netstandard1.5)) (&& (== net45) (< net35) (>= netstandard1.3)) (&& (== net45) (< net35) (>= netstandard1.5)) (&& (== net461) (< net35)) (&& (== net471) (< net35)) (&& (== net472) (< net35)) (&& (== net48) (< net35)) (== net5.0-windows7.0) (== net50) (== netcoreapp2.0) (&& (== netstandard1.0) (>= netstandard1.3)) (&& (== netstandard1.0) (>= netstandard1.5)) (&& (== netstandard1.1) (>= netstandard1.3)) (&& (== netstandard1.1) (>= netstandard1.5)) (== netstandard2.0)
      System.Reflection.Emit (>= 4.3) - restriction: || (&& (== net20) (>= netstandard1.3)) (&& (== net20) (>= netstandard1.5)) (&& (== net40) (< net35) (>= netstandard1.3)) (&& (== net40) (< net35) (>= netstandard1.5)) (&& (== net45) (< net35) (>= netstandard1.3)) (&& (== net45) (< net35) (>= netstandard1.5)) (&& (== net461) (< net35)) (&& (== net471) (< net35)) (&& (== net472) (< net35)) (&& (== net48) (< net35)) (== net5.0-windows7.0) (== net50) (== netcoreapp2.0) (&& (== netstandard1.0) (>= netstandard1.3)) (&& (== netstandard1.0) (>= netstandard1.5)) (&& (== netstandard1.1) (>= netstandard1.3)) (&& (== netstandard1.1) (>= netstandard1.5)) (== netstandard2.0)
      System.Reflection.TypeExtensions (>= 4.3) - restriction: || (&& (== net20) (>= netstandard1.3)) (&& (== net20) (>= netstandard1.5)) (&& (== net40) (< net35) (>= netstandard1.3)) (&& (== net40) (< net35) (>= netstandard1.5)) (&& (== net45) (< net35) (>= netstandard1.3)) (&& (== net45) (< net35) (>= netstandard1.5)) (&& (== net461) (< net35)) (&& (== net471) (< net35)) (&& (== net472) (< net35)) (&& (== net48) (< net35)) (== net5.0-windows7.0) (== net50) (== netcoreapp2.0) (&& (== netstandard1.0) (>= netstandard1.3)) (&& (== netstandard1.0) (>= netstandard1.5)) (&& (== netstandard1.1) (>= netstandard1.3)) (&& (== netstandard1.1) (>= netstandard1.5)) (== netstandard2.0)
      System.Xml.XmlDocument (>= 4.3) - restriction: || (&& (== net20) (>= netstandard1.3)) (&& (== net20) (>= netstandard1.5)) (&& (== net40) (< net35) (>= netstandard1.3)) (&& (== net40) (< net35) (>= netstandard1.5)) (&& (== net45) (< net35) (>= netstandard1.3)) (&& (== net45) (< net35) (>= netstandard1.5)) (&& (== net461) (< net35)) (&& (== net471) (< net35)) (&& (== net472) (< net35)) (&& (== net48) (< net35)) (== net5.0-windows7.0) (== net50) (== netcoreapp2.0) (&& (== netstandard1.0) (>= netstandard1.3)) (&& (== netstandard1.0) (>= netstandard1.5)) (&& (== netstandard1.1) (>= netstandard1.3)) (&& (== netstandard1.1) (>= netstandard1.5)) (== netstandard2.0)
    coverlet.collector (3.0.3)
    DiffEngine (6.5.7) - restriction: || (&& (== net20) (>= net461)) (&& (== net20) (>= netstandard2.0)) (&& (== net35) (>= net461)) (&& (== net35) (>= netstandard2.0)) (&& (== net40) (>= net461)) (&& (== net40) (>= netstandard2.0)) (&& (== net45) (>= net461)) (&& (== net45) (>= netstandard2.0)) (== net461) (== net471) (== net472) (== net48) (== net5.0-windows7.0) (== net50) (== netcoreapp2.0) (&& (== netstandard1.0) (>= net461)) (&& (== netstandard1.0) (>= netstandard2.0)) (&& (== netstandard1.1) (>= net461)) (&& (== netstandard1.1) (>= netstandard2.0)) (== netstandard2.0)
      EmptyFiles (>= 2.6) - restriction: || (&& (== net20) (>= net461)) (&& (== net20) (>= netstandard2.0)) (&& (== net35) (>= net461)) (&& (== net35) (>= netstandard2.0)) (&& (== net40) (>= net461)) (&& (== net40) (>= netstandard2.0)) (&& (== net45) (>= net461)) (&& (== net45) (>= netstandard2.0)) (== net461) (== net471) (== net472) (== net48) (== net5.0-windows7.0) (== net50) (== netcoreapp2.0) (&& (== netstandard1.0) (>= net461)) (&& (== netstandard1.0) (>= netstandard2.0)) (&& (== netstandard1.1) (>= net461)) (&& (== netstandard1.1) (>= netstandard2.0)) (== netstandard2.0)
      Microsoft.Windows.Compatibility (>= 5.0.2) - restriction: || (&& (== net20) (>= netstandard2.0)) (&& (== net20) (>= netstandard2.1)) (&& (== net35) (>= netstandard2.0)) (&& (== net35) (>= netstandard2.1)) (&& (== net40) (>= netstandard2.0)) (&& (== net40) (>= netstandard2.1)) (&& (== net45) (>= netstandard2.0)) (&& (== net45) (>= netstandard2.1)) (&& (== net461) (>= netstandard2.1)) (&& (== net471) (< net461)) (&& (== net471) (>= netstandard2.1)) (&& (== net472) (< net461)) (&& (== net472) (>= netstandard2.1)) (&& (== net48) (< net461)) (&& (== net48) (>= netstandard2.1)) (== net5.0-windows7.0) (== net50) (== netcoreapp2.0) (&& (== netstandard1.0) (>= netstandard2.0)) (&& (== netstandard1.0) (>= netstandard2.1)) (&& (== netstandard1.1) (>= netstandard2.0)) (&& (== netstandard1.1) (>= netstandard2.1)) (== netstandard2.0)
      System.Runtime.InteropServices.RuntimeInformation (>= 4.3) - restriction: || (&& (== net20) (>= net461)) (&& (== net35) (>= net461)) (&& (== net40) (>= net461)) (&& (== net45) (>= net461)) (== net461) (== net471) (== net472) (== net48) (&& (== net5.0-windows7.0) (>= net461)) (&& (== net50) (>= net461)) (&& (== netcoreapp2.0) (>= net461)) (&& (== netstandard1.0) (>= net461)) (&& (== netstandard1.1) (>= net461)) (&& (== netstandard2.0) (>= net461))
    dnlib (3.3.3)
      System.Reflection.Emit (>= 4.7) - restriction: || (&& (== net20) (>= netstandard2.0)) (&& (== net40) (< net35) (>= netstandard2.0)) (&& (== net45) (< net35) (>= netstandard2.0)) (&& (== net461) (< net35) (>= netstandard2.0)) (&& (== net471) (< net35)) (&& (== net472) (< net35)) (&& (== net48) (< net35)) (== net5.0-windows7.0) (== net50) (== netcoreapp2.0) (&& (== netstandard1.0) (>= netstandard2.0)) (&& (== netstandard1.1) (>= netstandard2.0)) (== netstandard2.0)
      System.Reflection.Emit.Lightweight (>= 4.7) - restriction: || (&& (== net20) (>= netstandard2.0)) (&& (== net40) (< net35) (>= netstandard2.0)) (&& (== net45) (< net35) (>= netstandard2.0)) (&& (== net461) (< net35) (>= netstandard2.0)) (&& (== net471) (< net35)) (&& (== net472) (< net35)) (&& (== net48) (< net35)) (== net5.0-windows7.0) (== net50) (== netcoreapp2.0) (&& (== netstandard1.0) (>= netstandard2.0)) (&& (== netstandard1.1) (>= netstandard2.0)) (== netstandard2.0)
    EmptyFiles (2.6) - restriction: || (&& (== net20) (>= net461)) (&& (== net20) (>= netstandard2.0)) (&& (== net35) (>= net461)) (&& (== net35) (>= netstandard2.0)) (&& (== net40) (>= net461)) (&& (== net40) (>= netstandard2.0)) (&& (== net45) (>= net461)) (&& (== net45) (>= netstandard2.0)) (== net461) (== net471) (== net472) (== net48) (== net5.0-windows7.0) (== net50) (== netcoreapp2.0) (&& (== netstandard1.0) (>= net461)) (&& (== netstandard1.0) (>= netstandard2.0)) (&& (== netstandard1.1) (>= net461)) (&& (== netstandard1.1) (>= netstandard2.0)) (== netstandard2.0)
    Humanizer.Core (2.8.26)
      NETStandard.Library (>= 1.6.1) - restriction: || (&& (== net20) (>= netstandard1.0)) (&& (== net35) (>= netstandard1.0)) (&& (== net40) (>= netstandard1.0)) (== net45) (== net461) (&& (== net471) (< netstandard2.0)) (&& (== net472) (< netstandard2.0)) (&& (== net48) (< netstandard2.0)) (&& (== net5.0-windows7.0) (< netstandard2.0)) (&& (== net50) (< netstandard2.0)) (&& (== netcoreapp2.0) (< netstandard2.0)) (== netstandard1.0) (== netstandard1.1)
    K4os.Compression.LZ4 (1.1.11)
      System.Memory (>= 4.5.3) - restriction: || (&& (== net20) (>= net45)) (&& (== net20) (>= net46)) (&& (== net20) (>= netstandard1.6)) (&& (== net20) (>= netstandard2.0)) (&& (== net35) (>= net45)) (&& (== net35) (>= net46)) (&& (== net35) (>= netstandard1.6)) (&& (== net35) (>= netstandard2.0)) (&& (== net40) (>= net45)) (&& (== net40) (>= net46)) (&& (== net40) (>= netstandard1.6)) (&& (== net40) (>= netstandard2.0)) (== net45) (== net461) (== net471) (== net472) (== net48) (== net5.0-windows7.0) (== net50) (== netcoreapp2.0) (&& (== netstandard1.0) (>= net45)) (&& (== netstandard1.0) (>= net46)) (&& (== netstandard1.0) (>= netstandard1.6)) (&& (== netstandard1.0) (>= netstandard2.0)) (&& (== netstandard1.1) (>= net45)) (&& (== netstandard1.1) (>= net46)) (&& (== netstandard1.1) (>= netstandard1.6)) (&& (== netstandard1.1) (>= netstandard2.0)) (== netstandard2.0)
    Microsoft.Bcl.AsyncInterfaces (5.0) - restriction: || (&& (== net20) (== net5.0-windows7.0)) (&& (== net20) (== net50)) (&& (== net20) (>= net461)) (&& (== net20) (>= netcoreapp2.1)) (&& (== net20) (>= netstandard2.0)) (&& (== net35) (== net5.0-windows7.0)) (&& (== net35) (== net50)) (&& (== net35) (>= net461)) (&& (== net35) (>= netcoreapp2.1)) (&& (== net35) (>= netstandard2.0)) (&& (== net40) (== net5.0-windows7.0)) (&& (== net40) (== net50)) (&& (== net40) (>= net461)) (&& (== net40) (>= netcoreapp2.1)) (&& (== net40) (>= netstandard2.0)) (&& (== net45) (== net5.0-windows7.0)) (&& (== net45) (== net50)) (&& (== net45) (>= net461)) (&& (== net45) (>= netcoreapp2.1)) (&& (== net45) (>= netstandard2.0)) (== net461) (== net471) (== net472) (== net48) (&& (== net5.0-windows7.0) (== netstandard1.0)) (&& (== net5.0-windows7.0) (== netstandard1.1)) (&& (== net5.0-windows7.0) (>= net461)) (&& (== net5.0-windows7.0) (< netstandard2.1)) (&& (== net50) (== netstandard1.0)) (&& (== net50) (== netstandard1.1)) (&& (== net50) (>= net461)) (&& (== net50) (< netstandard2.1)) (== netcoreapp2.0) (&& (== netstandard1.0) (>= net461)) (&& (== netstandard1.0) (>= netcoreapp2.1)) (&& (== netstandard1.0) (>= netstandard2.0)) (&& (== netstandard1.1) (>= net461)) (&& (== netstandard1.1) (>= netcoreapp2.1)) (&& (== netstandard1.1) (>= netstandard2.0)) (== netstandard2.0)
      System.Threading.Tasks.Extensions (>= 4.5.4) - restriction: || (&& (== net20) (>= net461)) (&& (== net20) (>= netstandard2.0)) (&& (== net35) (>= net461)) (&& (== net35) (>= netstandard2.0)) (&& (== net40) (>= net461)) (&& (== net40) (>= netstandard2.0)) (&& (== net45) (>= net461)) (&& (== net45) (>= netstandard2.0)) (== net461) (== net471) (== net472) (== net48) (&& (== net5.0-windows7.0) (>= net461)) (&& (== net5.0-windows7.0) (< netcoreapp2.1) (< netstandard2.1)) (&& (== net50) (>= net461)) (&& (== net50) (< netcoreapp2.1) (< netstandard2.1)) (== netcoreapp2.0) (&& (== netstandard1.0) (>= net461)) (&& (== netstandard1.0) (>= netstandard2.0)) (&& (== netstandard1.1) (>= net461)) (&& (== netstandard1.1) (>= netstandard2.0)) (== netstandard2.0)
    Microsoft.Build.Framework (16.9) - restriction: || (&& (== net20) (>= net46)) (&& (== net20) (>= netstandard2.0)) (&& (== net35) (>= net46)) (&& (== net35) (>= netstandard2.0)) (&& (== net40) (>= net46)) (&& (== net40) (>= netstandard2.0)) (&& (== net45) (>= net46)) (&& (== net45) (>= netstandard2.0)) (== net461) (== net471) (== net472) (== net48) (== net5.0-windows7.0) (== net50) (== netcoreapp2.0) (&& (== netstandard1.0) (>= net46)) (&& (== netstandard1.0) (>= netstandard2.0)) (&& (== netstandard1.1) (>= net46)) (&& (== netstandard1.1) (>= netstandard2.0)) (== netstandard2.0)
      System.Security.Permissions (>= 4.7) - restriction: || (&& (== net20) (>= netstandard2.0)) (&& (== net35) (>= netstandard2.0)) (&& (== net40) (>= netstandard2.0)) (&& (== net45) (>= netstandard2.0)) (&& (== net461) (>= netstandard2.0)) (== net471) (&& (== net48) (< net472)) (== net5.0-windows7.0) (== net50) (== netcoreapp2.0) (&& (== netstandard1.0) (>= netstandard2.0)) (&& (== netstandard1.1) (>= netstandard2.0)) (== netstandard2.0)
    Microsoft.Build.Tasks.Core (15.9.20)
      Microsoft.Build.Framework (>= 15.9.20) - restriction: || (&& (== net20) (>= net46)) (&& (== net20) (>= netstandard2.0)) (&& (== net35) (>= net46)) (&& (== net35) (>= netstandard2.0)) (&& (== net40) (>= net46)) (&& (== net40) (>= netstandard2.0)) (&& (== net45) (>= net46)) (&& (== net45) (>= netstandard2.0)) (== net461) (== net471) (== net472) (== net48) (== net5.0-windows7.0) (== net50) (== netcoreapp2.0) (&& (== netstandard1.0) (>= net46)) (&& (== netstandard1.0) (>= netstandard2.0)) (&& (== netstandard1.1) (>= net46)) (&& (== netstandard1.1) (>= netstandard2.0)) (== netstandard2.0)
      Microsoft.Build.Utilities.Core (>= 15.9.20) - restriction: || (&& (== net20) (>= net46)) (&& (== net20) (>= netstandard2.0)) (&& (== net35) (>= net46)) (&& (== net35) (>= netstandard2.0)) (&& (== net40) (>= net46)) (&& (== net40) (>= netstandard2.0)) (&& (== net45) (>= net46)) (&& (== net45) (>= netstandard2.0)) (== net461) (== net471) (== net472) (== net48) (== net5.0-windows7.0) (== net50) (== netcoreapp2.0) (&& (== netstandard1.0) (>= net46)) (&& (== netstandard1.0) (>= netstandard2.0)) (&& (== netstandard1.1) (>= net46)) (&& (== netstandard1.1) (>= netstandard2.0)) (== netstandard2.0)
      Microsoft.VisualStudio.Setup.Configuration.Interop (>= 1.16.30) - restriction: || (&& (== net20) (>= net46)) (&& (== net35) (>= net46)) (&& (== net40) (>= net46)) (&& (== net45) (>= net46)) (== net461) (== net471) (== net472) (== net48) (&& (== net5.0-windows7.0) (>= net46)) (&& (== net50) (>= net46)) (&& (== netcoreapp2.0) (>= net46)) (&& (== netstandard1.0) (>= net46)) (&& (== netstandard1.1) (>= net46)) (&& (== netstandard2.0) (>= net46))
      Microsoft.Win32.Registry (>= 4.3) - restriction: || (&& (== net20) (>= netstandard2.0)) (&& (== net35) (>= netstandard2.0)) (&& (== net40) (>= netstandard2.0)) (&& (== net45) (>= netstandard2.0)) (&& (== net461) (< net46) (>= netstandard2.0)) (&& (== net471) (< net46)) (&& (== net472) (< net46)) (&& (== net48) (< net46)) (== net5.0-windows7.0) (== net50) (== netcoreapp2.0) (&& (== netstandard1.0) (>= netstandard2.0)) (&& (== netstandard1.1) (>= netstandard2.0)) (== netstandard2.0)
      System.CodeDom (>= 4.4) - restriction: || (&& (== net20) (>= netstandard2.0)) (&& (== net35) (>= netstandard2.0)) (&& (== net40) (>= netstandard2.0)) (&& (== net45) (>= netstandard2.0)) (&& (== net461) (< net46) (>= netstandard2.0)) (&& (== net471) (< net46)) (&& (== net472) (< net46)) (&& (== net48) (< net46)) (== net5.0-windows7.0) (== net50) (== netcoreapp2.0) (&& (== netstandard1.0) (>= netstandard2.0)) (&& (== netstandard1.1) (>= netstandard2.0)) (== netstandard2.0)
      System.Collections.Immutable (>= 1.5) - restriction: || (&& (== net20) (>= net46)) (&& (== net20) (>= netstandard2.0)) (&& (== net35) (>= net46)) (&& (== net35) (>= netstandard2.0)) (&& (== net40) (>= net46)) (&& (== net40) (>= netstandard2.0)) (&& (== net45) (>= net46)) (&& (== net45) (>= netstandard2.0)) (== net461) (== net471) (== net472) (== net48) (== net5.0-windows7.0) (== net50) (== netcoreapp2.0) (&& (== netstandard1.0) (>= net46)) (&& (== netstandard1.0) (>= netstandard2.0)) (&& (== netstandard1.1) (>= net46)) (&& (== netstandard1.1) (>= netstandard2.0)) (== netstandard2.0)
      System.Linq.Parallel (>= 4.0.1) - restriction: || (&& (== net20) (>= netstandard2.0)) (&& (== net35) (>= netstandard2.0)) (&& (== net40) (>= netstandard2.0)) (&& (== net45) (>= netstandard2.0)) (&& (== net461) (< net46) (>= netstandard2.0)) (&& (== net471) (< net46)) (&& (== net472) (< net46)) (&& (== net48) (< net46)) (== net5.0-windows7.0) (== net50) (== netcoreapp2.0) (&& (== netstandard1.0) (>= netstandard2.0)) (&& (== netstandard1.1) (>= netstandard2.0)) (== netstandard2.0)
      System.Net.Http (>= 4.3) - restriction: || (&& (== net20) (>= netstandard2.0)) (&& (== net35) (>= netstandard2.0)) (&& (== net40) (>= netstandard2.0)) (&& (== net45) (>= netstandard2.0)) (&& (== net461) (< net46) (>= netstandard2.0)) (&& (== net471) (< net46)) (&& (== net472) (< net46)) (&& (== net48) (< net46)) (== net5.0-windows7.0) (== net50) (== netcoreapp2.0) (&& (== netstandard1.0) (>= netstandard2.0)) (&& (== netstandard1.1) (>= netstandard2.0)) (== netstandard2.0)
      System.Reflection.Metadata (>= 1.6) - restriction: || (&& (== net20) (>= netstandard2.0)) (&& (== net35) (>= netstandard2.0)) (&& (== net40) (>= netstandard2.0)) (&& (== net45) (>= netstandard2.0)) (&& (== net461) (< net46) (>= netstandard2.0)) (&& (== net471) (< net46)) (&& (== net472) (< net46)) (&& (== net48) (< net46)) (== net5.0-windows7.0) (== net50) (== netcoreapp2.0) (&& (== netstandard1.0) (>= netstandard2.0)) (&& (== netstandard1.1) (>= netstandard2.0)) (== netstandard2.0)
      System.Reflection.TypeExtensions (>= 4.1) - restriction: || (&& (== net20) (>= netstandard2.0)) (&& (== net35) (>= netstandard2.0)) (&& (== net40) (>= netstandard2.0)) (&& (== net45) (>= netstandard2.0)) (&& (== net461) (< net46) (>= netstandard2.0)) (&& (== net471) (< net46)) (&& (== net472) (< net46)) (&& (== net48) (< net46)) (== net5.0-windows7.0) (== net50) (== netcoreapp2.0) (&& (== netstandard1.0) (>= netstandard2.0)) (&& (== netstandard1.1) (>= netstandard2.0)) (== netstandard2.0)
      System.Resources.Writer (>= 4.0) - restriction: || (&& (== net20) (>= netstandard2.0)) (&& (== net35) (>= netstandard2.0)) (&& (== net40) (>= netstandard2.0)) (&& (== net45) (>= netstandard2.0)) (&& (== net461) (< net46) (>= netstandard2.0)) (&& (== net471) (< net46)) (&& (== net472) (< net46)) (&& (== net48) (< net46)) (== net5.0-windows7.0) (== net50) (== netcoreapp2.0) (&& (== netstandard1.0) (>= netstandard2.0)) (&& (== netstandard1.1) (>= netstandard2.0)) (== netstandard2.0)
      System.Threading.Tasks.Dataflow (>= 4.5.24) - restriction: || (&& (== net20) (>= net46)) (&& (== net35) (>= net46)) (&& (== net40) (>= net46)) (&& (== net45) (>= net46)) (== net461) (== net471) (== net472) (== net48) (&& (== net5.0-windows7.0) (>= net46)) (&& (== net50) (>= net46)) (&& (== netcoreapp2.0) (>= net46)) (&& (== netstandard1.0) (>= net46)) (&& (== netstandard1.1) (>= net46)) (&& (== netstandard2.0) (>= net46))
      System.Threading.Tasks.Dataflow (>= 4.6) - restriction: || (&& (== net20) (>= netstandard2.0)) (&& (== net35) (>= netstandard2.0)) (&& (== net40) (>= netstandard2.0)) (&& (== net45) (>= netstandard2.0)) (&& (== net461) (< net46) (>= netstandard2.0)) (&& (== net471) (< net46)) (&& (== net472) (< net46)) (&& (== net48) (< net46)) (== net5.0-windows7.0) (== net50) (== netcoreapp2.0) (&& (== netstandard1.0) (>= netstandard2.0)) (&& (== netstandard1.1) (>= netstandard2.0)) (== netstandard2.0)
    Microsoft.Build.Utilities.Core (16.9) - restriction: || (&& (== net20) (>= net46)) (&& (== net20) (>= netstandard2.0)) (&& (== net35) (>= net46)) (&& (== net35) (>= netstandard2.0)) (&& (== net40) (>= net46)) (&& (== net40) (>= netstandard2.0)) (&& (== net45) (>= net46)) (&& (== net45) (>= netstandard2.0)) (== net461) (== net471) (== net472) (== net48) (== net5.0-windows7.0) (== net50) (== netcoreapp2.0) (&& (== netstandard1.0) (>= net46)) (&& (== netstandard1.0) (>= netstandard2.0)) (&& (== netstandard1.1) (>= net46)) (&& (== netstandard1.1) (>= netstandard2.0)) (== netstandard2.0)
      Microsoft.Build.Framework (>= 16.9) - restriction: || (&& (== net20) (>= netstandard2.0)) (&& (== net35) (>= netstandard2.0)) (&& (== net40) (>= netstandard2.0)) (&& (== net45) (>= netstandard2.0)) (&& (== net461) (>= netstandard2.0)) (== net471) (== net472) (== net48) (== net5.0-windows7.0) (== net50) (== netcoreapp2.0) (&& (== netstandard1.0) (>= netstandard2.0)) (&& (== netstandard1.1) (>= netstandard2.0)) (== netstandard2.0)
      Microsoft.VisualStudio.Setup.Configuration.Interop (>= 1.16.30) - restriction: || (&& (== net20) (>= net472)) (&& (== net35) (>= net472)) (&& (== net40) (>= net472)) (&& (== net45) (>= net472)) (&& (== net461) (>= net472)) (&& (== net471) (>= net472)) (== net472) (== net48) (&& (== net5.0-windows7.0) (>= net472)) (&& (== net50) (>= net472)) (&& (== netcoreapp2.0) (>= net472)) (&& (== netstandard1.0) (>= net472)) (&& (== netstandard1.1) (>= net472)) (&& (== netstandard2.0) (>= net472))
      Microsoft.Win32.Registry (>= 4.3) - restriction: || (&& (== net20) (>= netstandard2.0)) (&& (== net35) (>= netstandard2.0)) (&& (== net40) (>= netstandard2.0)) (&& (== net45) (>= netstandard2.0)) (&& (== net461) (>= netstandard2.0)) (== net471) (&& (== net48) (< net472)) (== net5.0-windows7.0) (== net50) (== netcoreapp2.0) (&& (== netstandard1.0) (>= netstandard2.0)) (&& (== netstandard1.1) (>= netstandard2.0)) (== netstandard2.0)
      System.Collections.Immutable (>= 5.0) - restriction: || (&& (== net20) (>= netstandard2.0)) (&& (== net35) (>= netstandard2.0)) (&& (== net40) (>= netstandard2.0)) (&& (== net45) (>= netstandard2.0)) (&& (== net461) (>= netstandard2.0)) (== net471) (== net472) (== net48) (== net5.0-windows7.0) (== net50) (== netcoreapp2.0) (&& (== netstandard1.0) (>= netstandard2.0)) (&& (== netstandard1.1) (>= netstandard2.0)) (== netstandard2.0)
      System.Security.Permissions (>= 4.7) - restriction: || (&& (== net20) (>= netstandard2.0)) (&& (== net35) (>= netstandard2.0)) (&& (== net40) (>= netstandard2.0)) (&& (== net45) (>= netstandard2.0)) (&& (== net461) (>= netstandard2.0)) (== net471) (&& (== net48) (< net472)) (== net5.0-windows7.0) (== net50) (== netcoreapp2.0) (&& (== netstandard1.0) (>= netstandard2.0)) (&& (== netstandard1.1) (>= netstandard2.0)) (== netstandard2.0)
      System.Text.Encoding.CodePages (>= 4.0.1) - restriction: || (&& (== net20) (>= netstandard2.0)) (&& (== net35) (>= netstandard2.0)) (&& (== net40) (>= netstandard2.0)) (&& (== net45) (>= netstandard2.0)) (&& (== net461) (>= netstandard2.0)) (== net471) (&& (== net48) (< net472)) (== net5.0-windows7.0) (== net50) (== netcoreapp2.0) (&& (== netstandard1.0) (>= netstandard2.0)) (&& (== netstandard1.1) (>= netstandard2.0)) (== netstandard2.0)
    Microsoft.CodeCoverage (16.11) - restriction: || (&& (== net20) (>= net45)) (&& (== net20) (>= netcoreapp1.0)) (&& (== net35) (>= net45)) (&& (== net35) (>= netcoreapp1.0)) (&& (== net40) (>= net45)) (&& (== net40) (>= netcoreapp1.0)) (== net45) (== net461) (== net471) (== net472) (== net48) (== net5.0-windows7.0) (== net50) (== netcoreapp2.0) (&& (== netstandard1.0) (>= net45)) (&& (== netstandard1.0) (>= netcoreapp1.0)) (&& (== netstandard1.1) (>= net45)) (&& (== netstandard1.1) (>= netcoreapp1.0)) (&& (== netstandard2.0) (>= net45)) (&& (== netstandard2.0) (>= netcoreapp1.0))
    Microsoft.DiaSymReader.Native (1.7)
    Microsoft.Extensions.CommandLineUtils (1.1.1)
      NETStandard.Library (>= 1.6.1) - restriction: || (&& (== net20) (>= netstandard1.3)) (&& (== net35) (>= netstandard1.3)) (&& (== net40) (>= netstandard1.3)) (&& (== net45) (>= netstandard1.3)) (&& (== net461) (< net451)) (&& (== net471) (< net451)) (&& (== net472) (< net451)) (&& (== net48) (< net451)) (== net5.0-windows7.0) (== net50) (== netcoreapp2.0) (&& (== netstandard1.0) (>= netstandard1.3)) (&& (== netstandard1.1) (>= netstandard1.3)) (== netstandard2.0)
    Microsoft.Extensions.Configuration (5.0) - restriction: || (&& (== net20) (>= net461)) (&& (== net20) (>= net50)) (&& (== net20) (>= netcoreapp2.0)) (&& (== net20) (>= netcoreapp2.1)) (&& (== net20) (>= netcoreapp3.0)) (&& (== net20) (>= netstandard2.0)) (&& (== net20) (>= xamarinios)) (&& (== net20) (>= xamarinmac)) (&& (== net35) (>= net461)) (&& (== net35) (>= net50)) (&& (== net35) (>= netcoreapp2.0)) (&& (== net35) (>= netcoreapp2.1)) (&& (== net35) (>= netcoreapp3.0)) (&& (== net35) (>= netstandard2.0)) (&& (== net35) (>= xamarinios)) (&& (== net35) (>= xamarinmac)) (&& (== net40) (>= net461)) (&& (== net40) (>= net50)) (&& (== net40) (>= netcoreapp2.0)) (&& (== net40) (>= netcoreapp2.1)) (&& (== net40) (>= netcoreapp3.0)) (&& (== net40) (>= netstandard2.0)) (&& (== net40) (>= xamarinios)) (&& (== net40) (>= xamarinmac)) (&& (== net45) (>= net461)) (&& (== net45) (>= net50)) (&& (== net45) (>= netcoreapp2.0)) (&& (== net45) (>= netcoreapp2.1)) (&& (== net45) (>= netcoreapp3.0)) (&& (== net45) (>= netstandard2.0)) (&& (== net45) (>= xamarinios)) (&& (== net45) (>= xamarinmac)) (== net461) (== net471) (== net472) (== net48) (== net5.0-windows7.0) (== net50) (== netcoreapp2.0) (&& (== netstandard1.0) (>= net461)) (&& (== netstandard1.0) (>= net50)) (&& (== netstandard1.0) (>= netcoreapp2.0)) (&& (== netstandard1.0) (>= netcoreapp2.1)) (&& (== netstandard1.0) (>= netcoreapp3.0)) (&& (== netstandard1.0) (>= netstandard2.0)) (&& (== netstandard1.0) (>= xamarinios)) (&& (== netstandard1.0) (>= xamarinmac)) (&& (== netstandard1.1) (>= net461)) (&& (== netstandard1.1) (>= net50)) (&& (== netstandard1.1) (>= netcoreapp2.0)) (&& (== netstandard1.1) (>= netcoreapp2.1)) (&& (== netstandard1.1) (>= netcoreapp3.0)) (&& (== netstandard1.1) (>= netstandard2.0)) (&& (== netstandard1.1) (>= xamarinios)) (&& (== netstandard1.1) (>= xamarinmac)) (== netstandard2.0)
      Microsoft.Extensions.Configuration.Abstractions (>= 5.0) - restriction: || (&& (== net20) (>= net461)) (&& (== net20) (>= netstandard2.0)) (&& (== net35) (>= net461)) (&& (== net35) (>= netstandard2.0)) (&& (== net40) (>= net461)) (&& (== net40) (>= netstandard2.0)) (&& (== net45) (>= net461)) (&& (== net45) (>= netstandard2.0)) (== net461) (== net471) (== net472) (== net48) (== net5.0-windows7.0) (== net50) (== netcoreapp2.0) (&& (== netstandard1.0) (>= net461)) (&& (== netstandard1.0) (>= netstandard2.0)) (&& (== netstandard1.1) (>= net461)) (&& (== netstandard1.1) (>= netstandard2.0)) (== netstandard2.0)
      Microsoft.Extensions.Primitives (>= 5.0) - restriction: || (&& (== net20) (>= net461)) (&& (== net20) (>= netstandard2.0)) (&& (== net35) (>= net461)) (&& (== net35) (>= netstandard2.0)) (&& (== net40) (>= net461)) (&& (== net40) (>= netstandard2.0)) (&& (== net45) (>= net461)) (&& (== net45) (>= netstandard2.0)) (== net461) (== net471) (== net472) (== net48) (== net5.0-windows7.0) (== net50) (== netcoreapp2.0) (&& (== netstandard1.0) (>= net461)) (&& (== netstandard1.0) (>= netstandard2.0)) (&& (== netstandard1.1) (>= net461)) (&& (== netstandard1.1) (>= netstandard2.0)) (== netstandard2.0)
    Microsoft.Extensions.Configuration.Abstractions (5.0) - restriction: || (&& (== net20) (>= monoandroid)) (&& (== net20) (>= monotouch)) (&& (== net20) (>= net461)) (&& (== net20) (>= net50)) (&& (== net20) (>= netcoreapp2.0)) (&& (== net20) (>= netcoreapp2.1)) (&& (== net20) (>= netcoreapp3.0)) (&& (== net20) (>= netstandard2.0)) (&& (== net20) (>= uap10.1)) (&& (== net20) (>= xamarinios)) (&& (== net20) (>= xamarinmac)) (&& (== net20) (>= xamarintvos)) (&& (== net20) (>= xamarinwatchos)) (&& (== net35) (>= monoandroid)) (&& (== net35) (>= monotouch)) (&& (== net35) (>= net461)) (&& (== net35) (>= net50)) (&& (== net35) (>= netcoreapp2.0)) (&& (== net35) (>= netcoreapp2.1)) (&& (== net35) (>= netcoreapp3.0)) (&& (== net35) (>= netstandard2.0)) (&& (== net35) (>= uap10.1)) (&& (== net35) (>= xamarinios)) (&& (== net35) (>= xamarinmac)) (&& (== net35) (>= xamarintvos)) (&& (== net35) (>= xamarinwatchos)) (&& (== net40) (>= monoandroid)) (&& (== net40) (>= monotouch)) (&& (== net40) (>= net461)) (&& (== net40) (>= net50)) (&& (== net40) (>= netcoreapp2.0)) (&& (== net40) (>= netcoreapp2.1)) (&& (== net40) (>= netcoreapp3.0)) (&& (== net40) (>= netstandard2.0)) (&& (== net40) (>= uap10.1)) (&& (== net40) (>= xamarinios)) (&& (== net40) (>= xamarinmac)) (&& (== net40) (>= xamarintvos)) (&& (== net40) (>= xamarinwatchos)) (&& (== net45) (>= monoandroid)) (&& (== net45) (>= monotouch)) (&& (== net45) (>= net461)) (&& (== net45) (>= net50)) (&& (== net45) (>= netcoreapp2.0)) (&& (== net45) (>= netcoreapp2.1)) (&& (== net45) (>= netcoreapp3.0)) (&& (== net45) (>= netstandard2.0)) (&& (== net45) (>= uap10.1)) (&& (== net45) (>= xamarinios)) (&& (== net45) (>= xamarinmac)) (&& (== net45) (>= xamarintvos)) (&& (== net45) (>= xamarinwatchos)) (== net461) (== net471) (== net472) (== net48) (== net5.0-windows7.0) (== net50) (== netcoreapp2.0) (&& (== netstandard1.0) (>= monoandroid)) (&& (== netstandard1.0) (>= monotouch)) (&& (== netstandard1.0) (>= net461)) (&& (== netstandard1.0) (>= net50)) (&& (== netstandard1.0) (>= netcoreapp2.0)) (&& (== netstandard1.0) (>= netcoreapp2.1)) (&& (== netstandard1.0) (>= netcoreapp3.0)) (&& (== netstandard1.0) (>= netstandard2.0)) (&& (== netstandard1.0) (>= uap10.1)) (&& (== netstandard1.0) (>= xamarinios)) (&& (== netstandard1.0) (>= xamarinmac)) (&& (== netstandard1.0) (>= xamarintvos)) (&& (== netstandard1.0) (>= xamarinwatchos)) (&& (== netstandard1.1) (>= monoandroid)) (&& (== netstandard1.1) (>= monotouch)) (&& (== netstandard1.1) (>= net461)) (&& (== netstandard1.1) (>= net50)) (&& (== netstandard1.1) (>= netcoreapp2.0)) (&& (== netstandard1.1) (>= netcoreapp2.1)) (&& (== netstandard1.1) (>= netcoreapp3.0)) (&& (== netstandard1.1) (>= netstandard2.0)) (&& (== netstandard1.1) (>= uap10.1)) (&& (== netstandard1.1) (>= xamarinios)) (&& (== netstandard1.1) (>= xamarinmac)) (&& (== netstandard1.1) (>= xamarintvos)) (&& (== netstandard1.1) (>= xamarinwatchos)) (== netstandard2.0)
      Microsoft.Extensions.Primitives (>= 5.0) - restriction: || (&& (== net20) (>= net461)) (&& (== net20) (>= netstandard2.0)) (&& (== net35) (>= net461)) (&& (== net35) (>= netstandard2.0)) (&& (== net40) (>= net461)) (&& (== net40) (>= netstandard2.0)) (&& (== net45) (>= net461)) (&& (== net45) (>= netstandard2.0)) (== net461) (== net471) (== net472) (== net48) (== net5.0-windows7.0) (== net50) (== netcoreapp2.0) (&& (== netstandard1.0) (>= net461)) (&& (== netstandard1.0) (>= netstandard2.0)) (&& (== netstandard1.1) (>= net461)) (&& (== netstandard1.1) (>= netstandard2.0)) (== netstandard2.0)
      System.ValueTuple (>= 4.5) - restriction: || (&& (== net20) (>= net461)) (&& (== net35) (>= net461)) (&& (== net40) (>= net461)) (&& (== net45) (>= net461)) (== net461) (== net471) (== net472) (== net48) (&& (== net5.0-windows7.0) (>= net461)) (&& (== net50) (>= net461)) (&& (== netcoreapp2.0) (>= net461)) (&& (== netstandard1.0) (>= net461)) (&& (== netstandard1.1) (>= net461)) (&& (== netstandard2.0) (>= net461))
    Microsoft.Extensions.Configuration.Binder (5.0) - restriction: || (&& (== net20) (>= net461)) (&& (== net20) (>= net50)) (&& (== net20) (>= netcoreapp2.0)) (&& (== net20) (>= netcoreapp2.1)) (&& (== net20) (>= netcoreapp3.0)) (&& (== net20) (>= netstandard2.0)) (&& (== net20) (>= xamarinios)) (&& (== net20) (>= xamarinmac)) (&& (== net35) (>= net461)) (&& (== net35) (>= net50)) (&& (== net35) (>= netcoreapp2.0)) (&& (== net35) (>= netcoreapp2.1)) (&& (== net35) (>= netcoreapp3.0)) (&& (== net35) (>= netstandard2.0)) (&& (== net35) (>= xamarinios)) (&& (== net35) (>= xamarinmac)) (&& (== net40) (>= net461)) (&& (== net40) (>= net50)) (&& (== net40) (>= netcoreapp2.0)) (&& (== net40) (>= netcoreapp2.1)) (&& (== net40) (>= netcoreapp3.0)) (&& (== net40) (>= netstandard2.0)) (&& (== net40) (>= xamarinios)) (&& (== net40) (>= xamarinmac)) (&& (== net45) (>= net461)) (&& (== net45) (>= net50)) (&& (== net45) (>= netcoreapp2.0)) (&& (== net45) (>= netcoreapp2.1)) (&& (== net45) (>= netcoreapp3.0)) (&& (== net45) (>= netstandard2.0)) (&& (== net45) (>= xamarinios)) (&& (== net45) (>= xamarinmac)) (== net461) (== net471) (== net472) (== net48) (== net5.0-windows7.0) (== net50) (== netcoreapp2.0) (&& (== netstandard1.0) (>= net461)) (&& (== netstandard1.0) (>= net50)) (&& (== netstandard1.0) (>= netcoreapp2.0)) (&& (== netstandard1.0) (>= netcoreapp2.1)) (&& (== netstandard1.0) (>= netcoreapp3.0)) (&& (== netstandard1.0) (>= netstandard2.0)) (&& (== netstandard1.0) (>= xamarinios)) (&& (== netstandard1.0) (>= xamarinmac)) (&& (== netstandard1.1) (>= net461)) (&& (== netstandard1.1) (>= net50)) (&& (== netstandard1.1) (>= netcoreapp2.0)) (&& (== netstandard1.1) (>= netcoreapp2.1)) (&& (== netstandard1.1) (>= netcoreapp3.0)) (&& (== netstandard1.1) (>= netstandard2.0)) (&& (== netstandard1.1) (>= xamarinios)) (&& (== netstandard1.1) (>= xamarinmac)) (== netstandard2.0)
      Microsoft.Extensions.Configuration.Abstractions (>= 5.0) - restriction: || (&& (== net20) (>= net461)) (&& (== net20) (>= netstandard2.0)) (&& (== net35) (>= net461)) (&& (== net35) (>= netstandard2.0)) (&& (== net40) (>= net461)) (&& (== net40) (>= netstandard2.0)) (&& (== net45) (>= net461)) (&& (== net45) (>= netstandard2.0)) (== net461) (== net471) (== net472) (== net48) (== net5.0-windows7.0) (== net50) (== netcoreapp2.0) (&& (== netstandard1.0) (>= net461)) (&& (== netstandard1.0) (>= netstandard2.0)) (&& (== netstandard1.1) (>= net461)) (&& (== netstandard1.1) (>= netstandard2.0)) (== netstandard2.0)
    Microsoft.Extensions.DependencyInjection (5.0.1)
      Microsoft.Bcl.AsyncInterfaces (>= 5.0) - restriction: || (&& (== net20) (>= net461)) (&& (== net20) (>= netcoreapp2.1)) (&& (== net20) (>= netstandard2.0)) (&& (== net35) (>= net461)) (&& (== net35) (>= netcoreapp2.1)) (&& (== net35) (>= netstandard2.0)) (&& (== net40) (>= net461)) (&& (== net40) (>= netcoreapp2.1)) (&& (== net40) (>= netstandard2.0)) (&& (== net45) (>= net461)) (&& (== net45) (>= netcoreapp2.1)) (&& (== net45) (>= netstandard2.0)) (== net461) (== net471) (== net472) (== net48) (&& (== net5.0-windows7.0) (>= net461)) (&& (== net5.0-windows7.0) (< netstandard2.1)) (&& (== net50) (>= net461)) (&& (== net50) (< netstandard2.1)) (== netcoreapp2.0) (&& (== netstandard1.0) (>= net461)) (&& (== netstandard1.0) (>= netcoreapp2.1)) (&& (== netstandard1.0) (>= netstandard2.0)) (&& (== netstandard1.1) (>= net461)) (&& (== netstandard1.1) (>= netcoreapp2.1)) (&& (== netstandard1.1) (>= netstandard2.0)) (== netstandard2.0)
      Microsoft.Extensions.DependencyInjection.Abstractions (>= 5.0) - restriction: || (&& (== net20) (>= net461)) (&& (== net20) (>= netcoreapp2.1)) (&& (== net20) (>= netcoreapp3.0)) (&& (== net20) (>= netstandard2.0)) (&& (== net20) (>= netstandard2.1)) (&& (== net35) (>= net461)) (&& (== net35) (>= netcoreapp2.1)) (&& (== net35) (>= netcoreapp3.0)) (&& (== net35) (>= netstandard2.0)) (&& (== net35) (>= netstandard2.1)) (&& (== net40) (>= net461)) (&& (== net40) (>= netcoreapp2.1)) (&& (== net40) (>= netcoreapp3.0)) (&& (== net40) (>= netstandard2.0)) (&& (== net40) (>= netstandard2.1)) (&& (== net45) (>= net461)) (&& (== net45) (>= netcoreapp2.1)) (&& (== net45) (>= netcoreapp3.0)) (&& (== net45) (>= netstandard2.0)) (&& (== net45) (>= netstandard2.1)) (== net461) (== net471) (== net472) (== net48) (== net5.0-windows7.0) (== net50) (== netcoreapp2.0) (&& (== netstandard1.0) (>= net461)) (&& (== netstandard1.0) (>= netcoreapp2.1)) (&& (== netstandard1.0) (>= netcoreapp3.0)) (&& (== netstandard1.0) (>= netstandard2.0)) (&& (== netstandard1.0) (>= netstandard2.1)) (&& (== netstandard1.1) (>= net461)) (&& (== netstandard1.1) (>= netcoreapp2.1)) (&& (== netstandard1.1) (>= netcoreapp3.0)) (&& (== netstandard1.1) (>= netstandard2.0)) (&& (== netstandard1.1) (>= netstandard2.1)) (== netstandard2.0)
      System.Threading.Tasks.Extensions (>= 4.5.4) - restriction: || (&& (== net20) (>= net461)) (&& (== net20) (>= netstandard2.0)) (&& (== net35) (>= net461)) (&& (== net35) (>= netstandard2.0)) (&& (== net40) (>= net461)) (&& (== net40) (>= netstandard2.0)) (&& (== net45) (>= net461)) (&& (== net45) (>= netstandard2.0)) (== net461) (== net471) (== net472) (== net48) (&& (== net5.0-windows7.0) (>= net461)) (&& (== net5.0-windows7.0) (< netcoreapp2.1) (< netstandard2.1)) (&& (== net50) (>= net461)) (&& (== net50) (< netcoreapp2.1) (< netstandard2.1)) (== netcoreapp2.0) (&& (== netstandard1.0) (>= net461)) (&& (== netstandard1.0) (>= netstandard2.0)) (&& (== netstandard1.1) (>= net461)) (&& (== netstandard1.1) (>= netstandard2.0)) (== netstandard2.0)
    Microsoft.Extensions.DependencyInjection.Abstractions (5.0)
    Microsoft.Extensions.Logging (5.0)
      Microsoft.Extensions.DependencyInjection (>= 5.0) - restriction: || (&& (== net20) (>= net461)) (&& (== net20) (>= netstandard2.0)) (&& (== net35) (>= net461)) (&& (== net35) (>= netstandard2.0)) (&& (== net40) (>= net461)) (&& (== net40) (>= netstandard2.0)) (&& (== net45) (>= net461)) (&& (== net45) (>= netstandard2.0)) (== net461) (== net471) (== net472) (== net48) (== net5.0-windows7.0) (== net50) (== netcoreapp2.0) (&& (== netstandard1.0) (>= net461)) (&& (== netstandard1.0) (>= netstandard2.0)) (&& (== netstandard1.1) (>= net461)) (&& (== netstandard1.1) (>= netstandard2.0)) (== netstandard2.0)
      Microsoft.Extensions.DependencyInjection.Abstractions (>= 5.0) - restriction: || (&& (== net20) (>= net461)) (&& (== net20) (>= netstandard2.0)) (&& (== net35) (>= net461)) (&& (== net35) (>= netstandard2.0)) (&& (== net40) (>= net461)) (&& (== net40) (>= netstandard2.0)) (&& (== net45) (>= net461)) (&& (== net45) (>= netstandard2.0)) (== net461) (== net471) (== net472) (== net48) (== net5.0-windows7.0) (== net50) (== netcoreapp2.0) (&& (== netstandard1.0) (>= net461)) (&& (== netstandard1.0) (>= netstandard2.0)) (&& (== netstandard1.1) (>= net461)) (&& (== netstandard1.1) (>= netstandard2.0)) (== netstandard2.0)
      Microsoft.Extensions.Logging.Abstractions (>= 5.0) - restriction: || (&& (== net20) (>= net461)) (&& (== net20) (>= netstandard2.0)) (&& (== net35) (>= net461)) (&& (== net35) (>= netstandard2.0)) (&& (== net40) (>= net461)) (&& (== net40) (>= netstandard2.0)) (&& (== net45) (>= net461)) (&& (== net45) (>= netstandard2.0)) (== net461) (== net471) (== net472) (== net48) (== net5.0-windows7.0) (== net50) (== netcoreapp2.0) (&& (== netstandard1.0) (>= net461)) (&& (== netstandard1.0) (>= netstandard2.0)) (&& (== netstandard1.1) (>= net461)) (&& (== netstandard1.1) (>= netstandard2.0)) (== netstandard2.0)
      Microsoft.Extensions.Options (>= 5.0) - restriction: || (&& (== net20) (>= net461)) (&& (== net20) (>= netstandard2.0)) (&& (== net35) (>= net461)) (&& (== net35) (>= netstandard2.0)) (&& (== net40) (>= net461)) (&& (== net40) (>= netstandard2.0)) (&& (== net45) (>= net461)) (&& (== net45) (>= netstandard2.0)) (== net461) (== net471) (== net472) (== net48) (== net5.0-windows7.0) (== net50) (== netcoreapp2.0) (&& (== netstandard1.0) (>= net461)) (&& (== netstandard1.0) (>= netstandard2.0)) (&& (== netstandard1.1) (>= net461)) (&& (== netstandard1.1) (>= netstandard2.0)) (== netstandard2.0)
      System.Diagnostics.DiagnosticSource (>= 5.0) - restriction: || (&& (== net20) (>= net461)) (&& (== net20) (>= netstandard2.0)) (&& (== net20) (>= netstandard2.1)) (&& (== net35) (>= net461)) (&& (== net35) (>= netstandard2.0)) (&& (== net35) (>= netstandard2.1)) (&& (== net40) (>= net461)) (&& (== net40) (>= netstandard2.0)) (&& (== net40) (>= netstandard2.1)) (&& (== net45) (>= net461)) (&& (== net45) (>= netstandard2.0)) (&& (== net45) (>= netstandard2.1)) (== net461) (== net471) (== net472) (== net48) (&& (== net5.0-windows7.0) (>= net461)) (&& (== net5.0-windows7.0) (< net50)) (&& (== net5.0-windows7.0) (< netstandard2.1)) (&& (== net50) (>= net461)) (&& (== net50) (< netstandard2.1)) (== netcoreapp2.0) (&& (== netstandard1.0) (>= net461)) (&& (== netstandard1.0) (>= netstandard2.0)) (&& (== netstandard1.0) (>= netstandard2.1)) (&& (== netstandard1.1) (>= net461)) (&& (== netstandard1.1) (>= netstandard2.0)) (&& (== netstandard1.1) (>= netstandard2.1)) (== netstandard2.0)
      System.ValueTuple (>= 4.5) - restriction: || (&& (== net20) (>= net461)) (&& (== net35) (>= net461)) (&& (== net40) (>= net461)) (&& (== net45) (>= net461)) (== net461) (== net471) (== net472) (== net48) (&& (== net5.0-windows7.0) (>= net461)) (&& (== net50) (>= net461)) (&& (== netcoreapp2.0) (>= net461)) (&& (== netstandard1.0) (>= net461)) (&& (== netstandard1.1) (>= net461)) (&& (== netstandard2.0) (>= net461))
    Microsoft.Extensions.Logging.Abstractions (5.0)
    Microsoft.Extensions.Logging.Configuration (5.0) - restriction: || (&& (== net20) (>= monoandroid)) (&& (== net20) (>= monotouch)) (&& (== net20) (>= net461)) (&& (== net20) (>= net50)) (&& (== net20) (>= netcoreapp2.0)) (&& (== net20) (>= netcoreapp2.1)) (&& (== net20) (>= netcoreapp3.0)) (&& (== net20) (>= netstandard2.0)) (&& (== net20) (>= uap10.1)) (&& (== net20) (>= xamarinios)) (&& (== net20) (>= xamarinmac)) (&& (== net20) (>= xamarintvos)) (&& (== net20) (>= xamarinwatchos)) (&& (== net35) (>= monoandroid)) (&& (== net35) (>= monotouch)) (&& (== net35) (>= net461)) (&& (== net35) (>= net50)) (&& (== net35) (>= netcoreapp2.0)) (&& (== net35) (>= netcoreapp2.1)) (&& (== net35) (>= netcoreapp3.0)) (&& (== net35) (>= netstandard2.0)) (&& (== net35) (>= uap10.1)) (&& (== net35) (>= xamarinios)) (&& (== net35) (>= xamarinmac)) (&& (== net35) (>= xamarintvos)) (&& (== net35) (>= xamarinwatchos)) (&& (== net40) (>= monoandroid)) (&& (== net40) (>= monotouch)) (&& (== net40) (>= net461)) (&& (== net40) (>= net50)) (&& (== net40) (>= netcoreapp2.0)) (&& (== net40) (>= netcoreapp2.1)) (&& (== net40) (>= netcoreapp3.0)) (&& (== net40) (>= netstandard2.0)) (&& (== net40) (>= uap10.1)) (&& (== net40) (>= xamarinios)) (&& (== net40) (>= xamarinmac)) (&& (== net40) (>= xamarintvos)) (&& (== net40) (>= xamarinwatchos)) (&& (== net45) (>= monoandroid)) (&& (== net45) (>= monotouch)) (&& (== net45) (>= net461)) (&& (== net45) (>= net50)) (&& (== net45) (>= netcoreapp2.0)) (&& (== net45) (>= netcoreapp2.1)) (&& (== net45) (>= netcoreapp3.0)) (&& (== net45) (>= netstandard2.0)) (&& (== net45) (>= uap10.1)) (&& (== net45) (>= xamarinios)) (&& (== net45) (>= xamarinmac)) (&& (== net45) (>= xamarintvos)) (&& (== net45) (>= xamarinwatchos)) (== net461) (== net471) (== net472) (== net48) (== net5.0-windows7.0) (== net50) (== netcoreapp2.0) (&& (== netstandard1.0) (>= monoandroid)) (&& (== netstandard1.0) (>= monotouch)) (&& (== netstandard1.0) (>= net461)) (&& (== netstandard1.0) (>= net50)) (&& (== netstandard1.0) (>= netcoreapp2.0)) (&& (== netstandard1.0) (>= netcoreapp2.1)) (&& (== netstandard1.0) (>= netcoreapp3.0)) (&& (== netstandard1.0) (>= netstandard2.0)) (&& (== netstandard1.0) (>= uap10.1)) (&& (== netstandard1.0) (>= xamarinios)) (&& (== netstandard1.0) (>= xamarinmac)) (&& (== netstandard1.0) (>= xamarintvos)) (&& (== netstandard1.0) (>= xamarinwatchos)) (&& (== netstandard1.1) (>= monoandroid)) (&& (== netstandard1.1) (>= monotouch)) (&& (== netstandard1.1) (>= net461)) (&& (== netstandard1.1) (>= net50)) (&& (== netstandard1.1) (>= netcoreapp2.0)) (&& (== netstandard1.1) (>= netcoreapp2.1)) (&& (== netstandard1.1) (>= netcoreapp3.0)) (&& (== netstandard1.1) (>= netstandard2.0)) (&& (== netstandard1.1) (>= uap10.1)) (&& (== netstandard1.1) (>= xamarinios)) (&& (== netstandard1.1) (>= xamarinmac)) (&& (== netstandard1.1) (>= xamarintvos)) (&& (== netstandard1.1) (>= xamarinwatchos)) (== netstandard2.0)
      Microsoft.Extensions.Configuration (>= 5.0) - restriction: || (&& (== net20) (>= net461)) (&& (== net20) (>= netstandard2.0)) (&& (== net35) (>= net461)) (&& (== net35) (>= netstandard2.0)) (&& (== net40) (>= net461)) (&& (== net40) (>= netstandard2.0)) (&& (== net45) (>= net461)) (&& (== net45) (>= netstandard2.0)) (== net461) (== net471) (== net472) (== net48) (== net5.0-windows7.0) (== net50) (== netcoreapp2.0) (&& (== netstandard1.0) (>= net461)) (&& (== netstandard1.0) (>= netstandard2.0)) (&& (== netstandard1.1) (>= net461)) (&& (== netstandard1.1) (>= netstandard2.0)) (== netstandard2.0)
      Microsoft.Extensions.Configuration.Abstractions (>= 5.0) - restriction: || (&& (== net20) (>= net461)) (&& (== net20) (>= netstandard2.0)) (&& (== net35) (>= net461)) (&& (== net35) (>= netstandard2.0)) (&& (== net40) (>= net461)) (&& (== net40) (>= netstandard2.0)) (&& (== net45) (>= net461)) (&& (== net45) (>= netstandard2.0)) (== net461) (== net471) (== net472) (== net48) (== net5.0-windows7.0) (== net50) (== netcoreapp2.0) (&& (== netstandard1.0) (>= net461)) (&& (== netstandard1.0) (>= netstandard2.0)) (&& (== netstandard1.1) (>= net461)) (&& (== netstandard1.1) (>= netstandard2.0)) (== netstandard2.0)
      Microsoft.Extensions.Configuration.Binder (>= 5.0) - restriction: || (&& (== net20) (>= net461)) (&& (== net20) (>= netstandard2.0)) (&& (== net35) (>= net461)) (&& (== net35) (>= netstandard2.0)) (&& (== net40) (>= net461)) (&& (== net40) (>= netstandard2.0)) (&& (== net45) (>= net461)) (&& (== net45) (>= netstandard2.0)) (== net461) (== net471) (== net472) (== net48) (== net5.0-windows7.0) (== net50) (== netcoreapp2.0) (&& (== netstandard1.0) (>= net461)) (&& (== netstandard1.0) (>= netstandard2.0)) (&& (== netstandard1.1) (>= net461)) (&& (== netstandard1.1) (>= netstandard2.0)) (== netstandard2.0)
      Microsoft.Extensions.DependencyInjection.Abstractions (>= 5.0) - restriction: || (&& (== net20) (>= net461)) (&& (== net20) (>= netstandard2.0)) (&& (== net35) (>= net461)) (&& (== net35) (>= netstandard2.0)) (&& (== net40) (>= net461)) (&& (== net40) (>= netstandard2.0)) (&& (== net45) (>= net461)) (&& (== net45) (>= netstandard2.0)) (== net461) (== net471) (== net472) (== net48) (== net5.0-windows7.0) (== net50) (== netcoreapp2.0) (&& (== netstandard1.0) (>= net461)) (&& (== netstandard1.0) (>= netstandard2.0)) (&& (== netstandard1.1) (>= net461)) (&& (== netstandard1.1) (>= netstandard2.0)) (== netstandard2.0)
      Microsoft.Extensions.Logging (>= 5.0) - restriction: || (&& (== net20) (>= net461)) (&& (== net20) (>= netstandard2.0)) (&& (== net35) (>= net461)) (&& (== net35) (>= netstandard2.0)) (&& (== net40) (>= net461)) (&& (== net40) (>= netstandard2.0)) (&& (== net45) (>= net461)) (&& (== net45) (>= netstandard2.0)) (== net461) (== net471) (== net472) (== net48) (== net5.0-windows7.0) (== net50) (== netcoreapp2.0) (&& (== netstandard1.0) (>= net461)) (&& (== netstandard1.0) (>= netstandard2.0)) (&& (== netstandard1.1) (>= net461)) (&& (== netstandard1.1) (>= netstandard2.0)) (== netstandard2.0)
      Microsoft.Extensions.Logging.Abstractions (>= 5.0) - restriction: || (&& (== net20) (>= net461)) (&& (== net20) (>= netstandard2.0)) (&& (== net35) (>= net461)) (&& (== net35) (>= netstandard2.0)) (&& (== net40) (>= net461)) (&& (== net40) (>= netstandard2.0)) (&& (== net45) (>= net461)) (&& (== net45) (>= netstandard2.0)) (== net461) (== net471) (== net472) (== net48) (== net5.0-windows7.0) (== net50) (== netcoreapp2.0) (&& (== netstandard1.0) (>= net461)) (&& (== netstandard1.0) (>= netstandard2.0)) (&& (== netstandard1.1) (>= net461)) (&& (== netstandard1.1) (>= netstandard2.0)) (== netstandard2.0)
      Microsoft.Extensions.Options (>= 5.0) - restriction: || (&& (== net20) (>= net461)) (&& (== net20) (>= netstandard2.0)) (&& (== net35) (>= net461)) (&& (== net35) (>= netstandard2.0)) (&& (== net40) (>= net461)) (&& (== net40) (>= netstandard2.0)) (&& (== net45) (>= net461)) (&& (== net45) (>= netstandard2.0)) (== net461) (== net471) (== net472) (== net48) (== net5.0-windows7.0) (== net50) (== netcoreapp2.0) (&& (== netstandard1.0) (>= net461)) (&& (== netstandard1.0) (>= netstandard2.0)) (&& (== netstandard1.1) (>= net461)) (&& (== netstandard1.1) (>= netstandard2.0)) (== netstandard2.0)
      Microsoft.Extensions.Options.ConfigurationExtensions (>= 5.0) - restriction: || (&& (== net20) (>= net461)) (&& (== net20) (>= netstandard2.0)) (&& (== net35) (>= net461)) (&& (== net35) (>= netstandard2.0)) (&& (== net40) (>= net461)) (&& (== net40) (>= netstandard2.0)) (&& (== net45) (>= net461)) (&& (== net45) (>= netstandard2.0)) (== net461) (== net471) (== net472) (== net48) (== net5.0-windows7.0) (== net50) (== netcoreapp2.0) (&& (== netstandard1.0) (>= net461)) (&& (== netstandard1.0) (>= netstandard2.0)) (&& (== netstandard1.1) (>= net461)) (&& (== netstandard1.1) (>= netstandard2.0)) (== netstandard2.0)
    Microsoft.Extensions.Logging.Console (5.0)
      Microsoft.Extensions.Configuration.Abstractions (>= 5.0) - restriction: || (&& (== net20) (>= monoandroid)) (&& (== net20) (>= monotouch)) (&& (== net20) (>= net461)) (&& (== net20) (>= net50)) (&& (== net20) (>= netcoreapp2.0)) (&& (== net20) (>= netcoreapp2.1)) (&& (== net20) (>= netcoreapp3.0)) (&& (== net20) (>= netstandard2.0)) (&& (== net20) (>= uap10.1)) (&& (== net20) (>= xamarinios)) (&& (== net20) (>= xamarinmac)) (&& (== net20) (>= xamarintvos)) (&& (== net20) (>= xamarinwatchos)) (&& (== net35) (>= monoandroid)) (&& (== net35) (>= monotouch)) (&& (== net35) (>= net461)) (&& (== net35) (>= net50)) (&& (== net35) (>= netcoreapp2.0)) (&& (== net35) (>= netcoreapp2.1)) (&& (== net35) (>= netcoreapp3.0)) (&& (== net35) (>= netstandard2.0)) (&& (== net35) (>= uap10.1)) (&& (== net35) (>= xamarinios)) (&& (== net35) (>= xamarinmac)) (&& (== net35) (>= xamarintvos)) (&& (== net35) (>= xamarinwatchos)) (&& (== net40) (>= monoandroid)) (&& (== net40) (>= monotouch)) (&& (== net40) (>= net461)) (&& (== net40) (>= net50)) (&& (== net40) (>= netcoreapp2.0)) (&& (== net40) (>= netcoreapp2.1)) (&& (== net40) (>= netcoreapp3.0)) (&& (== net40) (>= netstandard2.0)) (&& (== net40) (>= uap10.1)) (&& (== net40) (>= xamarinios)) (&& (== net40) (>= xamarinmac)) (&& (== net40) (>= xamarintvos)) (&& (== net40) (>= xamarinwatchos)) (&& (== net45) (>= monoandroid)) (&& (== net45) (>= monotouch)) (&& (== net45) (>= net461)) (&& (== net45) (>= net50)) (&& (== net45) (>= netcoreapp2.0)) (&& (== net45) (>= netcoreapp2.1)) (&& (== net45) (>= netcoreapp3.0)) (&& (== net45) (>= netstandard2.0)) (&& (== net45) (>= uap10.1)) (&& (== net45) (>= xamarinios)) (&& (== net45) (>= xamarinmac)) (&& (== net45) (>= xamarintvos)) (&& (== net45) (>= xamarinwatchos)) (== net461) (== net471) (== net472) (== net48) (== net5.0-windows7.0) (== net50) (== netcoreapp2.0) (&& (== netstandard1.0) (>= monoandroid)) (&& (== netstandard1.0) (>= monotouch)) (&& (== netstandard1.0) (>= net461)) (&& (== netstandard1.0) (>= net50)) (&& (== netstandard1.0) (>= netcoreapp2.0)) (&& (== netstandard1.0) (>= netcoreapp2.1)) (&& (== netstandard1.0) (>= netcoreapp3.0)) (&& (== netstandard1.0) (>= netstandard2.0)) (&& (== netstandard1.0) (>= uap10.1)) (&& (== netstandard1.0) (>= xamarinios)) (&& (== netstandard1.0) (>= xamarinmac)) (&& (== netstandard1.0) (>= xamarintvos)) (&& (== netstandard1.0) (>= xamarinwatchos)) (&& (== netstandard1.1) (>= monoandroid)) (&& (== netstandard1.1) (>= monotouch)) (&& (== netstandard1.1) (>= net461)) (&& (== netstandard1.1) (>= net50)) (&& (== netstandard1.1) (>= netcoreapp2.0)) (&& (== netstandard1.1) (>= netcoreapp2.1)) (&& (== netstandard1.1) (>= netcoreapp3.0)) (&& (== netstandard1.1) (>= netstandard2.0)) (&& (== netstandard1.1) (>= uap10.1)) (&& (== netstandard1.1) (>= xamarinios)) (&& (== netstandard1.1) (>= xamarinmac)) (&& (== netstandard1.1) (>= xamarintvos)) (&& (== netstandard1.1) (>= xamarinwatchos)) (== netstandard2.0)
      Microsoft.Extensions.DependencyInjection.Abstractions (>= 5.0) - restriction: || (&& (== net20) (>= monoandroid)) (&& (== net20) (>= monotouch)) (&& (== net20) (>= net461)) (&& (== net20) (>= net50)) (&& (== net20) (>= netcoreapp2.0)) (&& (== net20) (>= netcoreapp2.1)) (&& (== net20) (>= netcoreapp3.0)) (&& (== net20) (>= netstandard2.0)) (&& (== net20) (>= uap10.1)) (&& (== net20) (>= xamarinios)) (&& (== net20) (>= xamarinmac)) (&& (== net20) (>= xamarintvos)) (&& (== net20) (>= xamarinwatchos)) (&& (== net35) (>= monoandroid)) (&& (== net35) (>= monotouch)) (&& (== net35) (>= net461)) (&& (== net35) (>= net50)) (&& (== net35) (>= netcoreapp2.0)) (&& (== net35) (>= netcoreapp2.1)) (&& (== net35) (>= netcoreapp3.0)) (&& (== net35) (>= netstandard2.0)) (&& (== net35) (>= uap10.1)) (&& (== net35) (>= xamarinios)) (&& (== net35) (>= xamarinmac)) (&& (== net35) (>= xamarintvos)) (&& (== net35) (>= xamarinwatchos)) (&& (== net40) (>= monoandroid)) (&& (== net40) (>= monotouch)) (&& (== net40) (>= net461)) (&& (== net40) (>= net50)) (&& (== net40) (>= netcoreapp2.0)) (&& (== net40) (>= netcoreapp2.1)) (&& (== net40) (>= netcoreapp3.0)) (&& (== net40) (>= netstandard2.0)) (&& (== net40) (>= uap10.1)) (&& (== net40) (>= xamarinios)) (&& (== net40) (>= xamarinmac)) (&& (== net40) (>= xamarintvos)) (&& (== net40) (>= xamarinwatchos)) (&& (== net45) (>= monoandroid)) (&& (== net45) (>= monotouch)) (&& (== net45) (>= net461)) (&& (== net45) (>= net50)) (&& (== net45) (>= netcoreapp2.0)) (&& (== net45) (>= netcoreapp2.1)) (&& (== net45) (>= netcoreapp3.0)) (&& (== net45) (>= netstandard2.0)) (&& (== net45) (>= uap10.1)) (&& (== net45) (>= xamarinios)) (&& (== net45) (>= xamarinmac)) (&& (== net45) (>= xamarintvos)) (&& (== net45) (>= xamarinwatchos)) (== net461) (== net471) (== net472) (== net48) (== net5.0-windows7.0) (== net50) (== netcoreapp2.0) (&& (== netstandard1.0) (>= monoandroid)) (&& (== netstandard1.0) (>= monotouch)) (&& (== netstandard1.0) (>= net461)) (&& (== netstandard1.0) (>= net50)) (&& (== netstandard1.0) (>= netcoreapp2.0)) (&& (== netstandard1.0) (>= netcoreapp2.1)) (&& (== netstandard1.0) (>= netcoreapp3.0)) (&& (== netstandard1.0) (>= netstandard2.0)) (&& (== netstandard1.0) (>= uap10.1)) (&& (== netstandard1.0) (>= xamarinios)) (&& (== netstandard1.0) (>= xamarinmac)) (&& (== netstandard1.0) (>= xamarintvos)) (&& (== netstandard1.0) (>= xamarinwatchos)) (&& (== netstandard1.1) (>= monoandroid)) (&& (== netstandard1.1) (>= monotouch)) (&& (== netstandard1.1) (>= net461)) (&& (== netstandard1.1) (>= net50)) (&& (== netstandard1.1) (>= netcoreapp2.0)) (&& (== netstandard1.1) (>= netcoreapp2.1)) (&& (== netstandard1.1) (>= netcoreapp3.0)) (&& (== netstandard1.1) (>= netstandard2.0)) (&& (== netstandard1.1) (>= uap10.1)) (&& (== netstandard1.1) (>= xamarinios)) (&& (== netstandard1.1) (>= xamarinmac)) (&& (== netstandard1.1) (>= xamarintvos)) (&& (== netstandard1.1) (>= xamarinwatchos)) (== netstandard2.0)
      Microsoft.Extensions.Logging (>= 5.0) - restriction: || (&& (== net20) (>= monoandroid)) (&& (== net20) (>= monotouch)) (&& (== net20) (>= net461)) (&& (== net20) (>= net50)) (&& (== net20) (>= netcoreapp2.0)) (&& (== net20) (>= netcoreapp2.1)) (&& (== net20) (>= netcoreapp3.0)) (&& (== net20) (>= netstandard2.0)) (&& (== net20) (>= uap10.1)) (&& (== net20) (>= xamarinios)) (&& (== net20) (>= xamarinmac)) (&& (== net20) (>= xamarintvos)) (&& (== net20) (>= xamarinwatchos)) (&& (== net35) (>= monoandroid)) (&& (== net35) (>= monotouch)) (&& (== net35) (>= net461)) (&& (== net35) (>= net50)) (&& (== net35) (>= netcoreapp2.0)) (&& (== net35) (>= netcoreapp2.1)) (&& (== net35) (>= netcoreapp3.0)) (&& (== net35) (>= netstandard2.0)) (&& (== net35) (>= uap10.1)) (&& (== net35) (>= xamarinios)) (&& (== net35) (>= xamarinmac)) (&& (== net35) (>= xamarintvos)) (&& (== net35) (>= xamarinwatchos)) (&& (== net40) (>= monoandroid)) (&& (== net40) (>= monotouch)) (&& (== net40) (>= net461)) (&& (== net40) (>= net50)) (&& (== net40) (>= netcoreapp2.0)) (&& (== net40) (>= netcoreapp2.1)) (&& (== net40) (>= netcoreapp3.0)) (&& (== net40) (>= netstandard2.0)) (&& (== net40) (>= uap10.1)) (&& (== net40) (>= xamarinios)) (&& (== net40) (>= xamarinmac)) (&& (== net40) (>= xamarintvos)) (&& (== net40) (>= xamarinwatchos)) (&& (== net45) (>= monoandroid)) (&& (== net45) (>= monotouch)) (&& (== net45) (>= net461)) (&& (== net45) (>= net50)) (&& (== net45) (>= netcoreapp2.0)) (&& (== net45) (>= netcoreapp2.1)) (&& (== net45) (>= netcoreapp3.0)) (&& (== net45) (>= netstandard2.0)) (&& (== net45) (>= uap10.1)) (&& (== net45) (>= xamarinios)) (&& (== net45) (>= xamarinmac)) (&& (== net45) (>= xamarintvos)) (&& (== net45) (>= xamarinwatchos)) (== net461) (== net471) (== net472) (== net48) (== net5.0-windows7.0) (== net50) (== netcoreapp2.0) (&& (== netstandard1.0) (>= monoandroid)) (&& (== netstandard1.0) (>= monotouch)) (&& (== netstandard1.0) (>= net461)) (&& (== netstandard1.0) (>= net50)) (&& (== netstandard1.0) (>= netcoreapp2.0)) (&& (== netstandard1.0) (>= netcoreapp2.1)) (&& (== netstandard1.0) (>= netcoreapp3.0)) (&& (== netstandard1.0) (>= netstandard2.0)) (&& (== netstandard1.0) (>= uap10.1)) (&& (== netstandard1.0) (>= xamarinios)) (&& (== netstandard1.0) (>= xamarinmac)) (&& (== netstandard1.0) (>= xamarintvos)) (&& (== netstandard1.0) (>= xamarinwatchos)) (&& (== netstandard1.1) (>= monoandroid)) (&& (== netstandard1.1) (>= monotouch)) (&& (== netstandard1.1) (>= net461)) (&& (== netstandard1.1) (>= net50)) (&& (== netstandard1.1) (>= netcoreapp2.0)) (&& (== netstandard1.1) (>= netcoreapp2.1)) (&& (== netstandard1.1) (>= netcoreapp3.0)) (&& (== netstandard1.1) (>= netstandard2.0)) (&& (== netstandard1.1) (>= uap10.1)) (&& (== netstandard1.1) (>= xamarinios)) (&& (== netstandard1.1) (>= xamarinmac)) (&& (== netstandard1.1) (>= xamarintvos)) (&& (== netstandard1.1) (>= xamarinwatchos)) (== netstandard2.0)
      Microsoft.Extensions.Logging.Abstractions (>= 5.0) - restriction: || (&& (== net20) (>= monoandroid)) (&& (== net20) (>= monotouch)) (&& (== net20) (>= net461)) (&& (== net20) (>= net50)) (&& (== net20) (>= netcoreapp2.0)) (&& (== net20) (>= netcoreapp2.1)) (&& (== net20) (>= netcoreapp3.0)) (&& (== net20) (>= netstandard2.0)) (&& (== net20) (>= uap10.1)) (&& (== net20) (>= xamarinios)) (&& (== net20) (>= xamarinmac)) (&& (== net20) (>= xamarintvos)) (&& (== net20) (>= xamarinwatchos)) (&& (== net35) (>= monoandroid)) (&& (== net35) (>= monotouch)) (&& (== net35) (>= net461)) (&& (== net35) (>= net50)) (&& (== net35) (>= netcoreapp2.0)) (&& (== net35) (>= netcoreapp2.1)) (&& (== net35) (>= netcoreapp3.0)) (&& (== net35) (>= netstandard2.0)) (&& (== net35) (>= uap10.1)) (&& (== net35) (>= xamarinios)) (&& (== net35) (>= xamarinmac)) (&& (== net35) (>= xamarintvos)) (&& (== net35) (>= xamarinwatchos)) (&& (== net40) (>= monoandroid)) (&& (== net40) (>= monotouch)) (&& (== net40) (>= net461)) (&& (== net40) (>= net50)) (&& (== net40) (>= netcoreapp2.0)) (&& (== net40) (>= netcoreapp2.1)) (&& (== net40) (>= netcoreapp3.0)) (&& (== net40) (>= netstandard2.0)) (&& (== net40) (>= uap10.1)) (&& (== net40) (>= xamarinios)) (&& (== net40) (>= xamarinmac)) (&& (== net40) (>= xamarintvos)) (&& (== net40) (>= xamarinwatchos)) (&& (== net45) (>= monoandroid)) (&& (== net45) (>= monotouch)) (&& (== net45) (>= net461)) (&& (== net45) (>= net50)) (&& (== net45) (>= netcoreapp2.0)) (&& (== net45) (>= netcoreapp2.1)) (&& (== net45) (>= netcoreapp3.0)) (&& (== net45) (>= netstandard2.0)) (&& (== net45) (>= uap10.1)) (&& (== net45) (>= xamarinios)) (&& (== net45) (>= xamarinmac)) (&& (== net45) (>= xamarintvos)) (&& (== net45) (>= xamarinwatchos)) (== net461) (== net471) (== net472) (== net48) (== net5.0-windows7.0) (== net50) (== netcoreapp2.0) (&& (== netstandard1.0) (>= monoandroid)) (&& (== netstandard1.0) (>= monotouch)) (&& (== netstandard1.0) (>= net461)) (&& (== netstandard1.0) (>= net50)) (&& (== netstandard1.0) (>= netcoreapp2.0)) (&& (== netstandard1.0) (>= netcoreapp2.1)) (&& (== netstandard1.0) (>= netcoreapp3.0)) (&& (== netstandard1.0) (>= netstandard2.0)) (&& (== netstandard1.0) (>= uap10.1)) (&& (== netstandard1.0) (>= xamarinios)) (&& (== netstandard1.0) (>= xamarinmac)) (&& (== netstandard1.0) (>= xamarintvos)) (&& (== netstandard1.0) (>= xamarinwatchos)) (&& (== netstandard1.1) (>= monoandroid)) (&& (== netstandard1.1) (>= monotouch)) (&& (== netstandard1.1) (>= net461)) (&& (== netstandard1.1) (>= net50)) (&& (== netstandard1.1) (>= netcoreapp2.0)) (&& (== netstandard1.1) (>= netcoreapp2.1)) (&& (== netstandard1.1) (>= netcoreapp3.0)) (&& (== netstandard1.1) (>= netstandard2.0)) (&& (== netstandard1.1) (>= uap10.1)) (&& (== netstandard1.1) (>= xamarinios)) (&& (== netstandard1.1) (>= xamarinmac)) (&& (== netstandard1.1) (>= xamarintvos)) (&& (== netstandard1.1) (>= xamarinwatchos)) (== netstandard2.0)
      Microsoft.Extensions.Logging.Configuration (>= 5.0) - restriction: || (&& (== net20) (>= monoandroid)) (&& (== net20) (>= monotouch)) (&& (== net20) (>= net461)) (&& (== net20) (>= net50)) (&& (== net20) (>= netcoreapp2.0)) (&& (== net20) (>= netcoreapp2.1)) (&& (== net20) (>= netcoreapp3.0)) (&& (== net20) (>= netstandard2.0)) (&& (== net20) (>= uap10.1)) (&& (== net20) (>= xamarinios)) (&& (== net20) (>= xamarinmac)) (&& (== net20) (>= xamarintvos)) (&& (== net20) (>= xamarinwatchos)) (&& (== net35) (>= monoandroid)) (&& (== net35) (>= monotouch)) (&& (== net35) (>= net461)) (&& (== net35) (>= net50)) (&& (== net35) (>= netcoreapp2.0)) (&& (== net35) (>= netcoreapp2.1)) (&& (== net35) (>= netcoreapp3.0)) (&& (== net35) (>= netstandard2.0)) (&& (== net35) (>= uap10.1)) (&& (== net35) (>= xamarinios)) (&& (== net35) (>= xamarinmac)) (&& (== net35) (>= xamarintvos)) (&& (== net35) (>= xamarinwatchos)) (&& (== net40) (>= monoandroid)) (&& (== net40) (>= monotouch)) (&& (== net40) (>= net461)) (&& (== net40) (>= net50)) (&& (== net40) (>= netcoreapp2.0)) (&& (== net40) (>= netcoreapp2.1)) (&& (== net40) (>= netcoreapp3.0)) (&& (== net40) (>= netstandard2.0)) (&& (== net40) (>= uap10.1)) (&& (== net40) (>= xamarinios)) (&& (== net40) (>= xamarinmac)) (&& (== net40) (>= xamarintvos)) (&& (== net40) (>= xamarinwatchos)) (&& (== net45) (>= monoandroid)) (&& (== net45) (>= monotouch)) (&& (== net45) (>= net461)) (&& (== net45) (>= net50)) (&& (== net45) (>= netcoreapp2.0)) (&& (== net45) (>= netcoreapp2.1)) (&& (== net45) (>= netcoreapp3.0)) (&& (== net45) (>= netstandard2.0)) (&& (== net45) (>= uap10.1)) (&& (== net45) (>= xamarinios)) (&& (== net45) (>= xamarinmac)) (&& (== net45) (>= xamarintvos)) (&& (== net45) (>= xamarinwatchos)) (== net461) (== net471) (== net472) (== net48) (== net5.0-windows7.0) (== net50) (== netcoreapp2.0) (&& (== netstandard1.0) (>= monoandroid)) (&& (== netstandard1.0) (>= monotouch)) (&& (== netstandard1.0) (>= net461)) (&& (== netstandard1.0) (>= net50)) (&& (== netstandard1.0) (>= netcoreapp2.0)) (&& (== netstandard1.0) (>= netcoreapp2.1)) (&& (== netstandard1.0) (>= netcoreapp3.0)) (&& (== netstandard1.0) (>= netstandard2.0)) (&& (== netstandard1.0) (>= uap10.1)) (&& (== netstandard1.0) (>= xamarinios)) (&& (== netstandard1.0) (>= xamarinmac)) (&& (== netstandard1.0) (>= xamarintvos)) (&& (== netstandard1.0) (>= xamarinwatchos)) (&& (== netstandard1.1) (>= monoandroid)) (&& (== netstandard1.1) (>= monotouch)) (&& (== netstandard1.1) (>= net461)) (&& (== netstandard1.1) (>= net50)) (&& (== netstandard1.1) (>= netcoreapp2.0)) (&& (== netstandard1.1) (>= netcoreapp2.1)) (&& (== netstandard1.1) (>= netcoreapp3.0)) (&& (== netstandard1.1) (>= netstandard2.0)) (&& (== netstandard1.1) (>= uap10.1)) (&& (== netstandard1.1) (>= xamarinios)) (&& (== netstandard1.1) (>= xamarinmac)) (&& (== netstandard1.1) (>= xamarintvos)) (&& (== netstandard1.1) (>= xamarinwatchos)) (== netstandard2.0)
      Microsoft.Extensions.Options (>= 5.0) - restriction: || (&& (== net20) (>= monoandroid)) (&& (== net20) (>= monotouch)) (&& (== net20) (>= net461)) (&& (== net20) (>= net50)) (&& (== net20) (>= netcoreapp2.0)) (&& (== net20) (>= netcoreapp2.1)) (&& (== net20) (>= netcoreapp3.0)) (&& (== net20) (>= netstandard2.0)) (&& (== net20) (>= uap10.1)) (&& (== net20) (>= xamarinios)) (&& (== net20) (>= xamarinmac)) (&& (== net20) (>= xamarintvos)) (&& (== net20) (>= xamarinwatchos)) (&& (== net35) (>= monoandroid)) (&& (== net35) (>= monotouch)) (&& (== net35) (>= net461)) (&& (== net35) (>= net50)) (&& (== net35) (>= netcoreapp2.0)) (&& (== net35) (>= netcoreapp2.1)) (&& (== net35) (>= netcoreapp3.0)) (&& (== net35) (>= netstandard2.0)) (&& (== net35) (>= uap10.1)) (&& (== net35) (>= xamarinios)) (&& (== net35) (>= xamarinmac)) (&& (== net35) (>= xamarintvos)) (&& (== net35) (>= xamarinwatchos)) (&& (== net40) (>= monoandroid)) (&& (== net40) (>= monotouch)) (&& (== net40) (>= net461)) (&& (== net40) (>= net50)) (&& (== net40) (>= netcoreapp2.0)) (&& (== net40) (>= netcoreapp2.1)) (&& (== net40) (>= netcoreapp3.0)) (&& (== net40) (>= netstandard2.0)) (&& (== net40) (>= uap10.1)) (&& (== net40) (>= xamarinios)) (&& (== net40) (>= xamarinmac)) (&& (== net40) (>= xamarintvos)) (&& (== net40) (>= xamarinwatchos)) (&& (== net45) (>= monoandroid)) (&& (== net45) (>= monotouch)) (&& (== net45) (>= net461)) (&& (== net45) (>= net50)) (&& (== net45) (>= netcoreapp2.0)) (&& (== net45) (>= netcoreapp2.1)) (&& (== net45) (>= netcoreapp3.0)) (&& (== net45) (>= netstandard2.0)) (&& (== net45) (>= uap10.1)) (&& (== net45) (>= xamarinios)) (&& (== net45) (>= xamarinmac)) (&& (== net45) (>= xamarintvos)) (&& (== net45) (>= xamarinwatchos)) (== net461) (== net471) (== net472) (== net48) (== net5.0-windows7.0) (== net50) (== netcoreapp2.0) (&& (== netstandard1.0) (>= monoandroid)) (&& (== netstandard1.0) (>= monotouch)) (&& (== netstandard1.0) (>= net461)) (&& (== netstandard1.0) (>= net50)) (&& (== netstandard1.0) (>= netcoreapp2.0)) (&& (== netstandard1.0) (>= netcoreapp2.1)) (&& (== netstandard1.0) (>= netcoreapp3.0)) (&& (== netstandard1.0) (>= netstandard2.0)) (&& (== netstandard1.0) (>= uap10.1)) (&& (== netstandard1.0) (>= xamarinios)) (&& (== netstandard1.0) (>= xamarinmac)) (&& (== netstandard1.0) (>= xamarintvos)) (&& (== netstandard1.0) (>= xamarinwatchos)) (&& (== netstandard1.1) (>= monoandroid)) (&& (== netstandard1.1) (>= monotouch)) (&& (== netstandard1.1) (>= net461)) (&& (== netstandard1.1) (>= net50)) (&& (== netstandard1.1) (>= netcoreapp2.0)) (&& (== netstandard1.1) (>= netcoreapp2.1)) (&& (== netstandard1.1) (>= netcoreapp3.0)) (&& (== netstandard1.1) (>= netstandard2.0)) (&& (== netstandard1.1) (>= uap10.1)) (&& (== netstandard1.1) (>= xamarinios)) (&& (== netstandard1.1) (>= xamarinmac)) (&& (== netstandard1.1) (>= xamarintvos)) (&& (== netstandard1.1) (>= xamarinwatchos)) (== netstandard2.0)
      Microsoft.Extensions.Options.ConfigurationExtensions (>= 5.0) - restriction: || (&& (== net20) (>= monoandroid)) (&& (== net20) (>= monotouch)) (&& (== net20) (>= net461)) (&& (== net20) (>= net50)) (&& (== net20) (>= netcoreapp2.0)) (&& (== net20) (>= netcoreapp2.1)) (&& (== net20) (>= netcoreapp3.0)) (&& (== net20) (>= netstandard2.0)) (&& (== net20) (>= uap10.1)) (&& (== net20) (>= xamarinios)) (&& (== net20) (>= xamarinmac)) (&& (== net20) (>= xamarintvos)) (&& (== net20) (>= xamarinwatchos)) (&& (== net35) (>= monoandroid)) (&& (== net35) (>= monotouch)) (&& (== net35) (>= net461)) (&& (== net35) (>= net50)) (&& (== net35) (>= netcoreapp2.0)) (&& (== net35) (>= netcoreapp2.1)) (&& (== net35) (>= netcoreapp3.0)) (&& (== net35) (>= netstandard2.0)) (&& (== net35) (>= uap10.1)) (&& (== net35) (>= xamarinios)) (&& (== net35) (>= xamarinmac)) (&& (== net35) (>= xamarintvos)) (&& (== net35) (>= xamarinwatchos)) (&& (== net40) (>= monoandroid)) (&& (== net40) (>= monotouch)) (&& (== net40) (>= net461)) (&& (== net40) (>= net50)) (&& (== net40) (>= netcoreapp2.0)) (&& (== net40) (>= netcoreapp2.1)) (&& (== net40) (>= netcoreapp3.0)) (&& (== net40) (>= netstandard2.0)) (&& (== net40) (>= uap10.1)) (&& (== net40) (>= xamarinios)) (&& (== net40) (>= xamarinmac)) (&& (== net40) (>= xamarintvos)) (&& (== net40) (>= xamarinwatchos)) (&& (== net45) (>= monoandroid)) (&& (== net45) (>= monotouch)) (&& (== net45) (>= net461)) (&& (== net45) (>= net50)) (&& (== net45) (>= netcoreapp2.0)) (&& (== net45) (>= netcoreapp2.1)) (&& (== net45) (>= netcoreapp3.0)) (&& (== net45) (>= netstandard2.0)) (&& (== net45) (>= uap10.1)) (&& (== net45) (>= xamarinios)) (&& (== net45) (>= xamarinmac)) (&& (== net45) (>= xamarintvos)) (&& (== net45) (>= xamarinwatchos)) (== net461) (== net471) (== net472) (== net48) (== net5.0-windows7.0) (== net50) (== netcoreapp2.0) (&& (== netstandard1.0) (>= monoandroid)) (&& (== netstandard1.0) (>= monotouch)) (&& (== netstandard1.0) (>= net461)) (&& (== netstandard1.0) (>= net50)) (&& (== netstandard1.0) (>= netcoreapp2.0)) (&& (== netstandard1.0) (>= netcoreapp2.1)) (&& (== netstandard1.0) (>= netcoreapp3.0)) (&& (== netstandard1.0) (>= netstandard2.0)) (&& (== netstandard1.0) (>= uap10.1)) (&& (== netstandard1.0) (>= xamarinios)) (&& (== netstandard1.0) (>= xamarinmac)) (&& (== netstandard1.0) (>= xamarintvos)) (&& (== netstandard1.0) (>= xamarinwatchos)) (&& (== netstandard1.1) (>= monoandroid)) (&& (== netstandard1.1) (>= monotouch)) (&& (== netstandard1.1) (>= net461)) (&& (== netstandard1.1) (>= net50)) (&& (== netstandard1.1) (>= netcoreapp2.0)) (&& (== netstandard1.1) (>= netcoreapp2.1)) (&& (== netstandard1.1) (>= netcoreapp3.0)) (&& (== netstandard1.1) (>= netstandard2.0)) (&& (== netstandard1.1) (>= uap10.1)) (&& (== netstandard1.1) (>= xamarinios)) (&& (== netstandard1.1) (>= xamarinmac)) (&& (== netstandard1.1) (>= xamarintvos)) (&& (== netstandard1.1) (>= xamarinwatchos)) (== netstandard2.0)
      System.Buffers (>= 4.5.1) - restriction: || (&& (== net20) (>= monoandroid)) (&& (== net20) (>= monotouch)) (&& (== net20) (>= net461)) (&& (== net20) (>= netstandard2.0)) (&& (== net20) (>= xamarinios)) (&& (== net20) (>= xamarinmac)) (&& (== net20) (>= xamarintvos)) (&& (== net20) (>= xamarinwatchos)) (&& (== net35) (>= monoandroid)) (&& (== net35) (>= monotouch)) (&& (== net35) (>= net461)) (&& (== net35) (>= netstandard2.0)) (&& (== net35) (>= xamarinios)) (&& (== net35) (>= xamarinmac)) (&& (== net35) (>= xamarintvos)) (&& (== net35) (>= xamarinwatchos)) (&& (== net40) (>= monoandroid)) (&& (== net40) (>= monotouch)) (&& (== net40) (>= net461)) (&& (== net40) (>= netstandard2.0)) (&& (== net40) (>= xamarinios)) (&& (== net40) (>= xamarinmac)) (&& (== net40) (>= xamarintvos)) (&& (== net40) (>= xamarinwatchos)) (&& (== net45) (>= monoandroid)) (&& (== net45) (>= monotouch)) (&& (== net45) (>= net461)) (&& (== net45) (>= netstandard2.0)) (&& (== net45) (>= xamarinios)) (&& (== net45) (>= xamarinmac)) (&& (== net45) (>= xamarintvos)) (&& (== net45) (>= xamarinwatchos)) (== net461) (== net471) (== net472) (== net48) (&& (== net5.0-windows7.0) (>= monotouch)) (&& (== net5.0-windows7.0) (>= net461)) (&& (== net5.0-windows7.0) (< netcoreapp2.0)) (&& (== net5.0-windows7.0) (< netstandard2.0) (>= xamarintvos)) (&& (== net5.0-windows7.0) (< netstandard2.0) (>= xamarinwatchos)) (&& (== net50) (>= monotouch)) (&& (== net50) (>= net461)) (&& (== net50) (< netcoreapp2.0)) (&& (== net50) (< netstandard2.0) (>= xamarintvos)) (&& (== net50) (< netstandard2.0) (>= xamarinwatchos)) (&& (== netcoreapp2.0) (>= monotouch)) (&& (== netcoreapp2.0) (>= net461)) (&& (== netcoreapp2.0) (< netstandard2.0) (>= xamarintvos)) (&& (== netcoreapp2.0) (< netstandard2.0) (>= xamarinwatchos)) (&& (== netstandard1.0) (>= monoandroid)) (&& (== netstandard1.0) (>= monotouch)) (&& (== netstandard1.0) (>= net461)) (&& (== netstandard1.0) (>= netstandard2.0)) (&& (== netstandard1.0) (>= xamarinios)) (&& (== netstandard1.0) (>= xamarinmac)) (&& (== netstandard1.0) (>= xamarintvos)) (&& (== netstandard1.0) (>= xamarinwatchos)) (&& (== netstandard1.1) (>= monoandroid)) (&& (== netstandard1.1) (>= monotouch)) (&& (== netstandard1.1) (>= net461)) (&& (== netstandard1.1) (>= netstandard2.0)) (&& (== netstandard1.1) (>= xamarinios)) (&& (== netstandard1.1) (>= xamarinmac)) (&& (== netstandard1.1) (>= xamarintvos)) (&& (== netstandard1.1) (>= xamarinwatchos)) (== netstandard2.0)
      System.Memory (>= 4.5.4) - restriction: || (&& (== net20) (>= net461)) (&& (== net20) (>= netcoreapp2.0)) (&& (== net20) (>= netstandard2.0)) (&& (== net20) (>= uap10.1)) (&& (== net35) (>= net461)) (&& (== net35) (>= netcoreapp2.0)) (&& (== net35) (>= netstandard2.0)) (&& (== net35) (>= uap10.1)) (&& (== net40) (>= net461)) (&& (== net40) (>= netcoreapp2.0)) (&& (== net40) (>= netstandard2.0)) (&& (== net40) (>= uap10.1)) (&& (== net45) (>= net461)) (&& (== net45) (>= netcoreapp2.0)) (&& (== net45) (>= netstandard2.0)) (&& (== net45) (>= uap10.1)) (== net461) (== net471) (== net472) (== net48) (&& (== net5.0-windows7.0) (>= net461)) (&& (== net5.0-windows7.0) (< netcoreapp2.0)) (&& (== net5.0-windows7.0) (< netcoreapp2.1)) (&& (== net5.0-windows7.0) (>= uap10.1)) (&& (== net50) (>= net461)) (&& (== net50) (< netcoreapp2.0)) (&& (== net50) (< netcoreapp2.1)) (&& (== net50) (>= uap10.1)) (== netcoreapp2.0) (&& (== netstandard1.0) (>= net461)) (&& (== netstandard1.0) (>= netcoreapp2.0)) (&& (== netstandard1.0) (>= netstandard2.0)) (&& (== netstandard1.0) (>= uap10.1)) (&& (== netstandard1.1) (>= net461)) (&& (== netstandard1.1) (>= netcoreapp2.0)) (&& (== netstandard1.1) (>= netstandard2.0)) (&& (== netstandard1.1) (>= uap10.1)) (== netstandard2.0)
      System.Runtime.InteropServices.RuntimeInformation (>= 4.3) - restriction: || (&& (== net20) (>= net461)) (&& (== net35) (>= net461)) (&& (== net40) (>= net461)) (&& (== net45) (>= net461)) (== net461) (== net471) (== net472) (== net48) (&& (== net5.0-windows7.0) (>= net461)) (&& (== net50) (>= net461)) (&& (== netcoreapp2.0) (>= net461)) (&& (== netstandard1.0) (>= net461)) (&& (== netstandard1.1) (>= net461)) (&& (== netstandard2.0) (>= net461))
      System.Text.Json (>= 5.0) - restriction: || (&& (== net20) (>= monoandroid)) (&& (== net20) (>= monotouch)) (&& (== net20) (>= net461)) (&& (== net20) (>= netcoreapp2.0)) (&& (== net20) (>= netcoreapp2.1)) (&& (== net20) (>= netcoreapp3.0)) (&& (== net20) (>= netstandard2.0)) (&& (== net20) (>= uap10.1)) (&& (== net20) (>= xamarinios)) (&& (== net20) (>= xamarinmac)) (&& (== net20) (>= xamarintvos)) (&& (== net20) (>= xamarinwatchos)) (&& (== net35) (>= monoandroid)) (&& (== net35) (>= monotouch)) (&& (== net35) (>= net461)) (&& (== net35) (>= netcoreapp2.0)) (&& (== net35) (>= netcoreapp2.1)) (&& (== net35) (>= netcoreapp3.0)) (&& (== net35) (>= netstandard2.0)) (&& (== net35) (>= uap10.1)) (&& (== net35) (>= xamarinios)) (&& (== net35) (>= xamarinmac)) (&& (== net35) (>= xamarintvos)) (&& (== net35) (>= xamarinwatchos)) (&& (== net40) (>= monoandroid)) (&& (== net40) (>= monotouch)) (&& (== net40) (>= net461)) (&& (== net40) (>= netcoreapp2.0)) (&& (== net40) (>= netcoreapp2.1)) (&& (== net40) (>= netcoreapp3.0)) (&& (== net40) (>= netstandard2.0)) (&& (== net40) (>= uap10.1)) (&& (== net40) (>= xamarinios)) (&& (== net40) (>= xamarinmac)) (&& (== net40) (>= xamarintvos)) (&& (== net40) (>= xamarinwatchos)) (&& (== net45) (>= monoandroid)) (&& (== net45) (>= monotouch)) (&& (== net45) (>= net461)) (&& (== net45) (>= netcoreapp2.0)) (&& (== net45) (>= netcoreapp2.1)) (&& (== net45) (>= netcoreapp3.0)) (&& (== net45) (>= netstandard2.0)) (&& (== net45) (>= uap10.1)) (&& (== net45) (>= xamarinios)) (&& (== net45) (>= xamarinmac)) (&& (== net45) (>= xamarintvos)) (&& (== net45) (>= xamarinwatchos)) (== net461) (== net471) (== net472) (== net48) (&& (== net5.0-windows7.0) (>= monotouch)) (&& (== net5.0-windows7.0) (>= net461)) (&& (== net5.0-windows7.0) (< net50)) (&& (== net5.0-windows7.0) (< netcoreapp2.0)) (&& (== net5.0-windows7.0) (< netcoreapp2.1)) (&& (== net5.0-windows7.0) (< netcoreapp3.0)) (&& (== net5.0-windows7.0) (< netstandard2.0) (>= xamarintvos)) (&& (== net5.0-windows7.0) (< netstandard2.0) (>= xamarinwatchos)) (&& (== net5.0-windows7.0) (>= uap10.1)) (&& (== net50) (>= monotouch)) (&& (== net50) (>= net461)) (&& (== net50) (< netcoreapp2.0)) (&& (== net50) (< netcoreapp2.1)) (&& (== net50) (< netcoreapp3.0)) (&& (== net50) (< netstandard2.0) (>= xamarintvos)) (&& (== net50) (< netstandard2.0) (>= xamarinwatchos)) (&& (== net50) (>= uap10.1)) (== netcoreapp2.0) (&& (== netstandard1.0) (>= monoandroid)) (&& (== netstandard1.0) (>= monotouch)) (&& (== netstandard1.0) (>= net461)) (&& (== netstandard1.0) (>= netcoreapp2.0)) (&& (== netstandard1.0) (>= netcoreapp2.1)) (&& (== netstandard1.0) (>= netcoreapp3.0)) (&& (== netstandard1.0) (>= netstandard2.0)) (&& (== netstandard1.0) (>= uap10.1)) (&& (== netstandard1.0) (>= xamarinios)) (&& (== netstandard1.0) (>= xamarinmac)) (&& (== netstandard1.0) (>= xamarintvos)) (&& (== netstandard1.0) (>= xamarinwatchos)) (&& (== netstandard1.1) (>= monoandroid)) (&& (== netstandard1.1) (>= monotouch)) (&& (== netstandard1.1) (>= net461)) (&& (== netstandard1.1) (>= netcoreapp2.0)) (&& (== netstandard1.1) (>= netcoreapp2.1)) (&& (== netstandard1.1) (>= netcoreapp3.0)) (&& (== netstandard1.1) (>= netstandard2.0)) (&& (== netstandard1.1) (>= uap10.1)) (&& (== netstandard1.1) (>= xamarinios)) (&& (== netstandard1.1) (>= xamarinmac)) (&& (== netstandard1.1) (>= xamarintvos)) (&& (== netstandard1.1) (>= xamarinwatchos)) (== netstandard2.0)
    Microsoft.Extensions.Options (5.0) - restriction: || (&& (== net20) (>= net461)) (&& (== net20) (>= netstandard2.0)) (&& (== net35) (>= net461)) (&& (== net35) (>= netstandard2.0)) (&& (== net40) (>= net461)) (&& (== net40) (>= netstandard2.0)) (&& (== net45) (>= net461)) (&& (== net45) (>= netstandard2.0)) (== net461) (== net471) (== net472) (== net48) (== net5.0-windows7.0) (== net50) (== netcoreapp2.0) (&& (== netstandard1.0) (>= net461)) (&& (== netstandard1.0) (>= netstandard2.0)) (&& (== netstandard1.1) (>= net461)) (&& (== netstandard1.1) (>= netstandard2.0)) (== netstandard2.0)
      Microsoft.Extensions.DependencyInjection.Abstractions (>= 5.0) - restriction: || (&& (== net20) (>= net461)) (&& (== net20) (>= netstandard2.0)) (&& (== net35) (>= net461)) (&& (== net35) (>= netstandard2.0)) (&& (== net40) (>= net461)) (&& (== net40) (>= netstandard2.0)) (&& (== net45) (>= net461)) (&& (== net45) (>= netstandard2.0)) (== net461) (== net471) (== net472) (== net48) (== net5.0-windows7.0) (== net50) (== netcoreapp2.0) (&& (== netstandard1.0) (>= net461)) (&& (== netstandard1.0) (>= netstandard2.0)) (&& (== netstandard1.1) (>= net461)) (&& (== netstandard1.1) (>= netstandard2.0)) (== netstandard2.0)
      Microsoft.Extensions.Primitives (>= 5.0) - restriction: || (&& (== net20) (>= net461)) (&& (== net20) (>= netstandard2.0)) (&& (== net35) (>= net461)) (&& (== net35) (>= netstandard2.0)) (&& (== net40) (>= net461)) (&& (== net40) (>= netstandard2.0)) (&& (== net45) (>= net461)) (&& (== net45) (>= netstandard2.0)) (== net461) (== net471) (== net472) (== net48) (== net5.0-windows7.0) (== net50) (== netcoreapp2.0) (&& (== netstandard1.0) (>= net461)) (&& (== netstandard1.0) (>= netstandard2.0)) (&& (== netstandard1.1) (>= net461)) (&& (== netstandard1.1) (>= netstandard2.0)) (== netstandard2.0)
    Microsoft.Extensions.Options.ConfigurationExtensions (5.0) - restriction: || (&& (== net20) (>= monoandroid)) (&& (== net20) (>= monotouch)) (&& (== net20) (>= net461)) (&& (== net20) (>= net50)) (&& (== net20) (>= netcoreapp2.0)) (&& (== net20) (>= netcoreapp2.1)) (&& (== net20) (>= netcoreapp3.0)) (&& (== net20) (>= netstandard2.0)) (&& (== net20) (>= uap10.1)) (&& (== net20) (>= xamarinios)) (&& (== net20) (>= xamarinmac)) (&& (== net20) (>= xamarintvos)) (&& (== net20) (>= xamarinwatchos)) (&& (== net35) (>= monoandroid)) (&& (== net35) (>= monotouch)) (&& (== net35) (>= net461)) (&& (== net35) (>= net50)) (&& (== net35) (>= netcoreapp2.0)) (&& (== net35) (>= netcoreapp2.1)) (&& (== net35) (>= netcoreapp3.0)) (&& (== net35) (>= netstandard2.0)) (&& (== net35) (>= uap10.1)) (&& (== net35) (>= xamarinios)) (&& (== net35) (>= xamarinmac)) (&& (== net35) (>= xamarintvos)) (&& (== net35) (>= xamarinwatchos)) (&& (== net40) (>= monoandroid)) (&& (== net40) (>= monotouch)) (&& (== net40) (>= net461)) (&& (== net40) (>= net50)) (&& (== net40) (>= netcoreapp2.0)) (&& (== net40) (>= netcoreapp2.1)) (&& (== net40) (>= netcoreapp3.0)) (&& (== net40) (>= netstandard2.0)) (&& (== net40) (>= uap10.1)) (&& (== net40) (>= xamarinios)) (&& (== net40) (>= xamarinmac)) (&& (== net40) (>= xamarintvos)) (&& (== net40) (>= xamarinwatchos)) (&& (== net45) (>= monoandroid)) (&& (== net45) (>= monotouch)) (&& (== net45) (>= net461)) (&& (== net45) (>= net50)) (&& (== net45) (>= netcoreapp2.0)) (&& (== net45) (>= netcoreapp2.1)) (&& (== net45) (>= netcoreapp3.0)) (&& (== net45) (>= netstandard2.0)) (&& (== net45) (>= uap10.1)) (&& (== net45) (>= xamarinios)) (&& (== net45) (>= xamarinmac)) (&& (== net45) (>= xamarintvos)) (&& (== net45) (>= xamarinwatchos)) (== net461) (== net471) (== net472) (== net48) (== net5.0-windows7.0) (== net50) (== netcoreapp2.0) (&& (== netstandard1.0) (>= monoandroid)) (&& (== netstandard1.0) (>= monotouch)) (&& (== netstandard1.0) (>= net461)) (&& (== netstandard1.0) (>= net50)) (&& (== netstandard1.0) (>= netcoreapp2.0)) (&& (== netstandard1.0) (>= netcoreapp2.1)) (&& (== netstandard1.0) (>= netcoreapp3.0)) (&& (== netstandard1.0) (>= netstandard2.0)) (&& (== netstandard1.0) (>= uap10.1)) (&& (== netstandard1.0) (>= xamarinios)) (&& (== netstandard1.0) (>= xamarinmac)) (&& (== netstandard1.0) (>= xamarintvos)) (&& (== netstandard1.0) (>= xamarinwatchos)) (&& (== netstandard1.1) (>= monoandroid)) (&& (== netstandard1.1) (>= monotouch)) (&& (== netstandard1.1) (>= net461)) (&& (== netstandard1.1) (>= net50)) (&& (== netstandard1.1) (>= netcoreapp2.0)) (&& (== netstandard1.1) (>= netcoreapp2.1)) (&& (== netstandard1.1) (>= netcoreapp3.0)) (&& (== netstandard1.1) (>= netstandard2.0)) (&& (== netstandard1.1) (>= uap10.1)) (&& (== netstandard1.1) (>= xamarinios)) (&& (== netstandard1.1) (>= xamarinmac)) (&& (== netstandard1.1) (>= xamarintvos)) (&& (== netstandard1.1) (>= xamarinwatchos)) (== netstandard2.0)
      Microsoft.Extensions.Configuration.Abstractions (>= 5.0) - restriction: || (&& (== net20) (>= net461)) (&& (== net20) (>= netstandard2.0)) (&& (== net35) (>= net461)) (&& (== net35) (>= netstandard2.0)) (&& (== net40) (>= net461)) (&& (== net40) (>= netstandard2.0)) (&& (== net45) (>= net461)) (&& (== net45) (>= netstandard2.0)) (== net461) (== net471) (== net472) (== net48) (== net5.0-windows7.0) (== net50) (== netcoreapp2.0) (&& (== netstandard1.0) (>= net461)) (&& (== netstandard1.0) (>= netstandard2.0)) (&& (== netstandard1.1) (>= net461)) (&& (== netstandard1.1) (>= netstandard2.0)) (== netstandard2.0)
      Microsoft.Extensions.Configuration.Binder (>= 5.0) - restriction: || (&& (== net20) (>= net461)) (&& (== net20) (>= netstandard2.0)) (&& (== net35) (>= net461)) (&& (== net35) (>= netstandard2.0)) (&& (== net40) (>= net461)) (&& (== net40) (>= netstandard2.0)) (&& (== net45) (>= net461)) (&& (== net45) (>= netstandard2.0)) (== net461) (== net471) (== net472) (== net48) (== net5.0-windows7.0) (== net50) (== netcoreapp2.0) (&& (== netstandard1.0) (>= net461)) (&& (== netstandard1.0) (>= netstandard2.0)) (&& (== netstandard1.1) (>= net461)) (&& (== netstandard1.1) (>= netstandard2.0)) (== netstandard2.0)
      Microsoft.Extensions.DependencyInjection.Abstractions (>= 5.0) - restriction: || (&& (== net20) (>= net461)) (&& (== net20) (>= netstandard2.0)) (&& (== net35) (>= net461)) (&& (== net35) (>= netstandard2.0)) (&& (== net40) (>= net461)) (&& (== net40) (>= netstandard2.0)) (&& (== net45) (>= net461)) (&& (== net45) (>= netstandard2.0)) (== net461) (== net471) (== net472) (== net48) (== net5.0-windows7.0) (== net50) (== netcoreapp2.0) (&& (== netstandard1.0) (>= net461)) (&& (== netstandard1.0) (>= netstandard2.0)) (&& (== netstandard1.1) (>= net461)) (&& (== netstandard1.1) (>= netstandard2.0)) (== netstandard2.0)
      Microsoft.Extensions.Options (>= 5.0) - restriction: || (&& (== net20) (>= net461)) (&& (== net20) (>= netstandard2.0)) (&& (== net35) (>= net461)) (&& (== net35) (>= netstandard2.0)) (&& (== net40) (>= net461)) (&& (== net40) (>= netstandard2.0)) (&& (== net45) (>= net461)) (&& (== net45) (>= netstandard2.0)) (== net461) (== net471) (== net472) (== net48) (== net5.0-windows7.0) (== net50) (== netcoreapp2.0) (&& (== netstandard1.0) (>= net461)) (&& (== netstandard1.0) (>= netstandard2.0)) (&& (== netstandard1.1) (>= net461)) (&& (== netstandard1.1) (>= netstandard2.0)) (== netstandard2.0)
      Microsoft.Extensions.Primitives (>= 5.0) - restriction: || (&& (== net20) (>= net461)) (&& (== net20) (>= netstandard2.0)) (&& (== net35) (>= net461)) (&& (== net35) (>= netstandard2.0)) (&& (== net40) (>= net461)) (&& (== net40) (>= netstandard2.0)) (&& (== net45) (>= net461)) (&& (== net45) (>= netstandard2.0)) (== net461) (== net471) (== net472) (== net48) (== net5.0-windows7.0) (== net50) (== netcoreapp2.0) (&& (== netstandard1.0) (>= net461)) (&& (== netstandard1.0) (>= netstandard2.0)) (&& (== netstandard1.1) (>= net461)) (&& (== netstandard1.1) (>= netstandard2.0)) (== netstandard2.0)
    Microsoft.Extensions.Primitives (5.0) - restriction: || (&& (== net20) (>= net461)) (&& (== net20) (>= netstandard2.0)) (&& (== net35) (>= net461)) (&& (== net35) (>= netstandard2.0)) (&& (== net40) (>= net461)) (&& (== net40) (>= netstandard2.0)) (&& (== net45) (>= net461)) (&& (== net45) (>= netstandard2.0)) (== net461) (== net471) (== net472) (== net48) (== net5.0-windows7.0) (== net50) (== netcoreapp2.0) (&& (== netstandard1.0) (>= net461)) (&& (== netstandard1.0) (>= netstandard2.0)) (&& (== netstandard1.1) (>= net461)) (&& (== netstandard1.1) (>= netstandard2.0)) (== netstandard2.0)
      System.Buffers (>= 4.5.1) - restriction: || (&& (== net20) (>= monoandroid)) (&& (== net20) (>= monotouch)) (&& (== net20) (>= net461)) (&& (== net20) (>= netstandard2.0)) (&& (== net20) (>= xamarinios)) (&& (== net20) (>= xamarinmac)) (&& (== net20) (>= xamarintvos)) (&& (== net20) (>= xamarinwatchos)) (&& (== net35) (>= monoandroid)) (&& (== net35) (>= monotouch)) (&& (== net35) (>= net461)) (&& (== net35) (>= netstandard2.0)) (&& (== net35) (>= xamarinios)) (&& (== net35) (>= xamarinmac)) (&& (== net35) (>= xamarintvos)) (&& (== net35) (>= xamarinwatchos)) (&& (== net40) (>= monoandroid)) (&& (== net40) (>= monotouch)) (&& (== net40) (>= net461)) (&& (== net40) (>= netstandard2.0)) (&& (== net40) (>= xamarinios)) (&& (== net40) (>= xamarinmac)) (&& (== net40) (>= xamarintvos)) (&& (== net40) (>= xamarinwatchos)) (&& (== net45) (>= monoandroid)) (&& (== net45) (>= monotouch)) (&& (== net45) (>= net461)) (&& (== net45) (>= netstandard2.0)) (&& (== net45) (>= xamarinios)) (&& (== net45) (>= xamarinmac)) (&& (== net45) (>= xamarintvos)) (&& (== net45) (>= xamarinwatchos)) (== net461) (== net471) (== net472) (== net48) (&& (== net5.0-windows7.0) (>= monotouch)) (&& (== net5.0-windows7.0) (>= net461)) (&& (== net5.0-windows7.0) (< netcoreapp2.0)) (&& (== net5.0-windows7.0) (>= xamarinios)) (&& (== net5.0-windows7.0) (>= xamarinmac)) (&& (== net5.0-windows7.0) (>= xamarintvos)) (&& (== net5.0-windows7.0) (>= xamarinwatchos)) (&& (== net50) (>= monotouch)) (&& (== net50) (>= net461)) (&& (== net50) (< netcoreapp2.0)) (&& (== net50) (>= xamarinios)) (&& (== net50) (>= xamarinmac)) (&& (== net50) (>= xamarintvos)) (&& (== net50) (>= xamarinwatchos)) (&& (== netcoreapp2.0) (>= monotouch)) (&& (== netcoreapp2.0) (>= net461)) (&& (== netcoreapp2.0) (>= xamarinios)) (&& (== netcoreapp2.0) (>= xamarinmac)) (&& (== netcoreapp2.0) (>= xamarintvos)) (&& (== netcoreapp2.0) (>= xamarinwatchos)) (&& (== netstandard1.0) (>= monoandroid)) (&& (== netstandard1.0) (>= monotouch)) (&& (== netstandard1.0) (>= net461)) (&& (== netstandard1.0) (>= netstandard2.0)) (&& (== netstandard1.0) (>= xamarinios)) (&& (== netstandard1.0) (>= xamarinmac)) (&& (== netstandard1.0) (>= xamarintvos)) (&& (== netstandard1.0) (>= xamarinwatchos)) (&& (== netstandard1.1) (>= monoandroid)) (&& (== netstandard1.1) (>= monotouch)) (&& (== netstandard1.1) (>= net461)) (&& (== netstandard1.1) (>= netstandard2.0)) (&& (== netstandard1.1) (>= xamarinios)) (&& (== netstandard1.1) (>= xamarinmac)) (&& (== netstandard1.1) (>= xamarintvos)) (&& (== netstandard1.1) (>= xamarinwatchos)) (== netstandard2.0)
      System.Memory (>= 4.5.4) - restriction: || (&& (== net20) (>= net461)) (&& (== net20) (>= netcoreapp2.0)) (&& (== net20) (>= netstandard2.0)) (&& (== net20) (>= uap10.1)) (&& (== net35) (>= net461)) (&& (== net35) (>= netcoreapp2.0)) (&& (== net35) (>= netstandard2.0)) (&& (== net35) (>= uap10.1)) (&& (== net40) (>= net461)) (&& (== net40) (>= netcoreapp2.0)) (&& (== net40) (>= netstandard2.0)) (&& (== net40) (>= uap10.1)) (&& (== net45) (>= net461)) (&& (== net45) (>= netcoreapp2.0)) (&& (== net45) (>= netstandard2.0)) (&& (== net45) (>= uap10.1)) (== net461) (== net471) (== net472) (== net48) (&& (== net5.0-windows7.0) (>= net461)) (&& (== net5.0-windows7.0) (< netcoreapp2.0)) (&& (== net5.0-windows7.0) (< netcoreapp2.1)) (&& (== net5.0-windows7.0) (>= uap10.1)) (&& (== net50) (>= net461)) (&& (== net50) (< netcoreapp2.0)) (&& (== net50) (< netcoreapp2.1)) (&& (== net50) (>= uap10.1)) (== netcoreapp2.0) (&& (== netstandard1.0) (>= net461)) (&& (== netstandard1.0) (>= netcoreapp2.0)) (&& (== netstandard1.0) (>= netstandard2.0)) (&& (== netstandard1.0) (>= uap10.1)) (&& (== netstandard1.1) (>= net461)) (&& (== netstandard1.1) (>= netcoreapp2.0)) (&& (== netstandard1.1) (>= netstandard2.0)) (&& (== netstandard1.1) (>= uap10.1)) (== netstandard2.0)
      System.Runtime.CompilerServices.Unsafe (>= 5.0) - restriction: || (&& (== net20) (>= monoandroid)) (&& (== net20) (>= monotouch)) (&& (== net20) (>= net461)) (&& (== net20) (>= netcoreapp2.0)) (&& (== net20) (>= netcoreapp2.1)) (&& (== net20) (>= netstandard2.0)) (&& (== net20) (>= uap10.1)) (&& (== net20) (>= xamarinios)) (&& (== net20) (>= xamarinmac)) (&& (== net20) (>= xamarintvos)) (&& (== net20) (>= xamarinwatchos)) (&& (== net35) (>= monoandroid)) (&& (== net35) (>= monotouch)) (&& (== net35) (>= net461)) (&& (== net35) (>= netcoreapp2.0)) (&& (== net35) (>= netcoreapp2.1)) (&& (== net35) (>= netstandard2.0)) (&& (== net35) (>= uap10.1)) (&& (== net35) (>= xamarinios)) (&& (== net35) (>= xamarinmac)) (&& (== net35) (>= xamarintvos)) (&& (== net35) (>= xamarinwatchos)) (&& (== net40) (>= monoandroid)) (&& (== net40) (>= monotouch)) (&& (== net40) (>= net461)) (&& (== net40) (>= netcoreapp2.0)) (&& (== net40) (>= netcoreapp2.1)) (&& (== net40) (>= netstandard2.0)) (&& (== net40) (>= uap10.1)) (&& (== net40) (>= xamarinios)) (&& (== net40) (>= xamarinmac)) (&& (== net40) (>= xamarintvos)) (&& (== net40) (>= xamarinwatchos)) (&& (== net45) (>= monoandroid)) (&& (== net45) (>= monotouch)) (&& (== net45) (>= net461)) (&& (== net45) (>= netcoreapp2.0)) (&& (== net45) (>= netcoreapp2.1)) (&& (== net45) (>= netstandard2.0)) (&& (== net45) (>= uap10.1)) (&& (== net45) (>= xamarinios)) (&& (== net45) (>= xamarinmac)) (&& (== net45) (>= xamarintvos)) (&& (== net45) (>= xamarinwatchos)) (== net461) (== net471) (== net472) (== net48) (&& (== net5.0-windows7.0) (>= monotouch)) (&& (== net5.0-windows7.0) (>= net461)) (&& (== net5.0-windows7.0) (< netcoreapp2.0)) (&& (== net5.0-windows7.0) (< netcoreapp2.1)) (&& (== net5.0-windows7.0) (< netcoreapp3.0)) (&& (== net5.0-windows7.0) (>= uap10.1)) (&& (== net5.0-windows7.0) (>= xamarinios)) (&& (== net5.0-windows7.0) (>= xamarinmac)) (&& (== net5.0-windows7.0) (>= xamarintvos)) (&& (== net5.0-windows7.0) (>= xamarinwatchos)) (&& (== net50) (>= monotouch)) (&& (== net50) (>= net461)) (&& (== net50) (< netcoreapp2.0)) (&& (== net50) (< netcoreapp2.1)) (&& (== net50) (< netcoreapp3.0)) (&& (== net50) (>= uap10.1)) (&& (== net50) (>= xamarinios)) (&& (== net50) (>= xamarinmac)) (&& (== net50) (>= xamarintvos)) (&& (== net50) (>= xamarinwatchos)) (== netcoreapp2.0) (&& (== netstandard1.0) (>= monoandroid)) (&& (== netstandard1.0) (>= monotouch)) (&& (== netstandard1.0) (>= net461)) (&& (== netstandard1.0) (>= netcoreapp2.0)) (&& (== netstandard1.0) (>= netcoreapp2.1)) (&& (== netstandard1.0) (>= netstandard2.0)) (&& (== netstandard1.0) (>= uap10.1)) (&& (== netstandard1.0) (>= xamarinios)) (&& (== netstandard1.0) (>= xamarinmac)) (&& (== netstandard1.0) (>= xamarintvos)) (&& (== netstandard1.0) (>= xamarinwatchos)) (&& (== netstandard1.1) (>= monoandroid)) (&& (== netstandard1.1) (>= monotouch)) (&& (== netstandard1.1) (>= net461)) (&& (== netstandard1.1) (>= netcoreapp2.0)) (&& (== netstandard1.1) (>= netcoreapp2.1)) (&& (== netstandard1.1) (>= netstandard2.0)) (&& (== netstandard1.1) (>= uap10.1)) (&& (== netstandard1.1) (>= xamarinios)) (&& (== netstandard1.1) (>= xamarinmac)) (&& (== netstandard1.1) (>= xamarintvos)) (&& (== netstandard1.1) (>= xamarinwatchos)) (== netstandard2.0)
    Microsoft.NET.Test.Sdk (16.10)
      Microsoft.CodeCoverage (>= 16.10) - restriction: || (&& (== net20) (>= net45)) (&& (== net20) (>= netcoreapp1.0)) (&& (== net35) (>= net45)) (&& (== net35) (>= netcoreapp1.0)) (&& (== net40) (>= net45)) (&& (== net40) (>= netcoreapp1.0)) (== net45) (== net461) (== net471) (== net472) (== net48) (== net5.0-windows7.0) (== net50) (== netcoreapp2.0) (&& (== netstandard1.0) (>= net45)) (&& (== netstandard1.0) (>= netcoreapp1.0)) (&& (== netstandard1.1) (>= net45)) (&& (== netstandard1.1) (>= netcoreapp1.0)) (&& (== netstandard2.0) (>= net45)) (&& (== netstandard2.0) (>= netcoreapp1.0))
      Microsoft.TestPlatform.TestHost (>= 16.10) - restriction: || (&& (== net20) (>= netcoreapp1.0)) (&& (== net35) (>= netcoreapp1.0)) (&& (== net40) (>= netcoreapp1.0)) (&& (== net45) (>= netcoreapp1.0)) (&& (== net461) (>= netcoreapp1.0)) (&& (== net471) (>= netcoreapp1.0)) (&& (== net472) (>= netcoreapp1.0)) (&& (== net48) (>= netcoreapp1.0)) (== net5.0-windows7.0) (== net50) (== netcoreapp2.0) (&& (== netstandard1.0) (>= netcoreapp1.0)) (&& (== netstandard1.1) (>= netcoreapp1.0)) (&& (== netstandard2.0) (>= netcoreapp1.0))
    Microsoft.NETCore.Platforms (5.0.1) - restriction: || (&& (== net20) (== net471)) (&& (== net20) (== net472)) (&& (== net20) (== net48)) (&& (== net20) (>= net45)) (&& (== net20) (>= net46)) (&& (== net20) (>= net461)) (&& (== net20) (>= netcoreapp2.0)) (&& (== net20) (>= netcoreapp2.1)) (&& (== net20) (>= netcoreapp3.0)) (&& (== net20) (>= netstandard1.0)) (&& (== net20) (>= netstandard1.1)) (&& (== net20) (>= netstandard1.2)) (&& (== net20) (>= netstandard1.3)) (&& (== net20) (>= netstandard1.4)) (&& (== net20) (>= netstandard1.5)) (&& (== net20) (>= netstandard1.6)) (&& (== net20) (>= netstandard2.0)) (&& (== net20) (>= uap10.0)) (&& (== net20) (>= uap10.1)) (&& (== net20) (>= wp8)) (&& (== net20) (>= wpa81)) (&& (== net35) (== net471)) (&& (== net35) (== net472)) (&& (== net35) (== net48)) (&& (== net35) (>= net45)) (&& (== net35) (>= net46)) (&& (== net35) (>= net461)) (&& (== net35) (>= netcoreapp2.0)) (&& (== net35) (>= netcoreapp2.1)) (&& (== net35) (>= netcoreapp3.0)) (&& (== net35) (>= netstandard1.0)) (&& (== net35) (>= netstandard1.1)) (&& (== net35) (>= netstandard1.2)) (&& (== net35) (>= netstandard1.3)) (&& (== net35) (>= netstandard1.4)) (&& (== net35) (>= netstandard1.5)) (&& (== net35) (>= netstandard1.6)) (&& (== net35) (>= netstandard2.0)) (&& (== net35) (>= uap10.0)) (&& (== net35) (>= uap10.1)) (&& (== net35) (>= wp8)) (&& (== net35) (>= wpa81)) (&& (== net40) (== net471)) (&& (== net40) (== net472)) (&& (== net40) (== net48)) (&& (== net40) (>= net45)) (&& (== net40) (>= net46)) (&& (== net40) (>= net461)) (&& (== net40) (>= netcoreapp2.0)) (&& (== net40) (>= netcoreapp2.1)) (&& (== net40) (>= netcoreapp3.0)) (&& (== net40) (>= netstandard1.0)) (&& (== net40) (>= netstandard1.1)) (&& (== net40) (>= netstandard1.2)) (&& (== net40) (>= netstandard1.3)) (&& (== net40) (>= netstandard1.4)) (&& (== net40) (>= netstandard1.5)) (&& (== net40) (>= netstandard1.6)) (&& (== net40) (>= netstandard2.0)) (&& (== net40) (>= uap10.0)) (&& (== net40) (>= uap10.1)) (&& (== net40) (>= wp8)) (&& (== net40) (>= wpa81)) (== net45) (== net461) (&& (== net471) (< net45)) (&& (== net471) (>= netcoreapp2.0)) (&& (== net471) (>= netcoreapp2.1)) (&& (== net471) (>= netcoreapp3.0)) (&& (== net471) (< netstandard1.0)) (&& (== net471) (< netstandard1.1)) (&& (== net471) (< netstandard1.2) (>= uap10.0)) (&& (== net471) (< netstandard1.3)) (&& (== net471) (< netstandard1.4)) (&& (== net471) (< netstandard1.5) (>= uap10.0)) (&& (== net471) (< netstandard2.0)) (&& (== net471) (< portable-net45+win8+wpa81)) (&& (== net471) (>= uap10.1)) (&& (== net471) (>= wp8)) (&& (== net472) (< net45)) (&& (== net472) (>= netcoreapp2.0)) (&& (== net472) (>= netcoreapp2.1)) (&& (== net472) (>= netcoreapp3.0)) (&& (== net472) (< netstandard1.0)) (&& (== net472) (< netstandard1.1)) (&& (== net472) (< netstandard1.2) (>= uap10.0)) (&& (== net472) (< netstandard1.3)) (&& (== net472) (< netstandard1.4)) (&& (== net472) (< netstandard1.5) (>= uap10.0)) (&& (== net472) (< netstandard2.0)) (&& (== net472) (< portable-net45+win8+wpa81)) (&& (== net472) (>= uap10.1)) (&& (== net472) (>= wp8)) (&& (== net48) (< net45)) (&& (== net48) (>= netcoreapp2.0)) (&& (== net48) (>= netcoreapp2.1)) (&& (== net48) (>= netcoreapp3.0)) (&& (== net48) (< netstandard1.0)) (&& (== net48) (< netstandard1.1)) (&& (== net48) (< netstandard1.2) (>= uap10.0)) (&& (== net48) (< netstandard1.3)) (&& (== net48) (< netstandard1.4)) (&& (== net48) (< netstandard1.5) (>= uap10.0)) (&& (== net48) (< netstandard2.0)) (&& (== net48) (< portable-net45+win8+wpa81)) (&& (== net48) (>= uap10.1)) (&& (== net48) (>= wp8)) (== net5.0-windows7.0) (== net50) (== netcoreapp2.0) (== netstandard1.0) (== netstandard1.1) (== netstandard2.0)
    Microsoft.NETCore.Targets (5.0) - restriction: || (&& (== net20) (== net45)) (&& (== net20) (== net461)) (&& (== net20) (== net471)) (&& (== net20) (== net472)) (&& (== net20) (== net48)) (&& (== net20) (>= netcoreapp1.0)) (&& (== net20) (>= netstandard1.0)) (&& (== net20) (>= netstandard1.1)) (&& (== net20) (>= netstandard1.2)) (&& (== net20) (>= netstandard1.3)) (&& (== net20) (>= netstandard1.4)) (&& (== net20) (>= netstandard1.5)) (&& (== net20) (>= netstandard1.6)) (&& (== net20) (>= netstandard2.0)) (&& (== net20) (>= uap10.0)) (&& (== net35) (== net45)) (&& (== net35) (== net461)) (&& (== net35) (== net471)) (&& (== net35) (== net472)) (&& (== net35) (== net48)) (&& (== net35) (>= netcoreapp1.0)) (&& (== net35) (>= netstandard1.0)) (&& (== net35) (>= netstandard1.1)) (&& (== net35) (>= netstandard1.2)) (&& (== net35) (>= netstandard1.3)) (&& (== net35) (>= netstandard1.4)) (&& (== net35) (>= netstandard1.5)) (&& (== net35) (>= netstandard1.6)) (&& (== net35) (>= netstandard2.0)) (&& (== net35) (>= uap10.0)) (&& (== net40) (== net45)) (&& (== net40) (== net461)) (&& (== net40) (== net471)) (&& (== net40) (== net472)) (&& (== net40) (== net48)) (&& (== net40) (>= netcoreapp1.0)) (&& (== net40) (>= netstandard1.0)) (&& (== net40) (>= netstandard1.1)) (&& (== net40) (>= netstandard1.2)) (&& (== net40) (>= netstandard1.3)) (&& (== net40) (>= netstandard1.4)) (&& (== net40) (>= netstandard1.5)) (&& (== net40) (>= netstandard1.6)) (&& (== net40) (>= netstandard2.0)) (&& (== net40) (>= uap10.0)) (&& (== net45) (== net461)) (&& (== net45) (== net471)) (&& (== net45) (== net472)) (&& (== net45) (== net48)) (&& (== net45) (>= netcoreapp1.0)) (&& (== net45) (>= netstandard1.3)) (&& (== net45) (< portable-net45+win8+wpa81)) (&& (== net45) (>= uap10.0)) (&& (== net461) (< net45)) (&& (== net461) (< net46)) (&& (== net461) (>= netcoreapp1.0)) (&& (== net461) (< netstandard1.1)) (&& (== net461) (< portable-net45+win8+wpa81)) (&& (== net461) (>= uap10.0)) (&& (== net471) (< net45)) (&& (== net471) (< net46)) (&& (== net471) (>= netcoreapp1.0)) (&& (== net471) (< netstandard1.1)) (&& (== net471) (< netstandard1.2) (>= uap10.0)) (&& (== net471) (< netstandard1.3) (>= uap10.0)) (&& (== net471) (< netstandard1.5) (>= uap10.0)) (&& (== net471) (< portable-net45+win8+wpa81)) (&& (== net472) (< net45)) (&& (== net472) (< net46)) (&& (== net472) (>= netcoreapp1.0)) (&& (== net472) (< netstandard1.1)) (&& (== net472) (< netstandard1.2) (>= uap10.0)) (&& (== net472) (< netstandard1.3) (>= uap10.0)) (&& (== net472) (< netstandard1.5) (>= uap10.0)) (&& (== net472) (< portable-net45+win8+wpa81)) (&& (== net48) (< net45)) (&& (== net48) (< net46)) (&& (== net48) (>= netcoreapp1.0)) (&& (== net48) (< netstandard1.1)) (&& (== net48) (< netstandard1.2) (>= uap10.0)) (&& (== net48) (< netstandard1.3) (>= uap10.0)) (&& (== net48) (< netstandard1.5) (>= uap10.0)) (&& (== net48) (< portable-net45+win8+wpa81)) (== net5.0-windows7.0) (== net50) (== netcoreapp2.0) (== netstandard1.0) (== netstandard1.1) (== netstandard2.0)
    Microsoft.TestPlatform.ObjectModel (16.11) - restriction: || (&& (== net20) (>= netcoreapp1.0)) (&& (== net35) (>= netcoreapp1.0)) (&& (== net40) (>= netcoreapp1.0)) (&& (== net45) (>= netcoreapp1.0)) (&& (== net461) (>= netcoreapp1.0)) (&& (== net471) (>= netcoreapp1.0)) (&& (== net472) (>= netcoreapp1.0)) (&& (== net48) (>= netcoreapp1.0)) (== net5.0-windows7.0) (== net50) (== netcoreapp2.0) (&& (== netstandard1.0) (>= netcoreapp1.0)) (&& (== netstandard1.1) (>= netcoreapp1.0)) (&& (== netstandard2.0) (>= netcoreapp1.0))
      NuGet.Frameworks (>= 5.0) - restriction: || (&& (== net20) (>= net45)) (&& (== net20) (>= net451)) (&& (== net20) (>= netcoreapp2.1)) (&& (== net20) (>= netstandard2.0)) (&& (== net35) (>= net45)) (&& (== net35) (>= net451)) (&& (== net35) (>= netcoreapp2.1)) (&& (== net35) (>= netstandard2.0)) (&& (== net40) (>= net45)) (&& (== net40) (>= net451)) (&& (== net40) (>= netcoreapp2.1)) (&& (== net40) (>= netstandard2.0)) (== net45) (== net461) (== net471) (== net472) (== net48) (== net5.0-windows7.0) (== net50) (&& (== netcoreapp2.0) (>= net45) (< netstandard1.3)) (&& (== netcoreapp2.0) (>= net451)) (&& (== netcoreapp2.0) (< netcoreapp1.0)) (&& (== netcoreapp2.0) (>= netcoreapp2.1)) (&& (== netstandard1.0) (>= net45)) (&& (== netstandard1.0) (>= net451)) (&& (== netstandard1.0) (>= netcoreapp2.1)) (&& (== netstandard1.0) (>= netstandard2.0)) (&& (== netstandard1.1) (>= net45)) (&& (== netstandard1.1) (>= net451)) (&& (== netstandard1.1) (>= netcoreapp2.1)) (&& (== netstandard1.1) (>= netstandard2.0)) (== netstandard2.0)
      System.Reflection.Metadata (>= 1.6) - restriction: || (&& (== net20) (>= net45)) (&& (== net20) (>= net451)) (&& (== net20) (>= netcoreapp1.0)) (&& (== net20) (>= netcoreapp2.1)) (&& (== net20) (>= netstandard1.3)) (&& (== net20) (>= netstandard2.0)) (&& (== net35) (>= net45)) (&& (== net35) (>= net451)) (&& (== net35) (>= netcoreapp1.0)) (&& (== net35) (>= netcoreapp2.1)) (&& (== net35) (>= netstandard1.3)) (&& (== net35) (>= netstandard2.0)) (&& (== net40) (>= net45)) (&& (== net40) (>= net451)) (&& (== net40) (>= netcoreapp1.0)) (&& (== net40) (>= netcoreapp2.1)) (&& (== net40) (>= netstandard1.3)) (&& (== net40) (>= netstandard2.0)) (== net45) (== net461) (== net471) (== net472) (== net48) (== net5.0-windows7.0) (== net50) (&& (== netcoreapp2.0) (>= net45) (< netstandard1.3)) (&& (== netcoreapp2.0) (>= net451)) (&& (== netcoreapp2.0) (< netcoreapp1.0)) (&& (== netcoreapp2.0) (>= netcoreapp2.1)) (&& (== netcoreapp2.0) (< netstandard2.0)) (&& (== netstandard1.0) (>= net45)) (&& (== netstandard1.0) (>= net451)) (&& (== netstandard1.0) (>= netcoreapp1.0)) (&& (== netstandard1.0) (>= netcoreapp2.1)) (&& (== netstandard1.0) (>= netstandard1.3)) (&& (== netstandard1.0) (>= netstandard2.0)) (&& (== netstandard1.1) (>= net45)) (&& (== netstandard1.1) (>= net451)) (&& (== netstandard1.1) (>= netcoreapp1.0)) (&& (== netstandard1.1) (>= netcoreapp2.1)) (&& (== netstandard1.1) (>= netstandard1.3)) (&& (== netstandard1.1) (>= netstandard2.0)) (== netstandard2.0)
    Microsoft.TestPlatform.TestHost (16.11) - restriction: || (&& (== net20) (>= netcoreapp1.0)) (&& (== net35) (>= netcoreapp1.0)) (&& (== net40) (>= netcoreapp1.0)) (&& (== net45) (>= netcoreapp1.0)) (&& (== net461) (>= netcoreapp1.0)) (&& (== net471) (>= netcoreapp1.0)) (&& (== net472) (>= netcoreapp1.0)) (&& (== net48) (>= netcoreapp1.0)) (== net5.0-windows7.0) (== net50) (== netcoreapp2.0) (&& (== netstandard1.0) (>= netcoreapp1.0)) (&& (== netstandard1.1) (>= netcoreapp1.0)) (&& (== netstandard2.0) (>= netcoreapp1.0))
      Microsoft.TestPlatform.ObjectModel (>= 16.11) - restriction: || (&& (== net20) (>= netcoreapp1.0)) (&& (== net20) (>= uap10.0)) (&& (== net35) (>= netcoreapp1.0)) (&& (== net35) (>= uap10.0)) (&& (== net40) (>= netcoreapp1.0)) (&& (== net40) (>= uap10.0)) (&& (== net45) (>= netcoreapp1.0)) (&& (== net45) (>= uap10.0)) (&& (== net461) (>= netcoreapp1.0)) (&& (== net461) (>= uap10.0)) (&& (== net471) (>= netcoreapp1.0)) (&& (== net471) (>= uap10.0)) (&& (== net472) (>= netcoreapp1.0)) (&& (== net472) (>= uap10.0)) (&& (== net48) (>= netcoreapp1.0)) (&& (== net48) (>= uap10.0)) (== net5.0-windows7.0) (== net50) (== netcoreapp2.0) (&& (== netstandard1.0) (>= netcoreapp1.0)) (&& (== netstandard1.0) (>= uap10.0)) (&& (== netstandard1.1) (>= netcoreapp1.0)) (&& (== netstandard1.1) (>= uap10.0)) (&& (== netstandard2.0) (>= netcoreapp1.0)) (&& (== netstandard2.0) (>= uap10.0))
      Newtonsoft.Json (>= 9.0.1) - restriction: || (&& (== net20) (>= netcoreapp1.0)) (&& (== net20) (>= uap10.0)) (&& (== net35) (>= netcoreapp1.0)) (&& (== net35) (>= uap10.0)) (&& (== net40) (>= netcoreapp1.0)) (&& (== net40) (>= uap10.0)) (&& (== net45) (>= netcoreapp1.0)) (&& (== net45) (>= uap10.0)) (&& (== net461) (>= netcoreapp1.0)) (&& (== net461) (>= uap10.0)) (&& (== net471) (>= netcoreapp1.0)) (&& (== net471) (>= uap10.0)) (&& (== net472) (>= netcoreapp1.0)) (&& (== net472) (>= uap10.0)) (&& (== net48) (>= netcoreapp1.0)) (&& (== net48) (>= uap10.0)) (== net5.0-windows7.0) (== net50) (== netcoreapp2.0) (&& (== netstandard1.0) (>= netcoreapp1.0)) (&& (== netstandard1.0) (>= uap10.0)) (&& (== netstandard1.1) (>= netcoreapp1.0)) (&& (== netstandard1.1) (>= uap10.0)) (&& (== netstandard2.0) (>= netcoreapp1.0)) (&& (== netstandard2.0) (>= uap10.0))
      System.Diagnostics.Process (>= 4.1) - restriction: || (&& (== net20) (>= netcoreapp1.0)) (&& (== net35) (>= netcoreapp1.0)) (&& (== net40) (>= netcoreapp1.0)) (&& (== net45) (>= netcoreapp1.0)) (&& (== net461) (>= netcoreapp1.0)) (&& (== net471) (>= netcoreapp1.0)) (&& (== net472) (>= netcoreapp1.0)) (&& (== net48) (>= netcoreapp1.0)) (&& (== net5.0-windows7.0) (< netcoreapp2.1)) (&& (== net50) (< netcoreapp2.1)) (== netcoreapp2.0) (&& (== netstandard1.0) (>= netcoreapp1.0)) (&& (== netstandard1.1) (>= netcoreapp1.0)) (&& (== netstandard2.0) (>= netcoreapp1.0))
      System.Diagnostics.StackTrace (>= 4.3) - restriction: || (&& (== net20) (>= netcoreapp1.0)) (&& (== net35) (>= netcoreapp1.0)) (&& (== net40) (>= netcoreapp1.0)) (&& (== net45) (>= netcoreapp1.0)) (&& (== net461) (>= netcoreapp1.0)) (&& (== net471) (>= netcoreapp1.0)) (&& (== net472) (>= netcoreapp1.0)) (&& (== net48) (>= netcoreapp1.0)) (&& (== net5.0-windows7.0) (< netcoreapp2.1)) (&& (== net50) (< netcoreapp2.1)) (== netcoreapp2.0) (&& (== netstandard1.0) (>= netcoreapp1.0)) (&& (== netstandard1.1) (>= netcoreapp1.0)) (&& (== netstandard2.0) (>= netcoreapp1.0))
      System.Diagnostics.TextWriterTraceListener (>= 4.0) - restriction: || (&& (== net20) (>= netcoreapp1.0)) (&& (== net35) (>= netcoreapp1.0)) (&& (== net40) (>= netcoreapp1.0)) (&& (== net45) (>= netcoreapp1.0)) (&& (== net461) (>= netcoreapp1.0)) (&& (== net471) (>= netcoreapp1.0)) (&& (== net472) (>= netcoreapp1.0)) (&& (== net48) (>= netcoreapp1.0)) (&& (== net5.0-windows7.0) (< netcoreapp2.1)) (&& (== net50) (< netcoreapp2.1)) (== netcoreapp2.0) (&& (== netstandard1.0) (>= netcoreapp1.0)) (&& (== netstandard1.1) (>= netcoreapp1.0)) (&& (== netstandard2.0) (>= netcoreapp1.0))
      System.Diagnostics.TraceSource (>= 4.3) - restriction: || (&& (== net20) (>= netcoreapp1.0)) (&& (== net35) (>= netcoreapp1.0)) (&& (== net40) (>= netcoreapp1.0)) (&& (== net45) (>= netcoreapp1.0)) (&& (== net461) (>= netcoreapp1.0)) (&& (== net471) (>= netcoreapp1.0)) (&& (== net472) (>= netcoreapp1.0)) (&& (== net48) (>= netcoreapp1.0)) (&& (== net5.0-windows7.0) (< netcoreapp2.1)) (&& (== net50) (< netcoreapp2.1)) (== netcoreapp2.0) (&& (== netstandard1.0) (>= netcoreapp1.0)) (&& (== netstandard1.1) (>= netcoreapp1.0)) (&& (== netstandard2.0) (>= netcoreapp1.0))
      System.Runtime.InteropServices.RuntimeInformation (>= 4.0) - restriction: || (&& (== net20) (>= netcoreapp1.0)) (&& (== net35) (>= netcoreapp1.0)) (&& (== net40) (>= netcoreapp1.0)) (&& (== net45) (>= netcoreapp1.0)) (&& (== net461) (>= netcoreapp1.0)) (&& (== net471) (>= netcoreapp1.0)) (&& (== net472) (>= netcoreapp1.0)) (&& (== net48) (>= netcoreapp1.0)) (&& (== net5.0-windows7.0) (< netcoreapp2.1)) (&& (== net50) (< netcoreapp2.1)) (== netcoreapp2.0) (&& (== netstandard1.0) (>= netcoreapp1.0)) (&& (== netstandard1.1) (>= netcoreapp1.0)) (&& (== netstandard2.0) (>= netcoreapp1.0))
      System.Runtime.Loader (>= 4.0) - restriction: || (&& (== net20) (>= netcoreapp1.0)) (&& (== net35) (>= netcoreapp1.0)) (&& (== net40) (>= netcoreapp1.0)) (&& (== net45) (>= netcoreapp1.0)) (&& (== net461) (>= netcoreapp1.0)) (&& (== net471) (>= netcoreapp1.0)) (&& (== net472) (>= netcoreapp1.0)) (&& (== net48) (>= netcoreapp1.0)) (&& (== net5.0-windows7.0) (< netcoreapp2.1)) (&& (== net50) (< netcoreapp2.1)) (== netcoreapp2.0) (&& (== netstandard1.0) (>= netcoreapp1.0)) (&& (== netstandard1.1) (>= netcoreapp1.0)) (&& (== netstandard2.0) (>= netcoreapp1.0))
      System.Threading.Thread (>= 4.0) - restriction: || (&& (== net20) (>= netcoreapp1.0)) (&& (== net35) (>= netcoreapp1.0)) (&& (== net40) (>= netcoreapp1.0)) (&& (== net45) (>= netcoreapp1.0)) (&& (== net461) (>= netcoreapp1.0)) (&& (== net471) (>= netcoreapp1.0)) (&& (== net472) (>= netcoreapp1.0)) (&& (== net48) (>= netcoreapp1.0)) (&& (== net5.0-windows7.0) (< netcoreapp2.1)) (&& (== net50) (< netcoreapp2.1)) (== netcoreapp2.0) (&& (== netstandard1.0) (>= netcoreapp1.0)) (&& (== netstandard1.1) (>= netcoreapp1.0)) (&& (== netstandard2.0) (>= netcoreapp1.0))
    Microsoft.VisualStudio.Setup.Configuration.Interop (1.16.30) - restriction: || (&& (== net20) (>= net46)) (&& (== net20) (>= net472)) (&& (== net35) (>= net46)) (&& (== net35) (>= net472)) (&& (== net40) (>= net46)) (&& (== net40) (>= net472)) (&& (== net45) (>= net46)) (&& (== net45) (>= net472)) (== net461) (== net471) (== net472) (== net48) (&& (== net5.0-windows7.0) (>= net46)) (&& (== net5.0-windows7.0) (>= net472)) (&& (== net50) (>= net46)) (&& (== net50) (>= net472)) (&& (== netcoreapp2.0) (>= net46)) (&& (== netcoreapp2.0) (>= net472)) (&& (== netstandard1.0) (>= net46)) (&& (== netstandard1.0) (>= net472)) (&& (== netstandard1.1) (>= net46)) (&& (== netstandard1.1) (>= net472)) (&& (== netstandard2.0) (>= net46)) (&& (== netstandard2.0) (>= net472))
    Microsoft.Win32.Primitives (4.3) - restriction: || (&& (== net20) (== net5.0-windows7.0)) (&& (== net20) (== net50)) (&& (== net20) (>= netcoreapp1.0)) (&& (== net35) (== net5.0-windows7.0)) (&& (== net35) (== net50)) (&& (== net35) (>= netcoreapp1.0)) (&& (== net40) (== net5.0-windows7.0)) (&& (== net40) (== net50)) (&& (== net40) (>= netcoreapp1.0)) (&& (== net45) (== net5.0-windows7.0)) (&& (== net45) (== net50)) (&& (== net45) (>= netcoreapp1.0)) (&& (== net461) (== net5.0-windows7.0)) (&& (== net461) (== net50)) (&& (== net461) (>= netcoreapp1.0)) (&& (== net471) (== net5.0-windows7.0)) (&& (== net471) (== net50)) (&& (== net471) (>= netcoreapp1.0)) (&& (== net472) (== net5.0-windows7.0)) (&& (== net472) (== net50)) (&& (== net472) (>= netcoreapp1.0)) (&& (== net48) (== net5.0-windows7.0)) (&& (== net48) (== net50)) (&& (== net48) (>= netcoreapp1.0)) (&& (== net5.0-windows7.0) (== netstandard1.0)) (&& (== net5.0-windows7.0) (== netstandard1.1)) (&& (== net5.0-windows7.0) (== netstandard2.0)) (&& (== net5.0-windows7.0) (< netcoreapp2.1)) (&& (== net50) (== netstandard1.0)) (&& (== net50) (== netstandard1.1)) (&& (== net50) (== netstandard2.0)) (&& (== net50) (< netcoreapp2.1)) (== netcoreapp2.0) (&& (== netstandard1.0) (>= netcoreapp1.0)) (&& (== netstandard1.1) (>= netcoreapp1.0)) (&& (== netstandard2.0) (>= netcoreapp1.0))
      Microsoft.NETCore.Platforms (>= 1.1) - restriction: || (&& (== net20) (>= netstandard1.3)) (&& (== net35) (>= netstandard1.3)) (&& (== net40) (>= netstandard1.3)) (&& (== net45) (>= netstandard1.3)) (&& (== net461) (< net46)) (&& (== net471) (< net46)) (&& (== net472) (< net46)) (&& (== net48) (< net46)) (== net5.0-windows7.0) (== net50) (== netcoreapp2.0) (&& (== netstandard1.0) (>= netstandard1.3)) (&& (== netstandard1.1) (>= netstandard1.3)) (== netstandard2.0)
      Microsoft.NETCore.Targets (>= 1.1) - restriction: || (&& (== net20) (>= netstandard1.3)) (&& (== net35) (>= netstandard1.3)) (&& (== net40) (>= netstandard1.3)) (&& (== net45) (>= netstandard1.3)) (&& (== net461) (< net46)) (&& (== net471) (< net46)) (&& (== net472) (< net46)) (&& (== net48) (< net46)) (== net5.0-windows7.0) (== net50) (== netcoreapp2.0) (&& (== netstandard1.0) (>= netstandard1.3)) (&& (== netstandard1.1) (>= netstandard1.3)) (== netstandard2.0)
      System.Runtime (>= 4.3) - restriction: || (&& (== net20) (>= netstandard1.3)) (&& (== net35) (>= netstandard1.3)) (&& (== net40) (>= netstandard1.3)) (&& (== net45) (>= netstandard1.3)) (&& (== net461) (< net46)) (&& (== net471) (< net46)) (&& (== net472) (< net46)) (&& (== net48) (< net46)) (== net5.0-windows7.0) (== net50) (== netcoreapp2.0) (&& (== netstandard1.0) (>= netstandard1.3)) (&& (== netstandard1.1) (>= netstandard1.3)) (== netstandard2.0)
    Microsoft.Win32.Registry (5.0)
      System.Buffers (>= 4.5.1) - restriction: || (&& (== net20) (>= monoandroid)) (&& (== net20) (>= monotouch)) (&& (== net20) (>= netstandard2.0)) (&& (== net20) (>= xamarinios)) (&& (== net20) (>= xamarinmac)) (&& (== net20) (>= xamarintvos)) (&& (== net20) (>= xamarinwatchos)) (&& (== net35) (>= monoandroid)) (&& (== net35) (>= monotouch)) (&& (== net35) (>= netstandard2.0)) (&& (== net35) (>= xamarinios)) (&& (== net35) (>= xamarinmac)) (&& (== net35) (>= xamarintvos)) (&& (== net35) (>= xamarinwatchos)) (&& (== net40) (>= monoandroid)) (&& (== net40) (>= monotouch)) (&& (== net40) (>= netstandard2.0)) (&& (== net40) (>= xamarinios)) (&& (== net40) (>= xamarinmac)) (&& (== net40) (>= xamarintvos)) (&& (== net40) (>= xamarinwatchos)) (&& (== net45) (>= monoandroid)) (&& (== net45) (>= monotouch)) (&& (== net45) (>= netstandard2.0)) (&& (== net45) (>= xamarinios)) (&& (== net45) (>= xamarinmac)) (&& (== net45) (>= xamarintvos)) (&& (== net45) (>= xamarinwatchos)) (&& (== net461) (>= monoandroid)) (&& (== net461) (>= monotouch)) (&& (== net461) (< net46) (>= netstandard2.0)) (&& (== net461) (>= xamarinios)) (&& (== net461) (>= xamarinmac)) (&& (== net461) (>= xamarintvos)) (&& (== net461) (>= xamarinwatchos)) (&& (== net471) (>= monoandroid)) (&& (== net471) (>= monotouch)) (&& (== net471) (< net46)) (&& (== net471) (>= xamarinios)) (&& (== net471) (>= xamarinmac)) (&& (== net471) (>= xamarintvos)) (&& (== net471) (>= xamarinwatchos)) (&& (== net472) (>= monoandroid)) (&& (== net472) (>= monotouch)) (&& (== net472) (< net46)) (&& (== net472) (>= xamarinios)) (&& (== net472) (>= xamarinmac)) (&& (== net472) (>= xamarintvos)) (&& (== net472) (>= xamarinwatchos)) (&& (== net48) (>= monoandroid)) (&& (== net48) (>= monotouch)) (&& (== net48) (< net46)) (&& (== net48) (>= xamarinios)) (&& (== net48) (>= xamarinmac)) (&& (== net48) (>= xamarintvos)) (&& (== net48) (>= xamarinwatchos)) (&& (== net5.0-windows7.0) (>= monotouch)) (&& (== net5.0-windows7.0) (< netcoreapp2.0)) (&& (== net5.0-windows7.0) (>= xamarinios)) (&& (== net5.0-windows7.0) (>= xamarinmac)) (&& (== net5.0-windows7.0) (>= xamarintvos)) (&& (== net5.0-windows7.0) (>= xamarinwatchos)) (&& (== net50) (>= monotouch)) (&& (== net50) (< netcoreapp2.0)) (&& (== net50) (>= xamarinios)) (&& (== net50) (>= xamarinmac)) (&& (== net50) (>= xamarintvos)) (&& (== net50) (>= xamarinwatchos)) (&& (== netcoreapp2.0) (>= monotouch)) (&& (== netcoreapp2.0) (>= xamarinios)) (&& (== netcoreapp2.0) (>= xamarinmac)) (&& (== netcoreapp2.0) (>= xamarintvos)) (&& (== netcoreapp2.0) (>= xamarinwatchos)) (&& (== netstandard1.0) (>= monoandroid)) (&& (== netstandard1.0) (>= monotouch)) (&& (== netstandard1.0) (>= netstandard2.0)) (&& (== netstandard1.0) (>= xamarinios)) (&& (== netstandard1.0) (>= xamarinmac)) (&& (== netstandard1.0) (>= xamarintvos)) (&& (== netstandard1.0) (>= xamarinwatchos)) (&& (== netstandard1.1) (>= monoandroid)) (&& (== netstandard1.1) (>= monotouch)) (&& (== netstandard1.1) (>= netstandard2.0)) (&& (== netstandard1.1) (>= xamarinios)) (&& (== netstandard1.1) (>= xamarinmac)) (&& (== netstandard1.1) (>= xamarintvos)) (&& (== netstandard1.1) (>= xamarinwatchos)) (== netstandard2.0)
      System.Memory (>= 4.5.4) - restriction: || (&& (== net20) (>= netcoreapp2.0)) (&& (== net20) (>= netstandard2.0)) (&& (== net20) (>= uap10.1)) (&& (== net35) (>= netcoreapp2.0)) (&& (== net35) (>= netstandard2.0)) (&& (== net35) (>= uap10.1)) (&& (== net40) (>= netcoreapp2.0)) (&& (== net40) (>= netstandard2.0)) (&& (== net40) (>= uap10.1)) (&& (== net45) (>= netcoreapp2.0)) (&& (== net45) (>= netstandard2.0)) (&& (== net45) (>= uap10.1)) (&& (== net461) (< net46) (>= netstandard2.0)) (&& (== net461) (>= netcoreapp2.0)) (&& (== net461) (>= uap10.1)) (&& (== net471) (< net46)) (&& (== net471) (>= netcoreapp2.0)) (&& (== net471) (>= uap10.1)) (&& (== net472) (< net46)) (&& (== net472) (>= netcoreapp2.0)) (&& (== net472) (>= uap10.1)) (&& (== net48) (< net46)) (&& (== net48) (>= netcoreapp2.0)) (&& (== net48) (>= uap10.1)) (&& (== net5.0-windows7.0) (< netcoreapp2.0)) (&& (== net5.0-windows7.0) (< netcoreapp2.1)) (&& (== net5.0-windows7.0) (>= uap10.1)) (&& (== net50) (< netcoreapp2.0)) (&& (== net50) (< netcoreapp2.1)) (&& (== net50) (>= uap10.1)) (== netcoreapp2.0) (&& (== netstandard1.0) (>= netcoreapp2.0)) (&& (== netstandard1.0) (>= netstandard2.0)) (&& (== netstandard1.0) (>= uap10.1)) (&& (== netstandard1.1) (>= netcoreapp2.0)) (&& (== netstandard1.1) (>= netstandard2.0)) (&& (== netstandard1.1) (>= uap10.1)) (== netstandard2.0)
      System.Security.AccessControl (>= 5.0) - restriction: || (&& (== net20) (>= monoandroid)) (&& (== net20) (>= monotouch)) (&& (== net20) (>= net461)) (&& (== net20) (>= netcoreapp2.0)) (&& (== net20) (>= netcoreapp2.1)) (&& (== net20) (>= netstandard2.0)) (&& (== net20) (>= uap10.1)) (&& (== net20) (>= xamarinios)) (&& (== net20) (>= xamarinmac)) (&& (== net20) (>= xamarintvos)) (&& (== net20) (>= xamarinwatchos)) (&& (== net35) (>= monoandroid)) (&& (== net35) (>= monotouch)) (&& (== net35) (>= net461)) (&& (== net35) (>= netcoreapp2.0)) (&& (== net35) (>= netcoreapp2.1)) (&& (== net35) (>= netstandard2.0)) (&& (== net35) (>= uap10.1)) (&& (== net35) (>= xamarinios)) (&& (== net35) (>= xamarinmac)) (&& (== net35) (>= xamarintvos)) (&& (== net35) (>= xamarinwatchos)) (&& (== net40) (>= monoandroid)) (&& (== net40) (>= monotouch)) (&& (== net40) (>= net461)) (&& (== net40) (>= netcoreapp2.0)) (&& (== net40) (>= netcoreapp2.1)) (&& (== net40) (>= netstandard2.0)) (&& (== net40) (>= uap10.1)) (&& (== net40) (>= xamarinios)) (&& (== net40) (>= xamarinmac)) (&& (== net40) (>= xamarintvos)) (&& (== net40) (>= xamarinwatchos)) (&& (== net45) (>= monoandroid)) (&& (== net45) (>= monotouch)) (&& (== net45) (>= net461)) (&& (== net45) (>= netcoreapp2.0)) (&& (== net45) (>= netcoreapp2.1)) (&& (== net45) (>= netstandard2.0)) (&& (== net45) (>= uap10.1)) (&& (== net45) (>= xamarinios)) (&& (== net45) (>= xamarinmac)) (&& (== net45) (>= xamarintvos)) (&& (== net45) (>= xamarinwatchos)) (== net461) (== net471) (== net472) (== net48) (== net5.0-windows7.0) (== net50) (== netcoreapp2.0) (&& (== netstandard1.0) (>= monoandroid)) (&& (== netstandard1.0) (>= monotouch)) (&& (== netstandard1.0) (>= net461)) (&& (== netstandard1.0) (>= netcoreapp2.0)) (&& (== netstandard1.0) (>= netcoreapp2.1)) (&& (== netstandard1.0) (>= netstandard2.0)) (&& (== netstandard1.0) (>= uap10.1)) (&& (== netstandard1.0) (>= xamarinios)) (&& (== netstandard1.0) (>= xamarinmac)) (&& (== netstandard1.0) (>= xamarintvos)) (&& (== netstandard1.0) (>= xamarinwatchos)) (&& (== netstandard1.1) (>= monoandroid)) (&& (== netstandard1.1) (>= monotouch)) (&& (== netstandard1.1) (>= net461)) (&& (== netstandard1.1) (>= netcoreapp2.0)) (&& (== netstandard1.1) (>= netcoreapp2.1)) (&& (== netstandard1.1) (>= netstandard2.0)) (&& (== netstandard1.1) (>= uap10.1)) (&& (== netstandard1.1) (>= xamarinios)) (&& (== netstandard1.1) (>= xamarinmac)) (&& (== netstandard1.1) (>= xamarintvos)) (&& (== netstandard1.1) (>= xamarinwatchos)) (== netstandard2.0)
      System.Security.Principal.Windows (>= 5.0) - restriction: || (&& (== net20) (>= monoandroid)) (&& (== net20) (>= monotouch)) (&& (== net20) (>= net461)) (&& (== net20) (>= netcoreapp2.0)) (&& (== net20) (>= netcoreapp2.1)) (&& (== net20) (>= netstandard2.0)) (&& (== net20) (>= uap10.1)) (&& (== net20) (>= xamarinios)) (&& (== net20) (>= xamarinmac)) (&& (== net20) (>= xamarintvos)) (&& (== net20) (>= xamarinwatchos)) (&& (== net35) (>= monoandroid)) (&& (== net35) (>= monotouch)) (&& (== net35) (>= net461)) (&& (== net35) (>= netcoreapp2.0)) (&& (== net35) (>= netcoreapp2.1)) (&& (== net35) (>= netstandard2.0)) (&& (== net35) (>= uap10.1)) (&& (== net35) (>= xamarinios)) (&& (== net35) (>= xamarinmac)) (&& (== net35) (>= xamarintvos)) (&& (== net35) (>= xamarinwatchos)) (&& (== net40) (>= monoandroid)) (&& (== net40) (>= monotouch)) (&& (== net40) (>= net461)) (&& (== net40) (>= netcoreapp2.0)) (&& (== net40) (>= netcoreapp2.1)) (&& (== net40) (>= netstandard2.0)) (&& (== net40) (>= uap10.1)) (&& (== net40) (>= xamarinios)) (&& (== net40) (>= xamarinmac)) (&& (== net40) (>= xamarintvos)) (&& (== net40) (>= xamarinwatchos)) (&& (== net45) (>= monoandroid)) (&& (== net45) (>= monotouch)) (&& (== net45) (>= net461)) (&& (== net45) (>= netcoreapp2.0)) (&& (== net45) (>= netcoreapp2.1)) (&& (== net45) (>= netstandard2.0)) (&& (== net45) (>= uap10.1)) (&& (== net45) (>= xamarinios)) (&& (== net45) (>= xamarinmac)) (&& (== net45) (>= xamarintvos)) (&& (== net45) (>= xamarinwatchos)) (== net461) (== net471) (== net472) (== net48) (== net5.0-windows7.0) (== net50) (== netcoreapp2.0) (&& (== netstandard1.0) (>= monoandroid)) (&& (== netstandard1.0) (>= monotouch)) (&& (== netstandard1.0) (>= net461)) (&& (== netstandard1.0) (>= netcoreapp2.0)) (&& (== netstandard1.0) (>= netcoreapp2.1)) (&& (== netstandard1.0) (>= netstandard2.0)) (&& (== netstandard1.0) (>= uap10.1)) (&& (== netstandard1.0) (>= xamarinios)) (&& (== netstandard1.0) (>= xamarinmac)) (&& (== netstandard1.0) (>= xamarintvos)) (&& (== netstandard1.0) (>= xamarinwatchos)) (&& (== netstandard1.1) (>= monoandroid)) (&& (== netstandard1.1) (>= monotouch)) (&& (== netstandard1.1) (>= net461)) (&& (== netstandard1.1) (>= netcoreapp2.0)) (&& (== netstandard1.1) (>= netcoreapp2.1)) (&& (== netstandard1.1) (>= netstandard2.0)) (&& (== netstandard1.1) (>= uap10.1)) (&& (== netstandard1.1) (>= xamarinios)) (&& (== netstandard1.1) (>= xamarinmac)) (&& (== netstandard1.1) (>= xamarintvos)) (&& (== netstandard1.1) (>= xamarinwatchos)) (== netstandard2.0)
    Microsoft.Win32.Registry.AccessControl (5.0) - restriction: || (&& (== net20) (== net471)) (&& (== net20) (== net472)) (&& (== net20) (== net48)) (&& (== net20) (>= netcoreapp2.0)) (&& (== net20) (>= netcoreapp2.1)) (&& (== net20) (>= netcoreapp3.0)) (&& (== net20) (>= netstandard2.0)) (&& (== net20) (>= netstandard2.1)) (&& (== net35) (== net471)) (&& (== net35) (== net472)) (&& (== net35) (== net48)) (&& (== net35) (>= netcoreapp2.0)) (&& (== net35) (>= netcoreapp2.1)) (&& (== net35) (>= netcoreapp3.0)) (&& (== net35) (>= netstandard2.0)) (&& (== net35) (>= netstandard2.1)) (&& (== net40) (== net471)) (&& (== net40) (== net472)) (&& (== net40) (== net48)) (&& (== net40) (>= netcoreapp2.0)) (&& (== net40) (>= netcoreapp2.1)) (&& (== net40) (>= netcoreapp3.0)) (&& (== net40) (>= netstandard2.0)) (&& (== net40) (>= netstandard2.1)) (&& (== net45) (== net471)) (&& (== net45) (== net472)) (&& (== net45) (== net48)) (&& (== net45) (>= netcoreapp2.0)) (&& (== net45) (>= netcoreapp2.1)) (&& (== net45) (>= netcoreapp3.0)) (&& (== net45) (>= netstandard2.0)) (&& (== net45) (>= netstandard2.1)) (&& (== net461) (>= netcoreapp3.0)) (&& (== net461) (>= netstandard2.1)) (&& (== net471) (== netstandard1.0)) (&& (== net471) (== netstandard1.1)) (&& (== net471) (< net461)) (&& (== net471) (>= netcoreapp2.0)) (&& (== net471) (>= netcoreapp2.1)) (&& (== net471) (>= netcoreapp3.0)) (&& (== net471) (>= netstandard2.1)) (&& (== net472) (== netstandard1.0)) (&& (== net472) (== netstandard1.1)) (&& (== net472) (< net461)) (&& (== net472) (>= netcoreapp2.0)) (&& (== net472) (>= netcoreapp2.1)) (&& (== net472) (>= netcoreapp3.0)) (&& (== net472) (>= netstandard2.1)) (&& (== net48) (== netstandard1.0)) (&& (== net48) (== netstandard1.1)) (&& (== net48) (< net461)) (&& (== net48) (>= netcoreapp2.0)) (&& (== net48) (>= netcoreapp2.1)) (&& (== net48) (>= netcoreapp3.0)) (&& (== net48) (>= netstandard2.1)) (== net5.0-windows7.0) (== net50) (== netcoreapp2.0) (&& (== netstandard1.0) (>= netcoreapp2.0)) (&& (== netstandard1.0) (>= netcoreapp2.1)) (&& (== netstandard1.0) (>= netcoreapp3.0)) (&& (== netstandard1.0) (>= netstandard2.0)) (&& (== netstandard1.0) (>= netstandard2.1)) (&& (== netstandard1.1) (>= netcoreapp2.0)) (&& (== netstandard1.1) (>= netcoreapp2.1)) (&& (== netstandard1.1) (>= netcoreapp3.0)) (&& (== netstandard1.1) (>= netstandard2.0)) (&& (== netstandard1.1) (>= netstandard2.1)) (== netstandard2.0)
      Microsoft.Win32.Registry (>= 5.0) - restriction: || (&& (== net20) (>= net46)) (&& (== net20) (>= net461)) (&& (== net20) (>= netstandard1.3)) (&& (== net20) (>= netstandard2.0)) (&& (== net35) (>= net46)) (&& (== net35) (>= net461)) (&& (== net35) (>= netstandard1.3)) (&& (== net35) (>= netstandard2.0)) (&& (== net40) (>= net46)) (&& (== net40) (>= net461)) (&& (== net40) (>= netstandard1.3)) (&& (== net40) (>= netstandard2.0)) (&& (== net45) (>= net46)) (&& (== net45) (>= net461)) (&& (== net45) (>= netstandard1.3)) (&& (== net45) (>= netstandard2.0)) (== net461) (== net471) (== net472) (== net48) (== net5.0-windows7.0) (== net50) (== netcoreapp2.0) (&& (== netstandard1.0) (>= net46)) (&& (== netstandard1.0) (>= net461)) (&& (== netstandard1.0) (>= netstandard1.3)) (&& (== netstandard1.0) (>= netstandard2.0)) (&& (== netstandard1.1) (>= net46)) (&& (== netstandard1.1) (>= net461)) (&& (== netstandard1.1) (>= netstandard1.3)) (&& (== netstandard1.1) (>= netstandard2.0)) (== netstandard2.0)
      System.Security.AccessControl (>= 5.0) - restriction: || (&& (== net20) (>= net46)) (&& (== net20) (>= net461)) (&& (== net20) (>= netstandard1.3)) (&& (== net20) (>= netstandard2.0)) (&& (== net35) (>= net46)) (&& (== net35) (>= net461)) (&& (== net35) (>= netstandard1.3)) (&& (== net35) (>= netstandard2.0)) (&& (== net40) (>= net46)) (&& (== net40) (>= net461)) (&& (== net40) (>= netstandard1.3)) (&& (== net40) (>= netstandard2.0)) (&& (== net45) (>= net46)) (&& (== net45) (>= net461)) (&& (== net45) (>= netstandard1.3)) (&& (== net45) (>= netstandard2.0)) (== net461) (== net471) (== net472) (== net48) (== net5.0-windows7.0) (== net50) (== netcoreapp2.0) (&& (== netstandard1.0) (>= net46)) (&& (== netstandard1.0) (>= net461)) (&& (== netstandard1.0) (>= netstandard1.3)) (&& (== netstandard1.0) (>= netstandard2.0)) (&& (== netstandard1.1) (>= net46)) (&& (== netstandard1.1) (>= net461)) (&& (== netstandard1.1) (>= netstandard1.3)) (&& (== netstandard1.1) (>= netstandard2.0)) (== netstandard2.0)
    Microsoft.Win32.SystemEvents (5.0) - restriction: || (&& (== net20) (== net471)) (&& (== net20) (== net472)) (&& (== net20) (== net48)) (&& (== net20) (>= netcoreapp2.0)) (&& (== net20) (>= netcoreapp2.1)) (&& (== net20) (>= netcoreapp3.0)) (&& (== net20) (>= netstandard2.0)) (&& (== net20) (>= netstandard2.1)) (&& (== net35) (== net471)) (&& (== net35) (== net472)) (&& (== net35) (== net48)) (&& (== net35) (>= netcoreapp2.0)) (&& (== net35) (>= netcoreapp2.1)) (&& (== net35) (>= netcoreapp3.0)) (&& (== net35) (>= netstandard2.0)) (&& (== net35) (>= netstandard2.1)) (&& (== net40) (== net471)) (&& (== net40) (== net472)) (&& (== net40) (== net48)) (&& (== net40) (>= netcoreapp2.0)) (&& (== net40) (>= netcoreapp2.1)) (&& (== net40) (>= netcoreapp3.0)) (&& (== net40) (>= netstandard2.0)) (&& (== net40) (>= netstandard2.1)) (&& (== net45) (== net471)) (&& (== net45) (== net472)) (&& (== net45) (== net48)) (&& (== net45) (>= netcoreapp2.0)) (&& (== net45) (>= netcoreapp2.1)) (&& (== net45) (>= netcoreapp3.0)) (&& (== net45) (>= netstandard2.0)) (&& (== net45) (>= netstandard2.1)) (&& (== net461) (>= netcoreapp3.0)) (&& (== net461) (>= netstandard2.1)) (&& (== net471) (== netstandard1.0)) (&& (== net471) (== netstandard1.1)) (&& (== net471) (< net461)) (&& (== net471) (>= netcoreapp2.0)) (&& (== net471) (>= netcoreapp2.1)) (&& (== net471) (>= netcoreapp3.0)) (&& (== net471) (>= netstandard2.1)) (&& (== net472) (== netstandard1.0)) (&& (== net472) (== netstandard1.1)) (&& (== net472) (< net461)) (&& (== net472) (>= netcoreapp2.0)) (&& (== net472) (>= netcoreapp2.1)) (&& (== net472) (>= netcoreapp3.0)) (&& (== net472) (>= netstandard2.1)) (&& (== net48) (== netstandard1.0)) (&& (== net48) (== netstandard1.1)) (&& (== net48) (< net461)) (&& (== net48) (>= netcoreapp2.0)) (&& (== net48) (>= netcoreapp2.1)) (&& (== net48) (>= netcoreapp3.0)) (&& (== net48) (>= netstandard2.1)) (== net5.0-windows7.0) (== net50) (== netcoreapp2.0) (&& (== netstandard1.0) (>= netcoreapp2.0)) (&& (== netstandard1.0) (>= netcoreapp2.1)) (&& (== netstandard1.0) (>= netcoreapp3.0)) (&& (== netstandard1.0) (>= netstandard2.0)) (&& (== netstandard1.0) (>= netstandard2.1)) (&& (== netstandard1.1) (>= netcoreapp2.0)) (&& (== netstandard1.1) (>= netcoreapp2.1)) (&& (== netstandard1.1) (>= netcoreapp3.0)) (&& (== netstandard1.1) (>= netstandard2.0)) (&& (== netstandard1.1) (>= netstandard2.1)) (== netstandard2.0)
      Microsoft.NETCore.Platforms (>= 5.0) - restriction: || (&& (== net20) (>= netcoreapp2.0)) (&& (== net35) (>= netcoreapp2.0)) (&& (== net40) (>= netcoreapp2.0)) (&& (== net45) (>= netcoreapp2.0)) (&& (== net461) (>= netcoreapp2.0)) (&& (== net471) (>= netcoreapp2.0)) (&& (== net472) (>= netcoreapp2.0)) (&& (== net48) (>= netcoreapp2.0)) (== net5.0-windows7.0) (== net50) (== netcoreapp2.0) (&& (== netstandard1.0) (>= netcoreapp2.0)) (&& (== netstandard1.1) (>= netcoreapp2.0)) (&& (== netstandard2.0) (>= netcoreapp2.0))
    Microsoft.Windows.Compatibility (5.0.2) - restriction: || (&& (== net20) (== net471)) (&& (== net20) (== net472)) (&& (== net20) (== net48)) (&& (== net20) (>= netstandard2.0)) (&& (== net20) (>= netstandard2.1)) (&& (== net35) (== net471)) (&& (== net35) (== net472)) (&& (== net35) (== net48)) (&& (== net35) (>= netstandard2.0)) (&& (== net35) (>= netstandard2.1)) (&& (== net40) (== net471)) (&& (== net40) (== net472)) (&& (== net40) (== net48)) (&& (== net40) (>= netstandard2.0)) (&& (== net40) (>= netstandard2.1)) (&& (== net45) (== net471)) (&& (== net45) (== net472)) (&& (== net45) (== net48)) (&& (== net45) (>= netstandard2.0)) (&& (== net45) (>= netstandard2.1)) (&& (== net461) (>= netstandard2.1)) (&& (== net471) (== netstandard1.0)) (&& (== net471) (== netstandard1.1)) (&& (== net471) (< net461)) (&& (== net471) (>= netstandard2.1)) (&& (== net472) (== netstandard1.0)) (&& (== net472) (== netstandard1.1)) (&& (== net472) (< net461)) (&& (== net472) (>= netstandard2.1)) (&& (== net48) (== netstandard1.0)) (&& (== net48) (== netstandard1.1)) (&& (== net48) (< net461)) (&& (== net48) (>= netstandard2.1)) (== net5.0-windows7.0) (== net50) (== netcoreapp2.0) (&& (== netstandard1.0) (>= netstandard2.0)) (&& (== netstandard1.0) (>= netstandard2.1)) (&& (== netstandard1.1) (>= netstandard2.0)) (&& (== netstandard1.1) (>= netstandard2.1)) (== netstandard2.0)
      Microsoft.Win32.Registry (>= 5.0) - restriction: || (&& (== net20) (>= netcoreapp2.0)) (&& (== net20) (>= netcoreapp2.1)) (&& (== net20) (>= netcoreapp3.0)) (&& (== net20) (>= netstandard2.0)) (&& (== net20) (>= netstandard2.1)) (&& (== net35) (>= netcoreapp2.0)) (&& (== net35) (>= netcoreapp2.1)) (&& (== net35) (>= netcoreapp3.0)) (&& (== net35) (>= netstandard2.0)) (&& (== net35) (>= netstandard2.1)) (&& (== net40) (>= netcoreapp2.0)) (&& (== net40) (>= netcoreapp2.1)) (&& (== net40) (>= netcoreapp3.0)) (&& (== net40) (>= netstandard2.0)) (&& (== net40) (>= netstandard2.1)) (&& (== net45) (>= netcoreapp2.0)) (&& (== net45) (>= netcoreapp2.1)) (&& (== net45) (>= netcoreapp3.0)) (&& (== net45) (>= netstandard2.0)) (&& (== net45) (>= netstandard2.1)) (&& (== net461) (>= netcoreapp2.0)) (&& (== net461) (>= netcoreapp2.1)) (&& (== net461) (>= netcoreapp3.0)) (&& (== net461) (>= netstandard2.0)) (&& (== net461) (>= netstandard2.1)) (== net471) (== net472) (== net48) (== net5.0-windows7.0) (== net50) (== netcoreapp2.0) (&& (== netstandard1.0) (>= netcoreapp2.0)) (&& (== netstandard1.0) (>= netcoreapp2.1)) (&& (== netstandard1.0) (>= netcoreapp3.0)) (&& (== netstandard1.0) (>= netstandard2.0)) (&& (== netstandard1.0) (>= netstandard2.1)) (&& (== netstandard1.1) (>= netcoreapp2.0)) (&& (== netstandard1.1) (>= netcoreapp2.1)) (&& (== netstandard1.1) (>= netcoreapp3.0)) (&& (== netstandard1.1) (>= netstandard2.0)) (&& (== netstandard1.1) (>= netstandard2.1)) (== netstandard2.0)
      Microsoft.Win32.Registry.AccessControl (>= 5.0) - restriction: || (&& (== net20) (>= netcoreapp2.0)) (&& (== net20) (>= netcoreapp2.1)) (&& (== net20) (>= netcoreapp3.0)) (&& (== net20) (>= netstandard2.0)) (&& (== net20) (>= netstandard2.1)) (&& (== net35) (>= netcoreapp2.0)) (&& (== net35) (>= netcoreapp2.1)) (&& (== net35) (>= netcoreapp3.0)) (&& (== net35) (>= netstandard2.0)) (&& (== net35) (>= netstandard2.1)) (&& (== net40) (>= netcoreapp2.0)) (&& (== net40) (>= netcoreapp2.1)) (&& (== net40) (>= netcoreapp3.0)) (&& (== net40) (>= netstandard2.0)) (&& (== net40) (>= netstandard2.1)) (&& (== net45) (>= netcoreapp2.0)) (&& (== net45) (>= netcoreapp2.1)) (&& (== net45) (>= netcoreapp3.0)) (&& (== net45) (>= netstandard2.0)) (&& (== net45) (>= netstandard2.1)) (&& (== net461) (>= netcoreapp2.0)) (&& (== net461) (>= netcoreapp2.1)) (&& (== net461) (>= netcoreapp3.0)) (&& (== net461) (>= netstandard2.0)) (&& (== net461) (>= netstandard2.1)) (== net471) (== net472) (== net48) (== net5.0-windows7.0) (== net50) (== netcoreapp2.0) (&& (== netstandard1.0) (>= netcoreapp2.0)) (&& (== netstandard1.0) (>= netcoreapp2.1)) (&& (== netstandard1.0) (>= netcoreapp3.0)) (&& (== netstandard1.0) (>= netstandard2.0)) (&& (== netstandard1.0) (>= netstandard2.1)) (&& (== netstandard1.1) (>= netcoreapp2.0)) (&& (== netstandard1.1) (>= netcoreapp2.1)) (&& (== netstandard1.1) (>= netcoreapp3.0)) (&& (== netstandard1.1) (>= netstandard2.0)) (&& (== netstandard1.1) (>= netstandard2.1)) (== netstandard2.0)
      Microsoft.Win32.SystemEvents (>= 5.0) - restriction: || (&& (== net20) (>= netcoreapp2.0)) (&& (== net20) (>= netcoreapp2.1)) (&& (== net20) (>= netcoreapp3.0)) (&& (== net20) (>= netstandard2.0)) (&& (== net20) (>= netstandard2.1)) (&& (== net35) (>= netcoreapp2.0)) (&& (== net35) (>= netcoreapp2.1)) (&& (== net35) (>= netcoreapp3.0)) (&& (== net35) (>= netstandard2.0)) (&& (== net35) (>= netstandard2.1)) (&& (== net40) (>= netcoreapp2.0)) (&& (== net40) (>= netcoreapp2.1)) (&& (== net40) (>= netcoreapp3.0)) (&& (== net40) (>= netstandard2.0)) (&& (== net40) (>= netstandard2.1)) (&& (== net45) (>= netcoreapp2.0)) (&& (== net45) (>= netcoreapp2.1)) (&& (== net45) (>= netcoreapp3.0)) (&& (== net45) (>= netstandard2.0)) (&& (== net45) (>= netstandard2.1)) (&& (== net461) (>= netcoreapp2.0)) (&& (== net461) (>= netcoreapp2.1)) (&& (== net461) (>= netcoreapp3.0)) (&& (== net461) (>= netstandard2.0)) (&& (== net461) (>= netstandard2.1)) (== net471) (== net472) (== net48) (== net5.0-windows7.0) (== net50) (== netcoreapp2.0) (&& (== netstandard1.0) (>= netcoreapp2.0)) (&& (== netstandard1.0) (>= netcoreapp2.1)) (&& (== netstandard1.0) (>= netcoreapp3.0)) (&& (== netstandard1.0) (>= netstandard2.0)) (&& (== netstandard1.0) (>= netstandard2.1)) (&& (== netstandard1.1) (>= netcoreapp2.0)) (&& (== netstandard1.1) (>= netcoreapp2.1)) (&& (== netstandard1.1) (>= netcoreapp3.0)) (&& (== netstandard1.1) (>= netstandard2.0)) (&& (== netstandard1.1) (>= netstandard2.1)) (== netstandard2.0)
      Microsoft.Windows.Compatibility.Shims (>= 2.0.1) - restriction: || (&& (== net20) (>= netcoreapp2.0)) (&& (== net35) (>= netcoreapp2.0)) (&& (== net40) (>= netcoreapp2.0)) (&& (== net45) (>= netcoreapp2.0)) (&& (== net461) (>= netcoreapp2.0)) (&& (== net471) (>= netcoreapp2.0)) (&& (== net472) (>= netcoreapp2.0)) (&& (== net48) (>= netcoreapp2.0)) (&& (== net5.0-windows7.0) (< netcoreapp2.1) (< netstandard2.1)) (&& (== net50) (< netcoreapp2.1) (< netstandard2.1)) (== netcoreapp2.0) (&& (== netstandard1.0) (>= netcoreapp2.0)) (&& (== netstandard1.1) (>= netcoreapp2.0)) (&& (== netstandard2.0) (>= netcoreapp2.0))
      System.CodeDom (>= 5.0) - restriction: || (&& (== net20) (>= netcoreapp2.0)) (&& (== net20) (>= netcoreapp2.1)) (&& (== net20) (>= netcoreapp3.0)) (&& (== net20) (>= netstandard2.0)) (&& (== net20) (>= netstandard2.1)) (&& (== net35) (>= netcoreapp2.0)) (&& (== net35) (>= netcoreapp2.1)) (&& (== net35) (>= netcoreapp3.0)) (&& (== net35) (>= netstandard2.0)) (&& (== net35) (>= netstandard2.1)) (&& (== net40) (>= netcoreapp2.0)) (&& (== net40) (>= netcoreapp2.1)) (&& (== net40) (>= netcoreapp3.0)) (&& (== net40) (>= netstandard2.0)) (&& (== net40) (>= netstandard2.1)) (&& (== net45) (>= netcoreapp2.0)) (&& (== net45) (>= netcoreapp2.1)) (&& (== net45) (>= netcoreapp3.0)) (&& (== net45) (>= netstandard2.0)) (&& (== net45) (>= netstandard2.1)) (&& (== net461) (>= netcoreapp2.0)) (&& (== net461) (>= netcoreapp2.1)) (&& (== net461) (>= netcoreapp3.0)) (&& (== net461) (>= netstandard2.0)) (&& (== net461) (>= netstandard2.1)) (== net471) (== net472) (== net48) (== net5.0-windows7.0) (== net50) (== netcoreapp2.0) (&& (== netstandard1.0) (>= netcoreapp2.0)) (&& (== netstandard1.0) (>= netcoreapp2.1)) (&& (== netstandard1.0) (>= netcoreapp3.0)) (&& (== netstandard1.0) (>= netstandard2.0)) (&& (== netstandard1.0) (>= netstandard2.1)) (&& (== netstandard1.1) (>= netcoreapp2.0)) (&& (== netstandard1.1) (>= netcoreapp2.1)) (&& (== netstandard1.1) (>= netcoreapp3.0)) (&& (== netstandard1.1) (>= netstandard2.0)) (&& (== netstandard1.1) (>= netstandard2.1)) (== netstandard2.0)
      System.ComponentModel.Composition (>= 5.0) - restriction: || (&& (== net20) (>= netcoreapp2.0)) (&& (== net20) (>= netcoreapp2.1)) (&& (== net20) (>= netcoreapp3.0)) (&& (== net20) (>= netstandard2.0)) (&& (== net20) (>= netstandard2.1)) (&& (== net35) (>= netcoreapp2.0)) (&& (== net35) (>= netcoreapp2.1)) (&& (== net35) (>= netcoreapp3.0)) (&& (== net35) (>= netstandard2.0)) (&& (== net35) (>= netstandard2.1)) (&& (== net40) (>= netcoreapp2.0)) (&& (== net40) (>= netcoreapp2.1)) (&& (== net40) (>= netcoreapp3.0)) (&& (== net40) (>= netstandard2.0)) (&& (== net40) (>= netstandard2.1)) (&& (== net45) (>= netcoreapp2.0)) (&& (== net45) (>= netcoreapp2.1)) (&& (== net45) (>= netcoreapp3.0)) (&& (== net45) (>= netstandard2.0)) (&& (== net45) (>= netstandard2.1)) (&& (== net461) (>= netcoreapp2.0)) (&& (== net461) (>= netcoreapp2.1)) (&& (== net461) (>= netcoreapp3.0)) (&& (== net461) (>= netstandard2.0)) (&& (== net461) (>= netstandard2.1)) (== net471) (== net472) (== net48) (== net5.0-windows7.0) (== net50) (== netcoreapp2.0) (&& (== netstandard1.0) (>= netcoreapp2.0)) (&& (== netstandard1.0) (>= netcoreapp2.1)) (&& (== netstandard1.0) (>= netcoreapp3.0)) (&& (== netstandard1.0) (>= netstandard2.0)) (&& (== netstandard1.0) (>= netstandard2.1)) (&& (== netstandard1.1) (>= netcoreapp2.0)) (&& (== netstandard1.1) (>= netcoreapp2.1)) (&& (== netstandard1.1) (>= netcoreapp3.0)) (&& (== netstandard1.1) (>= netstandard2.0)) (&& (== netstandard1.1) (>= netstandard2.1)) (== netstandard2.0)
      System.ComponentModel.Composition.Registration (>= 5.0) - restriction: || (&& (== net20) (>= netcoreapp3.0)) (&& (== net20) (>= netstandard2.1)) (&& (== net35) (>= netcoreapp3.0)) (&& (== net35) (>= netstandard2.1)) (&& (== net40) (>= netcoreapp3.0)) (&& (== net40) (>= netstandard2.1)) (&& (== net45) (>= netcoreapp3.0)) (&& (== net45) (>= netstandard2.1)) (&& (== net461) (>= netcoreapp3.0)) (&& (== net461) (>= netstandard2.1)) (&& (== net471) (>= netcoreapp3.0)) (&& (== net471) (>= netstandard2.1)) (&& (== net472) (>= netcoreapp3.0)) (&& (== net472) (>= netstandard2.1)) (&& (== net48) (>= netcoreapp3.0)) (&& (== net48) (>= netstandard2.1)) (== net5.0-windows7.0) (== net50) (&& (== netcoreapp2.0) (>= netcoreapp3.0)) (&& (== netstandard1.0) (>= netcoreapp3.0)) (&& (== netstandard1.0) (>= netstandard2.1)) (&& (== netstandard1.1) (>= netcoreapp3.0)) (&& (== netstandard1.1) (>= netstandard2.1)) (&& (== netstandard2.0) (>= netcoreapp3.0)) (&& (== netstandard2.0) (>= netstandard2.1))
      System.Configuration.ConfigurationManager (>= 5.0) - restriction: || (&& (== net20) (>= netcoreapp2.0)) (&& (== net20) (>= netcoreapp2.1)) (&& (== net20) (>= netcoreapp3.0)) (&& (== net20) (>= netstandard2.0)) (&& (== net20) (>= netstandard2.1)) (&& (== net35) (>= netcoreapp2.0)) (&& (== net35) (>= netcoreapp2.1)) (&& (== net35) (>= netcoreapp3.0)) (&& (== net35) (>= netstandard2.0)) (&& (== net35) (>= netstandard2.1)) (&& (== net40) (>= netcoreapp2.0)) (&& (== net40) (>= netcoreapp2.1)) (&& (== net40) (>= netcoreapp3.0)) (&& (== net40) (>= netstandard2.0)) (&& (== net40) (>= netstandard2.1)) (&& (== net45) (>= netcoreapp2.0)) (&& (== net45) (>= netcoreapp2.1)) (&& (== net45) (>= netcoreapp3.0)) (&& (== net45) (>= netstandard2.0)) (&& (== net45) (>= netstandard2.1)) (&& (== net461) (>= netcoreapp2.0)) (&& (== net461) (>= netcoreapp2.1)) (&& (== net461) (>= netcoreapp3.0)) (&& (== net461) (>= netstandard2.0)) (&& (== net461) (>= netstandard2.1)) (== net471) (== net472) (== net48) (== net5.0-windows7.0) (== net50) (== netcoreapp2.0) (&& (== netstandard1.0) (>= netcoreapp2.0)) (&& (== netstandard1.0) (>= netcoreapp2.1)) (&& (== netstandard1.0) (>= netcoreapp3.0)) (&& (== netstandard1.0) (>= netstandard2.0)) (&& (== netstandard1.0) (>= netstandard2.1)) (&& (== netstandard1.1) (>= netcoreapp2.0)) (&& (== netstandard1.1) (>= netcoreapp2.1)) (&& (== netstandard1.1) (>= netcoreapp3.0)) (&& (== netstandard1.1) (>= netstandard2.0)) (&& (== netstandard1.1) (>= netstandard2.1)) (== netstandard2.0)
      System.Data.DataSetExtensions (>= 4.5) - restriction: || (&& (== net20) (>= netcoreapp2.0)) (&& (== net20) (>= netcoreapp2.1)) (&& (== net20) (>= netcoreapp3.0)) (&& (== net20) (>= netstandard2.0)) (&& (== net20) (>= netstandard2.1)) (&& (== net35) (>= netcoreapp2.0)) (&& (== net35) (>= netcoreapp2.1)) (&& (== net35) (>= netcoreapp3.0)) (&& (== net35) (>= netstandard2.0)) (&& (== net35) (>= netstandard2.1)) (&& (== net40) (>= netcoreapp2.0)) (&& (== net40) (>= netcoreapp2.1)) (&& (== net40) (>= netcoreapp3.0)) (&& (== net40) (>= netstandard2.0)) (&& (== net40) (>= netstandard2.1)) (&& (== net45) (>= netcoreapp2.0)) (&& (== net45) (>= netcoreapp2.1)) (&& (== net45) (>= netcoreapp3.0)) (&& (== net45) (>= netstandard2.0)) (&& (== net45) (>= netstandard2.1)) (&& (== net461) (>= netcoreapp2.0)) (&& (== net461) (>= netcoreapp2.1)) (&& (== net461) (>= netcoreapp3.0)) (&& (== net461) (>= netstandard2.0)) (&& (== net461) (>= netstandard2.1)) (== net471) (== net472) (== net48) (== net5.0-windows7.0) (== net50) (== netcoreapp2.0) (&& (== netstandard1.0) (>= netcoreapp2.0)) (&& (== netstandard1.0) (>= netcoreapp2.1)) (&& (== netstandard1.0) (>= netcoreapp3.0)) (&& (== netstandard1.0) (>= netstandard2.0)) (&& (== netstandard1.0) (>= netstandard2.1)) (&& (== netstandard1.1) (>= netcoreapp2.0)) (&& (== netstandard1.1) (>= netcoreapp2.1)) (&& (== netstandard1.1) (>= netcoreapp3.0)) (&& (== netstandard1.1) (>= netstandard2.0)) (&& (== netstandard1.1) (>= netstandard2.1)) (== netstandard2.0)
      System.Data.Odbc (>= 5.0) - restriction: || (&& (== net20) (>= netcoreapp2.0)) (&& (== net20) (>= netcoreapp2.1)) (&& (== net20) (>= netcoreapp3.0)) (&& (== net20) (>= netstandard2.0)) (&& (== net20) (>= netstandard2.1)) (&& (== net35) (>= netcoreapp2.0)) (&& (== net35) (>= netcoreapp2.1)) (&& (== net35) (>= netcoreapp3.0)) (&& (== net35) (>= netstandard2.0)) (&& (== net35) (>= netstandard2.1)) (&& (== net40) (>= netcoreapp2.0)) (&& (== net40) (>= netcoreapp2.1)) (&& (== net40) (>= netcoreapp3.0)) (&& (== net40) (>= netstandard2.0)) (&& (== net40) (>= netstandard2.1)) (&& (== net45) (>= netcoreapp2.0)) (&& (== net45) (>= netcoreapp2.1)) (&& (== net45) (>= netcoreapp3.0)) (&& (== net45) (>= netstandard2.0)) (&& (== net45) (>= netstandard2.1)) (&& (== net461) (>= netcoreapp2.0)) (&& (== net461) (>= netcoreapp2.1)) (&& (== net461) (>= netcoreapp3.0)) (&& (== net461) (>= netstandard2.0)) (&& (== net461) (>= netstandard2.1)) (== net471) (== net472) (== net48) (== net5.0-windows7.0) (== net50) (== netcoreapp2.0) (&& (== netstandard1.0) (>= netcoreapp2.0)) (&& (== netstandard1.0) (>= netcoreapp2.1)) (&& (== netstandard1.0) (>= netcoreapp3.0)) (&& (== netstandard1.0) (>= netstandard2.0)) (&& (== netstandard1.0) (>= netstandard2.1)) (&& (== netstandard1.1) (>= netcoreapp2.0)) (&& (== netstandard1.1) (>= netcoreapp2.1)) (&& (== netstandard1.1) (>= netcoreapp3.0)) (&& (== netstandard1.1) (>= netstandard2.0)) (&& (== netstandard1.1) (>= netstandard2.1)) (== netstandard2.0)
      System.Data.OleDb (>= 5.0) - restriction: || (&& (== net20) (>= netcoreapp2.0)) (&& (== net20) (>= netcoreapp2.1)) (&& (== net20) (>= netcoreapp3.0)) (&& (== net20) (>= netstandard2.0)) (&& (== net20) (>= netstandard2.1)) (&& (== net35) (>= netcoreapp2.0)) (&& (== net35) (>= netcoreapp2.1)) (&& (== net35) (>= netcoreapp3.0)) (&& (== net35) (>= netstandard2.0)) (&& (== net35) (>= netstandard2.1)) (&& (== net40) (>= netcoreapp2.0)) (&& (== net40) (>= netcoreapp2.1)) (&& (== net40) (>= netcoreapp3.0)) (&& (== net40) (>= netstandard2.0)) (&& (== net40) (>= netstandard2.1)) (&& (== net45) (>= netcoreapp2.0)) (&& (== net45) (>= netcoreapp2.1)) (&& (== net45) (>= netcoreapp3.0)) (&& (== net45) (>= netstandard2.0)) (&& (== net45) (>= netstandard2.1)) (&& (== net461) (>= netcoreapp2.0)) (&& (== net461) (>= netcoreapp2.1)) (&& (== net461) (>= netcoreapp3.0)) (&& (== net461) (>= netstandard2.0)) (&& (== net461) (>= netstandard2.1)) (== net471) (== net472) (== net48) (== net5.0-windows7.0) (== net50) (== netcoreapp2.0) (&& (== netstandard1.0) (>= netcoreapp2.0)) (&& (== netstandard1.0) (>= netcoreapp2.1)) (&& (== netstandard1.0) (>= netcoreapp3.0)) (&& (== netstandard1.0) (>= netstandard2.0)) (&& (== netstandard1.0) (>= netstandard2.1)) (&& (== netstandard1.1) (>= netcoreapp2.0)) (&& (== netstandard1.1) (>= netcoreapp2.1)) (&& (== netstandard1.1) (>= netcoreapp3.0)) (&& (== netstandard1.1) (>= netstandard2.0)) (&& (== netstandard1.1) (>= netstandard2.1)) (== netstandard2.0)
      System.Data.SqlClient (>= 4.8.1) - restriction: || (&& (== net20) (>= netcoreapp2.0)) (&& (== net20) (>= netcoreapp2.1)) (&& (== net20) (>= netcoreapp3.0)) (&& (== net20) (>= netstandard2.0)) (&& (== net20) (>= netstandard2.1)) (&& (== net35) (>= netcoreapp2.0)) (&& (== net35) (>= netcoreapp2.1)) (&& (== net35) (>= netcoreapp3.0)) (&& (== net35) (>= netstandard2.0)) (&& (== net35) (>= netstandard2.1)) (&& (== net40) (>= netcoreapp2.0)) (&& (== net40) (>= netcoreapp2.1)) (&& (== net40) (>= netcoreapp3.0)) (&& (== net40) (>= netstandard2.0)) (&& (== net40) (>= netstandard2.1)) (&& (== net45) (>= netcoreapp2.0)) (&& (== net45) (>= netcoreapp2.1)) (&& (== net45) (>= netcoreapp3.0)) (&& (== net45) (>= netstandard2.0)) (&& (== net45) (>= netstandard2.1)) (&& (== net461) (>= netcoreapp2.0)) (&& (== net461) (>= netcoreapp2.1)) (&& (== net461) (>= netcoreapp3.0)) (&& (== net461) (>= netstandard2.0)) (&& (== net461) (>= netstandard2.1)) (== net471) (== net472) (== net48) (== net5.0-windows7.0) (== net50) (== netcoreapp2.0) (&& (== netstandard1.0) (>= netcoreapp2.0)) (&& (== netstandard1.0) (>= netcoreapp2.1)) (&& (== netstandard1.0) (>= netcoreapp3.0)) (&& (== netstandard1.0) (>= netstandard2.0)) (&& (== netstandard1.0) (>= netstandard2.1)) (&& (== netstandard1.1) (>= netcoreapp2.0)) (&& (== netstandard1.1) (>= netcoreapp2.1)) (&& (== netstandard1.1) (>= netcoreapp3.0)) (&& (== netstandard1.1) (>= netstandard2.0)) (&& (== netstandard1.1) (>= netstandard2.1)) (== netstandard2.0)
      System.Diagnostics.EventLog (>= 5.0.1) - restriction: || (&& (== net20) (>= netcoreapp2.0)) (&& (== net20) (>= netcoreapp2.1)) (&& (== net20) (>= netcoreapp3.0)) (&& (== net20) (>= netstandard2.0)) (&& (== net20) (>= netstandard2.1)) (&& (== net35) (>= netcoreapp2.0)) (&& (== net35) (>= netcoreapp2.1)) (&& (== net35) (>= netcoreapp3.0)) (&& (== net35) (>= netstandard2.0)) (&& (== net35) (>= netstandard2.1)) (&& (== net40) (>= netcoreapp2.0)) (&& (== net40) (>= netcoreapp2.1)) (&& (== net40) (>= netcoreapp3.0)) (&& (== net40) (>= netstandard2.0)) (&& (== net40) (>= netstandard2.1)) (&& (== net45) (>= netcoreapp2.0)) (&& (== net45) (>= netcoreapp2.1)) (&& (== net45) (>= netcoreapp3.0)) (&& (== net45) (>= netstandard2.0)) (&& (== net45) (>= netstandard2.1)) (&& (== net461) (>= netcoreapp2.0)) (&& (== net461) (>= netcoreapp2.1)) (&& (== net461) (>= netcoreapp3.0)) (&& (== net461) (>= netstandard2.0)) (&& (== net461) (>= netstandard2.1)) (== net471) (== net472) (== net48) (== net5.0-windows7.0) (== net50) (== netcoreapp2.0) (&& (== netstandard1.0) (>= netcoreapp2.0)) (&& (== netstandard1.0) (>= netcoreapp2.1)) (&& (== netstandard1.0) (>= netcoreapp3.0)) (&& (== netstandard1.0) (>= netstandard2.0)) (&& (== netstandard1.0) (>= netstandard2.1)) (&& (== netstandard1.1) (>= netcoreapp2.0)) (&& (== netstandard1.1) (>= netcoreapp2.1)) (&& (== netstandard1.1) (>= netcoreapp3.0)) (&& (== netstandard1.1) (>= netstandard2.0)) (&& (== netstandard1.1) (>= netstandard2.1)) (== netstandard2.0)
      System.Diagnostics.PerformanceCounter (>= 5.0.1) - restriction: || (&& (== net20) (>= netcoreapp2.0)) (&& (== net20) (>= netcoreapp2.1)) (&& (== net20) (>= netcoreapp3.0)) (&& (== net20) (>= netstandard2.0)) (&& (== net20) (>= netstandard2.1)) (&& (== net35) (>= netcoreapp2.0)) (&& (== net35) (>= netcoreapp2.1)) (&& (== net35) (>= netcoreapp3.0)) (&& (== net35) (>= netstandard2.0)) (&& (== net35) (>= netstandard2.1)) (&& (== net40) (>= netcoreapp2.0)) (&& (== net40) (>= netcoreapp2.1)) (&& (== net40) (>= netcoreapp3.0)) (&& (== net40) (>= netstandard2.0)) (&& (== net40) (>= netstandard2.1)) (&& (== net45) (>= netcoreapp2.0)) (&& (== net45) (>= netcoreapp2.1)) (&& (== net45) (>= netcoreapp3.0)) (&& (== net45) (>= netstandard2.0)) (&& (== net45) (>= netstandard2.1)) (&& (== net461) (>= netcoreapp2.0)) (&& (== net461) (>= netcoreapp2.1)) (&& (== net461) (>= netcoreapp3.0)) (&& (== net461) (>= netstandard2.0)) (&& (== net461) (>= netstandard2.1)) (== net471) (== net472) (== net48) (== net5.0-windows7.0) (== net50) (== netcoreapp2.0) (&& (== netstandard1.0) (>= netcoreapp2.0)) (&& (== netstandard1.0) (>= netcoreapp2.1)) (&& (== netstandard1.0) (>= netcoreapp3.0)) (&& (== netstandard1.0) (>= netstandard2.0)) (&& (== netstandard1.0) (>= netstandard2.1)) (&& (== netstandard1.1) (>= netcoreapp2.0)) (&& (== netstandard1.1) (>= netcoreapp2.1)) (&& (== netstandard1.1) (>= netcoreapp3.0)) (&& (== netstandard1.1) (>= netstandard2.0)) (&& (== netstandard1.1) (>= netstandard2.1)) (== netstandard2.0)
      System.DirectoryServices (>= 5.0) - restriction: || (&& (== net20) (>= netcoreapp2.0)) (&& (== net20) (>= netcoreapp2.1)) (&& (== net20) (>= netcoreapp3.0)) (&& (== net20) (>= netstandard2.0)) (&& (== net20) (>= netstandard2.1)) (&& (== net35) (>= netcoreapp2.0)) (&& (== net35) (>= netcoreapp2.1)) (&& (== net35) (>= netcoreapp3.0)) (&& (== net35) (>= netstandard2.0)) (&& (== net35) (>= netstandard2.1)) (&& (== net40) (>= netcoreapp2.0)) (&& (== net40) (>= netcoreapp2.1)) (&& (== net40) (>= netcoreapp3.0)) (&& (== net40) (>= netstandard2.0)) (&& (== net40) (>= netstandard2.1)) (&& (== net45) (>= netcoreapp2.0)) (&& (== net45) (>= netcoreapp2.1)) (&& (== net45) (>= netcoreapp3.0)) (&& (== net45) (>= netstandard2.0)) (&& (== net45) (>= netstandard2.1)) (&& (== net461) (>= netcoreapp2.0)) (&& (== net461) (>= netcoreapp2.1)) (&& (== net461) (>= netcoreapp3.0)) (&& (== net461) (>= netstandard2.0)) (&& (== net461) (>= netstandard2.1)) (== net471) (== net472) (== net48) (== net5.0-windows7.0) (== net50) (== netcoreapp2.0) (&& (== netstandard1.0) (>= netcoreapp2.0)) (&& (== netstandard1.0) (>= netcoreapp2.1)) (&& (== netstandard1.0) (>= netcoreapp3.0)) (&& (== netstandard1.0) (>= netstandard2.0)) (&& (== netstandard1.0) (>= netstandard2.1)) (&& (== netstandard1.1) (>= netcoreapp2.0)) (&& (== netstandard1.1) (>= netcoreapp2.1)) (&& (== netstandard1.1) (>= netcoreapp3.0)) (&& (== netstandard1.1) (>= netstandard2.0)) (&& (== netstandard1.1) (>= netstandard2.1)) (== netstandard2.0)
      System.DirectoryServices.AccountManagement (>= 5.0) - restriction: || (&& (== net20) (>= netcoreapp2.0)) (&& (== net20) (>= netcoreapp2.1)) (&& (== net20) (>= netcoreapp3.0)) (&& (== net20) (>= netstandard2.0)) (&& (== net20) (>= netstandard2.1)) (&& (== net35) (>= netcoreapp2.0)) (&& (== net35) (>= netcoreapp2.1)) (&& (== net35) (>= netcoreapp3.0)) (&& (== net35) (>= netstandard2.0)) (&& (== net35) (>= netstandard2.1)) (&& (== net40) (>= netcoreapp2.0)) (&& (== net40) (>= netcoreapp2.1)) (&& (== net40) (>= netcoreapp3.0)) (&& (== net40) (>= netstandard2.0)) (&& (== net40) (>= netstandard2.1)) (&& (== net45) (>= netcoreapp2.0)) (&& (== net45) (>= netcoreapp2.1)) (&& (== net45) (>= netcoreapp3.0)) (&& (== net45) (>= netstandard2.0)) (&& (== net45) (>= netstandard2.1)) (&& (== net461) (>= netcoreapp2.0)) (&& (== net461) (>= netcoreapp2.1)) (&& (== net461) (>= netcoreapp3.0)) (&& (== net461) (>= netstandard2.0)) (&& (== net461) (>= netstandard2.1)) (== net471) (== net472) (== net48) (== net5.0-windows7.0) (== net50) (== netcoreapp2.0) (&& (== netstandard1.0) (>= netcoreapp2.0)) (&& (== netstandard1.0) (>= netcoreapp2.1)) (&& (== netstandard1.0) (>= netcoreapp3.0)) (&& (== netstandard1.0) (>= netstandard2.0)) (&& (== netstandard1.0) (>= netstandard2.1)) (&& (== netstandard1.1) (>= netcoreapp2.0)) (&& (== netstandard1.1) (>= netcoreapp2.1)) (&& (== netstandard1.1) (>= netcoreapp3.0)) (&& (== netstandard1.1) (>= netstandard2.0)) (&& (== netstandard1.1) (>= netstandard2.1)) (== netstandard2.0)
      System.DirectoryServices.Protocols (>= 5.0) - restriction: || (&& (== net20) (>= netcoreapp2.0)) (&& (== net20) (>= netcoreapp2.1)) (&& (== net20) (>= netcoreapp3.0)) (&& (== net20) (>= netstandard2.0)) (&& (== net20) (>= netstandard2.1)) (&& (== net35) (>= netcoreapp2.0)) (&& (== net35) (>= netcoreapp2.1)) (&& (== net35) (>= netcoreapp3.0)) (&& (== net35) (>= netstandard2.0)) (&& (== net35) (>= netstandard2.1)) (&& (== net40) (>= netcoreapp2.0)) (&& (== net40) (>= netcoreapp2.1)) (&& (== net40) (>= netcoreapp3.0)) (&& (== net40) (>= netstandard2.0)) (&& (== net40) (>= netstandard2.1)) (&& (== net45) (>= netcoreapp2.0)) (&& (== net45) (>= netcoreapp2.1)) (&& (== net45) (>= netcoreapp3.0)) (&& (== net45) (>= netstandard2.0)) (&& (== net45) (>= netstandard2.1)) (&& (== net461) (>= netcoreapp2.0)) (&& (== net461) (>= netcoreapp2.1)) (&& (== net461) (>= netcoreapp3.0)) (&& (== net461) (>= netstandard2.0)) (&& (== net461) (>= netstandard2.1)) (== net471) (== net472) (== net48) (== net5.0-windows7.0) (== net50) (== netcoreapp2.0) (&& (== netstandard1.0) (>= netcoreapp2.0)) (&& (== netstandard1.0) (>= netcoreapp2.1)) (&& (== netstandard1.0) (>= netcoreapp3.0)) (&& (== netstandard1.0) (>= netstandard2.0)) (&& (== netstandard1.0) (>= netstandard2.1)) (&& (== netstandard1.1) (>= netcoreapp2.0)) (&& (== netstandard1.1) (>= netcoreapp2.1)) (&& (== netstandard1.1) (>= netcoreapp3.0)) (&& (== netstandard1.1) (>= netstandard2.0)) (&& (== netstandard1.1) (>= netstandard2.1)) (== netstandard2.0)
      System.Drawing.Common (>= 5.0) - restriction: || (&& (== net20) (>= netcoreapp2.0)) (&& (== net20) (>= netcoreapp2.1)) (&& (== net20) (>= netcoreapp3.0)) (&& (== net20) (>= netstandard2.0)) (&& (== net20) (>= netstandard2.1)) (&& (== net35) (>= netcoreapp2.0)) (&& (== net35) (>= netcoreapp2.1)) (&& (== net35) (>= netcoreapp3.0)) (&& (== net35) (>= netstandard2.0)) (&& (== net35) (>= netstandard2.1)) (&& (== net40) (>= netcoreapp2.0)) (&& (== net40) (>= netcoreapp2.1)) (&& (== net40) (>= netcoreapp3.0)) (&& (== net40) (>= netstandard2.0)) (&& (== net40) (>= netstandard2.1)) (&& (== net45) (>= netcoreapp2.0)) (&& (== net45) (>= netcoreapp2.1)) (&& (== net45) (>= netcoreapp3.0)) (&& (== net45) (>= netstandard2.0)) (&& (== net45) (>= netstandard2.1)) (&& (== net461) (>= netcoreapp2.0)) (&& (== net461) (>= netcoreapp2.1)) (&& (== net461) (>= netcoreapp3.0)) (&& (== net461) (>= netstandard2.0)) (&& (== net461) (>= netstandard2.1)) (== net471) (== net472) (== net48) (== net5.0-windows7.0) (== net50) (== netcoreapp2.0) (&& (== netstandard1.0) (>= netcoreapp2.0)) (&& (== netstandard1.0) (>= netcoreapp2.1)) (&& (== netstandard1.0) (>= netcoreapp3.0)) (&& (== netstandard1.0) (>= netstandard2.0)) (&& (== netstandard1.0) (>= netstandard2.1)) (&& (== netstandard1.1) (>= netcoreapp2.0)) (&& (== netstandard1.1) (>= netcoreapp2.1)) (&& (== netstandard1.1) (>= netcoreapp3.0)) (&& (== netstandard1.1) (>= netstandard2.0)) (&& (== netstandard1.1) (>= netstandard2.1)) (== netstandard2.0)
      System.IO.FileSystem.AccessControl (>= 5.0) - restriction: || (&& (== net20) (>= netcoreapp2.0)) (&& (== net20) (>= netcoreapp2.1)) (&& (== net20) (>= netcoreapp3.0)) (&& (== net20) (>= netstandard2.0)) (&& (== net20) (>= netstandard2.1)) (&& (== net35) (>= netcoreapp2.0)) (&& (== net35) (>= netcoreapp2.1)) (&& (== net35) (>= netcoreapp3.0)) (&& (== net35) (>= netstandard2.0)) (&& (== net35) (>= netstandard2.1)) (&& (== net40) (>= netcoreapp2.0)) (&& (== net40) (>= netcoreapp2.1)) (&& (== net40) (>= netcoreapp3.0)) (&& (== net40) (>= netstandard2.0)) (&& (== net40) (>= netstandard2.1)) (&& (== net45) (>= netcoreapp2.0)) (&& (== net45) (>= netcoreapp2.1)) (&& (== net45) (>= netcoreapp3.0)) (&& (== net45) (>= netstandard2.0)) (&& (== net45) (>= netstandard2.1)) (&& (== net461) (>= netcoreapp2.0)) (&& (== net461) (>= netcoreapp2.1)) (&& (== net461) (>= netcoreapp3.0)) (&& (== net461) (>= netstandard2.0)) (&& (== net461) (>= netstandard2.1)) (== net471) (== net472) (== net48) (== net5.0-windows7.0) (== net50) (== netcoreapp2.0) (&& (== netstandard1.0) (>= netcoreapp2.0)) (&& (== netstandard1.0) (>= netcoreapp2.1)) (&& (== netstandard1.0) (>= netcoreapp3.0)) (&& (== netstandard1.0) (>= netstandard2.0)) (&& (== netstandard1.0) (>= netstandard2.1)) (&& (== netstandard1.1) (>= netcoreapp2.0)) (&& (== netstandard1.1) (>= netcoreapp2.1)) (&& (== netstandard1.1) (>= netcoreapp3.0)) (&& (== netstandard1.1) (>= netstandard2.0)) (&& (== netstandard1.1) (>= netstandard2.1)) (== netstandard2.0)
      System.IO.Packaging (>= 5.0) - restriction: || (&& (== net20) (>= netcoreapp2.0)) (&& (== net20) (>= netcoreapp2.1)) (&& (== net20) (>= netcoreapp3.0)) (&& (== net20) (>= netstandard2.0)) (&& (== net20) (>= netstandard2.1)) (&& (== net35) (>= netcoreapp2.0)) (&& (== net35) (>= netcoreapp2.1)) (&& (== net35) (>= netcoreapp3.0)) (&& (== net35) (>= netstandard2.0)) (&& (== net35) (>= netstandard2.1)) (&& (== net40) (>= netcoreapp2.0)) (&& (== net40) (>= netcoreapp2.1)) (&& (== net40) (>= netcoreapp3.0)) (&& (== net40) (>= netstandard2.0)) (&& (== net40) (>= netstandard2.1)) (&& (== net45) (>= netcoreapp2.0)) (&& (== net45) (>= netcoreapp2.1)) (&& (== net45) (>= netcoreapp3.0)) (&& (== net45) (>= netstandard2.0)) (&& (== net45) (>= netstandard2.1)) (&& (== net461) (>= netcoreapp2.0)) (&& (== net461) (>= netcoreapp2.1)) (&& (== net461) (>= netcoreapp3.0)) (&& (== net461) (>= netstandard2.0)) (&& (== net461) (>= netstandard2.1)) (== net471) (== net472) (== net48) (== net5.0-windows7.0) (== net50) (== netcoreapp2.0) (&& (== netstandard1.0) (>= netcoreapp2.0)) (&& (== netstandard1.0) (>= netcoreapp2.1)) (&& (== netstandard1.0) (>= netcoreapp3.0)) (&& (== netstandard1.0) (>= netstandard2.0)) (&& (== netstandard1.0) (>= netstandard2.1)) (&& (== netstandard1.1) (>= netcoreapp2.0)) (&& (== netstandard1.1) (>= netcoreapp2.1)) (&& (== netstandard1.1) (>= netcoreapp3.0)) (&& (== netstandard1.1) (>= netstandard2.0)) (&& (== netstandard1.1) (>= netstandard2.1)) (== netstandard2.0)
      System.IO.Pipes.AccessControl (>= 5.0) - restriction: || (&& (== net20) (>= netcoreapp2.0)) (&& (== net20) (>= netcoreapp2.1)) (&& (== net20) (>= netcoreapp3.0)) (&& (== net20) (>= netstandard2.0)) (&& (== net20) (>= netstandard2.1)) (&& (== net35) (>= netcoreapp2.0)) (&& (== net35) (>= netcoreapp2.1)) (&& (== net35) (>= netcoreapp3.0)) (&& (== net35) (>= netstandard2.0)) (&& (== net35) (>= netstandard2.1)) (&& (== net40) (>= netcoreapp2.0)) (&& (== net40) (>= netcoreapp2.1)) (&& (== net40) (>= netcoreapp3.0)) (&& (== net40) (>= netstandard2.0)) (&& (== net40) (>= netstandard2.1)) (&& (== net45) (>= netcoreapp2.0)) (&& (== net45) (>= netcoreapp2.1)) (&& (== net45) (>= netcoreapp3.0)) (&& (== net45) (>= netstandard2.0)) (&& (== net45) (>= netstandard2.1)) (&& (== net461) (>= netcoreapp2.0)) (&& (== net461) (>= netcoreapp2.1)) (&& (== net461) (>= netcoreapp3.0)) (&& (== net461) (>= netstandard2.0)) (&& (== net461) (>= netstandard2.1)) (== net471) (== net472) (== net48) (== net5.0-windows7.0) (== net50) (== netcoreapp2.0) (&& (== netstandard1.0) (>= netcoreapp2.0)) (&& (== netstandard1.0) (>= netcoreapp2.1)) (&& (== netstandard1.0) (>= netcoreapp3.0)) (&& (== netstandard1.0) (>= netstandard2.0)) (&& (== netstandard1.0) (>= netstandard2.1)) (&& (== netstandard1.1) (>= netcoreapp2.0)) (&& (== netstandard1.1) (>= netcoreapp2.1)) (&& (== netstandard1.1) (>= netcoreapp3.0)) (&& (== netstandard1.1) (>= netstandard2.0)) (&& (== netstandard1.1) (>= netstandard2.1)) (== netstandard2.0)
      System.IO.Ports (>= 5.0) - restriction: || (&& (== net20) (>= netcoreapp2.0)) (&& (== net20) (>= netcoreapp2.1)) (&& (== net20) (>= netcoreapp3.0)) (&& (== net20) (>= netstandard2.0)) (&& (== net20) (>= netstandard2.1)) (&& (== net35) (>= netcoreapp2.0)) (&& (== net35) (>= netcoreapp2.1)) (&& (== net35) (>= netcoreapp3.0)) (&& (== net35) (>= netstandard2.0)) (&& (== net35) (>= netstandard2.1)) (&& (== net40) (>= netcoreapp2.0)) (&& (== net40) (>= netcoreapp2.1)) (&& (== net40) (>= netcoreapp3.0)) (&& (== net40) (>= netstandard2.0)) (&& (== net40) (>= netstandard2.1)) (&& (== net45) (>= netcoreapp2.0)) (&& (== net45) (>= netcoreapp2.1)) (&& (== net45) (>= netcoreapp3.0)) (&& (== net45) (>= netstandard2.0)) (&& (== net45) (>= netstandard2.1)) (&& (== net461) (>= netcoreapp2.0)) (&& (== net461) (>= netcoreapp2.1)) (&& (== net461) (>= netcoreapp3.0)) (&& (== net461) (>= netstandard2.0)) (&& (== net461) (>= netstandard2.1)) (== net471) (== net472) (== net48) (== net5.0-windows7.0) (== net50) (== netcoreapp2.0) (&& (== netstandard1.0) (>= netcoreapp2.0)) (&& (== netstandard1.0) (>= netcoreapp2.1)) (&& (== netstandard1.0) (>= netcoreapp3.0)) (&& (== netstandard1.0) (>= netstandard2.0)) (&& (== netstandard1.0) (>= netstandard2.1)) (&& (== netstandard1.1) (>= netcoreapp2.0)) (&& (== netstandard1.1) (>= netcoreapp2.1)) (&& (== netstandard1.1) (>= netcoreapp3.0)) (&& (== netstandard1.1) (>= netstandard2.0)) (&& (== netstandard1.1) (>= netstandard2.1)) (== netstandard2.0)
      System.Management (>= 5.0) - restriction: || (&& (== net20) (>= netcoreapp2.0)) (&& (== net20) (>= netcoreapp2.1)) (&& (== net20) (>= netcoreapp3.0)) (&& (== net20) (>= netstandard2.0)) (&& (== net20) (>= netstandard2.1)) (&& (== net35) (>= netcoreapp2.0)) (&& (== net35) (>= netcoreapp2.1)) (&& (== net35) (>= netcoreapp3.0)) (&& (== net35) (>= netstandard2.0)) (&& (== net35) (>= netstandard2.1)) (&& (== net40) (>= netcoreapp2.0)) (&& (== net40) (>= netcoreapp2.1)) (&& (== net40) (>= netcoreapp3.0)) (&& (== net40) (>= netstandard2.0)) (&& (== net40) (>= netstandard2.1)) (&& (== net45) (>= netcoreapp2.0)) (&& (== net45) (>= netcoreapp2.1)) (&& (== net45) (>= netcoreapp3.0)) (&& (== net45) (>= netstandard2.0)) (&& (== net45) (>= netstandard2.1)) (&& (== net461) (>= netcoreapp2.0)) (&& (== net461) (>= netcoreapp2.1)) (&& (== net461) (>= netcoreapp3.0)) (&& (== net461) (>= netstandard2.0)) (&& (== net461) (>= netstandard2.1)) (== net471) (== net472) (== net48) (== net5.0-windows7.0) (== net50) (== netcoreapp2.0) (&& (== netstandard1.0) (>= netcoreapp2.0)) (&& (== netstandard1.0) (>= netcoreapp2.1)) (&& (== netstandard1.0) (>= netcoreapp3.0)) (&& (== netstandard1.0) (>= netstandard2.0)) (&& (== netstandard1.0) (>= netstandard2.1)) (&& (== netstandard1.1) (>= netcoreapp2.0)) (&& (== netstandard1.1) (>= netcoreapp2.1)) (&& (== netstandard1.1) (>= netcoreapp3.0)) (&& (== netstandard1.1) (>= netstandard2.0)) (&& (== netstandard1.1) (>= netstandard2.1)) (== netstandard2.0)
      System.Reflection.Context (>= 5.0) - restriction: || (&& (== net20) (>= netcoreapp3.0)) (&& (== net20) (>= netstandard2.1)) (&& (== net35) (>= netcoreapp3.0)) (&& (== net35) (>= netstandard2.1)) (&& (== net40) (>= netcoreapp3.0)) (&& (== net40) (>= netstandard2.1)) (&& (== net45) (>= netcoreapp3.0)) (&& (== net45) (>= netstandard2.1)) (&& (== net461) (>= netcoreapp3.0)) (&& (== net461) (>= netstandard2.1)) (&& (== net471) (>= netcoreapp3.0)) (&& (== net471) (>= netstandard2.1)) (&& (== net472) (>= netcoreapp3.0)) (&& (== net472) (>= netstandard2.1)) (&& (== net48) (>= netcoreapp3.0)) (&& (== net48) (>= netstandard2.1)) (== net5.0-windows7.0) (== net50) (&& (== netcoreapp2.0) (>= netcoreapp3.0)) (&& (== netstandard1.0) (>= netcoreapp3.0)) (&& (== netstandard1.0) (>= netstandard2.1)) (&& (== netstandard1.1) (>= netcoreapp3.0)) (&& (== netstandard1.1) (>= netstandard2.1)) (&& (== netstandard2.0) (>= netcoreapp3.0)) (&& (== netstandard2.0) (>= netstandard2.1))
      System.Reflection.Emit (>= 4.7) - restriction: || (&& (== net20) (>= netcoreapp2.0)) (&& (== net20) (>= netcoreapp2.1)) (&& (== net20) (>= netcoreapp3.0)) (&& (== net20) (>= netstandard2.0)) (&& (== net20) (>= netstandard2.1)) (&& (== net35) (>= netcoreapp2.0)) (&& (== net35) (>= netcoreapp2.1)) (&& (== net35) (>= netcoreapp3.0)) (&& (== net35) (>= netstandard2.0)) (&& (== net35) (>= netstandard2.1)) (&& (== net40) (>= netcoreapp2.0)) (&& (== net40) (>= netcoreapp2.1)) (&& (== net40) (>= netcoreapp3.0)) (&& (== net40) (>= netstandard2.0)) (&& (== net40) (>= netstandard2.1)) (&& (== net45) (>= netcoreapp2.0)) (&& (== net45) (>= netcoreapp2.1)) (&& (== net45) (>= netcoreapp3.0)) (&& (== net45) (>= netstandard2.0)) (&& (== net45) (>= netstandard2.1)) (&& (== net461) (>= netcoreapp2.0)) (&& (== net461) (>= netcoreapp2.1)) (&& (== net461) (>= netcoreapp3.0)) (&& (== net461) (>= netstandard2.0)) (&& (== net461) (>= netstandard2.1)) (== net471) (== net472) (== net48) (== net5.0-windows7.0) (== net50) (== netcoreapp2.0) (&& (== netstandard1.0) (>= netcoreapp2.0)) (&& (== netstandard1.0) (>= netcoreapp2.1)) (&& (== netstandard1.0) (>= netcoreapp3.0)) (&& (== netstandard1.0) (>= netstandard2.0)) (&& (== netstandard1.0) (>= netstandard2.1)) (&& (== netstandard1.1) (>= netcoreapp2.0)) (&& (== netstandard1.1) (>= netcoreapp2.1)) (&& (== netstandard1.1) (>= netcoreapp3.0)) (&& (== netstandard1.1) (>= netstandard2.0)) (&& (== netstandard1.1) (>= netstandard2.1)) (== netstandard2.0)
      System.Reflection.Emit.ILGeneration (>= 4.7) - restriction: || (&& (== net20) (>= netcoreapp2.0)) (&& (== net20) (>= netcoreapp2.1)) (&& (== net20) (>= netcoreapp3.0)) (&& (== net20) (>= netstandard2.0)) (&& (== net20) (>= netstandard2.1)) (&& (== net35) (>= netcoreapp2.0)) (&& (== net35) (>= netcoreapp2.1)) (&& (== net35) (>= netcoreapp3.0)) (&& (== net35) (>= netstandard2.0)) (&& (== net35) (>= netstandard2.1)) (&& (== net40) (>= netcoreapp2.0)) (&& (== net40) (>= netcoreapp2.1)) (&& (== net40) (>= netcoreapp3.0)) (&& (== net40) (>= netstandard2.0)) (&& (== net40) (>= netstandard2.1)) (&& (== net45) (>= netcoreapp2.0)) (&& (== net45) (>= netcoreapp2.1)) (&& (== net45) (>= netcoreapp3.0)) (&& (== net45) (>= netstandard2.0)) (&& (== net45) (>= netstandard2.1)) (&& (== net461) (>= netcoreapp2.0)) (&& (== net461) (>= netcoreapp2.1)) (&& (== net461) (>= netcoreapp3.0)) (&& (== net461) (>= netstandard2.0)) (&& (== net461) (>= netstandard2.1)) (== net471) (== net472) (== net48) (== net5.0-windows7.0) (== net50) (== netcoreapp2.0) (&& (== netstandard1.0) (>= netcoreapp2.0)) (&& (== netstandard1.0) (>= netcoreapp2.1)) (&& (== netstandard1.0) (>= netcoreapp3.0)) (&& (== netstandard1.0) (>= netstandard2.0)) (&& (== netstandard1.0) (>= netstandard2.1)) (&& (== netstandard1.1) (>= netcoreapp2.0)) (&& (== netstandard1.1) (>= netcoreapp2.1)) (&& (== netstandard1.1) (>= netcoreapp3.0)) (&& (== netstandard1.1) (>= netstandard2.0)) (&& (== netstandard1.1) (>= netstandard2.1)) (== netstandard2.0)
      System.Reflection.Emit.Lightweight (>= 4.7) - restriction: || (&& (== net20) (>= netcoreapp2.0)) (&& (== net20) (>= netcoreapp2.1)) (&& (== net20) (>= netcoreapp3.0)) (&& (== net20) (>= netstandard2.0)) (&& (== net20) (>= netstandard2.1)) (&& (== net35) (>= netcoreapp2.0)) (&& (== net35) (>= netcoreapp2.1)) (&& (== net35) (>= netcoreapp3.0)) (&& (== net35) (>= netstandard2.0)) (&& (== net35) (>= netstandard2.1)) (&& (== net40) (>= netcoreapp2.0)) (&& (== net40) (>= netcoreapp2.1)) (&& (== net40) (>= netcoreapp3.0)) (&& (== net40) (>= netstandard2.0)) (&& (== net40) (>= netstandard2.1)) (&& (== net45) (>= netcoreapp2.0)) (&& (== net45) (>= netcoreapp2.1)) (&& (== net45) (>= netcoreapp3.0)) (&& (== net45) (>= netstandard2.0)) (&& (== net45) (>= netstandard2.1)) (&& (== net461) (>= netcoreapp2.0)) (&& (== net461) (>= netcoreapp2.1)) (&& (== net461) (>= netcoreapp3.0)) (&& (== net461) (>= netstandard2.0)) (&& (== net461) (>= netstandard2.1)) (== net471) (== net472) (== net48) (== net5.0-windows7.0) (== net50) (== netcoreapp2.0) (&& (== netstandard1.0) (>= netcoreapp2.0)) (&& (== netstandard1.0) (>= netcoreapp2.1)) (&& (== netstandard1.0) (>= netcoreapp3.0)) (&& (== netstandard1.0) (>= netstandard2.0)) (&& (== netstandard1.0) (>= netstandard2.1)) (&& (== netstandard1.1) (>= netcoreapp2.0)) (&& (== netstandard1.1) (>= netcoreapp2.1)) (&& (== netstandard1.1) (>= netcoreapp3.0)) (&& (== netstandard1.1) (>= netstandard2.0)) (&& (== netstandard1.1) (>= netstandard2.1)) (== netstandard2.0)
      System.Runtime.Caching (>= 5.0) - restriction: || (&& (== net20) (>= netcoreapp2.0)) (&& (== net20) (>= netcoreapp2.1)) (&& (== net20) (>= netcoreapp3.0)) (&& (== net20) (>= netstandard2.0)) (&& (== net20) (>= netstandard2.1)) (&& (== net35) (>= netcoreapp2.0)) (&& (== net35) (>= netcoreapp2.1)) (&& (== net35) (>= netcoreapp3.0)) (&& (== net35) (>= netstandard2.0)) (&& (== net35) (>= netstandard2.1)) (&& (== net40) (>= netcoreapp2.0)) (&& (== net40) (>= netcoreapp2.1)) (&& (== net40) (>= netcoreapp3.0)) (&& (== net40) (>= netstandard2.0)) (&& (== net40) (>= netstandard2.1)) (&& (== net45) (>= netcoreapp2.0)) (&& (== net45) (>= netcoreapp2.1)) (&& (== net45) (>= netcoreapp3.0)) (&& (== net45) (>= netstandard2.0)) (&& (== net45) (>= netstandard2.1)) (&& (== net461) (>= netcoreapp2.0)) (&& (== net461) (>= netcoreapp2.1)) (&& (== net461) (>= netcoreapp3.0)) (&& (== net461) (>= netstandard2.0)) (&& (== net461) (>= netstandard2.1)) (== net471) (== net472) (== net48) (== net5.0-windows7.0) (== net50) (== netcoreapp2.0) (&& (== netstandard1.0) (>= netcoreapp2.0)) (&& (== netstandard1.0) (>= netcoreapp2.1)) (&& (== netstandard1.0) (>= netcoreapp3.0)) (&& (== netstandard1.0) (>= netstandard2.0)) (&& (== netstandard1.0) (>= netstandard2.1)) (&& (== netstandard1.1) (>= netcoreapp2.0)) (&& (== netstandard1.1) (>= netcoreapp2.1)) (&& (== netstandard1.1) (>= netcoreapp3.0)) (&& (== netstandard1.1) (>= netstandard2.0)) (&& (== netstandard1.1) (>= netstandard2.1)) (== netstandard2.0)
      System.Security.AccessControl (>= 5.0) - restriction: || (&& (== net20) (>= netcoreapp2.0)) (&& (== net20) (>= netcoreapp2.1)) (&& (== net20) (>= netcoreapp3.0)) (&& (== net20) (>= netstandard2.0)) (&& (== net20) (>= netstandard2.1)) (&& (== net35) (>= netcoreapp2.0)) (&& (== net35) (>= netcoreapp2.1)) (&& (== net35) (>= netcoreapp3.0)) (&& (== net35) (>= netstandard2.0)) (&& (== net35) (>= netstandard2.1)) (&& (== net40) (>= netcoreapp2.0)) (&& (== net40) (>= netcoreapp2.1)) (&& (== net40) (>= netcoreapp3.0)) (&& (== net40) (>= netstandard2.0)) (&& (== net40) (>= netstandard2.1)) (&& (== net45) (>= netcoreapp2.0)) (&& (== net45) (>= netcoreapp2.1)) (&& (== net45) (>= netcoreapp3.0)) (&& (== net45) (>= netstandard2.0)) (&& (== net45) (>= netstandard2.1)) (&& (== net461) (>= netcoreapp2.0)) (&& (== net461) (>= netcoreapp2.1)) (&& (== net461) (>= netcoreapp3.0)) (&& (== net461) (>= netstandard2.0)) (&& (== net461) (>= netstandard2.1)) (== net471) (== net472) (== net48) (== net5.0-windows7.0) (== net50) (== netcoreapp2.0) (&& (== netstandard1.0) (>= netcoreapp2.0)) (&& (== netstandard1.0) (>= netcoreapp2.1)) (&& (== netstandard1.0) (>= netcoreapp3.0)) (&& (== netstandard1.0) (>= netstandard2.0)) (&& (== netstandard1.0) (>= netstandard2.1)) (&& (== netstandard1.1) (>= netcoreapp2.0)) (&& (== netstandard1.1) (>= netcoreapp2.1)) (&& (== netstandard1.1) (>= netcoreapp3.0)) (&& (== netstandard1.1) (>= netstandard2.0)) (&& (== netstandard1.1) (>= netstandard2.1)) (== netstandard2.0)
      System.Security.Cryptography.Cng (>= 5.0) - restriction: || (&& (== net20) (>= netcoreapp2.0)) (&& (== net20) (>= netcoreapp2.1)) (&& (== net20) (>= netcoreapp3.0)) (&& (== net20) (>= netstandard2.0)) (&& (== net20) (>= netstandard2.1)) (&& (== net35) (>= netcoreapp2.0)) (&& (== net35) (>= netcoreapp2.1)) (&& (== net35) (>= netcoreapp3.0)) (&& (== net35) (>= netstandard2.0)) (&& (== net35) (>= netstandard2.1)) (&& (== net40) (>= netcoreapp2.0)) (&& (== net40) (>= netcoreapp2.1)) (&& (== net40) (>= netcoreapp3.0)) (&& (== net40) (>= netstandard2.0)) (&& (== net40) (>= netstandard2.1)) (&& (== net45) (>= netcoreapp2.0)) (&& (== net45) (>= netcoreapp2.1)) (&& (== net45) (>= netcoreapp3.0)) (&& (== net45) (>= netstandard2.0)) (&& (== net45) (>= netstandard2.1)) (&& (== net461) (>= netcoreapp2.0)) (&& (== net461) (>= netcoreapp2.1)) (&& (== net461) (>= netcoreapp3.0)) (&& (== net461) (>= netstandard2.0)) (&& (== net461) (>= netstandard2.1)) (== net471) (== net472) (== net48) (== net5.0-windows7.0) (== net50) (== netcoreapp2.0) (&& (== netstandard1.0) (>= netcoreapp2.0)) (&& (== netstandard1.0) (>= netcoreapp2.1)) (&& (== netstandard1.0) (>= netcoreapp3.0)) (&& (== netstandard1.0) (>= netstandard2.0)) (&& (== netstandard1.0) (>= netstandard2.1)) (&& (== netstandard1.1) (>= netcoreapp2.0)) (&& (== netstandard1.1) (>= netcoreapp2.1)) (&& (== netstandard1.1) (>= netcoreapp3.0)) (&& (== netstandard1.1) (>= netstandard2.0)) (&& (== netstandard1.1) (>= netstandard2.1)) (== netstandard2.0)
      System.Security.Cryptography.Pkcs (>= 5.0.1) - restriction: || (&& (== net20) (>= netcoreapp2.0)) (&& (== net20) (>= netcoreapp2.1)) (&& (== net20) (>= netcoreapp3.0)) (&& (== net20) (>= netstandard2.0)) (&& (== net20) (>= netstandard2.1)) (&& (== net35) (>= netcoreapp2.0)) (&& (== net35) (>= netcoreapp2.1)) (&& (== net35) (>= netcoreapp3.0)) (&& (== net35) (>= netstandard2.0)) (&& (== net35) (>= netstandard2.1)) (&& (== net40) (>= netcoreapp2.0)) (&& (== net40) (>= netcoreapp2.1)) (&& (== net40) (>= netcoreapp3.0)) (&& (== net40) (>= netstandard2.0)) (&& (== net40) (>= netstandard2.1)) (&& (== net45) (>= netcoreapp2.0)) (&& (== net45) (>= netcoreapp2.1)) (&& (== net45) (>= netcoreapp3.0)) (&& (== net45) (>= netstandard2.0)) (&& (== net45) (>= netstandard2.1)) (&& (== net461) (>= netcoreapp2.0)) (&& (== net461) (>= netcoreapp2.1)) (&& (== net461) (>= netcoreapp3.0)) (&& (== net461) (>= netstandard2.0)) (&& (== net461) (>= netstandard2.1)) (== net471) (== net472) (== net48) (== net5.0-windows7.0) (== net50) (== netcoreapp2.0) (&& (== netstandard1.0) (>= netcoreapp2.0)) (&& (== netstandard1.0) (>= netcoreapp2.1)) (&& (== netstandard1.0) (>= netcoreapp3.0)) (&& (== netstandard1.0) (>= netstandard2.0)) (&& (== netstandard1.0) (>= netstandard2.1)) (&& (== netstandard1.1) (>= netcoreapp2.0)) (&& (== netstandard1.1) (>= netcoreapp2.1)) (&& (== netstandard1.1) (>= netcoreapp3.0)) (&& (== netstandard1.1) (>= netstandard2.0)) (&& (== netstandard1.1) (>= netstandard2.1)) (== netstandard2.0)
      System.Security.Cryptography.ProtectedData (>= 5.0) - restriction: || (&& (== net20) (>= netcoreapp2.0)) (&& (== net20) (>= netcoreapp2.1)) (&& (== net20) (>= netcoreapp3.0)) (&& (== net20) (>= netstandard2.0)) (&& (== net20) (>= netstandard2.1)) (&& (== net35) (>= netcoreapp2.0)) (&& (== net35) (>= netcoreapp2.1)) (&& (== net35) (>= netcoreapp3.0)) (&& (== net35) (>= netstandard2.0)) (&& (== net35) (>= netstandard2.1)) (&& (== net40) (>= netcoreapp2.0)) (&& (== net40) (>= netcoreapp2.1)) (&& (== net40) (>= netcoreapp3.0)) (&& (== net40) (>= netstandard2.0)) (&& (== net40) (>= netstandard2.1)) (&& (== net45) (>= netcoreapp2.0)) (&& (== net45) (>= netcoreapp2.1)) (&& (== net45) (>= netcoreapp3.0)) (&& (== net45) (>= netstandard2.0)) (&& (== net45) (>= netstandard2.1)) (&& (== net461) (>= netcoreapp2.0)) (&& (== net461) (>= netcoreapp2.1)) (&& (== net461) (>= netcoreapp3.0)) (&& (== net461) (>= netstandard2.0)) (&& (== net461) (>= netstandard2.1)) (== net471) (== net472) (== net48) (== net5.0-windows7.0) (== net50) (== netcoreapp2.0) (&& (== netstandard1.0) (>= netcoreapp2.0)) (&& (== netstandard1.0) (>= netcoreapp2.1)) (&& (== netstandard1.0) (>= netcoreapp3.0)) (&& (== netstandard1.0) (>= netstandard2.0)) (&& (== netstandard1.0) (>= netstandard2.1)) (&& (== netstandard1.1) (>= netcoreapp2.0)) (&& (== netstandard1.1) (>= netcoreapp2.1)) (&& (== netstandard1.1) (>= netcoreapp3.0)) (&& (== netstandard1.1) (>= netstandard2.0)) (&& (== netstandard1.1) (>= netstandard2.1)) (== netstandard2.0)
      System.Security.Cryptography.Xml (>= 5.0) - restriction: || (&& (== net20) (>= netcoreapp2.0)) (&& (== net20) (>= netcoreapp2.1)) (&& (== net20) (>= netcoreapp3.0)) (&& (== net20) (>= netstandard2.0)) (&& (== net20) (>= netstandard2.1)) (&& (== net35) (>= netcoreapp2.0)) (&& (== net35) (>= netcoreapp2.1)) (&& (== net35) (>= netcoreapp3.0)) (&& (== net35) (>= netstandard2.0)) (&& (== net35) (>= netstandard2.1)) (&& (== net40) (>= netcoreapp2.0)) (&& (== net40) (>= netcoreapp2.1)) (&& (== net40) (>= netcoreapp3.0)) (&& (== net40) (>= netstandard2.0)) (&& (== net40) (>= netstandard2.1)) (&& (== net45) (>= netcoreapp2.0)) (&& (== net45) (>= netcoreapp2.1)) (&& (== net45) (>= netcoreapp3.0)) (&& (== net45) (>= netstandard2.0)) (&& (== net45) (>= netstandard2.1)) (&& (== net461) (>= netcoreapp2.0)) (&& (== net461) (>= netcoreapp2.1)) (&& (== net461) (>= netcoreapp3.0)) (&& (== net461) (>= netstandard2.0)) (&& (== net461) (>= netstandard2.1)) (== net471) (== net472) (== net48) (== net5.0-windows7.0) (== net50) (== netcoreapp2.0) (&& (== netstandard1.0) (>= netcoreapp2.0)) (&& (== netstandard1.0) (>= netcoreapp2.1)) (&& (== netstandard1.0) (>= netcoreapp3.0)) (&& (== netstandard1.0) (>= netstandard2.0)) (&& (== netstandard1.0) (>= netstandard2.1)) (&& (== netstandard1.1) (>= netcoreapp2.0)) (&& (== netstandard1.1) (>= netcoreapp2.1)) (&& (== netstandard1.1) (>= netcoreapp3.0)) (&& (== netstandard1.1) (>= netstandard2.0)) (&& (== netstandard1.1) (>= netstandard2.1)) (== netstandard2.0)
      System.Security.Permissions (>= 5.0) - restriction: || (&& (== net20) (>= netcoreapp2.0)) (&& (== net20) (>= netcoreapp2.1)) (&& (== net20) (>= netcoreapp3.0)) (&& (== net20) (>= netstandard2.0)) (&& (== net20) (>= netstandard2.1)) (&& (== net35) (>= netcoreapp2.0)) (&& (== net35) (>= netcoreapp2.1)) (&& (== net35) (>= netcoreapp3.0)) (&& (== net35) (>= netstandard2.0)) (&& (== net35) (>= netstandard2.1)) (&& (== net40) (>= netcoreapp2.0)) (&& (== net40) (>= netcoreapp2.1)) (&& (== net40) (>= netcoreapp3.0)) (&& (== net40) (>= netstandard2.0)) (&& (== net40) (>= netstandard2.1)) (&& (== net45) (>= netcoreapp2.0)) (&& (== net45) (>= netcoreapp2.1)) (&& (== net45) (>= netcoreapp3.0)) (&& (== net45) (>= netstandard2.0)) (&& (== net45) (>= netstandard2.1)) (&& (== net461) (>= netcoreapp2.0)) (&& (== net461) (>= netcoreapp2.1)) (&& (== net461) (>= netcoreapp3.0)) (&& (== net461) (>= netstandard2.0)) (&& (== net461) (>= netstandard2.1)) (== net471) (== net472) (== net48) (== net5.0-windows7.0) (== net50) (== netcoreapp2.0) (&& (== netstandard1.0) (>= netcoreapp2.0)) (&& (== netstandard1.0) (>= netcoreapp2.1)) (&& (== netstandard1.0) (>= netcoreapp3.0)) (&& (== netstandard1.0) (>= netstandard2.0)) (&& (== netstandard1.0) (>= netstandard2.1)) (&& (== netstandard1.1) (>= netcoreapp2.0)) (&& (== netstandard1.1) (>= netcoreapp2.1)) (&& (== netstandard1.1) (>= netcoreapp3.0)) (&& (== netstandard1.1) (>= netstandard2.0)) (&& (== netstandard1.1) (>= netstandard2.1)) (== netstandard2.0)
      System.Security.Principal.Windows (>= 5.0) - restriction: || (&& (== net20) (>= netcoreapp2.0)) (&& (== net20) (>= netcoreapp2.1)) (&& (== net20) (>= netcoreapp3.0)) (&& (== net20) (>= netstandard2.0)) (&& (== net20) (>= netstandard2.1)) (&& (== net35) (>= netcoreapp2.0)) (&& (== net35) (>= netcoreapp2.1)) (&& (== net35) (>= netcoreapp3.0)) (&& (== net35) (>= netstandard2.0)) (&& (== net35) (>= netstandard2.1)) (&& (== net40) (>= netcoreapp2.0)) (&& (== net40) (>= netcoreapp2.1)) (&& (== net40) (>= netcoreapp3.0)) (&& (== net40) (>= netstandard2.0)) (&& (== net40) (>= netstandard2.1)) (&& (== net45) (>= netcoreapp2.0)) (&& (== net45) (>= netcoreapp2.1)) (&& (== net45) (>= netcoreapp3.0)) (&& (== net45) (>= netstandard2.0)) (&& (== net45) (>= netstandard2.1)) (&& (== net461) (>= netcoreapp2.0)) (&& (== net461) (>= netcoreapp2.1)) (&& (== net461) (>= netcoreapp3.0)) (&& (== net461) (>= netstandard2.0)) (&& (== net461) (>= netstandard2.1)) (== net471) (== net472) (== net48) (== net5.0-windows7.0) (== net50) (== netcoreapp2.0) (&& (== netstandard1.0) (>= netcoreapp2.0)) (&& (== netstandard1.0) (>= netcoreapp2.1)) (&& (== netstandard1.0) (>= netcoreapp3.0)) (&& (== netstandard1.0) (>= netstandard2.0)) (&& (== netstandard1.0) (>= netstandard2.1)) (&& (== netstandard1.1) (>= netcoreapp2.0)) (&& (== netstandard1.1) (>= netcoreapp2.1)) (&& (== netstandard1.1) (>= netcoreapp3.0)) (&& (== netstandard1.1) (>= netstandard2.0)) (&& (== netstandard1.1) (>= netstandard2.1)) (== netstandard2.0)
      System.ServiceModel.Duplex (>= 4.8) - restriction: || (&& (== net20) (>= netcoreapp2.0)) (&& (== net20) (>= netcoreapp2.1)) (&& (== net20) (>= netcoreapp3.0)) (&& (== net20) (>= netstandard2.0)) (&& (== net20) (>= netstandard2.1)) (&& (== net35) (>= netcoreapp2.0)) (&& (== net35) (>= netcoreapp2.1)) (&& (== net35) (>= netcoreapp3.0)) (&& (== net35) (>= netstandard2.0)) (&& (== net35) (>= netstandard2.1)) (&& (== net40) (>= netcoreapp2.0)) (&& (== net40) (>= netcoreapp2.1)) (&& (== net40) (>= netcoreapp3.0)) (&& (== net40) (>= netstandard2.0)) (&& (== net40) (>= netstandard2.1)) (&& (== net45) (>= netcoreapp2.0)) (&& (== net45) (>= netcoreapp2.1)) (&& (== net45) (>= netcoreapp3.0)) (&& (== net45) (>= netstandard2.0)) (&& (== net45) (>= netstandard2.1)) (&& (== net461) (>= netcoreapp2.0)) (&& (== net461) (>= netcoreapp2.1)) (&& (== net461) (>= netcoreapp3.0)) (&& (== net461) (>= netstandard2.0)) (&& (== net461) (>= netstandard2.1)) (== net471) (== net472) (== net48) (== net5.0-windows7.0) (== net50) (== netcoreapp2.0) (&& (== netstandard1.0) (>= netcoreapp2.0)) (&& (== netstandard1.0) (>= netcoreapp2.1)) (&& (== netstandard1.0) (>= netcoreapp3.0)) (&& (== netstandard1.0) (>= netstandard2.0)) (&& (== netstandard1.0) (>= netstandard2.1)) (&& (== netstandard1.1) (>= netcoreapp2.0)) (&& (== netstandard1.1) (>= netcoreapp2.1)) (&& (== netstandard1.1) (>= netcoreapp3.0)) (&& (== netstandard1.1) (>= netstandard2.0)) (&& (== netstandard1.1) (>= netstandard2.1)) (== netstandard2.0)
      System.ServiceModel.Http (>= 4.8) - restriction: || (&& (== net20) (>= netcoreapp2.0)) (&& (== net20) (>= netcoreapp2.1)) (&& (== net20) (>= netcoreapp3.0)) (&& (== net20) (>= netstandard2.0)) (&& (== net20) (>= netstandard2.1)) (&& (== net35) (>= netcoreapp2.0)) (&& (== net35) (>= netcoreapp2.1)) (&& (== net35) (>= netcoreapp3.0)) (&& (== net35) (>= netstandard2.0)) (&& (== net35) (>= netstandard2.1)) (&& (== net40) (>= netcoreapp2.0)) (&& (== net40) (>= netcoreapp2.1)) (&& (== net40) (>= netcoreapp3.0)) (&& (== net40) (>= netstandard2.0)) (&& (== net40) (>= netstandard2.1)) (&& (== net45) (>= netcoreapp2.0)) (&& (== net45) (>= netcoreapp2.1)) (&& (== net45) (>= netcoreapp3.0)) (&& (== net45) (>= netstandard2.0)) (&& (== net45) (>= netstandard2.1)) (&& (== net461) (>= netcoreapp2.0)) (&& (== net461) (>= netcoreapp2.1)) (&& (== net461) (>= netcoreapp3.0)) (&& (== net461) (>= netstandard2.0)) (&& (== net461) (>= netstandard2.1)) (== net471) (== net472) (== net48) (== net5.0-windows7.0) (== net50) (== netcoreapp2.0) (&& (== netstandard1.0) (>= netcoreapp2.0)) (&& (== netstandard1.0) (>= netcoreapp2.1)) (&& (== netstandard1.0) (>= netcoreapp3.0)) (&& (== netstandard1.0) (>= netstandard2.0)) (&& (== netstandard1.0) (>= netstandard2.1)) (&& (== netstandard1.1) (>= netcoreapp2.0)) (&& (== netstandard1.1) (>= netcoreapp2.1)) (&& (== netstandard1.1) (>= netcoreapp3.0)) (&& (== netstandard1.1) (>= netstandard2.0)) (&& (== netstandard1.1) (>= netstandard2.1)) (== netstandard2.0)
      System.ServiceModel.NetTcp (>= 4.8) - restriction: || (&& (== net20) (>= netcoreapp2.0)) (&& (== net20) (>= netcoreapp2.1)) (&& (== net20) (>= netcoreapp3.0)) (&& (== net20) (>= netstandard2.0)) (&& (== net20) (>= netstandard2.1)) (&& (== net35) (>= netcoreapp2.0)) (&& (== net35) (>= netcoreapp2.1)) (&& (== net35) (>= netcoreapp3.0)) (&& (== net35) (>= netstandard2.0)) (&& (== net35) (>= netstandard2.1)) (&& (== net40) (>= netcoreapp2.0)) (&& (== net40) (>= netcoreapp2.1)) (&& (== net40) (>= netcoreapp3.0)) (&& (== net40) (>= netstandard2.0)) (&& (== net40) (>= netstandard2.1)) (&& (== net45) (>= netcoreapp2.0)) (&& (== net45) (>= netcoreapp2.1)) (&& (== net45) (>= netcoreapp3.0)) (&& (== net45) (>= netstandard2.0)) (&& (== net45) (>= netstandard2.1)) (&& (== net461) (>= netcoreapp2.0)) (&& (== net461) (>= netcoreapp2.1)) (&& (== net461) (>= netcoreapp3.0)) (&& (== net461) (>= netstandard2.0)) (&& (== net461) (>= netstandard2.1)) (== net471) (== net472) (== net48) (== net5.0-windows7.0) (== net50) (== netcoreapp2.0) (&& (== netstandard1.0) (>= netcoreapp2.0)) (&& (== netstandard1.0) (>= netcoreapp2.1)) (&& (== netstandard1.0) (>= netcoreapp3.0)) (&& (== netstandard1.0) (>= netstandard2.0)) (&& (== netstandard1.0) (>= netstandard2.1)) (&& (== netstandard1.1) (>= netcoreapp2.0)) (&& (== netstandard1.1) (>= netcoreapp2.1)) (&& (== netstandard1.1) (>= netcoreapp3.0)) (&& (== netstandard1.1) (>= netstandard2.0)) (&& (== netstandard1.1) (>= netstandard2.1)) (== netstandard2.0)
      System.ServiceModel.Primitives (>= 4.8) - restriction: || (&& (== net20) (>= netcoreapp2.0)) (&& (== net20) (>= netcoreapp2.1)) (&& (== net20) (>= netcoreapp3.0)) (&& (== net20) (>= netstandard2.0)) (&& (== net20) (>= netstandard2.1)) (&& (== net35) (>= netcoreapp2.0)) (&& (== net35) (>= netcoreapp2.1)) (&& (== net35) (>= netcoreapp3.0)) (&& (== net35) (>= netstandard2.0)) (&& (== net35) (>= netstandard2.1)) (&& (== net40) (>= netcoreapp2.0)) (&& (== net40) (>= netcoreapp2.1)) (&& (== net40) (>= netcoreapp3.0)) (&& (== net40) (>= netstandard2.0)) (&& (== net40) (>= netstandard2.1)) (&& (== net45) (>= netcoreapp2.0)) (&& (== net45) (>= netcoreapp2.1)) (&& (== net45) (>= netcoreapp3.0)) (&& (== net45) (>= netstandard2.0)) (&& (== net45) (>= netstandard2.1)) (&& (== net461) (>= netcoreapp2.0)) (&& (== net461) (>= netcoreapp2.1)) (&& (== net461) (>= netcoreapp3.0)) (&& (== net461) (>= netstandard2.0)) (&& (== net461) (>= netstandard2.1)) (== net471) (== net472) (== net48) (== net5.0-windows7.0) (== net50) (== netcoreapp2.0) (&& (== netstandard1.0) (>= netcoreapp2.0)) (&& (== netstandard1.0) (>= netcoreapp2.1)) (&& (== netstandard1.0) (>= netcoreapp3.0)) (&& (== netstandard1.0) (>= netstandard2.0)) (&& (== netstandard1.0) (>= netstandard2.1)) (&& (== netstandard1.1) (>= netcoreapp2.0)) (&& (== netstandard1.1) (>= netcoreapp2.1)) (&& (== netstandard1.1) (>= netcoreapp3.0)) (&& (== netstandard1.1) (>= netstandard2.0)) (&& (== netstandard1.1) (>= netstandard2.1)) (== netstandard2.0)
      System.ServiceModel.Security (>= 4.8) - restriction: || (&& (== net20) (>= netcoreapp2.0)) (&& (== net20) (>= netcoreapp2.1)) (&& (== net20) (>= netcoreapp3.0)) (&& (== net20) (>= netstandard2.0)) (&& (== net20) (>= netstandard2.1)) (&& (== net35) (>= netcoreapp2.0)) (&& (== net35) (>= netcoreapp2.1)) (&& (== net35) (>= netcoreapp3.0)) (&& (== net35) (>= netstandard2.0)) (&& (== net35) (>= netstandard2.1)) (&& (== net40) (>= netcoreapp2.0)) (&& (== net40) (>= netcoreapp2.1)) (&& (== net40) (>= netcoreapp3.0)) (&& (== net40) (>= netstandard2.0)) (&& (== net40) (>= netstandard2.1)) (&& (== net45) (>= netcoreapp2.0)) (&& (== net45) (>= netcoreapp2.1)) (&& (== net45) (>= netcoreapp3.0)) (&& (== net45) (>= netstandard2.0)) (&& (== net45) (>= netstandard2.1)) (&& (== net461) (>= netcoreapp2.0)) (&& (== net461) (>= netcoreapp2.1)) (&& (== net461) (>= netcoreapp3.0)) (&& (== net461) (>= netstandard2.0)) (&& (== net461) (>= netstandard2.1)) (== net471) (== net472) (== net48) (== net5.0-windows7.0) (== net50) (== netcoreapp2.0) (&& (== netstandard1.0) (>= netcoreapp2.0)) (&& (== netstandard1.0) (>= netcoreapp2.1)) (&& (== netstandard1.0) (>= netcoreapp3.0)) (&& (== netstandard1.0) (>= netstandard2.0)) (&& (== netstandard1.0) (>= netstandard2.1)) (&& (== netstandard1.1) (>= netcoreapp2.0)) (&& (== netstandard1.1) (>= netcoreapp2.1)) (&& (== netstandard1.1) (>= netcoreapp3.0)) (&& (== netstandard1.1) (>= netstandard2.0)) (&& (== netstandard1.1) (>= netstandard2.1)) (== netstandard2.0)
      System.ServiceModel.Syndication (>= 5.0) - restriction: || (&& (== net20) (>= netcoreapp2.0)) (&& (== net20) (>= netcoreapp2.1)) (&& (== net20) (>= netcoreapp3.0)) (&& (== net20) (>= netstandard2.0)) (&& (== net20) (>= netstandard2.1)) (&& (== net35) (>= netcoreapp2.0)) (&& (== net35) (>= netcoreapp2.1)) (&& (== net35) (>= netcoreapp3.0)) (&& (== net35) (>= netstandard2.0)) (&& (== net35) (>= netstandard2.1)) (&& (== net40) (>= netcoreapp2.0)) (&& (== net40) (>= netcoreapp2.1)) (&& (== net40) (>= netcoreapp3.0)) (&& (== net40) (>= netstandard2.0)) (&& (== net40) (>= netstandard2.1)) (&& (== net45) (>= netcoreapp2.0)) (&& (== net45) (>= netcoreapp2.1)) (&& (== net45) (>= netcoreapp3.0)) (&& (== net45) (>= netstandard2.0)) (&& (== net45) (>= netstandard2.1)) (&& (== net461) (>= netcoreapp2.0)) (&& (== net461) (>= netcoreapp2.1)) (&& (== net461) (>= netcoreapp3.0)) (&& (== net461) (>= netstandard2.0)) (&& (== net461) (>= netstandard2.1)) (== net471) (== net472) (== net48) (== net5.0-windows7.0) (== net50) (== netcoreapp2.0) (&& (== netstandard1.0) (>= netcoreapp2.0)) (&& (== netstandard1.0) (>= netcoreapp2.1)) (&& (== netstandard1.0) (>= netcoreapp3.0)) (&& (== netstandard1.0) (>= netstandard2.0)) (&& (== netstandard1.0) (>= netstandard2.1)) (&& (== netstandard1.1) (>= netcoreapp2.0)) (&& (== netstandard1.1) (>= netcoreapp2.1)) (&& (== netstandard1.1) (>= netcoreapp3.0)) (&& (== netstandard1.1) (>= netstandard2.0)) (&& (== netstandard1.1) (>= netstandard2.1)) (== netstandard2.0)
      System.ServiceProcess.ServiceController (>= 5.0) - restriction: || (&& (== net20) (>= netcoreapp2.0)) (&& (== net20) (>= netcoreapp2.1)) (&& (== net20) (>= netcoreapp3.0)) (&& (== net20) (>= netstandard2.0)) (&& (== net20) (>= netstandard2.1)) (&& (== net35) (>= netcoreapp2.0)) (&& (== net35) (>= netcoreapp2.1)) (&& (== net35) (>= netcoreapp3.0)) (&& (== net35) (>= netstandard2.0)) (&& (== net35) (>= netstandard2.1)) (&& (== net40) (>= netcoreapp2.0)) (&& (== net40) (>= netcoreapp2.1)) (&& (== net40) (>= netcoreapp3.0)) (&& (== net40) (>= netstandard2.0)) (&& (== net40) (>= netstandard2.1)) (&& (== net45) (>= netcoreapp2.0)) (&& (== net45) (>= netcoreapp2.1)) (&& (== net45) (>= netcoreapp3.0)) (&& (== net45) (>= netstandard2.0)) (&& (== net45) (>= netstandard2.1)) (&& (== net461) (>= netcoreapp2.0)) (&& (== net461) (>= netcoreapp2.1)) (&& (== net461) (>= netcoreapp3.0)) (&& (== net461) (>= netstandard2.0)) (&& (== net461) (>= netstandard2.1)) (== net471) (== net472) (== net48) (== net5.0-windows7.0) (== net50) (== netcoreapp2.0) (&& (== netstandard1.0) (>= netcoreapp2.0)) (&& (== netstandard1.0) (>= netcoreapp2.1)) (&& (== netstandard1.0) (>= netcoreapp3.0)) (&& (== netstandard1.0) (>= netstandard2.0)) (&& (== netstandard1.0) (>= netstandard2.1)) (&& (== netstandard1.1) (>= netcoreapp2.0)) (&& (== netstandard1.1) (>= netcoreapp2.1)) (&& (== netstandard1.1) (>= netcoreapp3.0)) (&& (== netstandard1.1) (>= netstandard2.0)) (&& (== netstandard1.1) (>= netstandard2.1)) (== netstandard2.0)
      System.Speech (>= 5.0) - restriction: || (&& (== net20) (>= netcoreapp2.0)) (&& (== net20) (>= netcoreapp2.1)) (&& (== net20) (>= netcoreapp3.0)) (&& (== net20) (>= netstandard2.0)) (&& (== net20) (>= netstandard2.1)) (&& (== net35) (>= netcoreapp2.0)) (&& (== net35) (>= netcoreapp2.1)) (&& (== net35) (>= netcoreapp3.0)) (&& (== net35) (>= netstandard2.0)) (&& (== net35) (>= netstandard2.1)) (&& (== net40) (>= netcoreapp2.0)) (&& (== net40) (>= netcoreapp2.1)) (&& (== net40) (>= netcoreapp3.0)) (&& (== net40) (>= netstandard2.0)) (&& (== net40) (>= netstandard2.1)) (&& (== net45) (>= netcoreapp2.0)) (&& (== net45) (>= netcoreapp2.1)) (&& (== net45) (>= netcoreapp3.0)) (&& (== net45) (>= netstandard2.0)) (&& (== net45) (>= netstandard2.1)) (&& (== net461) (>= netcoreapp2.0)) (&& (== net461) (>= netcoreapp2.1)) (&& (== net461) (>= netcoreapp3.0)) (&& (== net461) (>= netstandard2.0)) (&& (== net461) (>= netstandard2.1)) (== net471) (== net472) (== net48) (== net5.0-windows7.0) (== net50) (== netcoreapp2.0) (&& (== netstandard1.0) (>= netcoreapp2.0)) (&& (== netstandard1.0) (>= netcoreapp2.1)) (&& (== netstandard1.0) (>= netcoreapp3.0)) (&& (== netstandard1.0) (>= netstandard2.0)) (&& (== netstandard1.0) (>= netstandard2.1)) (&& (== netstandard1.1) (>= netcoreapp2.0)) (&& (== netstandard1.1) (>= netcoreapp2.1)) (&& (== netstandard1.1) (>= netcoreapp3.0)) (&& (== netstandard1.1) (>= netstandard2.0)) (&& (== netstandard1.1) (>= netstandard2.1)) (== netstandard2.0)
      System.Text.Encoding.CodePages (>= 5.0) - restriction: || (&& (== net20) (>= netcoreapp2.0)) (&& (== net20) (>= netcoreapp2.1)) (&& (== net20) (>= netcoreapp3.0)) (&& (== net20) (>= netstandard2.0)) (&& (== net20) (>= netstandard2.1)) (&& (== net35) (>= netcoreapp2.0)) (&& (== net35) (>= netcoreapp2.1)) (&& (== net35) (>= netcoreapp3.0)) (&& (== net35) (>= netstandard2.0)) (&& (== net35) (>= netstandard2.1)) (&& (== net40) (>= netcoreapp2.0)) (&& (== net40) (>= netcoreapp2.1)) (&& (== net40) (>= netcoreapp3.0)) (&& (== net40) (>= netstandard2.0)) (&& (== net40) (>= netstandard2.1)) (&& (== net45) (>= netcoreapp2.0)) (&& (== net45) (>= netcoreapp2.1)) (&& (== net45) (>= netcoreapp3.0)) (&& (== net45) (>= netstandard2.0)) (&& (== net45) (>= netstandard2.1)) (&& (== net461) (>= netcoreapp2.0)) (&& (== net461) (>= netcoreapp2.1)) (&& (== net461) (>= netcoreapp3.0)) (&& (== net461) (>= netstandard2.0)) (&& (== net461) (>= netstandard2.1)) (== net471) (== net472) (== net48) (== net5.0-windows7.0) (== net50) (== netcoreapp2.0) (&& (== netstandard1.0) (>= netcoreapp2.0)) (&& (== netstandard1.0) (>= netcoreapp2.1)) (&& (== netstandard1.0) (>= netcoreapp3.0)) (&& (== netstandard1.0) (>= netstandard2.0)) (&& (== netstandard1.0) (>= netstandard2.1)) (&& (== netstandard1.1) (>= netcoreapp2.0)) (&& (== netstandard1.1) (>= netcoreapp2.1)) (&& (== netstandard1.1) (>= netcoreapp3.0)) (&& (== netstandard1.1) (>= netstandard2.0)) (&& (== netstandard1.1) (>= netstandard2.1)) (== netstandard2.0)
      System.Threading.AccessControl (>= 5.0) - restriction: || (&& (== net20) (>= netcoreapp2.0)) (&& (== net20) (>= netcoreapp2.1)) (&& (== net20) (>= netcoreapp3.0)) (&& (== net20) (>= netstandard2.0)) (&& (== net20) (>= netstandard2.1)) (&& (== net35) (>= netcoreapp2.0)) (&& (== net35) (>= netcoreapp2.1)) (&& (== net35) (>= netcoreapp3.0)) (&& (== net35) (>= netstandard2.0)) (&& (== net35) (>= netstandard2.1)) (&& (== net40) (>= netcoreapp2.0)) (&& (== net40) (>= netcoreapp2.1)) (&& (== net40) (>= netcoreapp3.0)) (&& (== net40) (>= netstandard2.0)) (&& (== net40) (>= netstandard2.1)) (&& (== net45) (>= netcoreapp2.0)) (&& (== net45) (>= netcoreapp2.1)) (&& (== net45) (>= netcoreapp3.0)) (&& (== net45) (>= netstandard2.0)) (&& (== net45) (>= netstandard2.1)) (&& (== net461) (>= netcoreapp2.0)) (&& (== net461) (>= netcoreapp2.1)) (&& (== net461) (>= netcoreapp3.0)) (&& (== net461) (>= netstandard2.0)) (&& (== net461) (>= netstandard2.1)) (== net471) (== net472) (== net48) (== net5.0-windows7.0) (== net50) (== netcoreapp2.0) (&& (== netstandard1.0) (>= netcoreapp2.0)) (&& (== netstandard1.0) (>= netcoreapp2.1)) (&& (== netstandard1.0) (>= netcoreapp3.0)) (&& (== netstandard1.0) (>= netstandard2.0)) (&& (== netstandard1.0) (>= netstandard2.1)) (&& (== netstandard1.1) (>= netcoreapp2.0)) (&& (== netstandard1.1) (>= netcoreapp2.1)) (&& (== netstandard1.1) (>= netcoreapp3.0)) (&& (== netstandard1.1) (>= netstandard2.0)) (&& (== netstandard1.1) (>= netstandard2.1)) (== netstandard2.0)
    Microsoft.Windows.Compatibility.Shims (2.0.1) - restriction: || (&& (== net20) (== net5.0-windows7.0)) (&& (== net20) (== net50)) (&& (== net20) (>= netcoreapp2.0)) (&& (== net35) (== net5.0-windows7.0)) (&& (== net35) (== net50)) (&& (== net35) (>= netcoreapp2.0)) (&& (== net40) (== net5.0-windows7.0)) (&& (== net40) (== net50)) (&& (== net40) (>= netcoreapp2.0)) (&& (== net45) (== net5.0-windows7.0)) (&& (== net45) (== net50)) (&& (== net45) (>= netcoreapp2.0)) (&& (== net461) (== net5.0-windows7.0)) (&& (== net461) (== net50)) (&& (== net461) (>= netcoreapp2.0) (>= netstandard2.1)) (&& (== net471) (== net5.0-windows7.0)) (&& (== net471) (== net50)) (&& (== net471) (>= netcoreapp2.0)) (&& (== net472) (== net5.0-windows7.0)) (&& (== net472) (== net50)) (&& (== net472) (>= netcoreapp2.0)) (&& (== net48) (== net5.0-windows7.0)) (&& (== net48) (== net50)) (&& (== net48) (>= netcoreapp2.0)) (&& (== net5.0-windows7.0) (== netstandard1.0)) (&& (== net5.0-windows7.0) (== netstandard1.1)) (&& (== net5.0-windows7.0) (== netstandard2.0)) (&& (== net5.0-windows7.0) (< netcoreapp2.1) (< netstandard2.1)) (&& (== net50) (== netstandard1.0)) (&& (== net50) (== netstandard1.1)) (&& (== net50) (== netstandard2.0)) (&& (== net50) (< netcoreapp2.1) (< netstandard2.1)) (== netcoreapp2.0) (&& (== netstandard1.0) (>= netcoreapp2.0)) (&& (== netstandard1.1) (>= netcoreapp2.0)) (&& (== netstandard2.0) (>= netcoreapp2.0))
    Moq (4.16.1)
      Castle.Core (>= 4.4) - restriction: || (&& (== net20) (>= net45)) (&& (== net20) (>= netstandard2.0)) (&& (== net35) (>= net45)) (&& (== net35) (>= netstandard2.0)) (&& (== net40) (>= net45)) (&& (== net40) (>= netstandard2.0)) (== net45) (== net461) (== net471) (== net472) (== net48) (== net5.0-windows7.0) (== net50) (== netcoreapp2.0) (&& (== netstandard1.0) (>= net45)) (&& (== netstandard1.0) (>= netstandard2.0)) (&& (== netstandard1.1) (>= net45)) (&& (== netstandard1.1) (>= netstandard2.0)) (== netstandard2.0)
      System.Threading.Tasks.Extensions (>= 4.5.4) - restriction: || (&& (== net20) (>= net45)) (&& (== net20) (>= netstandard2.0)) (&& (== net35) (>= net45)) (&& (== net35) (>= netstandard2.0)) (&& (== net40) (>= net45)) (&& (== net40) (>= netstandard2.0)) (== net45) (== net461) (== net471) (== net472) (== net48) (== net5.0-windows7.0) (== net50) (== netcoreapp2.0) (&& (== netstandard1.0) (>= net45)) (&& (== netstandard1.0) (>= netstandard2.0)) (&& (== netstandard1.1) (>= net45)) (&& (== netstandard1.1) (>= netstandard2.0)) (== netstandard2.0)
    MvvmLightLibsStd10 (5.4.1.1)
    NETStandard.Library (2.0.3) - restriction: || (&& (== net20) (== net471)) (&& (== net20) (== net472)) (&& (== net20) (== net48)) (&& (== net20) (>= net46)) (&& (== net20) (>= netstandard1.0)) (&& (== net20) (>= netstandard1.1)) (&& (== net20) (>= netstandard1.3)) (&& (== net35) (== net471)) (&& (== net35) (== net472)) (&& (== net35) (== net48)) (&& (== net35) (>= net46)) (&& (== net35) (>= netstandard1.0)) (&& (== net35) (>= netstandard1.1)) (&& (== net35) (>= netstandard1.3)) (&& (== net40) (== net471)) (&& (== net40) (== net472)) (&& (== net40) (== net48)) (&& (== net40) (>= net46)) (&& (== net40) (>= netstandard1.0)) (&& (== net40) (>= netstandard1.1)) (&& (== net40) (>= netstandard1.3)) (== net45) (== net461) (&& (== net471) (< net20)) (&& (== net471) (< net45) (< netstandard1.3)) (&& (== net471) (< net451)) (&& (== net471) (< net452)) (&& (== net471) (< netstandard2.0)) (&& (== net472) (< net20)) (&& (== net472) (< net45) (< netstandard1.3)) (&& (== net472) (< net451)) (&& (== net472) (< net452)) (&& (== net472) (< netstandard2.0)) (&& (== net48) (< net20)) (&& (== net48) (< net45) (< netstandard1.3)) (&& (== net48) (< net451)) (&& (== net48) (< net452)) (&& (== net48) (< netstandard2.0)) (== net5.0-windows7.0) (== net50) (== netcoreapp2.0) (== netstandard1.0) (== netstandard1.1) (== netstandard2.0)
      Microsoft.NETCore.Platforms (>= 1.1) - restriction: || (&& (== net20) (>= net45)) (&& (== net20) (>= net46)) (&& (== net20) (>= net461)) (&& (== net20) (>= netcoreapp2.0)) (&& (== net20) (>= netstandard1.0)) (&& (== net20) (>= netstandard1.1)) (&& (== net20) (>= netstandard1.2)) (&& (== net20) (>= netstandard1.3)) (&& (== net20) (>= netstandard1.4)) (&& (== net20) (>= netstandard1.5)) (&& (== net20) (>= netstandard1.6)) (&& (== net20) (>= netstandard2.0)) (&& (== net20) (>= portable-net45+win8)) (&& (== net20) (>= portable-net45+win8+wp8+wpa81)) (&& (== net20) (>= portable-net45+win8+wpa81)) (&& (== net20) (>= uap10.0)) (&& (== net20) (>= uap10.1)) (&& (== net20) (>= win8)) (&& (== net20) (>= wp8)) (&& (== net20) (>= wpa81)) (&& (== net35) (>= net45)) (&& (== net35) (>= net46)) (&& (== net35) (>= net461)) (&& (== net35) (>= netcoreapp2.0)) (&& (== net35) (>= netstandard1.0)) (&& (== net35) (>= netstandard1.1)) (&& (== net35) (>= netstandard1.2)) (&& (== net35) (>= netstandard1.3)) (&& (== net35) (>= netstandard1.4)) (&& (== net35) (>= netstandard1.5)) (&& (== net35) (>= netstandard1.6)) (&& (== net35) (>= netstandard2.0)) (&& (== net35) (>= portable-net45+win8)) (&& (== net35) (>= portable-net45+win8+wp8+wpa81)) (&& (== net35) (>= portable-net45+win8+wpa81)) (&& (== net35) (>= uap10.0)) (&& (== net35) (>= uap10.1)) (&& (== net35) (>= win8)) (&& (== net35) (>= wp8)) (&& (== net35) (>= wpa81)) (&& (== net40) (>= net45)) (&& (== net40) (>= net46)) (&& (== net40) (>= net461)) (&& (== net40) (>= netcoreapp2.0)) (&& (== net40) (>= netstandard1.0)) (&& (== net40) (>= netstandard1.1)) (&& (== net40) (>= netstandard1.2)) (&& (== net40) (>= netstandard1.3)) (&& (== net40) (>= netstandard1.4)) (&& (== net40) (>= netstandard1.5)) (&& (== net40) (>= netstandard1.6)) (&& (== net40) (>= netstandard2.0)) (&& (== net40) (>= portable-net45+win8)) (&& (== net40) (>= portable-net45+win8+wp8+wpa81)) (&& (== net40) (>= portable-net45+win8+wpa81)) (&& (== net40) (>= uap10.0)) (&& (== net40) (>= uap10.1)) (&& (== net40) (>= win8)) (&& (== net40) (>= wp8)) (&& (== net40) (>= wpa81)) (== net45) (== net461) (== net471) (== net472) (== net48) (== net5.0-windows7.0) (== net50) (== netcoreapp2.0) (== netstandard1.0) (== netstandard1.1) (== netstandard2.0)
      System.Collections (>= 4.3) - restriction: || (&& (== net20) (>= netstandard1.0)) (&& (== net20) (>= netstandard1.1)) (&& (== net20) (>= netstandard1.2)) (&& (== net20) (>= netstandard1.3)) (&& (== net20) (>= netstandard1.4)) (&& (== net20) (>= netstandard1.5)) (&& (== net20) (>= netstandard1.6)) (&& (== net20) (>= uap10.0)) (&& (== net35) (>= netstandard1.0)) (&& (== net35) (>= netstandard1.1)) (&& (== net35) (>= netstandard1.2)) (&& (== net35) (>= netstandard1.3)) (&& (== net35) (>= netstandard1.4)) (&& (== net35) (>= netstandard1.5)) (&& (== net35) (>= netstandard1.6)) (&& (== net35) (>= uap10.0)) (&& (== net40) (>= netstandard1.0)) (&& (== net40) (>= netstandard1.1)) (&& (== net40) (>= netstandard1.2)) (&& (== net40) (>= netstandard1.3)) (&& (== net40) (>= netstandard1.4)) (&& (== net40) (>= netstandard1.5)) (&& (== net40) (>= netstandard1.6)) (&& (== net40) (>= uap10.0)) (&& (== net45) (< portable-net45+win8+wpa81)) (&& (== net45) (>= uap10.0)) (&& (== net461) (< net45)) (&& (== net461) (< portable-net45+win8+wpa81)) (&& (== net461) (>= uap10.0)) (&& (== net471) (< net45) (< netstandard1.2)) (&& (== net471) (< net45) (< netstandard1.3)) (&& (== net471) (< net45) (< netstandard1.4)) (&& (== net471) (< net45) (< netstandard1.5)) (&& (== net471) (< net45) (< netstandard1.6)) (&& (== net471) (< net45) (< netstandard2.0)) (&& (== net471) (< netstandard1.5) (>= uap10.0)) (&& (== net471) (< portable-net45+win8+wpa81)) (&& (== net472) (< net45) (< netstandard1.2)) (&& (== net472) (< net45) (< netstandard1.3)) (&& (== net472) (< net45) (< netstandard1.4)) (&& (== net472) (< net45) (< netstandard1.5)) (&& (== net472) (< net45) (< netstandard1.6)) (&& (== net472) (< net45) (< netstandard2.0)) (&& (== net472) (< netstandard1.5) (>= uap10.0)) (&& (== net472) (< portable-net45+win8+wpa81)) (&& (== net48) (< net45) (< netstandard1.2)) (&& (== net48) (< net45) (< netstandard1.3)) (&& (== net48) (< net45) (< netstandard1.4)) (&& (== net48) (< net45) (< netstandard1.5)) (&& (== net48) (< net45) (< netstandard1.6)) (&& (== net48) (< net45) (< netstandard2.0)) (&& (== net48) (< netstandard1.5) (>= uap10.0)) (&& (== net48) (< portable-net45+win8+wpa81)) (&& (== net5.0-windows7.0) (< netstandard1.2)) (&& (== net5.0-windows7.0) (< netstandard1.3)) (&& (== net5.0-windows7.0) (< netstandard1.4)) (&& (== net5.0-windows7.0) (< netstandard1.5)) (&& (== net5.0-windows7.0) (< netstandard1.6)) (&& (== net5.0-windows7.0) (< netstandard2.0)) (&& (== net5.0-windows7.0) (< portable-net45+win8+wpa81)) (&& (== net50) (< netstandard1.2)) (&& (== net50) (< netstandard1.3)) (&& (== net50) (< netstandard1.4)) (&& (== net50) (< netstandard1.5)) (&& (== net50) (< netstandard1.6)) (&& (== net50) (< netstandard2.0)) (&& (== net50) (< portable-net45+win8+wpa81)) (&& (== netcoreapp2.0) (< netstandard1.2)) (&& (== netcoreapp2.0) (< netstandard1.3)) (&& (== netcoreapp2.0) (< netstandard1.4)) (&& (== netcoreapp2.0) (< netstandard1.5)) (&& (== netcoreapp2.0) (< netstandard1.6)) (&& (== netcoreapp2.0) (< netstandard2.0)) (&& (== netcoreapp2.0) (< portable-net45+win8+wpa81)) (== netstandard1.0) (== netstandard1.1) (&& (== netstandard2.0) (< netstandard1.2)) (&& (== netstandard2.0) (< netstandard1.3)) (&& (== netstandard2.0) (< netstandard1.4)) (&& (== netstandard2.0) (< netstandard1.5)) (&& (== netstandard2.0) (< netstandard1.6)) (&& (== netstandard2.0) (< portable-net45+win8+wpa81))
      System.Collections.Concurrent (>= 4.3) - restriction: || (&& (== net20) (>= netstandard1.1)) (&& (== net20) (>= netstandard1.2)) (&& (== net20) (>= netstandard1.3)) (&& (== net20) (>= netstandard1.4)) (&& (== net20) (>= netstandard1.5)) (&& (== net20) (>= netstandard1.6)) (&& (== net20) (>= uap10.0)) (&& (== net35) (>= netstandard1.1)) (&& (== net35) (>= netstandard1.2)) (&& (== net35) (>= netstandard1.3)) (&& (== net35) (>= netstandard1.4)) (&& (== net35) (>= netstandard1.5)) (&& (== net35) (>= netstandard1.6)) (&& (== net35) (>= uap10.0)) (&& (== net40) (>= netstandard1.1)) (&& (== net40) (>= netstandard1.2)) (&& (== net40) (>= netstandard1.3)) (&& (== net40) (>= netstandard1.4)) (&& (== net40) (>= netstandard1.5)) (&& (== net40) (>= netstandard1.6)) (&& (== net40) (>= uap10.0)) (&& (== net45) (>= uap10.0)) (&& (== net461) (< net45)) (&& (== net461) (>= uap10.0)) (&& (== net471) (< net45) (< netstandard1.2)) (&& (== net471) (< net45) (< netstandard1.3)) (&& (== net471) (< net45) (< netstandard1.4)) (&& (== net471) (< net45) (< netstandard1.5)) (&& (== net471) (< net45) (< netstandard1.6)) (&& (== net471) (< net45) (< netstandard2.0)) (&& (== net471) (< netstandard1.5) (>= uap10.0)) (&& (== net472) (< net45) (< netstandard1.2)) (&& (== net472) (< net45) (< netstandard1.3)) (&& (== net472) (< net45) (< netstandard1.4)) (&& (== net472) (< net45) (< netstandard1.5)) (&& (== net472) (< net45) (< netstandard1.6)) (&& (== net472) (< net45) (< netstandard2.0)) (&& (== net472) (< netstandard1.5) (>= uap10.0)) (&& (== net48) (< net45) (< netstandard1.2)) (&& (== net48) (< net45) (< netstandard1.3)) (&& (== net48) (< net45) (< netstandard1.4)) (&& (== net48) (< net45) (< netstandard1.5)) (&& (== net48) (< net45) (< netstandard1.6)) (&& (== net48) (< net45) (< netstandard2.0)) (&& (== net48) (< netstandard1.5) (>= uap10.0)) (&& (== net5.0-windows7.0) (< netstandard1.2)) (&& (== net5.0-windows7.0) (< netstandard1.3)) (&& (== net5.0-windows7.0) (< netstandard1.4)) (&& (== net5.0-windows7.0) (< netstandard1.5)) (&& (== net5.0-windows7.0) (< netstandard1.6)) (&& (== net5.0-windows7.0) (< netstandard2.0)) (&& (== net50) (< netstandard1.2)) (&& (== net50) (< netstandard1.3)) (&& (== net50) (< netstandard1.4)) (&& (== net50) (< netstandard1.5)) (&& (== net50) (< netstandard1.6)) (&& (== net50) (< netstandard2.0)) (&& (== netcoreapp2.0) (< netstandard1.2)) (&& (== netcoreapp2.0) (< netstandard1.3)) (&& (== netcoreapp2.0) (< netstandard1.4)) (&& (== netcoreapp2.0) (< netstandard1.5)) (&& (== netcoreapp2.0) (< netstandard1.6)) (&& (== netcoreapp2.0) (< netstandard2.0)) (&& (== netstandard1.0) (>= netstandard1.1)) (&& (== netstandard1.0) (>= netstandard1.2)) (&& (== netstandard1.0) (>= netstandard1.3)) (&& (== netstandard1.0) (>= netstandard1.4)) (&& (== netstandard1.0) (>= netstandard1.5)) (&& (== netstandard1.0) (>= netstandard1.6)) (&& (== netstandard1.0) (>= uap10.0)) (== netstandard1.1) (&& (== netstandard2.0) (< netstandard1.2)) (&& (== netstandard2.0) (< netstandard1.3)) (&& (== netstandard2.0) (< netstandard1.4)) (&& (== netstandard2.0) (< netstandard1.5)) (&& (== netstandard2.0) (< netstandard1.6))
      System.Diagnostics.Debug (>= 4.3) - restriction: || (&& (== net20) (>= netstandard1.0)) (&& (== net20) (>= netstandard1.1)) (&& (== net20) (>= netstandard1.2)) (&& (== net20) (>= netstandard1.3)) (&& (== net20) (>= netstandard1.4)) (&& (== net20) (>= netstandard1.5)) (&& (== net20) (>= netstandard1.6)) (&& (== net20) (>= uap10.0)) (&& (== net35) (>= netstandard1.0)) (&& (== net35) (>= netstandard1.1)) (&& (== net35) (>= netstandard1.2)) (&& (== net35) (>= netstandard1.3)) (&& (== net35) (>= netstandard1.4)) (&& (== net35) (>= netstandard1.5)) (&& (== net35) (>= netstandard1.6)) (&& (== net35) (>= uap10.0)) (&& (== net40) (>= netstandard1.0)) (&& (== net40) (>= netstandard1.1)) (&& (== net40) (>= netstandard1.2)) (&& (== net40) (>= netstandard1.3)) (&& (== net40) (>= netstandard1.4)) (&& (== net40) (>= netstandard1.5)) (&& (== net40) (>= netstandard1.6)) (&& (== net40) (>= uap10.0)) (&& (== net45) (< portable-net45+win8+wpa81)) (&& (== net45) (>= uap10.0)) (&& (== net461) (< net45)) (&& (== net461) (< portable-net45+win8+wpa81)) (&& (== net461) (>= uap10.0)) (&& (== net471) (< net45) (< netstandard1.2)) (&& (== net471) (< net45) (< netstandard1.3)) (&& (== net471) (< net45) (< netstandard1.4)) (&& (== net471) (< net45) (< netstandard1.5)) (&& (== net471) (< net45) (< netstandard1.6)) (&& (== net471) (< net45) (< netstandard2.0)) (&& (== net471) (< netstandard1.5) (>= uap10.0)) (&& (== net471) (< portable-net45+win8+wpa81)) (&& (== net472) (< net45) (< netstandard1.2)) (&& (== net472) (< net45) (< netstandard1.3)) (&& (== net472) (< net45) (< netstandard1.4)) (&& (== net472) (< net45) (< netstandard1.5)) (&& (== net472) (< net45) (< netstandard1.6)) (&& (== net472) (< net45) (< netstandard2.0)) (&& (== net472) (< netstandard1.5) (>= uap10.0)) (&& (== net472) (< portable-net45+win8+wpa81)) (&& (== net48) (< net45) (< netstandard1.2)) (&& (== net48) (< net45) (< netstandard1.3)) (&& (== net48) (< net45) (< netstandard1.4)) (&& (== net48) (< net45) (< netstandard1.5)) (&& (== net48) (< net45) (< netstandard1.6)) (&& (== net48) (< net45) (< netstandard2.0)) (&& (== net48) (< netstandard1.5) (>= uap10.0)) (&& (== net48) (< portable-net45+win8+wpa81)) (&& (== net5.0-windows7.0) (< netstandard1.2)) (&& (== net5.0-windows7.0) (< netstandard1.3)) (&& (== net5.0-windows7.0) (< netstandard1.4)) (&& (== net5.0-windows7.0) (< netstandard1.5)) (&& (== net5.0-windows7.0) (< netstandard1.6)) (&& (== net5.0-windows7.0) (< netstandard2.0)) (&& (== net5.0-windows7.0) (< portable-net45+win8+wpa81)) (&& (== net50) (< netstandard1.2)) (&& (== net50) (< netstandard1.3)) (&& (== net50) (< netstandard1.4)) (&& (== net50) (< netstandard1.5)) (&& (== net50) (< netstandard1.6)) (&& (== net50) (< netstandard2.0)) (&& (== net50) (< portable-net45+win8+wpa81)) (&& (== netcoreapp2.0) (< netstandard1.2)) (&& (== netcoreapp2.0) (< netstandard1.3)) (&& (== netcoreapp2.0) (< netstandard1.4)) (&& (== netcoreapp2.0) (< netstandard1.5)) (&& (== netcoreapp2.0) (< netstandard1.6)) (&& (== netcoreapp2.0) (< netstandard2.0)) (&& (== netcoreapp2.0) (< portable-net45+win8+wpa81)) (== netstandard1.0) (== netstandard1.1) (&& (== netstandard2.0) (< netstandard1.2)) (&& (== netstandard2.0) (< netstandard1.3)) (&& (== netstandard2.0) (< netstandard1.4)) (&& (== netstandard2.0) (< netstandard1.5)) (&& (== netstandard2.0) (< netstandard1.6)) (&& (== netstandard2.0) (< portable-net45+win8+wpa81))
      System.Diagnostics.Tools (>= 4.3) - restriction: || (&& (== net20) (>= netstandard1.0)) (&& (== net20) (>= netstandard1.1)) (&& (== net20) (>= netstandard1.2)) (&& (== net20) (>= netstandard1.3)) (&& (== net20) (>= netstandard1.4)) (&& (== net20) (>= netstandard1.5)) (&& (== net20) (>= netstandard1.6)) (&& (== net20) (>= uap10.0)) (&& (== net35) (>= netstandard1.0)) (&& (== net35) (>= netstandard1.1)) (&& (== net35) (>= netstandard1.2)) (&& (== net35) (>= netstandard1.3)) (&& (== net35) (>= netstandard1.4)) (&& (== net35) (>= netstandard1.5)) (&& (== net35) (>= netstandard1.6)) (&& (== net35) (>= uap10.0)) (&& (== net40) (>= netstandard1.0)) (&& (== net40) (>= netstandard1.1)) (&& (== net40) (>= netstandard1.2)) (&& (== net40) (>= netstandard1.3)) (&& (== net40) (>= netstandard1.4)) (&& (== net40) (>= netstandard1.5)) (&& (== net40) (>= netstandard1.6)) (&& (== net40) (>= uap10.0)) (&& (== net45) (< portable-net45+win8+wpa81)) (&& (== net45) (>= uap10.0)) (&& (== net461) (< net45)) (&& (== net461) (< portable-net45+win8+wpa81)) (&& (== net461) (>= uap10.0)) (&& (== net471) (< net45) (< netstandard1.2)) (&& (== net471) (< net45) (< netstandard1.3)) (&& (== net471) (< net45) (< netstandard1.4)) (&& (== net471) (< net45) (< netstandard1.5)) (&& (== net471) (< net45) (< netstandard1.6)) (&& (== net471) (< net45) (< netstandard2.0)) (&& (== net471) (< netstandard1.5) (>= uap10.0)) (&& (== net471) (< portable-net45+win8+wpa81)) (&& (== net472) (< net45) (< netstandard1.2)) (&& (== net472) (< net45) (< netstandard1.3)) (&& (== net472) (< net45) (< netstandard1.4)) (&& (== net472) (< net45) (< netstandard1.5)) (&& (== net472) (< net45) (< netstandard1.6)) (&& (== net472) (< net45) (< netstandard2.0)) (&& (== net472) (< netstandard1.5) (>= uap10.0)) (&& (== net472) (< portable-net45+win8+wpa81)) (&& (== net48) (< net45) (< netstandard1.2)) (&& (== net48) (< net45) (< netstandard1.3)) (&& (== net48) (< net45) (< netstandard1.4)) (&& (== net48) (< net45) (< netstandard1.5)) (&& (== net48) (< net45) (< netstandard1.6)) (&& (== net48) (< net45) (< netstandard2.0)) (&& (== net48) (< netstandard1.5) (>= uap10.0)) (&& (== net48) (< portable-net45+win8+wpa81)) (&& (== net5.0-windows7.0) (< netstandard1.2)) (&& (== net5.0-windows7.0) (< netstandard1.3)) (&& (== net5.0-windows7.0) (< netstandard1.4)) (&& (== net5.0-windows7.0) (< netstandard1.5)) (&& (== net5.0-windows7.0) (< netstandard1.6)) (&& (== net5.0-windows7.0) (< netstandard2.0)) (&& (== net5.0-windows7.0) (< portable-net45+win8+wpa81)) (&& (== net50) (< netstandard1.2)) (&& (== net50) (< netstandard1.3)) (&& (== net50) (< netstandard1.4)) (&& (== net50) (< netstandard1.5)) (&& (== net50) (< netstandard1.6)) (&& (== net50) (< netstandard2.0)) (&& (== net50) (< portable-net45+win8+wpa81)) (&& (== netcoreapp2.0) (< netstandard1.2)) (&& (== netcoreapp2.0) (< netstandard1.3)) (&& (== netcoreapp2.0) (< netstandard1.4)) (&& (== netcoreapp2.0) (< netstandard1.5)) (&& (== netcoreapp2.0) (< netstandard1.6)) (&& (== netcoreapp2.0) (< netstandard2.0)) (&& (== netcoreapp2.0) (< portable-net45+win8+wpa81)) (== netstandard1.0) (== netstandard1.1) (&& (== netstandard2.0) (< netstandard1.2)) (&& (== netstandard2.0) (< netstandard1.3)) (&& (== netstandard2.0) (< netstandard1.4)) (&& (== netstandard2.0) (< netstandard1.5)) (&& (== netstandard2.0) (< netstandard1.6)) (&& (== netstandard2.0) (< portable-net45+win8+wpa81))
      System.Diagnostics.Tracing (>= 4.3) - restriction: || (&& (== net20) (>= netstandard1.1)) (&& (== net20) (>= netstandard1.2)) (&& (== net20) (>= netstandard1.3)) (&& (== net20) (>= netstandard1.4)) (&& (== net20) (>= netstandard1.5)) (&& (== net20) (>= netstandard1.6)) (&& (== net20) (>= uap10.0)) (&& (== net35) (>= netstandard1.1)) (&& (== net35) (>= netstandard1.2)) (&& (== net35) (>= netstandard1.3)) (&& (== net35) (>= netstandard1.4)) (&& (== net35) (>= netstandard1.5)) (&& (== net35) (>= netstandard1.6)) (&& (== net35) (>= uap10.0)) (&& (== net40) (>= netstandard1.1)) (&& (== net40) (>= netstandard1.2)) (&& (== net40) (>= netstandard1.3)) (&& (== net40) (>= netstandard1.4)) (&& (== net40) (>= netstandard1.5)) (&& (== net40) (>= netstandard1.6)) (&& (== net40) (>= uap10.0)) (&& (== net45) (>= uap10.0)) (&& (== net461) (< net45)) (&& (== net461) (>= uap10.0)) (&& (== net471) (< net45) (< netstandard1.2)) (&& (== net471) (< net45) (< netstandard1.3)) (&& (== net471) (< net45) (< netstandard1.4)) (&& (== net471) (< net45) (< netstandard1.5)) (&& (== net471) (< net45) (< netstandard1.6)) (&& (== net471) (< net45) (< netstandard2.0)) (&& (== net471) (< netstandard1.5) (>= uap10.0)) (&& (== net472) (< net45) (< netstandard1.2)) (&& (== net472) (< net45) (< netstandard1.3)) (&& (== net472) (< net45) (< netstandard1.4)) (&& (== net472) (< net45) (< netstandard1.5)) (&& (== net472) (< net45) (< netstandard1.6)) (&& (== net472) (< net45) (< netstandard2.0)) (&& (== net472) (< netstandard1.5) (>= uap10.0)) (&& (== net48) (< net45) (< netstandard1.2)) (&& (== net48) (< net45) (< netstandard1.3)) (&& (== net48) (< net45) (< netstandard1.4)) (&& (== net48) (< net45) (< netstandard1.5)) (&& (== net48) (< net45) (< netstandard1.6)) (&& (== net48) (< net45) (< netstandard2.0)) (&& (== net48) (< netstandard1.5) (>= uap10.0)) (&& (== net5.0-windows7.0) (< netstandard1.2)) (&& (== net5.0-windows7.0) (< netstandard1.3)) (&& (== net5.0-windows7.0) (< netstandard1.4)) (&& (== net5.0-windows7.0) (< netstandard1.5)) (&& (== net5.0-windows7.0) (< netstandard1.6)) (&& (== net5.0-windows7.0) (< netstandard2.0)) (&& (== net50) (< netstandard1.2)) (&& (== net50) (< netstandard1.3)) (&& (== net50) (< netstandard1.4)) (&& (== net50) (< netstandard1.5)) (&& (== net50) (< netstandard1.6)) (&& (== net50) (< netstandard2.0)) (&& (== netcoreapp2.0) (< netstandard1.2)) (&& (== netcoreapp2.0) (< netstandard1.3)) (&& (== netcoreapp2.0) (< netstandard1.4)) (&& (== netcoreapp2.0) (< netstandard1.5)) (&& (== netcoreapp2.0) (< netstandard1.6)) (&& (== netcoreapp2.0) (< netstandard2.0)) (&& (== netstandard1.0) (>= netstandard1.1)) (&& (== netstandard1.0) (>= netstandard1.2)) (&& (== netstandard1.0) (>= netstandard1.3)) (&& (== netstandard1.0) (>= netstandard1.4)) (&& (== netstandard1.0) (>= netstandard1.5)) (&& (== netstandard1.0) (>= netstandard1.6)) (&& (== netstandard1.0) (>= uap10.0)) (== netstandard1.1) (&& (== netstandard2.0) (< netstandard1.2)) (&& (== netstandard2.0) (< netstandard1.3)) (&& (== netstandard2.0) (< netstandard1.4)) (&& (== netstandard2.0) (< netstandard1.5)) (&& (== netstandard2.0) (< netstandard1.6))
      System.Globalization (>= 4.3) - restriction: || (&& (== net20) (>= netstandard1.0)) (&& (== net20) (>= netstandard1.1)) (&& (== net20) (>= netstandard1.2)) (&& (== net20) (>= netstandard1.3)) (&& (== net20) (>= netstandard1.4)) (&& (== net20) (>= netstandard1.5)) (&& (== net20) (>= netstandard1.6)) (&& (== net20) (>= uap10.0)) (&& (== net35) (>= netstandard1.0)) (&& (== net35) (>= netstandard1.1)) (&& (== net35) (>= netstandard1.2)) (&& (== net35) (>= netstandard1.3)) (&& (== net35) (>= netstandard1.4)) (&& (== net35) (>= netstandard1.5)) (&& (== net35) (>= netstandard1.6)) (&& (== net35) (>= uap10.0)) (&& (== net40) (>= netstandard1.0)) (&& (== net40) (>= netstandard1.1)) (&& (== net40) (>= netstandard1.2)) (&& (== net40) (>= netstandard1.3)) (&& (== net40) (>= netstandard1.4)) (&& (== net40) (>= netstandard1.5)) (&& (== net40) (>= netstandard1.6)) (&& (== net40) (>= uap10.0)) (&& (== net45) (< portable-net45+win8+wpa81)) (&& (== net45) (>= uap10.0)) (&& (== net461) (< net45)) (&& (== net461) (< portable-net45+win8+wpa81)) (&& (== net461) (>= uap10.0)) (&& (== net471) (< net45) (< netstandard1.2)) (&& (== net471) (< net45) (< netstandard1.3)) (&& (== net471) (< net45) (< netstandard1.4)) (&& (== net471) (< net45) (< netstandard1.5)) (&& (== net471) (< net45) (< netstandard1.6)) (&& (== net471) (< net45) (< netstandard2.0)) (&& (== net471) (< netstandard1.5) (>= uap10.0)) (&& (== net471) (< portable-net45+win8+wpa81)) (&& (== net472) (< net45) (< netstandard1.2)) (&& (== net472) (< net45) (< netstandard1.3)) (&& (== net472) (< net45) (< netstandard1.4)) (&& (== net472) (< net45) (< netstandard1.5)) (&& (== net472) (< net45) (< netstandard1.6)) (&& (== net472) (< net45) (< netstandard2.0)) (&& (== net472) (< netstandard1.5) (>= uap10.0)) (&& (== net472) (< portable-net45+win8+wpa81)) (&& (== net48) (< net45) (< netstandard1.2)) (&& (== net48) (< net45) (< netstandard1.3)) (&& (== net48) (< net45) (< netstandard1.4)) (&& (== net48) (< net45) (< netstandard1.5)) (&& (== net48) (< net45) (< netstandard1.6)) (&& (== net48) (< net45) (< netstandard2.0)) (&& (== net48) (< netstandard1.5) (>= uap10.0)) (&& (== net48) (< portable-net45+win8+wpa81)) (&& (== net5.0-windows7.0) (< netstandard1.2)) (&& (== net5.0-windows7.0) (< netstandard1.3)) (&& (== net5.0-windows7.0) (< netstandard1.4)) (&& (== net5.0-windows7.0) (< netstandard1.5)) (&& (== net5.0-windows7.0) (< netstandard1.6)) (&& (== net5.0-windows7.0) (< netstandard2.0)) (&& (== net5.0-windows7.0) (< portable-net45+win8+wpa81)) (&& (== net50) (< netstandard1.2)) (&& (== net50) (< netstandard1.3)) (&& (== net50) (< netstandard1.4)) (&& (== net50) (< netstandard1.5)) (&& (== net50) (< netstandard1.6)) (&& (== net50) (< netstandard2.0)) (&& (== net50) (< portable-net45+win8+wpa81)) (&& (== netcoreapp2.0) (< netstandard1.2)) (&& (== netcoreapp2.0) (< netstandard1.3)) (&& (== netcoreapp2.0) (< netstandard1.4)) (&& (== netcoreapp2.0) (< netstandard1.5)) (&& (== netcoreapp2.0) (< netstandard1.6)) (&& (== netcoreapp2.0) (< netstandard2.0)) (&& (== netcoreapp2.0) (< portable-net45+win8+wpa81)) (== netstandard1.0) (== netstandard1.1) (&& (== netstandard2.0) (< netstandard1.2)) (&& (== netstandard2.0) (< netstandard1.3)) (&& (== netstandard2.0) (< netstandard1.4)) (&& (== netstandard2.0) (< netstandard1.5)) (&& (== netstandard2.0) (< netstandard1.6)) (&& (== netstandard2.0) (< portable-net45+win8+wpa81))
      System.IO (>= 4.3) - restriction: || (&& (== net20) (>= netstandard1.0)) (&& (== net20) (>= netstandard1.1)) (&& (== net20) (>= netstandard1.2)) (&& (== net20) (>= netstandard1.3)) (&& (== net20) (>= netstandard1.4)) (&& (== net20) (>= netstandard1.5)) (&& (== net20) (>= netstandard1.6)) (&& (== net20) (>= uap10.0)) (&& (== net35) (>= netstandard1.0)) (&& (== net35) (>= netstandard1.1)) (&& (== net35) (>= netstandard1.2)) (&& (== net35) (>= netstandard1.3)) (&& (== net35) (>= netstandard1.4)) (&& (== net35) (>= netstandard1.5)) (&& (== net35) (>= netstandard1.6)) (&& (== net35) (>= uap10.0)) (&& (== net40) (>= netstandard1.0)) (&& (== net40) (>= netstandard1.1)) (&& (== net40) (>= netstandard1.2)) (&& (== net40) (>= netstandard1.3)) (&& (== net40) (>= netstandard1.4)) (&& (== net40) (>= netstandard1.5)) (&& (== net40) (>= netstandard1.6)) (&& (== net40) (>= uap10.0)) (&& (== net45) (< portable-net45+win8+wpa81)) (&& (== net45) (>= uap10.0)) (&& (== net461) (< net45)) (&& (== net461) (< portable-net45+win8+wpa81)) (&& (== net461) (>= uap10.0)) (&& (== net471) (< net45) (< netstandard1.2)) (&& (== net471) (< net45) (< netstandard1.3)) (&& (== net471) (< net45) (< netstandard1.4)) (&& (== net471) (< net45) (< netstandard1.5)) (&& (== net471) (< net45) (< netstandard1.6)) (&& (== net471) (< net45) (< netstandard2.0)) (&& (== net471) (< netstandard1.5) (>= uap10.0)) (&& (== net471) (< portable-net45+win8+wpa81)) (&& (== net472) (< net45) (< netstandard1.2)) (&& (== net472) (< net45) (< netstandard1.3)) (&& (== net472) (< net45) (< netstandard1.4)) (&& (== net472) (< net45) (< netstandard1.5)) (&& (== net472) (< net45) (< netstandard1.6)) (&& (== net472) (< net45) (< netstandard2.0)) (&& (== net472) (< netstandard1.5) (>= uap10.0)) (&& (== net472) (< portable-net45+win8+wpa81)) (&& (== net48) (< net45) (< netstandard1.2)) (&& (== net48) (< net45) (< netstandard1.3)) (&& (== net48) (< net45) (< netstandard1.4)) (&& (== net48) (< net45) (< netstandard1.5)) (&& (== net48) (< net45) (< netstandard1.6)) (&& (== net48) (< net45) (< netstandard2.0)) (&& (== net48) (< netstandard1.5) (>= uap10.0)) (&& (== net48) (< portable-net45+win8+wpa81)) (&& (== net5.0-windows7.0) (< netstandard1.2)) (&& (== net5.0-windows7.0) (< netstandard1.3)) (&& (== net5.0-windows7.0) (< netstandard1.4)) (&& (== net5.0-windows7.0) (< netstandard1.5)) (&& (== net5.0-windows7.0) (< netstandard1.6)) (&& (== net5.0-windows7.0) (< netstandard2.0)) (&& (== net5.0-windows7.0) (< portable-net45+win8+wpa81)) (&& (== net50) (< netstandard1.2)) (&& (== net50) (< netstandard1.3)) (&& (== net50) (< netstandard1.4)) (&& (== net50) (< netstandard1.5)) (&& (== net50) (< netstandard1.6)) (&& (== net50) (< netstandard2.0)) (&& (== net50) (< portable-net45+win8+wpa81)) (&& (== netcoreapp2.0) (< netstandard1.2)) (&& (== netcoreapp2.0) (< netstandard1.3)) (&& (== netcoreapp2.0) (< netstandard1.4)) (&& (== netcoreapp2.0) (< netstandard1.5)) (&& (== netcoreapp2.0) (< netstandard1.6)) (&& (== netcoreapp2.0) (< netstandard2.0)) (&& (== netcoreapp2.0) (< portable-net45+win8+wpa81)) (== netstandard1.0) (== netstandard1.1) (&& (== netstandard2.0) (< netstandard1.2)) (&& (== netstandard2.0) (< netstandard1.3)) (&& (== netstandard2.0) (< netstandard1.4)) (&& (== netstandard2.0) (< netstandard1.5)) (&& (== netstandard2.0) (< netstandard1.6)) (&& (== netstandard2.0) (< portable-net45+win8+wpa81))
      System.IO.Compression (>= 4.3) - restriction: || (&& (== net20) (>= net46)) (&& (== net20) (>= netstandard1.1)) (&& (== net20) (>= netstandard1.2)) (&& (== net20) (>= netstandard1.3)) (&& (== net20) (>= netstandard1.4)) (&& (== net20) (>= netstandard1.5)) (&& (== net20) (>= netstandard1.6)) (&& (== net20) (>= uap10.0)) (&& (== net35) (>= net46)) (&& (== net35) (>= netstandard1.1)) (&& (== net35) (>= netstandard1.2)) (&& (== net35) (>= netstandard1.3)) (&& (== net35) (>= netstandard1.4)) (&& (== net35) (>= netstandard1.5)) (&& (== net35) (>= netstandard1.6)) (&& (== net35) (>= uap10.0)) (&& (== net40) (>= net46)) (&& (== net40) (>= netstandard1.1)) (&& (== net40) (>= netstandard1.2)) (&& (== net40) (>= netstandard1.3)) (&& (== net40) (>= netstandard1.4)) (&& (== net40) (>= netstandard1.5)) (&& (== net40) (>= netstandard1.6)) (&& (== net40) (>= uap10.0)) (&& (== net45) (>= net46)) (&& (== net45) (>= uap10.0)) (&& (== net461) (< net45)) (&& (== net461) (< netstandard1.4)) (&& (== net461) (>= uap10.0)) (&& (== net471) (< net45) (< netstandard1.2)) (&& (== net471) (< net45) (< netstandard1.3)) (&& (== net471) (< net45) (< netstandard1.5)) (&& (== net471) (< net45) (< netstandard1.6)) (&& (== net471) (< net45) (< netstandard2.0)) (&& (== net471) (< netstandard1.4)) (&& (== net471) (< netstandard1.5) (>= uap10.0)) (&& (== net472) (< net45) (< netstandard1.2)) (&& (== net472) (< net45) (< netstandard1.3)) (&& (== net472) (< net45) (< netstandard1.5)) (&& (== net472) (< net45) (< netstandard1.6)) (&& (== net472) (< net45) (< netstandard2.0)) (&& (== net472) (< netstandard1.4)) (&& (== net472) (< netstandard1.5) (>= uap10.0)) (&& (== net48) (< net45) (< netstandard1.2)) (&& (== net48) (< net45) (< netstandard1.3)) (&& (== net48) (< net45) (< netstandard1.5)) (&& (== net48) (< net45) (< netstandard1.6)) (&& (== net48) (< net45) (< netstandard2.0)) (&& (== net48) (< netstandard1.4)) (&& (== net48) (< netstandard1.5) (>= uap10.0)) (&& (== net5.0-windows7.0) (< netstandard1.2)) (&& (== net5.0-windows7.0) (< netstandard1.3)) (&& (== net5.0-windows7.0) (< netstandard1.4)) (&& (== net5.0-windows7.0) (< netstandard1.5)) (&& (== net5.0-windows7.0) (< netstandard1.6)) (&& (== net5.0-windows7.0) (< netstandard2.0)) (&& (== net50) (< netstandard1.2)) (&& (== net50) (< netstandard1.3)) (&& (== net50) (< netstandard1.4)) (&& (== net50) (< netstandard1.5)) (&& (== net50) (< netstandard1.6)) (&& (== net50) (< netstandard2.0)) (&& (== netcoreapp2.0) (< netstandard1.2)) (&& (== netcoreapp2.0) (< netstandard1.3)) (&& (== netcoreapp2.0) (< netstandard1.4)) (&& (== netcoreapp2.0) (< netstandard1.5)) (&& (== netcoreapp2.0) (< netstandard1.6)) (&& (== netcoreapp2.0) (< netstandard2.0)) (&& (== netstandard1.0) (>= net46)) (&& (== netstandard1.0) (>= netstandard1.1)) (&& (== netstandard1.0) (>= netstandard1.2)) (&& (== netstandard1.0) (>= netstandard1.3)) (&& (== netstandard1.0) (>= netstandard1.4)) (&& (== netstandard1.0) (>= netstandard1.5)) (&& (== netstandard1.0) (>= netstandard1.6)) (&& (== netstandard1.0) (>= uap10.0)) (== netstandard1.1) (&& (== netstandard2.0) (< netstandard1.2)) (&& (== netstandard2.0) (< netstandard1.3)) (&& (== netstandard2.0) (< netstandard1.4)) (&& (== netstandard2.0) (< netstandard1.5)) (&& (== netstandard2.0) (< netstandard1.6))
      System.Linq (>= 4.3) - restriction: || (&& (== net20) (>= netstandard1.0)) (&& (== net20) (>= netstandard1.1)) (&& (== net20) (>= netstandard1.2)) (&& (== net20) (>= netstandard1.3)) (&& (== net20) (>= netstandard1.4)) (&& (== net20) (>= netstandard1.5)) (&& (== net20) (>= netstandard1.6)) (&& (== net20) (>= uap10.0)) (&& (== net35) (>= netstandard1.0)) (&& (== net35) (>= netstandard1.1)) (&& (== net35) (>= netstandard1.2)) (&& (== net35) (>= netstandard1.3)) (&& (== net35) (>= netstandard1.4)) (&& (== net35) (>= netstandard1.5)) (&& (== net35) (>= netstandard1.6)) (&& (== net35) (>= uap10.0)) (&& (== net40) (>= netstandard1.0)) (&& (== net40) (>= netstandard1.1)) (&& (== net40) (>= netstandard1.2)) (&& (== net40) (>= netstandard1.3)) (&& (== net40) (>= netstandard1.4)) (&& (== net40) (>= netstandard1.5)) (&& (== net40) (>= netstandard1.6)) (&& (== net40) (>= uap10.0)) (&& (== net45) (< portable-net45+win8+wpa81)) (&& (== net45) (>= uap10.0)) (&& (== net461) (< net45)) (&& (== net461) (< portable-net45+win8+wpa81)) (&& (== net461) (>= uap10.0)) (&& (== net471) (< net45) (< netstandard1.2)) (&& (== net471) (< net45) (< netstandard1.3)) (&& (== net471) (< net45) (< netstandard1.4)) (&& (== net471) (< net45) (< netstandard1.5)) (&& (== net471) (< net45) (< netstandard1.6)) (&& (== net471) (< net45) (< netstandard2.0)) (&& (== net471) (< netstandard1.5) (>= uap10.0)) (&& (== net471) (< portable-net45+win8+wpa81)) (&& (== net472) (< net45) (< netstandard1.2)) (&& (== net472) (< net45) (< netstandard1.3)) (&& (== net472) (< net45) (< netstandard1.4)) (&& (== net472) (< net45) (< netstandard1.5)) (&& (== net472) (< net45) (< netstandard1.6)) (&& (== net472) (< net45) (< netstandard2.0)) (&& (== net472) (< netstandard1.5) (>= uap10.0)) (&& (== net472) (< portable-net45+win8+wpa81)) (&& (== net48) (< net45) (< netstandard1.2)) (&& (== net48) (< net45) (< netstandard1.3)) (&& (== net48) (< net45) (< netstandard1.4)) (&& (== net48) (< net45) (< netstandard1.5)) (&& (== net48) (< net45) (< netstandard1.6)) (&& (== net48) (< net45) (< netstandard2.0)) (&& (== net48) (< netstandard1.5) (>= uap10.0)) (&& (== net48) (< portable-net45+win8+wpa81)) (&& (== net5.0-windows7.0) (< netstandard1.2)) (&& (== net5.0-windows7.0) (< netstandard1.3)) (&& (== net5.0-windows7.0) (< netstandard1.4)) (&& (== net5.0-windows7.0) (< netstandard1.5)) (&& (== net5.0-windows7.0) (< netstandard1.6)) (&& (== net5.0-windows7.0) (< netstandard2.0)) (&& (== net5.0-windows7.0) (< portable-net45+win8+wpa81)) (&& (== net50) (< netstandard1.2)) (&& (== net50) (< netstandard1.3)) (&& (== net50) (< netstandard1.4)) (&& (== net50) (< netstandard1.5)) (&& (== net50) (< netstandard1.6)) (&& (== net50) (< netstandard2.0)) (&& (== net50) (< portable-net45+win8+wpa81)) (&& (== netcoreapp2.0) (< netstandard1.2)) (&& (== netcoreapp2.0) (< netstandard1.3)) (&& (== netcoreapp2.0) (< netstandard1.4)) (&& (== netcoreapp2.0) (< netstandard1.5)) (&& (== netcoreapp2.0) (< netstandard1.6)) (&& (== netcoreapp2.0) (< netstandard2.0)) (&& (== netcoreapp2.0) (< portable-net45+win8+wpa81)) (== netstandard1.0) (== netstandard1.1) (&& (== netstandard2.0) (< netstandard1.2)) (&& (== netstandard2.0) (< netstandard1.3)) (&& (== netstandard2.0) (< netstandard1.4)) (&& (== netstandard2.0) (< netstandard1.5)) (&& (== netstandard2.0) (< netstandard1.6)) (&& (== netstandard2.0) (< portable-net45+win8+wpa81))
      System.Linq.Expressions (>= 4.3) - restriction: || (&& (== net20) (>= netstandard1.0)) (&& (== net20) (>= netstandard1.1)) (&& (== net20) (>= netstandard1.2)) (&& (== net20) (>= netstandard1.3)) (&& (== net20) (>= netstandard1.4)) (&& (== net20) (>= netstandard1.5)) (&& (== net20) (>= netstandard1.6)) (&& (== net20) (>= uap10.0)) (&& (== net35) (>= netstandard1.0)) (&& (== net35) (>= netstandard1.1)) (&& (== net35) (>= netstandard1.2)) (&& (== net35) (>= netstandard1.3)) (&& (== net35) (>= netstandard1.4)) (&& (== net35) (>= netstandard1.5)) (&& (== net35) (>= netstandard1.6)) (&& (== net35) (>= uap10.0)) (&& (== net40) (>= netstandard1.0)) (&& (== net40) (>= netstandard1.1)) (&& (== net40) (>= netstandard1.2)) (&& (== net40) (>= netstandard1.3)) (&& (== net40) (>= netstandard1.4)) (&& (== net40) (>= netstandard1.5)) (&& (== net40) (>= netstandard1.6)) (&& (== net40) (>= uap10.0)) (&& (== net45) (< portable-net45+win8+wpa81)) (&& (== net45) (>= uap10.0)) (&& (== net461) (< net45)) (&& (== net461) (< portable-net45+win8+wpa81)) (&& (== net461) (>= uap10.0)) (&& (== net471) (< net45) (< netstandard1.2)) (&& (== net471) (< net45) (< netstandard1.3)) (&& (== net471) (< net45) (< netstandard1.4)) (&& (== net471) (< net45) (< netstandard1.5)) (&& (== net471) (< net45) (< netstandard1.6)) (&& (== net471) (< net45) (< netstandard2.0)) (&& (== net471) (< netstandard1.5) (>= uap10.0)) (&& (== net471) (< portable-net45+win8+wpa81)) (&& (== net472) (< net45) (< netstandard1.2)) (&& (== net472) (< net45) (< netstandard1.3)) (&& (== net472) (< net45) (< netstandard1.4)) (&& (== net472) (< net45) (< netstandard1.5)) (&& (== net472) (< net45) (< netstandard1.6)) (&& (== net472) (< net45) (< netstandard2.0)) (&& (== net472) (< netstandard1.5) (>= uap10.0)) (&& (== net472) (< portable-net45+win8+wpa81)) (&& (== net48) (< net45) (< netstandard1.2)) (&& (== net48) (< net45) (< netstandard1.3)) (&& (== net48) (< net45) (< netstandard1.4)) (&& (== net48) (< net45) (< netstandard1.5)) (&& (== net48) (< net45) (< netstandard1.6)) (&& (== net48) (< net45) (< netstandard2.0)) (&& (== net48) (< netstandard1.5) (>= uap10.0)) (&& (== net48) (< portable-net45+win8+wpa81)) (&& (== net5.0-windows7.0) (< netstandard1.2)) (&& (== net5.0-windows7.0) (< netstandard1.3)) (&& (== net5.0-windows7.0) (< netstandard1.4)) (&& (== net5.0-windows7.0) (< netstandard1.5)) (&& (== net5.0-windows7.0) (< netstandard1.6)) (&& (== net5.0-windows7.0) (< netstandard2.0)) (&& (== net5.0-windows7.0) (< portable-net45+win8+wpa81)) (&& (== net50) (< netstandard1.2)) (&& (== net50) (< netstandard1.3)) (&& (== net50) (< netstandard1.4)) (&& (== net50) (< netstandard1.5)) (&& (== net50) (< netstandard1.6)) (&& (== net50) (< netstandard2.0)) (&& (== net50) (< portable-net45+win8+wpa81)) (&& (== netcoreapp2.0) (< netstandard1.2)) (&& (== netcoreapp2.0) (< netstandard1.3)) (&& (== netcoreapp2.0) (< netstandard1.4)) (&& (== netcoreapp2.0) (< netstandard1.5)) (&& (== netcoreapp2.0) (< netstandard1.6)) (&& (== netcoreapp2.0) (< netstandard2.0)) (&& (== netcoreapp2.0) (< portable-net45+win8+wpa81)) (== netstandard1.0) (== netstandard1.1) (&& (== netstandard2.0) (< netstandard1.2)) (&& (== netstandard2.0) (< netstandard1.3)) (&& (== netstandard2.0) (< netstandard1.4)) (&& (== netstandard2.0) (< netstandard1.5)) (&& (== netstandard2.0) (< netstandard1.6)) (&& (== netstandard2.0) (< portable-net45+win8+wpa81))
      System.Net.Http (>= 4.3.2) - restriction: || (&& (== net20) (>= net46)) (&& (== net20) (>= netstandard1.1)) (&& (== net20) (>= netstandard1.2)) (&& (== net20) (>= netstandard1.3)) (&& (== net20) (>= netstandard1.4)) (&& (== net20) (>= netstandard1.5)) (&& (== net20) (>= netstandard1.6)) (&& (== net20) (>= uap10.0)) (&& (== net35) (>= net46)) (&& (== net35) (>= netstandard1.1)) (&& (== net35) (>= netstandard1.2)) (&& (== net35) (>= netstandard1.3)) (&& (== net35) (>= netstandard1.4)) (&& (== net35) (>= netstandard1.5)) (&& (== net35) (>= netstandard1.6)) (&& (== net35) (>= uap10.0)) (&& (== net40) (>= net46)) (&& (== net40) (>= netstandard1.1)) (&& (== net40) (>= netstandard1.2)) (&& (== net40) (>= netstandard1.3)) (&& (== net40) (>= netstandard1.4)) (&& (== net40) (>= netstandard1.5)) (&& (== net40) (>= netstandard1.6)) (&& (== net40) (>= uap10.0)) (&& (== net45) (>= net46)) (&& (== net45) (>= uap10.0)) (&& (== net461) (< net45)) (&& (== net461) (< netstandard1.4)) (&& (== net461) (>= uap10.0)) (&& (== net471) (< net45) (< netstandard1.2)) (&& (== net471) (< net45) (< netstandard1.3)) (&& (== net471) (< net45) (< netstandard1.5)) (&& (== net471) (< net45) (< netstandard1.6)) (&& (== net471) (< net45) (< netstandard2.0)) (&& (== net471) (< netstandard1.4)) (&& (== net471) (< netstandard1.5) (>= uap10.0)) (&& (== net472) (< net45) (< netstandard1.2)) (&& (== net472) (< net45) (< netstandard1.3)) (&& (== net472) (< net45) (< netstandard1.5)) (&& (== net472) (< net45) (< netstandard1.6)) (&& (== net472) (< net45) (< netstandard2.0)) (&& (== net472) (< netstandard1.4)) (&& (== net472) (< netstandard1.5) (>= uap10.0)) (&& (== net48) (< net45) (< netstandard1.2)) (&& (== net48) (< net45) (< netstandard1.3)) (&& (== net48) (< net45) (< netstandard1.5)) (&& (== net48) (< net45) (< netstandard1.6)) (&& (== net48) (< net45) (< netstandard2.0)) (&& (== net48) (< netstandard1.4)) (&& (== net48) (< netstandard1.5) (>= uap10.0)) (&& (== net5.0-windows7.0) (< netstandard1.2)) (&& (== net5.0-windows7.0) (< netstandard1.3)) (&& (== net5.0-windows7.0) (< netstandard1.4)) (&& (== net5.0-windows7.0) (< netstandard1.5)) (&& (== net5.0-windows7.0) (< netstandard1.6)) (&& (== net5.0-windows7.0) (< netstandard2.0)) (&& (== net50) (< netstandard1.2)) (&& (== net50) (< netstandard1.3)) (&& (== net50) (< netstandard1.4)) (&& (== net50) (< netstandard1.5)) (&& (== net50) (< netstandard1.6)) (&& (== net50) (< netstandard2.0)) (&& (== netcoreapp2.0) (< netstandard1.2)) (&& (== netcoreapp2.0) (< netstandard1.3)) (&& (== netcoreapp2.0) (< netstandard1.4)) (&& (== netcoreapp2.0) (< netstandard1.5)) (&& (== netcoreapp2.0) (< netstandard1.6)) (&& (== netcoreapp2.0) (< netstandard2.0)) (&& (== netstandard1.0) (>= net46)) (&& (== netstandard1.0) (>= netstandard1.1)) (&& (== netstandard1.0) (>= netstandard1.2)) (&& (== netstandard1.0) (>= netstandard1.3)) (&& (== netstandard1.0) (>= netstandard1.4)) (&& (== netstandard1.0) (>= netstandard1.5)) (&& (== netstandard1.0) (>= netstandard1.6)) (&& (== netstandard1.0) (>= uap10.0)) (== netstandard1.1) (&& (== netstandard2.0) (< netstandard1.2)) (&& (== netstandard2.0) (< netstandard1.3)) (&& (== netstandard2.0) (< netstandard1.4)) (&& (== netstandard2.0) (< netstandard1.5)) (&& (== netstandard2.0) (< netstandard1.6))
      System.Net.Primitives (>= 4.3) - restriction: || (&& (== net20) (>= netstandard1.0)) (&& (== net20) (>= netstandard1.1)) (&& (== net20) (>= netstandard1.2)) (&& (== net20) (>= netstandard1.3)) (&& (== net20) (>= netstandard1.4)) (&& (== net20) (>= netstandard1.5)) (&& (== net20) (>= netstandard1.6)) (&& (== net20) (>= uap10.0)) (&& (== net35) (>= netstandard1.0)) (&& (== net35) (>= netstandard1.1)) (&& (== net35) (>= netstandard1.2)) (&& (== net35) (>= netstandard1.3)) (&& (== net35) (>= netstandard1.4)) (&& (== net35) (>= netstandard1.5)) (&& (== net35) (>= netstandard1.6)) (&& (== net35) (>= uap10.0)) (&& (== net40) (>= netstandard1.0)) (&& (== net40) (>= netstandard1.1)) (&& (== net40) (>= netstandard1.2)) (&& (== net40) (>= netstandard1.3)) (&& (== net40) (>= netstandard1.4)) (&& (== net40) (>= netstandard1.5)) (&& (== net40) (>= netstandard1.6)) (&& (== net40) (>= uap10.0)) (&& (== net45) (< portable-net45+win8+wpa81)) (&& (== net45) (>= uap10.0)) (&& (== net461) (< net45)) (&& (== net461) (< portable-net45+win8+wpa81)) (&& (== net461) (>= uap10.0)) (&& (== net471) (< net45) (< netstandard1.2)) (&& (== net471) (< net45) (< netstandard1.3)) (&& (== net471) (< net45) (< netstandard1.4)) (&& (== net471) (< net45) (< netstandard1.5)) (&& (== net471) (< net45) (< netstandard1.6)) (&& (== net471) (< net45) (< netstandard2.0)) (&& (== net471) (< netstandard1.5) (>= uap10.0)) (&& (== net471) (< portable-net45+win8+wpa81)) (&& (== net472) (< net45) (< netstandard1.2)) (&& (== net472) (< net45) (< netstandard1.3)) (&& (== net472) (< net45) (< netstandard1.4)) (&& (== net472) (< net45) (< netstandard1.5)) (&& (== net472) (< net45) (< netstandard1.6)) (&& (== net472) (< net45) (< netstandard2.0)) (&& (== net472) (< netstandard1.5) (>= uap10.0)) (&& (== net472) (< portable-net45+win8+wpa81)) (&& (== net48) (< net45) (< netstandard1.2)) (&& (== net48) (< net45) (< netstandard1.3)) (&& (== net48) (< net45) (< netstandard1.4)) (&& (== net48) (< net45) (< netstandard1.5)) (&& (== net48) (< net45) (< netstandard1.6)) (&& (== net48) (< net45) (< netstandard2.0)) (&& (== net48) (< netstandard1.5) (>= uap10.0)) (&& (== net48) (< portable-net45+win8+wpa81)) (&& (== net5.0-windows7.0) (< netstandard1.2)) (&& (== net5.0-windows7.0) (< netstandard1.3)) (&& (== net5.0-windows7.0) (< netstandard1.4)) (&& (== net5.0-windows7.0) (< netstandard1.5)) (&& (== net5.0-windows7.0) (< netstandard1.6)) (&& (== net5.0-windows7.0) (< netstandard2.0)) (&& (== net5.0-windows7.0) (< portable-net45+win8+wpa81)) (&& (== net50) (< netstandard1.2)) (&& (== net50) (< netstandard1.3)) (&& (== net50) (< netstandard1.4)) (&& (== net50) (< netstandard1.5)) (&& (== net50) (< netstandard1.6)) (&& (== net50) (< netstandard2.0)) (&& (== net50) (< portable-net45+win8+wpa81)) (&& (== netcoreapp2.0) (< netstandard1.2)) (&& (== netcoreapp2.0) (< netstandard1.3)) (&& (== netcoreapp2.0) (< netstandard1.4)) (&& (== netcoreapp2.0) (< netstandard1.5)) (&& (== netcoreapp2.0) (< netstandard1.6)) (&& (== netcoreapp2.0) (< netstandard2.0)) (&& (== netcoreapp2.0) (< portable-net45+win8+wpa81)) (== netstandard1.0) (== netstandard1.1) (&& (== netstandard2.0) (< netstandard1.2)) (&& (== netstandard2.0) (< netstandard1.3)) (&& (== netstandard2.0) (< netstandard1.4)) (&& (== netstandard2.0) (< netstandard1.5)) (&& (== netstandard2.0) (< netstandard1.6)) (&& (== netstandard2.0) (< portable-net45+win8+wpa81))
      System.ObjectModel (>= 4.3) - restriction: || (&& (== net20) (>= netstandard1.0)) (&& (== net20) (>= netstandard1.1)) (&& (== net20) (>= netstandard1.2)) (&& (== net20) (>= netstandard1.3)) (&& (== net20) (>= netstandard1.4)) (&& (== net20) (>= netstandard1.5)) (&& (== net20) (>= netstandard1.6)) (&& (== net20) (>= uap10.0)) (&& (== net35) (>= netstandard1.0)) (&& (== net35) (>= netstandard1.1)) (&& (== net35) (>= netstandard1.2)) (&& (== net35) (>= netstandard1.3)) (&& (== net35) (>= netstandard1.4)) (&& (== net35) (>= netstandard1.5)) (&& (== net35) (>= netstandard1.6)) (&& (== net35) (>= uap10.0)) (&& (== net40) (>= netstandard1.0)) (&& (== net40) (>= netstandard1.1)) (&& (== net40) (>= netstandard1.2)) (&& (== net40) (>= netstandard1.3)) (&& (== net40) (>= netstandard1.4)) (&& (== net40) (>= netstandard1.5)) (&& (== net40) (>= netstandard1.6)) (&& (== net40) (>= uap10.0)) (&& (== net45) (< portable-net45+win8+wpa81)) (&& (== net45) (>= uap10.0)) (&& (== net461) (< net45)) (&& (== net461) (< portable-net45+win8+wpa81)) (&& (== net461) (>= uap10.0)) (&& (== net471) (< net45) (< netstandard1.2)) (&& (== net471) (< net45) (< netstandard1.3)) (&& (== net471) (< net45) (< netstandard1.4)) (&& (== net471) (< net45) (< netstandard1.5)) (&& (== net471) (< net45) (< netstandard1.6)) (&& (== net471) (< net45) (< netstandard2.0)) (&& (== net471) (< netstandard1.5) (>= uap10.0)) (&& (== net471) (< portable-net45+win8+wpa81)) (&& (== net472) (< net45) (< netstandard1.2)) (&& (== net472) (< net45) (< netstandard1.3)) (&& (== net472) (< net45) (< netstandard1.4)) (&& (== net472) (< net45) (< netstandard1.5)) (&& (== net472) (< net45) (< netstandard1.6)) (&& (== net472) (< net45) (< netstandard2.0)) (&& (== net472) (< netstandard1.5) (>= uap10.0)) (&& (== net472) (< portable-net45+win8+wpa81)) (&& (== net48) (< net45) (< netstandard1.2)) (&& (== net48) (< net45) (< netstandard1.3)) (&& (== net48) (< net45) (< netstandard1.4)) (&& (== net48) (< net45) (< netstandard1.5)) (&& (== net48) (< net45) (< netstandard1.6)) (&& (== net48) (< net45) (< netstandard2.0)) (&& (== net48) (< netstandard1.5) (>= uap10.0)) (&& (== net48) (< portable-net45+win8+wpa81)) (&& (== net5.0-windows7.0) (< netstandard1.2)) (&& (== net5.0-windows7.0) (< netstandard1.3)) (&& (== net5.0-windows7.0) (< netstandard1.4)) (&& (== net5.0-windows7.0) (< netstandard1.5)) (&& (== net5.0-windows7.0) (< netstandard1.6)) (&& (== net5.0-windows7.0) (< netstandard2.0)) (&& (== net5.0-windows7.0) (< portable-net45+win8+wpa81)) (&& (== net50) (< netstandard1.2)) (&& (== net50) (< netstandard1.3)) (&& (== net50) (< netstandard1.4)) (&& (== net50) (< netstandard1.5)) (&& (== net50) (< netstandard1.6)) (&& (== net50) (< netstandard2.0)) (&& (== net50) (< portable-net45+win8+wpa81)) (&& (== netcoreapp2.0) (< netstandard1.2)) (&& (== netcoreapp2.0) (< netstandard1.3)) (&& (== netcoreapp2.0) (< netstandard1.4)) (&& (== netcoreapp2.0) (< netstandard1.5)) (&& (== netcoreapp2.0) (< netstandard1.6)) (&& (== netcoreapp2.0) (< netstandard2.0)) (&& (== netcoreapp2.0) (< portable-net45+win8+wpa81)) (== netstandard1.0) (== netstandard1.1) (&& (== netstandard2.0) (< netstandard1.2)) (&& (== netstandard2.0) (< netstandard1.3)) (&& (== netstandard2.0) (< netstandard1.4)) (&& (== netstandard2.0) (< netstandard1.5)) (&& (== netstandard2.0) (< netstandard1.6)) (&& (== netstandard2.0) (< portable-net45+win8+wpa81))
      System.Reflection (>= 4.3) - restriction: || (&& (== net20) (>= netstandard1.0)) (&& (== net20) (>= netstandard1.1)) (&& (== net20) (>= netstandard1.2)) (&& (== net20) (>= netstandard1.3)) (&& (== net20) (>= netstandard1.4)) (&& (== net20) (>= netstandard1.5)) (&& (== net20) (>= netstandard1.6)) (&& (== net20) (>= uap10.0)) (&& (== net35) (>= netstandard1.0)) (&& (== net35) (>= netstandard1.1)) (&& (== net35) (>= netstandard1.2)) (&& (== net35) (>= netstandard1.3)) (&& (== net35) (>= netstandard1.4)) (&& (== net35) (>= netstandard1.5)) (&& (== net35) (>= netstandard1.6)) (&& (== net35) (>= uap10.0)) (&& (== net40) (>= netstandard1.0)) (&& (== net40) (>= netstandard1.1)) (&& (== net40) (>= netstandard1.2)) (&& (== net40) (>= netstandard1.3)) (&& (== net40) (>= netstandard1.4)) (&& (== net40) (>= netstandard1.5)) (&& (== net40) (>= netstandard1.6)) (&& (== net40) (>= uap10.0)) (&& (== net45) (< portable-net45+win8+wpa81)) (&& (== net45) (>= uap10.0)) (&& (== net461) (< net45)) (&& (== net461) (< portable-net45+win8+wpa81)) (&& (== net461) (>= uap10.0)) (&& (== net471) (< net45) (< netstandard1.2)) (&& (== net471) (< net45) (< netstandard1.3)) (&& (== net471) (< net45) (< netstandard1.4)) (&& (== net471) (< net45) (< netstandard1.5)) (&& (== net471) (< net45) (< netstandard1.6)) (&& (== net471) (< net45) (< netstandard2.0)) (&& (== net471) (< netstandard1.5) (>= uap10.0)) (&& (== net471) (< portable-net45+win8+wpa81)) (&& (== net472) (< net45) (< netstandard1.2)) (&& (== net472) (< net45) (< netstandard1.3)) (&& (== net472) (< net45) (< netstandard1.4)) (&& (== net472) (< net45) (< netstandard1.5)) (&& (== net472) (< net45) (< netstandard1.6)) (&& (== net472) (< net45) (< netstandard2.0)) (&& (== net472) (< netstandard1.5) (>= uap10.0)) (&& (== net472) (< portable-net45+win8+wpa81)) (&& (== net48) (< net45) (< netstandard1.2)) (&& (== net48) (< net45) (< netstandard1.3)) (&& (== net48) (< net45) (< netstandard1.4)) (&& (== net48) (< net45) (< netstandard1.5)) (&& (== net48) (< net45) (< netstandard1.6)) (&& (== net48) (< net45) (< netstandard2.0)) (&& (== net48) (< netstandard1.5) (>= uap10.0)) (&& (== net48) (< portable-net45+win8+wpa81)) (&& (== net5.0-windows7.0) (< netstandard1.2)) (&& (== net5.0-windows7.0) (< netstandard1.3)) (&& (== net5.0-windows7.0) (< netstandard1.4)) (&& (== net5.0-windows7.0) (< netstandard1.5)) (&& (== net5.0-windows7.0) (< netstandard1.6)) (&& (== net5.0-windows7.0) (< netstandard2.0)) (&& (== net5.0-windows7.0) (< portable-net45+win8+wpa81)) (&& (== net50) (< netstandard1.2)) (&& (== net50) (< netstandard1.3)) (&& (== net50) (< netstandard1.4)) (&& (== net50) (< netstandard1.5)) (&& (== net50) (< netstandard1.6)) (&& (== net50) (< netstandard2.0)) (&& (== net50) (< portable-net45+win8+wpa81)) (&& (== netcoreapp2.0) (< netstandard1.2)) (&& (== netcoreapp2.0) (< netstandard1.3)) (&& (== netcoreapp2.0) (< netstandard1.4)) (&& (== netcoreapp2.0) (< netstandard1.5)) (&& (== netcoreapp2.0) (< netstandard1.6)) (&& (== netcoreapp2.0) (< netstandard2.0)) (&& (== netcoreapp2.0) (< portable-net45+win8+wpa81)) (== netstandard1.0) (== netstandard1.1) (&& (== netstandard2.0) (< netstandard1.2)) (&& (== netstandard2.0) (< netstandard1.3)) (&& (== netstandard2.0) (< netstandard1.4)) (&& (== netstandard2.0) (< netstandard1.5)) (&& (== netstandard2.0) (< netstandard1.6)) (&& (== netstandard2.0) (< portable-net45+win8+wpa81))
      System.Reflection.Extensions (>= 4.3) - restriction: || (&& (== net20) (>= netstandard1.0)) (&& (== net20) (>= netstandard1.1)) (&& (== net20) (>= netstandard1.2)) (&& (== net20) (>= netstandard1.3)) (&& (== net20) (>= netstandard1.4)) (&& (== net20) (>= netstandard1.5)) (&& (== net20) (>= netstandard1.6)) (&& (== net20) (>= uap10.0)) (&& (== net35) (>= netstandard1.0)) (&& (== net35) (>= netstandard1.1)) (&& (== net35) (>= netstandard1.2)) (&& (== net35) (>= netstandard1.3)) (&& (== net35) (>= netstandard1.4)) (&& (== net35) (>= netstandard1.5)) (&& (== net35) (>= netstandard1.6)) (&& (== net35) (>= uap10.0)) (&& (== net40) (>= netstandard1.0)) (&& (== net40) (>= netstandard1.1)) (&& (== net40) (>= netstandard1.2)) (&& (== net40) (>= netstandard1.3)) (&& (== net40) (>= netstandard1.4)) (&& (== net40) (>= netstandard1.5)) (&& (== net40) (>= netstandard1.6)) (&& (== net40) (>= uap10.0)) (&& (== net45) (< portable-net45+win8+wpa81)) (&& (== net45) (>= uap10.0)) (&& (== net461) (< net45)) (&& (== net461) (< portable-net45+win8+wpa81)) (&& (== net461) (>= uap10.0)) (&& (== net471) (< net45) (< netstandard1.2)) (&& (== net471) (< net45) (< netstandard1.3)) (&& (== net471) (< net45) (< netstandard1.4)) (&& (== net471) (< net45) (< netstandard1.5)) (&& (== net471) (< net45) (< netstandard1.6)) (&& (== net471) (< net45) (< netstandard2.0)) (&& (== net471) (< netstandard1.5) (>= uap10.0)) (&& (== net471) (< portable-net45+win8+wpa81)) (&& (== net472) (< net45) (< netstandard1.2)) (&& (== net472) (< net45) (< netstandard1.3)) (&& (== net472) (< net45) (< netstandard1.4)) (&& (== net472) (< net45) (< netstandard1.5)) (&& (== net472) (< net45) (< netstandard1.6)) (&& (== net472) (< net45) (< netstandard2.0)) (&& (== net472) (< netstandard1.5) (>= uap10.0)) (&& (== net472) (< portable-net45+win8+wpa81)) (&& (== net48) (< net45) (< netstandard1.2)) (&& (== net48) (< net45) (< netstandard1.3)) (&& (== net48) (< net45) (< netstandard1.4)) (&& (== net48) (< net45) (< netstandard1.5)) (&& (== net48) (< net45) (< netstandard1.6)) (&& (== net48) (< net45) (< netstandard2.0)) (&& (== net48) (< netstandard1.5) (>= uap10.0)) (&& (== net48) (< portable-net45+win8+wpa81)) (&& (== net5.0-windows7.0) (< netstandard1.2)) (&& (== net5.0-windows7.0) (< netstandard1.3)) (&& (== net5.0-windows7.0) (< netstandard1.4)) (&& (== net5.0-windows7.0) (< netstandard1.5)) (&& (== net5.0-windows7.0) (< netstandard1.6)) (&& (== net5.0-windows7.0) (< netstandard2.0)) (&& (== net5.0-windows7.0) (< portable-net45+win8+wpa81)) (&& (== net50) (< netstandard1.2)) (&& (== net50) (< netstandard1.3)) (&& (== net50) (< netstandard1.4)) (&& (== net50) (< netstandard1.5)) (&& (== net50) (< netstandard1.6)) (&& (== net50) (< netstandard2.0)) (&& (== net50) (< portable-net45+win8+wpa81)) (&& (== netcoreapp2.0) (< netstandard1.2)) (&& (== netcoreapp2.0) (< netstandard1.3)) (&& (== netcoreapp2.0) (< netstandard1.4)) (&& (== netcoreapp2.0) (< netstandard1.5)) (&& (== netcoreapp2.0) (< netstandard1.6)) (&& (== netcoreapp2.0) (< netstandard2.0)) (&& (== netcoreapp2.0) (< portable-net45+win8+wpa81)) (== netstandard1.0) (== netstandard1.1) (&& (== netstandard2.0) (< netstandard1.2)) (&& (== netstandard2.0) (< netstandard1.3)) (&& (== netstandard2.0) (< netstandard1.4)) (&& (== netstandard2.0) (< netstandard1.5)) (&& (== netstandard2.0) (< netstandard1.6)) (&& (== netstandard2.0) (< portable-net45+win8+wpa81))
      System.Reflection.Primitives (>= 4.3) - restriction: || (&& (== net20) (>= netstandard1.0)) (&& (== net20) (>= netstandard1.1)) (&& (== net20) (>= netstandard1.2)) (&& (== net20) (>= netstandard1.3)) (&& (== net20) (>= netstandard1.4)) (&& (== net20) (>= netstandard1.5)) (&& (== net20) (>= netstandard1.6)) (&& (== net20) (>= uap10.0)) (&& (== net35) (>= netstandard1.0)) (&& (== net35) (>= netstandard1.1)) (&& (== net35) (>= netstandard1.2)) (&& (== net35) (>= netstandard1.3)) (&& (== net35) (>= netstandard1.4)) (&& (== net35) (>= netstandard1.5)) (&& (== net35) (>= netstandard1.6)) (&& (== net35) (>= uap10.0)) (&& (== net40) (>= netstandard1.0)) (&& (== net40) (>= netstandard1.1)) (&& (== net40) (>= netstandard1.2)) (&& (== net40) (>= netstandard1.3)) (&& (== net40) (>= netstandard1.4)) (&& (== net40) (>= netstandard1.5)) (&& (== net40) (>= netstandard1.6)) (&& (== net40) (>= uap10.0)) (&& (== net45) (< portable-net45+win8+wpa81)) (&& (== net45) (>= uap10.0)) (&& (== net461) (< net45)) (&& (== net461) (< portable-net45+win8+wpa81)) (&& (== net461) (>= uap10.0)) (&& (== net471) (< net45) (< netstandard1.2)) (&& (== net471) (< net45) (< netstandard1.3)) (&& (== net471) (< net45) (< netstandard1.4)) (&& (== net471) (< net45) (< netstandard1.5)) (&& (== net471) (< net45) (< netstandard1.6)) (&& (== net471) (< net45) (< netstandard2.0)) (&& (== net471) (< netstandard1.5) (>= uap10.0)) (&& (== net471) (< portable-net45+win8+wpa81)) (&& (== net472) (< net45) (< netstandard1.2)) (&& (== net472) (< net45) (< netstandard1.3)) (&& (== net472) (< net45) (< netstandard1.4)) (&& (== net472) (< net45) (< netstandard1.5)) (&& (== net472) (< net45) (< netstandard1.6)) (&& (== net472) (< net45) (< netstandard2.0)) (&& (== net472) (< netstandard1.5) (>= uap10.0)) (&& (== net472) (< portable-net45+win8+wpa81)) (&& (== net48) (< net45) (< netstandard1.2)) (&& (== net48) (< net45) (< netstandard1.3)) (&& (== net48) (< net45) (< netstandard1.4)) (&& (== net48) (< net45) (< netstandard1.5)) (&& (== net48) (< net45) (< netstandard1.6)) (&& (== net48) (< net45) (< netstandard2.0)) (&& (== net48) (< netstandard1.5) (>= uap10.0)) (&& (== net48) (< portable-net45+win8+wpa81)) (&& (== net5.0-windows7.0) (< netstandard1.2)) (&& (== net5.0-windows7.0) (< netstandard1.3)) (&& (== net5.0-windows7.0) (< netstandard1.4)) (&& (== net5.0-windows7.0) (< netstandard1.5)) (&& (== net5.0-windows7.0) (< netstandard1.6)) (&& (== net5.0-windows7.0) (< netstandard2.0)) (&& (== net5.0-windows7.0) (< portable-net45+win8+wpa81)) (&& (== net50) (< netstandard1.2)) (&& (== net50) (< netstandard1.3)) (&& (== net50) (< netstandard1.4)) (&& (== net50) (< netstandard1.5)) (&& (== net50) (< netstandard1.6)) (&& (== net50) (< netstandard2.0)) (&& (== net50) (< portable-net45+win8+wpa81)) (&& (== netcoreapp2.0) (< netstandard1.2)) (&& (== netcoreapp2.0) (< netstandard1.3)) (&& (== netcoreapp2.0) (< netstandard1.4)) (&& (== netcoreapp2.0) (< netstandard1.5)) (&& (== netcoreapp2.0) (< netstandard1.6)) (&& (== netcoreapp2.0) (< netstandard2.0)) (&& (== netcoreapp2.0) (< portable-net45+win8+wpa81)) (== netstandard1.0) (== netstandard1.1) (&& (== netstandard2.0) (< netstandard1.2)) (&& (== netstandard2.0) (< netstandard1.3)) (&& (== netstandard2.0) (< netstandard1.4)) (&& (== netstandard2.0) (< netstandard1.5)) (&& (== netstandard2.0) (< netstandard1.6)) (&& (== netstandard2.0) (< portable-net45+win8+wpa81))
      System.Resources.ResourceManager (>= 4.3) - restriction: || (&& (== net20) (>= netstandard1.0)) (&& (== net20) (>= netstandard1.1)) (&& (== net20) (>= netstandard1.2)) (&& (== net20) (>= netstandard1.3)) (&& (== net20) (>= netstandard1.4)) (&& (== net20) (>= netstandard1.5)) (&& (== net20) (>= netstandard1.6)) (&& (== net20) (>= uap10.0)) (&& (== net35) (>= netstandard1.0)) (&& (== net35) (>= netstandard1.1)) (&& (== net35) (>= netstandard1.2)) (&& (== net35) (>= netstandard1.3)) (&& (== net35) (>= netstandard1.4)) (&& (== net35) (>= netstandard1.5)) (&& (== net35) (>= netstandard1.6)) (&& (== net35) (>= uap10.0)) (&& (== net40) (>= netstandard1.0)) (&& (== net40) (>= netstandard1.1)) (&& (== net40) (>= netstandard1.2)) (&& (== net40) (>= netstandard1.3)) (&& (== net40) (>= netstandard1.4)) (&& (== net40) (>= netstandard1.5)) (&& (== net40) (>= netstandard1.6)) (&& (== net40) (>= uap10.0)) (&& (== net45) (< portable-net45+win8+wpa81)) (&& (== net45) (>= uap10.0)) (&& (== net461) (< net45)) (&& (== net461) (< portable-net45+win8+wpa81)) (&& (== net461) (>= uap10.0)) (&& (== net471) (< net45) (< netstandard1.2)) (&& (== net471) (< net45) (< netstandard1.3)) (&& (== net471) (< net45) (< netstandard1.4)) (&& (== net471) (< net45) (< netstandard1.5)) (&& (== net471) (< net45) (< netstandard1.6)) (&& (== net471) (< net45) (< netstandard2.0)) (&& (== net471) (< netstandard1.5) (>= uap10.0)) (&& (== net471) (< portable-net45+win8+wpa81)) (&& (== net472) (< net45) (< netstandard1.2)) (&& (== net472) (< net45) (< netstandard1.3)) (&& (== net472) (< net45) (< netstandard1.4)) (&& (== net472) (< net45) (< netstandard1.5)) (&& (== net472) (< net45) (< netstandard1.6)) (&& (== net472) (< net45) (< netstandard2.0)) (&& (== net472) (< netstandard1.5) (>= uap10.0)) (&& (== net472) (< portable-net45+win8+wpa81)) (&& (== net48) (< net45) (< netstandard1.2)) (&& (== net48) (< net45) (< netstandard1.3)) (&& (== net48) (< net45) (< netstandard1.4)) (&& (== net48) (< net45) (< netstandard1.5)) (&& (== net48) (< net45) (< netstandard1.6)) (&& (== net48) (< net45) (< netstandard2.0)) (&& (== net48) (< netstandard1.5) (>= uap10.0)) (&& (== net48) (< portable-net45+win8+wpa81)) (&& (== net5.0-windows7.0) (< netstandard1.2)) (&& (== net5.0-windows7.0) (< netstandard1.3)) (&& (== net5.0-windows7.0) (< netstandard1.4)) (&& (== net5.0-windows7.0) (< netstandard1.5)) (&& (== net5.0-windows7.0) (< netstandard1.6)) (&& (== net5.0-windows7.0) (< netstandard2.0)) (&& (== net5.0-windows7.0) (< portable-net45+win8+wpa81)) (&& (== net50) (< netstandard1.2)) (&& (== net50) (< netstandard1.3)) (&& (== net50) (< netstandard1.4)) (&& (== net50) (< netstandard1.5)) (&& (== net50) (< netstandard1.6)) (&& (== net50) (< netstandard2.0)) (&& (== net50) (< portable-net45+win8+wpa81)) (&& (== netcoreapp2.0) (< netstandard1.2)) (&& (== netcoreapp2.0) (< netstandard1.3)) (&& (== netcoreapp2.0) (< netstandard1.4)) (&& (== netcoreapp2.0) (< netstandard1.5)) (&& (== netcoreapp2.0) (< netstandard1.6)) (&& (== netcoreapp2.0) (< netstandard2.0)) (&& (== netcoreapp2.0) (< portable-net45+win8+wpa81)) (== netstandard1.0) (== netstandard1.1) (&& (== netstandard2.0) (< netstandard1.2)) (&& (== netstandard2.0) (< netstandard1.3)) (&& (== netstandard2.0) (< netstandard1.4)) (&& (== netstandard2.0) (< netstandard1.5)) (&& (== netstandard2.0) (< netstandard1.6)) (&& (== netstandard2.0) (< portable-net45+win8+wpa81))
      System.Runtime (>= 4.3) - restriction: || (&& (== net20) (>= netstandard1.0)) (&& (== net20) (>= netstandard1.1)) (&& (== net20) (>= netstandard1.2)) (&& (== net20) (>= netstandard1.3)) (&& (== net20) (>= netstandard1.4)) (&& (== net20) (>= netstandard1.5)) (&& (== net20) (>= netstandard1.6)) (&& (== net20) (>= uap10.0)) (&& (== net35) (>= netstandard1.0)) (&& (== net35) (>= netstandard1.1)) (&& (== net35) (>= netstandard1.2)) (&& (== net35) (>= netstandard1.3)) (&& (== net35) (>= netstandard1.4)) (&& (== net35) (>= netstandard1.5)) (&& (== net35) (>= netstandard1.6)) (&& (== net35) (>= uap10.0)) (&& (== net40) (>= netstandard1.0)) (&& (== net40) (>= netstandard1.1)) (&& (== net40) (>= netstandard1.2)) (&& (== net40) (>= netstandard1.3)) (&& (== net40) (>= netstandard1.4)) (&& (== net40) (>= netstandard1.5)) (&& (== net40) (>= netstandard1.6)) (&& (== net40) (>= uap10.0)) (&& (== net45) (< portable-net45+win8+wpa81)) (&& (== net45) (>= uap10.0)) (&& (== net461) (< net45)) (&& (== net461) (< portable-net45+win8+wpa81)) (&& (== net461) (>= uap10.0)) (&& (== net471) (< net45) (< netstandard1.2)) (&& (== net471) (< net45) (< netstandard1.3)) (&& (== net471) (< net45) (< netstandard1.4)) (&& (== net471) (< net45) (< netstandard1.5)) (&& (== net471) (< net45) (< netstandard1.6)) (&& (== net471) (< net45) (< netstandard2.0)) (&& (== net471) (< netstandard1.5) (>= uap10.0)) (&& (== net471) (< portable-net45+win8+wpa81)) (&& (== net472) (< net45) (< netstandard1.2)) (&& (== net472) (< net45) (< netstandard1.3)) (&& (== net472) (< net45) (< netstandard1.4)) (&& (== net472) (< net45) (< netstandard1.5)) (&& (== net472) (< net45) (< netstandard1.6)) (&& (== net472) (< net45) (< netstandard2.0)) (&& (== net472) (< netstandard1.5) (>= uap10.0)) (&& (== net472) (< portable-net45+win8+wpa81)) (&& (== net48) (< net45) (< netstandard1.2)) (&& (== net48) (< net45) (< netstandard1.3)) (&& (== net48) (< net45) (< netstandard1.4)) (&& (== net48) (< net45) (< netstandard1.5)) (&& (== net48) (< net45) (< netstandard1.6)) (&& (== net48) (< net45) (< netstandard2.0)) (&& (== net48) (< netstandard1.5) (>= uap10.0)) (&& (== net48) (< portable-net45+win8+wpa81)) (&& (== net5.0-windows7.0) (< netstandard1.2)) (&& (== net5.0-windows7.0) (< netstandard1.3)) (&& (== net5.0-windows7.0) (< netstandard1.4)) (&& (== net5.0-windows7.0) (< netstandard1.5)) (&& (== net5.0-windows7.0) (< netstandard1.6)) (&& (== net5.0-windows7.0) (< netstandard2.0)) (&& (== net5.0-windows7.0) (< portable-net45+win8+wpa81)) (&& (== net50) (< netstandard1.2)) (&& (== net50) (< netstandard1.3)) (&& (== net50) (< netstandard1.4)) (&& (== net50) (< netstandard1.5)) (&& (== net50) (< netstandard1.6)) (&& (== net50) (< netstandard2.0)) (&& (== net50) (< portable-net45+win8+wpa81)) (&& (== netcoreapp2.0) (< netstandard1.2)) (&& (== netcoreapp2.0) (< netstandard1.3)) (&& (== netcoreapp2.0) (< netstandard1.4)) (&& (== netcoreapp2.0) (< netstandard1.5)) (&& (== netcoreapp2.0) (< netstandard1.6)) (&& (== netcoreapp2.0) (< netstandard2.0)) (&& (== netcoreapp2.0) (< portable-net45+win8+wpa81)) (== netstandard1.0) (== netstandard1.1) (&& (== netstandard2.0) (< netstandard1.2)) (&& (== netstandard2.0) (< netstandard1.3)) (&& (== netstandard2.0) (< netstandard1.4)) (&& (== netstandard2.0) (< netstandard1.5)) (&& (== netstandard2.0) (< netstandard1.6)) (&& (== netstandard2.0) (< portable-net45+win8+wpa81))
      System.Runtime.Extensions (>= 4.3) - restriction: || (&& (== net20) (>= netstandard1.0)) (&& (== net20) (>= netstandard1.1)) (&& (== net20) (>= netstandard1.2)) (&& (== net20) (>= netstandard1.3)) (&& (== net20) (>= netstandard1.4)) (&& (== net20) (>= netstandard1.5)) (&& (== net20) (>= netstandard1.6)) (&& (== net20) (>= uap10.0)) (&& (== net35) (>= netstandard1.0)) (&& (== net35) (>= netstandard1.1)) (&& (== net35) (>= netstandard1.2)) (&& (== net35) (>= netstandard1.3)) (&& (== net35) (>= netstandard1.4)) (&& (== net35) (>= netstandard1.5)) (&& (== net35) (>= netstandard1.6)) (&& (== net35) (>= uap10.0)) (&& (== net40) (>= netstandard1.0)) (&& (== net40) (>= netstandard1.1)) (&& (== net40) (>= netstandard1.2)) (&& (== net40) (>= netstandard1.3)) (&& (== net40) (>= netstandard1.4)) (&& (== net40) (>= netstandard1.5)) (&& (== net40) (>= netstandard1.6)) (&& (== net40) (>= uap10.0)) (&& (== net45) (< portable-net45+win8+wpa81)) (&& (== net45) (>= uap10.0)) (&& (== net461) (< net45)) (&& (== net461) (< portable-net45+win8+wpa81)) (&& (== net461) (>= uap10.0)) (&& (== net471) (< net45) (< netstandard1.2)) (&& (== net471) (< net45) (< netstandard1.3)) (&& (== net471) (< net45) (< netstandard1.4)) (&& (== net471) (< net45) (< netstandard1.5)) (&& (== net471) (< net45) (< netstandard1.6)) (&& (== net471) (< net45) (< netstandard2.0)) (&& (== net471) (< netstandard1.5) (>= uap10.0)) (&& (== net471) (< portable-net45+win8+wpa81)) (&& (== net472) (< net45) (< netstandard1.2)) (&& (== net472) (< net45) (< netstandard1.3)) (&& (== net472) (< net45) (< netstandard1.4)) (&& (== net472) (< net45) (< netstandard1.5)) (&& (== net472) (< net45) (< netstandard1.6)) (&& (== net472) (< net45) (< netstandard2.0)) (&& (== net472) (< netstandard1.5) (>= uap10.0)) (&& (== net472) (< portable-net45+win8+wpa81)) (&& (== net48) (< net45) (< netstandard1.2)) (&& (== net48) (< net45) (< netstandard1.3)) (&& (== net48) (< net45) (< netstandard1.4)) (&& (== net48) (< net45) (< netstandard1.5)) (&& (== net48) (< net45) (< netstandard1.6)) (&& (== net48) (< net45) (< netstandard2.0)) (&& (== net48) (< netstandard1.5) (>= uap10.0)) (&& (== net48) (< portable-net45+win8+wpa81)) (&& (== net5.0-windows7.0) (< netstandard1.2)) (&& (== net5.0-windows7.0) (< netstandard1.3)) (&& (== net5.0-windows7.0) (< netstandard1.4)) (&& (== net5.0-windows7.0) (< netstandard1.5)) (&& (== net5.0-windows7.0) (< netstandard1.6)) (&& (== net5.0-windows7.0) (< netstandard2.0)) (&& (== net5.0-windows7.0) (< portable-net45+win8+wpa81)) (&& (== net50) (< netstandard1.2)) (&& (== net50) (< netstandard1.3)) (&& (== net50) (< netstandard1.4)) (&& (== net50) (< netstandard1.5)) (&& (== net50) (< netstandard1.6)) (&& (== net50) (< netstandard2.0)) (&& (== net50) (< portable-net45+win8+wpa81)) (&& (== netcoreapp2.0) (< netstandard1.2)) (&& (== netcoreapp2.0) (< netstandard1.3)) (&& (== netcoreapp2.0) (< netstandard1.4)) (&& (== netcoreapp2.0) (< netstandard1.5)) (&& (== netcoreapp2.0) (< netstandard1.6)) (&& (== netcoreapp2.0) (< netstandard2.0)) (&& (== netcoreapp2.0) (< portable-net45+win8+wpa81)) (== netstandard1.0) (== netstandard1.1) (&& (== netstandard2.0) (< netstandard1.2)) (&& (== netstandard2.0) (< netstandard1.3)) (&& (== netstandard2.0) (< netstandard1.4)) (&& (== netstandard2.0) (< netstandard1.5)) (&& (== netstandard2.0) (< netstandard1.6)) (&& (== netstandard2.0) (< portable-net45+win8+wpa81))
      System.Runtime.InteropServices (>= 4.3) - restriction: || (&& (== net20) (>= netstandard1.1)) (&& (== net20) (>= netstandard1.2)) (&& (== net20) (>= netstandard1.3)) (&& (== net20) (>= netstandard1.4)) (&& (== net20) (>= netstandard1.5)) (&& (== net20) (>= netstandard1.6)) (&& (== net20) (>= uap10.0)) (&& (== net35) (>= netstandard1.1)) (&& (== net35) (>= netstandard1.2)) (&& (== net35) (>= netstandard1.3)) (&& (== net35) (>= netstandard1.4)) (&& (== net35) (>= netstandard1.5)) (&& (== net35) (>= netstandard1.6)) (&& (== net35) (>= uap10.0)) (&& (== net40) (>= netstandard1.1)) (&& (== net40) (>= netstandard1.2)) (&& (== net40) (>= netstandard1.3)) (&& (== net40) (>= netstandard1.4)) (&& (== net40) (>= netstandard1.5)) (&& (== net40) (>= netstandard1.6)) (&& (== net40) (>= uap10.0)) (&& (== net45) (>= uap10.0)) (&& (== net461) (< net45)) (&& (== net461) (>= uap10.0)) (&& (== net471) (< net45) (< netstandard1.2)) (&& (== net471) (< net45) (< netstandard1.3)) (&& (== net471) (< net45) (< netstandard1.4)) (&& (== net471) (< net45) (< netstandard1.5)) (&& (== net471) (< net45) (< netstandard1.6)) (&& (== net471) (< net45) (< netstandard2.0)) (&& (== net471) (< netstandard1.5) (>= uap10.0)) (&& (== net472) (< net45) (< netstandard1.2)) (&& (== net472) (< net45) (< netstandard1.3)) (&& (== net472) (< net45) (< netstandard1.4)) (&& (== net472) (< net45) (< netstandard1.5)) (&& (== net472) (< net45) (< netstandard1.6)) (&& (== net472) (< net45) (< netstandard2.0)) (&& (== net472) (< netstandard1.5) (>= uap10.0)) (&& (== net48) (< net45) (< netstandard1.2)) (&& (== net48) (< net45) (< netstandard1.3)) (&& (== net48) (< net45) (< netstandard1.4)) (&& (== net48) (< net45) (< netstandard1.5)) (&& (== net48) (< net45) (< netstandard1.6)) (&& (== net48) (< net45) (< netstandard2.0)) (&& (== net48) (< netstandard1.5) (>= uap10.0)) (&& (== net5.0-windows7.0) (< netstandard1.2)) (&& (== net5.0-windows7.0) (< netstandard1.3)) (&& (== net5.0-windows7.0) (< netstandard1.4)) (&& (== net5.0-windows7.0) (< netstandard1.5)) (&& (== net5.0-windows7.0) (< netstandard1.6)) (&& (== net5.0-windows7.0) (< netstandard2.0)) (&& (== net50) (< netstandard1.2)) (&& (== net50) (< netstandard1.3)) (&& (== net50) (< netstandard1.4)) (&& (== net50) (< netstandard1.5)) (&& (== net50) (< netstandard1.6)) (&& (== net50) (< netstandard2.0)) (&& (== netcoreapp2.0) (< netstandard1.2)) (&& (== netcoreapp2.0) (< netstandard1.3)) (&& (== netcoreapp2.0) (< netstandard1.4)) (&& (== netcoreapp2.0) (< netstandard1.5)) (&& (== netcoreapp2.0) (< netstandard1.6)) (&& (== netcoreapp2.0) (< netstandard2.0)) (&& (== netstandard1.0) (>= netstandard1.1)) (&& (== netstandard1.0) (>= netstandard1.2)) (&& (== netstandard1.0) (>= netstandard1.3)) (&& (== netstandard1.0) (>= netstandard1.4)) (&& (== netstandard1.0) (>= netstandard1.5)) (&& (== netstandard1.0) (>= netstandard1.6)) (&& (== netstandard1.0) (>= uap10.0)) (== netstandard1.1) (&& (== netstandard2.0) (< netstandard1.2)) (&& (== netstandard2.0) (< netstandard1.3)) (&& (== netstandard2.0) (< netstandard1.4)) (&& (== netstandard2.0) (< netstandard1.5)) (&& (== netstandard2.0) (< netstandard1.6))
      System.Runtime.InteropServices.RuntimeInformation (>= 4.3) - restriction: || (&& (== net20) (>= net45)) (&& (== net20) (>= net46)) (&& (== net20) (>= netstandard1.1)) (&& (== net20) (>= netstandard1.2)) (&& (== net20) (>= netstandard1.3)) (&& (== net20) (>= netstandard1.4)) (&& (== net20) (>= netstandard1.5)) (&& (== net20) (>= netstandard1.6)) (&& (== net20) (>= portable-net45+win8)) (&& (== net20) (>= portable-net45+win8+wpa81)) (&& (== net20) (>= uap10.0)) (&& (== net20) (>= win8)) (&& (== net20) (>= wpa81)) (&& (== net35) (>= net45)) (&& (== net35) (>= net46)) (&& (== net35) (>= netstandard1.1)) (&& (== net35) (>= netstandard1.2)) (&& (== net35) (>= netstandard1.3)) (&& (== net35) (>= netstandard1.4)) (&& (== net35) (>= netstandard1.5)) (&& (== net35) (>= netstandard1.6)) (&& (== net35) (>= portable-net45+win8)) (&& (== net35) (>= portable-net45+win8+wpa81)) (&& (== net35) (>= uap10.0)) (&& (== net35) (>= win8)) (&& (== net35) (>= wpa81)) (&& (== net40) (>= net45)) (&& (== net40) (>= net46)) (&& (== net40) (>= netstandard1.1)) (&& (== net40) (>= netstandard1.2)) (&& (== net40) (>= netstandard1.3)) (&& (== net40) (>= netstandard1.4)) (&& (== net40) (>= netstandard1.5)) (&& (== net40) (>= netstandard1.6)) (&& (== net40) (>= portable-net45+win8)) (&& (== net40) (>= portable-net45+win8+wpa81)) (&& (== net40) (>= uap10.0)) (&& (== net40) (>= win8)) (&& (== net40) (>= wpa81)) (== net45) (&& (== net461) (< net45)) (&& (== net461) (< netstandard1.0)) (&& (== net461) (< netstandard1.3)) (&& (== net461) (< netstandard1.4)) (&& (== net461) (>= uap10.0)) (&& (== net471) (< net45) (< netstandard1.2)) (&& (== net471) (< net45) (< netstandard1.5)) (&& (== net471) (< net45) (< netstandard1.6)) (&& (== net471) (< net45) (< netstandard2.0)) (&& (== net471) (< netstandard1.0)) (&& (== net471) (< netstandard1.3)) (&& (== net471) (< netstandard1.4)) (&& (== net471) (< netstandard1.5) (>= uap10.0)) (&& (== net472) (< net45) (< netstandard1.2)) (&& (== net472) (< net45) (< netstandard1.5)) (&& (== net472) (< net45) (< netstandard1.6)) (&& (== net472) (< net45) (< netstandard2.0)) (&& (== net472) (< netstandard1.0)) (&& (== net472) (< netstandard1.3)) (&& (== net472) (< netstandard1.4)) (&& (== net472) (< netstandard1.5) (>= uap10.0)) (&& (== net48) (< net45) (< netstandard1.2)) (&& (== net48) (< net45) (< netstandard1.5)) (&& (== net48) (< net45) (< netstandard1.6)) (&& (== net48) (< net45) (< netstandard2.0)) (&& (== net48) (< netstandard1.0)) (&& (== net48) (< netstandard1.3)) (&& (== net48) (< netstandard1.4)) (&& (== net48) (< netstandard1.5) (>= uap10.0)) (&& (== net5.0-windows7.0) (< netstandard1.0)) (&& (== net5.0-windows7.0) (< netstandard1.2)) (&& (== net5.0-windows7.0) (< netstandard1.3)) (&& (== net5.0-windows7.0) (< netstandard1.4)) (&& (== net5.0-windows7.0) (< netstandard1.5)) (&& (== net5.0-windows7.0) (< netstandard1.6)) (&& (== net5.0-windows7.0) (< netstandard2.0)) (&& (== net50) (< netstandard1.0)) (&& (== net50) (< netstandard1.2)) (&& (== net50) (< netstandard1.3)) (&& (== net50) (< netstandard1.4)) (&& (== net50) (< netstandard1.5)) (&& (== net50) (< netstandard1.6)) (&& (== net50) (< netstandard2.0)) (&& (== netcoreapp2.0) (< netstandard1.0)) (&& (== netcoreapp2.0) (< netstandard1.2)) (&& (== netcoreapp2.0) (< netstandard1.3)) (&& (== netcoreapp2.0) (< netstandard1.4)) (&& (== netcoreapp2.0) (< netstandard1.5)) (&& (== netcoreapp2.0) (< netstandard1.6)) (&& (== netcoreapp2.0) (< netstandard2.0)) (&& (== netstandard1.0) (>= net45)) (&& (== netstandard1.0) (>= net46)) (&& (== netstandard1.0) (>= netstandard1.1)) (&& (== netstandard1.0) (>= netstandard1.2)) (&& (== netstandard1.0) (>= netstandard1.3)) (&& (== netstandard1.0) (>= netstandard1.4)) (&& (== netstandard1.0) (>= netstandard1.5)) (&& (== netstandard1.0) (>= netstandard1.6)) (&& (== netstandard1.0) (>= uap10.0)) (&& (== netstandard1.0) (>= wpa81)) (== netstandard1.1) (&& (== netstandard2.0) (< netstandard1.0)) (&& (== netstandard2.0) (< netstandard1.2)) (&& (== netstandard2.0) (< netstandard1.3)) (&& (== netstandard2.0) (< netstandard1.4)) (&& (== netstandard2.0) (< netstandard1.5)) (&& (== netstandard2.0) (< netstandard1.6))
      System.Runtime.Numerics (>= 4.3) - restriction: || (&& (== net20) (>= netstandard1.1)) (&& (== net20) (>= netstandard1.2)) (&& (== net20) (>= netstandard1.3)) (&& (== net20) (>= netstandard1.4)) (&& (== net20) (>= netstandard1.5)) (&& (== net20) (>= netstandard1.6)) (&& (== net20) (>= uap10.0)) (&& (== net35) (>= netstandard1.1)) (&& (== net35) (>= netstandard1.2)) (&& (== net35) (>= netstandard1.3)) (&& (== net35) (>= netstandard1.4)) (&& (== net35) (>= netstandard1.5)) (&& (== net35) (>= netstandard1.6)) (&& (== net35) (>= uap10.0)) (&& (== net40) (>= netstandard1.1)) (&& (== net40) (>= netstandard1.2)) (&& (== net40) (>= netstandard1.3)) (&& (== net40) (>= netstandard1.4)) (&& (== net40) (>= netstandard1.5)) (&& (== net40) (>= netstandard1.6)) (&& (== net40) (>= uap10.0)) (&& (== net45) (>= uap10.0)) (&& (== net461) (< net45)) (&& (== net461) (>= uap10.0)) (&& (== net471) (< net45) (< netstandard1.2)) (&& (== net471) (< net45) (< netstandard1.3)) (&& (== net471) (< net45) (< netstandard1.4)) (&& (== net471) (< net45) (< netstandard1.5)) (&& (== net471) (< net45) (< netstandard1.6)) (&& (== net471) (< net45) (< netstandard2.0)) (&& (== net471) (< netstandard1.5) (>= uap10.0)) (&& (== net472) (< net45) (< netstandard1.2)) (&& (== net472) (< net45) (< netstandard1.3)) (&& (== net472) (< net45) (< netstandard1.4)) (&& (== net472) (< net45) (< netstandard1.5)) (&& (== net472) (< net45) (< netstandard1.6)) (&& (== net472) (< net45) (< netstandard2.0)) (&& (== net472) (< netstandard1.5) (>= uap10.0)) (&& (== net48) (< net45) (< netstandard1.2)) (&& (== net48) (< net45) (< netstandard1.3)) (&& (== net48) (< net45) (< netstandard1.4)) (&& (== net48) (< net45) (< netstandard1.5)) (&& (== net48) (< net45) (< netstandard1.6)) (&& (== net48) (< net45) (< netstandard2.0)) (&& (== net48) (< netstandard1.5) (>= uap10.0)) (&& (== net5.0-windows7.0) (< netstandard1.2)) (&& (== net5.0-windows7.0) (< netstandard1.3)) (&& (== net5.0-windows7.0) (< netstandard1.4)) (&& (== net5.0-windows7.0) (< netstandard1.5)) (&& (== net5.0-windows7.0) (< netstandard1.6)) (&& (== net5.0-windows7.0) (< netstandard2.0)) (&& (== net50) (< netstandard1.2)) (&& (== net50) (< netstandard1.3)) (&& (== net50) (< netstandard1.4)) (&& (== net50) (< netstandard1.5)) (&& (== net50) (< netstandard1.6)) (&& (== net50) (< netstandard2.0)) (&& (== netcoreapp2.0) (< netstandard1.2)) (&& (== netcoreapp2.0) (< netstandard1.3)) (&& (== netcoreapp2.0) (< netstandard1.4)) (&& (== netcoreapp2.0) (< netstandard1.5)) (&& (== netcoreapp2.0) (< netstandard1.6)) (&& (== netcoreapp2.0) (< netstandard2.0)) (&& (== netstandard1.0) (>= netstandard1.1)) (&& (== netstandard1.0) (>= netstandard1.2)) (&& (== netstandard1.0) (>= netstandard1.3)) (&& (== netstandard1.0) (>= netstandard1.4)) (&& (== netstandard1.0) (>= netstandard1.5)) (&& (== netstandard1.0) (>= netstandard1.6)) (&& (== netstandard1.0) (>= uap10.0)) (== netstandard1.1) (&& (== netstandard2.0) (< netstandard1.2)) (&& (== netstandard2.0) (< netstandard1.3)) (&& (== netstandard2.0) (< netstandard1.4)) (&& (== netstandard2.0) (< netstandard1.5)) (&& (== netstandard2.0) (< netstandard1.6))
      System.Text.Encoding (>= 4.3) - restriction: || (&& (== net20) (>= netstandard1.0)) (&& (== net20) (>= netstandard1.1)) (&& (== net20) (>= netstandard1.2)) (&& (== net20) (>= netstandard1.3)) (&& (== net20) (>= netstandard1.4)) (&& (== net20) (>= netstandard1.5)) (&& (== net20) (>= netstandard1.6)) (&& (== net20) (>= uap10.0)) (&& (== net35) (>= netstandard1.0)) (&& (== net35) (>= netstandard1.1)) (&& (== net35) (>= netstandard1.2)) (&& (== net35) (>= netstandard1.3)) (&& (== net35) (>= netstandard1.4)) (&& (== net35) (>= netstandard1.5)) (&& (== net35) (>= netstandard1.6)) (&& (== net35) (>= uap10.0)) (&& (== net40) (>= netstandard1.0)) (&& (== net40) (>= netstandard1.1)) (&& (== net40) (>= netstandard1.2)) (&& (== net40) (>= netstandard1.3)) (&& (== net40) (>= netstandard1.4)) (&& (== net40) (>= netstandard1.5)) (&& (== net40) (>= netstandard1.6)) (&& (== net40) (>= uap10.0)) (&& (== net45) (< portable-net45+win8+wpa81)) (&& (== net45) (>= uap10.0)) (&& (== net461) (< net45)) (&& (== net461) (< portable-net45+win8+wpa81)) (&& (== net461) (>= uap10.0)) (&& (== net471) (< net45) (< netstandard1.2)) (&& (== net471) (< net45) (< netstandard1.3)) (&& (== net471) (< net45) (< netstandard1.4)) (&& (== net471) (< net45) (< netstandard1.5)) (&& (== net471) (< net45) (< netstandard1.6)) (&& (== net471) (< net45) (< netstandard2.0)) (&& (== net471) (< netstandard1.5) (>= uap10.0)) (&& (== net471) (< portable-net45+win8+wpa81)) (&& (== net472) (< net45) (< netstandard1.2)) (&& (== net472) (< net45) (< netstandard1.3)) (&& (== net472) (< net45) (< netstandard1.4)) (&& (== net472) (< net45) (< netstandard1.5)) (&& (== net472) (< net45) (< netstandard1.6)) (&& (== net472) (< net45) (< netstandard2.0)) (&& (== net472) (< netstandard1.5) (>= uap10.0)) (&& (== net472) (< portable-net45+win8+wpa81)) (&& (== net48) (< net45) (< netstandard1.2)) (&& (== net48) (< net45) (< netstandard1.3)) (&& (== net48) (< net45) (< netstandard1.4)) (&& (== net48) (< net45) (< netstandard1.5)) (&& (== net48) (< net45) (< netstandard1.6)) (&& (== net48) (< net45) (< netstandard2.0)) (&& (== net48) (< netstandard1.5) (>= uap10.0)) (&& (== net48) (< portable-net45+win8+wpa81)) (&& (== net5.0-windows7.0) (< netstandard1.2)) (&& (== net5.0-windows7.0) (< netstandard1.3)) (&& (== net5.0-windows7.0) (< netstandard1.4)) (&& (== net5.0-windows7.0) (< netstandard1.5)) (&& (== net5.0-windows7.0) (< netstandard1.6)) (&& (== net5.0-windows7.0) (< netstandard2.0)) (&& (== net5.0-windows7.0) (< portable-net45+win8+wpa81)) (&& (== net50) (< netstandard1.2)) (&& (== net50) (< netstandard1.3)) (&& (== net50) (< netstandard1.4)) (&& (== net50) (< netstandard1.5)) (&& (== net50) (< netstandard1.6)) (&& (== net50) (< netstandard2.0)) (&& (== net50) (< portable-net45+win8+wpa81)) (&& (== netcoreapp2.0) (< netstandard1.2)) (&& (== netcoreapp2.0) (< netstandard1.3)) (&& (== netcoreapp2.0) (< netstandard1.4)) (&& (== netcoreapp2.0) (< netstandard1.5)) (&& (== netcoreapp2.0) (< netstandard1.6)) (&& (== netcoreapp2.0) (< netstandard2.0)) (&& (== netcoreapp2.0) (< portable-net45+win8+wpa81)) (== netstandard1.0) (== netstandard1.1) (&& (== netstandard2.0) (< netstandard1.2)) (&& (== netstandard2.0) (< netstandard1.3)) (&& (== netstandard2.0) (< netstandard1.4)) (&& (== netstandard2.0) (< netstandard1.5)) (&& (== netstandard2.0) (< netstandard1.6)) (&& (== netstandard2.0) (< portable-net45+win8+wpa81))
      System.Text.Encoding.Extensions (>= 4.3) - restriction: || (&& (== net20) (>= netstandard1.0)) (&& (== net20) (>= netstandard1.1)) (&& (== net20) (>= netstandard1.2)) (&& (== net20) (>= netstandard1.3)) (&& (== net20) (>= netstandard1.4)) (&& (== net20) (>= netstandard1.5)) (&& (== net20) (>= netstandard1.6)) (&& (== net20) (>= uap10.0)) (&& (== net35) (>= netstandard1.0)) (&& (== net35) (>= netstandard1.1)) (&& (== net35) (>= netstandard1.2)) (&& (== net35) (>= netstandard1.3)) (&& (== net35) (>= netstandard1.4)) (&& (== net35) (>= netstandard1.5)) (&& (== net35) (>= netstandard1.6)) (&& (== net35) (>= uap10.0)) (&& (== net40) (>= netstandard1.0)) (&& (== net40) (>= netstandard1.1)) (&& (== net40) (>= netstandard1.2)) (&& (== net40) (>= netstandard1.3)) (&& (== net40) (>= netstandard1.4)) (&& (== net40) (>= netstandard1.5)) (&& (== net40) (>= netstandard1.6)) (&& (== net40) (>= uap10.0)) (&& (== net45) (< portable-net45+win8+wpa81)) (&& (== net45) (>= uap10.0)) (&& (== net461) (< net45)) (&& (== net461) (< portable-net45+win8+wpa81)) (&& (== net461) (>= uap10.0)) (&& (== net471) (< net45) (< netstandard1.2)) (&& (== net471) (< net45) (< netstandard1.3)) (&& (== net471) (< net45) (< netstandard1.4)) (&& (== net471) (< net45) (< netstandard1.5)) (&& (== net471) (< net45) (< netstandard1.6)) (&& (== net471) (< net45) (< netstandard2.0)) (&& (== net471) (< netstandard1.5) (>= uap10.0)) (&& (== net471) (< portable-net45+win8+wpa81)) (&& (== net472) (< net45) (< netstandard1.2)) (&& (== net472) (< net45) (< netstandard1.3)) (&& (== net472) (< net45) (< netstandard1.4)) (&& (== net472) (< net45) (< netstandard1.5)) (&& (== net472) (< net45) (< netstandard1.6)) (&& (== net472) (< net45) (< netstandard2.0)) (&& (== net472) (< netstandard1.5) (>= uap10.0)) (&& (== net472) (< portable-net45+win8+wpa81)) (&& (== net48) (< net45) (< netstandard1.2)) (&& (== net48) (< net45) (< netstandard1.3)) (&& (== net48) (< net45) (< netstandard1.4)) (&& (== net48) (< net45) (< netstandard1.5)) (&& (== net48) (< net45) (< netstandard1.6)) (&& (== net48) (< net45) (< netstandard2.0)) (&& (== net48) (< netstandard1.5) (>= uap10.0)) (&& (== net48) (< portable-net45+win8+wpa81)) (&& (== net5.0-windows7.0) (< netstandard1.2)) (&& (== net5.0-windows7.0) (< netstandard1.3)) (&& (== net5.0-windows7.0) (< netstandard1.4)) (&& (== net5.0-windows7.0) (< netstandard1.5)) (&& (== net5.0-windows7.0) (< netstandard1.6)) (&& (== net5.0-windows7.0) (< netstandard2.0)) (&& (== net5.0-windows7.0) (< portable-net45+win8+wpa81)) (&& (== net50) (< netstandard1.2)) (&& (== net50) (< netstandard1.3)) (&& (== net50) (< netstandard1.4)) (&& (== net50) (< netstandard1.5)) (&& (== net50) (< netstandard1.6)) (&& (== net50) (< netstandard2.0)) (&& (== net50) (< portable-net45+win8+wpa81)) (&& (== netcoreapp2.0) (< netstandard1.2)) (&& (== netcoreapp2.0) (< netstandard1.3)) (&& (== netcoreapp2.0) (< netstandard1.4)) (&& (== netcoreapp2.0) (< netstandard1.5)) (&& (== netcoreapp2.0) (< netstandard1.6)) (&& (== netcoreapp2.0) (< netstandard2.0)) (&& (== netcoreapp2.0) (< portable-net45+win8+wpa81)) (== netstandard1.0) (== netstandard1.1) (&& (== netstandard2.0) (< netstandard1.2)) (&& (== netstandard2.0) (< netstandard1.3)) (&& (== netstandard2.0) (< netstandard1.4)) (&& (== netstandard2.0) (< netstandard1.5)) (&& (== netstandard2.0) (< netstandard1.6)) (&& (== netstandard2.0) (< portable-net45+win8+wpa81))
      System.Text.RegularExpressions (>= 4.3) - restriction: || (&& (== net20) (>= netstandard1.0)) (&& (== net20) (>= netstandard1.1)) (&& (== net20) (>= netstandard1.2)) (&& (== net20) (>= netstandard1.3)) (&& (== net20) (>= netstandard1.4)) (&& (== net20) (>= netstandard1.5)) (&& (== net20) (>= netstandard1.6)) (&& (== net20) (>= uap10.0)) (&& (== net35) (>= netstandard1.0)) (&& (== net35) (>= netstandard1.1)) (&& (== net35) (>= netstandard1.2)) (&& (== net35) (>= netstandard1.3)) (&& (== net35) (>= netstandard1.4)) (&& (== net35) (>= netstandard1.5)) (&& (== net35) (>= netstandard1.6)) (&& (== net35) (>= uap10.0)) (&& (== net40) (>= netstandard1.0)) (&& (== net40) (>= netstandard1.1)) (&& (== net40) (>= netstandard1.2)) (&& (== net40) (>= netstandard1.3)) (&& (== net40) (>= netstandard1.4)) (&& (== net40) (>= netstandard1.5)) (&& (== net40) (>= netstandard1.6)) (&& (== net40) (>= uap10.0)) (&& (== net45) (< portable-net45+win8+wpa81)) (&& (== net45) (>= uap10.0)) (&& (== net461) (< net45)) (&& (== net461) (< portable-net45+win8+wpa81)) (&& (== net461) (>= uap10.0)) (&& (== net471) (< net45) (< netstandard1.2)) (&& (== net471) (< net45) (< netstandard1.3)) (&& (== net471) (< net45) (< netstandard1.4)) (&& (== net471) (< net45) (< netstandard1.5)) (&& (== net471) (< net45) (< netstandard1.6)) (&& (== net471) (< net45) (< netstandard2.0)) (&& (== net471) (< netstandard1.5) (>= uap10.0)) (&& (== net471) (< portable-net45+win8+wpa81)) (&& (== net472) (< net45) (< netstandard1.2)) (&& (== net472) (< net45) (< netstandard1.3)) (&& (== net472) (< net45) (< netstandard1.4)) (&& (== net472) (< net45) (< netstandard1.5)) (&& (== net472) (< net45) (< netstandard1.6)) (&& (== net472) (< net45) (< netstandard2.0)) (&& (== net472) (< netstandard1.5) (>= uap10.0)) (&& (== net472) (< portable-net45+win8+wpa81)) (&& (== net48) (< net45) (< netstandard1.2)) (&& (== net48) (< net45) (< netstandard1.3)) (&& (== net48) (< net45) (< netstandard1.4)) (&& (== net48) (< net45) (< netstandard1.5)) (&& (== net48) (< net45) (< netstandard1.6)) (&& (== net48) (< net45) (< netstandard2.0)) (&& (== net48) (< netstandard1.5) (>= uap10.0)) (&& (== net48) (< portable-net45+win8+wpa81)) (&& (== net5.0-windows7.0) (< netstandard1.2)) (&& (== net5.0-windows7.0) (< netstandard1.3)) (&& (== net5.0-windows7.0) (< netstandard1.4)) (&& (== net5.0-windows7.0) (< netstandard1.5)) (&& (== net5.0-windows7.0) (< netstandard1.6)) (&& (== net5.0-windows7.0) (< netstandard2.0)) (&& (== net5.0-windows7.0) (< portable-net45+win8+wpa81)) (&& (== net50) (< netstandard1.2)) (&& (== net50) (< netstandard1.3)) (&& (== net50) (< netstandard1.4)) (&& (== net50) (< netstandard1.5)) (&& (== net50) (< netstandard1.6)) (&& (== net50) (< netstandard2.0)) (&& (== net50) (< portable-net45+win8+wpa81)) (&& (== netcoreapp2.0) (< netstandard1.2)) (&& (== netcoreapp2.0) (< netstandard1.3)) (&& (== netcoreapp2.0) (< netstandard1.4)) (&& (== netcoreapp2.0) (< netstandard1.5)) (&& (== netcoreapp2.0) (< netstandard1.6)) (&& (== netcoreapp2.0) (< netstandard2.0)) (&& (== netcoreapp2.0) (< portable-net45+win8+wpa81)) (== netstandard1.0) (== netstandard1.1) (&& (== netstandard2.0) (< netstandard1.2)) (&& (== netstandard2.0) (< netstandard1.3)) (&& (== netstandard2.0) (< netstandard1.4)) (&& (== netstandard2.0) (< netstandard1.5)) (&& (== netstandard2.0) (< netstandard1.6)) (&& (== netstandard2.0) (< portable-net45+win8+wpa81))
      System.Threading (>= 4.3) - restriction: || (&& (== net20) (>= netstandard1.0)) (&& (== net20) (>= netstandard1.1)) (&& (== net20) (>= netstandard1.2)) (&& (== net20) (>= netstandard1.3)) (&& (== net20) (>= netstandard1.4)) (&& (== net20) (>= netstandard1.5)) (&& (== net20) (>= netstandard1.6)) (&& (== net20) (>= uap10.0)) (&& (== net35) (>= netstandard1.0)) (&& (== net35) (>= netstandard1.1)) (&& (== net35) (>= netstandard1.2)) (&& (== net35) (>= netstandard1.3)) (&& (== net35) (>= netstandard1.4)) (&& (== net35) (>= netstandard1.5)) (&& (== net35) (>= netstandard1.6)) (&& (== net35) (>= uap10.0)) (&& (== net40) (>= netstandard1.0)) (&& (== net40) (>= netstandard1.1)) (&& (== net40) (>= netstandard1.2)) (&& (== net40) (>= netstandard1.3)) (&& (== net40) (>= netstandard1.4)) (&& (== net40) (>= netstandard1.5)) (&& (== net40) (>= netstandard1.6)) (&& (== net40) (>= uap10.0)) (&& (== net45) (< portable-net45+win8+wpa81)) (&& (== net45) (>= uap10.0)) (&& (== net461) (< net45)) (&& (== net461) (< portable-net45+win8+wpa81)) (&& (== net461) (>= uap10.0)) (&& (== net471) (< net45) (< netstandard1.2)) (&& (== net471) (< net45) (< netstandard1.3)) (&& (== net471) (< net45) (< netstandard1.4)) (&& (== net471) (< net45) (< netstandard1.5)) (&& (== net471) (< net45) (< netstandard1.6)) (&& (== net471) (< net45) (< netstandard2.0)) (&& (== net471) (< netstandard1.5) (>= uap10.0)) (&& (== net471) (< portable-net45+win8+wpa81)) (&& (== net472) (< net45) (< netstandard1.2)) (&& (== net472) (< net45) (< netstandard1.3)) (&& (== net472) (< net45) (< netstandard1.4)) (&& (== net472) (< net45) (< netstandard1.5)) (&& (== net472) (< net45) (< netstandard1.6)) (&& (== net472) (< net45) (< netstandard2.0)) (&& (== net472) (< netstandard1.5) (>= uap10.0)) (&& (== net472) (< portable-net45+win8+wpa81)) (&& (== net48) (< net45) (< netstandard1.2)) (&& (== net48) (< net45) (< netstandard1.3)) (&& (== net48) (< net45) (< netstandard1.4)) (&& (== net48) (< net45) (< netstandard1.5)) (&& (== net48) (< net45) (< netstandard1.6)) (&& (== net48) (< net45) (< netstandard2.0)) (&& (== net48) (< netstandard1.5) (>= uap10.0)) (&& (== net48) (< portable-net45+win8+wpa81)) (&& (== net5.0-windows7.0) (< netstandard1.2)) (&& (== net5.0-windows7.0) (< netstandard1.3)) (&& (== net5.0-windows7.0) (< netstandard1.4)) (&& (== net5.0-windows7.0) (< netstandard1.5)) (&& (== net5.0-windows7.0) (< netstandard1.6)) (&& (== net5.0-windows7.0) (< netstandard2.0)) (&& (== net5.0-windows7.0) (< portable-net45+win8+wpa81)) (&& (== net50) (< netstandard1.2)) (&& (== net50) (< netstandard1.3)) (&& (== net50) (< netstandard1.4)) (&& (== net50) (< netstandard1.5)) (&& (== net50) (< netstandard1.6)) (&& (== net50) (< netstandard2.0)) (&& (== net50) (< portable-net45+win8+wpa81)) (&& (== netcoreapp2.0) (< netstandard1.2)) (&& (== netcoreapp2.0) (< netstandard1.3)) (&& (== netcoreapp2.0) (< netstandard1.4)) (&& (== netcoreapp2.0) (< netstandard1.5)) (&& (== netcoreapp2.0) (< netstandard1.6)) (&& (== netcoreapp2.0) (< netstandard2.0)) (&& (== netcoreapp2.0) (< portable-net45+win8+wpa81)) (== netstandard1.0) (== netstandard1.1) (&& (== netstandard2.0) (< netstandard1.2)) (&& (== netstandard2.0) (< netstandard1.3)) (&& (== netstandard2.0) (< netstandard1.4)) (&& (== netstandard2.0) (< netstandard1.5)) (&& (== netstandard2.0) (< netstandard1.6)) (&& (== netstandard2.0) (< portable-net45+win8+wpa81))
      System.Threading.Tasks (>= 4.3) - restriction: || (&& (== net20) (>= netstandard1.0)) (&& (== net20) (>= netstandard1.1)) (&& (== net20) (>= netstandard1.2)) (&& (== net20) (>= netstandard1.3)) (&& (== net20) (>= netstandard1.4)) (&& (== net20) (>= netstandard1.5)) (&& (== net20) (>= netstandard1.6)) (&& (== net20) (>= uap10.0)) (&& (== net35) (>= netstandard1.0)) (&& (== net35) (>= netstandard1.1)) (&& (== net35) (>= netstandard1.2)) (&& (== net35) (>= netstandard1.3)) (&& (== net35) (>= netstandard1.4)) (&& (== net35) (>= netstandard1.5)) (&& (== net35) (>= netstandard1.6)) (&& (== net35) (>= uap10.0)) (&& (== net40) (>= netstandard1.0)) (&& (== net40) (>= netstandard1.1)) (&& (== net40) (>= netstandard1.2)) (&& (== net40) (>= netstandard1.3)) (&& (== net40) (>= netstandard1.4)) (&& (== net40) (>= netstandard1.5)) (&& (== net40) (>= netstandard1.6)) (&& (== net40) (>= uap10.0)) (&& (== net45) (< portable-net45+win8+wpa81)) (&& (== net45) (>= uap10.0)) (&& (== net461) (< net45)) (&& (== net461) (< portable-net45+win8+wpa81)) (&& (== net461) (>= uap10.0)) (&& (== net471) (< net45) (< netstandard1.2)) (&& (== net471) (< net45) (< netstandard1.3)) (&& (== net471) (< net45) (< netstandard1.4)) (&& (== net471) (< net45) (< netstandard1.5)) (&& (== net471) (< net45) (< netstandard1.6)) (&& (== net471) (< net45) (< netstandard2.0)) (&& (== net471) (< netstandard1.5) (>= uap10.0)) (&& (== net471) (< portable-net45+win8+wpa81)) (&& (== net472) (< net45) (< netstandard1.2)) (&& (== net472) (< net45) (< netstandard1.3)) (&& (== net472) (< net45) (< netstandard1.4)) (&& (== net472) (< net45) (< netstandard1.5)) (&& (== net472) (< net45) (< netstandard1.6)) (&& (== net472) (< net45) (< netstandard2.0)) (&& (== net472) (< netstandard1.5) (>= uap10.0)) (&& (== net472) (< portable-net45+win8+wpa81)) (&& (== net48) (< net45) (< netstandard1.2)) (&& (== net48) (< net45) (< netstandard1.3)) (&& (== net48) (< net45) (< netstandard1.4)) (&& (== net48) (< net45) (< netstandard1.5)) (&& (== net48) (< net45) (< netstandard1.6)) (&& (== net48) (< net45) (< netstandard2.0)) (&& (== net48) (< netstandard1.5) (>= uap10.0)) (&& (== net48) (< portable-net45+win8+wpa81)) (&& (== net5.0-windows7.0) (< netstandard1.2)) (&& (== net5.0-windows7.0) (< netstandard1.3)) (&& (== net5.0-windows7.0) (< netstandard1.4)) (&& (== net5.0-windows7.0) (< netstandard1.5)) (&& (== net5.0-windows7.0) (< netstandard1.6)) (&& (== net5.0-windows7.0) (< netstandard2.0)) (&& (== net5.0-windows7.0) (< portable-net45+win8+wpa81)) (&& (== net50) (< netstandard1.2)) (&& (== net50) (< netstandard1.3)) (&& (== net50) (< netstandard1.4)) (&& (== net50) (< netstandard1.5)) (&& (== net50) (< netstandard1.6)) (&& (== net50) (< netstandard2.0)) (&& (== net50) (< portable-net45+win8+wpa81)) (&& (== netcoreapp2.0) (< netstandard1.2)) (&& (== netcoreapp2.0) (< netstandard1.3)) (&& (== netcoreapp2.0) (< netstandard1.4)) (&& (== netcoreapp2.0) (< netstandard1.5)) (&& (== netcoreapp2.0) (< netstandard1.6)) (&& (== netcoreapp2.0) (< netstandard2.0)) (&& (== netcoreapp2.0) (< portable-net45+win8+wpa81)) (== netstandard1.0) (== netstandard1.1) (&& (== netstandard2.0) (< netstandard1.2)) (&& (== netstandard2.0) (< netstandard1.3)) (&& (== netstandard2.0) (< netstandard1.4)) (&& (== netstandard2.0) (< netstandard1.5)) (&& (== netstandard2.0) (< netstandard1.6)) (&& (== netstandard2.0) (< portable-net45+win8+wpa81))
      System.Xml.ReaderWriter (>= 4.3) - restriction: || (&& (== net20) (>= net46)) (&& (== net20) (>= netstandard1.0)) (&& (== net20) (>= netstandard1.1)) (&& (== net20) (>= netstandard1.2)) (&& (== net20) (>= netstandard1.3)) (&& (== net20) (>= netstandard1.4)) (&& (== net20) (>= netstandard1.5)) (&& (== net20) (>= netstandard1.6)) (&& (== net20) (>= uap10.0)) (&& (== net35) (>= net46)) (&& (== net35) (>= netstandard1.0)) (&& (== net35) (>= netstandard1.1)) (&& (== net35) (>= netstandard1.2)) (&& (== net35) (>= netstandard1.3)) (&& (== net35) (>= netstandard1.4)) (&& (== net35) (>= netstandard1.5)) (&& (== net35) (>= netstandard1.6)) (&& (== net35) (>= uap10.0)) (&& (== net40) (>= net46)) (&& (== net40) (>= netstandard1.0)) (&& (== net40) (>= netstandard1.1)) (&& (== net40) (>= netstandard1.2)) (&& (== net40) (>= netstandard1.3)) (&& (== net40) (>= netstandard1.4)) (&& (== net40) (>= netstandard1.5)) (&& (== net40) (>= netstandard1.6)) (&& (== net40) (>= uap10.0)) (&& (== net45) (>= net46)) (&& (== net45) (< portable-net45+win8+wpa81)) (&& (== net45) (>= uap10.0)) (&& (== net461) (< net45)) (&& (== net461) (< netstandard1.4)) (&& (== net461) (< portable-net45+win8+wpa81)) (&& (== net461) (>= uap10.0)) (&& (== net471) (< net45) (< netstandard1.2)) (&& (== net471) (< net45) (< netstandard1.3)) (&& (== net471) (< net45) (< netstandard1.5)) (&& (== net471) (< net45) (< netstandard1.6)) (&& (== net471) (< net45) (< netstandard2.0)) (&& (== net471) (< netstandard1.4)) (&& (== net471) (< netstandard1.5) (>= uap10.0)) (&& (== net471) (< portable-net45+win8+wpa81)) (&& (== net472) (< net45) (< netstandard1.2)) (&& (== net472) (< net45) (< netstandard1.3)) (&& (== net472) (< net45) (< netstandard1.5)) (&& (== net472) (< net45) (< netstandard1.6)) (&& (== net472) (< net45) (< netstandard2.0)) (&& (== net472) (< netstandard1.4)) (&& (== net472) (< netstandard1.5) (>= uap10.0)) (&& (== net472) (< portable-net45+win8+wpa81)) (&& (== net48) (< net45) (< netstandard1.2)) (&& (== net48) (< net45) (< netstandard1.3)) (&& (== net48) (< net45) (< netstandard1.5)) (&& (== net48) (< net45) (< netstandard1.6)) (&& (== net48) (< net45) (< netstandard2.0)) (&& (== net48) (< netstandard1.4)) (&& (== net48) (< netstandard1.5) (>= uap10.0)) (&& (== net48) (< portable-net45+win8+wpa81)) (&& (== net5.0-windows7.0) (< netstandard1.2)) (&& (== net5.0-windows7.0) (< netstandard1.3)) (&& (== net5.0-windows7.0) (< netstandard1.4)) (&& (== net5.0-windows7.0) (< netstandard1.5)) (&& (== net5.0-windows7.0) (< netstandard1.6)) (&& (== net5.0-windows7.0) (< netstandard2.0)) (&& (== net5.0-windows7.0) (< portable-net45+win8+wpa81)) (&& (== net50) (< netstandard1.2)) (&& (== net50) (< netstandard1.3)) (&& (== net50) (< netstandard1.4)) (&& (== net50) (< netstandard1.5)) (&& (== net50) (< netstandard1.6)) (&& (== net50) (< netstandard2.0)) (&& (== net50) (< portable-net45+win8+wpa81)) (&& (== netcoreapp2.0) (< netstandard1.2)) (&& (== netcoreapp2.0) (< netstandard1.3)) (&& (== netcoreapp2.0) (< netstandard1.4)) (&& (== netcoreapp2.0) (< netstandard1.5)) (&& (== netcoreapp2.0) (< netstandard1.6)) (&& (== netcoreapp2.0) (< netstandard2.0)) (&& (== netcoreapp2.0) (< portable-net45+win8+wpa81)) (== netstandard1.0) (== netstandard1.1) (&& (== netstandard2.0) (< netstandard1.2)) (&& (== netstandard2.0) (< netstandard1.3)) (&& (== netstandard2.0) (< netstandard1.4)) (&& (== netstandard2.0) (< netstandard1.5)) (&& (== netstandard2.0) (< netstandard1.6)) (&& (== netstandard2.0) (< portable-net45+win8+wpa81))
      System.Xml.XDocument (>= 4.3) - restriction: || (&& (== net20) (>= netstandard1.0)) (&& (== net20) (>= netstandard1.1)) (&& (== net20) (>= netstandard1.2)) (&& (== net20) (>= netstandard1.3)) (&& (== net20) (>= netstandard1.4)) (&& (== net20) (>= netstandard1.5)) (&& (== net20) (>= netstandard1.6)) (&& (== net20) (>= uap10.0)) (&& (== net35) (>= netstandard1.0)) (&& (== net35) (>= netstandard1.1)) (&& (== net35) (>= netstandard1.2)) (&& (== net35) (>= netstandard1.3)) (&& (== net35) (>= netstandard1.4)) (&& (== net35) (>= netstandard1.5)) (&& (== net35) (>= netstandard1.6)) (&& (== net35) (>= uap10.0)) (&& (== net40) (>= netstandard1.0)) (&& (== net40) (>= netstandard1.1)) (&& (== net40) (>= netstandard1.2)) (&& (== net40) (>= netstandard1.3)) (&& (== net40) (>= netstandard1.4)) (&& (== net40) (>= netstandard1.5)) (&& (== net40) (>= netstandard1.6)) (&& (== net40) (>= uap10.0)) (&& (== net45) (< portable-net45+win8+wpa81)) (&& (== net45) (>= uap10.0)) (&& (== net461) (< net45)) (&& (== net461) (< portable-net45+win8+wpa81)) (&& (== net461) (>= uap10.0)) (&& (== net471) (< net45) (< netstandard1.2)) (&& (== net471) (< net45) (< netstandard1.3)) (&& (== net471) (< net45) (< netstandard1.4)) (&& (== net471) (< net45) (< netstandard1.5)) (&& (== net471) (< net45) (< netstandard1.6)) (&& (== net471) (< net45) (< netstandard2.0)) (&& (== net471) (< netstandard1.5) (>= uap10.0)) (&& (== net471) (< portable-net45+win8+wpa81)) (&& (== net472) (< net45) (< netstandard1.2)) (&& (== net472) (< net45) (< netstandard1.3)) (&& (== net472) (< net45) (< netstandard1.4)) (&& (== net472) (< net45) (< netstandard1.5)) (&& (== net472) (< net45) (< netstandard1.6)) (&& (== net472) (< net45) (< netstandard2.0)) (&& (== net472) (< netstandard1.5) (>= uap10.0)) (&& (== net472) (< portable-net45+win8+wpa81)) (&& (== net48) (< net45) (< netstandard1.2)) (&& (== net48) (< net45) (< netstandard1.3)) (&& (== net48) (< net45) (< netstandard1.4)) (&& (== net48) (< net45) (< netstandard1.5)) (&& (== net48) (< net45) (< netstandard1.6)) (&& (== net48) (< net45) (< netstandard2.0)) (&& (== net48) (< netstandard1.5) (>= uap10.0)) (&& (== net48) (< portable-net45+win8+wpa81)) (&& (== net5.0-windows7.0) (< netstandard1.2)) (&& (== net5.0-windows7.0) (< netstandard1.3)) (&& (== net5.0-windows7.0) (< netstandard1.4)) (&& (== net5.0-windows7.0) (< netstandard1.5)) (&& (== net5.0-windows7.0) (< netstandard1.6)) (&& (== net5.0-windows7.0) (< netstandard2.0)) (&& (== net5.0-windows7.0) (< portable-net45+win8+wpa81)) (&& (== net50) (< netstandard1.2)) (&& (== net50) (< netstandard1.3)) (&& (== net50) (< netstandard1.4)) (&& (== net50) (< netstandard1.5)) (&& (== net50) (< netstandard1.6)) (&& (== net50) (< netstandard2.0)) (&& (== net50) (< portable-net45+win8+wpa81)) (&& (== netcoreapp2.0) (< netstandard1.2)) (&& (== netcoreapp2.0) (< netstandard1.3)) (&& (== netcoreapp2.0) (< netstandard1.4)) (&& (== netcoreapp2.0) (< netstandard1.5)) (&& (== netcoreapp2.0) (< netstandard1.6)) (&& (== netcoreapp2.0) (< netstandard2.0)) (&& (== netcoreapp2.0) (< portable-net45+win8+wpa81)) (== netstandard1.0) (== netstandard1.1) (&& (== netstandard2.0) (< netstandard1.2)) (&& (== netstandard2.0) (< netstandard1.3)) (&& (== netstandard2.0) (< netstandard1.4)) (&& (== netstandard2.0) (< netstandard1.5)) (&& (== netstandard2.0) (< netstandard1.6)) (&& (== netstandard2.0) (< portable-net45+win8+wpa81))
    Newtonsoft.Json (12.0.3) - restriction: || (&& (== net20) (>= netcoreapp1.0)) (&& (== net35) (>= netcoreapp1.0)) (&& (== net40) (>= netcoreapp1.0)) (&& (== net45) (>= netcoreapp1.0)) (&& (== net461) (>= netcoreapp1.0)) (&& (== net471) (>= netcoreapp1.0)) (&& (== net472) (>= netcoreapp1.0)) (&& (== net48) (>= netcoreapp1.0)) (== net5.0-windows7.0) (== net50) (== netcoreapp2.0) (&& (== netstandard1.0) (>= netcoreapp1.0)) (&& (== netstandard1.1) (>= netcoreapp1.0)) (&& (== netstandard2.0) (>= netcoreapp1.0))
    NuGet.Frameworks (5.9)
    Ookii.Dialogs.Wpf (3.1)
    runtime.debian.8-x64.runtime.native.System.Security.Cryptography.OpenSsl (4.3.3) - restriction: || (&& (== net20) (== net471)) (&& (== net20) (== net472)) (&& (== net20) (== net48)) (&& (== net20) (>= netstandard1.6)) (&& (== net35) (== net471)) (&& (== net35) (== net472)) (&& (== net35) (== net48)) (&& (== net35) (>= netstandard1.6)) (&& (== net40) (== net471)) (&& (== net40) (== net472)) (&& (== net40) (== net48)) (&& (== net40) (>= netstandard1.6)) (&& (== net45) (== net471)) (&& (== net45) (== net472)) (&& (== net45) (== net48)) (&& (== net45) (>= netstandard1.6)) (&& (== net461) (< net46) (>= netstandard1.6)) (&& (== net471) (== netstandard1.0)) (&& (== net471) (== netstandard1.1)) (&& (== net471) (< net46)) (&& (== net472) (== netstandard1.0)) (&& (== net472) (== netstandard1.1)) (&& (== net472) (< net46)) (&& (== net48) (== netstandard1.0)) (&& (== net48) (== netstandard1.1)) (&& (== net48) (< net46)) (== net5.0-windows7.0) (== net50) (== netcoreapp2.0) (&& (== netstandard1.0) (>= netstandard1.6)) (&& (== netstandard1.1) (>= netstandard1.6)) (== netstandard2.0)
    runtime.debian.9-x64.runtime.native.System.Security.Cryptography.OpenSsl (4.3.3) - restriction: || (&& (== net20) (== net471)) (&& (== net20) (== net472)) (&& (== net20) (== net48)) (&& (== net20) (>= netstandard1.6)) (&& (== net35) (== net471)) (&& (== net35) (== net472)) (&& (== net35) (== net48)) (&& (== net35) (>= netstandard1.6)) (&& (== net40) (== net471)) (&& (== net40) (== net472)) (&& (== net40) (== net48)) (&& (== net40) (>= netstandard1.6)) (&& (== net45) (== net471)) (&& (== net45) (== net472)) (&& (== net45) (== net48)) (&& (== net45) (>= netstandard1.6)) (&& (== net461) (< net46) (>= netstandard1.6)) (&& (== net471) (== netstandard1.0)) (&& (== net471) (== netstandard1.1)) (&& (== net471) (< net46)) (&& (== net472) (== netstandard1.0)) (&& (== net472) (== netstandard1.1)) (&& (== net472) (< net46)) (&& (== net48) (== netstandard1.0)) (&& (== net48) (== netstandard1.1)) (&& (== net48) (< net46)) (== net5.0-windows7.0) (== net50) (== netcoreapp2.0) (&& (== netstandard1.0) (>= netstandard1.6)) (&& (== netstandard1.1) (>= netstandard1.6)) (== netstandard2.0)
    runtime.fedora.23-x64.runtime.native.System.Security.Cryptography.OpenSsl (4.3.3) - restriction: || (&& (== net20) (== net471)) (&& (== net20) (== net472)) (&& (== net20) (== net48)) (&& (== net20) (>= netstandard1.6)) (&& (== net35) (== net471)) (&& (== net35) (== net472)) (&& (== net35) (== net48)) (&& (== net35) (>= netstandard1.6)) (&& (== net40) (== net471)) (&& (== net40) (== net472)) (&& (== net40) (== net48)) (&& (== net40) (>= netstandard1.6)) (&& (== net45) (== net471)) (&& (== net45) (== net472)) (&& (== net45) (== net48)) (&& (== net45) (>= netstandard1.6)) (&& (== net461) (< net46) (>= netstandard1.6)) (&& (== net471) (== netstandard1.0)) (&& (== net471) (== netstandard1.1)) (&& (== net471) (< net46)) (&& (== net472) (== netstandard1.0)) (&& (== net472) (== netstandard1.1)) (&& (== net472) (< net46)) (&& (== net48) (== netstandard1.0)) (&& (== net48) (== netstandard1.1)) (&& (== net48) (< net46)) (== net5.0-windows7.0) (== net50) (== netcoreapp2.0) (&& (== netstandard1.0) (>= netstandard1.6)) (&& (== netstandard1.1) (>= netstandard1.6)) (== netstandard2.0)
    runtime.fedora.24-x64.runtime.native.System.Security.Cryptography.OpenSsl (4.3.3) - restriction: || (&& (== net20) (== net471)) (&& (== net20) (== net472)) (&& (== net20) (== net48)) (&& (== net20) (>= netstandard1.6)) (&& (== net35) (== net471)) (&& (== net35) (== net472)) (&& (== net35) (== net48)) (&& (== net35) (>= netstandard1.6)) (&& (== net40) (== net471)) (&& (== net40) (== net472)) (&& (== net40) (== net48)) (&& (== net40) (>= netstandard1.6)) (&& (== net45) (== net471)) (&& (== net45) (== net472)) (&& (== net45) (== net48)) (&& (== net45) (>= netstandard1.6)) (&& (== net461) (< net46) (>= netstandard1.6)) (&& (== net471) (== netstandard1.0)) (&& (== net471) (== netstandard1.1)) (&& (== net471) (< net46)) (&& (== net472) (== netstandard1.0)) (&& (== net472) (== netstandard1.1)) (&& (== net472) (< net46)) (&& (== net48) (== netstandard1.0)) (&& (== net48) (== netstandard1.1)) (&& (== net48) (< net46)) (== net5.0-windows7.0) (== net50) (== netcoreapp2.0) (&& (== netstandard1.0) (>= netstandard1.6)) (&& (== netstandard1.1) (>= netstandard1.6)) (== netstandard2.0)
    runtime.fedora.27-x64.runtime.native.System.Security.Cryptography.OpenSsl (4.3.3) - restriction: || (&& (== net20) (== net471)) (&& (== net20) (== net472)) (&& (== net20) (== net48)) (&& (== net20) (>= netstandard1.6)) (&& (== net35) (== net471)) (&& (== net35) (== net472)) (&& (== net35) (== net48)) (&& (== net35) (>= netstandard1.6)) (&& (== net40) (== net471)) (&& (== net40) (== net472)) (&& (== net40) (== net48)) (&& (== net40) (>= netstandard1.6)) (&& (== net45) (== net471)) (&& (== net45) (== net472)) (&& (== net45) (== net48)) (&& (== net45) (>= netstandard1.6)) (&& (== net461) (< net46) (>= netstandard1.6)) (&& (== net471) (== netstandard1.0)) (&& (== net471) (== netstandard1.1)) (&& (== net471) (< net46)) (&& (== net472) (== netstandard1.0)) (&& (== net472) (== netstandard1.1)) (&& (== net472) (< net46)) (&& (== net48) (== netstandard1.0)) (&& (== net48) (== netstandard1.1)) (&& (== net48) (< net46)) (== net5.0-windows7.0) (== net50) (== netcoreapp2.0) (&& (== netstandard1.0) (>= netstandard1.6)) (&& (== netstandard1.1) (>= netstandard1.6)) (== netstandard2.0)
    runtime.fedora.28-x64.runtime.native.System.Security.Cryptography.OpenSsl (4.3.3) - restriction: || (&& (== net20) (== net471)) (&& (== net20) (== net472)) (&& (== net20) (== net48)) (&& (== net20) (>= netstandard1.6)) (&& (== net35) (== net471)) (&& (== net35) (== net472)) (&& (== net35) (== net48)) (&& (== net35) (>= netstandard1.6)) (&& (== net40) (== net471)) (&& (== net40) (== net472)) (&& (== net40) (== net48)) (&& (== net40) (>= netstandard1.6)) (&& (== net45) (== net471)) (&& (== net45) (== net472)) (&& (== net45) (== net48)) (&& (== net45) (>= netstandard1.6)) (&& (== net461) (< net46) (>= netstandard1.6)) (&& (== net471) (== netstandard1.0)) (&& (== net471) (== netstandard1.1)) (&& (== net471) (< net46)) (&& (== net472) (== netstandard1.0)) (&& (== net472) (== netstandard1.1)) (&& (== net472) (< net46)) (&& (== net48) (== netstandard1.0)) (&& (== net48) (== netstandard1.1)) (&& (== net48) (< net46)) (== net5.0-windows7.0) (== net50) (== netcoreapp2.0) (&& (== netstandard1.0) (>= netstandard1.6)) (&& (== netstandard1.1) (>= netstandard1.6)) (== netstandard2.0)
    runtime.linux-arm.runtime.native.System.IO.Ports (5.0) - restriction: || (&& (== net20) (== net471)) (&& (== net20) (== net472)) (&& (== net20) (== net48)) (&& (== net20) (>= netcoreapp2.0)) (&& (== net20) (>= netcoreapp2.1)) (&& (== net20) (>= netcoreapp3.0)) (&& (== net20) (>= netstandard2.0)) (&& (== net20) (>= netstandard2.1)) (&& (== net20) (>= xamarinios)) (&& (== net20) (>= xamarinmac)) (&& (== net35) (== net471)) (&& (== net35) (== net472)) (&& (== net35) (== net48)) (&& (== net35) (>= netcoreapp2.0)) (&& (== net35) (>= netcoreapp2.1)) (&& (== net35) (>= netcoreapp3.0)) (&& (== net35) (>= netstandard2.0)) (&& (== net35) (>= netstandard2.1)) (&& (== net35) (>= xamarinios)) (&& (== net35) (>= xamarinmac)) (&& (== net40) (== net471)) (&& (== net40) (== net472)) (&& (== net40) (== net48)) (&& (== net40) (>= netcoreapp2.0)) (&& (== net40) (>= netcoreapp2.1)) (&& (== net40) (>= netcoreapp3.0)) (&& (== net40) (>= netstandard2.0)) (&& (== net40) (>= netstandard2.1)) (&& (== net40) (>= xamarinios)) (&& (== net40) (>= xamarinmac)) (&& (== net45) (== net471)) (&& (== net45) (== net472)) (&& (== net45) (== net48)) (&& (== net45) (>= netcoreapp2.0)) (&& (== net45) (>= netcoreapp2.1)) (&& (== net45) (>= netcoreapp3.0)) (&& (== net45) (>= netstandard2.0)) (&& (== net45) (>= netstandard2.1)) (&& (== net45) (>= xamarinios)) (&& (== net45) (>= xamarinmac)) (&& (== net461) (>= netcoreapp3.0)) (&& (== net461) (>= netstandard2.1)) (&& (== net471) (== netstandard1.0)) (&& (== net471) (== netstandard1.1)) (&& (== net471) (>= monoandroid)) (&& (== net471) (>= monotouch)) (&& (== net471) (< net461)) (&& (== net471) (>= netcoreapp2.0)) (&& (== net471) (>= netcoreapp2.1)) (&& (== net471) (>= netcoreapp3.0)) (&& (== net471) (>= netstandard2.1)) (&& (== net471) (>= xamarinios)) (&& (== net471) (>= xamarinmac)) (&& (== net471) (>= xamarintvos)) (&& (== net471) (>= xamarinwatchos)) (&& (== net472) (== netstandard1.0)) (&& (== net472) (== netstandard1.1)) (&& (== net472) (>= monoandroid)) (&& (== net472) (>= monotouch)) (&& (== net472) (< net461)) (&& (== net472) (>= netcoreapp2.0)) (&& (== net472) (>= netcoreapp2.1)) (&& (== net472) (>= netcoreapp3.0)) (&& (== net472) (>= netstandard2.1)) (&& (== net472) (>= xamarinios)) (&& (== net472) (>= xamarinmac)) (&& (== net472) (>= xamarintvos)) (&& (== net472) (>= xamarinwatchos)) (&& (== net48) (== netstandard1.0)) (&& (== net48) (== netstandard1.1)) (&& (== net48) (>= monoandroid)) (&& (== net48) (>= monotouch)) (&& (== net48) (< net461)) (&& (== net48) (>= netcoreapp2.0)) (&& (== net48) (>= netcoreapp2.1)) (&& (== net48) (>= netcoreapp3.0)) (&& (== net48) (>= netstandard2.1)) (&& (== net48) (>= xamarinios)) (&& (== net48) (>= xamarinmac)) (&& (== net48) (>= xamarintvos)) (&& (== net48) (>= xamarinwatchos)) (== net5.0-windows7.0) (== net50) (== netcoreapp2.0) (&& (== netstandard1.0) (>= netcoreapp2.0)) (&& (== netstandard1.0) (>= netcoreapp2.1)) (&& (== netstandard1.0) (>= netcoreapp3.0)) (&& (== netstandard1.0) (>= netstandard2.0)) (&& (== netstandard1.0) (>= netstandard2.1)) (&& (== netstandard1.0) (>= xamarinios)) (&& (== netstandard1.0) (>= xamarinmac)) (&& (== netstandard1.1) (>= netcoreapp2.0)) (&& (== netstandard1.1) (>= netcoreapp2.1)) (&& (== netstandard1.1) (>= netcoreapp3.0)) (&& (== netstandard1.1) (>= netstandard2.0)) (&& (== netstandard1.1) (>= netstandard2.1)) (&& (== netstandard1.1) (>= xamarinios)) (&& (== netstandard1.1) (>= xamarinmac)) (== netstandard2.0)
    runtime.linux-arm64.runtime.native.System.IO.Ports (5.0) - restriction: || (&& (== net20) (== net471)) (&& (== net20) (== net472)) (&& (== net20) (== net48)) (&& (== net20) (>= netcoreapp2.0)) (&& (== net20) (>= netcoreapp2.1)) (&& (== net20) (>= netcoreapp3.0)) (&& (== net20) (>= netstandard2.0)) (&& (== net20) (>= netstandard2.1)) (&& (== net20) (>= xamarinios)) (&& (== net20) (>= xamarinmac)) (&& (== net35) (== net471)) (&& (== net35) (== net472)) (&& (== net35) (== net48)) (&& (== net35) (>= netcoreapp2.0)) (&& (== net35) (>= netcoreapp2.1)) (&& (== net35) (>= netcoreapp3.0)) (&& (== net35) (>= netstandard2.0)) (&& (== net35) (>= netstandard2.1)) (&& (== net35) (>= xamarinios)) (&& (== net35) (>= xamarinmac)) (&& (== net40) (== net471)) (&& (== net40) (== net472)) (&& (== net40) (== net48)) (&& (== net40) (>= netcoreapp2.0)) (&& (== net40) (>= netcoreapp2.1)) (&& (== net40) (>= netcoreapp3.0)) (&& (== net40) (>= netstandard2.0)) (&& (== net40) (>= netstandard2.1)) (&& (== net40) (>= xamarinios)) (&& (== net40) (>= xamarinmac)) (&& (== net45) (== net471)) (&& (== net45) (== net472)) (&& (== net45) (== net48)) (&& (== net45) (>= netcoreapp2.0)) (&& (== net45) (>= netcoreapp2.1)) (&& (== net45) (>= netcoreapp3.0)) (&& (== net45) (>= netstandard2.0)) (&& (== net45) (>= netstandard2.1)) (&& (== net45) (>= xamarinios)) (&& (== net45) (>= xamarinmac)) (&& (== net461) (>= netcoreapp3.0)) (&& (== net461) (>= netstandard2.1)) (&& (== net471) (== netstandard1.0)) (&& (== net471) (== netstandard1.1)) (&& (== net471) (>= monoandroid)) (&& (== net471) (>= monotouch)) (&& (== net471) (< net461)) (&& (== net471) (>= netcoreapp2.0)) (&& (== net471) (>= netcoreapp2.1)) (&& (== net471) (>= netcoreapp3.0)) (&& (== net471) (>= netstandard2.1)) (&& (== net471) (>= xamarinios)) (&& (== net471) (>= xamarinmac)) (&& (== net471) (>= xamarintvos)) (&& (== net471) (>= xamarinwatchos)) (&& (== net472) (== netstandard1.0)) (&& (== net472) (== netstandard1.1)) (&& (== net472) (>= monoandroid)) (&& (== net472) (>= monotouch)) (&& (== net472) (< net461)) (&& (== net472) (>= netcoreapp2.0)) (&& (== net472) (>= netcoreapp2.1)) (&& (== net472) (>= netcoreapp3.0)) (&& (== net472) (>= netstandard2.1)) (&& (== net472) (>= xamarinios)) (&& (== net472) (>= xamarinmac)) (&& (== net472) (>= xamarintvos)) (&& (== net472) (>= xamarinwatchos)) (&& (== net48) (== netstandard1.0)) (&& (== net48) (== netstandard1.1)) (&& (== net48) (>= monoandroid)) (&& (== net48) (>= monotouch)) (&& (== net48) (< net461)) (&& (== net48) (>= netcoreapp2.0)) (&& (== net48) (>= netcoreapp2.1)) (&& (== net48) (>= netcoreapp3.0)) (&& (== net48) (>= netstandard2.1)) (&& (== net48) (>= xamarinios)) (&& (== net48) (>= xamarinmac)) (&& (== net48) (>= xamarintvos)) (&& (== net48) (>= xamarinwatchos)) (== net5.0-windows7.0) (== net50) (== netcoreapp2.0) (&& (== netstandard1.0) (>= netcoreapp2.0)) (&& (== netstandard1.0) (>= netcoreapp2.1)) (&& (== netstandard1.0) (>= netcoreapp3.0)) (&& (== netstandard1.0) (>= netstandard2.0)) (&& (== netstandard1.0) (>= netstandard2.1)) (&& (== netstandard1.0) (>= xamarinios)) (&& (== netstandard1.0) (>= xamarinmac)) (&& (== netstandard1.1) (>= netcoreapp2.0)) (&& (== netstandard1.1) (>= netcoreapp2.1)) (&& (== netstandard1.1) (>= netcoreapp3.0)) (&& (== netstandard1.1) (>= netstandard2.0)) (&& (== netstandard1.1) (>= netstandard2.1)) (&& (== netstandard1.1) (>= xamarinios)) (&& (== netstandard1.1) (>= xamarinmac)) (== netstandard2.0)
    runtime.linux-x64.runtime.native.System.IO.Ports (5.0) - restriction: || (&& (== net20) (== net471)) (&& (== net20) (== net472)) (&& (== net20) (== net48)) (&& (== net20) (>= netcoreapp2.0)) (&& (== net20) (>= netcoreapp2.1)) (&& (== net20) (>= netcoreapp3.0)) (&& (== net20) (>= netstandard2.0)) (&& (== net20) (>= netstandard2.1)) (&& (== net20) (>= xamarinios)) (&& (== net20) (>= xamarinmac)) (&& (== net35) (== net471)) (&& (== net35) (== net472)) (&& (== net35) (== net48)) (&& (== net35) (>= netcoreapp2.0)) (&& (== net35) (>= netcoreapp2.1)) (&& (== net35) (>= netcoreapp3.0)) (&& (== net35) (>= netstandard2.0)) (&& (== net35) (>= netstandard2.1)) (&& (== net35) (>= xamarinios)) (&& (== net35) (>= xamarinmac)) (&& (== net40) (== net471)) (&& (== net40) (== net472)) (&& (== net40) (== net48)) (&& (== net40) (>= netcoreapp2.0)) (&& (== net40) (>= netcoreapp2.1)) (&& (== net40) (>= netcoreapp3.0)) (&& (== net40) (>= netstandard2.0)) (&& (== net40) (>= netstandard2.1)) (&& (== net40) (>= xamarinios)) (&& (== net40) (>= xamarinmac)) (&& (== net45) (== net471)) (&& (== net45) (== net472)) (&& (== net45) (== net48)) (&& (== net45) (>= netcoreapp2.0)) (&& (== net45) (>= netcoreapp2.1)) (&& (== net45) (>= netcoreapp3.0)) (&& (== net45) (>= netstandard2.0)) (&& (== net45) (>= netstandard2.1)) (&& (== net45) (>= xamarinios)) (&& (== net45) (>= xamarinmac)) (&& (== net461) (>= netcoreapp3.0)) (&& (== net461) (>= netstandard2.1)) (&& (== net471) (== netstandard1.0)) (&& (== net471) (== netstandard1.1)) (&& (== net471) (>= monoandroid)) (&& (== net471) (>= monotouch)) (&& (== net471) (< net461)) (&& (== net471) (>= netcoreapp2.0)) (&& (== net471) (>= netcoreapp2.1)) (&& (== net471) (>= netcoreapp3.0)) (&& (== net471) (>= netstandard2.1)) (&& (== net471) (>= xamarinios)) (&& (== net471) (>= xamarinmac)) (&& (== net471) (>= xamarintvos)) (&& (== net471) (>= xamarinwatchos)) (&& (== net472) (== netstandard1.0)) (&& (== net472) (== netstandard1.1)) (&& (== net472) (>= monoandroid)) (&& (== net472) (>= monotouch)) (&& (== net472) (< net461)) (&& (== net472) (>= netcoreapp2.0)) (&& (== net472) (>= netcoreapp2.1)) (&& (== net472) (>= netcoreapp3.0)) (&& (== net472) (>= netstandard2.1)) (&& (== net472) (>= xamarinios)) (&& (== net472) (>= xamarinmac)) (&& (== net472) (>= xamarintvos)) (&& (== net472) (>= xamarinwatchos)) (&& (== net48) (== netstandard1.0)) (&& (== net48) (== netstandard1.1)) (&& (== net48) (>= monoandroid)) (&& (== net48) (>= monotouch)) (&& (== net48) (< net461)) (&& (== net48) (>= netcoreapp2.0)) (&& (== net48) (>= netcoreapp2.1)) (&& (== net48) (>= netcoreapp3.0)) (&& (== net48) (>= netstandard2.1)) (&& (== net48) (>= xamarinios)) (&& (== net48) (>= xamarinmac)) (&& (== net48) (>= xamarintvos)) (&& (== net48) (>= xamarinwatchos)) (== net5.0-windows7.0) (== net50) (== netcoreapp2.0) (&& (== netstandard1.0) (>= netcoreapp2.0)) (&& (== netstandard1.0) (>= netcoreapp2.1)) (&& (== netstandard1.0) (>= netcoreapp3.0)) (&& (== netstandard1.0) (>= netstandard2.0)) (&& (== netstandard1.0) (>= netstandard2.1)) (&& (== netstandard1.0) (>= xamarinios)) (&& (== netstandard1.0) (>= xamarinmac)) (&& (== netstandard1.1) (>= netcoreapp2.0)) (&& (== netstandard1.1) (>= netcoreapp2.1)) (&& (== netstandard1.1) (>= netcoreapp3.0)) (&& (== netstandard1.1) (>= netstandard2.0)) (&& (== netstandard1.1) (>= netstandard2.1)) (&& (== netstandard1.1) (>= xamarinios)) (&& (== netstandard1.1) (>= xamarinmac)) (== netstandard2.0)
    runtime.native.System (4.3.1) - restriction: || (&& (== net20) (== net471)) (&& (== net20) (== net472)) (&& (== net20) (== net48)) (&& (== net20) (>= netcoreapp1.0)) (&& (== net20) (>= netstandard2.0)) (&& (== net35) (== net471)) (&& (== net35) (== net472)) (&& (== net35) (== net48)) (&& (== net35) (>= netcoreapp1.0)) (&& (== net35) (>= netstandard2.0)) (&& (== net40) (== net471)) (&& (== net40) (== net472)) (&& (== net40) (== net48)) (&& (== net40) (>= netcoreapp1.0)) (&& (== net40) (>= netstandard2.0)) (&& (== net45) (>= netcoreapp1.0)) (&& (== net461) (< net45) (>= netstandard2.0)) (&& (== net461) (>= netcoreapp1.0)) (&& (== net471) (== netstandard1.0)) (&& (== net471) (== netstandard1.1)) (&& (== net471) (< net45)) (&& (== net471) (>= netcoreapp1.0)) (&& (== net472) (== netstandard1.0)) (&& (== net472) (== netstandard1.1)) (&& (== net472) (< net45)) (&& (== net472) (>= netcoreapp1.0)) (&& (== net48) (== netstandard1.0)) (&& (== net48) (== netstandard1.1)) (&& (== net48) (< net45)) (&& (== net48) (>= netcoreapp1.0)) (== net5.0-windows7.0) (== net50) (== netcoreapp2.0) (&& (== netstandard1.0) (>= netcoreapp1.0)) (&& (== netstandard1.0) (>= netstandard2.0)) (&& (== netstandard1.1) (>= netcoreapp1.0)) (&& (== netstandard1.1) (>= netstandard2.0)) (== netstandard2.0)
      Microsoft.NETCore.Platforms (>= 1.1.1)
      Microsoft.NETCore.Targets (>= 1.1.3)
    runtime.native.System.Data.SqlClient.sni (4.7) - restriction: || (&& (== net20) (== net461)) (&& (== net20) (== net471)) (&& (== net20) (== net472)) (&& (== net20) (== net48)) (&& (== net20) (>= net461)) (&& (== net20) (>= netcoreapp2.0)) (&& (== net20) (>= netcoreapp2.1)) (&& (== net20) (>= netcoreapp3.1)) (&& (== net20) (>= netstandard2.0)) (&& (== net35) (== net461)) (&& (== net35) (== net471)) (&& (== net35) (== net472)) (&& (== net35) (== net48)) (&& (== net35) (>= net461)) (&& (== net35) (>= netcoreapp2.0)) (&& (== net35) (>= netcoreapp2.1)) (&& (== net35) (>= netcoreapp3.1)) (&& (== net35) (>= netstandard2.0)) (&& (== net40) (== net461)) (&& (== net40) (== net471)) (&& (== net40) (== net472)) (&& (== net40) (== net48)) (&& (== net40) (>= net461)) (&& (== net40) (>= netcoreapp2.0)) (&& (== net40) (>= netcoreapp2.1)) (&& (== net40) (>= netcoreapp3.1)) (&& (== net40) (>= netstandard2.0)) (&& (== net45) (== net461)) (&& (== net45) (== net471)) (&& (== net45) (== net472)) (&& (== net45) (== net48)) (&& (== net45) (>= net461)) (&& (== net45) (>= netcoreapp2.0)) (&& (== net45) (>= netcoreapp2.1)) (&& (== net45) (>= netcoreapp3.1)) (&& (== net45) (>= netstandard2.0)) (&& (== net461) (== netstandard1.0)) (&& (== net461) (== netstandard1.1)) (&& (== net461) (< net451)) (&& (== net461) (>= netcoreapp2.0)) (&& (== net461) (>= netcoreapp2.1)) (&& (== net461) (>= netcoreapp3.1)) (&& (== net471) (== netstandard1.0)) (&& (== net471) (== netstandard1.1)) (&& (== net471) (< net451)) (&& (== net471) (>= netcoreapp2.0)) (&& (== net471) (>= netcoreapp2.1)) (&& (== net471) (>= netcoreapp3.1)) (&& (== net472) (== netstandard1.0)) (&& (== net472) (== netstandard1.1)) (&& (== net472) (< net451)) (&& (== net472) (>= netcoreapp2.0)) (&& (== net472) (>= netcoreapp2.1)) (&& (== net472) (>= netcoreapp3.1)) (&& (== net48) (== netstandard1.0)) (&& (== net48) (== netstandard1.1)) (&& (== net48) (< net451)) (&& (== net48) (>= netcoreapp2.0)) (&& (== net48) (>= netcoreapp2.1)) (&& (== net48) (>= netcoreapp3.1)) (== net5.0-windows7.0) (== net50) (== netcoreapp2.0) (&& (== netstandard1.0) (>= net461)) (&& (== netstandard1.0) (>= netcoreapp2.0)) (&& (== netstandard1.0) (>= netcoreapp2.1)) (&& (== netstandard1.0) (>= netcoreapp3.1)) (&& (== netstandard1.0) (>= netstandard2.0)) (&& (== netstandard1.1) (>= net461)) (&& (== netstandard1.1) (>= netcoreapp2.0)) (&& (== netstandard1.1) (>= netcoreapp2.1)) (&& (== netstandard1.1) (>= netcoreapp3.1)) (&& (== netstandard1.1) (>= netstandard2.0)) (== netstandard2.0)
      runtime.win-arm64.runtime.native.System.Data.SqlClient.sni (>= 4.4)
      runtime.win-x64.runtime.native.System.Data.SqlClient.sni (>= 4.4)
      runtime.win-x86.runtime.native.System.Data.SqlClient.sni (>= 4.4)
    runtime.native.System.IO.Ports (5.0.1) - restriction: || (&& (== net20) (== net471)) (&& (== net20) (== net472)) (&& (== net20) (== net48)) (&& (== net20) (>= netcoreapp2.0)) (&& (== net20) (>= netcoreapp2.1)) (&& (== net20) (>= netcoreapp3.0)) (&& (== net20) (>= netstandard2.0)) (&& (== net20) (>= netstandard2.1)) (&& (== net20) (>= xamarinios)) (&& (== net20) (>= xamarinmac)) (&& (== net35) (== net471)) (&& (== net35) (== net472)) (&& (== net35) (== net48)) (&& (== net35) (>= netcoreapp2.0)) (&& (== net35) (>= netcoreapp2.1)) (&& (== net35) (>= netcoreapp3.0)) (&& (== net35) (>= netstandard2.0)) (&& (== net35) (>= netstandard2.1)) (&& (== net35) (>= xamarinios)) (&& (== net35) (>= xamarinmac)) (&& (== net40) (== net471)) (&& (== net40) (== net472)) (&& (== net40) (== net48)) (&& (== net40) (>= netcoreapp2.0)) (&& (== net40) (>= netcoreapp2.1)) (&& (== net40) (>= netcoreapp3.0)) (&& (== net40) (>= netstandard2.0)) (&& (== net40) (>= netstandard2.1)) (&& (== net40) (>= xamarinios)) (&& (== net40) (>= xamarinmac)) (&& (== net45) (== net471)) (&& (== net45) (== net472)) (&& (== net45) (== net48)) (&& (== net45) (>= netcoreapp2.0)) (&& (== net45) (>= netcoreapp2.1)) (&& (== net45) (>= netcoreapp3.0)) (&& (== net45) (>= netstandard2.0)) (&& (== net45) (>= netstandard2.1)) (&& (== net45) (>= xamarinios)) (&& (== net45) (>= xamarinmac)) (&& (== net461) (>= netcoreapp3.0)) (&& (== net461) (>= netstandard2.1)) (&& (== net471) (== netstandard1.0)) (&& (== net471) (== netstandard1.1)) (&& (== net471) (>= monoandroid)) (&& (== net471) (>= monotouch)) (&& (== net471) (< net461)) (&& (== net471) (>= netcoreapp2.0)) (&& (== net471) (>= netcoreapp2.1)) (&& (== net471) (>= netcoreapp3.0)) (&& (== net471) (>= netstandard2.1)) (&& (== net471) (>= xamarinios)) (&& (== net471) (>= xamarinmac)) (&& (== net471) (>= xamarintvos)) (&& (== net471) (>= xamarinwatchos)) (&& (== net472) (== netstandard1.0)) (&& (== net472) (== netstandard1.1)) (&& (== net472) (>= monoandroid)) (&& (== net472) (>= monotouch)) (&& (== net472) (< net461)) (&& (== net472) (>= netcoreapp2.0)) (&& (== net472) (>= netcoreapp2.1)) (&& (== net472) (>= netcoreapp3.0)) (&& (== net472) (>= netstandard2.1)) (&& (== net472) (>= xamarinios)) (&& (== net472) (>= xamarinmac)) (&& (== net472) (>= xamarintvos)) (&& (== net472) (>= xamarinwatchos)) (&& (== net48) (== netstandard1.0)) (&& (== net48) (== netstandard1.1)) (&& (== net48) (>= monoandroid)) (&& (== net48) (>= monotouch)) (&& (== net48) (< net461)) (&& (== net48) (>= netcoreapp2.0)) (&& (== net48) (>= netcoreapp2.1)) (&& (== net48) (>= netcoreapp3.0)) (&& (== net48) (>= netstandard2.1)) (&& (== net48) (>= xamarinios)) (&& (== net48) (>= xamarinmac)) (&& (== net48) (>= xamarintvos)) (&& (== net48) (>= xamarinwatchos)) (== net5.0-windows7.0) (== net50) (== netcoreapp2.0) (&& (== netstandard1.0) (>= netcoreapp2.0)) (&& (== netstandard1.0) (>= netcoreapp2.1)) (&& (== netstandard1.0) (>= netcoreapp3.0)) (&& (== netstandard1.0) (>= netstandard2.0)) (&& (== netstandard1.0) (>= netstandard2.1)) (&& (== netstandard1.0) (>= xamarinios)) (&& (== netstandard1.0) (>= xamarinmac)) (&& (== netstandard1.1) (>= netcoreapp2.0)) (&& (== netstandard1.1) (>= netcoreapp2.1)) (&& (== netstandard1.1) (>= netcoreapp3.0)) (&& (== netstandard1.1) (>= netstandard2.0)) (&& (== netstandard1.1) (>= netstandard2.1)) (&& (== netstandard1.1) (>= xamarinios)) (&& (== netstandard1.1) (>= xamarinmac)) (== netstandard2.0)
      runtime.linux-arm.runtime.native.System.IO.Ports (>= 5.0)
      runtime.linux-arm64.runtime.native.System.IO.Ports (>= 5.0)
      runtime.linux-x64.runtime.native.System.IO.Ports (>= 5.0)
      runtime.osx-x64.runtime.native.System.IO.Ports (>= 5.0)
    runtime.native.System.Net.Http (4.3.1) - restriction: || (&& (== net20) (== net471)) (&& (== net20) (== net472)) (&& (== net20) (== net48)) (&& (== net20) (>= netstandard2.0)) (&& (== net35) (== net471)) (&& (== net35) (== net472)) (&& (== net35) (== net48)) (&& (== net35) (>= netstandard2.0)) (&& (== net40) (== net471)) (&& (== net40) (== net472)) (&& (== net40) (== net48)) (&& (== net40) (>= netstandard2.0)) (&& (== net461) (< net45) (>= netstandard2.0)) (&& (== net471) (== netstandard1.0)) (&& (== net471) (== netstandard1.1)) (&& (== net471) (< net45)) (&& (== net472) (== netstandard1.0)) (&& (== net472) (== netstandard1.1)) (&& (== net472) (< net45)) (&& (== net48) (== netstandard1.0)) (&& (== net48) (== netstandard1.1)) (&& (== net48) (< net45)) (== net5.0-windows7.0) (== net50) (== netcoreapp2.0) (&& (== netstandard1.0) (>= netstandard2.0)) (&& (== netstandard1.1) (>= netstandard2.0)) (== netstandard2.0)
      Microsoft.NETCore.Platforms (>= 1.1.1)
      Microsoft.NETCore.Targets (>= 1.1.3)
    runtime.native.System.Security.Cryptography.Apple (4.3.1) - restriction: || (&& (== net20) (== net471)) (&& (== net20) (== net472)) (&& (== net20) (== net48)) (&& (== net20) (>= netstandard1.6)) (&& (== net35) (== net471)) (&& (== net35) (== net472)) (&& (== net35) (== net48)) (&& (== net35) (>= netstandard1.6)) (&& (== net40) (== net471)) (&& (== net40) (== net472)) (&& (== net40) (== net48)) (&& (== net40) (>= netstandard1.6)) (&& (== net45) (== net471)) (&& (== net45) (== net472)) (&& (== net45) (== net48)) (&& (== net45) (>= netstandard1.6)) (&& (== net461) (< net46) (>= netstandard1.6)) (&& (== net471) (== netstandard1.0)) (&& (== net471) (== netstandard1.1)) (&& (== net471) (< net46)) (&& (== net472) (== netstandard1.0)) (&& (== net472) (== netstandard1.1)) (&& (== net472) (< net46)) (&& (== net48) (== netstandard1.0)) (&& (== net48) (== netstandard1.1)) (&& (== net48) (< net46)) (== net5.0-windows7.0) (== net50) (== netcoreapp2.0) (&& (== netstandard1.0) (>= netstandard1.6)) (&& (== netstandard1.1) (>= netstandard1.6)) (== netstandard2.0)
      runtime.osx.10.10-x64.runtime.native.System.Security.Cryptography.Apple (>= 4.3.1)
    runtime.native.System.Security.Cryptography.OpenSsl (4.3.3) - restriction: || (&& (== net20) (== net471)) (&& (== net20) (== net472)) (&& (== net20) (== net48)) (&& (== net20) (>= netstandard1.6)) (&& (== net35) (== net471)) (&& (== net35) (== net472)) (&& (== net35) (== net48)) (&& (== net35) (>= netstandard1.6)) (&& (== net40) (== net471)) (&& (== net40) (== net472)) (&& (== net40) (== net48)) (&& (== net40) (>= netstandard1.6)) (&& (== net45) (== net471)) (&& (== net45) (== net472)) (&& (== net45) (== net48)) (&& (== net45) (>= netstandard1.6)) (&& (== net461) (< net46) (>= netstandard1.6)) (&& (== net471) (== netstandard1.0)) (&& (== net471) (== netstandard1.1)) (&& (== net471) (< net46)) (&& (== net472) (== netstandard1.0)) (&& (== net472) (== netstandard1.1)) (&& (== net472) (< net46)) (&& (== net48) (== netstandard1.0)) (&& (== net48) (== netstandard1.1)) (&& (== net48) (< net46)) (== net5.0-windows7.0) (== net50) (== netcoreapp2.0) (&& (== netstandard1.0) (>= netstandard1.6)) (&& (== netstandard1.1) (>= netstandard1.6)) (== netstandard2.0)
      runtime.debian.8-x64.runtime.native.System.Security.Cryptography.OpenSsl (>= 4.3.3)
      runtime.debian.9-x64.runtime.native.System.Security.Cryptography.OpenSsl (>= 4.3.3)
      runtime.fedora.23-x64.runtime.native.System.Security.Cryptography.OpenSsl (>= 4.3.3)
      runtime.fedora.24-x64.runtime.native.System.Security.Cryptography.OpenSsl (>= 4.3.3)
      runtime.fedora.27-x64.runtime.native.System.Security.Cryptography.OpenSsl (>= 4.3.3)
      runtime.fedora.28-x64.runtime.native.System.Security.Cryptography.OpenSsl (>= 4.3.3)
      runtime.opensuse.13.2-x64.runtime.native.System.Security.Cryptography.OpenSsl (>= 4.3.3)
      runtime.opensuse.42.1-x64.runtime.native.System.Security.Cryptography.OpenSsl (>= 4.3.3)
      runtime.opensuse.42.3-x64.runtime.native.System.Security.Cryptography.OpenSsl (>= 4.3.3)
      runtime.osx.10.10-x64.runtime.native.System.Security.Cryptography.OpenSsl (>= 4.3.3)
      runtime.rhel.7-x64.runtime.native.System.Security.Cryptography.OpenSsl (>= 4.3.3)
      runtime.ubuntu.14.04-x64.runtime.native.System.Security.Cryptography.OpenSsl (>= 4.3.3)
      runtime.ubuntu.16.04-x64.runtime.native.System.Security.Cryptography.OpenSsl (>= 4.3.3)
      runtime.ubuntu.16.10-x64.runtime.native.System.Security.Cryptography.OpenSsl (>= 4.3.3)
      runtime.ubuntu.18.04-x64.runtime.native.System.Security.Cryptography.OpenSsl (>= 4.3.3)
    runtime.opensuse.13.2-x64.runtime.native.System.Security.Cryptography.OpenSsl (4.3.3) - restriction: || (&& (== net20) (== net471)) (&& (== net20) (== net472)) (&& (== net20) (== net48)) (&& (== net20) (>= netstandard1.6)) (&& (== net35) (== net471)) (&& (== net35) (== net472)) (&& (== net35) (== net48)) (&& (== net35) (>= netstandard1.6)) (&& (== net40) (== net471)) (&& (== net40) (== net472)) (&& (== net40) (== net48)) (&& (== net40) (>= netstandard1.6)) (&& (== net45) (== net471)) (&& (== net45) (== net472)) (&& (== net45) (== net48)) (&& (== net45) (>= netstandard1.6)) (&& (== net461) (< net46) (>= netstandard1.6)) (&& (== net471) (== netstandard1.0)) (&& (== net471) (== netstandard1.1)) (&& (== net471) (< net46)) (&& (== net472) (== netstandard1.0)) (&& (== net472) (== netstandard1.1)) (&& (== net472) (< net46)) (&& (== net48) (== netstandard1.0)) (&& (== net48) (== netstandard1.1)) (&& (== net48) (< net46)) (== net5.0-windows7.0) (== net50) (== netcoreapp2.0) (&& (== netstandard1.0) (>= netstandard1.6)) (&& (== netstandard1.1) (>= netstandard1.6)) (== netstandard2.0)
    runtime.opensuse.42.1-x64.runtime.native.System.Security.Cryptography.OpenSsl (4.3.3) - restriction: || (&& (== net20) (== net471)) (&& (== net20) (== net472)) (&& (== net20) (== net48)) (&& (== net20) (>= netstandard1.6)) (&& (== net35) (== net471)) (&& (== net35) (== net472)) (&& (== net35) (== net48)) (&& (== net35) (>= netstandard1.6)) (&& (== net40) (== net471)) (&& (== net40) (== net472)) (&& (== net40) (== net48)) (&& (== net40) (>= netstandard1.6)) (&& (== net45) (== net471)) (&& (== net45) (== net472)) (&& (== net45) (== net48)) (&& (== net45) (>= netstandard1.6)) (&& (== net461) (< net46) (>= netstandard1.6)) (&& (== net471) (== netstandard1.0)) (&& (== net471) (== netstandard1.1)) (&& (== net471) (< net46)) (&& (== net472) (== netstandard1.0)) (&& (== net472) (== netstandard1.1)) (&& (== net472) (< net46)) (&& (== net48) (== netstandard1.0)) (&& (== net48) (== netstandard1.1)) (&& (== net48) (< net46)) (== net5.0-windows7.0) (== net50) (== netcoreapp2.0) (&& (== netstandard1.0) (>= netstandard1.6)) (&& (== netstandard1.1) (>= netstandard1.6)) (== netstandard2.0)
    runtime.opensuse.42.3-x64.runtime.native.System.Security.Cryptography.OpenSsl (4.3.3) - restriction: || (&& (== net20) (== net471)) (&& (== net20) (== net472)) (&& (== net20) (== net48)) (&& (== net20) (>= netstandard1.6)) (&& (== net35) (== net471)) (&& (== net35) (== net472)) (&& (== net35) (== net48)) (&& (== net35) (>= netstandard1.6)) (&& (== net40) (== net471)) (&& (== net40) (== net472)) (&& (== net40) (== net48)) (&& (== net40) (>= netstandard1.6)) (&& (== net45) (== net471)) (&& (== net45) (== net472)) (&& (== net45) (== net48)) (&& (== net45) (>= netstandard1.6)) (&& (== net461) (< net46) (>= netstandard1.6)) (&& (== net471) (== netstandard1.0)) (&& (== net471) (== netstandard1.1)) (&& (== net471) (< net46)) (&& (== net472) (== netstandard1.0)) (&& (== net472) (== netstandard1.1)) (&& (== net472) (< net46)) (&& (== net48) (== netstandard1.0)) (&& (== net48) (== netstandard1.1)) (&& (== net48) (< net46)) (== net5.0-windows7.0) (== net50) (== netcoreapp2.0) (&& (== netstandard1.0) (>= netstandard1.6)) (&& (== netstandard1.1) (>= netstandard1.6)) (== netstandard2.0)
    runtime.osx-x64.runtime.native.System.IO.Ports (5.0) - restriction: || (&& (== net20) (== net471)) (&& (== net20) (== net472)) (&& (== net20) (== net48)) (&& (== net20) (>= netcoreapp2.0)) (&& (== net20) (>= netcoreapp2.1)) (&& (== net20) (>= netcoreapp3.0)) (&& (== net20) (>= netstandard2.0)) (&& (== net20) (>= netstandard2.1)) (&& (== net20) (>= xamarinios)) (&& (== net20) (>= xamarinmac)) (&& (== net35) (== net471)) (&& (== net35) (== net472)) (&& (== net35) (== net48)) (&& (== net35) (>= netcoreapp2.0)) (&& (== net35) (>= netcoreapp2.1)) (&& (== net35) (>= netcoreapp3.0)) (&& (== net35) (>= netstandard2.0)) (&& (== net35) (>= netstandard2.1)) (&& (== net35) (>= xamarinios)) (&& (== net35) (>= xamarinmac)) (&& (== net40) (== net471)) (&& (== net40) (== net472)) (&& (== net40) (== net48)) (&& (== net40) (>= netcoreapp2.0)) (&& (== net40) (>= netcoreapp2.1)) (&& (== net40) (>= netcoreapp3.0)) (&& (== net40) (>= netstandard2.0)) (&& (== net40) (>= netstandard2.1)) (&& (== net40) (>= xamarinios)) (&& (== net40) (>= xamarinmac)) (&& (== net45) (== net471)) (&& (== net45) (== net472)) (&& (== net45) (== net48)) (&& (== net45) (>= netcoreapp2.0)) (&& (== net45) (>= netcoreapp2.1)) (&& (== net45) (>= netcoreapp3.0)) (&& (== net45) (>= netstandard2.0)) (&& (== net45) (>= netstandard2.1)) (&& (== net45) (>= xamarinios)) (&& (== net45) (>= xamarinmac)) (&& (== net461) (>= netcoreapp3.0)) (&& (== net461) (>= netstandard2.1)) (&& (== net471) (== netstandard1.0)) (&& (== net471) (== netstandard1.1)) (&& (== net471) (>= monoandroid)) (&& (== net471) (>= monotouch)) (&& (== net471) (< net461)) (&& (== net471) (>= netcoreapp2.0)) (&& (== net471) (>= netcoreapp2.1)) (&& (== net471) (>= netcoreapp3.0)) (&& (== net471) (>= netstandard2.1)) (&& (== net471) (>= xamarinios)) (&& (== net471) (>= xamarinmac)) (&& (== net471) (>= xamarintvos)) (&& (== net471) (>= xamarinwatchos)) (&& (== net472) (== netstandard1.0)) (&& (== net472) (== netstandard1.1)) (&& (== net472) (>= monoandroid)) (&& (== net472) (>= monotouch)) (&& (== net472) (< net461)) (&& (== net472) (>= netcoreapp2.0)) (&& (== net472) (>= netcoreapp2.1)) (&& (== net472) (>= netcoreapp3.0)) (&& (== net472) (>= netstandard2.1)) (&& (== net472) (>= xamarinios)) (&& (== net472) (>= xamarinmac)) (&& (== net472) (>= xamarintvos)) (&& (== net472) (>= xamarinwatchos)) (&& (== net48) (== netstandard1.0)) (&& (== net48) (== netstandard1.1)) (&& (== net48) (>= monoandroid)) (&& (== net48) (>= monotouch)) (&& (== net48) (< net461)) (&& (== net48) (>= netcoreapp2.0)) (&& (== net48) (>= netcoreapp2.1)) (&& (== net48) (>= netcoreapp3.0)) (&& (== net48) (>= netstandard2.1)) (&& (== net48) (>= xamarinios)) (&& (== net48) (>= xamarinmac)) (&& (== net48) (>= xamarintvos)) (&& (== net48) (>= xamarinwatchos)) (== net5.0-windows7.0) (== net50) (== netcoreapp2.0) (&& (== netstandard1.0) (>= netcoreapp2.0)) (&& (== netstandard1.0) (>= netcoreapp2.1)) (&& (== netstandard1.0) (>= netcoreapp3.0)) (&& (== netstandard1.0) (>= netstandard2.0)) (&& (== netstandard1.0) (>= netstandard2.1)) (&& (== netstandard1.0) (>= xamarinios)) (&& (== netstandard1.0) (>= xamarinmac)) (&& (== netstandard1.1) (>= netcoreapp2.0)) (&& (== netstandard1.1) (>= netcoreapp2.1)) (&& (== netstandard1.1) (>= netcoreapp3.0)) (&& (== netstandard1.1) (>= netstandard2.0)) (&& (== netstandard1.1) (>= netstandard2.1)) (&& (== netstandard1.1) (>= xamarinios)) (&& (== netstandard1.1) (>= xamarinmac)) (== netstandard2.0)
    runtime.osx.10.10-x64.runtime.native.System.Security.Cryptography.Apple (4.3.1) - restriction: || (&& (== net20) (== net471)) (&& (== net20) (== net472)) (&& (== net20) (== net48)) (&& (== net20) (>= netstandard1.6)) (&& (== net35) (== net471)) (&& (== net35) (== net472)) (&& (== net35) (== net48)) (&& (== net35) (>= netstandard1.6)) (&& (== net40) (== net471)) (&& (== net40) (== net472)) (&& (== net40) (== net48)) (&& (== net40) (>= netstandard1.6)) (&& (== net45) (== net471)) (&& (== net45) (== net472)) (&& (== net45) (== net48)) (&& (== net45) (>= netstandard1.6)) (&& (== net461) (< net46) (>= netstandard1.6)) (&& (== net471) (== netstandard1.0)) (&& (== net471) (== netstandard1.1)) (&& (== net471) (< net46)) (&& (== net472) (== netstandard1.0)) (&& (== net472) (== netstandard1.1)) (&& (== net472) (< net46)) (&& (== net48) (== netstandard1.0)) (&& (== net48) (== netstandard1.1)) (&& (== net48) (< net46)) (== net5.0-windows7.0) (== net50) (== netcoreapp2.0) (&& (== netstandard1.0) (>= netstandard1.6)) (&& (== netstandard1.1) (>= netstandard1.6)) (== netstandard2.0)
    runtime.osx.10.10-x64.runtime.native.System.Security.Cryptography.OpenSsl (4.3.3) - restriction: || (&& (== net20) (== net471)) (&& (== net20) (== net472)) (&& (== net20) (== net48)) (&& (== net20) (>= netstandard1.6)) (&& (== net35) (== net471)) (&& (== net35) (== net472)) (&& (== net35) (== net48)) (&& (== net35) (>= netstandard1.6)) (&& (== net40) (== net471)) (&& (== net40) (== net472)) (&& (== net40) (== net48)) (&& (== net40) (>= netstandard1.6)) (&& (== net45) (== net471)) (&& (== net45) (== net472)) (&& (== net45) (== net48)) (&& (== net45) (>= netstandard1.6)) (&& (== net461) (< net46) (>= netstandard1.6)) (&& (== net471) (== netstandard1.0)) (&& (== net471) (== netstandard1.1)) (&& (== net471) (< net46)) (&& (== net472) (== netstandard1.0)) (&& (== net472) (== netstandard1.1)) (&& (== net472) (< net46)) (&& (== net48) (== netstandard1.0)) (&& (== net48) (== netstandard1.1)) (&& (== net48) (< net46)) (== net5.0-windows7.0) (== net50) (== netcoreapp2.0) (&& (== netstandard1.0) (>= netstandard1.6)) (&& (== netstandard1.1) (>= netstandard1.6)) (== netstandard2.0)
    runtime.rhel.7-x64.runtime.native.System.Security.Cryptography.OpenSsl (4.3.3) - restriction: || (&& (== net20) (== net471)) (&& (== net20) (== net472)) (&& (== net20) (== net48)) (&& (== net20) (>= netstandard1.6)) (&& (== net35) (== net471)) (&& (== net35) (== net472)) (&& (== net35) (== net48)) (&& (== net35) (>= netstandard1.6)) (&& (== net40) (== net471)) (&& (== net40) (== net472)) (&& (== net40) (== net48)) (&& (== net40) (>= netstandard1.6)) (&& (== net45) (== net471)) (&& (== net45) (== net472)) (&& (== net45) (== net48)) (&& (== net45) (>= netstandard1.6)) (&& (== net461) (< net46) (>= netstandard1.6)) (&& (== net471) (== netstandard1.0)) (&& (== net471) (== netstandard1.1)) (&& (== net471) (< net46)) (&& (== net472) (== netstandard1.0)) (&& (== net472) (== netstandard1.1)) (&& (== net472) (< net46)) (&& (== net48) (== netstandard1.0)) (&& (== net48) (== netstandard1.1)) (&& (== net48) (< net46)) (== net5.0-windows7.0) (== net50) (== netcoreapp2.0) (&& (== netstandard1.0) (>= netstandard1.6)) (&& (== netstandard1.1) (>= netstandard1.6)) (== netstandard2.0)
    runtime.ubuntu.14.04-x64.runtime.native.System.Security.Cryptography.OpenSsl (4.3.3) - restriction: || (&& (== net20) (== net471)) (&& (== net20) (== net472)) (&& (== net20) (== net48)) (&& (== net20) (>= netstandard1.6)) (&& (== net35) (== net471)) (&& (== net35) (== net472)) (&& (== net35) (== net48)) (&& (== net35) (>= netstandard1.6)) (&& (== net40) (== net471)) (&& (== net40) (== net472)) (&& (== net40) (== net48)) (&& (== net40) (>= netstandard1.6)) (&& (== net45) (== net471)) (&& (== net45) (== net472)) (&& (== net45) (== net48)) (&& (== net45) (>= netstandard1.6)) (&& (== net461) (< net46) (>= netstandard1.6)) (&& (== net471) (== netstandard1.0)) (&& (== net471) (== netstandard1.1)) (&& (== net471) (< net46)) (&& (== net472) (== netstandard1.0)) (&& (== net472) (== netstandard1.1)) (&& (== net472) (< net46)) (&& (== net48) (== netstandard1.0)) (&& (== net48) (== netstandard1.1)) (&& (== net48) (< net46)) (== net5.0-windows7.0) (== net50) (== netcoreapp2.0) (&& (== netstandard1.0) (>= netstandard1.6)) (&& (== netstandard1.1) (>= netstandard1.6)) (== netstandard2.0)
    runtime.ubuntu.16.04-x64.runtime.native.System.Security.Cryptography.OpenSsl (4.3.3) - restriction: || (&& (== net20) (== net471)) (&& (== net20) (== net472)) (&& (== net20) (== net48)) (&& (== net20) (>= netstandard1.6)) (&& (== net35) (== net471)) (&& (== net35) (== net472)) (&& (== net35) (== net48)) (&& (== net35) (>= netstandard1.6)) (&& (== net40) (== net471)) (&& (== net40) (== net472)) (&& (== net40) (== net48)) (&& (== net40) (>= netstandard1.6)) (&& (== net45) (== net471)) (&& (== net45) (== net472)) (&& (== net45) (== net48)) (&& (== net45) (>= netstandard1.6)) (&& (== net461) (< net46) (>= netstandard1.6)) (&& (== net471) (== netstandard1.0)) (&& (== net471) (== netstandard1.1)) (&& (== net471) (< net46)) (&& (== net472) (== netstandard1.0)) (&& (== net472) (== netstandard1.1)) (&& (== net472) (< net46)) (&& (== net48) (== netstandard1.0)) (&& (== net48) (== netstandard1.1)) (&& (== net48) (< net46)) (== net5.0-windows7.0) (== net50) (== netcoreapp2.0) (&& (== netstandard1.0) (>= netstandard1.6)) (&& (== netstandard1.1) (>= netstandard1.6)) (== netstandard2.0)
    runtime.ubuntu.16.10-x64.runtime.native.System.Security.Cryptography.OpenSsl (4.3.3) - restriction: || (&& (== net20) (== net471)) (&& (== net20) (== net472)) (&& (== net20) (== net48)) (&& (== net20) (>= netstandard1.6)) (&& (== net35) (== net471)) (&& (== net35) (== net472)) (&& (== net35) (== net48)) (&& (== net35) (>= netstandard1.6)) (&& (== net40) (== net471)) (&& (== net40) (== net472)) (&& (== net40) (== net48)) (&& (== net40) (>= netstandard1.6)) (&& (== net45) (== net471)) (&& (== net45) (== net472)) (&& (== net45) (== net48)) (&& (== net45) (>= netstandard1.6)) (&& (== net461) (< net46) (>= netstandard1.6)) (&& (== net471) (== netstandard1.0)) (&& (== net471) (== netstandard1.1)) (&& (== net471) (< net46)) (&& (== net472) (== netstandard1.0)) (&& (== net472) (== netstandard1.1)) (&& (== net472) (< net46)) (&& (== net48) (== netstandard1.0)) (&& (== net48) (== netstandard1.1)) (&& (== net48) (< net46)) (== net5.0-windows7.0) (== net50) (== netcoreapp2.0) (&& (== netstandard1.0) (>= netstandard1.6)) (&& (== netstandard1.1) (>= netstandard1.6)) (== netstandard2.0)
    runtime.ubuntu.18.04-x64.runtime.native.System.Security.Cryptography.OpenSsl (4.3.3) - restriction: || (&& (== net20) (== net471)) (&& (== net20) (== net472)) (&& (== net20) (== net48)) (&& (== net20) (>= netstandard1.6)) (&& (== net35) (== net471)) (&& (== net35) (== net472)) (&& (== net35) (== net48)) (&& (== net35) (>= netstandard1.6)) (&& (== net40) (== net471)) (&& (== net40) (== net472)) (&& (== net40) (== net48)) (&& (== net40) (>= netstandard1.6)) (&& (== net45) (== net471)) (&& (== net45) (== net472)) (&& (== net45) (== net48)) (&& (== net45) (>= netstandard1.6)) (&& (== net461) (< net46) (>= netstandard1.6)) (&& (== net471) (== netstandard1.0)) (&& (== net471) (== netstandard1.1)) (&& (== net471) (< net46)) (&& (== net472) (== netstandard1.0)) (&& (== net472) (== netstandard1.1)) (&& (== net472) (< net46)) (&& (== net48) (== netstandard1.0)) (&& (== net48) (== netstandard1.1)) (&& (== net48) (< net46)) (== net5.0-windows7.0) (== net50) (== netcoreapp2.0) (&& (== netstandard1.0) (>= netstandard1.6)) (&& (== netstandard1.1) (>= netstandard1.6)) (== netstandard2.0)
    runtime.win-arm64.runtime.native.System.Data.SqlClient.sni (4.4) - restriction: || (&& (== net20) (== net461)) (&& (== net20) (== net471)) (&& (== net20) (== net472)) (&& (== net20) (== net48)) (&& (== net20) (>= net461)) (&& (== net20) (>= netcoreapp2.0)) (&& (== net20) (>= netcoreapp2.1)) (&& (== net20) (>= netcoreapp3.1)) (&& (== net20) (>= netstandard2.0)) (&& (== net35) (== net461)) (&& (== net35) (== net471)) (&& (== net35) (== net472)) (&& (== net35) (== net48)) (&& (== net35) (>= net461)) (&& (== net35) (>= netcoreapp2.0)) (&& (== net35) (>= netcoreapp2.1)) (&& (== net35) (>= netcoreapp3.1)) (&& (== net35) (>= netstandard2.0)) (&& (== net40) (== net461)) (&& (== net40) (== net471)) (&& (== net40) (== net472)) (&& (== net40) (== net48)) (&& (== net40) (>= net461)) (&& (== net40) (>= netcoreapp2.0)) (&& (== net40) (>= netcoreapp2.1)) (&& (== net40) (>= netcoreapp3.1)) (&& (== net40) (>= netstandard2.0)) (&& (== net45) (== net461)) (&& (== net45) (== net471)) (&& (== net45) (== net472)) (&& (== net45) (== net48)) (&& (== net45) (>= net461)) (&& (== net45) (>= netcoreapp2.0)) (&& (== net45) (>= netcoreapp2.1)) (&& (== net45) (>= netcoreapp3.1)) (&& (== net45) (>= netstandard2.0)) (&& (== net461) (== netstandard1.0)) (&& (== net461) (== netstandard1.1)) (&& (== net461) (< net451)) (&& (== net461) (>= netcoreapp2.0)) (&& (== net461) (>= netcoreapp2.1)) (&& (== net461) (>= netcoreapp3.1)) (&& (== net471) (== netstandard1.0)) (&& (== net471) (== netstandard1.1)) (&& (== net471) (< net451)) (&& (== net471) (>= netcoreapp2.0)) (&& (== net471) (>= netcoreapp2.1)) (&& (== net471) (>= netcoreapp3.1)) (&& (== net472) (== netstandard1.0)) (&& (== net472) (== netstandard1.1)) (&& (== net472) (< net451)) (&& (== net472) (>= netcoreapp2.0)) (&& (== net472) (>= netcoreapp2.1)) (&& (== net472) (>= netcoreapp3.1)) (&& (== net48) (== netstandard1.0)) (&& (== net48) (== netstandard1.1)) (&& (== net48) (< net451)) (&& (== net48) (>= netcoreapp2.0)) (&& (== net48) (>= netcoreapp2.1)) (&& (== net48) (>= netcoreapp3.1)) (== net5.0-windows7.0) (== net50) (== netcoreapp2.0) (&& (== netstandard1.0) (>= net461)) (&& (== netstandard1.0) (>= netcoreapp2.0)) (&& (== netstandard1.0) (>= netcoreapp2.1)) (&& (== netstandard1.0) (>= netcoreapp3.1)) (&& (== netstandard1.0) (>= netstandard2.0)) (&& (== netstandard1.1) (>= net461)) (&& (== netstandard1.1) (>= netcoreapp2.0)) (&& (== netstandard1.1) (>= netcoreapp2.1)) (&& (== netstandard1.1) (>= netcoreapp3.1)) (&& (== netstandard1.1) (>= netstandard2.0)) (== netstandard2.0)
    runtime.win-x64.runtime.native.System.Data.SqlClient.sni (4.4) - restriction: || (&& (== net20) (== net461)) (&& (== net20) (== net471)) (&& (== net20) (== net472)) (&& (== net20) (== net48)) (&& (== net20) (>= net461)) (&& (== net20) (>= netcoreapp2.0)) (&& (== net20) (>= netcoreapp2.1)) (&& (== net20) (>= netcoreapp3.1)) (&& (== net20) (>= netstandard2.0)) (&& (== net35) (== net461)) (&& (== net35) (== net471)) (&& (== net35) (== net472)) (&& (== net35) (== net48)) (&& (== net35) (>= net461)) (&& (== net35) (>= netcoreapp2.0)) (&& (== net35) (>= netcoreapp2.1)) (&& (== net35) (>= netcoreapp3.1)) (&& (== net35) (>= netstandard2.0)) (&& (== net40) (== net461)) (&& (== net40) (== net471)) (&& (== net40) (== net472)) (&& (== net40) (== net48)) (&& (== net40) (>= net461)) (&& (== net40) (>= netcoreapp2.0)) (&& (== net40) (>= netcoreapp2.1)) (&& (== net40) (>= netcoreapp3.1)) (&& (== net40) (>= netstandard2.0)) (&& (== net45) (== net461)) (&& (== net45) (== net471)) (&& (== net45) (== net472)) (&& (== net45) (== net48)) (&& (== net45) (>= net461)) (&& (== net45) (>= netcoreapp2.0)) (&& (== net45) (>= netcoreapp2.1)) (&& (== net45) (>= netcoreapp3.1)) (&& (== net45) (>= netstandard2.0)) (&& (== net461) (== netstandard1.0)) (&& (== net461) (== netstandard1.1)) (&& (== net461) (< net451)) (&& (== net461) (>= netcoreapp2.0)) (&& (== net461) (>= netcoreapp2.1)) (&& (== net461) (>= netcoreapp3.1)) (&& (== net471) (== netstandard1.0)) (&& (== net471) (== netstandard1.1)) (&& (== net471) (< net451)) (&& (== net471) (>= netcoreapp2.0)) (&& (== net471) (>= netcoreapp2.1)) (&& (== net471) (>= netcoreapp3.1)) (&& (== net472) (== netstandard1.0)) (&& (== net472) (== netstandard1.1)) (&& (== net472) (< net451)) (&& (== net472) (>= netcoreapp2.0)) (&& (== net472) (>= netcoreapp2.1)) (&& (== net472) (>= netcoreapp3.1)) (&& (== net48) (== netstandard1.0)) (&& (== net48) (== netstandard1.1)) (&& (== net48) (< net451)) (&& (== net48) (>= netcoreapp2.0)) (&& (== net48) (>= netcoreapp2.1)) (&& (== net48) (>= netcoreapp3.1)) (== net5.0-windows7.0) (== net50) (== netcoreapp2.0) (&& (== netstandard1.0) (>= net461)) (&& (== netstandard1.0) (>= netcoreapp2.0)) (&& (== netstandard1.0) (>= netcoreapp2.1)) (&& (== netstandard1.0) (>= netcoreapp3.1)) (&& (== netstandard1.0) (>= netstandard2.0)) (&& (== netstandard1.1) (>= net461)) (&& (== netstandard1.1) (>= netcoreapp2.0)) (&& (== netstandard1.1) (>= netcoreapp2.1)) (&& (== netstandard1.1) (>= netcoreapp3.1)) (&& (== netstandard1.1) (>= netstandard2.0)) (== netstandard2.0)
    runtime.win-x86.runtime.native.System.Data.SqlClient.sni (4.4) - restriction: || (&& (== net20) (== net461)) (&& (== net20) (== net471)) (&& (== net20) (== net472)) (&& (== net20) (== net48)) (&& (== net20) (>= net461)) (&& (== net20) (>= netcoreapp2.0)) (&& (== net20) (>= netcoreapp2.1)) (&& (== net20) (>= netcoreapp3.1)) (&& (== net20) (>= netstandard2.0)) (&& (== net35) (== net461)) (&& (== net35) (== net471)) (&& (== net35) (== net472)) (&& (== net35) (== net48)) (&& (== net35) (>= net461)) (&& (== net35) (>= netcoreapp2.0)) (&& (== net35) (>= netcoreapp2.1)) (&& (== net35) (>= netcoreapp3.1)) (&& (== net35) (>= netstandard2.0)) (&& (== net40) (== net461)) (&& (== net40) (== net471)) (&& (== net40) (== net472)) (&& (== net40) (== net48)) (&& (== net40) (>= net461)) (&& (== net40) (>= netcoreapp2.0)) (&& (== net40) (>= netcoreapp2.1)) (&& (== net40) (>= netcoreapp3.1)) (&& (== net40) (>= netstandard2.0)) (&& (== net45) (== net461)) (&& (== net45) (== net471)) (&& (== net45) (== net472)) (&& (== net45) (== net48)) (&& (== net45) (>= net461)) (&& (== net45) (>= netcoreapp2.0)) (&& (== net45) (>= netcoreapp2.1)) (&& (== net45) (>= netcoreapp3.1)) (&& (== net45) (>= netstandard2.0)) (&& (== net461) (== netstandard1.0)) (&& (== net461) (== netstandard1.1)) (&& (== net461) (< net451)) (&& (== net461) (>= netcoreapp2.0)) (&& (== net461) (>= netcoreapp2.1)) (&& (== net461) (>= netcoreapp3.1)) (&& (== net471) (== netstandard1.0)) (&& (== net471) (== netstandard1.1)) (&& (== net471) (< net451)) (&& (== net471) (>= netcoreapp2.0)) (&& (== net471) (>= netcoreapp2.1)) (&& (== net471) (>= netcoreapp3.1)) (&& (== net472) (== netstandard1.0)) (&& (== net472) (== netstandard1.1)) (&& (== net472) (< net451)) (&& (== net472) (>= netcoreapp2.0)) (&& (== net472) (>= netcoreapp2.1)) (&& (== net472) (>= netcoreapp3.1)) (&& (== net48) (== netstandard1.0)) (&& (== net48) (== netstandard1.1)) (&& (== net48) (< net451)) (&& (== net48) (>= netcoreapp2.0)) (&& (== net48) (>= netcoreapp2.1)) (&& (== net48) (>= netcoreapp3.1)) (== net5.0-windows7.0) (== net50) (== netcoreapp2.0) (&& (== netstandard1.0) (>= net461)) (&& (== netstandard1.0) (>= netcoreapp2.0)) (&& (== netstandard1.0) (>= netcoreapp2.1)) (&& (== netstandard1.0) (>= netcoreapp3.1)) (&& (== netstandard1.0) (>= netstandard2.0)) (&& (== netstandard1.1) (>= net461)) (&& (== netstandard1.1) (>= netcoreapp2.0)) (&& (== netstandard1.1) (>= netcoreapp2.1)) (&& (== netstandard1.1) (>= netcoreapp3.1)) (&& (== netstandard1.1) (>= netstandard2.0)) (== netstandard2.0)
    System.Buffers (4.5.1) - restriction: || (&& (== net20) (== net5.0-windows7.0)) (&& (== net20) (== net50)) (&& (== net20) (== netcoreapp2.0)) (&& (== net20) (>= monoandroid)) (&& (== net20) (>= monotouch)) (&& (== net20) (>= net461)) (&& (== net20) (>= netstandard2.0)) (&& (== net20) (>= xamarinios)) (&& (== net20) (>= xamarinmac)) (&& (== net20) (>= xamarintvos)) (&& (== net20) (>= xamarinwatchos)) (&& (== net35) (== net5.0-windows7.0)) (&& (== net35) (== net50)) (&& (== net35) (== netcoreapp2.0)) (&& (== net35) (>= monoandroid)) (&& (== net35) (>= monotouch)) (&& (== net35) (>= net461)) (&& (== net35) (>= netstandard2.0)) (&& (== net35) (>= xamarinios)) (&& (== net35) (>= xamarinmac)) (&& (== net35) (>= xamarintvos)) (&& (== net35) (>= xamarinwatchos)) (&& (== net40) (== net5.0-windows7.0)) (&& (== net40) (== net50)) (&& (== net40) (== netcoreapp2.0)) (&& (== net40) (>= monoandroid)) (&& (== net40) (>= monotouch)) (&& (== net40) (>= net461)) (&& (== net40) (>= netstandard2.0)) (&& (== net40) (>= xamarinios)) (&& (== net40) (>= xamarinmac)) (&& (== net40) (>= xamarintvos)) (&& (== net40) (>= xamarinwatchos)) (&& (== net45) (== net5.0-windows7.0)) (&& (== net45) (== net50)) (&& (== net45) (== netcoreapp2.0)) (&& (== net45) (>= monoandroid)) (&& (== net45) (>= monotouch)) (&& (== net45) (>= net461)) (&& (== net45) (>= netstandard2.0)) (&& (== net45) (>= xamarinios)) (&& (== net45) (>= xamarinmac)) (&& (== net45) (>= xamarintvos)) (&& (== net45) (>= xamarinwatchos)) (== net461) (== net471) (== net472) (== net48) (&& (== net5.0-windows7.0) (== netstandard1.0)) (&& (== net5.0-windows7.0) (== netstandard1.1)) (&& (== net5.0-windows7.0) (>= monotouch)) (&& (== net5.0-windows7.0) (>= net461)) (&& (== net5.0-windows7.0) (< netcoreapp2.0)) (&& (== net5.0-windows7.0) (>= xamarinios)) (&& (== net5.0-windows7.0) (>= xamarinmac)) (&& (== net5.0-windows7.0) (>= xamarintvos)) (&& (== net5.0-windows7.0) (>= xamarinwatchos)) (&& (== net50) (== netstandard1.0)) (&& (== net50) (== netstandard1.1)) (&& (== net50) (>= monotouch)) (&& (== net50) (>= net461)) (&& (== net50) (< netcoreapp2.0)) (&& (== net50) (>= xamarinios)) (&& (== net50) (>= xamarinmac)) (&& (== net50) (>= xamarintvos)) (&& (== net50) (>= xamarinwatchos)) (&& (== netcoreapp2.0) (== netstandard1.0)) (&& (== netcoreapp2.0) (== netstandard1.1)) (&& (== netcoreapp2.0) (>= monotouch)) (&& (== netcoreapp2.0) (>= net461)) (&& (== netcoreapp2.0) (>= xamarinios)) (&& (== netcoreapp2.0) (>= xamarinmac)) (&& (== netcoreapp2.0) (>= xamarintvos)) (&& (== netcoreapp2.0) (>= xamarinwatchos)) (&& (== netstandard1.0) (>= monoandroid)) (&& (== netstandard1.0) (>= monotouch)) (&& (== netstandard1.0) (>= net461)) (&& (== netstandard1.0) (>= netstandard2.0)) (&& (== netstandard1.0) (>= xamarinios)) (&& (== netstandard1.0) (>= xamarinmac)) (&& (== netstandard1.0) (>= xamarintvos)) (&& (== netstandard1.0) (>= xamarinwatchos)) (&& (== netstandard1.1) (>= monoandroid)) (&& (== netstandard1.1) (>= monotouch)) (&& (== netstandard1.1) (>= net461)) (&& (== netstandard1.1) (>= netstandard2.0)) (&& (== netstandard1.1) (>= xamarinios)) (&& (== netstandard1.1) (>= xamarinmac)) (&& (== netstandard1.1) (>= xamarintvos)) (&& (== netstandard1.1) (>= xamarinwatchos)) (== netstandard2.0)
    System.CodeDom (5.0) - restriction: || (&& (== net20) (== net471)) (&& (== net20) (== net472)) (&& (== net20) (== net48)) (&& (== net20) (>= netcoreapp2.0)) (&& (== net20) (>= netcoreapp2.1)) (&& (== net20) (>= netcoreapp3.0)) (&& (== net20) (>= netstandard2.0)) (&& (== net20) (>= netstandard2.1)) (&& (== net35) (== net471)) (&& (== net35) (== net472)) (&& (== net35) (== net48)) (&& (== net35) (>= netcoreapp2.0)) (&& (== net35) (>= netcoreapp2.1)) (&& (== net35) (>= netcoreapp3.0)) (&& (== net35) (>= netstandard2.0)) (&& (== net35) (>= netstandard2.1)) (&& (== net40) (== net471)) (&& (== net40) (== net472)) (&& (== net40) (== net48)) (&& (== net40) (>= netcoreapp2.0)) (&& (== net40) (>= netcoreapp2.1)) (&& (== net40) (>= netcoreapp3.0)) (&& (== net40) (>= netstandard2.0)) (&& (== net40) (>= netstandard2.1)) (&& (== net45) (== net471)) (&& (== net45) (== net472)) (&& (== net45) (== net48)) (&& (== net45) (>= netcoreapp2.0)) (&& (== net45) (>= netcoreapp2.1)) (&& (== net45) (>= netcoreapp3.0)) (&& (== net45) (>= netstandard2.0)) (&& (== net45) (>= netstandard2.1)) (&& (== net461) (< net46) (>= netstandard2.0)) (&& (== net461) (>= netcoreapp3.0)) (&& (== net461) (>= netstandard2.1)) (&& (== net471) (== netstandard1.0)) (&& (== net471) (== netstandard1.1)) (&& (== net471) (< net46)) (&& (== net471) (< net461)) (&& (== net471) (>= netcoreapp2.0)) (&& (== net471) (>= netcoreapp2.1)) (&& (== net471) (>= netcoreapp3.0)) (&& (== net471) (>= netstandard2.1)) (&& (== net472) (== netstandard1.0)) (&& (== net472) (== netstandard1.1)) (&& (== net472) (< net46)) (&& (== net472) (< net461)) (&& (== net472) (>= netcoreapp2.0)) (&& (== net472) (>= netcoreapp2.1)) (&& (== net472) (>= netcoreapp3.0)) (&& (== net472) (>= netstandard2.1)) (&& (== net48) (== netstandard1.0)) (&& (== net48) (== netstandard1.1)) (&& (== net48) (< net46)) (&& (== net48) (< net461)) (&& (== net48) (>= netcoreapp2.0)) (&& (== net48) (>= netcoreapp2.1)) (&& (== net48) (>= netcoreapp3.0)) (&& (== net48) (>= netstandard2.1)) (== net5.0-windows7.0) (== net50) (== netcoreapp2.0) (&& (== netstandard1.0) (>= netcoreapp2.0)) (&& (== netstandard1.0) (>= netcoreapp2.1)) (&& (== netstandard1.0) (>= netcoreapp3.0)) (&& (== netstandard1.0) (>= netstandard2.0)) (&& (== netstandard1.0) (>= netstandard2.1)) (&& (== netstandard1.1) (>= netcoreapp2.0)) (&& (== netstandard1.1) (>= netcoreapp2.1)) (&& (== netstandard1.1) (>= netcoreapp3.0)) (&& (== netstandard1.1) (>= netstandard2.0)) (&& (== netstandard1.1) (>= netstandard2.1)) (== netstandard2.0)
    System.Collections (4.3) - restriction: || (&& (== net20) (== net45)) (&& (== net20) (== net461)) (&& (== net20) (== net471)) (&& (== net20) (== net472)) (&& (== net20) (== net48)) (&& (== net20) (>= netcoreapp1.0)) (&& (== net20) (>= netstandard1.0)) (&& (== net20) (>= netstandard1.1)) (&& (== net20) (>= netstandard1.2)) (&& (== net20) (>= netstandard1.3)) (&& (== net20) (>= netstandard1.4)) (&& (== net20) (>= netstandard1.5)) (&& (== net20) (>= netstandard1.6)) (&& (== net20) (>= uap10.0)) (&& (== net35) (== net45)) (&& (== net35) (== net461)) (&& (== net35) (== net471)) (&& (== net35) (== net472)) (&& (== net35) (== net48)) (&& (== net35) (>= netcoreapp1.0)) (&& (== net35) (>= netstandard1.0)) (&& (== net35) (>= netstandard1.1)) (&& (== net35) (>= netstandard1.2)) (&& (== net35) (>= netstandard1.3)) (&& (== net35) (>= netstandard1.4)) (&& (== net35) (>= netstandard1.5)) (&& (== net35) (>= netstandard1.6)) (&& (== net35) (>= uap10.0)) (&& (== net40) (== net45)) (&& (== net40) (== net461)) (&& (== net40) (== net471)) (&& (== net40) (== net472)) (&& (== net40) (== net48)) (&& (== net40) (>= netcoreapp1.0)) (&& (== net40) (>= netstandard1.0)) (&& (== net40) (>= netstandard1.1)) (&& (== net40) (>= netstandard1.2)) (&& (== net40) (>= netstandard1.3)) (&& (== net40) (>= netstandard1.4)) (&& (== net40) (>= netstandard1.5)) (&& (== net40) (>= netstandard1.6)) (&& (== net40) (>= uap10.0)) (&& (== net45) (== net471)) (&& (== net45) (== net472)) (&& (== net45) (== net48)) (&& (== net45) (>= netcoreapp1.0)) (&& (== net45) (>= netstandard1.6)) (&& (== net45) (< portable-net45+win8+wpa81)) (&& (== net45) (>= uap10.0)) (&& (== net461) (< net45)) (&& (== net461) (< net46) (>= netstandard1.6)) (&& (== net461) (>= netcoreapp1.0)) (&& (== net461) (< portable-net45+win8+wpa81)) (&& (== net461) (>= uap10.0)) (&& (== net471) (< net45)) (&& (== net471) (< net46)) (&& (== net471) (>= netcoreapp1.0)) (&& (== net471) (< netstandard1.5) (>= uap10.0)) (&& (== net471) (< portable-net45+win8+wpa81)) (&& (== net472) (< net45)) (&& (== net472) (< net46)) (&& (== net472) (>= netcoreapp1.0)) (&& (== net472) (< netstandard1.5) (>= uap10.0)) (&& (== net472) (< portable-net45+win8+wpa81)) (&& (== net48) (< net45)) (&& (== net48) (< net46)) (&& (== net48) (>= netcoreapp1.0)) (&& (== net48) (< netstandard1.5) (>= uap10.0)) (&& (== net48) (< portable-net45+win8+wpa81)) (== net5.0-windows7.0) (== net50) (== netcoreapp2.0) (== netstandard1.0) (== netstandard1.1) (== netstandard2.0)
      Microsoft.NETCore.Platforms (>= 1.1) - restriction: || (&& (== net20) (>= netstandard1.0)) (&& (== net20) (>= netstandard1.3)) (&& (== net35) (>= netstandard1.0)) (&& (== net35) (>= netstandard1.3)) (&& (== net40) (>= netstandard1.0)) (&& (== net40) (>= netstandard1.3)) (&& (== net461) (< net45)) (&& (== net471) (< net45)) (&& (== net472) (< net45)) (&& (== net48) (< net45)) (== net5.0-windows7.0) (== net50) (== netcoreapp2.0) (== netstandard1.0) (== netstandard1.1) (== netstandard2.0)
      Microsoft.NETCore.Targets (>= 1.1) - restriction: || (&& (== net20) (>= netstandard1.0)) (&& (== net20) (>= netstandard1.3)) (&& (== net35) (>= netstandard1.0)) (&& (== net35) (>= netstandard1.3)) (&& (== net40) (>= netstandard1.0)) (&& (== net40) (>= netstandard1.3)) (&& (== net461) (< net45)) (&& (== net471) (< net45)) (&& (== net472) (< net45)) (&& (== net48) (< net45)) (== net5.0-windows7.0) (== net50) (== netcoreapp2.0) (== netstandard1.0) (== netstandard1.1) (== netstandard2.0)
      System.Runtime (>= 4.3) - restriction: || (&& (== net20) (>= netstandard1.0)) (&& (== net20) (>= netstandard1.3)) (&& (== net35) (>= netstandard1.0)) (&& (== net35) (>= netstandard1.3)) (&& (== net40) (>= netstandard1.0)) (&& (== net40) (>= netstandard1.3)) (&& (== net461) (< net45)) (&& (== net471) (< net45)) (&& (== net472) (< net45)) (&& (== net48) (< net45)) (== net5.0-windows7.0) (== net50) (== netcoreapp2.0) (== netstandard1.0) (== netstandard1.1) (== netstandard2.0)
    System.Collections.Concurrent (4.3) - restriction: || (&& (== net20) (== net45)) (&& (== net20) (== net461)) (&& (== net20) (== net471)) (&& (== net20) (== net472)) (&& (== net20) (== net48)) (&& (== net20) (>= net463)) (&& (== net20) (>= netstandard1.1)) (&& (== net20) (>= netstandard1.2)) (&& (== net20) (>= netstandard1.3)) (&& (== net20) (>= netstandard1.4)) (&& (== net20) (>= netstandard1.5)) (&& (== net20) (>= netstandard1.6)) (&& (== net20) (>= uap10.0)) (&& (== net35) (== net45)) (&& (== net35) (== net461)) (&& (== net35) (== net471)) (&& (== net35) (== net472)) (&& (== net35) (== net48)) (&& (== net35) (>= net463)) (&& (== net35) (>= netstandard1.1)) (&& (== net35) (>= netstandard1.2)) (&& (== net35) (>= netstandard1.3)) (&& (== net35) (>= netstandard1.4)) (&& (== net35) (>= netstandard1.5)) (&& (== net35) (>= netstandard1.6)) (&& (== net35) (>= uap10.0)) (&& (== net40) (== net45)) (&& (== net40) (== net461)) (&& (== net40) (== net471)) (&& (== net40) (== net472)) (&& (== net40) (== net48)) (&& (== net40) (>= net463)) (&& (== net40) (>= netstandard1.1)) (&& (== net40) (>= netstandard1.2)) (&& (== net40) (>= netstandard1.3)) (&& (== net40) (>= netstandard1.4)) (&& (== net40) (>= netstandard1.5)) (&& (== net40) (>= netstandard1.6)) (&& (== net40) (>= uap10.0)) (&& (== net45) (== net471)) (&& (== net45) (== net472)) (&& (== net45) (== net48)) (&& (== net45) (== netstandard1.0)) (&& (== net45) (>= net463)) (&& (== net45) (>= netstandard1.6)) (&& (== net45) (>= uap10.0)) (&& (== net461) (== netstandard1.0)) (&& (== net461) (< net45)) (&& (== net461) (< net46) (>= net463)) (&& (== net461) (< net46) (>= netstandard1.6)) (&& (== net461) (>= uap10.0)) (&& (== net471) (== netstandard1.0)) (&& (== net471) (< net45) (< netstandard1.2)) (&& (== net471) (< net45) (< netstandard1.3)) (&& (== net471) (< net45) (< netstandard1.4)) (&& (== net471) (< net45) (< netstandard1.5)) (&& (== net471) (< net45) (< netstandard1.6)) (&& (== net471) (< net45) (< netstandard2.0)) (&& (== net471) (< net46)) (&& (== net471) (< netstandard1.5) (>= uap10.0)) (&& (== net472) (== netstandard1.0)) (&& (== net472) (< net45) (< netstandard1.2)) (&& (== net472) (< net45) (< netstandard1.3)) (&& (== net472) (< net45) (< netstandard1.4)) (&& (== net472) (< net45) (< netstandard1.5)) (&& (== net472) (< net45) (< netstandard1.6)) (&& (== net472) (< net45) (< netstandard2.0)) (&& (== net472) (< net46)) (&& (== net472) (< netstandard1.5) (>= uap10.0)) (&& (== net48) (== netstandard1.0)) (&& (== net48) (< net45) (< netstandard1.2)) (&& (== net48) (< net45) (< netstandard1.3)) (&& (== net48) (< net45) (< netstandard1.4)) (&& (== net48) (< net45) (< netstandard1.5)) (&& (== net48) (< net45) (< netstandard1.6)) (&& (== net48) (< net45) (< netstandard2.0)) (&& (== net48) (< net46)) (&& (== net48) (< netstandard1.5) (>= uap10.0)) (== net5.0-windows7.0) (== net50) (== netcoreapp2.0) (&& (== netstandard1.0) (>= net463)) (&& (== netstandard1.0) (>= netstandard1.1)) (&& (== netstandard1.0) (>= netstandard1.2)) (&& (== netstandard1.0) (>= netstandard1.3)) (&& (== netstandard1.0) (>= netstandard1.4)) (&& (== netstandard1.0) (>= netstandard1.5)) (&& (== netstandard1.0) (>= netstandard1.6)) (&& (== netstandard1.0) (>= uap10.0)) (== netstandard1.1) (== netstandard2.0)
      System.Runtime (>= 4.3) - restriction: || (&& (== net20) (>= netstandard1.1)) (&& (== net20) (>= netstandard1.3)) (&& (== net35) (>= netstandard1.1)) (&& (== net35) (>= netstandard1.3)) (&& (== net40) (>= netstandard1.1)) (&& (== net40) (>= netstandard1.3)) (&& (== net461) (< net45)) (&& (== net471) (< net45)) (&& (== net472) (< net45)) (&& (== net48) (< net45)) (== net5.0-windows7.0) (== net50) (== netcoreapp2.0) (&& (== netstandard1.0) (>= netstandard1.1)) (&& (== netstandard1.0) (>= netstandard1.3)) (== netstandard1.1) (== netstandard2.0)
      System.Threading.Tasks (>= 4.3) - restriction: || (&& (== net20) (>= netstandard1.1)) (&& (== net20) (>= netstandard1.3)) (&& (== net35) (>= netstandard1.1)) (&& (== net35) (>= netstandard1.3)) (&& (== net40) (>= netstandard1.1)) (&& (== net40) (>= netstandard1.3)) (&& (== net461) (< net45)) (&& (== net471) (< net45)) (&& (== net472) (< net45)) (&& (== net48) (< net45)) (== net5.0-windows7.0) (== net50) (== netcoreapp2.0) (&& (== netstandard1.0) (>= netstandard1.1)) (&& (== netstandard1.0) (>= netstandard1.3)) (== netstandard1.1) (== netstandard2.0)
    System.Collections.Immutable (5.0)
      NETStandard.Library (>= 1.6.1) - restriction: || (&& (== net20) (>= net46)) (&& (== net20) (>= netstandard1.0)) (&& (== net20) (>= netstandard1.3)) (&& (== net35) (>= net46)) (&& (== net35) (>= netstandard1.0)) (&& (== net35) (>= netstandard1.3)) (&& (== net40) (>= net46)) (&& (== net40) (>= netstandard1.0)) (&& (== net40) (>= netstandard1.3)) (&& (== net45) (>= net46)) (&& (== net461) (< net45)) (&& (== net471) (< net45) (< netstandard1.3)) (&& (== net471) (< net45) (< netstandard2.0)) (&& (== net471) (< net461) (< netstandard2.0)) (&& (== net472) (< net45) (< netstandard1.3)) (&& (== net472) (< net45) (< netstandard2.0)) (&& (== net472) (< net461) (< netstandard2.0)) (&& (== net48) (< net45) (< netstandard1.3)) (&& (== net48) (< net45) (< netstandard2.0)) (&& (== net48) (< net461) (< netstandard2.0)) (&& (== net5.0-windows7.0) (< netstandard1.3)) (&& (== net5.0-windows7.0) (< netstandard2.0)) (&& (== net50) (< netstandard1.3)) (&& (== net50) (< netstandard2.0)) (&& (== netcoreapp2.0) (< netstandard1.3)) (&& (== netcoreapp2.0) (< netstandard2.0)) (== netstandard1.0) (== netstandard1.1) (&& (== netstandard2.0) (< netstandard1.3))
      System.Memory (>= 4.5.4) - restriction: || (&& (== net20) (>= net46)) (&& (== net20) (>= net461)) (&& (== net20) (>= netstandard1.3)) (&& (== net20) (>= netstandard2.0)) (&& (== net20) (>= uap10.1)) (&& (== net35) (>= net46)) (&& (== net35) (>= net461)) (&& (== net35) (>= netstandard1.3)) (&& (== net35) (>= netstandard2.0)) (&& (== net35) (>= uap10.1)) (&& (== net40) (>= net46)) (&& (== net40) (>= net461)) (&& (== net40) (>= netstandard1.3)) (&& (== net40) (>= netstandard2.0)) (&& (== net40) (>= uap10.1)) (&& (== net45) (>= net46)) (&& (== net45) (>= net461)) (&& (== net45) (>= uap10.1)) (== net461) (== net471) (== net472) (== net48) (&& (== net5.0-windows7.0) (>= net461)) (&& (== net5.0-windows7.0) (< netcoreapp2.1)) (&& (== net5.0-windows7.0) (< netstandard2.0)) (&& (== net5.0-windows7.0) (>= uap10.1)) (&& (== net50) (>= net461)) (&& (== net50) (< netcoreapp2.1)) (&& (== net50) (< netstandard2.0)) (&& (== net50) (>= uap10.1)) (== netcoreapp2.0) (&& (== netstandard1.0) (>= net46)) (&& (== netstandard1.0) (>= net461)) (&& (== netstandard1.0) (>= netstandard1.3)) (&& (== netstandard1.0) (>= netstandard2.0)) (&& (== netstandard1.0) (>= uap10.1)) (&& (== netstandard1.1) (>= net46)) (&& (== netstandard1.1) (>= net461)) (&& (== netstandard1.1) (>= netstandard1.3)) (&& (== netstandard1.1) (>= netstandard2.0)) (&& (== netstandard1.1) (>= uap10.1)) (== netstandard2.0)
    System.Collections.NonGeneric (4.3) - restriction: || (&& (== net20) (== net45) (>= netstandard1.3)) (&& (== net20) (== net45) (>= netstandard1.5)) (&& (== net20) (== net461)) (&& (== net20) (== net471)) (&& (== net20) (== net472)) (&& (== net20) (== net48)) (&& (== net20) (>= net45) (>= netstandard1.3)) (&& (== net20) (>= net45) (>= netstandard1.5)) (&& (== net20) (>= netstandard2.0)) (&& (== net40) (< net35) (>= net45) (>= netstandard1.3)) (&& (== net40) (< net35) (>= net45) (>= netstandard1.5)) (&& (== net40) (< net35) (>= netstandard2.0)) (&& (== net45) (== netstandard1.0) (>= netstandard1.3)) (&& (== net45) (== netstandard1.0) (>= netstandard1.5)) (&& (== net45) (== netstandard1.1) (>= netstandard1.3)) (&& (== net45) (== netstandard1.1) (>= netstandard1.5)) (&& (== net45) (< net35) (>= netstandard1.3)) (&& (== net45) (< net35) (>= netstandard1.5)) (&& (== net461) (== netstandard1.0)) (&& (== net461) (== netstandard1.1)) (&& (== net461) (< net35)) (&& (== net471) (== netstandard1.0)) (&& (== net471) (== netstandard1.1)) (&& (== net471) (< net35)) (&& (== net472) (== netstandard1.0)) (&& (== net472) (== netstandard1.1)) (&& (== net472) (< net35)) (&& (== net48) (== netstandard1.0)) (&& (== net48) (== netstandard1.1)) (&& (== net48) (< net35)) (== net5.0-windows7.0) (== net50) (== netcoreapp2.0) (&& (== netstandard1.0) (>= net45) (>= netstandard1.3)) (&& (== netstandard1.0) (>= net45) (>= netstandard1.5)) (&& (== netstandard1.0) (>= netstandard2.0)) (&& (== netstandard1.1) (>= net45) (>= netstandard1.3)) (&& (== netstandard1.1) (>= net45) (>= netstandard1.5)) (&& (== netstandard1.1) (>= netstandard2.0)) (== netstandard2.0)
      System.Diagnostics.Debug (>= 4.3) - restriction: || (&& (== net20) (>= netstandard1.3)) (&& (== net35) (>= netstandard1.3)) (&& (== net40) (>= netstandard1.3)) (&& (== net45) (>= netstandard1.3)) (&& (== net461) (< net46)) (&& (== net471) (< net46)) (&& (== net472) (< net46)) (&& (== net48) (< net46)) (== net5.0-windows7.0) (== net50) (== netcoreapp2.0) (&& (== netstandard1.0) (>= netstandard1.3)) (&& (== netstandard1.1) (>= netstandard1.3)) (== netstandard2.0)
      System.Globalization (>= 4.3) - restriction: || (&& (== net20) (>= netstandard1.3)) (&& (== net35) (>= netstandard1.3)) (&& (== net40) (>= netstandard1.3)) (&& (== net45) (>= netstandard1.3)) (&& (== net461) (< net46)) (&& (== net471) (< net46)) (&& (== net472) (< net46)) (&& (== net48) (< net46)) (== net5.0-windows7.0) (== net50) (== netcoreapp2.0) (&& (== netstandard1.0) (>= netstandard1.3)) (&& (== netstandard1.1) (>= netstandard1.3)) (== netstandard2.0)
      System.Resources.ResourceManager (>= 4.3) - restriction: || (&& (== net20) (>= netstandard1.3)) (&& (== net35) (>= netstandard1.3)) (&& (== net40) (>= netstandard1.3)) (&& (== net45) (>= netstandard1.3)) (&& (== net461) (< net46)) (&& (== net471) (< net46)) (&& (== net472) (< net46)) (&& (== net48) (< net46)) (== net5.0-windows7.0) (== net50) (== netcoreapp2.0) (&& (== netstandard1.0) (>= netstandard1.3)) (&& (== netstandard1.1) (>= netstandard1.3)) (== netstandard2.0)
      System.Runtime (>= 4.3) - restriction: || (&& (== net20) (>= netstandard1.3)) (&& (== net35) (>= netstandard1.3)) (&& (== net40) (>= netstandard1.3)) (&& (== net45) (>= netstandard1.3)) (&& (== net461) (< net46)) (&& (== net471) (< net46)) (&& (== net472) (< net46)) (&& (== net48) (< net46)) (== net5.0-windows7.0) (== net50) (== netcoreapp2.0) (&& (== netstandard1.0) (>= netstandard1.3)) (&& (== netstandard1.1) (>= netstandard1.3)) (== netstandard2.0)
      System.Runtime.Extensions (>= 4.3) - restriction: || (&& (== net20) (>= netstandard1.3)) (&& (== net35) (>= netstandard1.3)) (&& (== net40) (>= netstandard1.3)) (&& (== net45) (>= netstandard1.3)) (&& (== net461) (< net46)) (&& (== net471) (< net46)) (&& (== net472) (< net46)) (&& (== net48) (< net46)) (== net5.0-windows7.0) (== net50) (== netcoreapp2.0) (&& (== netstandard1.0) (>= netstandard1.3)) (&& (== netstandard1.1) (>= netstandard1.3)) (== netstandard2.0)
      System.Threading (>= 4.3) - restriction: || (&& (== net20) (>= netstandard1.3)) (&& (== net35) (>= netstandard1.3)) (&& (== net40) (>= netstandard1.3)) (&& (== net45) (>= netstandard1.3)) (&& (== net461) (< net46)) (&& (== net471) (< net46)) (&& (== net472) (< net46)) (&& (== net48) (< net46)) (== net5.0-windows7.0) (== net50) (== netcoreapp2.0) (&& (== netstandard1.0) (>= netstandard1.3)) (&& (== netstandard1.1) (>= netstandard1.3)) (== netstandard2.0)
    System.Collections.Specialized (4.3) - restriction: || (&& (== net20) (== net45) (>= netstandard1.3)) (&& (== net20) (== net45) (>= netstandard1.5)) (&& (== net20) (== net461)) (&& (== net20) (== net471)) (&& (== net20) (== net472)) (&& (== net20) (== net48)) (&& (== net20) (>= net45) (>= netstandard1.3)) (&& (== net20) (>= net45) (>= netstandard1.5)) (&& (== net20) (>= netstandard2.0)) (&& (== net40) (< net35) (>= net45) (>= netstandard1.3)) (&& (== net40) (< net35) (>= net45) (>= netstandard1.5)) (&& (== net40) (< net35) (>= netstandard2.0)) (&& (== net45) (== netstandard1.0) (>= netstandard1.3)) (&& (== net45) (== netstandard1.0) (>= netstandard1.5)) (&& (== net45) (== netstandard1.1) (>= netstandard1.3)) (&& (== net45) (== netstandard1.1) (>= netstandard1.5)) (&& (== net45) (< net35) (>= netstandard1.3)) (&& (== net45) (< net35) (>= netstandard1.5)) (&& (== net461) (== netstandard1.0)) (&& (== net461) (== netstandard1.1)) (&& (== net461) (< net35)) (&& (== net471) (== netstandard1.0)) (&& (== net471) (== netstandard1.1)) (&& (== net471) (< net35)) (&& (== net472) (== netstandard1.0)) (&& (== net472) (== netstandard1.1)) (&& (== net472) (< net35)) (&& (== net48) (== netstandard1.0)) (&& (== net48) (== netstandard1.1)) (&& (== net48) (< net35)) (== net5.0-windows7.0) (== net50) (== netcoreapp2.0) (&& (== netstandard1.0) (>= net45) (>= netstandard1.3)) (&& (== netstandard1.0) (>= net45) (>= netstandard1.5)) (&& (== netstandard1.0) (>= netstandard2.0)) (&& (== netstandard1.1) (>= net45) (>= netstandard1.3)) (&& (== netstandard1.1) (>= net45) (>= netstandard1.5)) (&& (== netstandard1.1) (>= netstandard2.0)) (== netstandard2.0)
      System.Collections.NonGeneric (>= 4.3) - restriction: || (&& (== net20) (>= netstandard1.3)) (&& (== net35) (>= netstandard1.3)) (&& (== net40) (>= netstandard1.3)) (&& (== net45) (>= netstandard1.3)) (&& (== net461) (< net46)) (&& (== net471) (< net46)) (&& (== net472) (< net46)) (&& (== net48) (< net46)) (== net5.0-windows7.0) (== net50) (== netcoreapp2.0) (&& (== netstandard1.0) (>= netstandard1.3)) (&& (== netstandard1.1) (>= netstandard1.3)) (== netstandard2.0)
      System.Globalization (>= 4.3) - restriction: || (&& (== net20) (>= netstandard1.3)) (&& (== net35) (>= netstandard1.3)) (&& (== net40) (>= netstandard1.3)) (&& (== net45) (>= netstandard1.3)) (&& (== net461) (< net46)) (&& (== net471) (< net46)) (&& (== net472) (< net46)) (&& (== net48) (< net46)) (== net5.0-windows7.0) (== net50) (== netcoreapp2.0) (&& (== netstandard1.0) (>= netstandard1.3)) (&& (== netstandard1.1) (>= netstandard1.3)) (== netstandard2.0)
      System.Globalization.Extensions (>= 4.3) - restriction: || (&& (== net20) (>= netstandard1.3)) (&& (== net35) (>= netstandard1.3)) (&& (== net40) (>= netstandard1.3)) (&& (== net45) (>= netstandard1.3)) (&& (== net461) (< net46)) (&& (== net471) (< net46)) (&& (== net472) (< net46)) (&& (== net48) (< net46)) (== net5.0-windows7.0) (== net50) (== netcoreapp2.0) (&& (== netstandard1.0) (>= netstandard1.3)) (&& (== netstandard1.1) (>= netstandard1.3)) (== netstandard2.0)
      System.Resources.ResourceManager (>= 4.3) - restriction: || (&& (== net20) (>= netstandard1.3)) (&& (== net35) (>= netstandard1.3)) (&& (== net40) (>= netstandard1.3)) (&& (== net45) (>= netstandard1.3)) (&& (== net461) (< net46)) (&& (== net471) (< net46)) (&& (== net472) (< net46)) (&& (== net48) (< net46)) (== net5.0-windows7.0) (== net50) (== netcoreapp2.0) (&& (== netstandard1.0) (>= netstandard1.3)) (&& (== netstandard1.1) (>= netstandard1.3)) (== netstandard2.0)
      System.Runtime (>= 4.3) - restriction: || (&& (== net20) (>= netstandard1.3)) (&& (== net35) (>= netstandard1.3)) (&& (== net40) (>= netstandard1.3)) (&& (== net45) (>= netstandard1.3)) (&& (== net461) (< net46)) (&& (== net471) (< net46)) (&& (== net472) (< net46)) (&& (== net48) (< net46)) (== net5.0-windows7.0) (== net50) (== netcoreapp2.0) (&& (== netstandard1.0) (>= netstandard1.3)) (&& (== netstandard1.1) (>= netstandard1.3)) (== netstandard2.0)
      System.Runtime.Extensions (>= 4.3) - restriction: || (&& (== net20) (>= netstandard1.3)) (&& (== net35) (>= netstandard1.3)) (&& (== net40) (>= netstandard1.3)) (&& (== net45) (>= netstandard1.3)) (&& (== net461) (< net46)) (&& (== net471) (< net46)) (&& (== net472) (< net46)) (&& (== net48) (< net46)) (== net5.0-windows7.0) (== net50) (== netcoreapp2.0) (&& (== netstandard1.0) (>= netstandard1.3)) (&& (== netstandard1.1) (>= netstandard1.3)) (== netstandard2.0)
      System.Threading (>= 4.3) - restriction: || (&& (== net20) (>= netstandard1.3)) (&& (== net35) (>= netstandard1.3)) (&& (== net40) (>= netstandard1.3)) (&& (== net45) (>= netstandard1.3)) (&& (== net461) (< net46)) (&& (== net471) (< net46)) (&& (== net472) (< net46)) (&& (== net48) (< net46)) (== net5.0-windows7.0) (== net50) (== netcoreapp2.0) (&& (== netstandard1.0) (>= netstandard1.3)) (&& (== netstandard1.1) (>= netstandard1.3)) (== netstandard2.0)
    System.ComponentModel (4.3)
      System.Runtime (>= 4.3) - restriction: || (&& (== net20) (>= netstandard1.0)) (&& (== net20) (>= netstandard1.3)) (&& (== net35) (>= netstandard1.0)) (&& (== net35) (>= netstandard1.3)) (&& (== net40) (>= netstandard1.0)) (&& (== net40) (>= netstandard1.3)) (&& (== net461) (< net45)) (&& (== net471) (< net45)) (&& (== net472) (< net45)) (&& (== net48) (< net45)) (== net5.0-windows7.0) (== net50) (== netcoreapp2.0) (== netstandard1.0) (== netstandard1.1) (== netstandard2.0)
    System.ComponentModel.Composition (5.0)
    System.ComponentModel.Composition.Registration (5.0) - restriction: || (&& (== net20) (>= netcoreapp3.0)) (&& (== net20) (>= netstandard2.1)) (&& (== net35) (>= netcoreapp3.0)) (&& (== net35) (>= netstandard2.1)) (&& (== net40) (>= netcoreapp3.0)) (&& (== net40) (>= netstandard2.1)) (&& (== net45) (>= netcoreapp3.0)) (&& (== net45) (>= netstandard2.1)) (&& (== net461) (>= netcoreapp3.0)) (&& (== net461) (>= netstandard2.1)) (&& (== net471) (>= netcoreapp3.0)) (&& (== net471) (>= netstandard2.1)) (&& (== net472) (>= netcoreapp3.0)) (&& (== net472) (>= netstandard2.1)) (&& (== net48) (>= netcoreapp3.0)) (&& (== net48) (>= netstandard2.1)) (== net5.0-windows7.0) (== net50) (&& (== netcoreapp2.0) (>= netcoreapp3.0)) (&& (== netstandard1.0) (>= netcoreapp3.0)) (&& (== netstandard1.0) (>= netstandard2.1)) (&& (== netstandard1.1) (>= netcoreapp3.0)) (&& (== netstandard1.1) (>= netstandard2.1)) (&& (== netstandard2.0) (>= netcoreapp3.0)) (&& (== netstandard2.0) (>= netstandard2.1))
      System.ComponentModel.Composition (>= 5.0) - restriction: || (&& (== net20) (>= netstandard2.1)) (&& (== net35) (>= netstandard2.1)) (&& (== net40) (>= netstandard2.1)) (&& (== net45) (>= netstandard2.1)) (&& (== net461) (>= netstandard2.1)) (&& (== net471) (>= netstandard2.1)) (&& (== net472) (>= netstandard2.1)) (&& (== net48) (>= netstandard2.1)) (== net5.0-windows7.0) (== net50) (&& (== netcoreapp2.0) (>= netstandard2.1)) (&& (== netstandard1.0) (>= netstandard2.1)) (&& (== netstandard1.1) (>= netstandard2.1)) (&& (== netstandard2.0) (>= netstandard2.1))
      System.Reflection.Context (>= 5.0) - restriction: || (&& (== net20) (>= monoandroid)) (&& (== net20) (>= monotouch)) (&& (== net20) (>= netstandard2.1)) (&& (== net20) (>= xamarinios)) (&& (== net20) (>= xamarinmac)) (&& (== net20) (>= xamarintvos)) (&& (== net20) (>= xamarinwatchos)) (&& (== net35) (>= monoandroid)) (&& (== net35) (>= monotouch)) (&& (== net35) (>= netstandard2.1)) (&& (== net35) (>= xamarinios)) (&& (== net35) (>= xamarinmac)) (&& (== net35) (>= xamarintvos)) (&& (== net35) (>= xamarinwatchos)) (&& (== net40) (>= monoandroid)) (&& (== net40) (>= monotouch)) (&& (== net40) (>= netstandard2.1)) (&& (== net40) (>= xamarinios)) (&& (== net40) (>= xamarinmac)) (&& (== net40) (>= xamarintvos)) (&& (== net40) (>= xamarinwatchos)) (&& (== net45) (>= monoandroid)) (&& (== net45) (>= monotouch)) (&& (== net45) (>= netstandard2.1)) (&& (== net45) (>= xamarinios)) (&& (== net45) (>= xamarinmac)) (&& (== net45) (>= xamarintvos)) (&& (== net45) (>= xamarinwatchos)) (&& (== net461) (>= monoandroid)) (&& (== net461) (>= monotouch)) (&& (== net461) (>= netstandard2.1)) (&& (== net461) (>= xamarinios)) (&& (== net461) (>= xamarinmac)) (&& (== net461) (>= xamarintvos)) (&& (== net461) (>= xamarinwatchos)) (&& (== net471) (>= monoandroid)) (&& (== net471) (>= monotouch)) (&& (== net471) (>= netstandard2.1)) (&& (== net471) (>= xamarinios)) (&& (== net471) (>= xamarinmac)) (&& (== net471) (>= xamarintvos)) (&& (== net471) (>= xamarinwatchos)) (&& (== net472) (>= monoandroid)) (&& (== net472) (>= monotouch)) (&& (== net472) (>= netstandard2.1)) (&& (== net472) (>= xamarinios)) (&& (== net472) (>= xamarinmac)) (&& (== net472) (>= xamarintvos)) (&& (== net472) (>= xamarinwatchos)) (&& (== net48) (>= monoandroid)) (&& (== net48) (>= monotouch)) (&& (== net48) (>= netstandard2.1)) (&& (== net48) (>= xamarinios)) (&& (== net48) (>= xamarinmac)) (&& (== net48) (>= xamarintvos)) (&& (== net48) (>= xamarinwatchos)) (== net5.0-windows7.0) (== net50) (&& (== netcoreapp2.0) (>= monoandroid)) (&& (== netcoreapp2.0) (>= monotouch)) (&& (== netcoreapp2.0) (>= netstandard2.1)) (&& (== netcoreapp2.0) (>= xamarinios)) (&& (== netcoreapp2.0) (>= xamarinmac)) (&& (== netcoreapp2.0) (>= xamarintvos)) (&& (== netcoreapp2.0) (>= xamarinwatchos)) (&& (== netstandard1.0) (>= monoandroid)) (&& (== netstandard1.0) (>= monotouch)) (&& (== netstandard1.0) (>= netstandard2.1)) (&& (== netstandard1.0) (>= xamarinios)) (&& (== netstandard1.0) (>= xamarinmac)) (&& (== netstandard1.0) (>= xamarintvos)) (&& (== netstandard1.0) (>= xamarinwatchos)) (&& (== netstandard1.1) (>= monoandroid)) (&& (== netstandard1.1) (>= monotouch)) (&& (== netstandard1.1) (>= netstandard2.1)) (&& (== netstandard1.1) (>= xamarinios)) (&& (== netstandard1.1) (>= xamarinmac)) (&& (== netstandard1.1) (>= xamarintvos)) (&& (== netstandard1.1) (>= xamarinwatchos)) (&& (== netstandard2.0) (>= monoandroid)) (&& (== netstandard2.0) (>= monotouch)) (&& (== netstandard2.0) (>= netstandard2.1)) (&& (== netstandard2.0) (>= xamarinios)) (&& (== netstandard2.0) (>= xamarinmac)) (&& (== netstandard2.0) (>= xamarintvos)) (&& (== netstandard2.0) (>= xamarinwatchos))
    System.ComponentModel.Primitives (4.3) - restriction: || (&& (== net20) (== net45) (>= netstandard1.3)) (&& (== net20) (== net45) (>= netstandard1.5)) (&& (== net20) (== net461)) (&& (== net20) (== net471)) (&& (== net20) (== net472)) (&& (== net20) (== net48)) (&& (== net20) (>= net45) (>= netstandard1.3)) (&& (== net20) (>= net45) (>= netstandard1.5)) (&& (== net20) (>= net462)) (&& (== net20) (>= netstandard2.0)) (&& (== net35) (== net45) (>= netstandard1.3) (>= win8)) (&& (== net35) (== net45) (>= netstandard1.5) (>= win8)) (&& (== net35) (== net461) (>= win8)) (&& (== net35) (== net471) (>= win8)) (&& (== net35) (== net472) (>= win8)) (&& (== net35) (== net48) (>= win8)) (&& (== net40) (== net45) (>= netstandard1.3) (>= win8)) (&& (== net40) (== net45) (>= netstandard1.5) (>= win8)) (&& (== net40) (== net461) (>= win8)) (&& (== net40) (== net471) (>= win8)) (&& (== net40) (== net472) (>= win8)) (&& (== net40) (== net48) (>= win8)) (&& (== net40) (< net35) (>= net45) (>= netstandard1.3)) (&& (== net40) (< net35) (>= net45) (>= netstandard1.5)) (&& (== net40) (< net35) (>= net462)) (&& (== net40) (< net35) (>= netstandard2.0)) (&& (== net40) (>= net45) (>= netstandard1.3) (>= win8)) (&& (== net40) (>= net45) (>= netstandard1.3) (>= wp8)) (&& (== net40) (>= net45) (>= netstandard1.3) (>= wpa81)) (&& (== net40) (>= net45) (>= netstandard1.5) (>= win8)) (&& (== net40) (>= net45) (>= netstandard1.5) (>= wp8)) (&& (== net40) (>= net45) (>= netstandard1.5) (>= wpa81)) (&& (== net40) (>= netstandard2.0) (>= win8)) (&& (== net40) (>= netstandard2.0) (>= wp8)) (&& (== net40) (>= netstandard2.0) (>= wpa81)) (&& (== net45) (== netstandard1.0) (>= netstandard1.3)) (&& (== net45) (== netstandard1.0) (>= netstandard1.5)) (&& (== net45) (== netstandard1.1) (>= netstandard1.3)) (&& (== net45) (== netstandard1.1) (>= netstandard1.5)) (&& (== net45) (< net35) (>= net462)) (&& (== net45) (< net35) (>= netstandard1.3)) (&& (== net45) (< net35) (>= netstandard1.5)) (&& (== net45) (< netstandard1.0) (>= netstandard1.3) (>= win8)) (&& (== net45) (< netstandard1.0) (>= netstandard1.5) (>= win8)) (&& (== net45) (>= netstandard1.3) (>= wp8)) (&& (== net45) (>= netstandard1.3) (>= wpa81)) (&& (== net45) (>= netstandard1.5) (>= wp8)) (&& (== net45) (>= netstandard1.5) (>= wpa81)) (&& (== net461) (== netstandard1.0)) (&& (== net461) (== netstandard1.1)) (&& (== net461) (< net35)) (&& (== net461) (< netstandard1.0) (>= win8)) (&& (== net461) (>= wp8)) (&& (== net461) (>= wpa81)) (&& (== net471) (== netstandard1.0)) (&& (== net471) (== netstandard1.1)) (&& (== net471) (< net35)) (&& (== net471) (< netstandard1.0) (>= win8)) (&& (== net471) (>= wp8)) (&& (== net471) (>= wpa81)) (&& (== net472) (== netstandard1.0)) (&& (== net472) (== netstandard1.1)) (&& (== net472) (< net35)) (&& (== net472) (< netstandard1.0) (>= win8)) (&& (== net472) (>= wp8)) (&& (== net472) (>= wpa81)) (&& (== net48) (== netstandard1.0)) (&& (== net48) (== netstandard1.1)) (&& (== net48) (< net35)) (&& (== net48) (< netstandard1.0) (>= win8)) (&& (== net48) (>= wp8)) (&& (== net48) (>= wpa81)) (== net5.0-windows7.0) (== net50) (== netcoreapp2.0) (&& (== netstandard1.0) (>= net45) (>= netstandard1.3)) (&& (== netstandard1.0) (>= net45) (>= netstandard1.5)) (&& (== netstandard1.0) (>= net462)) (&& (== netstandard1.0) (>= netstandard2.0)) (&& (== netstandard1.1) (>= net45) (>= netstandard1.3)) (&& (== netstandard1.1) (>= net45) (>= netstandard1.5)) (&& (== netstandard1.1) (>= net462)) (&& (== netstandard1.1) (>= netstandard2.0)) (== netstandard2.0)
      System.ComponentModel (>= 4.3) - restriction: || (&& (== net20) (>= netstandard1.0)) (&& (== net35) (>= netstandard1.0)) (&& (== net40) (>= netstandard1.0)) (&& (== net461) (< net45)) (&& (== net471) (< net45)) (&& (== net472) (< net45)) (&& (== net48) (< net45)) (== net5.0-windows7.0) (== net50) (== netcoreapp2.0) (== netstandard1.0) (== netstandard1.1) (== netstandard2.0)
      System.Resources.ResourceManager (>= 4.3) - restriction: || (&& (== net20) (>= netstandard1.0)) (&& (== net35) (>= netstandard1.0)) (&& (== net40) (>= netstandard1.0)) (&& (== net461) (< net45)) (&& (== net471) (< net45)) (&& (== net472) (< net45)) (&& (== net48) (< net45)) (== net5.0-windows7.0) (== net50) (== netcoreapp2.0) (== netstandard1.0) (== netstandard1.1) (== netstandard2.0)
      System.Runtime (>= 4.3) - restriction: || (&& (== net20) (>= netstandard1.0)) (&& (== net35) (>= netstandard1.0)) (&& (== net40) (>= netstandard1.0)) (&& (== net461) (< net45)) (&& (== net471) (< net45)) (&& (== net472) (< net45)) (&& (== net48) (< net45)) (== net5.0-windows7.0) (== net50) (== netcoreapp2.0) (== netstandard1.0) (== netstandard1.1) (== netstandard2.0)
    System.ComponentModel.TypeConverter (4.3) - restriction: || (&& (== net20) (== net45) (>= netstandard1.3)) (&& (== net20) (== net45) (>= netstandard1.5)) (&& (== net20) (== net461)) (&& (== net20) (== net471)) (&& (== net20) (== net472)) (&& (== net20) (== net48)) (&& (== net20) (>= net45) (>= netstandard1.3)) (&& (== net20) (>= net45) (>= netstandard1.5)) (&& (== net20) (>= netstandard2.0)) (&& (== net40) (< net35) (>= net45) (>= netstandard1.3)) (&& (== net40) (< net35) (>= net45) (>= netstandard1.5)) (&& (== net40) (< net35) (>= netstandard2.0)) (&& (== net45) (== netstandard1.0) (>= netstandard1.3)) (&& (== net45) (== netstandard1.0) (>= netstandard1.5)) (&& (== net45) (== netstandard1.1) (>= netstandard1.3)) (&& (== net45) (== netstandard1.1) (>= netstandard1.5)) (&& (== net45) (< net35) (>= netstandard1.3)) (&& (== net45) (< net35) (>= netstandard1.5)) (&& (== net461) (== netstandard1.0)) (&& (== net461) (== netstandard1.1)) (&& (== net461) (< net35)) (&& (== net471) (== netstandard1.0)) (&& (== net471) (== netstandard1.1)) (&& (== net471) (< net35)) (&& (== net472) (== netstandard1.0)) (&& (== net472) (== netstandard1.1)) (&& (== net472) (< net35)) (&& (== net48) (== netstandard1.0)) (&& (== net48) (== netstandard1.1)) (&& (== net48) (< net35)) (== net5.0-windows7.0) (== net50) (== netcoreapp2.0) (&& (== netstandard1.0) (>= net45) (>= netstandard1.3)) (&& (== netstandard1.0) (>= net45) (>= netstandard1.5)) (&& (== netstandard1.0) (>= netstandard2.0)) (&& (== netstandard1.1) (>= net45) (>= netstandard1.3)) (&& (== netstandard1.1) (>= net45) (>= netstandard1.5)) (&& (== netstandard1.1) (>= netstandard2.0)) (== netstandard2.0)
      System.Collections (>= 4.3) - restriction: || (&& (== net20) (>= netstandard1.0)) (&& (== net20) (>= netstandard1.5)) (&& (== net35) (>= netstandard1.0)) (&& (== net35) (>= netstandard1.5)) (&& (== net40) (>= netstandard1.0)) (&& (== net40) (>= netstandard1.5)) (&& (== net461) (< net45)) (&& (== net471) (< net45)) (&& (== net472) (< net45)) (&& (== net48) (< net45)) (== net5.0-windows7.0) (== net50) (== netcoreapp2.0) (== netstandard1.0) (== netstandard1.1) (== netstandard2.0)
      System.Collections.NonGeneric (>= 4.3) - restriction: || (&& (== net20) (>= net462)) (&& (== net20) (>= netstandard1.5)) (&& (== net35) (>= net462)) (&& (== net35) (>= netstandard1.5)) (&& (== net40) (>= net462)) (&& (== net40) (>= netstandard1.5)) (&& (== net45) (>= net462)) (&& (== net461) (< net45) (>= netstandard1.5)) (&& (== net461) (>= net462)) (== net471) (== net472) (== net48) (== net5.0-windows7.0) (== net50) (== netcoreapp2.0) (&& (== netstandard1.0) (>= net462)) (&& (== netstandard1.0) (>= netstandard1.5)) (&& (== netstandard1.1) (>= net462)) (&& (== netstandard1.1) (>= netstandard1.5)) (== netstandard2.0)
      System.Collections.Specialized (>= 4.3) - restriction: || (&& (== net20) (>= netstandard1.5)) (&& (== net35) (>= netstandard1.5)) (&& (== net40) (>= netstandard1.5)) (&& (== net461) (< net45) (>= netstandard1.5)) (&& (== net471) (< net45)) (&& (== net472) (< net45)) (&& (== net48) (< net45)) (== net5.0-windows7.0) (== net50) (== netcoreapp2.0) (&& (== netstandard1.0) (>= netstandard1.5)) (&& (== netstandard1.1) (>= netstandard1.5)) (== netstandard2.0)
      System.ComponentModel (>= 4.3) - restriction: || (&& (== net20) (>= netstandard1.0)) (&& (== net20) (>= netstandard1.5)) (&& (== net35) (>= netstandard1.0)) (&& (== net35) (>= netstandard1.5)) (&& (== net40) (>= netstandard1.0)) (&& (== net40) (>= netstandard1.5)) (&& (== net461) (< net45)) (&& (== net471) (< net45)) (&& (== net472) (< net45)) (&& (== net48) (< net45)) (== net5.0-windows7.0) (== net50) (== netcoreapp2.0) (== netstandard1.0) (== netstandard1.1) (== netstandard2.0)
      System.ComponentModel.Primitives (>= 4.3) - restriction: || (&& (== net20) (>= net45)) (&& (== net20) (>= net462)) (&& (== net20) (>= netstandard1.0)) (&& (== net20) (>= netstandard1.5)) (&& (== net20) (>= win8)) (&& (== net20) (>= wp8)) (&& (== net20) (>= wpa81)) (&& (== net35) (>= net45)) (&& (== net35) (>= net462)) (&& (== net35) (>= netstandard1.0)) (&& (== net35) (>= netstandard1.5)) (&& (== net35) (>= win8)) (&& (== net35) (>= wp8)) (&& (== net35) (>= wpa81)) (&& (== net40) (>= net45)) (&& (== net40) (>= net462)) (&& (== net40) (>= netstandard1.0)) (&& (== net40) (>= netstandard1.5)) (&& (== net40) (>= win8)) (&& (== net40) (>= wp8)) (&& (== net40) (>= wpa81)) (== net45) (== net461) (== net471) (== net472) (== net48) (== net5.0-windows7.0) (== net50) (== netcoreapp2.0) (== netstandard1.0) (== netstandard1.1) (== netstandard2.0)
      System.Globalization (>= 4.3) - restriction: || (&& (== net20) (>= netstandard1.0)) (&& (== net20) (>= netstandard1.5)) (&& (== net35) (>= netstandard1.0)) (&& (== net35) (>= netstandard1.5)) (&& (== net40) (>= netstandard1.0)) (&& (== net40) (>= netstandard1.5)) (&& (== net461) (< net45)) (&& (== net471) (< net45)) (&& (== net472) (< net45)) (&& (== net48) (< net45)) (== net5.0-windows7.0) (== net50) (== netcoreapp2.0) (== netstandard1.0) (== netstandard1.1) (== netstandard2.0)
      System.Linq (>= 4.3) - restriction: || (&& (== net20) (>= netstandard1.5)) (&& (== net35) (>= netstandard1.5)) (&& (== net40) (>= netstandard1.5)) (&& (== net461) (< net45) (>= netstandard1.5)) (&& (== net471) (< net45)) (&& (== net472) (< net45)) (&& (== net48) (< net45)) (== net5.0-windows7.0) (== net50) (== netcoreapp2.0) (&& (== netstandard1.0) (>= netstandard1.5)) (&& (== netstandard1.1) (>= netstandard1.5)) (== netstandard2.0)
      System.Reflection (>= 4.3) - restriction: || (&& (== net20) (>= netstandard1.0)) (&& (== net20) (>= netstandard1.5)) (&& (== net35) (>= netstandard1.0)) (&& (== net35) (>= netstandard1.5)) (&& (== net40) (>= netstandard1.0)) (&& (== net40) (>= netstandard1.5)) (&& (== net461) (< net45)) (&& (== net471) (< net45)) (&& (== net472) (< net45)) (&& (== net48) (< net45)) (== net5.0-windows7.0) (== net50) (== netcoreapp2.0) (== netstandard1.0) (== netstandard1.1) (== netstandard2.0)
      System.Reflection.Extensions (>= 4.3) - restriction: || (&& (== net20) (>= netstandard1.0)) (&& (== net20) (>= netstandard1.5)) (&& (== net35) (>= netstandard1.0)) (&& (== net35) (>= netstandard1.5)) (&& (== net40) (>= netstandard1.0)) (&& (== net40) (>= netstandard1.5)) (&& (== net461) (< net45)) (&& (== net471) (< net45)) (&& (== net472) (< net45)) (&& (== net48) (< net45)) (== net5.0-windows7.0) (== net50) (== netcoreapp2.0) (== netstandard1.0) (== netstandard1.1) (== netstandard2.0)
      System.Reflection.Primitives (>= 4.3) - restriction: || (&& (== net20) (>= netstandard1.0)) (&& (== net20) (>= netstandard1.5)) (&& (== net35) (>= netstandard1.0)) (&& (== net35) (>= netstandard1.5)) (&& (== net40) (>= netstandard1.0)) (&& (== net40) (>= netstandard1.5)) (&& (== net461) (< net45)) (&& (== net471) (< net45)) (&& (== net472) (< net45)) (&& (== net48) (< net45)) (== net5.0-windows7.0) (== net50) (== netcoreapp2.0) (== netstandard1.0) (== netstandard1.1) (== netstandard2.0)
      System.Reflection.TypeExtensions (>= 4.3) - restriction: || (&& (== net20) (>= netstandard1.5)) (&& (== net35) (>= netstandard1.5)) (&& (== net40) (>= netstandard1.5)) (&& (== net461) (< net45) (>= netstandard1.5)) (&& (== net471) (< net45)) (&& (== net472) (< net45)) (&& (== net48) (< net45)) (== net5.0-windows7.0) (== net50) (== netcoreapp2.0) (&& (== netstandard1.0) (>= netstandard1.5)) (&& (== netstandard1.1) (>= netstandard1.5)) (== netstandard2.0)
      System.Resources.ResourceManager (>= 4.3) - restriction: || (&& (== net20) (>= netstandard1.0)) (&& (== net20) (>= netstandard1.5)) (&& (== net35) (>= netstandard1.0)) (&& (== net35) (>= netstandard1.5)) (&& (== net40) (>= netstandard1.0)) (&& (== net40) (>= netstandard1.5)) (&& (== net461) (< net45)) (&& (== net471) (< net45)) (&& (== net472) (< net45)) (&& (== net48) (< net45)) (== net5.0-windows7.0) (== net50) (== netcoreapp2.0) (== netstandard1.0) (== netstandard1.1) (== netstandard2.0)
      System.Runtime (>= 4.3) - restriction: || (&& (== net20) (>= netstandard1.0)) (&& (== net20) (>= netstandard1.5)) (&& (== net35) (>= netstandard1.0)) (&& (== net35) (>= netstandard1.5)) (&& (== net40) (>= netstandard1.0)) (&& (== net40) (>= netstandard1.5)) (&& (== net461) (< net45)) (&& (== net471) (< net45)) (&& (== net472) (< net45)) (&& (== net48) (< net45)) (== net5.0-windows7.0) (== net50) (== netcoreapp2.0) (== netstandard1.0) (== netstandard1.1) (== netstandard2.0)
      System.Runtime.Extensions (>= 4.3) - restriction: || (&& (== net20) (>= netstandard1.0)) (&& (== net20) (>= netstandard1.5)) (&& (== net35) (>= netstandard1.0)) (&& (== net35) (>= netstandard1.5)) (&& (== net40) (>= netstandard1.0)) (&& (== net40) (>= netstandard1.5)) (&& (== net461) (< net45)) (&& (== net471) (< net45)) (&& (== net472) (< net45)) (&& (== net48) (< net45)) (== net5.0-windows7.0) (== net50) (== netcoreapp2.0) (== netstandard1.0) (== netstandard1.1) (== netstandard2.0)
      System.Threading (>= 4.3) - restriction: || (&& (== net20) (>= netstandard1.0)) (&& (== net20) (>= netstandard1.5)) (&& (== net35) (>= netstandard1.0)) (&& (== net35) (>= netstandard1.5)) (&& (== net40) (>= netstandard1.0)) (&& (== net40) (>= netstandard1.5)) (&& (== net461) (< net45)) (&& (== net471) (< net45)) (&& (== net472) (< net45)) (&& (== net48) (< net45)) (== net5.0-windows7.0) (== net50) (== netcoreapp2.0) (== netstandard1.0) (== netstandard1.1) (== netstandard2.0)
    System.Configuration.ConfigurationManager (5.0) - restriction: || (&& (== net20) (== net471)) (&& (== net20) (== net472)) (&& (== net20) (== net48)) (&& (== net20) (>= netcoreapp2.0)) (&& (== net20) (>= netcoreapp2.1)) (&& (== net20) (>= netcoreapp3.0)) (&& (== net20) (>= netstandard2.0)) (&& (== net20) (>= netstandard2.1)) (&& (== net35) (== net471)) (&& (== net35) (== net472)) (&& (== net35) (== net48)) (&& (== net35) (>= netcoreapp2.0)) (&& (== net35) (>= netcoreapp2.1)) (&& (== net35) (>= netcoreapp3.0)) (&& (== net35) (>= netstandard2.0)) (&& (== net35) (>= netstandard2.1)) (&& (== net40) (== net471)) (&& (== net40) (== net472)) (&& (== net40) (== net48)) (&& (== net40) (>= netcoreapp2.0)) (&& (== net40) (>= netcoreapp2.1)) (&& (== net40) (>= netcoreapp3.0)) (&& (== net40) (>= netstandard2.0)) (&& (== net40) (>= netstandard2.1)) (&& (== net45) (== net471)) (&& (== net45) (== net472)) (&& (== net45) (== net48)) (&& (== net45) (>= netcoreapp2.0)) (&& (== net45) (>= netcoreapp2.1)) (&& (== net45) (>= netcoreapp3.0)) (&& (== net45) (>= netstandard2.0)) (&& (== net45) (>= netstandard2.1)) (&& (== net461) (>= netcoreapp3.0)) (&& (== net461) (>= netstandard2.1)) (&& (== net471) (== netstandard1.0)) (&& (== net471) (== netstandard1.1)) (&& (== net471) (< net461)) (&& (== net471) (>= netcoreapp2.0)) (&& (== net471) (>= netcoreapp2.1)) (&& (== net471) (>= netcoreapp3.0)) (&& (== net471) (>= netstandard2.1)) (&& (== net472) (== netstandard1.0)) (&& (== net472) (== netstandard1.1)) (&& (== net472) (< net461)) (&& (== net472) (>= netcoreapp2.0)) (&& (== net472) (>= netcoreapp2.1)) (&& (== net472) (>= netcoreapp3.0)) (&& (== net472) (>= netstandard2.1)) (&& (== net48) (== netstandard1.0)) (&& (== net48) (== netstandard1.1)) (&& (== net48) (< net461)) (&& (== net48) (>= netcoreapp2.0)) (&& (== net48) (>= netcoreapp2.1)) (&& (== net48) (>= netcoreapp3.0)) (&& (== net48) (>= netstandard2.1)) (== net5.0-windows7.0) (== net50) (== netcoreapp2.0) (&& (== netstandard1.0) (>= netcoreapp2.0)) (&& (== netstandard1.0) (>= netcoreapp2.1)) (&& (== netstandard1.0) (>= netcoreapp3.0)) (&& (== netstandard1.0) (>= netstandard2.0)) (&& (== netstandard1.0) (>= netstandard2.1)) (&& (== netstandard1.1) (>= netcoreapp2.0)) (&& (== netstandard1.1) (>= netcoreapp2.1)) (&& (== netstandard1.1) (>= netcoreapp3.0)) (&& (== netstandard1.1) (>= netstandard2.0)) (&& (== netstandard1.1) (>= netstandard2.1)) (== netstandard2.0)
      System.Security.Cryptography.ProtectedData (>= 5.0) - restriction: || (&& (== net20) (>= netstandard2.0)) (&& (== net35) (>= netstandard2.0)) (&& (== net40) (>= netstandard2.0)) (&& (== net45) (>= netstandard2.0)) (&& (== net471) (< net461)) (&& (== net472) (< net461)) (&& (== net48) (< net461)) (== net5.0-windows7.0) (== net50) (== netcoreapp2.0) (&& (== netstandard1.0) (>= netstandard2.0)) (&& (== netstandard1.1) (>= netstandard2.0)) (== netstandard2.0)
      System.Security.Permissions (>= 5.0) - restriction: || (&& (== net20) (>= monoandroid)) (&& (== net20) (>= monotouch)) (&& (== net20) (>= net461)) (&& (== net20) (>= netstandard2.0)) (&& (== net20) (>= xamarintvos)) (&& (== net20) (>= xamarinwatchos)) (&& (== net35) (>= monoandroid)) (&& (== net35) (>= monotouch)) (&& (== net35) (>= net461)) (&& (== net35) (>= netstandard2.0)) (&& (== net35) (>= xamarintvos)) (&& (== net35) (>= xamarinwatchos)) (&& (== net40) (>= monoandroid)) (&& (== net40) (>= monotouch)) (&& (== net40) (>= net461)) (&& (== net40) (>= netstandard2.0)) (&& (== net40) (>= xamarintvos)) (&& (== net40) (>= xamarinwatchos)) (&& (== net45) (>= monoandroid)) (&& (== net45) (>= monotouch)) (&& (== net45) (>= net461)) (&& (== net45) (>= netstandard2.0)) (&& (== net45) (>= xamarintvos)) (&& (== net45) (>= xamarinwatchos)) (== net461) (== net471) (== net472) (== net48) (== net5.0-windows7.0) (== net50) (== netcoreapp2.0) (&& (== netstandard1.0) (>= monoandroid)) (&& (== netstandard1.0) (>= monotouch)) (&& (== netstandard1.0) (>= net461)) (&& (== netstandard1.0) (>= netstandard2.0)) (&& (== netstandard1.0) (>= xamarintvos)) (&& (== netstandard1.0) (>= xamarinwatchos)) (&& (== netstandard1.1) (>= monoandroid)) (&& (== netstandard1.1) (>= monotouch)) (&& (== netstandard1.1) (>= net461)) (&& (== netstandard1.1) (>= netstandard2.0)) (&& (== netstandard1.1) (>= xamarintvos)) (&& (== netstandard1.1) (>= xamarinwatchos)) (== netstandard2.0)
    System.Console (4.3.1)
      Microsoft.NETCore.Platforms (>= 1.1) - restriction: || (&& (== net20) (>= netstandard1.3)) (&& (== net35) (>= netstandard1.3)) (&& (== net40) (>= netstandard1.3)) (&& (== net45) (>= netstandard1.3)) (&& (== net461) (< net46)) (&& (== net471) (< net46)) (&& (== net472) (< net46)) (&& (== net48) (< net46)) (== net5.0-windows7.0) (== net50) (== netcoreapp2.0) (&& (== netstandard1.0) (>= netstandard1.3)) (&& (== netstandard1.1) (>= netstandard1.3)) (== netstandard2.0)
      Microsoft.NETCore.Targets (>= 1.1.2) - restriction: || (&& (== net20) (>= netstandard1.3)) (&& (== net35) (>= netstandard1.3)) (&& (== net40) (>= netstandard1.3)) (&& (== net45) (>= netstandard1.3)) (&& (== net461) (< net46)) (&& (== net471) (< net46)) (&& (== net472) (< net46)) (&& (== net48) (< net46)) (== net5.0-windows7.0) (== net50) (== netcoreapp2.0) (&& (== netstandard1.0) (>= netstandard1.3)) (&& (== netstandard1.1) (>= netstandard1.3)) (== netstandard2.0)
      System.IO (>= 4.3) - restriction: || (&& (== net20) (>= netstandard1.3)) (&& (== net35) (>= netstandard1.3)) (&& (== net40) (>= netstandard1.3)) (&& (== net45) (>= netstandard1.3)) (&& (== net461) (< net46)) (&& (== net471) (< net46)) (&& (== net472) (< net46)) (&& (== net48) (< net46)) (== net5.0-windows7.0) (== net50) (== netcoreapp2.0) (&& (== netstandard1.0) (>= netstandard1.3)) (&& (== netstandard1.1) (>= netstandard1.3)) (== netstandard2.0)
      System.Runtime (>= 4.3) - restriction: || (&& (== net20) (>= netstandard1.3)) (&& (== net35) (>= netstandard1.3)) (&& (== net40) (>= netstandard1.3)) (&& (== net45) (>= netstandard1.3)) (&& (== net461) (< net46)) (&& (== net471) (< net46)) (&& (== net472) (< net46)) (&& (== net48) (< net46)) (== net5.0-windows7.0) (== net50) (== netcoreapp2.0) (&& (== netstandard1.0) (>= netstandard1.3)) (&& (== netstandard1.1) (>= netstandard1.3)) (== netstandard2.0)
      System.Text.Encoding (>= 4.3) - restriction: || (&& (== net20) (>= netstandard1.3)) (&& (== net35) (>= netstandard1.3)) (&& (== net40) (>= netstandard1.3)) (&& (== net45) (>= netstandard1.3)) (&& (== net461) (< net46)) (&& (== net471) (< net46)) (&& (== net472) (< net46)) (&& (== net48) (< net46)) (== net5.0-windows7.0) (== net50) (== netcoreapp2.0) (&& (== netstandard1.0) (>= netstandard1.3)) (&& (== netstandard1.1) (>= netstandard1.3)) (== netstandard2.0)
    System.Data.DataSetExtensions (4.5) - restriction: || (&& (== net20) (== net471)) (&& (== net20) (== net472)) (&& (== net20) (== net48)) (&& (== net20) (>= netcoreapp2.0)) (&& (== net20) (>= netcoreapp2.1)) (&& (== net20) (>= netcoreapp3.0)) (&& (== net20) (>= netstandard2.0)) (&& (== net20) (>= netstandard2.1)) (&& (== net35) (== net471)) (&& (== net35) (== net472)) (&& (== net35) (== net48)) (&& (== net35) (>= netcoreapp2.0)) (&& (== net35) (>= netcoreapp2.1)) (&& (== net35) (>= netcoreapp3.0)) (&& (== net35) (>= netstandard2.0)) (&& (== net35) (>= netstandard2.1)) (&& (== net40) (== net471)) (&& (== net40) (== net472)) (&& (== net40) (== net48)) (&& (== net40) (>= netcoreapp2.0)) (&& (== net40) (>= netcoreapp2.1)) (&& (== net40) (>= netcoreapp3.0)) (&& (== net40) (>= netstandard2.0)) (&& (== net40) (>= netstandard2.1)) (&& (== net45) (== net471)) (&& (== net45) (== net472)) (&& (== net45) (== net48)) (&& (== net45) (>= netcoreapp2.0)) (&& (== net45) (>= netcoreapp2.1)) (&& (== net45) (>= netcoreapp3.0)) (&& (== net45) (>= netstandard2.0)) (&& (== net45) (>= netstandard2.1)) (&& (== net461) (>= netcoreapp3.0)) (&& (== net461) (>= netstandard2.1)) (&& (== net471) (== netstandard1.0)) (&& (== net471) (== netstandard1.1)) (&& (== net471) (< net461)) (&& (== net471) (>= netcoreapp2.0)) (&& (== net471) (>= netcoreapp2.1)) (&& (== net471) (>= netcoreapp3.0)) (&& (== net471) (>= netstandard2.1)) (&& (== net472) (== netstandard1.0)) (&& (== net472) (== netstandard1.1)) (&& (== net472) (< net461)) (&& (== net472) (>= netcoreapp2.0)) (&& (== net472) (>= netcoreapp2.1)) (&& (== net472) (>= netcoreapp3.0)) (&& (== net472) (>= netstandard2.1)) (&& (== net48) (== netstandard1.0)) (&& (== net48) (== netstandard1.1)) (&& (== net48) (< net461)) (&& (== net48) (>= netcoreapp2.0)) (&& (== net48) (>= netcoreapp2.1)) (&& (== net48) (>= netcoreapp3.0)) (&& (== net48) (>= netstandard2.1)) (== net5.0-windows7.0) (== net50) (== netcoreapp2.0) (&& (== netstandard1.0) (>= netcoreapp2.0)) (&& (== netstandard1.0) (>= netcoreapp2.1)) (&& (== netstandard1.0) (>= netcoreapp3.0)) (&& (== netstandard1.0) (>= netstandard2.0)) (&& (== netstandard1.0) (>= netstandard2.1)) (&& (== netstandard1.1) (>= netcoreapp2.0)) (&& (== netstandard1.1) (>= netcoreapp2.1)) (&& (== netstandard1.1) (>= netcoreapp3.0)) (&& (== netstandard1.1) (>= netstandard2.0)) (&& (== netstandard1.1) (>= netstandard2.1)) (== netstandard2.0)
    System.Data.Odbc (5.0) - restriction: || (&& (== net20) (== net471)) (&& (== net20) (== net472)) (&& (== net20) (== net48)) (&& (== net20) (>= netcoreapp2.0)) (&& (== net20) (>= netcoreapp2.1)) (&& (== net20) (>= netcoreapp3.0)) (&& (== net20) (>= netstandard2.0)) (&& (== net20) (>= netstandard2.1)) (&& (== net35) (== net471)) (&& (== net35) (== net472)) (&& (== net35) (== net48)) (&& (== net35) (>= netcoreapp2.0)) (&& (== net35) (>= netcoreapp2.1)) (&& (== net35) (>= netcoreapp3.0)) (&& (== net35) (>= netstandard2.0)) (&& (== net35) (>= netstandard2.1)) (&& (== net40) (== net471)) (&& (== net40) (== net472)) (&& (== net40) (== net48)) (&& (== net40) (>= netcoreapp2.0)) (&& (== net40) (>= netcoreapp2.1)) (&& (== net40) (>= netcoreapp3.0)) (&& (== net40) (>= netstandard2.0)) (&& (== net40) (>= netstandard2.1)) (&& (== net45) (== net471)) (&& (== net45) (== net472)) (&& (== net45) (== net48)) (&& (== net45) (>= netcoreapp2.0)) (&& (== net45) (>= netcoreapp2.1)) (&& (== net45) (>= netcoreapp3.0)) (&& (== net45) (>= netstandard2.0)) (&& (== net45) (>= netstandard2.1)) (&& (== net461) (>= netcoreapp3.0)) (&& (== net461) (>= netstandard2.1)) (&& (== net471) (== netstandard1.0)) (&& (== net471) (== netstandard1.1)) (&& (== net471) (< net461)) (&& (== net471) (>= netcoreapp2.0)) (&& (== net471) (>= netcoreapp2.1)) (&& (== net471) (>= netcoreapp3.0)) (&& (== net471) (>= netstandard2.1)) (&& (== net472) (== netstandard1.0)) (&& (== net472) (== netstandard1.1)) (&& (== net472) (< net461)) (&& (== net472) (>= netcoreapp2.0)) (&& (== net472) (>= netcoreapp2.1)) (&& (== net472) (>= netcoreapp3.0)) (&& (== net472) (>= netstandard2.1)) (&& (== net48) (== netstandard1.0)) (&& (== net48) (== netstandard1.1)) (&& (== net48) (< net461)) (&& (== net48) (>= netcoreapp2.0)) (&& (== net48) (>= netcoreapp2.1)) (&& (== net48) (>= netcoreapp3.0)) (&& (== net48) (>= netstandard2.1)) (== net5.0-windows7.0) (== net50) (== netcoreapp2.0) (&& (== netstandard1.0) (>= netcoreapp2.0)) (&& (== netstandard1.0) (>= netcoreapp2.1)) (&& (== netstandard1.0) (>= netcoreapp3.0)) (&& (== netstandard1.0) (>= netstandard2.0)) (&& (== netstandard1.0) (>= netstandard2.1)) (&& (== netstandard1.1) (>= netcoreapp2.0)) (&& (== netstandard1.1) (>= netcoreapp2.1)) (&& (== netstandard1.1) (>= netcoreapp3.0)) (&& (== netstandard1.1) (>= netstandard2.0)) (&& (== netstandard1.1) (>= netstandard2.1)) (== netstandard2.0)
      Microsoft.NETCore.Platforms (>= 5.0) - restriction: || (&& (== net20) (>= netcoreapp2.0)) (&& (== net35) (>= netcoreapp2.0)) (&& (== net40) (>= netcoreapp2.0)) (&& (== net45) (>= netcoreapp2.0)) (&& (== net461) (>= netcoreapp2.0)) (&& (== net471) (>= netcoreapp2.0)) (&& (== net472) (>= netcoreapp2.0)) (&& (== net48) (>= netcoreapp2.0)) (== net5.0-windows7.0) (== net50) (== netcoreapp2.0) (&& (== netstandard1.0) (>= netcoreapp2.0)) (&& (== netstandard1.1) (>= netcoreapp2.0)) (&& (== netstandard2.0) (>= netcoreapp2.0))
    System.Data.OleDb (5.0) - restriction: || (&& (== net20) (== net471)) (&& (== net20) (== net472)) (&& (== net20) (== net48)) (&& (== net20) (>= netcoreapp2.0)) (&& (== net20) (>= netcoreapp2.1)) (&& (== net20) (>= netcoreapp3.0)) (&& (== net20) (>= netstandard2.0)) (&& (== net20) (>= netstandard2.1)) (&& (== net35) (== net471)) (&& (== net35) (== net472)) (&& (== net35) (== net48)) (&& (== net35) (>= netcoreapp2.0)) (&& (== net35) (>= netcoreapp2.1)) (&& (== net35) (>= netcoreapp3.0)) (&& (== net35) (>= netstandard2.0)) (&& (== net35) (>= netstandard2.1)) (&& (== net40) (== net471)) (&& (== net40) (== net472)) (&& (== net40) (== net48)) (&& (== net40) (>= netcoreapp2.0)) (&& (== net40) (>= netcoreapp2.1)) (&& (== net40) (>= netcoreapp3.0)) (&& (== net40) (>= netstandard2.0)) (&& (== net40) (>= netstandard2.1)) (&& (== net45) (== net471)) (&& (== net45) (== net472)) (&& (== net45) (== net48)) (&& (== net45) (>= netcoreapp2.0)) (&& (== net45) (>= netcoreapp2.1)) (&& (== net45) (>= netcoreapp3.0)) (&& (== net45) (>= netstandard2.0)) (&& (== net45) (>= netstandard2.1)) (&& (== net461) (>= netcoreapp3.0)) (&& (== net461) (>= netstandard2.1)) (&& (== net471) (== netstandard1.0)) (&& (== net471) (== netstandard1.1)) (&& (== net471) (< net461)) (&& (== net471) (>= netcoreapp2.0)) (&& (== net471) (>= netcoreapp2.1)) (&& (== net471) (>= netcoreapp3.0)) (&& (== net471) (>= netstandard2.1)) (&& (== net472) (== netstandard1.0)) (&& (== net472) (== netstandard1.1)) (&& (== net472) (< net461)) (&& (== net472) (>= netcoreapp2.0)) (&& (== net472) (>= netcoreapp2.1)) (&& (== net472) (>= netcoreapp3.0)) (&& (== net472) (>= netstandard2.1)) (&& (== net48) (== netstandard1.0)) (&& (== net48) (== netstandard1.1)) (&& (== net48) (< net461)) (&& (== net48) (>= netcoreapp2.0)) (&& (== net48) (>= netcoreapp2.1)) (&& (== net48) (>= netcoreapp3.0)) (&& (== net48) (>= netstandard2.1)) (== net5.0-windows7.0) (== net50) (== netcoreapp2.0) (&& (== netstandard1.0) (>= netcoreapp2.0)) (&& (== netstandard1.0) (>= netcoreapp2.1)) (&& (== netstandard1.0) (>= netcoreapp3.0)) (&& (== netstandard1.0) (>= netstandard2.0)) (&& (== netstandard1.0) (>= netstandard2.1)) (&& (== netstandard1.1) (>= netcoreapp2.0)) (&& (== netstandard1.1) (>= netcoreapp2.1)) (&& (== netstandard1.1) (>= netcoreapp3.0)) (&& (== netstandard1.1) (>= netstandard2.0)) (&& (== netstandard1.1) (>= netstandard2.1)) (== netstandard2.0)
      Microsoft.Win32.Registry (>= 5.0) - restriction: || (&& (== net20) (>= monoandroid)) (&& (== net20) (>= monotouch)) (&& (== net20) (>= netcoreapp2.1)) (&& (== net20) (>= netstandard2.0)) (&& (== net20) (>= xamarinios)) (&& (== net20) (>= xamarinmac)) (&& (== net20) (>= xamarintvos)) (&& (== net20) (>= xamarinwatchos)) (&& (== net35) (>= monoandroid)) (&& (== net35) (>= monotouch)) (&& (== net35) (>= netcoreapp2.1)) (&& (== net35) (>= netstandard2.0)) (&& (== net35) (>= xamarinios)) (&& (== net35) (>= xamarinmac)) (&& (== net35) (>= xamarintvos)) (&& (== net35) (>= xamarinwatchos)) (&& (== net40) (>= monoandroid)) (&& (== net40) (>= monotouch)) (&& (== net40) (>= netcoreapp2.1)) (&& (== net40) (>= netstandard2.0)) (&& (== net40) (>= xamarinios)) (&& (== net40) (>= xamarinmac)) (&& (== net40) (>= xamarintvos)) (&& (== net40) (>= xamarinwatchos)) (&& (== net45) (>= monoandroid)) (&& (== net45) (>= monotouch)) (&& (== net45) (>= netcoreapp2.1)) (&& (== net45) (>= netstandard2.0)) (&& (== net45) (>= xamarinios)) (&& (== net45) (>= xamarinmac)) (&& (== net45) (>= xamarintvos)) (&& (== net45) (>= xamarinwatchos)) (&& (== net461) (>= monoandroid)) (&& (== net461) (>= monotouch)) (&& (== net461) (>= netcoreapp2.1)) (&& (== net461) (>= xamarinios)) (&& (== net461) (>= xamarinmac)) (&& (== net461) (>= xamarintvos)) (&& (== net461) (>= xamarinwatchos)) (&& (== net471) (>= monoandroid)) (&& (== net471) (>= monotouch)) (&& (== net471) (< net461)) (&& (== net471) (>= netcoreapp2.1)) (&& (== net471) (>= xamarinios)) (&& (== net471) (>= xamarinmac)) (&& (== net471) (>= xamarintvos)) (&& (== net471) (>= xamarinwatchos)) (&& (== net472) (>= monoandroid)) (&& (== net472) (>= monotouch)) (&& (== net472) (< net461)) (&& (== net472) (>= netcoreapp2.1)) (&& (== net472) (>= xamarinios)) (&& (== net472) (>= xamarinmac)) (&& (== net472) (>= xamarintvos)) (&& (== net472) (>= xamarinwatchos)) (&& (== net48) (>= monoandroid)) (&& (== net48) (>= monotouch)) (&& (== net48) (< net461)) (&& (== net48) (>= netcoreapp2.1)) (&& (== net48) (>= xamarinios)) (&& (== net48) (>= xamarinmac)) (&& (== net48) (>= xamarintvos)) (&& (== net48) (>= xamarinwatchos)) (== net5.0-windows7.0) (== net50) (== netcoreapp2.0) (&& (== netstandard1.0) (>= monoandroid)) (&& (== netstandard1.0) (>= monotouch)) (&& (== netstandard1.0) (>= netcoreapp2.1)) (&& (== netstandard1.0) (>= netstandard2.0)) (&& (== netstandard1.0) (>= xamarinios)) (&& (== netstandard1.0) (>= xamarinmac)) (&& (== netstandard1.0) (>= xamarintvos)) (&& (== netstandard1.0) (>= xamarinwatchos)) (&& (== netstandard1.1) (>= monoandroid)) (&& (== netstandard1.1) (>= monotouch)) (&& (== netstandard1.1) (>= netcoreapp2.1)) (&& (== netstandard1.1) (>= netstandard2.0)) (&& (== netstandard1.1) (>= xamarinios)) (&& (== netstandard1.1) (>= xamarinmac)) (&& (== netstandard1.1) (>= xamarintvos)) (&& (== netstandard1.1) (>= xamarinwatchos)) (== netstandard2.0)
      System.Configuration.ConfigurationManager (>= 5.0) - restriction: || (&& (== net20) (>= monoandroid)) (&& (== net20) (>= monotouch)) (&& (== net20) (>= netcoreapp2.1)) (&& (== net20) (>= netstandard2.0)) (&& (== net20) (>= xamarinios)) (&& (== net20) (>= xamarinmac)) (&& (== net20) (>= xamarintvos)) (&& (== net20) (>= xamarinwatchos)) (&& (== net35) (>= monoandroid)) (&& (== net35) (>= monotouch)) (&& (== net35) (>= netcoreapp2.1)) (&& (== net35) (>= netstandard2.0)) (&& (== net35) (>= xamarinios)) (&& (== net35) (>= xamarinmac)) (&& (== net35) (>= xamarintvos)) (&& (== net35) (>= xamarinwatchos)) (&& (== net40) (>= monoandroid)) (&& (== net40) (>= monotouch)) (&& (== net40) (>= netcoreapp2.1)) (&& (== net40) (>= netstandard2.0)) (&& (== net40) (>= xamarinios)) (&& (== net40) (>= xamarinmac)) (&& (== net40) (>= xamarintvos)) (&& (== net40) (>= xamarinwatchos)) (&& (== net45) (>= monoandroid)) (&& (== net45) (>= monotouch)) (&& (== net45) (>= netcoreapp2.1)) (&& (== net45) (>= netstandard2.0)) (&& (== net45) (>= xamarinios)) (&& (== net45) (>= xamarinmac)) (&& (== net45) (>= xamarintvos)) (&& (== net45) (>= xamarinwatchos)) (&& (== net461) (>= monoandroid)) (&& (== net461) (>= monotouch)) (&& (== net461) (>= netcoreapp2.1)) (&& (== net461) (>= xamarinios)) (&& (== net461) (>= xamarinmac)) (&& (== net461) (>= xamarintvos)) (&& (== net461) (>= xamarinwatchos)) (&& (== net471) (>= monoandroid)) (&& (== net471) (>= monotouch)) (&& (== net471) (< net461)) (&& (== net471) (>= netcoreapp2.1)) (&& (== net471) (>= xamarinios)) (&& (== net471) (>= xamarinmac)) (&& (== net471) (>= xamarintvos)) (&& (== net471) (>= xamarinwatchos)) (&& (== net472) (>= monoandroid)) (&& (== net472) (>= monotouch)) (&& (== net472) (< net461)) (&& (== net472) (>= netcoreapp2.1)) (&& (== net472) (>= xamarinios)) (&& (== net472) (>= xamarinmac)) (&& (== net472) (>= xamarintvos)) (&& (== net472) (>= xamarinwatchos)) (&& (== net48) (>= monoandroid)) (&& (== net48) (>= monotouch)) (&& (== net48) (< net461)) (&& (== net48) (>= netcoreapp2.1)) (&& (== net48) (>= xamarinios)) (&& (== net48) (>= xamarinmac)) (&& (== net48) (>= xamarintvos)) (&& (== net48) (>= xamarinwatchos)) (== net5.0-windows7.0) (== net50) (== netcoreapp2.0) (&& (== netstandard1.0) (>= monoandroid)) (&& (== netstandard1.0) (>= monotouch)) (&& (== netstandard1.0) (>= netcoreapp2.1)) (&& (== netstandard1.0) (>= netstandard2.0)) (&& (== netstandard1.0) (>= xamarinios)) (&& (== netstandard1.0) (>= xamarinmac)) (&& (== netstandard1.0) (>= xamarintvos)) (&& (== netstandard1.0) (>= xamarinwatchos)) (&& (== netstandard1.1) (>= monoandroid)) (&& (== netstandard1.1) (>= monotouch)) (&& (== netstandard1.1) (>= netcoreapp2.1)) (&& (== netstandard1.1) (>= netstandard2.0)) (&& (== netstandard1.1) (>= xamarinios)) (&& (== netstandard1.1) (>= xamarinmac)) (&& (== netstandard1.1) (>= xamarintvos)) (&& (== netstandard1.1) (>= xamarinwatchos)) (== netstandard2.0)
      System.Diagnostics.PerformanceCounter (>= 5.0) - restriction: || (&& (== net20) (>= netcoreapp2.1)) (&& (== net20) (>= netstandard2.0)) (&& (== net35) (>= netcoreapp2.1)) (&& (== net35) (>= netstandard2.0)) (&& (== net40) (>= netcoreapp2.1)) (&& (== net40) (>= netstandard2.0)) (&& (== net45) (>= netcoreapp2.1)) (&& (== net45) (>= netstandard2.0)) (&& (== net461) (>= netcoreapp2.1)) (&& (== net471) (< net461)) (&& (== net471) (>= netcoreapp2.1)) (&& (== net472) (< net461)) (&& (== net472) (>= netcoreapp2.1)) (&& (== net48) (< net461)) (&& (== net48) (>= netcoreapp2.1)) (== net5.0-windows7.0) (== net50) (== netcoreapp2.0) (&& (== netstandard1.0) (>= netcoreapp2.1)) (&& (== netstandard1.0) (>= netstandard2.0)) (&& (== netstandard1.1) (>= netcoreapp2.1)) (&& (== netstandard1.1) (>= netstandard2.0)) (== netstandard2.0)
      System.Memory (>= 4.5.4) - restriction: || (&& (== net20) (>= netstandard2.0)) (&& (== net35) (>= netstandard2.0)) (&& (== net40) (>= netstandard2.0)) (&& (== net45) (>= netstandard2.0)) (&& (== net471) (< net461)) (&& (== net472) (< net461)) (&& (== net48) (< net461)) (&& (== net5.0-windows7.0) (< netcoreapp2.1)) (&& (== net50) (< netcoreapp2.1)) (== netcoreapp2.0) (&& (== netstandard1.0) (>= netstandard2.0)) (&& (== netstandard1.1) (>= netstandard2.0)) (== netstandard2.0)
      System.Security.Principal.Windows (>= 5.0) - restriction: || (&& (== net20) (>= monoandroid)) (&& (== net20) (>= monotouch)) (&& (== net20) (>= netcoreapp2.1)) (&& (== net20) (>= netstandard2.0)) (&& (== net20) (>= xamarinios)) (&& (== net20) (>= xamarinmac)) (&& (== net20) (>= xamarintvos)) (&& (== net20) (>= xamarinwatchos)) (&& (== net35) (>= monoandroid)) (&& (== net35) (>= monotouch)) (&& (== net35) (>= netcoreapp2.1)) (&& (== net35) (>= netstandard2.0)) (&& (== net35) (>= xamarinios)) (&& (== net35) (>= xamarinmac)) (&& (== net35) (>= xamarintvos)) (&& (== net35) (>= xamarinwatchos)) (&& (== net40) (>= monoandroid)) (&& (== net40) (>= monotouch)) (&& (== net40) (>= netcoreapp2.1)) (&& (== net40) (>= netstandard2.0)) (&& (== net40) (>= xamarinios)) (&& (== net40) (>= xamarinmac)) (&& (== net40) (>= xamarintvos)) (&& (== net40) (>= xamarinwatchos)) (&& (== net45) (>= monoandroid)) (&& (== net45) (>= monotouch)) (&& (== net45) (>= netcoreapp2.1)) (&& (== net45) (>= netstandard2.0)) (&& (== net45) (>= xamarinios)) (&& (== net45) (>= xamarinmac)) (&& (== net45) (>= xamarintvos)) (&& (== net45) (>= xamarinwatchos)) (&& (== net461) (>= monoandroid)) (&& (== net461) (>= monotouch)) (&& (== net461) (>= netcoreapp2.1)) (&& (== net461) (>= xamarinios)) (&& (== net461) (>= xamarinmac)) (&& (== net461) (>= xamarintvos)) (&& (== net461) (>= xamarinwatchos)) (&& (== net471) (>= monoandroid)) (&& (== net471) (>= monotouch)) (&& (== net471) (< net461)) (&& (== net471) (>= netcoreapp2.1)) (&& (== net471) (>= xamarinios)) (&& (== net471) (>= xamarinmac)) (&& (== net471) (>= xamarintvos)) (&& (== net471) (>= xamarinwatchos)) (&& (== net472) (>= monoandroid)) (&& (== net472) (>= monotouch)) (&& (== net472) (< net461)) (&& (== net472) (>= netcoreapp2.1)) (&& (== net472) (>= xamarinios)) (&& (== net472) (>= xamarinmac)) (&& (== net472) (>= xamarintvos)) (&& (== net472) (>= xamarinwatchos)) (&& (== net48) (>= monoandroid)) (&& (== net48) (>= monotouch)) (&& (== net48) (< net461)) (&& (== net48) (>= netcoreapp2.1)) (&& (== net48) (>= xamarinios)) (&& (== net48) (>= xamarinmac)) (&& (== net48) (>= xamarintvos)) (&& (== net48) (>= xamarinwatchos)) (== net5.0-windows7.0) (== net50) (== netcoreapp2.0) (&& (== netstandard1.0) (>= monoandroid)) (&& (== netstandard1.0) (>= monotouch)) (&& (== netstandard1.0) (>= netcoreapp2.1)) (&& (== netstandard1.0) (>= netstandard2.0)) (&& (== netstandard1.0) (>= xamarinios)) (&& (== netstandard1.0) (>= xamarinmac)) (&& (== netstandard1.0) (>= xamarintvos)) (&& (== netstandard1.0) (>= xamarinwatchos)) (&& (== netstandard1.1) (>= monoandroid)) (&& (== netstandard1.1) (>= monotouch)) (&& (== netstandard1.1) (>= netcoreapp2.1)) (&& (== netstandard1.1) (>= netstandard2.0)) (&& (== netstandard1.1) (>= xamarinios)) (&& (== netstandard1.1) (>= xamarinmac)) (&& (== netstandard1.1) (>= xamarintvos)) (&& (== netstandard1.1) (>= xamarinwatchos)) (== netstandard2.0)
    System.Data.SqlClient (4.8.2) - restriction: || (&& (== net20) (>= net461)) (&& (== net20) (>= netcoreapp2.0)) (&& (== net20) (>= netcoreapp2.1)) (&& (== net20) (>= netcoreapp3.0)) (&& (== net20) (>= netstandard2.0)) (&& (== net20) (>= netstandard2.1)) (&& (== net35) (>= net461)) (&& (== net35) (>= netcoreapp2.0)) (&& (== net35) (>= netcoreapp2.1)) (&& (== net35) (>= netcoreapp3.0)) (&& (== net35) (>= netstandard2.0)) (&& (== net35) (>= netstandard2.1)) (&& (== net40) (>= net461)) (&& (== net40) (>= netcoreapp2.0)) (&& (== net40) (>= netcoreapp2.1)) (&& (== net40) (>= netcoreapp3.0)) (&& (== net40) (>= netstandard2.0)) (&& (== net40) (>= netstandard2.1)) (&& (== net45) (>= net461)) (&& (== net45) (>= netcoreapp2.0)) (&& (== net45) (>= netcoreapp2.1)) (&& (== net45) (>= netcoreapp3.0)) (&& (== net45) (>= netstandard2.0)) (&& (== net45) (>= netstandard2.1)) (== net461) (== net471) (== net472) (== net48) (== net5.0-windows7.0) (== net50) (== netcoreapp2.0) (&& (== netstandard1.0) (>= net461)) (&& (== netstandard1.0) (>= netcoreapp2.0)) (&& (== netstandard1.0) (>= netcoreapp2.1)) (&& (== netstandard1.0) (>= netcoreapp3.0)) (&& (== netstandard1.0) (>= netstandard2.0)) (&& (== netstandard1.0) (>= netstandard2.1)) (&& (== netstandard1.1) (>= net461)) (&& (== netstandard1.1) (>= netcoreapp2.0)) (&& (== netstandard1.1) (>= netcoreapp2.1)) (&& (== netstandard1.1) (>= netcoreapp3.0)) (&& (== netstandard1.1) (>= netstandard2.0)) (&& (== netstandard1.1) (>= netstandard2.1)) (== netstandard2.0)
      Microsoft.Win32.Registry (>= 4.7) - restriction: || (&& (== net20) (>= netcoreapp2.0)) (&& (== net20) (>= netcoreapp2.1)) (&& (== net20) (>= netcoreapp3.1)) (&& (== net20) (>= netstandard2.0)) (&& (== net35) (>= netcoreapp2.0)) (&& (== net35) (>= netcoreapp2.1)) (&& (== net35) (>= netcoreapp3.1)) (&& (== net35) (>= netstandard2.0)) (&& (== net40) (>= netcoreapp2.0)) (&& (== net40) (>= netcoreapp2.1)) (&& (== net40) (>= netcoreapp3.1)) (&& (== net40) (>= netstandard2.0)) (&& (== net45) (>= netcoreapp2.0)) (&& (== net45) (>= netcoreapp2.1)) (&& (== net45) (>= netcoreapp3.1)) (&& (== net45) (>= netstandard2.0)) (&& (== net461) (< net451) (>= netstandard2.0)) (&& (== net461) (>= netcoreapp2.0)) (&& (== net461) (>= netcoreapp2.1)) (&& (== net461) (>= netcoreapp3.1)) (&& (== net471) (< net451)) (&& (== net471) (>= netcoreapp2.0)) (&& (== net471) (>= netcoreapp2.1)) (&& (== net471) (>= netcoreapp3.1)) (&& (== net472) (< net451)) (&& (== net472) (>= netcoreapp2.0)) (&& (== net472) (>= netcoreapp2.1)) (&& (== net472) (>= netcoreapp3.1)) (&& (== net48) (< net451)) (&& (== net48) (>= netcoreapp2.0)) (&& (== net48) (>= netcoreapp2.1)) (&& (== net48) (>= netcoreapp3.1)) (== net5.0-windows7.0) (== net50) (== netcoreapp2.0) (&& (== netstandard1.0) (>= netcoreapp2.0)) (&& (== netstandard1.0) (>= netcoreapp2.1)) (&& (== netstandard1.0) (>= netcoreapp3.1)) (&& (== netstandard1.0) (>= netstandard2.0)) (&& (== netstandard1.1) (>= netcoreapp2.0)) (&& (== netstandard1.1) (>= netcoreapp2.1)) (&& (== netstandard1.1) (>= netcoreapp3.1)) (&& (== netstandard1.1) (>= netstandard2.0)) (== netstandard2.0)
      runtime.native.System.Data.SqlClient.sni (>= 4.7) - restriction: || (&& (== net20) (>= netcoreapp2.0)) (&& (== net20) (>= netcoreapp2.1)) (&& (== net20) (>= netcoreapp3.1)) (&& (== net20) (>= netstandard1.3)) (&& (== net20) (>= netstandard2.0)) (&& (== net35) (>= netcoreapp2.0)) (&& (== net35) (>= netcoreapp2.1)) (&& (== net35) (>= netcoreapp3.1)) (&& (== net35) (>= netstandard1.3)) (&& (== net35) (>= netstandard2.0)) (&& (== net40) (>= netcoreapp2.0)) (&& (== net40) (>= netcoreapp2.1)) (&& (== net40) (>= netcoreapp3.1)) (&& (== net40) (>= netstandard1.3)) (&& (== net40) (>= netstandard2.0)) (&& (== net45) (>= netcoreapp2.0)) (&& (== net45) (>= netcoreapp2.1)) (&& (== net45) (>= netcoreapp3.1)) (&& (== net45) (>= netstandard1.3)) (&& (== net45) (>= netstandard2.0)) (&& (== net461) (< net451)) (&& (== net461) (>= netcoreapp2.0)) (&& (== net461) (>= netcoreapp2.1)) (&& (== net461) (>= netcoreapp3.1)) (&& (== net471) (< net451)) (&& (== net471) (>= netcoreapp2.0)) (&& (== net471) (>= netcoreapp2.1)) (&& (== net471) (>= netcoreapp3.1)) (&& (== net472) (< net451)) (&& (== net472) (>= netcoreapp2.0)) (&& (== net472) (>= netcoreapp2.1)) (&& (== net472) (>= netcoreapp3.1)) (&& (== net48) (< net451)) (&& (== net48) (>= netcoreapp2.0)) (&& (== net48) (>= netcoreapp2.1)) (&& (== net48) (>= netcoreapp3.1)) (== net5.0-windows7.0) (== net50) (== netcoreapp2.0) (&& (== netstandard1.0) (>= netcoreapp2.0)) (&& (== netstandard1.0) (>= netcoreapp2.1)) (&& (== netstandard1.0) (>= netcoreapp3.1)) (&& (== netstandard1.0) (>= netstandard1.3)) (&& (== netstandard1.0) (>= netstandard2.0)) (&& (== netstandard1.1) (>= netcoreapp2.0)) (&& (== netstandard1.1) (>= netcoreapp2.1)) (&& (== netstandard1.1) (>= netcoreapp3.1)) (&& (== netstandard1.1) (>= netstandard1.3)) (&& (== netstandard1.1) (>= netstandard2.0)) (== netstandard2.0)
      System.Buffers (>= 4.5.1) - restriction: || (&& (== net20) (>= netstandard2.0)) (&& (== net35) (>= netstandard2.0)) (&& (== net40) (>= netstandard2.0)) (&& (== net45) (>= netstandard2.0)) (&& (== net461) (< net451) (>= netstandard2.0)) (&& (== net471) (< net451)) (&& (== net472) (< net451)) (&& (== net48) (< net451)) (&& (== net5.0-windows7.0) (< netcoreapp2.0)) (&& (== net50) (< netcoreapp2.0)) (&& (== netstandard1.0) (>= netstandard2.0)) (&& (== netstandard1.1) (>= netstandard2.0)) (== netstandard2.0)
      System.Diagnostics.DiagnosticSource (>= 4.7) - restriction: || (&& (== net20) (>= netcoreapp2.0)) (&& (== net20) (>= netcoreapp2.1)) (&& (== net20) (>= netstandard1.3)) (&& (== net20) (>= netstandard2.0)) (&& (== net20) (>= uap10.1)) (&& (== net35) (>= netcoreapp2.0)) (&& (== net35) (>= netcoreapp2.1)) (&& (== net35) (>= netstandard1.3)) (&& (== net35) (>= netstandard2.0)) (&& (== net35) (>= uap10.1)) (&& (== net40) (>= netcoreapp2.0)) (&& (== net40) (>= netcoreapp2.1)) (&& (== net40) (>= netstandard1.3)) (&& (== net40) (>= netstandard2.0)) (&& (== net40) (>= uap10.1)) (&& (== net45) (>= netcoreapp2.0)) (&& (== net45) (>= netcoreapp2.1)) (&& (== net45) (>= netstandard1.3)) (&& (== net45) (>= netstandard2.0)) (&& (== net45) (>= uap10.1)) (&& (== net461) (< net451)) (&& (== net461) (>= netcoreapp2.0)) (&& (== net461) (>= netcoreapp2.1)) (&& (== net461) (>= uap10.1)) (&& (== net471) (< net451)) (&& (== net471) (>= netcoreapp2.0)) (&& (== net471) (>= netcoreapp2.1)) (&& (== net471) (>= uap10.1)) (&& (== net472) (< net451)) (&& (== net472) (>= netcoreapp2.0)) (&& (== net472) (>= netcoreapp2.1)) (&& (== net472) (>= uap10.1)) (&& (== net48) (< net451)) (&& (== net48) (>= netcoreapp2.0)) (&& (== net48) (>= netcoreapp2.1)) (&& (== net48) (>= uap10.1)) (&& (== net5.0-windows7.0) (< netcoreapp2.0)) (&& (== net5.0-windows7.0) (< netcoreapp2.1)) (&& (== net5.0-windows7.0) (< netcoreapp3.1)) (&& (== net5.0-windows7.0) (< netstandard2.0)) (&& (== net5.0-windows7.0) (>= uap10.1)) (&& (== net50) (< netcoreapp2.0)) (&& (== net50) (< netcoreapp2.1)) (&& (== net50) (< netcoreapp3.1)) (&& (== net50) (< netstandard2.0)) (&& (== net50) (>= uap10.1)) (== netcoreapp2.0) (&& (== netstandard1.0) (>= netcoreapp2.0)) (&& (== netstandard1.0) (>= netcoreapp2.1)) (&& (== netstandard1.0) (>= netstandard1.3)) (&& (== netstandard1.0) (>= netstandard2.0)) (&& (== netstandard1.0) (>= uap10.1)) (&& (== netstandard1.1) (>= netcoreapp2.0)) (&& (== netstandard1.1) (>= netcoreapp2.1)) (&& (== netstandard1.1) (>= netstandard1.3)) (&& (== netstandard1.1) (>= netstandard2.0)) (&& (== netstandard1.1) (>= uap10.1)) (== netstandard2.0)
      System.Memory (>= 4.5.4) - restriction: || (&& (== net20) (>= netcoreapp2.0)) (&& (== net20) (>= netstandard2.0)) (&& (== net20) (>= uap10.1)) (&& (== net35) (>= netcoreapp2.0)) (&& (== net35) (>= netstandard2.0)) (&& (== net35) (>= uap10.1)) (&& (== net40) (>= netcoreapp2.0)) (&& (== net40) (>= netstandard2.0)) (&& (== net40) (>= uap10.1)) (&& (== net45) (>= netcoreapp2.0)) (&& (== net45) (>= netstandard2.0)) (&& (== net45) (>= uap10.1)) (&& (== net461) (< net451) (>= netstandard2.0)) (&& (== net461) (>= netcoreapp2.0)) (&& (== net461) (>= uap10.1)) (&& (== net471) (< net451)) (&& (== net471) (>= netcoreapp2.0)) (&& (== net471) (>= uap10.1)) (&& (== net472) (< net451)) (&& (== net472) (>= netcoreapp2.0)) (&& (== net472) (>= uap10.1)) (&& (== net48) (< net451)) (&& (== net48) (>= netcoreapp2.0)) (&& (== net48) (>= uap10.1)) (&& (== net5.0-windows7.0) (< netcoreapp2.0)) (&& (== net5.0-windows7.0) (< netcoreapp2.1)) (&& (== net5.0-windows7.0) (>= uap10.1)) (&& (== net50) (< netcoreapp2.0)) (&& (== net50) (< netcoreapp2.1)) (&& (== net50) (>= uap10.1)) (== netcoreapp2.0) (&& (== netstandard1.0) (>= netcoreapp2.0)) (&& (== netstandard1.0) (>= netstandard2.0)) (&& (== netstandard1.0) (>= uap10.1)) (&& (== netstandard1.1) (>= netcoreapp2.0)) (&& (== netstandard1.1) (>= netstandard2.0)) (&& (== netstandard1.1) (>= uap10.1)) (== netstandard2.0)
      System.Security.Principal.Windows (>= 4.7) - restriction: || (&& (== net20) (>= netcoreapp2.0)) (&& (== net20) (>= netcoreapp2.1)) (&& (== net20) (>= netcoreapp3.1)) (&& (== net20) (>= netstandard1.3)) (&& (== net20) (>= netstandard2.0)) (&& (== net35) (>= netcoreapp2.0)) (&& (== net35) (>= netcoreapp2.1)) (&& (== net35) (>= netcoreapp3.1)) (&& (== net35) (>= netstandard1.3)) (&& (== net35) (>= netstandard2.0)) (&& (== net40) (>= netcoreapp2.0)) (&& (== net40) (>= netcoreapp2.1)) (&& (== net40) (>= netcoreapp3.1)) (&& (== net40) (>= netstandard1.3)) (&& (== net40) (>= netstandard2.0)) (&& (== net45) (>= netcoreapp2.0)) (&& (== net45) (>= netcoreapp2.1)) (&& (== net45) (>= netcoreapp3.1)) (&& (== net45) (>= netstandard1.3)) (&& (== net45) (>= netstandard2.0)) (&& (== net461) (< net451)) (&& (== net461) (>= netcoreapp2.0)) (&& (== net461) (>= netcoreapp2.1)) (&& (== net461) (>= netcoreapp3.1)) (&& (== net471) (< net451)) (&& (== net471) (>= netcoreapp2.0)) (&& (== net471) (>= netcoreapp2.1)) (&& (== net471) (>= netcoreapp3.1)) (&& (== net472) (< net451)) (&& (== net472) (>= netcoreapp2.0)) (&& (== net472) (>= netcoreapp2.1)) (&& (== net472) (>= netcoreapp3.1)) (&& (== net48) (< net451)) (&& (== net48) (>= netcoreapp2.0)) (&& (== net48) (>= netcoreapp2.1)) (&& (== net48) (>= netcoreapp3.1)) (== net5.0-windows7.0) (== net50) (== netcoreapp2.0) (&& (== netstandard1.0) (>= netcoreapp2.0)) (&& (== netstandard1.0) (>= netcoreapp2.1)) (&& (== netstandard1.0) (>= netcoreapp3.1)) (&& (== netstandard1.0) (>= netstandard1.3)) (&& (== netstandard1.0) (>= netstandard2.0)) (&& (== netstandard1.1) (>= netcoreapp2.0)) (&& (== netstandard1.1) (>= netcoreapp2.1)) (&& (== netstandard1.1) (>= netcoreapp3.1)) (&& (== netstandard1.1) (>= netstandard1.3)) (&& (== netstandard1.1) (>= netstandard2.0)) (== netstandard2.0)
      System.Text.Encoding.CodePages (>= 4.7) - restriction: || (&& (== net20) (>= netcoreapp2.0)) (&& (== net20) (>= netcoreapp2.1)) (&& (== net20) (>= netstandard1.3)) (&& (== net20) (>= netstandard2.0)) (&& (== net20) (>= uap10.1)) (&& (== net35) (>= netcoreapp2.0)) (&& (== net35) (>= netcoreapp2.1)) (&& (== net35) (>= netstandard1.3)) (&& (== net35) (>= netstandard2.0)) (&& (== net35) (>= uap10.1)) (&& (== net40) (>= netcoreapp2.0)) (&& (== net40) (>= netcoreapp2.1)) (&& (== net40) (>= netstandard1.3)) (&& (== net40) (>= netstandard2.0)) (&& (== net40) (>= uap10.1)) (&& (== net45) (>= netcoreapp2.0)) (&& (== net45) (>= netcoreapp2.1)) (&& (== net45) (>= netstandard1.3)) (&& (== net45) (>= netstandard2.0)) (&& (== net45) (>= uap10.1)) (&& (== net461) (< net451)) (&& (== net461) (>= netcoreapp2.0)) (&& (== net461) (>= netcoreapp2.1)) (&& (== net461) (>= uap10.1)) (&& (== net471) (< net451)) (&& (== net471) (>= netcoreapp2.0)) (&& (== net471) (>= netcoreapp2.1)) (&& (== net471) (>= uap10.1)) (&& (== net472) (< net451)) (&& (== net472) (>= netcoreapp2.0)) (&& (== net472) (>= netcoreapp2.1)) (&& (== net472) (>= uap10.1)) (&& (== net48) (< net451)) (&& (== net48) (>= netcoreapp2.0)) (&& (== net48) (>= netcoreapp2.1)) (&& (== net48) (>= uap10.1)) (&& (== net5.0-windows7.0) (< netcoreapp2.0)) (&& (== net5.0-windows7.0) (< netcoreapp2.1)) (&& (== net5.0-windows7.0) (< netcoreapp3.1)) (&& (== net5.0-windows7.0) (< netstandard2.0)) (&& (== net5.0-windows7.0) (>= uap10.1)) (&& (== net50) (< netcoreapp2.0)) (&& (== net50) (< netcoreapp2.1)) (&& (== net50) (< netcoreapp3.1)) (&& (== net50) (< netstandard2.0)) (&& (== net50) (>= uap10.1)) (== netcoreapp2.0) (&& (== netstandard1.0) (>= netcoreapp2.0)) (&& (== netstandard1.0) (>= netcoreapp2.1)) (&& (== netstandard1.0) (>= netstandard1.3)) (&& (== netstandard1.0) (>= netstandard2.0)) (&& (== netstandard1.0) (>= uap10.1)) (&& (== netstandard1.1) (>= netcoreapp2.0)) (&& (== netstandard1.1) (>= netcoreapp2.1)) (&& (== netstandard1.1) (>= netstandard1.3)) (&& (== netstandard1.1) (>= netstandard2.0)) (&& (== netstandard1.1) (>= uap10.1)) (== netstandard2.0)
    System.Diagnostics.Debug (4.3)
      Microsoft.NETCore.Platforms (>= 1.1) - restriction: || (&& (== net20) (>= netstandard1.0)) (&& (== net20) (>= netstandard1.3)) (&& (== net35) (>= netstandard1.0)) (&& (== net35) (>= netstandard1.3)) (&& (== net40) (>= netstandard1.0)) (&& (== net40) (>= netstandard1.3)) (&& (== net461) (< net45)) (&& (== net471) (< net45)) (&& (== net472) (< net45)) (&& (== net48) (< net45)) (== net5.0-windows7.0) (== net50) (== netcoreapp2.0) (== netstandard1.0) (== netstandard1.1) (== netstandard2.0)
      Microsoft.NETCore.Targets (>= 1.1) - restriction: || (&& (== net20) (>= netstandard1.0)) (&& (== net20) (>= netstandard1.3)) (&& (== net35) (>= netstandard1.0)) (&& (== net35) (>= netstandard1.3)) (&& (== net40) (>= netstandard1.0)) (&& (== net40) (>= netstandard1.3)) (&& (== net461) (< net45)) (&& (== net471) (< net45)) (&& (== net472) (< net45)) (&& (== net48) (< net45)) (== net5.0-windows7.0) (== net50) (== netcoreapp2.0) (== netstandard1.0) (== netstandard1.1) (== netstandard2.0)
      System.Runtime (>= 4.3) - restriction: || (&& (== net20) (>= netstandard1.0)) (&& (== net20) (>= netstandard1.3)) (&& (== net35) (>= netstandard1.0)) (&& (== net35) (>= netstandard1.3)) (&& (== net40) (>= netstandard1.0)) (&& (== net40) (>= netstandard1.3)) (&& (== net461) (< net45)) (&& (== net471) (< net45)) (&& (== net472) (< net45)) (&& (== net48) (< net45)) (== net5.0-windows7.0) (== net50) (== netcoreapp2.0) (== netstandard1.0) (== netstandard1.1) (== netstandard2.0)
    System.Diagnostics.DiagnosticSource (5.0.1) - restriction: || (&& (== net20) (>= net461)) (&& (== net20) (>= netcoreapp2.0)) (&& (== net20) (>= netcoreapp2.1)) (&& (== net20) (>= netstandard2.0)) (&& (== net20) (>= netstandard2.1)) (&& (== net35) (>= net461)) (&& (== net35) (>= netcoreapp2.0)) (&& (== net35) (>= netcoreapp2.1)) (&& (== net35) (>= netstandard2.0)) (&& (== net35) (>= netstandard2.1)) (&& (== net40) (>= net461)) (&& (== net40) (>= netcoreapp2.0)) (&& (== net40) (>= netcoreapp2.1)) (&& (== net40) (>= netstandard2.0)) (&& (== net40) (>= netstandard2.1)) (&& (== net45) (>= net461)) (&& (== net45) (>= netcoreapp2.0)) (&& (== net45) (>= netcoreapp2.1)) (&& (== net45) (>= netstandard2.0)) (&& (== net45) (>= netstandard2.1)) (== net461) (== net471) (== net472) (== net48) (== net5.0-windows7.0) (== net50) (== netcoreapp2.0) (&& (== netstandard1.0) (>= net461)) (&& (== netstandard1.0) (>= netcoreapp2.0)) (&& (== netstandard1.0) (>= netcoreapp2.1)) (&& (== netstandard1.0) (>= netstandard2.0)) (&& (== netstandard1.0) (>= netstandard2.1)) (&& (== netstandard1.1) (>= net461)) (&& (== netstandard1.1) (>= netcoreapp2.0)) (&& (== netstandard1.1) (>= netcoreapp2.1)) (&& (== netstandard1.1) (>= netstandard2.0)) (&& (== netstandard1.1) (>= netstandard2.1)) (== netstandard2.0)
      System.Memory (>= 4.5.4) - restriction: || (&& (== net20) (>= net45)) (&& (== net20) (>= net46)) (&& (== net20) (>= netstandard1.3)) (&& (== net20) (>= netstandard2.0)) (&& (== net20) (>= uap10.1)) (&& (== net35) (>= net45)) (&& (== net35) (>= net46)) (&& (== net35) (>= netstandard1.3)) (&& (== net35) (>= netstandard2.0)) (&& (== net35) (>= uap10.1)) (&& (== net40) (>= net45)) (&& (== net40) (>= net46)) (&& (== net40) (>= netstandard1.3)) (&& (== net40) (>= netstandard2.0)) (&& (== net40) (>= uap10.1)) (== net45) (== net461) (== net471) (== net472) (== net48) (&& (== net5.0-windows7.0) (>= net45) (< netstandard1.3)) (&& (== net5.0-windows7.0) (>= net46)) (&& (== net5.0-windows7.0) (< netcoreapp2.1)) (&& (== net5.0-windows7.0) (< netstandard2.0)) (&& (== net5.0-windows7.0) (>= uap10.1)) (&& (== net50) (>= net45) (< netstandard1.3)) (&& (== net50) (>= net46)) (&& (== net50) (< netcoreapp2.1)) (&& (== net50) (< netstandard2.0)) (&& (== net50) (>= uap10.1)) (== netcoreapp2.0) (&& (== netstandard1.0) (>= net45)) (&& (== netstandard1.0) (>= net46)) (&& (== netstandard1.0) (>= netstandard1.3)) (&& (== netstandard1.0) (>= netstandard2.0)) (&& (== netstandard1.0) (>= uap10.1)) (&& (== netstandard1.1) (>= net45)) (&& (== netstandard1.1) (>= net46)) (&& (== netstandard1.1) (>= netstandard1.3)) (&& (== netstandard1.1) (>= netstandard2.0)) (&& (== netstandard1.1) (>= uap10.1)) (== netstandard2.0)
      System.Runtime.CompilerServices.Unsafe (>= 5.0) - restriction: || (&& (== net20) (>= monoandroid)) (&& (== net20) (>= monotouch)) (&& (== net20) (>= net45)) (&& (== net20) (>= net46)) (&& (== net20) (>= netcoreapp2.1)) (&& (== net20) (>= netstandard1.3)) (&& (== net20) (>= netstandard2.0)) (&& (== net20) (>= uap10.1)) (&& (== net20) (>= xamarinios)) (&& (== net20) (>= xamarinmac)) (&& (== net20) (>= xamarintvos)) (&& (== net20) (>= xamarinwatchos)) (&& (== net35) (>= monoandroid)) (&& (== net35) (>= monotouch)) (&& (== net35) (>= net45)) (&& (== net35) (>= net46)) (&& (== net35) (>= netcoreapp2.1)) (&& (== net35) (>= netstandard1.3)) (&& (== net35) (>= netstandard2.0)) (&& (== net35) (>= uap10.1)) (&& (== net35) (>= xamarinios)) (&& (== net35) (>= xamarinmac)) (&& (== net35) (>= xamarintvos)) (&& (== net35) (>= xamarinwatchos)) (&& (== net40) (>= monoandroid)) (&& (== net40) (>= monotouch)) (&& (== net40) (>= net45)) (&& (== net40) (>= net46)) (&& (== net40) (>= netcoreapp2.1)) (&& (== net40) (>= netstandard1.3)) (&& (== net40) (>= netstandard2.0)) (&& (== net40) (>= uap10.1)) (&& (== net40) (>= xamarinios)) (&& (== net40) (>= xamarinmac)) (&& (== net40) (>= xamarintvos)) (&& (== net40) (>= xamarinwatchos)) (== net45) (== net461) (== net471) (== net472) (== net48) (&& (== net5.0-windows7.0) (>= monotouch)) (&& (== net5.0-windows7.0) (>= net45) (< netstandard1.3)) (&& (== net5.0-windows7.0) (>= net46)) (&& (== net5.0-windows7.0) (< netcoreapp2.1)) (&& (== net5.0-windows7.0) (< netcoreapp3.0)) (&& (== net5.0-windows7.0) (< netstandard2.0)) (&& (== net5.0-windows7.0) (>= uap10.1)) (&& (== net50) (>= monotouch)) (&& (== net50) (>= net45) (< netstandard1.3)) (&& (== net50) (>= net46)) (&& (== net50) (< netcoreapp2.1)) (&& (== net50) (< netcoreapp3.0)) (&& (== net50) (< netstandard2.0)) (&& (== net50) (>= uap10.1)) (== netcoreapp2.0) (&& (== netstandard1.0) (>= monoandroid)) (&& (== netstandard1.0) (>= monotouch)) (&& (== netstandard1.0) (>= net45)) (&& (== netstandard1.0) (>= net46)) (&& (== netstandard1.0) (>= netcoreapp2.1)) (&& (== netstandard1.0) (>= netstandard1.3)) (&& (== netstandard1.0) (>= netstandard2.0)) (&& (== netstandard1.0) (>= uap10.1)) (&& (== netstandard1.0) (>= xamarinios)) (&& (== netstandard1.0) (>= xamarinmac)) (&& (== netstandard1.0) (>= xamarintvos)) (&& (== netstandard1.0) (>= xamarinwatchos)) (&& (== netstandard1.1) (>= monoandroid)) (&& (== netstandard1.1) (>= monotouch)) (&& (== netstandard1.1) (>= net45)) (&& (== netstandard1.1) (>= net46)) (&& (== netstandard1.1) (>= netcoreapp2.1)) (&& (== netstandard1.1) (>= netstandard1.3)) (&& (== netstandard1.1) (>= netstandard2.0)) (&& (== netstandard1.1) (>= uap10.1)) (&& (== netstandard1.1) (>= xamarinios)) (&& (== netstandard1.1) (>= xamarinmac)) (&& (== netstandard1.1) (>= xamarintvos)) (&& (== netstandard1.1) (>= xamarinwatchos)) (== netstandard2.0)
    System.Diagnostics.EventLog (5.0.1) - restriction: || (&& (== net20) (== net471)) (&& (== net20) (== net472)) (&& (== net20) (== net48)) (&& (== net20) (>= netcoreapp2.0)) (&& (== net20) (>= netcoreapp2.1)) (&& (== net20) (>= netcoreapp3.0)) (&& (== net20) (>= netstandard2.0)) (&& (== net20) (>= netstandard2.1)) (&& (== net35) (== net471)) (&& (== net35) (== net472)) (&& (== net35) (== net48)) (&& (== net35) (>= netcoreapp2.0)) (&& (== net35) (>= netcoreapp2.1)) (&& (== net35) (>= netcoreapp3.0)) (&& (== net35) (>= netstandard2.0)) (&& (== net35) (>= netstandard2.1)) (&& (== net40) (== net471)) (&& (== net40) (== net472)) (&& (== net40) (== net48)) (&& (== net40) (>= netcoreapp2.0)) (&& (== net40) (>= netcoreapp2.1)) (&& (== net40) (>= netcoreapp3.0)) (&& (== net40) (>= netstandard2.0)) (&& (== net40) (>= netstandard2.1)) (&& (== net45) (== net471)) (&& (== net45) (== net472)) (&& (== net45) (== net48)) (&& (== net45) (>= netcoreapp2.0)) (&& (== net45) (>= netcoreapp2.1)) (&& (== net45) (>= netcoreapp3.0)) (&& (== net45) (>= netstandard2.0)) (&& (== net45) (>= netstandard2.1)) (&& (== net461) (>= netcoreapp3.0)) (&& (== net461) (>= netstandard2.1)) (&& (== net471) (== netstandard1.0)) (&& (== net471) (== netstandard1.1)) (&& (== net471) (< net461)) (&& (== net471) (>= netcoreapp2.0)) (&& (== net471) (>= netcoreapp2.1)) (&& (== net471) (>= netcoreapp3.0)) (&& (== net471) (>= netstandard2.1)) (&& (== net472) (== netstandard1.0)) (&& (== net472) (== netstandard1.1)) (&& (== net472) (< net461)) (&& (== net472) (>= netcoreapp2.0)) (&& (== net472) (>= netcoreapp2.1)) (&& (== net472) (>= netcoreapp3.0)) (&& (== net472) (>= netstandard2.1)) (&& (== net48) (== netstandard1.0)) (&& (== net48) (== netstandard1.1)) (&& (== net48) (< net461)) (&& (== net48) (>= netcoreapp2.0)) (&& (== net48) (>= netcoreapp2.1)) (&& (== net48) (>= netcoreapp3.0)) (&& (== net48) (>= netstandard2.1)) (== net5.0-windows7.0) (== net50) (== netcoreapp2.0) (&& (== netstandard1.0) (>= netcoreapp2.0)) (&& (== netstandard1.0) (>= netcoreapp2.1)) (&& (== netstandard1.0) (>= netcoreapp3.0)) (&& (== netstandard1.0) (>= netstandard2.0)) (&& (== netstandard1.0) (>= netstandard2.1)) (&& (== netstandard1.1) (>= netcoreapp2.0)) (&& (== netstandard1.1) (>= netcoreapp2.1)) (&& (== netstandard1.1) (>= netcoreapp3.0)) (&& (== netstandard1.1) (>= netstandard2.0)) (&& (== netstandard1.1) (>= netstandard2.1)) (== netstandard2.0)
      Microsoft.NETCore.Platforms (>= 5.0.1) - restriction: || (&& (== net20) (>= netcoreapp2.0)) (&& (== net35) (>= netcoreapp2.0)) (&& (== net40) (>= netcoreapp2.0)) (&& (== net45) (>= netcoreapp2.0)) (&& (== net461) (>= netcoreapp2.0)) (&& (== net471) (>= netcoreapp2.0)) (&& (== net472) (>= netcoreapp2.0)) (&& (== net48) (>= netcoreapp2.0)) (== net5.0-windows7.0) (== net50) (== netcoreapp2.0) (&& (== netstandard1.0) (>= netcoreapp2.0)) (&& (== netstandard1.1) (>= netcoreapp2.0)) (&& (== netstandard2.0) (>= netcoreapp2.0))
      Microsoft.Win32.Registry (>= 5.0) - restriction: || (&& (== net20) (>= netcoreapp2.0)) (&& (== net35) (>= netcoreapp2.0)) (&& (== net40) (>= netcoreapp2.0)) (&& (== net45) (>= netcoreapp2.0)) (&& (== net461) (>= netcoreapp2.0)) (&& (== net471) (>= netcoreapp2.0)) (&& (== net472) (>= netcoreapp2.0)) (&& (== net48) (>= netcoreapp2.0)) (== net5.0-windows7.0) (== net50) (== netcoreapp2.0) (&& (== netstandard1.0) (>= netcoreapp2.0)) (&& (== netstandard1.1) (>= netcoreapp2.0)) (&& (== netstandard2.0) (>= netcoreapp2.0))
      System.Security.Principal.Windows (>= 5.0) - restriction: || (&& (== net20) (>= net461)) (&& (== net20) (>= netstandard2.0)) (&& (== net35) (>= net461)) (&& (== net35) (>= netstandard2.0)) (&& (== net40) (>= net461)) (&& (== net40) (>= netstandard2.0)) (&& (== net45) (>= net461)) (&& (== net45) (>= netstandard2.0)) (== net461) (== net471) (== net472) (== net48) (== net5.0-windows7.0) (== net50) (== netcoreapp2.0) (&& (== netstandard1.0) (>= net461)) (&& (== netstandard1.0) (>= netstandard2.0)) (&& (== netstandard1.1) (>= net461)) (&& (== netstandard1.1) (>= netstandard2.0)) (== netstandard2.0)
    System.Diagnostics.PerformanceCounter (5.0.1) - restriction: || (&& (== net20) (== net471)) (&& (== net20) (== net472)) (&& (== net20) (== net48)) (&& (== net20) (>= netcoreapp2.0)) (&& (== net20) (>= netcoreapp2.1)) (&& (== net20) (>= netcoreapp3.0)) (&& (== net20) (>= netstandard2.0)) (&& (== net20) (>= netstandard2.1)) (&& (== net35) (== net471)) (&& (== net35) (== net472)) (&& (== net35) (== net48)) (&& (== net35) (>= netcoreapp2.0)) (&& (== net35) (>= netcoreapp2.1)) (&& (== net35) (>= netcoreapp3.0)) (&& (== net35) (>= netstandard2.0)) (&& (== net35) (>= netstandard2.1)) (&& (== net40) (== net471)) (&& (== net40) (== net472)) (&& (== net40) (== net48)) (&& (== net40) (>= netcoreapp2.0)) (&& (== net40) (>= netcoreapp2.1)) (&& (== net40) (>= netcoreapp3.0)) (&& (== net40) (>= netstandard2.0)) (&& (== net40) (>= netstandard2.1)) (&& (== net45) (== net471)) (&& (== net45) (== net472)) (&& (== net45) (== net48)) (&& (== net45) (>= netcoreapp2.0)) (&& (== net45) (>= netcoreapp2.1)) (&& (== net45) (>= netcoreapp3.0)) (&& (== net45) (>= netstandard2.0)) (&& (== net45) (>= netstandard2.1)) (&& (== net461) (>= netcoreapp3.0)) (&& (== net461) (>= netstandard2.1)) (&& (== net471) (== netstandard1.0)) (&& (== net471) (== netstandard1.1)) (&& (== net471) (< net461)) (&& (== net471) (>= netcoreapp2.0)) (&& (== net471) (>= netcoreapp2.1)) (&& (== net471) (>= netcoreapp3.0)) (&& (== net471) (>= netstandard2.1)) (&& (== net472) (== netstandard1.0)) (&& (== net472) (== netstandard1.1)) (&& (== net472) (< net461)) (&& (== net472) (>= netcoreapp2.0)) (&& (== net472) (>= netcoreapp2.1)) (&& (== net472) (>= netcoreapp3.0)) (&& (== net472) (>= netstandard2.1)) (&& (== net48) (== netstandard1.0)) (&& (== net48) (== netstandard1.1)) (&& (== net48) (< net461)) (&& (== net48) (>= netcoreapp2.0)) (&& (== net48) (>= netcoreapp2.1)) (&& (== net48) (>= netcoreapp3.0)) (&& (== net48) (>= netstandard2.1)) (== net5.0-windows7.0) (== net50) (== netcoreapp2.0) (&& (== netstandard1.0) (>= netcoreapp2.0)) (&& (== netstandard1.0) (>= netcoreapp2.1)) (&& (== netstandard1.0) (>= netcoreapp3.0)) (&& (== netstandard1.0) (>= netstandard2.0)) (&& (== netstandard1.0) (>= netstandard2.1)) (&& (== netstandard1.1) (>= netcoreapp2.0)) (&& (== netstandard1.1) (>= netcoreapp2.1)) (&& (== netstandard1.1) (>= netcoreapp3.0)) (&& (== netstandard1.1) (>= netstandard2.0)) (&& (== netstandard1.1) (>= netstandard2.1)) (== netstandard2.0)
      Microsoft.NETCore.Platforms (>= 5.0.1) - restriction: || (&& (== net20) (>= netcoreapp2.0)) (&& (== net20) (>= netcoreapp2.1)) (&& (== net35) (>= netcoreapp2.0)) (&& (== net35) (>= netcoreapp2.1)) (&& (== net40) (>= netcoreapp2.0)) (&& (== net40) (>= netcoreapp2.1)) (&& (== net45) (>= netcoreapp2.0)) (&& (== net45) (>= netcoreapp2.1)) (&& (== net461) (>= netcoreapp2.0)) (&& (== net461) (>= netcoreapp2.1)) (&& (== net471) (>= netcoreapp2.0)) (&& (== net471) (>= netcoreapp2.1)) (&& (== net472) (>= netcoreapp2.0)) (&& (== net472) (>= netcoreapp2.1)) (&& (== net48) (>= netcoreapp2.0)) (&& (== net48) (>= netcoreapp2.1)) (== net5.0-windows7.0) (== net50) (== netcoreapp2.0) (&& (== netstandard1.0) (>= netcoreapp2.0)) (&& (== netstandard1.0) (>= netcoreapp2.1)) (&& (== netstandard1.1) (>= netcoreapp2.0)) (&& (== netstandard1.1) (>= netcoreapp2.1)) (&& (== netstandard2.0) (>= netcoreapp2.0)) (&& (== netstandard2.0) (>= netcoreapp2.1))
      Microsoft.Win32.Registry (>= 5.0) - restriction: || (&& (== net20) (>= netcoreapp2.0)) (&& (== net20) (>= netcoreapp2.1)) (&& (== net35) (>= netcoreapp2.0)) (&& (== net35) (>= netcoreapp2.1)) (&& (== net40) (>= netcoreapp2.0)) (&& (== net40) (>= netcoreapp2.1)) (&& (== net45) (>= netcoreapp2.0)) (&& (== net45) (>= netcoreapp2.1)) (&& (== net461) (>= netcoreapp2.0)) (&& (== net461) (>= netcoreapp2.1)) (&& (== net471) (>= netcoreapp2.0)) (&& (== net471) (>= netcoreapp2.1)) (&& (== net472) (>= netcoreapp2.0)) (&& (== net472) (>= netcoreapp2.1)) (&& (== net48) (>= netcoreapp2.0)) (&& (== net48) (>= netcoreapp2.1)) (== net5.0-windows7.0) (== net50) (== netcoreapp2.0) (&& (== netstandard1.0) (>= netcoreapp2.0)) (&& (== netstandard1.0) (>= netcoreapp2.1)) (&& (== netstandard1.1) (>= netcoreapp2.0)) (&& (== netstandard1.1) (>= netcoreapp2.1)) (&& (== netstandard2.0) (>= netcoreapp2.0)) (&& (== netstandard2.0) (>= netcoreapp2.1))
      System.Configuration.ConfigurationManager (>= 5.0) - restriction: || (&& (== net20) (>= netcoreapp2.0)) (&& (== net20) (>= netcoreapp2.1)) (&& (== net35) (>= netcoreapp2.0)) (&& (== net35) (>= netcoreapp2.1)) (&& (== net40) (>= netcoreapp2.0)) (&& (== net40) (>= netcoreapp2.1)) (&& (== net45) (>= netcoreapp2.0)) (&& (== net45) (>= netcoreapp2.1)) (&& (== net461) (>= netcoreapp2.0)) (&& (== net461) (>= netcoreapp2.1)) (&& (== net471) (>= netcoreapp2.0)) (&& (== net471) (>= netcoreapp2.1)) (&& (== net472) (>= netcoreapp2.0)) (&& (== net472) (>= netcoreapp2.1)) (&& (== net48) (>= netcoreapp2.0)) (&& (== net48) (>= netcoreapp2.1)) (== net5.0-windows7.0) (== net50) (== netcoreapp2.0) (&& (== netstandard1.0) (>= netcoreapp2.0)) (&& (== netstandard1.0) (>= netcoreapp2.1)) (&& (== netstandard1.1) (>= netcoreapp2.0)) (&& (== netstandard1.1) (>= netcoreapp2.1)) (&& (== netstandard2.0) (>= netcoreapp2.0)) (&& (== netstandard2.0) (>= netcoreapp2.1))
      System.Memory (>= 4.5.4) - restriction: || (&& (== net20) (>= netcoreapp2.0)) (&& (== net35) (>= netcoreapp2.0)) (&& (== net40) (>= netcoreapp2.0)) (&& (== net45) (>= netcoreapp2.0)) (&& (== net461) (>= netcoreapp2.0)) (&& (== net471) (>= netcoreapp2.0)) (&& (== net472) (>= netcoreapp2.0)) (&& (== net48) (>= netcoreapp2.0)) (&& (== net5.0-windows7.0) (< netcoreapp2.1)) (&& (== net50) (< netcoreapp2.1)) (== netcoreapp2.0) (&& (== netstandard1.0) (>= netcoreapp2.0)) (&& (== netstandard1.1) (>= netcoreapp2.0)) (&& (== netstandard2.0) (>= netcoreapp2.0))
      System.Security.Principal.Windows (>= 5.0) - restriction: || (&& (== net20) (>= netcoreapp2.0)) (&& (== net20) (>= netcoreapp2.1)) (&& (== net35) (>= netcoreapp2.0)) (&& (== net35) (>= netcoreapp2.1)) (&& (== net40) (>= netcoreapp2.0)) (&& (== net40) (>= netcoreapp2.1)) (&& (== net45) (>= netcoreapp2.0)) (&& (== net45) (>= netcoreapp2.1)) (&& (== net461) (>= netcoreapp2.0)) (&& (== net461) (>= netcoreapp2.1)) (&& (== net471) (>= netcoreapp2.0)) (&& (== net471) (>= netcoreapp2.1)) (&& (== net472) (>= netcoreapp2.0)) (&& (== net472) (>= netcoreapp2.1)) (&& (== net48) (>= netcoreapp2.0)) (&& (== net48) (>= netcoreapp2.1)) (== net5.0-windows7.0) (== net50) (== netcoreapp2.0) (&& (== netstandard1.0) (>= netcoreapp2.0)) (&& (== netstandard1.0) (>= netcoreapp2.1)) (&& (== netstandard1.1) (>= netcoreapp2.0)) (&& (== netstandard1.1) (>= netcoreapp2.1)) (&& (== netstandard2.0) (>= netcoreapp2.0)) (&& (== netstandard2.0) (>= netcoreapp2.1))
    System.Diagnostics.Process (4.3) - restriction: || (&& (== net20) (== net5.0-windows7.0)) (&& (== net20) (== net50)) (&& (== net20) (>= netcoreapp1.0)) (&& (== net35) (== net5.0-windows7.0)) (&& (== net35) (== net50)) (&& (== net35) (>= netcoreapp1.0)) (&& (== net40) (== net5.0-windows7.0)) (&& (== net40) (== net50)) (&& (== net40) (>= netcoreapp1.0)) (&& (== net45) (== net5.0-windows7.0)) (&& (== net45) (== net50)) (&& (== net45) (>= netcoreapp1.0)) (&& (== net461) (== net5.0-windows7.0)) (&& (== net461) (== net50)) (&& (== net461) (>= netcoreapp1.0)) (&& (== net471) (== net5.0-windows7.0)) (&& (== net471) (== net50)) (&& (== net471) (>= netcoreapp1.0)) (&& (== net472) (== net5.0-windows7.0)) (&& (== net472) (== net50)) (&& (== net472) (>= netcoreapp1.0)) (&& (== net48) (== net5.0-windows7.0)) (&& (== net48) (== net50)) (&& (== net48) (>= netcoreapp1.0)) (&& (== net5.0-windows7.0) (== netstandard1.0)) (&& (== net5.0-windows7.0) (== netstandard1.1)) (&& (== net5.0-windows7.0) (== netstandard2.0)) (&& (== net5.0-windows7.0) (< netcoreapp2.1)) (&& (== net50) (== netstandard1.0)) (&& (== net50) (== netstandard1.1)) (&& (== net50) (== netstandard2.0)) (&& (== net50) (< netcoreapp2.1)) (== netcoreapp2.0) (&& (== netstandard1.0) (>= netcoreapp1.0)) (&& (== netstandard1.1) (>= netcoreapp1.0)) (&& (== netstandard2.0) (>= netcoreapp1.0))
      Microsoft.NETCore.Platforms (>= 1.1) - restriction: || (&& (== net20) (>= netstandard1.4)) (&& (== net35) (>= netstandard1.4)) (&& (== net40) (>= netstandard1.4)) (&& (== net45) (>= netstandard1.4)) (&& (== net461) (< net46)) (&& (== net471) (< net46)) (&& (== net472) (< net46)) (&& (== net48) (< net46)) (== net5.0-windows7.0) (== net50) (== netcoreapp2.0) (&& (== netstandard1.0) (>= netstandard1.4)) (&& (== netstandard1.1) (>= netstandard1.4)) (== netstandard2.0)
      Microsoft.Win32.Primitives (>= 4.3) - restriction: || (&& (== net20) (>= netstandard1.4)) (&& (== net35) (>= netstandard1.4)) (&& (== net40) (>= netstandard1.4)) (&& (== net45) (>= netstandard1.4)) (&& (== net461) (< net46)) (&& (== net471) (< net46)) (&& (== net472) (< net46)) (&& (== net48) (< net46)) (== net5.0-windows7.0) (== net50) (== netcoreapp2.0) (&& (== netstandard1.0) (>= netstandard1.4)) (&& (== netstandard1.1) (>= netstandard1.4)) (== netstandard2.0)
      Microsoft.Win32.Registry (>= 4.3) - restriction: || (&& (== net20) (>= netstandard1.4)) (&& (== net35) (>= netstandard1.4)) (&& (== net40) (>= netstandard1.4)) (&& (== net45) (>= netstandard1.4)) (&& (== net461) (< net46)) (&& (== net471) (< net46)) (&& (== net472) (< net46)) (&& (== net48) (< net46)) (== net5.0-windows7.0) (== net50) (== netcoreapp2.0) (&& (== netstandard1.0) (>= netstandard1.4)) (&& (== netstandard1.1) (>= netstandard1.4)) (== netstandard2.0)
      runtime.native.System (>= 4.3) - restriction: || (&& (== net20) (>= netstandard1.4)) (&& (== net35) (>= netstandard1.4)) (&& (== net40) (>= netstandard1.4)) (&& (== net45) (>= netstandard1.4)) (&& (== net461) (< net46)) (&& (== net471) (< net46)) (&& (== net472) (< net46)) (&& (== net48) (< net46)) (== net5.0-windows7.0) (== net50) (== netcoreapp2.0) (&& (== netstandard1.0) (>= netstandard1.4)) (&& (== netstandard1.1) (>= netstandard1.4)) (== netstandard2.0)
      System.Collections (>= 4.3) - restriction: || (&& (== net20) (>= netstandard1.4)) (&& (== net35) (>= netstandard1.4)) (&& (== net40) (>= netstandard1.4)) (&& (== net45) (>= netstandard1.4)) (&& (== net461) (< net46)) (&& (== net471) (< net46)) (&& (== net472) (< net46)) (&& (== net48) (< net46)) (== net5.0-windows7.0) (== net50) (== netcoreapp2.0) (&& (== netstandard1.0) (>= netstandard1.4)) (&& (== netstandard1.1) (>= netstandard1.4)) (== netstandard2.0)
      System.Diagnostics.Debug (>= 4.3) - restriction: || (&& (== net20) (>= netstandard1.4)) (&& (== net35) (>= netstandard1.4)) (&& (== net40) (>= netstandard1.4)) (&& (== net45) (>= netstandard1.4)) (&& (== net461) (< net46)) (&& (== net471) (< net46)) (&& (== net472) (< net46)) (&& (== net48) (< net46)) (== net5.0-windows7.0) (== net50) (== netcoreapp2.0) (&& (== netstandard1.0) (>= netstandard1.4)) (&& (== netstandard1.1) (>= netstandard1.4)) (== netstandard2.0)
      System.Globalization (>= 4.3) - restriction: || (&& (== net20) (>= netstandard1.4)) (&& (== net35) (>= netstandard1.4)) (&& (== net40) (>= netstandard1.4)) (&& (== net45) (>= netstandard1.4)) (&& (== net461) (< net46)) (&& (== net471) (< net46)) (&& (== net472) (< net46)) (&& (== net48) (< net46)) (== net5.0-windows7.0) (== net50) (== netcoreapp2.0) (&& (== netstandard1.0) (>= netstandard1.4)) (&& (== netstandard1.1) (>= netstandard1.4)) (== netstandard2.0)
      System.IO (>= 4.3) - restriction: || (&& (== net20) (>= netstandard1.3)) (&& (== net20) (>= netstandard1.4)) (&& (== net35) (>= netstandard1.3)) (&& (== net35) (>= netstandard1.4)) (&& (== net40) (>= netstandard1.3)) (&& (== net40) (>= netstandard1.4)) (&& (== net45) (>= netstandard1.3)) (&& (== net45) (>= netstandard1.4)) (&& (== net461) (< net46)) (&& (== net471) (< net46)) (&& (== net472) (< net46)) (&& (== net48) (< net46)) (== net5.0-windows7.0) (== net50) (== netcoreapp2.0) (&& (== netstandard1.0) (>= netstandard1.3)) (&& (== netstandard1.0) (>= netstandard1.4)) (&& (== netstandard1.1) (>= netstandard1.3)) (&& (== netstandard1.1) (>= netstandard1.4)) (== netstandard2.0)
      System.IO.FileSystem (>= 4.3) - restriction: || (&& (== net20) (>= netstandard1.4)) (&& (== net35) (>= netstandard1.4)) (&& (== net40) (>= netstandard1.4)) (&& (== net45) (>= netstandard1.4)) (&& (== net461) (< net46)) (&& (== net471) (< net46)) (&& (== net472) (< net46)) (&& (== net48) (< net46)) (== net5.0-windows7.0) (== net50) (== netcoreapp2.0) (&& (== netstandard1.0) (>= netstandard1.4)) (&& (== netstandard1.1) (>= netstandard1.4)) (== netstandard2.0)
      System.IO.FileSystem.Primitives (>= 4.3) - restriction: || (&& (== net20) (>= netstandard1.4)) (&& (== net35) (>= netstandard1.4)) (&& (== net40) (>= netstandard1.4)) (&& (== net45) (>= netstandard1.4)) (&& (== net461) (< net46)) (&& (== net471) (< net46)) (&& (== net472) (< net46)) (&& (== net48) (< net46)) (== net5.0-windows7.0) (== net50) (== netcoreapp2.0) (&& (== netstandard1.0) (>= netstandard1.4)) (&& (== netstandard1.1) (>= netstandard1.4)) (== netstandard2.0)
      System.Resources.ResourceManager (>= 4.3) - restriction: || (&& (== net20) (>= netstandard1.4)) (&& (== net35) (>= netstandard1.4)) (&& (== net40) (>= netstandard1.4)) (&& (== net45) (>= netstandard1.4)) (&& (== net461) (< net46)) (&& (== net471) (< net46)) (&& (== net472) (< net46)) (&& (== net48) (< net46)) (== net5.0-windows7.0) (== net50) (== netcoreapp2.0) (&& (== netstandard1.0) (>= netstandard1.4)) (&& (== netstandard1.1) (>= netstandard1.4)) (== netstandard2.0)
      System.Runtime (>= 4.3) - restriction: || (&& (== net20) (>= netstandard1.3)) (&& (== net20) (>= netstandard1.4)) (&& (== net35) (>= netstandard1.3)) (&& (== net35) (>= netstandard1.4)) (&& (== net40) (>= netstandard1.3)) (&& (== net40) (>= netstandard1.4)) (&& (== net45) (>= netstandard1.3)) (&& (== net45) (>= netstandard1.4)) (&& (== net461) (< net46)) (&& (== net471) (< net46)) (&& (== net472) (< net46)) (&& (== net48) (< net46)) (== net5.0-windows7.0) (== net50) (== netcoreapp2.0) (&& (== netstandard1.0) (>= netstandard1.3)) (&& (== netstandard1.0) (>= netstandard1.4)) (&& (== netstandard1.1) (>= netstandard1.3)) (&& (== netstandard1.1) (>= netstandard1.4)) (== netstandard2.0)
      System.Runtime.Extensions (>= 4.3) - restriction: || (&& (== net20) (>= netstandard1.4)) (&& (== net35) (>= netstandard1.4)) (&& (== net40) (>= netstandard1.4)) (&& (== net45) (>= netstandard1.4)) (&& (== net461) (< net46)) (&& (== net471) (< net46)) (&& (== net472) (< net46)) (&& (== net48) (< net46)) (== net5.0-windows7.0) (== net50) (== netcoreapp2.0) (&& (== netstandard1.0) (>= netstandard1.4)) (&& (== netstandard1.1) (>= netstandard1.4)) (== netstandard2.0)
      System.Runtime.Handles (>= 4.3) - restriction: || (&& (== net20) (>= netstandard1.3)) (&& (== net20) (>= netstandard1.4)) (&& (== net35) (>= netstandard1.3)) (&& (== net35) (>= netstandard1.4)) (&& (== net40) (>= netstandard1.3)) (&& (== net40) (>= netstandard1.4)) (&& (== net45) (>= netstandard1.3)) (&& (== net45) (>= netstandard1.4)) (&& (== net461) (< net46)) (&& (== net471) (< net46)) (&& (== net472) (< net46)) (&& (== net48) (< net46)) (== net5.0-windows7.0) (== net50) (== netcoreapp2.0) (&& (== netstandard1.0) (>= netstandard1.3)) (&& (== netstandard1.0) (>= netstandard1.4)) (&& (== netstandard1.1) (>= netstandard1.3)) (&& (== netstandard1.1) (>= netstandard1.4)) (== netstandard2.0)
      System.Runtime.InteropServices (>= 4.3) - restriction: || (&& (== net20) (>= netstandard1.4)) (&& (== net35) (>= netstandard1.4)) (&& (== net40) (>= netstandard1.4)) (&& (== net45) (>= netstandard1.4)) (&& (== net461) (< net46)) (&& (== net471) (< net46)) (&& (== net472) (< net46)) (&& (== net48) (< net46)) (== net5.0-windows7.0) (== net50) (== netcoreapp2.0) (&& (== netstandard1.0) (>= netstandard1.4)) (&& (== netstandard1.1) (>= netstandard1.4)) (== netstandard2.0)
      System.Text.Encoding (>= 4.3) - restriction: || (&& (== net20) (>= netstandard1.3)) (&& (== net20) (>= netstandard1.4)) (&& (== net35) (>= netstandard1.3)) (&& (== net35) (>= netstandard1.4)) (&& (== net40) (>= netstandard1.3)) (&& (== net40) (>= netstandard1.4)) (&& (== net45) (>= netstandard1.3)) (&& (== net45) (>= netstandard1.4)) (&& (== net461) (< net46)) (&& (== net471) (< net46)) (&& (== net472) (< net46)) (&& (== net48) (< net46)) (== net5.0-windows7.0) (== net50) (== netcoreapp2.0) (&& (== netstandard1.0) (>= netstandard1.3)) (&& (== netstandard1.0) (>= netstandard1.4)) (&& (== netstandard1.1) (>= netstandard1.3)) (&& (== netstandard1.1) (>= netstandard1.4)) (== netstandard2.0)
      System.Text.Encoding.Extensions (>= 4.3) - restriction: || (&& (== net20) (>= netstandard1.4)) (&& (== net35) (>= netstandard1.4)) (&& (== net40) (>= netstandard1.4)) (&& (== net45) (>= netstandard1.4)) (&& (== net461) (< net46)) (&& (== net471) (< net46)) (&& (== net472) (< net46)) (&& (== net48) (< net46)) (== net5.0-windows7.0) (== net50) (== netcoreapp2.0) (&& (== netstandard1.0) (>= netstandard1.4)) (&& (== netstandard1.1) (>= netstandard1.4)) (== netstandard2.0)
      System.Threading (>= 4.3) - restriction: || (&& (== net20) (>= netstandard1.4)) (&& (== net35) (>= netstandard1.4)) (&& (== net40) (>= netstandard1.4)) (&& (== net45) (>= netstandard1.4)) (&& (== net461) (< net46)) (&& (== net471) (< net46)) (&& (== net472) (< net46)) (&& (== net48) (< net46)) (== net5.0-windows7.0) (== net50) (== netcoreapp2.0) (&& (== netstandard1.0) (>= netstandard1.4)) (&& (== netstandard1.1) (>= netstandard1.4)) (== netstandard2.0)
      System.Threading.Tasks (>= 4.3) - restriction: || (&& (== net20) (>= netstandard1.4)) (&& (== net35) (>= netstandard1.4)) (&& (== net40) (>= netstandard1.4)) (&& (== net45) (>= netstandard1.4)) (&& (== net461) (< net46)) (&& (== net471) (< net46)) (&& (== net472) (< net46)) (&& (== net48) (< net46)) (== net5.0-windows7.0) (== net50) (== netcoreapp2.0) (&& (== netstandard1.0) (>= netstandard1.4)) (&& (== netstandard1.1) (>= netstandard1.4)) (== netstandard2.0)
      System.Threading.Thread (>= 4.3) - restriction: || (&& (== net20) (>= netstandard1.4)) (&& (== net35) (>= netstandard1.4)) (&& (== net40) (>= netstandard1.4)) (&& (== net45) (>= netstandard1.4)) (&& (== net461) (< net46)) (&& (== net471) (< net46)) (&& (== net472) (< net46)) (&& (== net48) (< net46)) (== net5.0-windows7.0) (== net50) (== netcoreapp2.0) (&& (== netstandard1.0) (>= netstandard1.4)) (&& (== netstandard1.1) (>= netstandard1.4)) (== netstandard2.0)
      System.Threading.ThreadPool (>= 4.3) - restriction: || (&& (== net20) (>= netstandard1.4)) (&& (== net35) (>= netstandard1.4)) (&& (== net40) (>= netstandard1.4)) (&& (== net45) (>= netstandard1.4)) (&& (== net461) (< net46)) (&& (== net471) (< net46)) (&& (== net472) (< net46)) (&& (== net48) (< net46)) (== net5.0-windows7.0) (== net50) (== netcoreapp2.0) (&& (== netstandard1.0) (>= netstandard1.4)) (&& (== netstandard1.1) (>= netstandard1.4)) (== netstandard2.0)
    System.Diagnostics.StackTrace (4.3) - restriction: || (&& (== net20) (== net5.0-windows7.0)) (&& (== net20) (== net50)) (&& (== net20) (>= netcoreapp1.0)) (&& (== net35) (== net5.0-windows7.0)) (&& (== net35) (== net50)) (&& (== net35) (>= netcoreapp1.0)) (&& (== net40) (== net5.0-windows7.0)) (&& (== net40) (== net50)) (&& (== net40) (>= netcoreapp1.0)) (&& (== net45) (== net5.0-windows7.0)) (&& (== net45) (== net50)) (&& (== net45) (>= netcoreapp1.0)) (&& (== net461) (== net5.0-windows7.0)) (&& (== net461) (== net50)) (&& (== net461) (>= netcoreapp1.0)) (&& (== net471) (== net5.0-windows7.0)) (&& (== net471) (== net50)) (&& (== net471) (>= netcoreapp1.0)) (&& (== net472) (== net5.0-windows7.0)) (&& (== net472) (== net50)) (&& (== net472) (>= netcoreapp1.0)) (&& (== net48) (== net5.0-windows7.0)) (&& (== net48) (== net50)) (&& (== net48) (>= netcoreapp1.0)) (&& (== net5.0-windows7.0) (== netstandard1.0)) (&& (== net5.0-windows7.0) (== netstandard1.1)) (&& (== net5.0-windows7.0) (== netstandard2.0)) (&& (== net5.0-windows7.0) (< netcoreapp2.1)) (&& (== net50) (== netstandard1.0)) (&& (== net50) (== netstandard1.1)) (&& (== net50) (== netstandard2.0)) (&& (== net50) (< netcoreapp2.1)) (== netcoreapp2.0) (&& (== netstandard1.0) (>= netcoreapp1.0)) (&& (== netstandard1.1) (>= netcoreapp1.0)) (&& (== netstandard2.0) (>= netcoreapp1.0))
      System.IO.FileSystem (>= 4.3) - restriction: || (&& (== net20) (>= netstandard1.3)) (&& (== net35) (>= netstandard1.3)) (&& (== net40) (>= netstandard1.3)) (&& (== net45) (>= netstandard1.3)) (&& (== net461) (< net46)) (&& (== net471) (< net46)) (&& (== net472) (< net46)) (&& (== net48) (< net46)) (== net5.0-windows7.0) (== net50) (== netcoreapp2.0) (&& (== netstandard1.0) (>= netstandard1.3)) (&& (== netstandard1.1) (>= netstandard1.3)) (== netstandard2.0)
      System.Reflection (>= 4.3) - restriction: || (&& (== net20) (>= netstandard1.3)) (&& (== net35) (>= netstandard1.3)) (&& (== net40) (>= netstandard1.3)) (&& (== net45) (>= netstandard1.3)) (&& (== net461) (< net46)) (&& (== net471) (< net46)) (&& (== net472) (< net46)) (&& (== net48) (< net46)) (== net5.0-windows7.0) (== net50) (== netcoreapp2.0) (&& (== netstandard1.0) (>= netstandard1.3)) (&& (== netstandard1.1) (>= netstandard1.3)) (== netstandard2.0)
      System.Reflection.Metadata (>= 1.4.1) - restriction: || (&& (== net20) (>= netstandard1.3)) (&& (== net35) (>= netstandard1.3)) (&& (== net40) (>= netstandard1.3)) (&& (== net45) (>= netstandard1.3)) (&& (== net461) (< net46)) (&& (== net471) (< net46)) (&& (== net472) (< net46)) (&& (== net48) (< net46)) (== net5.0-windows7.0) (== net50) (== netcoreapp2.0) (&& (== netstandard1.0) (>= netstandard1.3)) (&& (== netstandard1.1) (>= netstandard1.3)) (== netstandard2.0)
      System.Runtime (>= 4.3) - restriction: || (&& (== net20) (>= netstandard1.3)) (&& (== net35) (>= netstandard1.3)) (&& (== net40) (>= netstandard1.3)) (&& (== net45) (>= netstandard1.3)) (&& (== net461) (< net46)) (&& (== net471) (< net46)) (&& (== net472) (< net46)) (&& (== net48) (< net46)) (== net5.0-windows7.0) (== net50) (== netcoreapp2.0) (&& (== netstandard1.0) (>= netstandard1.3)) (&& (== netstandard1.1) (>= netstandard1.3)) (== netstandard2.0)
    System.Diagnostics.TextWriterTraceListener (4.3) - restriction: || (&& (== net20) (== net5.0-windows7.0)) (&& (== net20) (== net50)) (&& (== net20) (>= netcoreapp1.0)) (&& (== net35) (== net5.0-windows7.0)) (&& (== net35) (== net50)) (&& (== net35) (>= netcoreapp1.0)) (&& (== net40) (== net5.0-windows7.0)) (&& (== net40) (== net50)) (&& (== net40) (>= netcoreapp1.0)) (&& (== net45) (== net5.0-windows7.0)) (&& (== net45) (== net50)) (&& (== net45) (>= netcoreapp1.0)) (&& (== net461) (== net5.0-windows7.0)) (&& (== net461) (== net50)) (&& (== net461) (>= netcoreapp1.0)) (&& (== net471) (== net5.0-windows7.0)) (&& (== net471) (== net50)) (&& (== net471) (>= netcoreapp1.0)) (&& (== net472) (== net5.0-windows7.0)) (&& (== net472) (== net50)) (&& (== net472) (>= netcoreapp1.0)) (&& (== net48) (== net5.0-windows7.0)) (&& (== net48) (== net50)) (&& (== net48) (>= netcoreapp1.0)) (&& (== net5.0-windows7.0) (== netstandard1.0)) (&& (== net5.0-windows7.0) (== netstandard1.1)) (&& (== net5.0-windows7.0) (== netstandard2.0)) (&& (== net5.0-windows7.0) (< netcoreapp2.1)) (&& (== net50) (== netstandard1.0)) (&& (== net50) (== netstandard1.1)) (&& (== net50) (== netstandard2.0)) (&& (== net50) (< netcoreapp2.1)) (== netcoreapp2.0) (&& (== netstandard1.0) (>= netcoreapp1.0)) (&& (== netstandard1.1) (>= netcoreapp1.0)) (&& (== netstandard2.0) (>= netcoreapp1.0))
      System.Diagnostics.TraceSource (>= 4.3) - restriction: || (&& (== net20) (>= net46)) (&& (== net20) (>= netstandard1.3)) (&& (== net35) (>= net46)) (&& (== net35) (>= netstandard1.3)) (&& (== net40) (>= net46)) (&& (== net40) (>= netstandard1.3)) (&& (== net45) (>= net46)) (&& (== net45) (>= netstandard1.3)) (== net461) (== net471) (== net472) (== net48) (== net5.0-windows7.0) (== net50) (== netcoreapp2.0) (&& (== netstandard1.0) (>= net46)) (&& (== netstandard1.0) (>= netstandard1.3)) (&& (== netstandard1.1) (>= net46)) (&& (== netstandard1.1) (>= netstandard1.3)) (== netstandard2.0)
      System.Globalization (>= 4.3) - restriction: || (&& (== net20) (>= netstandard1.3)) (&& (== net35) (>= netstandard1.3)) (&& (== net40) (>= netstandard1.3)) (&& (== net45) (>= netstandard1.3)) (&& (== net461) (< net46)) (&& (== net471) (< net46)) (&& (== net472) (< net46)) (&& (== net48) (< net46)) (== net5.0-windows7.0) (== net50) (== netcoreapp2.0) (&& (== netstandard1.0) (>= netstandard1.3)) (&& (== netstandard1.1) (>= netstandard1.3)) (== netstandard2.0)
      System.IO (>= 4.3) - restriction: || (&& (== net20) (>= netstandard1.3)) (&& (== net35) (>= netstandard1.3)) (&& (== net40) (>= netstandard1.3)) (&& (== net45) (>= netstandard1.3)) (&& (== net461) (< net46)) (&& (== net471) (< net46)) (&& (== net472) (< net46)) (&& (== net48) (< net46)) (== net5.0-windows7.0) (== net50) (== netcoreapp2.0) (&& (== netstandard1.0) (>= netstandard1.3)) (&& (== netstandard1.1) (>= netstandard1.3)) (== netstandard2.0)
      System.Resources.ResourceManager (>= 4.3) - restriction: || (&& (== net20) (>= netstandard1.3)) (&& (== net35) (>= netstandard1.3)) (&& (== net40) (>= netstandard1.3)) (&& (== net45) (>= netstandard1.3)) (&& (== net461) (< net46)) (&& (== net471) (< net46)) (&& (== net472) (< net46)) (&& (== net48) (< net46)) (== net5.0-windows7.0) (== net50) (== netcoreapp2.0) (&& (== netstandard1.0) (>= netstandard1.3)) (&& (== netstandard1.1) (>= netstandard1.3)) (== netstandard2.0)
      System.Runtime (>= 4.3) - restriction: || (&& (== net20) (>= netstandard1.3)) (&& (== net35) (>= netstandard1.3)) (&& (== net40) (>= netstandard1.3)) (&& (== net45) (>= netstandard1.3)) (&& (== net461) (< net46)) (&& (== net471) (< net46)) (&& (== net472) (< net46)) (&& (== net48) (< net46)) (== net5.0-windows7.0) (== net50) (== netcoreapp2.0) (&& (== netstandard1.0) (>= netstandard1.3)) (&& (== netstandard1.1) (>= netstandard1.3)) (== netstandard2.0)
      System.Threading (>= 4.3) - restriction: || (&& (== net20) (>= netstandard1.3)) (&& (== net35) (>= netstandard1.3)) (&& (== net40) (>= netstandard1.3)) (&& (== net45) (>= netstandard1.3)) (&& (== net461) (< net46)) (&& (== net471) (< net46)) (&& (== net472) (< net46)) (&& (== net48) (< net46)) (== net5.0-windows7.0) (== net50) (== netcoreapp2.0) (&& (== netstandard1.0) (>= netstandard1.3)) (&& (== netstandard1.1) (>= netstandard1.3)) (== netstandard2.0)
    System.Diagnostics.Tools (4.3)
      Microsoft.NETCore.Platforms (>= 1.1) - restriction: || (&& (== net20) (>= netstandard1.0)) (&& (== net35) (>= netstandard1.0)) (&& (== net40) (>= netstandard1.0)) (&& (== net461) (< net45)) (&& (== net471) (< net45)) (&& (== net472) (< net45)) (&& (== net48) (< net45)) (== net5.0-windows7.0) (== net50) (== netcoreapp2.0) (== netstandard1.0) (== netstandard1.1) (== netstandard2.0)
      Microsoft.NETCore.Targets (>= 1.1) - restriction: || (&& (== net20) (>= netstandard1.0)) (&& (== net35) (>= netstandard1.0)) (&& (== net40) (>= netstandard1.0)) (&& (== net461) (< net45)) (&& (== net471) (< net45)) (&& (== net472) (< net45)) (&& (== net48) (< net45)) (== net5.0-windows7.0) (== net50) (== netcoreapp2.0) (== netstandard1.0) (== netstandard1.1) (== netstandard2.0)
      System.Runtime (>= 4.3) - restriction: || (&& (== net20) (>= netstandard1.0)) (&& (== net35) (>= netstandard1.0)) (&& (== net40) (>= netstandard1.0)) (&& (== net461) (< net45)) (&& (== net471) (< net45)) (&& (== net472) (< net45)) (&& (== net48) (< net45)) (== net5.0-windows7.0) (== net50) (== netcoreapp2.0) (== netstandard1.0) (== netstandard1.1) (== netstandard2.0)
    System.Diagnostics.TraceSource (4.3) - restriction: || (&& (== net20) (== net45) (>= netstandard1.3)) (&& (== net20) (== net45) (>= netstandard1.5)) (&& (== net20) (== net461)) (&& (== net20) (== net471)) (&& (== net20) (== net472)) (&& (== net20) (== net48)) (&& (== net20) (>= net45) (>= netstandard1.3)) (&& (== net20) (>= net45) (>= netstandard1.5)) (&& (== net20) (>= netcoreapp1.0)) (&& (== net20) (>= netstandard2.0)) (&& (== net35) (>= netcoreapp1.0)) (&& (== net40) (< net35) (>= net45) (>= netstandard1.3)) (&& (== net40) (< net35) (>= net45) (>= netstandard1.5)) (&& (== net40) (< net35) (>= netstandard2.0)) (&& (== net40) (>= netcoreapp1.0)) (&& (== net45) (== netstandard1.0) (>= netstandard1.3)) (&& (== net45) (== netstandard1.0) (>= netstandard1.5)) (&& (== net45) (== netstandard1.1) (>= netstandard1.3)) (&& (== net45) (== netstandard1.1) (>= netstandard1.5)) (&& (== net45) (< net35) (>= netstandard1.3)) (&& (== net45) (< net35) (>= netstandard1.5)) (&& (== net45) (>= netcoreapp1.0)) (&& (== net461) (== netstandard1.0)) (&& (== net461) (== netstandard1.1)) (&& (== net461) (< net35)) (&& (== net461) (>= netcoreapp1.0)) (&& (== net471) (== netstandard1.0)) (&& (== net471) (== netstandard1.1)) (&& (== net471) (< net35)) (&& (== net471) (>= netcoreapp1.0)) (&& (== net472) (== netstandard1.0)) (&& (== net472) (== netstandard1.1)) (&& (== net472) (< net35)) (&& (== net472) (>= netcoreapp1.0)) (&& (== net48) (== netstandard1.0)) (&& (== net48) (== netstandard1.1)) (&& (== net48) (< net35)) (&& (== net48) (>= netcoreapp1.0)) (== net5.0-windows7.0) (== net50) (== netcoreapp2.0) (&& (== netstandard1.0) (>= net45) (>= netstandard1.3)) (&& (== netstandard1.0) (>= net45) (>= netstandard1.5)) (&& (== netstandard1.0) (>= netcoreapp1.0)) (&& (== netstandard1.0) (>= netstandard2.0)) (&& (== netstandard1.1) (>= net45) (>= netstandard1.3)) (&& (== netstandard1.1) (>= net45) (>= netstandard1.5)) (&& (== netstandard1.1) (>= netcoreapp1.0)) (&& (== netstandard1.1) (>= netstandard2.0)) (== netstandard2.0)
      Microsoft.NETCore.Platforms (>= 1.1) - restriction: || (&& (== net20) (>= netstandard1.3)) (&& (== net35) (>= netstandard1.3)) (&& (== net40) (>= netstandard1.3)) (&& (== net45) (>= netstandard1.3)) (&& (== net461) (< net46)) (&& (== net471) (< net46)) (&& (== net472) (< net46)) (&& (== net48) (< net46)) (== net5.0-windows7.0) (== net50) (== netcoreapp2.0) (&& (== netstandard1.0) (>= netstandard1.3)) (&& (== netstandard1.1) (>= netstandard1.3)) (== netstandard2.0)
      runtime.native.System (>= 4.3) - restriction: || (&& (== net20) (>= netstandard1.3)) (&& (== net35) (>= netstandard1.3)) (&& (== net40) (>= netstandard1.3)) (&& (== net45) (>= netstandard1.3)) (&& (== net461) (< net46)) (&& (== net471) (< net46)) (&& (== net472) (< net46)) (&& (== net48) (< net46)) (== net5.0-windows7.0) (== net50) (== netcoreapp2.0) (&& (== netstandard1.0) (>= netstandard1.3)) (&& (== netstandard1.1) (>= netstandard1.3)) (== netstandard2.0)
      System.Collections (>= 4.3) - restriction: || (&& (== net20) (>= netstandard1.3)) (&& (== net35) (>= netstandard1.3)) (&& (== net40) (>= netstandard1.3)) (&& (== net45) (>= netstandard1.3)) (&& (== net461) (< net46)) (&& (== net471) (< net46)) (&& (== net472) (< net46)) (&& (== net48) (< net46)) (== net5.0-windows7.0) (== net50) (== netcoreapp2.0) (&& (== netstandard1.0) (>= netstandard1.3)) (&& (== netstandard1.1) (>= netstandard1.3)) (== netstandard2.0)
      System.Diagnostics.Debug (>= 4.3) - restriction: || (&& (== net20) (>= netstandard1.3)) (&& (== net35) (>= netstandard1.3)) (&& (== net40) (>= netstandard1.3)) (&& (== net45) (>= netstandard1.3)) (&& (== net461) (< net46)) (&& (== net471) (< net46)) (&& (== net472) (< net46)) (&& (== net48) (< net46)) (== net5.0-windows7.0) (== net50) (== netcoreapp2.0) (&& (== netstandard1.0) (>= netstandard1.3)) (&& (== netstandard1.1) (>= netstandard1.3)) (== netstandard2.0)
      System.Globalization (>= 4.3) - restriction: || (&& (== net20) (>= netstandard1.3)) (&& (== net35) (>= netstandard1.3)) (&& (== net40) (>= netstandard1.3)) (&& (== net45) (>= netstandard1.3)) (&& (== net461) (< net46)) (&& (== net471) (< net46)) (&& (== net472) (< net46)) (&& (== net48) (< net46)) (== net5.0-windows7.0) (== net50) (== netcoreapp2.0) (&& (== netstandard1.0) (>= netstandard1.3)) (&& (== netstandard1.1) (>= netstandard1.3)) (== netstandard2.0)
      System.Resources.ResourceManager (>= 4.3) - restriction: || (&& (== net20) (>= netstandard1.3)) (&& (== net35) (>= netstandard1.3)) (&& (== net40) (>= netstandard1.3)) (&& (== net45) (>= netstandard1.3)) (&& (== net461) (< net46)) (&& (== net471) (< net46)) (&& (== net472) (< net46)) (&& (== net48) (< net46)) (== net5.0-windows7.0) (== net50) (== netcoreapp2.0) (&& (== netstandard1.0) (>= netstandard1.3)) (&& (== netstandard1.1) (>= netstandard1.3)) (== netstandard2.0)
      System.Runtime (>= 4.3) - restriction: || (&& (== net20) (>= netstandard1.3)) (&& (== net35) (>= netstandard1.3)) (&& (== net40) (>= netstandard1.3)) (&& (== net45) (>= netstandard1.3)) (&& (== net461) (< net46)) (&& (== net471) (< net46)) (&& (== net472) (< net46)) (&& (== net48) (< net46)) (== net5.0-windows7.0) (== net50) (== netcoreapp2.0) (&& (== netstandard1.0) (>= netstandard1.3)) (&& (== netstandard1.1) (>= netstandard1.3)) (== netstandard2.0)
      System.Runtime.Extensions (>= 4.3) - restriction: || (&& (== net20) (>= netstandard1.3)) (&& (== net35) (>= netstandard1.3)) (&& (== net40) (>= netstandard1.3)) (&& (== net45) (>= netstandard1.3)) (&& (== net461) (< net46)) (&& (== net471) (< net46)) (&& (== net472) (< net46)) (&& (== net48) (< net46)) (== net5.0-windows7.0) (== net50) (== netcoreapp2.0) (&& (== netstandard1.0) (>= netstandard1.3)) (&& (== netstandard1.1) (>= netstandard1.3)) (== netstandard2.0)
      System.Threading (>= 4.3) - restriction: || (&& (== net20) (>= netstandard1.3)) (&& (== net35) (>= netstandard1.3)) (&& (== net40) (>= netstandard1.3)) (&& (== net45) (>= netstandard1.3)) (&& (== net461) (< net46)) (&& (== net471) (< net46)) (&& (== net472) (< net46)) (&& (== net48) (< net46)) (== net5.0-windows7.0) (== net50) (== netcoreapp2.0) (&& (== netstandard1.0) (>= netstandard1.3)) (&& (== netstandard1.1) (>= netstandard1.3)) (== netstandard2.0)
    System.Diagnostics.Tracing (4.3) - restriction: || (&& (== net20) (== net45)) (&& (== net20) (== net461)) (&& (== net20) (== net471)) (&& (== net20) (== net472)) (&& (== net20) (== net48)) (&& (== net20) (>= netstandard1.1)) (&& (== net20) (>= netstandard1.2)) (&& (== net20) (>= netstandard1.3)) (&& (== net20) (>= netstandard1.4)) (&& (== net20) (>= netstandard1.5)) (&& (== net20) (>= netstandard1.6)) (&& (== net20) (>= netstandard2.0)) (&& (== net20) (>= uap10.0)) (&& (== net35) (== net45)) (&& (== net35) (== net461)) (&& (== net35) (== net471)) (&& (== net35) (== net472)) (&& (== net35) (== net48)) (&& (== net35) (>= netstandard1.1)) (&& (== net35) (>= netstandard1.2)) (&& (== net35) (>= netstandard1.3)) (&& (== net35) (>= netstandard1.4)) (&& (== net35) (>= netstandard1.5)) (&& (== net35) (>= netstandard1.6)) (&& (== net35) (>= netstandard2.0)) (&& (== net35) (>= uap10.0)) (&& (== net40) (== net45)) (&& (== net40) (== net461)) (&& (== net40) (== net471)) (&& (== net40) (== net472)) (&& (== net40) (== net48)) (&& (== net40) (>= netstandard1.1)) (&& (== net40) (>= netstandard1.2)) (&& (== net40) (>= netstandard1.3)) (&& (== net40) (>= netstandard1.4)) (&& (== net40) (>= netstandard1.5)) (&& (== net40) (>= netstandard1.6)) (&& (== net40) (>= netstandard2.0)) (&& (== net40) (>= uap10.0)) (&& (== net45) (== netstandard1.0)) (&& (== net45) (>= uap10.0)) (&& (== net461) (== netstandard1.0)) (&& (== net461) (< net45)) (&& (== net461) (>= uap10.0)) (&& (== net471) (== netstandard1.0)) (&& (== net471) (< net45)) (&& (== net471) (< netstandard1.5) (>= uap10.0)) (&& (== net472) (== netstandard1.0)) (&& (== net472) (< net45)) (&& (== net472) (< netstandard1.5) (>= uap10.0)) (&& (== net48) (== netstandard1.0)) (&& (== net48) (< net45)) (&& (== net48) (< netstandard1.5) (>= uap10.0)) (== net5.0-windows7.0) (== net50) (== netcoreapp2.0) (&& (== netstandard1.0) (>= netstandard1.1)) (&& (== netstandard1.0) (>= netstandard1.2)) (&& (== netstandard1.0) (>= netstandard1.3)) (&& (== netstandard1.0) (>= netstandard1.4)) (&& (== netstandard1.0) (>= netstandard1.5)) (&& (== netstandard1.0) (>= netstandard1.6)) (&& (== netstandard1.0) (>= netstandard2.0)) (&& (== netstandard1.0) (>= uap10.0)) (== netstandard1.1) (== netstandard2.0)
      Microsoft.NETCore.Platforms (>= 1.1) - restriction: || (&& (== net20) (>= netstandard1.1)) (&& (== net20) (>= netstandard1.2)) (&& (== net20) (>= netstandard1.3)) (&& (== net20) (>= netstandard1.5)) (&& (== net35) (>= netstandard1.1)) (&& (== net35) (>= netstandard1.2)) (&& (== net35) (>= netstandard1.3)) (&& (== net35) (>= netstandard1.5)) (&& (== net40) (>= netstandard1.1)) (&& (== net40) (>= netstandard1.2)) (&& (== net40) (>= netstandard1.3)) (&& (== net40) (>= netstandard1.5)) (&& (== net461) (< net45)) (&& (== net471) (< net45)) (&& (== net472) (< net45)) (&& (== net48) (< net45)) (== net5.0-windows7.0) (== net50) (== netcoreapp2.0) (&& (== netstandard1.0) (>= netstandard1.1)) (&& (== netstandard1.0) (>= netstandard1.2)) (&& (== netstandard1.0) (>= netstandard1.3)) (&& (== netstandard1.0) (>= netstandard1.5)) (== netstandard1.1) (== netstandard2.0)
      Microsoft.NETCore.Targets (>= 1.1) - restriction: || (&& (== net20) (>= netstandard1.1)) (&& (== net20) (>= netstandard1.2)) (&& (== net20) (>= netstandard1.3)) (&& (== net20) (>= netstandard1.5)) (&& (== net35) (>= netstandard1.1)) (&& (== net35) (>= netstandard1.2)) (&& (== net35) (>= netstandard1.3)) (&& (== net35) (>= netstandard1.5)) (&& (== net40) (>= netstandard1.1)) (&& (== net40) (>= netstandard1.2)) (&& (== net40) (>= netstandard1.3)) (&& (== net40) (>= netstandard1.5)) (&& (== net461) (< net45)) (&& (== net471) (< net45)) (&& (== net472) (< net45)) (&& (== net48) (< net45)) (== net5.0-windows7.0) (== net50) (== netcoreapp2.0) (&& (== netstandard1.0) (>= netstandard1.1)) (&& (== netstandard1.0) (>= netstandard1.2)) (&& (== netstandard1.0) (>= netstandard1.3)) (&& (== netstandard1.0) (>= netstandard1.5)) (== netstandard1.1) (== netstandard2.0)
      System.Runtime (>= 4.3) - restriction: || (&& (== net20) (>= netstandard1.1)) (&& (== net20) (>= netstandard1.2)) (&& (== net20) (>= netstandard1.3)) (&& (== net20) (>= netstandard1.5)) (&& (== net35) (>= netstandard1.1)) (&& (== net35) (>= netstandard1.2)) (&& (== net35) (>= netstandard1.3)) (&& (== net35) (>= netstandard1.5)) (&& (== net40) (>= netstandard1.1)) (&& (== net40) (>= netstandard1.2)) (&& (== net40) (>= netstandard1.3)) (&& (== net40) (>= netstandard1.5)) (&& (== net461) (< net45)) (&& (== net471) (< net45)) (&& (== net472) (< net45)) (&& (== net48) (< net45)) (== net5.0-windows7.0) (== net50) (== netcoreapp2.0) (&& (== netstandard1.0) (>= netstandard1.1)) (&& (== netstandard1.0) (>= netstandard1.2)) (&& (== netstandard1.0) (>= netstandard1.3)) (&& (== netstandard1.0) (>= netstandard1.5)) (== netstandard1.1) (== netstandard2.0)
    System.DirectoryServices (5.0) - restriction: || (&& (== net20) (== net471)) (&& (== net20) (== net472)) (&& (== net20) (== net48)) (&& (== net20) (>= netcoreapp2.0)) (&& (== net20) (>= netcoreapp2.1)) (&& (== net20) (>= netcoreapp3.0)) (&& (== net20) (>= netstandard2.0)) (&& (== net20) (>= netstandard2.1)) (&& (== net35) (== net471)) (&& (== net35) (== net472)) (&& (== net35) (== net48)) (&& (== net35) (>= netcoreapp2.0)) (&& (== net35) (>= netcoreapp2.1)) (&& (== net35) (>= netcoreapp3.0)) (&& (== net35) (>= netstandard2.0)) (&& (== net35) (>= netstandard2.1)) (&& (== net40) (== net471)) (&& (== net40) (== net472)) (&& (== net40) (== net48)) (&& (== net40) (>= netcoreapp2.0)) (&& (== net40) (>= netcoreapp2.1)) (&& (== net40) (>= netcoreapp3.0)) (&& (== net40) (>= netstandard2.0)) (&& (== net40) (>= netstandard2.1)) (&& (== net45) (== net471)) (&& (== net45) (== net472)) (&& (== net45) (== net48)) (&& (== net45) (>= netcoreapp2.0)) (&& (== net45) (>= netcoreapp2.1)) (&& (== net45) (>= netcoreapp3.0)) (&& (== net45) (>= netstandard2.0)) (&& (== net45) (>= netstandard2.1)) (&& (== net461) (>= netcoreapp3.0)) (&& (== net461) (>= netstandard2.1)) (&& (== net471) (== netstandard1.0)) (&& (== net471) (== netstandard1.1)) (&& (== net471) (< net461)) (&& (== net471) (>= netcoreapp2.0)) (&& (== net471) (>= netcoreapp2.1)) (&& (== net471) (>= netcoreapp3.0)) (&& (== net471) (>= netstandard2.1)) (&& (== net472) (== netstandard1.0)) (&& (== net472) (== netstandard1.1)) (&& (== net472) (< net461)) (&& (== net472) (>= netcoreapp2.0)) (&& (== net472) (>= netcoreapp2.1)) (&& (== net472) (>= netcoreapp3.0)) (&& (== net472) (>= netstandard2.1)) (&& (== net48) (== netstandard1.0)) (&& (== net48) (== netstandard1.1)) (&& (== net48) (< net461)) (&& (== net48) (>= netcoreapp2.0)) (&& (== net48) (>= netcoreapp2.1)) (&& (== net48) (>= netcoreapp3.0)) (&& (== net48) (>= netstandard2.1)) (== net5.0-windows7.0) (== net50) (== netcoreapp2.0) (&& (== netstandard1.0) (>= netcoreapp2.0)) (&& (== netstandard1.0) (>= netcoreapp2.1)) (&& (== netstandard1.0) (>= netcoreapp3.0)) (&& (== netstandard1.0) (>= netstandard2.0)) (&& (== netstandard1.0) (>= netstandard2.1)) (&& (== netstandard1.1) (>= netcoreapp2.0)) (&& (== netstandard1.1) (>= netcoreapp2.1)) (&& (== netstandard1.1) (>= netcoreapp3.0)) (&& (== netstandard1.1) (>= netstandard2.0)) (&& (== netstandard1.1) (>= netstandard2.1)) (== netstandard2.0)
      Microsoft.NETCore.Platforms (>= 5.0) - restriction: || (&& (== net20) (>= netcoreapp2.0)) (&& (== net35) (>= netcoreapp2.0)) (&& (== net40) (>= netcoreapp2.0)) (&& (== net45) (>= netcoreapp2.0)) (&& (== net461) (>= netcoreapp2.0)) (&& (== net471) (>= netcoreapp2.0)) (&& (== net472) (>= netcoreapp2.0)) (&& (== net48) (>= netcoreapp2.0)) (== net5.0-windows7.0) (== net50) (== netcoreapp2.0) (&& (== netstandard1.0) (>= netcoreapp2.0)) (&& (== netstandard1.1) (>= netcoreapp2.0)) (&& (== netstandard2.0) (>= netcoreapp2.0))
      System.IO.FileSystem.AccessControl (>= 5.0) - restriction: || (&& (== net20) (>= netcoreapp2.0)) (&& (== net20) (>= netstandard2.0)) (&& (== net35) (>= netcoreapp2.0)) (&& (== net35) (>= netstandard2.0)) (&& (== net40) (>= netcoreapp2.0)) (&& (== net40) (>= netstandard2.0)) (&& (== net45) (>= netcoreapp2.0)) (&& (== net461) (< net45) (>= netstandard2.0)) (&& (== net461) (>= netcoreapp2.0)) (&& (== net471) (< net45)) (&& (== net471) (>= netcoreapp2.0)) (&& (== net472) (< net45)) (&& (== net472) (>= netcoreapp2.0)) (&& (== net48) (< net45)) (&& (== net48) (>= netcoreapp2.0)) (== net5.0-windows7.0) (== net50) (== netcoreapp2.0) (&& (== netstandard1.0) (>= netcoreapp2.0)) (&& (== netstandard1.0) (>= netstandard2.0)) (&& (== netstandard1.1) (>= netcoreapp2.0)) (&& (== netstandard1.1) (>= netstandard2.0)) (== netstandard2.0)
      System.Security.AccessControl (>= 5.0) - restriction: || (&& (== net20) (>= netcoreapp2.0)) (&& (== net20) (>= netstandard2.0)) (&& (== net35) (>= netcoreapp2.0)) (&& (== net35) (>= netstandard2.0)) (&& (== net40) (>= netcoreapp2.0)) (&& (== net40) (>= netstandard2.0)) (&& (== net45) (>= netcoreapp2.0)) (&& (== net461) (< net45) (>= netstandard2.0)) (&& (== net461) (>= netcoreapp2.0)) (&& (== net471) (< net45)) (&& (== net471) (>= netcoreapp2.0)) (&& (== net472) (< net45)) (&& (== net472) (>= netcoreapp2.0)) (&& (== net48) (< net45)) (&& (== net48) (>= netcoreapp2.0)) (== net5.0-windows7.0) (== net50) (== netcoreapp2.0) (&& (== netstandard1.0) (>= netcoreapp2.0)) (&& (== netstandard1.0) (>= netstandard2.0)) (&& (== netstandard1.1) (>= netcoreapp2.0)) (&& (== netstandard1.1) (>= netstandard2.0)) (== netstandard2.0)
      System.Security.Permissions (>= 5.0) - restriction: || (&& (== net20) (>= netcoreapp2.0)) (&& (== net20) (>= netstandard2.0)) (&& (== net35) (>= netcoreapp2.0)) (&& (== net35) (>= netstandard2.0)) (&& (== net40) (>= netcoreapp2.0)) (&& (== net40) (>= netstandard2.0)) (&& (== net45) (>= netcoreapp2.0)) (&& (== net461) (< net45) (>= netstandard2.0)) (&& (== net461) (>= netcoreapp2.0)) (&& (== net471) (< net45)) (&& (== net471) (>= netcoreapp2.0)) (&& (== net472) (< net45)) (&& (== net472) (>= netcoreapp2.0)) (&& (== net48) (< net45)) (&& (== net48) (>= netcoreapp2.0)) (== net5.0-windows7.0) (== net50) (== netcoreapp2.0) (&& (== netstandard1.0) (>= netcoreapp2.0)) (&& (== netstandard1.0) (>= netstandard2.0)) (&& (== netstandard1.1) (>= netcoreapp2.0)) (&& (== netstandard1.1) (>= netstandard2.0)) (== netstandard2.0)
      System.Security.Principal.Windows (>= 5.0) - restriction: || (&& (== net20) (>= netcoreapp2.0)) (&& (== net20) (>= netstandard2.0)) (&& (== net35) (>= netcoreapp2.0)) (&& (== net35) (>= netstandard2.0)) (&& (== net40) (>= netcoreapp2.0)) (&& (== net40) (>= netstandard2.0)) (&& (== net45) (>= netcoreapp2.0)) (&& (== net461) (< net45) (>= netstandard2.0)) (&& (== net461) (>= netcoreapp2.0)) (&& (== net471) (< net45)) (&& (== net471) (>= netcoreapp2.0)) (&& (== net472) (< net45)) (&& (== net472) (>= netcoreapp2.0)) (&& (== net48) (< net45)) (&& (== net48) (>= netcoreapp2.0)) (== net5.0-windows7.0) (== net50) (== netcoreapp2.0) (&& (== netstandard1.0) (>= netcoreapp2.0)) (&& (== netstandard1.0) (>= netstandard2.0)) (&& (== netstandard1.1) (>= netcoreapp2.0)) (&& (== netstandard1.1) (>= netstandard2.0)) (== netstandard2.0)
    System.DirectoryServices.AccountManagement (5.0) - restriction: || (&& (== net20) (== net471)) (&& (== net20) (== net472)) (&& (== net20) (== net48)) (&& (== net20) (>= netcoreapp2.0)) (&& (== net20) (>= netcoreapp2.1)) (&& (== net20) (>= netcoreapp3.0)) (&& (== net20) (>= netstandard2.0)) (&& (== net20) (>= netstandard2.1)) (&& (== net35) (== net471)) (&& (== net35) (== net472)) (&& (== net35) (== net48)) (&& (== net35) (>= netcoreapp2.0)) (&& (== net35) (>= netcoreapp2.1)) (&& (== net35) (>= netcoreapp3.0)) (&& (== net35) (>= netstandard2.0)) (&& (== net35) (>= netstandard2.1)) (&& (== net40) (== net471)) (&& (== net40) (== net472)) (&& (== net40) (== net48)) (&& (== net40) (>= netcoreapp2.0)) (&& (== net40) (>= netcoreapp2.1)) (&& (== net40) (>= netcoreapp3.0)) (&& (== net40) (>= netstandard2.0)) (&& (== net40) (>= netstandard2.1)) (&& (== net45) (== net471)) (&& (== net45) (== net472)) (&& (== net45) (== net48)) (&& (== net45) (>= netcoreapp2.0)) (&& (== net45) (>= netcoreapp2.1)) (&& (== net45) (>= netcoreapp3.0)) (&& (== net45) (>= netstandard2.0)) (&& (== net45) (>= netstandard2.1)) (&& (== net461) (>= netcoreapp3.0)) (&& (== net461) (>= netstandard2.1)) (&& (== net471) (== netstandard1.0)) (&& (== net471) (== netstandard1.1)) (&& (== net471) (< net461)) (&& (== net471) (>= netcoreapp2.0)) (&& (== net471) (>= netcoreapp2.1)) (&& (== net471) (>= netcoreapp3.0)) (&& (== net471) (>= netstandard2.1)) (&& (== net472) (== netstandard1.0)) (&& (== net472) (== netstandard1.1)) (&& (== net472) (< net461)) (&& (== net472) (>= netcoreapp2.0)) (&& (== net472) (>= netcoreapp2.1)) (&& (== net472) (>= netcoreapp3.0)) (&& (== net472) (>= netstandard2.1)) (&& (== net48) (== netstandard1.0)) (&& (== net48) (== netstandard1.1)) (&& (== net48) (< net461)) (&& (== net48) (>= netcoreapp2.0)) (&& (== net48) (>= netcoreapp2.1)) (&& (== net48) (>= netcoreapp3.0)) (&& (== net48) (>= netstandard2.1)) (== net5.0-windows7.0) (== net50) (== netcoreapp2.0) (&& (== netstandard1.0) (>= netcoreapp2.0)) (&& (== netstandard1.0) (>= netcoreapp2.1)) (&& (== netstandard1.0) (>= netcoreapp3.0)) (&& (== netstandard1.0) (>= netstandard2.0)) (&& (== netstandard1.0) (>= netstandard2.1)) (&& (== netstandard1.1) (>= netcoreapp2.0)) (&& (== netstandard1.1) (>= netcoreapp2.1)) (&& (== netstandard1.1) (>= netcoreapp3.0)) (&& (== netstandard1.1) (>= netstandard2.0)) (&& (== netstandard1.1) (>= netstandard2.1)) (== netstandard2.0)
      Microsoft.NETCore.Platforms (>= 5.0) - restriction: || (&& (== net20) (>= netcoreapp2.0)) (&& (== net35) (>= netcoreapp2.0)) (&& (== net40) (>= netcoreapp2.0)) (&& (== net45) (>= netcoreapp2.0)) (&& (== net461) (>= netcoreapp2.0)) (&& (== net471) (>= netcoreapp2.0)) (&& (== net472) (>= netcoreapp2.0)) (&& (== net48) (>= netcoreapp2.0)) (== net5.0-windows7.0) (== net50) (== netcoreapp2.0) (&& (== netstandard1.0) (>= netcoreapp2.0)) (&& (== netstandard1.1) (>= netcoreapp2.0)) (&& (== netstandard2.0) (>= netcoreapp2.0))
      System.Configuration.ConfigurationManager (>= 5.0) - restriction: || (&& (== net20) (>= netcoreapp2.0)) (&& (== net35) (>= netcoreapp2.0)) (&& (== net40) (>= netcoreapp2.0)) (&& (== net45) (>= netcoreapp2.0)) (&& (== net461) (>= netcoreapp2.0)) (&& (== net471) (>= netcoreapp2.0)) (&& (== net472) (>= netcoreapp2.0)) (&& (== net48) (>= netcoreapp2.0)) (== net5.0-windows7.0) (== net50) (== netcoreapp2.0) (&& (== netstandard1.0) (>= netcoreapp2.0)) (&& (== netstandard1.1) (>= netcoreapp2.0)) (&& (== netstandard2.0) (>= netcoreapp2.0))
      System.DirectoryServices (>= 5.0) - restriction: || (&& (== net20) (>= netcoreapp2.0)) (&& (== net35) (>= netcoreapp2.0)) (&& (== net40) (>= netcoreapp2.0)) (&& (== net45) (>= netcoreapp2.0)) (&& (== net461) (>= netcoreapp2.0)) (&& (== net471) (>= netcoreapp2.0)) (&& (== net472) (>= netcoreapp2.0)) (&& (== net48) (>= netcoreapp2.0)) (== net5.0-windows7.0) (== net50) (== netcoreapp2.0) (&& (== netstandard1.0) (>= netcoreapp2.0)) (&& (== netstandard1.1) (>= netcoreapp2.0)) (&& (== netstandard2.0) (>= netcoreapp2.0))
      System.DirectoryServices.Protocols (>= 5.0) - restriction: || (&& (== net20) (>= netcoreapp2.0)) (&& (== net35) (>= netcoreapp2.0)) (&& (== net40) (>= netcoreapp2.0)) (&& (== net45) (>= netcoreapp2.0)) (&& (== net461) (>= netcoreapp2.0)) (&& (== net471) (>= netcoreapp2.0)) (&& (== net472) (>= netcoreapp2.0)) (&& (== net48) (>= netcoreapp2.0)) (== net5.0-windows7.0) (== net50) (== netcoreapp2.0) (&& (== netstandard1.0) (>= netcoreapp2.0)) (&& (== netstandard1.1) (>= netcoreapp2.0)) (&& (== netstandard2.0) (>= netcoreapp2.0))
      System.IO.FileSystem.AccessControl (>= 5.0) - restriction: || (&& (== net20) (>= netcoreapp2.0)) (&& (== net35) (>= netcoreapp2.0)) (&& (== net40) (>= netcoreapp2.0)) (&& (== net45) (>= netcoreapp2.0)) (&& (== net461) (>= netcoreapp2.0)) (&& (== net471) (>= netcoreapp2.0)) (&& (== net472) (>= netcoreapp2.0)) (&& (== net48) (>= netcoreapp2.0)) (== net5.0-windows7.0) (== net50) (== netcoreapp2.0) (&& (== netstandard1.0) (>= netcoreapp2.0)) (&& (== netstandard1.1) (>= netcoreapp2.0)) (&& (== netstandard2.0) (>= netcoreapp2.0))
      System.Security.AccessControl (>= 5.0) - restriction: || (&& (== net20) (>= netcoreapp2.0)) (&& (== net35) (>= netcoreapp2.0)) (&& (== net40) (>= netcoreapp2.0)) (&& (== net45) (>= netcoreapp2.0)) (&& (== net461) (>= netcoreapp2.0)) (&& (== net471) (>= netcoreapp2.0)) (&& (== net472) (>= netcoreapp2.0)) (&& (== net48) (>= netcoreapp2.0)) (== net5.0-windows7.0) (== net50) (== netcoreapp2.0) (&& (== netstandard1.0) (>= netcoreapp2.0)) (&& (== netstandard1.1) (>= netcoreapp2.0)) (&& (== netstandard2.0) (>= netcoreapp2.0))
      System.Security.Principal.Windows (>= 5.0) - restriction: || (&& (== net20) (>= netcoreapp2.0)) (&& (== net20) (>= netstandard2.0)) (&& (== net35) (>= netcoreapp2.0)) (&& (== net35) (>= netstandard2.0)) (&& (== net40) (>= netcoreapp2.0)) (&& (== net40) (>= netstandard2.0)) (&& (== net45) (>= netcoreapp2.0)) (&& (== net461) (< net45) (>= netstandard2.0)) (&& (== net461) (>= netcoreapp2.0)) (&& (== net471) (< net45)) (&& (== net471) (>= netcoreapp2.0)) (&& (== net472) (< net45)) (&& (== net472) (>= netcoreapp2.0)) (&& (== net48) (< net45)) (&& (== net48) (>= netcoreapp2.0)) (== net5.0-windows7.0) (== net50) (== netcoreapp2.0) (&& (== netstandard1.0) (>= netcoreapp2.0)) (&& (== netstandard1.0) (>= netstandard2.0)) (&& (== netstandard1.1) (>= netcoreapp2.0)) (&& (== netstandard1.1) (>= netstandard2.0)) (== netstandard2.0)
    System.DirectoryServices.Protocols (5.0) - restriction: || (&& (== net20) (== net471)) (&& (== net20) (== net472)) (&& (== net20) (== net48)) (&& (== net20) (>= netcoreapp2.0)) (&& (== net20) (>= netcoreapp2.1)) (&& (== net20) (>= netcoreapp3.0)) (&& (== net20) (>= netstandard2.0)) (&& (== net20) (>= netstandard2.1)) (&& (== net35) (== net471)) (&& (== net35) (== net472)) (&& (== net35) (== net48)) (&& (== net35) (>= netcoreapp2.0)) (&& (== net35) (>= netcoreapp2.1)) (&& (== net35) (>= netcoreapp3.0)) (&& (== net35) (>= netstandard2.0)) (&& (== net35) (>= netstandard2.1)) (&& (== net40) (== net471)) (&& (== net40) (== net472)) (&& (== net40) (== net48)) (&& (== net40) (>= netcoreapp2.0)) (&& (== net40) (>= netcoreapp2.1)) (&& (== net40) (>= netcoreapp3.0)) (&& (== net40) (>= netstandard2.0)) (&& (== net40) (>= netstandard2.1)) (&& (== net45) (== net471)) (&& (== net45) (== net472)) (&& (== net45) (== net48)) (&& (== net45) (>= netcoreapp2.0)) (&& (== net45) (>= netcoreapp2.1)) (&& (== net45) (>= netcoreapp3.0)) (&& (== net45) (>= netstandard2.0)) (&& (== net45) (>= netstandard2.1)) (&& (== net461) (>= netcoreapp3.0)) (&& (== net461) (>= netstandard2.1)) (&& (== net471) (== netstandard1.0)) (&& (== net471) (== netstandard1.1)) (&& (== net471) (< net461)) (&& (== net471) (>= netcoreapp2.0)) (&& (== net471) (>= netcoreapp2.1)) (&& (== net471) (>= netcoreapp3.0)) (&& (== net471) (>= netstandard2.1)) (&& (== net472) (== netstandard1.0)) (&& (== net472) (== netstandard1.1)) (&& (== net472) (< net461)) (&& (== net472) (>= netcoreapp2.0)) (&& (== net472) (>= netcoreapp2.1)) (&& (== net472) (>= netcoreapp3.0)) (&& (== net472) (>= netstandard2.1)) (&& (== net48) (== netstandard1.0)) (&& (== net48) (== netstandard1.1)) (&& (== net48) (< net461)) (&& (== net48) (>= netcoreapp2.0)) (&& (== net48) (>= netcoreapp2.1)) (&& (== net48) (>= netcoreapp3.0)) (&& (== net48) (>= netstandard2.1)) (== net5.0-windows7.0) (== net50) (== netcoreapp2.0) (&& (== netstandard1.0) (>= netcoreapp2.0)) (&& (== netstandard1.0) (>= netcoreapp2.1)) (&& (== netstandard1.0) (>= netcoreapp3.0)) (&& (== netstandard1.0) (>= netstandard2.0)) (&& (== netstandard1.0) (>= netstandard2.1)) (&& (== netstandard1.1) (>= netcoreapp2.0)) (&& (== netstandard1.1) (>= netcoreapp2.1)) (&& (== netstandard1.1) (>= netcoreapp3.0)) (&& (== netstandard1.1) (>= netstandard2.0)) (&& (== netstandard1.1) (>= netstandard2.1)) (== netstandard2.0)
      Microsoft.NETCore.Platforms (>= 5.0) - restriction: || (&& (== net20) (>= netcoreapp2.0)) (&& (== net35) (>= netcoreapp2.0)) (&& (== net40) (>= netcoreapp2.0)) (&& (== net45) (>= netcoreapp2.0)) (&& (== net461) (>= netcoreapp2.0)) (&& (== net471) (>= netcoreapp2.0)) (&& (== net472) (>= netcoreapp2.0)) (&& (== net48) (>= netcoreapp2.0)) (== net5.0-windows7.0) (== net50) (== netcoreapp2.0) (&& (== netstandard1.0) (>= netcoreapp2.0)) (&& (== netstandard1.1) (>= netcoreapp2.0)) (&& (== netstandard2.0) (>= netcoreapp2.0))
      System.Security.Principal.Windows (>= 5.0) - restriction: || (&& (== net20) (>= netcoreapp2.0)) (&& (== net20) (>= netstandard2.0)) (&& (== net35) (>= netcoreapp2.0)) (&& (== net35) (>= netstandard2.0)) (&& (== net40) (>= netcoreapp2.0)) (&& (== net40) (>= netstandard2.0)) (&& (== net45) (>= netcoreapp2.0)) (&& (== net461) (< net45) (>= netstandard2.0)) (&& (== net461) (>= netcoreapp2.0)) (&& (== net471) (< net45)) (&& (== net471) (>= netcoreapp2.0)) (&& (== net472) (< net45)) (&& (== net472) (>= netcoreapp2.0)) (&& (== net48) (< net45)) (&& (== net48) (>= netcoreapp2.0)) (== net5.0-windows7.0) (== net50) (== netcoreapp2.0) (&& (== netstandard1.0) (>= netcoreapp2.0)) (&& (== netstandard1.0) (>= netstandard2.0)) (&& (== netstandard1.1) (>= netcoreapp2.0)) (&& (== netstandard1.1) (>= netstandard2.0)) (== netstandard2.0)
    System.Drawing.Common (5.0.2) - restriction: || (&& (== net20) (== net471)) (&& (== net20) (== net472)) (&& (== net20) (== net48)) (&& (== net20) (>= netcoreapp2.0)) (&& (== net20) (>= netcoreapp2.1)) (&& (== net20) (>= netcoreapp3.0)) (&& (== net20) (>= netstandard2.0)) (&& (== net20) (>= netstandard2.1)) (&& (== net35) (== net471)) (&& (== net35) (== net472)) (&& (== net35) (== net48)) (&& (== net35) (>= netcoreapp2.0)) (&& (== net35) (>= netcoreapp2.1)) (&& (== net35) (>= netcoreapp3.0)) (&& (== net35) (>= netstandard2.0)) (&& (== net35) (>= netstandard2.1)) (&& (== net40) (== net471)) (&& (== net40) (== net472)) (&& (== net40) (== net48)) (&& (== net40) (>= netcoreapp2.0)) (&& (== net40) (>= netcoreapp2.1)) (&& (== net40) (>= netcoreapp3.0)) (&& (== net40) (>= netstandard2.0)) (&& (== net40) (>= netstandard2.1)) (&& (== net45) (== net471)) (&& (== net45) (== net472)) (&& (== net45) (== net48)) (&& (== net45) (>= netcoreapp2.0)) (&& (== net45) (>= netcoreapp2.1)) (&& (== net45) (>= netcoreapp3.0)) (&& (== net45) (>= netstandard2.0)) (&& (== net45) (>= netstandard2.1)) (&& (== net461) (>= netcoreapp3.0)) (&& (== net461) (>= netstandard2.1)) (&& (== net471) (== netstandard1.0)) (&& (== net471) (== netstandard1.1)) (&& (== net471) (< net461)) (&& (== net471) (>= netcoreapp2.0)) (&& (== net471) (>= netcoreapp2.1)) (&& (== net471) (>= netcoreapp3.0)) (&& (== net471) (>= netstandard2.1)) (&& (== net472) (== netstandard1.0)) (&& (== net472) (== netstandard1.1)) (&& (== net472) (< net461)) (&& (== net472) (>= netcoreapp2.0)) (&& (== net472) (>= netcoreapp2.1)) (&& (== net472) (>= netcoreapp3.0)) (&& (== net472) (>= netstandard2.1)) (&& (== net48) (== netstandard1.0)) (&& (== net48) (== netstandard1.1)) (&& (== net48) (< net461)) (&& (== net48) (>= netcoreapp2.0)) (&& (== net48) (>= netcoreapp2.1)) (&& (== net48) (>= netcoreapp3.0)) (&& (== net48) (>= netstandard2.1)) (== net5.0-windows7.0) (== net50) (== netcoreapp2.0) (&& (== netstandard1.0) (>= netcoreapp2.0)) (&& (== netstandard1.0) (>= netcoreapp2.1)) (&& (== netstandard1.0) (>= netcoreapp3.0)) (&& (== netstandard1.0) (>= netstandard2.0)) (&& (== netstandard1.0) (>= netstandard2.1)) (&& (== netstandard1.1) (>= netcoreapp2.0)) (&& (== netstandard1.1) (>= netcoreapp2.1)) (&& (== netstandard1.1) (>= netcoreapp3.0)) (&& (== netstandard1.1) (>= netstandard2.0)) (&& (== netstandard1.1) (>= netstandard2.1)) (== netstandard2.0)
      Microsoft.NETCore.Platforms (>= 5.0.1) - restriction: || (&& (== net20) (>= netcoreapp2.0)) (&& (== net35) (>= netcoreapp2.0)) (&& (== net40) (>= netcoreapp2.0)) (&& (== net45) (>= netcoreapp2.0)) (&& (== net461) (>= netcoreapp2.0)) (&& (== net471) (>= netcoreapp2.0)) (&& (== net472) (>= netcoreapp2.0)) (&& (== net48) (>= netcoreapp2.0)) (&& (== net5.0-windows7.0) (< netcoreapp3.0)) (&& (== net50) (< netcoreapp3.0)) (== netcoreapp2.0) (&& (== netstandard1.0) (>= netcoreapp2.0)) (&& (== netstandard1.1) (>= netcoreapp2.0)) (&& (== netstandard2.0) (>= netcoreapp2.0))
      Microsoft.Win32.SystemEvents (>= 5.0) - restriction: || (&& (== net20) (>= netcoreapp2.0)) (&& (== net20) (>= netcoreapp3.0)) (&& (== net35) (>= netcoreapp2.0)) (&& (== net35) (>= netcoreapp3.0)) (&& (== net40) (>= netcoreapp2.0)) (&& (== net40) (>= netcoreapp3.0)) (&& (== net45) (>= netcoreapp2.0)) (&& (== net45) (>= netcoreapp3.0)) (&& (== net461) (>= netcoreapp2.0)) (&& (== net461) (>= netcoreapp3.0)) (&& (== net471) (>= netcoreapp2.0)) (&& (== net471) (>= netcoreapp3.0)) (&& (== net472) (>= netcoreapp2.0)) (&& (== net472) (>= netcoreapp3.0)) (&& (== net48) (>= netcoreapp2.0)) (&& (== net48) (>= netcoreapp3.0)) (== net5.0-windows7.0) (== net50) (== netcoreapp2.0) (&& (== netstandard1.0) (>= netcoreapp2.0)) (&& (== netstandard1.0) (>= netcoreapp3.0)) (&& (== netstandard1.1) (>= netcoreapp2.0)) (&& (== netstandard1.1) (>= netcoreapp3.0)) (&& (== netstandard2.0) (>= netcoreapp2.0)) (&& (== netstandard2.0) (>= netcoreapp3.0))
    System.Dynamic.Runtime (4.3) - restriction: || (&& (== net20) (== net45) (>= netstandard1.3)) (&& (== net20) (== net45) (>= netstandard1.5)) (&& (== net20) (== net461)) (&& (== net20) (== net471)) (&& (== net20) (== net472)) (&& (== net20) (== net48)) (&& (== net20) (>= net45) (>= netstandard1.3)) (&& (== net20) (>= net45) (>= netstandard1.5)) (&& (== net20) (>= netstandard2.0)) (&& (== net40) (< net35) (>= net45) (>= netstandard1.3)) (&& (== net40) (< net35) (>= net45) (>= netstandard1.5)) (&& (== net40) (< net35) (>= netstandard2.0)) (&& (== net45) (== netstandard1.0) (>= netstandard1.3)) (&& (== net45) (== netstandard1.0) (>= netstandard1.5)) (&& (== net45) (== netstandard1.1) (>= netstandard1.3)) (&& (== net45) (== netstandard1.1) (>= netstandard1.5)) (&& (== net45) (< net35) (>= netstandard1.3)) (&& (== net45) (< net35) (>= netstandard1.5)) (&& (== net461) (== netstandard1.0)) (&& (== net461) (== netstandard1.1)) (&& (== net461) (< net35)) (&& (== net471) (== netstandard1.0)) (&& (== net471) (== netstandard1.1)) (&& (== net471) (< net35)) (&& (== net472) (== netstandard1.0)) (&& (== net472) (== netstandard1.1)) (&& (== net472) (< net35)) (&& (== net48) (== netstandard1.0)) (&& (== net48) (== netstandard1.1)) (&& (== net48) (< net35)) (== net5.0-windows7.0) (== net50) (== netcoreapp2.0) (&& (== netstandard1.0) (>= net45) (>= netstandard1.3)) (&& (== netstandard1.0) (>= net45) (>= netstandard1.5)) (&& (== netstandard1.0) (>= netstandard2.0)) (&& (== netstandard1.1) (>= net45) (>= netstandard1.3)) (&& (== netstandard1.1) (>= net45) (>= netstandard1.5)) (&& (== netstandard1.1) (>= netstandard2.0)) (== netstandard2.0)
      System.Collections (>= 4.3) - restriction: || (&& (== net20) (>= netstandard1.3)) (&& (== net35) (>= netstandard1.3)) (&& (== net40) (>= netstandard1.3)) (&& (== net461) (< net45)) (&& (== net471) (< net45)) (&& (== net472) (< net45)) (&& (== net48) (< net45)) (== net5.0-windows7.0) (== net50) (== netcoreapp2.0) (&& (== netstandard1.0) (>= netstandard1.3)) (&& (== netstandard1.1) (>= netstandard1.3)) (== netstandard2.0)
      System.Diagnostics.Debug (>= 4.3) - restriction: || (&& (== net20) (>= netstandard1.3)) (&& (== net35) (>= netstandard1.3)) (&& (== net40) (>= netstandard1.3)) (&& (== net461) (< net45)) (&& (== net471) (< net45)) (&& (== net472) (< net45)) (&& (== net48) (< net45)) (== net5.0-windows7.0) (== net50) (== netcoreapp2.0) (&& (== netstandard1.0) (>= netstandard1.3)) (&& (== netstandard1.1) (>= netstandard1.3)) (== netstandard2.0)
      System.Linq (>= 4.3) - restriction: || (&& (== net20) (>= netstandard1.3)) (&& (== net35) (>= netstandard1.3)) (&& (== net40) (>= netstandard1.3)) (&& (== net461) (< net45)) (&& (== net471) (< net45)) (&& (== net472) (< net45)) (&& (== net48) (< net45)) (== net5.0-windows7.0) (== net50) (== netcoreapp2.0) (&& (== netstandard1.0) (>= netstandard1.3)) (&& (== netstandard1.1) (>= netstandard1.3)) (== netstandard2.0)
      System.Linq.Expressions (>= 4.3) - restriction: || (&& (== net20) (>= netstandard1.0)) (&& (== net20) (>= netstandard1.3)) (&& (== net35) (>= netstandard1.0)) (&& (== net35) (>= netstandard1.3)) (&& (== net40) (>= netstandard1.0)) (&& (== net40) (>= netstandard1.3)) (&& (== net461) (< net45)) (&& (== net471) (< net45)) (&& (== net472) (< net45)) (&& (== net48) (< net45)) (== net5.0-windows7.0) (== net50) (== netcoreapp2.0) (== netstandard1.0) (== netstandard1.1) (== netstandard2.0)
      System.ObjectModel (>= 4.3) - restriction: || (&& (== net20) (>= netstandard1.0)) (&& (== net20) (>= netstandard1.3)) (&& (== net35) (>= netstandard1.0)) (&& (== net35) (>= netstandard1.3)) (&& (== net40) (>= netstandard1.0)) (&& (== net40) (>= netstandard1.3)) (&& (== net461) (< net45)) (&& (== net471) (< net45)) (&& (== net472) (< net45)) (&& (== net48) (< net45)) (== net5.0-windows7.0) (== net50) (== netcoreapp2.0) (== netstandard1.0) (== netstandard1.1) (== netstandard2.0)
      System.Reflection (>= 4.3) - restriction: || (&& (== net20) (>= netstandard1.0)) (&& (== net20) (>= netstandard1.3)) (&& (== net35) (>= netstandard1.0)) (&& (== net35) (>= netstandard1.3)) (&& (== net40) (>= netstandard1.0)) (&& (== net40) (>= netstandard1.3)) (&& (== net461) (< net45)) (&& (== net471) (< net45)) (&& (== net472) (< net45)) (&& (== net48) (< net45)) (== net5.0-windows7.0) (== net50) (== netcoreapp2.0) (== netstandard1.0) (== netstandard1.1) (== netstandard2.0)
      System.Reflection.Emit (>= 4.3) - restriction: || (&& (== net20) (>= netstandard1.3)) (&& (== net35) (>= netstandard1.3)) (&& (== net40) (>= netstandard1.3)) (&& (== net461) (< net45)) (&& (== net471) (< net45)) (&& (== net472) (< net45)) (&& (== net48) (< net45)) (== net5.0-windows7.0) (== net50) (== netcoreapp2.0) (&& (== netstandard1.0) (>= netstandard1.3)) (&& (== netstandard1.1) (>= netstandard1.3)) (== netstandard2.0)
      System.Reflection.Emit.ILGeneration (>= 4.3) - restriction: || (&& (== net20) (>= netstandard1.3)) (&& (== net35) (>= netstandard1.3)) (&& (== net40) (>= netstandard1.3)) (&& (== net461) (< net45)) (&& (== net471) (< net45)) (&& (== net472) (< net45)) (&& (== net48) (< net45)) (== net5.0-windows7.0) (== net50) (== netcoreapp2.0) (&& (== netstandard1.0) (>= netstandard1.3)) (&& (== netstandard1.1) (>= netstandard1.3)) (== netstandard2.0)
      System.Reflection.Primitives (>= 4.3) - restriction: || (&& (== net20) (>= netstandard1.3)) (&& (== net35) (>= netstandard1.3)) (&& (== net40) (>= netstandard1.3)) (&& (== net461) (< net45)) (&& (== net471) (< net45)) (&& (== net472) (< net45)) (&& (== net48) (< net45)) (== net5.0-windows7.0) (== net50) (== netcoreapp2.0) (&& (== netstandard1.0) (>= netstandard1.3)) (&& (== netstandard1.1) (>= netstandard1.3)) (== netstandard2.0)
      System.Reflection.TypeExtensions (>= 4.3) - restriction: || (&& (== net20) (>= netstandard1.3)) (&& (== net35) (>= netstandard1.3)) (&& (== net40) (>= netstandard1.3)) (&& (== net461) (< net45)) (&& (== net471) (< net45)) (&& (== net472) (< net45)) (&& (== net48) (< net45)) (== net5.0-windows7.0) (== net50) (== netcoreapp2.0) (&& (== netstandard1.0) (>= netstandard1.3)) (&& (== netstandard1.1) (>= netstandard1.3)) (== netstandard2.0)
      System.Resources.ResourceManager (>= 4.3) - restriction: || (&& (== net20) (>= netstandard1.3)) (&& (== net35) (>= netstandard1.3)) (&& (== net40) (>= netstandard1.3)) (&& (== net461) (< net45)) (&& (== net471) (< net45)) (&& (== net472) (< net45)) (&& (== net48) (< net45)) (== net5.0-windows7.0) (== net50) (== netcoreapp2.0) (&& (== netstandard1.0) (>= netstandard1.3)) (&& (== netstandard1.1) (>= netstandard1.3)) (== netstandard2.0)
      System.Runtime (>= 4.3) - restriction: || (&& (== net20) (>= netstandard1.0)) (&& (== net20) (>= netstandard1.3)) (&& (== net35) (>= netstandard1.0)) (&& (== net35) (>= netstandard1.3)) (&& (== net40) (>= netstandard1.0)) (&& (== net40) (>= netstandard1.3)) (&& (== net461) (< net45)) (&& (== net471) (< net45)) (&& (== net472) (< net45)) (&& (== net48) (< net45)) (== net5.0-windows7.0) (== net50) (== netcoreapp2.0) (== netstandard1.0) (== netstandard1.1) (== netstandard2.0)
      System.Runtime.Extensions (>= 4.3) - restriction: || (&& (== net20) (>= netstandard1.3)) (&& (== net35) (>= netstandard1.3)) (&& (== net40) (>= netstandard1.3)) (&& (== net461) (< net45)) (&& (== net471) (< net45)) (&& (== net472) (< net45)) (&& (== net48) (< net45)) (== net5.0-windows7.0) (== net50) (== netcoreapp2.0) (&& (== netstandard1.0) (>= netstandard1.3)) (&& (== netstandard1.1) (>= netstandard1.3)) (== netstandard2.0)
      System.Threading (>= 4.3) - restriction: || (&& (== net20) (>= netstandard1.3)) (&& (== net35) (>= netstandard1.3)) (&& (== net40) (>= netstandard1.3)) (&& (== net461) (< net45)) (&& (== net471) (< net45)) (&& (== net472) (< net45)) (&& (== net48) (< net45)) (== net5.0-windows7.0) (== net50) (== netcoreapp2.0) (&& (== netstandard1.0) (>= netstandard1.3)) (&& (== netstandard1.1) (>= netstandard1.3)) (== netstandard2.0)
    System.Formats.Asn1 (5.0) - restriction: || (&& (== net20) (== net471)) (&& (== net20) (== net472)) (&& (== net20) (== net48)) (&& (== net20) (>= netcoreapp2.0)) (&& (== net20) (>= netcoreapp2.1)) (&& (== net20) (>= netcoreapp3.0)) (&& (== net20) (>= netstandard2.0)) (&& (== net20) (>= netstandard2.1)) (&& (== net20) (>= xamarinios)) (&& (== net20) (>= xamarinmac)) (&& (== net35) (== net471)) (&& (== net35) (== net472)) (&& (== net35) (== net48)) (&& (== net35) (>= netcoreapp2.0)) (&& (== net35) (>= netcoreapp2.1)) (&& (== net35) (>= netcoreapp3.0)) (&& (== net35) (>= netstandard2.0)) (&& (== net35) (>= netstandard2.1)) (&& (== net35) (>= xamarinios)) (&& (== net35) (>= xamarinmac)) (&& (== net40) (== net471)) (&& (== net40) (== net472)) (&& (== net40) (== net48)) (&& (== net40) (>= netcoreapp2.0)) (&& (== net40) (>= netcoreapp2.1)) (&& (== net40) (>= netcoreapp3.0)) (&& (== net40) (>= netstandard2.0)) (&& (== net40) (>= netstandard2.1)) (&& (== net40) (>= xamarinios)) (&& (== net40) (>= xamarinmac)) (&& (== net45) (== net471)) (&& (== net45) (== net472)) (&& (== net45) (== net48)) (&& (== net45) (>= netcoreapp2.0)) (&& (== net45) (>= netcoreapp2.1)) (&& (== net45) (>= netcoreapp3.0)) (&& (== net45) (>= netstandard2.0)) (&& (== net45) (>= netstandard2.1)) (&& (== net45) (>= xamarinios)) (&& (== net45) (>= xamarinmac)) (&& (== net461) (>= netcoreapp3.0)) (&& (== net461) (>= netstandard2.1)) (&& (== net471) (== netstandard1.0)) (&& (== net471) (== netstandard1.1)) (&& (== net471) (>= monoandroid)) (&& (== net471) (>= monotouch)) (&& (== net471) (< net46)) (&& (== net471) (>= netcoreapp2.0)) (&& (== net471) (>= netcoreapp2.1)) (&& (== net471) (>= netcoreapp3.0)) (&& (== net471) (>= netstandard2.1)) (&& (== net471) (>= uap10.1)) (&& (== net471) (>= xamarinios)) (&& (== net471) (>= xamarinmac)) (&& (== net471) (>= xamarintvos)) (&& (== net471) (>= xamarinwatchos)) (&& (== net472) (== netstandard1.0)) (&& (== net472) (== netstandard1.1)) (&& (== net472) (>= monoandroid)) (&& (== net472) (>= monotouch)) (&& (== net472) (< net46)) (&& (== net472) (>= netcoreapp2.0)) (&& (== net472) (>= netcoreapp2.1)) (&& (== net472) (>= netcoreapp3.0)) (&& (== net472) (>= netstandard2.1)) (&& (== net472) (>= uap10.1)) (&& (== net472) (>= xamarinios)) (&& (== net472) (>= xamarinmac)) (&& (== net472) (>= xamarintvos)) (&& (== net472) (>= xamarinwatchos)) (&& (== net48) (== netstandard1.0)) (&& (== net48) (== netstandard1.1)) (&& (== net48) (>= monoandroid)) (&& (== net48) (>= monotouch)) (&& (== net48) (< net46)) (&& (== net48) (>= netcoreapp2.0)) (&& (== net48) (>= netcoreapp2.1)) (&& (== net48) (>= netcoreapp3.0)) (&& (== net48) (>= netstandard2.1)) (&& (== net48) (>= uap10.1)) (&& (== net48) (>= xamarinios)) (&& (== net48) (>= xamarinmac)) (&& (== net48) (>= xamarintvos)) (&& (== net48) (>= xamarinwatchos)) (== net5.0-windows7.0) (== net50) (== netcoreapp2.0) (&& (== netstandard1.0) (>= netcoreapp2.0)) (&& (== netstandard1.0) (>= netcoreapp2.1)) (&& (== netstandard1.0) (>= netcoreapp3.0)) (&& (== netstandard1.0) (>= netstandard2.0)) (&& (== netstandard1.0) (>= netstandard2.1)) (&& (== netstandard1.0) (>= xamarinios)) (&& (== netstandard1.0) (>= xamarinmac)) (&& (== netstandard1.1) (>= netcoreapp2.0)) (&& (== netstandard1.1) (>= netcoreapp2.1)) (&& (== netstandard1.1) (>= netcoreapp3.0)) (&& (== netstandard1.1) (>= netstandard2.0)) (&& (== netstandard1.1) (>= netstandard2.1)) (&& (== netstandard1.1) (>= xamarinios)) (&& (== netstandard1.1) (>= xamarinmac)) (== netstandard2.0)
    System.Globalization (4.3) - restriction: || (&& (== net20) (== net45)) (&& (== net20) (== net461)) (&& (== net20) (== net471)) (&& (== net20) (== net472)) (&& (== net20) (== net48)) (&& (== net20) (>= netcoreapp1.0)) (&& (== net20) (>= netstandard1.0)) (&& (== net20) (>= netstandard1.1)) (&& (== net20) (>= netstandard1.2)) (&& (== net20) (>= netstandard1.3)) (&& (== net20) (>= netstandard1.4)) (&& (== net20) (>= netstandard1.5)) (&& (== net20) (>= netstandard1.6)) (&& (== net20) (>= uap10.0)) (&& (== net35) (== net45)) (&& (== net35) (== net461)) (&& (== net35) (== net471)) (&& (== net35) (== net472)) (&& (== net35) (== net48)) (&& (== net35) (>= netcoreapp1.0)) (&& (== net35) (>= netstandard1.0)) (&& (== net35) (>= netstandard1.1)) (&& (== net35) (>= netstandard1.2)) (&& (== net35) (>= netstandard1.3)) (&& (== net35) (>= netstandard1.4)) (&& (== net35) (>= netstandard1.5)) (&& (== net35) (>= netstandard1.6)) (&& (== net35) (>= uap10.0)) (&& (== net40) (== net45)) (&& (== net40) (== net461)) (&& (== net40) (== net471)) (&& (== net40) (== net472)) (&& (== net40) (== net48)) (&& (== net40) (>= netcoreapp1.0)) (&& (== net40) (>= netstandard1.0)) (&& (== net40) (>= netstandard1.1)) (&& (== net40) (>= netstandard1.2)) (&& (== net40) (>= netstandard1.3)) (&& (== net40) (>= netstandard1.4)) (&& (== net40) (>= netstandard1.5)) (&& (== net40) (>= netstandard1.6)) (&& (== net40) (>= uap10.0)) (&& (== net45) (== net461)) (&& (== net45) (== net471)) (&& (== net45) (== net472)) (&& (== net45) (== net48)) (&& (== net45) (>= netcoreapp1.0)) (&& (== net45) (>= netstandard1.3)) (&& (== net45) (< portable-net45+win8+wpa81)) (&& (== net45) (>= uap10.0)) (&& (== net461) (< net45)) (&& (== net461) (< net46)) (&& (== net461) (>= netcoreapp1.0)) (&& (== net461) (< portable-net45+win8+wpa81)) (&& (== net461) (>= uap10.0)) (&& (== net471) (< net45)) (&& (== net471) (< net46)) (&& (== net471) (>= netcoreapp1.0)) (&& (== net471) (< netstandard1.5) (>= uap10.0)) (&& (== net471) (< portable-net45+win8+wpa81)) (&& (== net472) (< net45)) (&& (== net472) (< net46)) (&& (== net472) (>= netcoreapp1.0)) (&& (== net472) (< netstandard1.5) (>= uap10.0)) (&& (== net472) (< portable-net45+win8+wpa81)) (&& (== net48) (< net45)) (&& (== net48) (< net46)) (&& (== net48) (>= netcoreapp1.0)) (&& (== net48) (< netstandard1.5) (>= uap10.0)) (&& (== net48) (< portable-net45+win8+wpa81)) (== net5.0-windows7.0) (== net50) (== netcoreapp2.0) (== netstandard1.0) (== netstandard1.1) (== netstandard2.0)
      Microsoft.NETCore.Platforms (>= 1.1) - restriction: || (&& (== net20) (>= netstandard1.0)) (&& (== net20) (>= netstandard1.3)) (&& (== net35) (>= netstandard1.0)) (&& (== net35) (>= netstandard1.3)) (&& (== net40) (>= netstandard1.0)) (&& (== net40) (>= netstandard1.3)) (&& (== net461) (< net45)) (&& (== net471) (< net45)) (&& (== net472) (< net45)) (&& (== net48) (< net45)) (== net5.0-windows7.0) (== net50) (== netcoreapp2.0) (== netstandard1.0) (== netstandard1.1) (== netstandard2.0)
      Microsoft.NETCore.Targets (>= 1.1) - restriction: || (&& (== net20) (>= netstandard1.0)) (&& (== net20) (>= netstandard1.3)) (&& (== net35) (>= netstandard1.0)) (&& (== net35) (>= netstandard1.3)) (&& (== net40) (>= netstandard1.0)) (&& (== net40) (>= netstandard1.3)) (&& (== net461) (< net45)) (&& (== net471) (< net45)) (&& (== net472) (< net45)) (&& (== net48) (< net45)) (== net5.0-windows7.0) (== net50) (== netcoreapp2.0) (== netstandard1.0) (== netstandard1.1) (== netstandard2.0)
      System.Runtime (>= 4.3) - restriction: || (&& (== net20) (>= netstandard1.0)) (&& (== net20) (>= netstandard1.3)) (&& (== net35) (>= netstandard1.0)) (&& (== net35) (>= netstandard1.3)) (&& (== net40) (>= netstandard1.0)) (&& (== net40) (>= netstandard1.3)) (&& (== net461) (< net45)) (&& (== net471) (< net45)) (&& (== net472) (< net45)) (&& (== net48) (< net45)) (== net5.0-windows7.0) (== net50) (== netcoreapp2.0) (== netstandard1.0) (== netstandard1.1) (== netstandard2.0)
    System.Globalization.Calendars (4.3) - restriction: || (&& (== net20) (== net471)) (&& (== net20) (== net472)) (&& (== net20) (== net48)) (&& (== net20) (>= netstandard2.0)) (&& (== net35) (== net471)) (&& (== net35) (== net472)) (&& (== net35) (== net48)) (&& (== net35) (>= netstandard2.0)) (&& (== net40) (== net471)) (&& (== net40) (== net472)) (&& (== net40) (== net48)) (&& (== net40) (>= netstandard2.0)) (&& (== net45) (== net461) (>= netstandard2.0)) (&& (== net45) (== net471)) (&& (== net45) (== net472)) (&& (== net45) (== net48)) (&& (== net45) (>= net46) (>= netstandard2.0)) (&& (== net461) (< net45) (>= netstandard2.0)) (&& (== net461) (< net46) (>= netstandard2.0)) (&& (== net471) (== netstandard1.0)) (&& (== net471) (== netstandard1.1)) (&& (== net471) (< net45)) (&& (== net471) (< net46)) (&& (== net472) (== netstandard1.0)) (&& (== net472) (== netstandard1.1)) (&& (== net472) (< net45)) (&& (== net472) (< net46)) (&& (== net48) (== netstandard1.0)) (&& (== net48) (== netstandard1.1)) (&& (== net48) (< net45)) (&& (== net48) (< net46)) (== net5.0-windows7.0) (== net50) (== netcoreapp2.0) (&& (== netstandard1.0) (>= netstandard2.0)) (&& (== netstandard1.1) (>= netstandard2.0)) (== netstandard2.0)
      Microsoft.NETCore.Platforms (>= 1.1) - restriction: || (&& (== net20) (>= netstandard1.3)) (&& (== net35) (>= netstandard1.3)) (&& (== net40) (>= netstandard1.3)) (&& (== net45) (>= netstandard1.3)) (&& (== net461) (< net46)) (&& (== net471) (< net46)) (&& (== net472) (< net46)) (&& (== net48) (< net46)) (== net5.0-windows7.0) (== net50) (== netcoreapp2.0) (&& (== netstandard1.0) (>= netstandard1.3)) (&& (== netstandard1.1) (>= netstandard1.3)) (== netstandard2.0)
      Microsoft.NETCore.Targets (>= 1.1) - restriction: || (&& (== net20) (>= netstandard1.3)) (&& (== net35) (>= netstandard1.3)) (&& (== net40) (>= netstandard1.3)) (&& (== net45) (>= netstandard1.3)) (&& (== net461) (< net46)) (&& (== net471) (< net46)) (&& (== net472) (< net46)) (&& (== net48) (< net46)) (== net5.0-windows7.0) (== net50) (== netcoreapp2.0) (&& (== netstandard1.0) (>= netstandard1.3)) (&& (== netstandard1.1) (>= netstandard1.3)) (== netstandard2.0)
      System.Globalization (>= 4.3) - restriction: || (&& (== net20) (>= netstandard1.3)) (&& (== net35) (>= netstandard1.3)) (&& (== net40) (>= netstandard1.3)) (&& (== net45) (>= netstandard1.3)) (&& (== net461) (< net46)) (&& (== net471) (< net46)) (&& (== net472) (< net46)) (&& (== net48) (< net46)) (== net5.0-windows7.0) (== net50) (== netcoreapp2.0) (&& (== netstandard1.0) (>= netstandard1.3)) (&& (== netstandard1.1) (>= netstandard1.3)) (== netstandard2.0)
      System.Runtime (>= 4.3) - restriction: || (&& (== net20) (>= netstandard1.3)) (&& (== net35) (>= netstandard1.3)) (&& (== net40) (>= netstandard1.3)) (&& (== net45) (>= netstandard1.3)) (&& (== net461) (< net46)) (&& (== net471) (< net46)) (&& (== net472) (< net46)) (&& (== net48) (< net46)) (== net5.0-windows7.0) (== net50) (== netcoreapp2.0) (&& (== netstandard1.0) (>= netstandard1.3)) (&& (== netstandard1.1) (>= netstandard1.3)) (== netstandard2.0)
    System.Globalization.Extensions (4.3) - restriction: || (&& (== net20) (== net471)) (&& (== net20) (== net472)) (&& (== net20) (== net48)) (&& (== net20) (>= netstandard2.0)) (&& (== net35) (== net471)) (&& (== net35) (== net472)) (&& (== net35) (== net48)) (&& (== net35) (>= netstandard2.0)) (&& (== net40) (== net471)) (&& (== net40) (== net472)) (&& (== net40) (== net48)) (&& (== net40) (>= netstandard2.0)) (&& (== net461) (< net45) (>= netstandard2.0)) (&& (== net471) (== netstandard1.0)) (&& (== net471) (== netstandard1.1)) (&& (== net471) (< net45)) (&& (== net472) (== netstandard1.0)) (&& (== net472) (== netstandard1.1)) (&& (== net472) (< net45)) (&& (== net48) (== netstandard1.0)) (&& (== net48) (== netstandard1.1)) (&& (== net48) (< net45)) (== net5.0-windows7.0) (== net50) (== netcoreapp2.0) (&& (== netstandard1.0) (>= netstandard2.0)) (&& (== netstandard1.1) (>= netstandard2.0)) (== netstandard2.0)
      Microsoft.NETCore.Platforms (>= 1.1) - restriction: || (&& (== net20) (>= netstandard1.3)) (&& (== net35) (>= netstandard1.3)) (&& (== net40) (>= netstandard1.3)) (&& (== net45) (>= netstandard1.3)) (&& (== net461) (< net46)) (&& (== net471) (< net46)) (&& (== net472) (< net46)) (&& (== net48) (< net46)) (== net5.0-windows7.0) (== net50) (== netcoreapp2.0) (&& (== netstandard1.0) (>= netstandard1.3)) (&& (== netstandard1.1) (>= netstandard1.3)) (== netstandard2.0)
      System.Globalization (>= 4.3) - restriction: || (&& (== net20) (>= netstandard1.3)) (&& (== net35) (>= netstandard1.3)) (&& (== net40) (>= netstandard1.3)) (&& (== net45) (>= netstandard1.3)) (&& (== net461) (< net46)) (&& (== net471) (< net46)) (&& (== net472) (< net46)) (&& (== net48) (< net46)) (== net5.0-windows7.0) (== net50) (== netcoreapp2.0) (&& (== netstandard1.0) (>= netstandard1.3)) (&& (== netstandard1.1) (>= netstandard1.3)) (== netstandard2.0)
      System.Resources.ResourceManager (>= 4.3) - restriction: || (&& (== net20) (>= netstandard1.3)) (&& (== net35) (>= netstandard1.3)) (&& (== net40) (>= netstandard1.3)) (&& (== net45) (>= netstandard1.3)) (&& (== net461) (< net46)) (&& (== net471) (< net46)) (&& (== net472) (< net46)) (&& (== net48) (< net46)) (== net5.0-windows7.0) (== net50) (== netcoreapp2.0) (&& (== netstandard1.0) (>= netstandard1.3)) (&& (== netstandard1.1) (>= netstandard1.3)) (== netstandard2.0)
      System.Runtime (>= 4.3) - restriction: || (&& (== net20) (>= netstandard1.3)) (&& (== net35) (>= netstandard1.3)) (&& (== net40) (>= netstandard1.3)) (&& (== net45) (>= netstandard1.3)) (&& (== net461) (< net46)) (&& (== net471) (< net46)) (&& (== net472) (< net46)) (&& (== net48) (< net46)) (== net5.0-windows7.0) (== net50) (== netcoreapp2.0) (&& (== netstandard1.0) (>= netstandard1.3)) (&& (== netstandard1.1) (>= netstandard1.3)) (== netstandard2.0)
      System.Runtime.Extensions (>= 4.3) - restriction: || (&& (== net20) (>= netstandard1.3)) (&& (== net35) (>= netstandard1.3)) (&& (== net40) (>= netstandard1.3)) (&& (== net45) (>= netstandard1.3)) (&& (== net461) (< net46)) (&& (== net471) (< net46)) (&& (== net472) (< net46)) (&& (== net48) (< net46)) (== net5.0-windows7.0) (== net50) (== netcoreapp2.0) (&& (== netstandard1.0) (>= netstandard1.3)) (&& (== netstandard1.1) (>= netstandard1.3)) (== netstandard2.0)
      System.Runtime.InteropServices (>= 4.3) - restriction: || (&& (== net20) (>= netstandard1.3)) (&& (== net35) (>= netstandard1.3)) (&& (== net40) (>= netstandard1.3)) (&& (== net45) (>= netstandard1.3)) (&& (== net461) (< net46)) (&& (== net471) (< net46)) (&& (== net472) (< net46)) (&& (== net48) (< net46)) (== net5.0-windows7.0) (== net50) (== netcoreapp2.0) (&& (== netstandard1.0) (>= netstandard1.3)) (&& (== netstandard1.1) (>= netstandard1.3)) (== netstandard2.0)
    System.IO (4.3) - restriction: || (&& (== net20) (== net45)) (&& (== net20) (== net461)) (&& (== net20) (>= net46)) (&& (== net20) (>= net463)) (&& (== net20) (>= netcoreapp1.0)) (&& (== net20) (>= netstandard1.0)) (&& (== net20) (>= netstandard1.1)) (&& (== net20) (>= netstandard1.2)) (&& (== net20) (>= netstandard1.3)) (&& (== net20) (>= netstandard1.4)) (&& (== net20) (>= netstandard1.5)) (&& (== net20) (>= netstandard1.6)) (&& (== net20) (>= uap10.0)) (&& (== net35) (== net45)) (&& (== net35) (== net461)) (&& (== net35) (>= net46)) (&& (== net35) (>= net463)) (&& (== net35) (>= netcoreapp1.0)) (&& (== net35) (>= netstandard1.0)) (&& (== net35) (>= netstandard1.1)) (&& (== net35) (>= netstandard1.2)) (&& (== net35) (>= netstandard1.3)) (&& (== net35) (>= netstandard1.4)) (&& (== net35) (>= netstandard1.5)) (&& (== net35) (>= netstandard1.6)) (&& (== net35) (>= uap10.0)) (&& (== net40) (== net45)) (&& (== net40) (== net461)) (&& (== net40) (>= net46)) (&& (== net40) (>= net463)) (&& (== net40) (>= netcoreapp1.0)) (&& (== net40) (>= netstandard1.0)) (&& (== net40) (>= netstandard1.1)) (&& (== net40) (>= netstandard1.2)) (&& (== net40) (>= netstandard1.3)) (&& (== net40) (>= netstandard1.4)) (&& (== net40) (>= netstandard1.5)) (&& (== net40) (>= netstandard1.6)) (&& (== net40) (>= uap10.0)) (&& (== net45) (== net461)) (&& (== net45) (>= net463)) (&& (== net45) (>= netcoreapp1.0)) (&& (== net45) (>= netstandard1.3)) (&& (== net45) (>= netstandard1.4)) (&& (== net45) (>= netstandard1.6)) (&& (== net45) (>= uap10.0)) (&& (== net461) (< net45)) (&& (== net461) (< net46)) (&& (== net461) (>= net463)) (&& (== net461) (>= netcoreapp1.0)) (&& (== net461) (>= uap10.0)) (== net471) (== net472) (== net48) (== net5.0-windows7.0) (== net50) (== netcoreapp2.0) (== netstandard1.0) (== netstandard1.1) (== netstandard2.0)
      Microsoft.NETCore.Platforms (>= 1.1) - restriction: || (&& (== net20) (>= netstandard1.0)) (&& (== net20) (>= netstandard1.3)) (&& (== net20) (>= netstandard1.5)) (&& (== net35) (>= netstandard1.0)) (&& (== net35) (>= netstandard1.3)) (&& (== net35) (>= netstandard1.5)) (&& (== net40) (>= netstandard1.0)) (&& (== net40) (>= netstandard1.3)) (&& (== net40) (>= netstandard1.5)) (&& (== net461) (< net45)) (&& (== net471) (< net45)) (&& (== net472) (< net45)) (&& (== net48) (< net45)) (== net5.0-windows7.0) (== net50) (== netcoreapp2.0) (== netstandard1.0) (== netstandard1.1) (== netstandard2.0)
      Microsoft.NETCore.Targets (>= 1.1) - restriction: || (&& (== net20) (>= netstandard1.0)) (&& (== net20) (>= netstandard1.3)) (&& (== net20) (>= netstandard1.5)) (&& (== net35) (>= netstandard1.0)) (&& (== net35) (>= netstandard1.3)) (&& (== net35) (>= netstandard1.5)) (&& (== net40) (>= netstandard1.0)) (&& (== net40) (>= netstandard1.3)) (&& (== net40) (>= netstandard1.5)) (&& (== net461) (< net45)) (&& (== net471) (< net45)) (&& (== net472) (< net45)) (&& (== net48) (< net45)) (== net5.0-windows7.0) (== net50) (== netcoreapp2.0) (== netstandard1.0) (== netstandard1.1) (== netstandard2.0)
      System.Runtime (>= 4.3) - restriction: || (&& (== net20) (>= netstandard1.0)) (&& (== net20) (>= netstandard1.3)) (&& (== net20) (>= netstandard1.5)) (&& (== net35) (>= netstandard1.0)) (&& (== net35) (>= netstandard1.3)) (&& (== net35) (>= netstandard1.5)) (&& (== net40) (>= netstandard1.0)) (&& (== net40) (>= netstandard1.3)) (&& (== net40) (>= netstandard1.5)) (&& (== net461) (< net45)) (&& (== net471) (< net45)) (&& (== net472) (< net45)) (&& (== net48) (< net45)) (== net5.0-windows7.0) (== net50) (== netcoreapp2.0) (== netstandard1.0) (== netstandard1.1) (== netstandard2.0)
      System.Text.Encoding (>= 4.3) - restriction: || (&& (== net20) (>= netstandard1.0)) (&& (== net20) (>= netstandard1.3)) (&& (== net20) (>= netstandard1.5)) (&& (== net35) (>= netstandard1.0)) (&& (== net35) (>= netstandard1.3)) (&& (== net35) (>= netstandard1.5)) (&& (== net40) (>= netstandard1.0)) (&& (== net40) (>= netstandard1.3)) (&& (== net40) (>= netstandard1.5)) (&& (== net461) (< net45)) (&& (== net471) (< net45)) (&& (== net472) (< net45)) (&& (== net48) (< net45)) (== net5.0-windows7.0) (== net50) (== netcoreapp2.0) (== netstandard1.0) (== netstandard1.1) (== netstandard2.0)
      System.Threading.Tasks (>= 4.3) - restriction: || (&& (== net20) (>= netstandard1.0)) (&& (== net20) (>= netstandard1.3)) (&& (== net20) (>= netstandard1.5)) (&& (== net35) (>= netstandard1.0)) (&& (== net35) (>= netstandard1.3)) (&& (== net35) (>= netstandard1.5)) (&& (== net40) (>= netstandard1.0)) (&& (== net40) (>= netstandard1.3)) (&& (== net40) (>= netstandard1.5)) (&& (== net461) (< net45)) (&& (== net471) (< net45)) (&& (== net472) (< net45)) (&& (== net48) (< net45)) (== net5.0-windows7.0) (== net50) (== netcoreapp2.0) (== netstandard1.0) (== netstandard1.1) (== netstandard2.0)
    System.IO.Compression (4.3) - restriction: || (&& (== net20) (== net45)) (&& (== net20) (== net461)) (&& (== net20) (== net471)) (&& (== net20) (== net472)) (&& (== net20) (== net48)) (&& (== net20) (== net5.0-windows7.0)) (&& (== net20) (== net50)) (&& (== net20) (== netcoreapp2.0)) (&& (== net20) (== netstandard2.0)) (&& (== net20) (>= net46)) (&& (== net20) (>= netstandard1.1)) (&& (== net20) (>= netstandard1.2)) (&& (== net20) (>= netstandard1.3)) (&& (== net20) (>= netstandard1.4)) (&& (== net20) (>= netstandard1.5)) (&& (== net20) (>= netstandard1.6)) (&& (== net20) (>= uap10.0)) (&& (== net35) (== net45)) (&& (== net35) (== net461)) (&& (== net35) (== net471)) (&& (== net35) (== net472)) (&& (== net35) (== net48)) (&& (== net35) (== net5.0-windows7.0)) (&& (== net35) (== net50)) (&& (== net35) (== netcoreapp2.0)) (&& (== net35) (== netstandard2.0)) (&& (== net35) (>= net46)) (&& (== net35) (>= netstandard1.1)) (&& (== net35) (>= netstandard1.2)) (&& (== net35) (>= netstandard1.3)) (&& (== net35) (>= netstandard1.4)) (&& (== net35) (>= netstandard1.5)) (&& (== net35) (>= netstandard1.6)) (&& (== net35) (>= uap10.0)) (&& (== net40) (== net45)) (&& (== net40) (== net461)) (&& (== net40) (== net471)) (&& (== net40) (== net472)) (&& (== net40) (== net48)) (&& (== net40) (== net5.0-windows7.0)) (&& (== net40) (== net50)) (&& (== net40) (== netcoreapp2.0)) (&& (== net40) (== netstandard2.0)) (&& (== net40) (>= net46)) (&& (== net40) (>= netstandard1.1)) (&& (== net40) (>= netstandard1.2)) (&& (== net40) (>= netstandard1.3)) (&& (== net40) (>= netstandard1.4)) (&& (== net40) (>= netstandard1.5)) (&& (== net40) (>= netstandard1.6)) (&& (== net40) (>= uap10.0)) (&& (== net45) (== net461)) (&& (== net45) (== net471)) (&& (== net45) (== net472)) (&& (== net45) (== net48)) (&& (== net45) (== net5.0-windows7.0)) (&& (== net45) (== net50)) (&& (== net45) (== netcoreapp2.0)) (&& (== net45) (== netstandard1.0)) (&& (== net45) (>= net46)) (&& (== net45) (>= uap10.0)) (&& (== net461) (== net5.0-windows7.0)) (&& (== net461) (== net50)) (&& (== net461) (== netcoreapp2.0)) (&& (== net461) (== netstandard1.0)) (&& (== net461) (== netstandard2.0)) (&& (== net461) (< net45)) (&& (== net461) (< netstandard1.4)) (&& (== net461) (>= uap10.0)) (&& (== net471) (== netstandard1.0)) (&& (== net471) (== netstandard2.0) (< netstandard1.2)) (&& (== net471) (== netstandard2.0) (< netstandard1.3)) (&& (== net471) (== netstandard2.0) (< netstandard1.5)) (&& (== net471) (== netstandard2.0) (< netstandard1.6)) (&& (== net471) (< net45) (< netstandard1.2)) (&& (== net471) (< net45) (< netstandard1.3)) (&& (== net471) (< net45) (< netstandard1.5)) (&& (== net471) (< net45) (< netstandard1.6)) (&& (== net471) (< net45) (< netstandard2.0)) (&& (== net471) (< netstandard1.4)) (&& (== net471) (< netstandard1.5) (>= uap10.0)) (&& (== net472) (== netstandard1.0)) (&& (== net472) (== netstandard2.0) (< netstandard1.2)) (&& (== net472) (== netstandard2.0) (< netstandard1.3)) (&& (== net472) (== netstandard2.0) (< netstandard1.5)) (&& (== net472) (== netstandard2.0) (< netstandard1.6)) (&& (== net472) (< net45) (< netstandard1.2)) (&& (== net472) (< net45) (< netstandard1.3)) (&& (== net472) (< net45) (< netstandard1.5)) (&& (== net472) (< net45) (< netstandard1.6)) (&& (== net472) (< net45) (< netstandard2.0)) (&& (== net472) (< netstandard1.4)) (&& (== net472) (< netstandard1.5) (>= uap10.0)) (&& (== net48) (== netstandard1.0)) (&& (== net48) (== netstandard2.0) (< netstandard1.2)) (&& (== net48) (== netstandard2.0) (< netstandard1.3)) (&& (== net48) (== netstandard2.0) (< netstandard1.5)) (&& (== net48) (== netstandard2.0) (< netstandard1.6)) (&& (== net48) (< net45) (< netstandard1.2)) (&& (== net48) (< net45) (< netstandard1.3)) (&& (== net48) (< net45) (< netstandard1.5)) (&& (== net48) (< net45) (< netstandard1.6)) (&& (== net48) (< net45) (< netstandard2.0)) (&& (== net48) (< netstandard1.4)) (&& (== net48) (< netstandard1.5) (>= uap10.0)) (&& (== net5.0-windows7.0) (== netstandard1.0)) (&& (== net5.0-windows7.0) (< netstandard1.2)) (&& (== net5.0-windows7.0) (< netstandard1.3)) (&& (== net5.0-windows7.0) (< netstandard1.4)) (&& (== net5.0-windows7.0) (< netstandard1.5)) (&& (== net5.0-windows7.0) (< netstandard1.6)) (&& (== net5.0-windows7.0) (< netstandard2.0)) (&& (== net50) (== netstandard1.0)) (&& (== net50) (< netstandard1.2)) (&& (== net50) (< netstandard1.3)) (&& (== net50) (< netstandard1.4)) (&& (== net50) (< netstandard1.5)) (&& (== net50) (< netstandard1.6)) (&& (== net50) (< netstandard2.0)) (&& (== netcoreapp2.0) (== netstandard1.0)) (&& (== netcoreapp2.0) (< netstandard1.2)) (&& (== netcoreapp2.0) (< netstandard1.3)) (&& (== netcoreapp2.0) (< netstandard1.4)) (&& (== netcoreapp2.0) (< netstandard1.5)) (&& (== netcoreapp2.0) (< netstandard1.6)) (&& (== netcoreapp2.0) (< netstandard2.0)) (&& (== netstandard1.0) (== netstandard2.0)) (&& (== netstandard1.0) (>= net46)) (&& (== netstandard1.0) (>= netstandard1.1)) (&& (== netstandard1.0) (>= netstandard1.2)) (&& (== netstandard1.0) (>= netstandard1.3)) (&& (== netstandard1.0) (>= netstandard1.4)) (&& (== netstandard1.0) (>= netstandard1.5)) (&& (== netstandard1.0) (>= netstandard1.6)) (&& (== netstandard1.0) (>= uap10.0)) (== netstandard1.1)
      System.IO (>= 4.3) - restriction: || (&& (== net20) (>= netstandard1.1)) (&& (== net20) (>= netstandard1.3)) (&& (== net35) (>= netstandard1.1)) (&& (== net35) (>= netstandard1.3)) (&& (== net40) (>= netstandard1.1)) (&& (== net40) (>= netstandard1.3)) (&& (== net461) (< net45)) (&& (== net471) (< net45)) (&& (== net472) (< net45)) (&& (== net48) (< net45)) (== net5.0-windows7.0) (== net50) (== netcoreapp2.0) (&& (== netstandard1.0) (>= netstandard1.1)) (&& (== netstandard1.0) (>= netstandard1.3)) (== netstandard1.1) (== netstandard2.0)
      System.Runtime (>= 4.3) - restriction: || (&& (== net20) (>= netstandard1.1)) (&& (== net20) (>= netstandard1.3)) (&& (== net35) (>= netstandard1.1)) (&& (== net35) (>= netstandard1.3)) (&& (== net40) (>= netstandard1.1)) (&& (== net40) (>= netstandard1.3)) (&& (== net461) (< net45)) (&& (== net471) (< net45)) (&& (== net472) (< net45)) (&& (== net48) (< net45)) (== net5.0-windows7.0) (== net50) (== netcoreapp2.0) (&& (== netstandard1.0) (>= netstandard1.1)) (&& (== netstandard1.0) (>= netstandard1.3)) (== netstandard1.1) (== netstandard2.0)
      System.Text.Encoding (>= 4.3) - restriction: || (&& (== net20) (>= netstandard1.1)) (&& (== net20) (>= netstandard1.3)) (&& (== net35) (>= netstandard1.1)) (&& (== net35) (>= netstandard1.3)) (&& (== net40) (>= netstandard1.1)) (&& (== net40) (>= netstandard1.3)) (&& (== net461) (< net45)) (&& (== net471) (< net45)) (&& (== net472) (< net45)) (&& (== net48) (< net45)) (== net5.0-windows7.0) (== net50) (== netcoreapp2.0) (&& (== netstandard1.0) (>= netstandard1.1)) (&& (== netstandard1.0) (>= netstandard1.3)) (== netstandard1.1) (== netstandard2.0)
    System.IO.FileSystem (4.3) - restriction: || (&& (== net20) (== net471)) (&& (== net20) (== net472)) (&& (== net20) (== net48)) (&& (== net20) (>= netcoreapp1.0)) (&& (== net20) (>= netstandard2.0)) (&& (== net35) (== net471)) (&& (== net35) (== net472)) (&& (== net35) (== net48)) (&& (== net35) (>= netcoreapp1.0)) (&& (== net35) (>= netstandard2.0)) (&& (== net40) (== net471)) (&& (== net40) (== net472)) (&& (== net40) (== net48)) (&& (== net40) (>= netcoreapp1.0)) (&& (== net40) (>= netstandard2.0)) (&& (== net45) (>= netcoreapp1.0)) (&& (== net461) (< net45) (>= netstandard2.0)) (&& (== net461) (>= netcoreapp1.0)) (&& (== net471) (== netstandard1.0)) (&& (== net471) (== netstandard1.1)) (&& (== net471) (< net45)) (&& (== net471) (>= netcoreapp1.0)) (&& (== net472) (== netstandard1.0)) (&& (== net472) (== netstandard1.1)) (&& (== net472) (< net45)) (&& (== net472) (>= netcoreapp1.0)) (&& (== net48) (== netstandard1.0)) (&& (== net48) (== netstandard1.1)) (&& (== net48) (< net45)) (&& (== net48) (>= netcoreapp1.0)) (== net5.0-windows7.0) (== net50) (== netcoreapp2.0) (&& (== netstandard1.0) (>= netcoreapp1.0)) (&& (== netstandard1.0) (>= netstandard2.0)) (&& (== netstandard1.1) (>= netcoreapp1.0)) (&& (== netstandard1.1) (>= netstandard2.0)) (== netstandard2.0)
      Microsoft.NETCore.Platforms (>= 1.1) - restriction: || (&& (== net20) (>= netstandard1.3)) (&& (== net35) (>= netstandard1.3)) (&& (== net40) (>= netstandard1.3)) (&& (== net45) (>= netstandard1.3)) (&& (== net461) (< net46)) (&& (== net471) (< net46)) (&& (== net472) (< net46)) (&& (== net48) (< net46)) (== net5.0-windows7.0) (== net50) (== netcoreapp2.0) (&& (== netstandard1.0) (>= netstandard1.3)) (&& (== netstandard1.1) (>= netstandard1.3)) (== netstandard2.0)
      Microsoft.NETCore.Targets (>= 1.1) - restriction: || (&& (== net20) (>= netstandard1.3)) (&& (== net35) (>= netstandard1.3)) (&& (== net40) (>= netstandard1.3)) (&& (== net45) (>= netstandard1.3)) (&& (== net461) (< net46)) (&& (== net471) (< net46)) (&& (== net472) (< net46)) (&& (== net48) (< net46)) (== net5.0-windows7.0) (== net50) (== netcoreapp2.0) (&& (== netstandard1.0) (>= netstandard1.3)) (&& (== netstandard1.1) (>= netstandard1.3)) (== netstandard2.0)
      System.IO (>= 4.3) - restriction: || (&& (== net20) (>= netstandard1.3)) (&& (== net35) (>= netstandard1.3)) (&& (== net40) (>= netstandard1.3)) (&& (== net45) (>= netstandard1.3)) (&& (== net461) (< net46)) (&& (== net471) (< net46)) (&& (== net472) (< net46)) (&& (== net48) (< net46)) (== net5.0-windows7.0) (== net50) (== netcoreapp2.0) (&& (== netstandard1.0) (>= netstandard1.3)) (&& (== netstandard1.1) (>= netstandard1.3)) (== netstandard2.0)
      System.IO.FileSystem.Primitives (>= 4.3) - restriction: || (&& (== net20) (>= net46)) (&& (== net20) (>= netstandard1.3)) (&& (== net35) (>= net46)) (&& (== net35) (>= netstandard1.3)) (&& (== net40) (>= net46)) (&& (== net40) (>= netstandard1.3)) (&& (== net45) (>= net46)) (&& (== net45) (>= netstandard1.3)) (== net461) (== net471) (== net472) (== net48) (== net5.0-windows7.0) (== net50) (== netcoreapp2.0) (&& (== netstandard1.0) (>= net46)) (&& (== netstandard1.0) (>= netstandard1.3)) (&& (== netstandard1.1) (>= net46)) (&& (== netstandard1.1) (>= netstandard1.3)) (== netstandard2.0)
      System.Runtime (>= 4.3) - restriction: || (&& (== net20) (>= netstandard1.3)) (&& (== net35) (>= netstandard1.3)) (&& (== net40) (>= netstandard1.3)) (&& (== net45) (>= netstandard1.3)) (&& (== net461) (< net46)) (&& (== net471) (< net46)) (&& (== net472) (< net46)) (&& (== net48) (< net46)) (== net5.0-windows7.0) (== net50) (== netcoreapp2.0) (&& (== netstandard1.0) (>= netstandard1.3)) (&& (== netstandard1.1) (>= netstandard1.3)) (== netstandard2.0)
      System.Runtime.Handles (>= 4.3) - restriction: || (&& (== net20) (>= netstandard1.3)) (&& (== net35) (>= netstandard1.3)) (&& (== net40) (>= netstandard1.3)) (&& (== net45) (>= netstandard1.3)) (&& (== net461) (< net46)) (&& (== net471) (< net46)) (&& (== net472) (< net46)) (&& (== net48) (< net46)) (== net5.0-windows7.0) (== net50) (== netcoreapp2.0) (&& (== netstandard1.0) (>= netstandard1.3)) (&& (== netstandard1.1) (>= netstandard1.3)) (== netstandard2.0)
      System.Text.Encoding (>= 4.3) - restriction: || (&& (== net20) (>= netstandard1.3)) (&& (== net35) (>= netstandard1.3)) (&& (== net40) (>= netstandard1.3)) (&& (== net45) (>= netstandard1.3)) (&& (== net461) (< net46)) (&& (== net471) (< net46)) (&& (== net472) (< net46)) (&& (== net48) (< net46)) (== net5.0-windows7.0) (== net50) (== netcoreapp2.0) (&& (== netstandard1.0) (>= netstandard1.3)) (&& (== netstandard1.1) (>= netstandard1.3)) (== netstandard2.0)
      System.Threading.Tasks (>= 4.3) - restriction: || (&& (== net20) (>= netstandard1.3)) (&& (== net35) (>= netstandard1.3)) (&& (== net40) (>= netstandard1.3)) (&& (== net45) (>= netstandard1.3)) (&& (== net461) (< net46)) (&& (== net471) (< net46)) (&& (== net472) (< net46)) (&& (== net48) (< net46)) (== net5.0-windows7.0) (== net50) (== netcoreapp2.0) (&& (== netstandard1.0) (>= netstandard1.3)) (&& (== netstandard1.1) (>= netstandard1.3)) (== netstandard2.0)
    System.IO.FileSystem.AccessControl (5.0) - restriction: || (&& (== net20) (== net471)) (&& (== net20) (== net472)) (&& (== net20) (== net48)) (&& (== net20) (>= netcoreapp2.0)) (&& (== net20) (>= netcoreapp2.1)) (&& (== net20) (>= netcoreapp3.0)) (&& (== net20) (>= netstandard2.0)) (&& (== net20) (>= netstandard2.1)) (&& (== net35) (== net471)) (&& (== net35) (== net472)) (&& (== net35) (== net48)) (&& (== net35) (>= netcoreapp2.0)) (&& (== net35) (>= netcoreapp2.1)) (&& (== net35) (>= netcoreapp3.0)) (&& (== net35) (>= netstandard2.0)) (&& (== net35) (>= netstandard2.1)) (&& (== net40) (== net471)) (&& (== net40) (== net472)) (&& (== net40) (== net48)) (&& (== net40) (>= netcoreapp2.0)) (&& (== net40) (>= netcoreapp2.1)) (&& (== net40) (>= netcoreapp3.0)) (&& (== net40) (>= netstandard2.0)) (&& (== net40) (>= netstandard2.1)) (&& (== net45) (== net471)) (&& (== net45) (== net472)) (&& (== net45) (== net48)) (&& (== net45) (>= netcoreapp2.0)) (&& (== net45) (>= netcoreapp2.1)) (&& (== net45) (>= netcoreapp3.0)) (&& (== net45) (>= netstandard2.0)) (&& (== net45) (>= netstandard2.1)) (&& (== net461) (>= netcoreapp3.0)) (&& (== net461) (>= netstandard2.1)) (&& (== net471) (== netstandard1.0)) (&& (== net471) (== netstandard1.1)) (&& (== net471) (< net461)) (&& (== net471) (>= netcoreapp2.0)) (&& (== net471) (>= netcoreapp2.1)) (&& (== net471) (>= netcoreapp3.0)) (&& (== net471) (>= netstandard2.1)) (&& (== net472) (== netstandard1.0)) (&& (== net472) (== netstandard1.1)) (&& (== net472) (< net461)) (&& (== net472) (>= netcoreapp2.0)) (&& (== net472) (>= netcoreapp2.1)) (&& (== net472) (>= netcoreapp3.0)) (&& (== net472) (>= netstandard2.1)) (&& (== net48) (== netstandard1.0)) (&& (== net48) (== netstandard1.1)) (&& (== net48) (< net461)) (&& (== net48) (>= netcoreapp2.0)) (&& (== net48) (>= netcoreapp2.1)) (&& (== net48) (>= netcoreapp3.0)) (&& (== net48) (>= netstandard2.1)) (== net5.0-windows7.0) (== net50) (== netcoreapp2.0) (&& (== netstandard1.0) (>= netcoreapp2.0)) (&& (== netstandard1.0) (>= netcoreapp2.1)) (&& (== netstandard1.0) (>= netcoreapp3.0)) (&& (== netstandard1.0) (>= netstandard2.0)) (&& (== netstandard1.0) (>= netstandard2.1)) (&& (== netstandard1.1) (>= netcoreapp2.0)) (&& (== netstandard1.1) (>= netcoreapp2.1)) (&& (== netstandard1.1) (>= netcoreapp3.0)) (&& (== netstandard1.1) (>= netstandard2.0)) (&& (== netstandard1.1) (>= netstandard2.1)) (== netstandard2.0)
      System.Buffers (>= 4.5.1) - restriction: || (&& (== net20) (>= monoandroid)) (&& (== net20) (>= monotouch)) (&& (== net20) (>= netstandard2.0)) (&& (== net20) (>= xamarinios)) (&& (== net20) (>= xamarinmac)) (&& (== net20) (>= xamarintvos)) (&& (== net20) (>= xamarinwatchos)) (&& (== net35) (>= monoandroid)) (&& (== net35) (>= monotouch)) (&& (== net35) (>= netstandard2.0)) (&& (== net35) (>= xamarinios)) (&& (== net35) (>= xamarinmac)) (&& (== net35) (>= xamarintvos)) (&& (== net35) (>= xamarinwatchos)) (&& (== net40) (>= monoandroid)) (&& (== net40) (>= monotouch)) (&& (== net40) (>= netstandard2.0)) (&& (== net40) (>= xamarinios)) (&& (== net40) (>= xamarinmac)) (&& (== net40) (>= xamarintvos)) (&& (== net40) (>= xamarinwatchos)) (&& (== net45) (>= monoandroid)) (&& (== net45) (>= monotouch)) (&& (== net45) (>= netstandard2.0)) (&& (== net45) (>= xamarinios)) (&& (== net45) (>= xamarinmac)) (&& (== net45) (>= xamarintvos)) (&& (== net45) (>= xamarinwatchos)) (&& (== net461) (>= monoandroid)) (&& (== net461) (>= monotouch)) (&& (== net461) (< net46) (>= netstandard2.0)) (&& (== net461) (>= xamarinios)) (&& (== net461) (>= xamarinmac)) (&& (== net461) (>= xamarintvos)) (&& (== net461) (>= xamarinwatchos)) (&& (== net471) (>= monoandroid)) (&& (== net471) (>= monotouch)) (&& (== net471) (< net46)) (&& (== net471) (>= xamarinios)) (&& (== net471) (>= xamarinmac)) (&& (== net471) (>= xamarintvos)) (&& (== net471) (>= xamarinwatchos)) (&& (== net472) (>= monoandroid)) (&& (== net472) (>= monotouch)) (&& (== net472) (< net46)) (&& (== net472) (>= xamarinios)) (&& (== net472) (>= xamarinmac)) (&& (== net472) (>= xamarintvos)) (&& (== net472) (>= xamarinwatchos)) (&& (== net48) (>= monoandroid)) (&& (== net48) (>= monotouch)) (&& (== net48) (< net46)) (&& (== net48) (>= xamarinios)) (&& (== net48) (>= xamarinmac)) (&& (== net48) (>= xamarintvos)) (&& (== net48) (>= xamarinwatchos)) (&& (== net5.0-windows7.0) (>= monotouch)) (&& (== net5.0-windows7.0) (< netcoreapp2.0)) (&& (== net5.0-windows7.0) (>= xamarinios)) (&& (== net5.0-windows7.0) (>= xamarinmac)) (&& (== net5.0-windows7.0) (>= xamarintvos)) (&& (== net5.0-windows7.0) (>= xamarinwatchos)) (&& (== net50) (>= monotouch)) (&& (== net50) (< netcoreapp2.0)) (&& (== net50) (>= xamarinios)) (&& (== net50) (>= xamarinmac)) (&& (== net50) (>= xamarintvos)) (&& (== net50) (>= xamarinwatchos)) (&& (== netcoreapp2.0) (>= monotouch)) (&& (== netcoreapp2.0) (>= xamarinios)) (&& (== netcoreapp2.0) (>= xamarinmac)) (&& (== netcoreapp2.0) (>= xamarintvos)) (&& (== netcoreapp2.0) (>= xamarinwatchos)) (&& (== netstandard1.0) (>= monoandroid)) (&& (== netstandard1.0) (>= monotouch)) (&& (== netstandard1.0) (>= netstandard2.0)) (&& (== netstandard1.0) (>= xamarinios)) (&& (== netstandard1.0) (>= xamarinmac)) (&& (== netstandard1.0) (>= xamarintvos)) (&& (== netstandard1.0) (>= xamarinwatchos)) (&& (== netstandard1.1) (>= monoandroid)) (&& (== netstandard1.1) (>= monotouch)) (&& (== netstandard1.1) (>= netstandard2.0)) (&& (== netstandard1.1) (>= xamarinios)) (&& (== netstandard1.1) (>= xamarinmac)) (&& (== netstandard1.1) (>= xamarintvos)) (&& (== netstandard1.1) (>= xamarinwatchos)) (== netstandard2.0)
      System.Memory (>= 4.5.4) - restriction: || (&& (== net20) (>= netcoreapp2.0)) (&& (== net20) (>= netstandard2.0)) (&& (== net20) (>= uap10.1)) (&& (== net35) (>= netcoreapp2.0)) (&& (== net35) (>= netstandard2.0)) (&& (== net35) (>= uap10.1)) (&& (== net40) (>= netcoreapp2.0)) (&& (== net40) (>= netstandard2.0)) (&& (== net40) (>= uap10.1)) (&& (== net45) (>= netcoreapp2.0)) (&& (== net45) (>= netstandard2.0)) (&& (== net45) (>= uap10.1)) (&& (== net461) (< net46) (>= netstandard2.0)) (&& (== net461) (>= netcoreapp2.0)) (&& (== net461) (>= uap10.1)) (&& (== net471) (< net46)) (&& (== net471) (>= netcoreapp2.0)) (&& (== net471) (>= uap10.1)) (&& (== net472) (< net46)) (&& (== net472) (>= netcoreapp2.0)) (&& (== net472) (>= uap10.1)) (&& (== net48) (< net46)) (&& (== net48) (>= netcoreapp2.0)) (&& (== net48) (>= uap10.1)) (&& (== net5.0-windows7.0) (< netcoreapp2.0)) (&& (== net5.0-windows7.0) (< netcoreapp2.1)) (&& (== net5.0-windows7.0) (>= uap10.1)) (&& (== net50) (< netcoreapp2.0)) (&& (== net50) (< netcoreapp2.1)) (&& (== net50) (>= uap10.1)) (== netcoreapp2.0) (&& (== netstandard1.0) (>= netcoreapp2.0)) (&& (== netstandard1.0) (>= netstandard2.0)) (&& (== netstandard1.0) (>= uap10.1)) (&& (== netstandard1.1) (>= netcoreapp2.0)) (&& (== netstandard1.1) (>= netstandard2.0)) (&& (== netstandard1.1) (>= uap10.1)) (== netstandard2.0)
      System.Security.AccessControl (>= 5.0) - restriction: || (&& (== net20) (>= monoandroid)) (&& (== net20) (>= monotouch)) (&& (== net20) (>= net46)) (&& (== net20) (>= net461)) (&& (== net20) (>= netcoreapp2.0)) (&& (== net20) (>= netcoreapp2.1)) (&& (== net20) (>= netstandard1.3)) (&& (== net20) (>= netstandard2.0)) (&& (== net20) (>= uap10.1)) (&& (== net20) (>= xamarinios)) (&& (== net20) (>= xamarinmac)) (&& (== net20) (>= xamarintvos)) (&& (== net20) (>= xamarinwatchos)) (&& (== net35) (>= monoandroid)) (&& (== net35) (>= monotouch)) (&& (== net35) (>= net46)) (&& (== net35) (>= net461)) (&& (== net35) (>= netcoreapp2.0)) (&& (== net35) (>= netcoreapp2.1)) (&& (== net35) (>= netstandard1.3)) (&& (== net35) (>= netstandard2.0)) (&& (== net35) (>= uap10.1)) (&& (== net35) (>= xamarinios)) (&& (== net35) (>= xamarinmac)) (&& (== net35) (>= xamarintvos)) (&& (== net35) (>= xamarinwatchos)) (&& (== net40) (>= monoandroid)) (&& (== net40) (>= monotouch)) (&& (== net40) (>= net46)) (&& (== net40) (>= net461)) (&& (== net40) (>= netcoreapp2.0)) (&& (== net40) (>= netcoreapp2.1)) (&& (== net40) (>= netstandard1.3)) (&& (== net40) (>= netstandard2.0)) (&& (== net40) (>= uap10.1)) (&& (== net40) (>= xamarinios)) (&& (== net40) (>= xamarinmac)) (&& (== net40) (>= xamarintvos)) (&& (== net40) (>= xamarinwatchos)) (&& (== net45) (>= monoandroid)) (&& (== net45) (>= monotouch)) (&& (== net45) (>= net46)) (&& (== net45) (>= net461)) (&& (== net45) (>= netcoreapp2.0)) (&& (== net45) (>= netcoreapp2.1)) (&& (== net45) (>= netstandard1.3)) (&& (== net45) (>= netstandard2.0)) (&& (== net45) (>= uap10.1)) (&& (== net45) (>= xamarinios)) (&& (== net45) (>= xamarinmac)) (&& (== net45) (>= xamarintvos)) (&& (== net45) (>= xamarinwatchos)) (== net461) (== net471) (== net472) (== net48) (== net5.0-windows7.0) (== net50) (== netcoreapp2.0) (&& (== netstandard1.0) (>= monoandroid)) (&& (== netstandard1.0) (>= monotouch)) (&& (== netstandard1.0) (>= net46)) (&& (== netstandard1.0) (>= net461)) (&& (== netstandard1.0) (>= netcoreapp2.0)) (&& (== netstandard1.0) (>= netcoreapp2.1)) (&& (== netstandard1.0) (>= netstandard1.3)) (&& (== netstandard1.0) (>= netstandard2.0)) (&& (== netstandard1.0) (>= uap10.1)) (&& (== netstandard1.0) (>= xamarinios)) (&& (== netstandard1.0) (>= xamarinmac)) (&& (== netstandard1.0) (>= xamarintvos)) (&& (== netstandard1.0) (>= xamarinwatchos)) (&& (== netstandard1.1) (>= monoandroid)) (&& (== netstandard1.1) (>= monotouch)) (&& (== netstandard1.1) (>= net46)) (&& (== netstandard1.1) (>= net461)) (&& (== netstandard1.1) (>= netcoreapp2.0)) (&& (== netstandard1.1) (>= netcoreapp2.1)) (&& (== netstandard1.1) (>= netstandard1.3)) (&& (== netstandard1.1) (>= netstandard2.0)) (&& (== netstandard1.1) (>= uap10.1)) (&& (== netstandard1.1) (>= xamarinios)) (&& (== netstandard1.1) (>= xamarinmac)) (&& (== netstandard1.1) (>= xamarintvos)) (&& (== netstandard1.1) (>= xamarinwatchos)) (== netstandard2.0)
      System.Security.Principal.Windows (>= 5.0) - restriction: || (&& (== net20) (>= monoandroid)) (&& (== net20) (>= monotouch)) (&& (== net20) (>= net46)) (&& (== net20) (>= net461)) (&& (== net20) (>= netcoreapp2.0)) (&& (== net20) (>= netcoreapp2.1)) (&& (== net20) (>= netstandard1.3)) (&& (== net20) (>= netstandard2.0)) (&& (== net20) (>= uap10.1)) (&& (== net20) (>= xamarinios)) (&& (== net20) (>= xamarinmac)) (&& (== net20) (>= xamarintvos)) (&& (== net20) (>= xamarinwatchos)) (&& (== net35) (>= monoandroid)) (&& (== net35) (>= monotouch)) (&& (== net35) (>= net46)) (&& (== net35) (>= net461)) (&& (== net35) (>= netcoreapp2.0)) (&& (== net35) (>= netcoreapp2.1)) (&& (== net35) (>= netstandard1.3)) (&& (== net35) (>= netstandard2.0)) (&& (== net35) (>= uap10.1)) (&& (== net35) (>= xamarinios)) (&& (== net35) (>= xamarinmac)) (&& (== net35) (>= xamarintvos)) (&& (== net35) (>= xamarinwatchos)) (&& (== net40) (>= monoandroid)) (&& (== net40) (>= monotouch)) (&& (== net40) (>= net46)) (&& (== net40) (>= net461)) (&& (== net40) (>= netcoreapp2.0)) (&& (== net40) (>= netcoreapp2.1)) (&& (== net40) (>= netstandard1.3)) (&& (== net40) (>= netstandard2.0)) (&& (== net40) (>= uap10.1)) (&& (== net40) (>= xamarinios)) (&& (== net40) (>= xamarinmac)) (&& (== net40) (>= xamarintvos)) (&& (== net40) (>= xamarinwatchos)) (&& (== net45) (>= monoandroid)) (&& (== net45) (>= monotouch)) (&& (== net45) (>= net46)) (&& (== net45) (>= net461)) (&& (== net45) (>= netcoreapp2.0)) (&& (== net45) (>= netcoreapp2.1)) (&& (== net45) (>= netstandard1.3)) (&& (== net45) (>= netstandard2.0)) (&& (== net45) (>= uap10.1)) (&& (== net45) (>= xamarinios)) (&& (== net45) (>= xamarinmac)) (&& (== net45) (>= xamarintvos)) (&& (== net45) (>= xamarinwatchos)) (== net461) (== net471) (== net472) (== net48) (== net5.0-windows7.0) (== net50) (== netcoreapp2.0) (&& (== netstandard1.0) (>= monoandroid)) (&& (== netstandard1.0) (>= monotouch)) (&& (== netstandard1.0) (>= net46)) (&& (== netstandard1.0) (>= net461)) (&& (== netstandard1.0) (>= netcoreapp2.0)) (&& (== netstandard1.0) (>= netcoreapp2.1)) (&& (== netstandard1.0) (>= netstandard1.3)) (&& (== netstandard1.0) (>= netstandard2.0)) (&& (== netstandard1.0) (>= uap10.1)) (&& (== netstandard1.0) (>= xamarinios)) (&& (== netstandard1.0) (>= xamarinmac)) (&& (== netstandard1.0) (>= xamarintvos)) (&& (== netstandard1.0) (>= xamarinwatchos)) (&& (== netstandard1.1) (>= monoandroid)) (&& (== netstandard1.1) (>= monotouch)) (&& (== netstandard1.1) (>= net46)) (&& (== netstandard1.1) (>= net461)) (&& (== netstandard1.1) (>= netcoreapp2.0)) (&& (== netstandard1.1) (>= netcoreapp2.1)) (&& (== netstandard1.1) (>= netstandard1.3)) (&& (== netstandard1.1) (>= netstandard2.0)) (&& (== netstandard1.1) (>= uap10.1)) (&& (== netstandard1.1) (>= xamarinios)) (&& (== netstandard1.1) (>= xamarinmac)) (&& (== netstandard1.1) (>= xamarintvos)) (&& (== netstandard1.1) (>= xamarinwatchos)) (== netstandard2.0)
    System.IO.FileSystem.Primitives (4.3) - restriction: || (&& (== net20) (>= net46)) (&& (== net20) (>= netcoreapp1.0)) (&& (== net20) (>= netstandard1.3)) (&& (== net35) (>= net46)) (&& (== net35) (>= netcoreapp1.0)) (&& (== net35) (>= netstandard1.3)) (&& (== net40) (>= net46)) (&& (== net40) (>= netcoreapp1.0)) (&& (== net40) (>= netstandard1.3)) (&& (== net45) (>= net46)) (&& (== net45) (>= netcoreapp1.0)) (&& (== net45) (>= netstandard1.3)) (== net461) (== net471) (== net472) (== net48) (== net5.0-windows7.0) (== net50) (== netcoreapp2.0) (&& (== netstandard1.0) (>= net46)) (&& (== netstandard1.0) (>= netcoreapp1.0)) (&& (== netstandard1.0) (>= netstandard1.3)) (&& (== netstandard1.1) (>= net46)) (&& (== netstandard1.1) (>= netcoreapp1.0)) (&& (== netstandard1.1) (>= netstandard1.3)) (== netstandard2.0)
    System.IO.Packaging (5.0)
      System.IO.FileSystem.Primitives (>= 4.3) - restriction: || (&& (== net20) (>= net46)) (&& (== net20) (>= netstandard1.3)) (&& (== net35) (>= net46)) (&& (== net35) (>= netstandard1.3)) (&& (== net40) (>= net46)) (&& (== net40) (>= netstandard1.3)) (&& (== net45) (>= net46)) (&& (== net45) (>= netstandard1.3)) (== net461) (== net471) (== net472) (== net48) (&& (== net5.0-windows7.0) (>= net46)) (&& (== net5.0-windows7.0) (< netstandard2.0)) (&& (== net50) (>= net46)) (&& (== net50) (< netstandard2.0)) (&& (== netcoreapp2.0) (>= net46)) (&& (== netcoreapp2.0) (< netstandard2.0)) (&& (== netstandard1.0) (>= net46)) (&& (== netstandard1.0) (>= netstandard1.3)) (&& (== netstandard1.1) (>= net46)) (&& (== netstandard1.1) (>= netstandard1.3)) (&& (== netstandard2.0) (>= net46))
    System.IO.Pipes.AccessControl (5.0) - restriction: || (&& (== net20) (== net471)) (&& (== net20) (== net472)) (&& (== net20) (== net48)) (&& (== net20) (>= netcoreapp2.0)) (&& (== net20) (>= netcoreapp2.1)) (&& (== net20) (>= netcoreapp3.0)) (&& (== net20) (>= netstandard2.0)) (&& (== net20) (>= netstandard2.1)) (&& (== net35) (== net471)) (&& (== net35) (== net472)) (&& (== net35) (== net48)) (&& (== net35) (>= netcoreapp2.0)) (&& (== net35) (>= netcoreapp2.1)) (&& (== net35) (>= netcoreapp3.0)) (&& (== net35) (>= netstandard2.0)) (&& (== net35) (>= netstandard2.1)) (&& (== net40) (== net471)) (&& (== net40) (== net472)) (&& (== net40) (== net48)) (&& (== net40) (>= netcoreapp2.0)) (&& (== net40) (>= netcoreapp2.1)) (&& (== net40) (>= netcoreapp3.0)) (&& (== net40) (>= netstandard2.0)) (&& (== net40) (>= netstandard2.1)) (&& (== net45) (== net471)) (&& (== net45) (== net472)) (&& (== net45) (== net48)) (&& (== net45) (>= netcoreapp2.0)) (&& (== net45) (>= netcoreapp2.1)) (&& (== net45) (>= netcoreapp3.0)) (&& (== net45) (>= netstandard2.0)) (&& (== net45) (>= netstandard2.1)) (&& (== net461) (>= netcoreapp3.0)) (&& (== net461) (>= netstandard2.1)) (&& (== net471) (== netstandard1.0)) (&& (== net471) (== netstandard1.1)) (&& (== net471) (< net461)) (&& (== net471) (>= netcoreapp2.0)) (&& (== net471) (>= netcoreapp2.1)) (&& (== net471) (>= netcoreapp3.0)) (&& (== net471) (>= netstandard2.1)) (&& (== net472) (== netstandard1.0)) (&& (== net472) (== netstandard1.1)) (&& (== net472) (< net461)) (&& (== net472) (>= netcoreapp2.0)) (&& (== net472) (>= netcoreapp2.1)) (&& (== net472) (>= netcoreapp3.0)) (&& (== net472) (>= netstandard2.1)) (&& (== net48) (== netstandard1.0)) (&& (== net48) (== netstandard1.1)) (&& (== net48) (< net461)) (&& (== net48) (>= netcoreapp2.0)) (&& (== net48) (>= netcoreapp2.1)) (&& (== net48) (>= netcoreapp3.0)) (&& (== net48) (>= netstandard2.1)) (== net5.0-windows7.0) (== net50) (== netcoreapp2.0) (&& (== netstandard1.0) (>= netcoreapp2.0)) (&& (== netstandard1.0) (>= netcoreapp2.1)) (&& (== netstandard1.0) (>= netcoreapp3.0)) (&& (== netstandard1.0) (>= netstandard2.0)) (&& (== netstandard1.0) (>= netstandard2.1)) (&& (== netstandard1.1) (>= netcoreapp2.0)) (&& (== netstandard1.1) (>= netcoreapp2.1)) (&& (== netstandard1.1) (>= netcoreapp3.0)) (&& (== netstandard1.1) (>= netstandard2.0)) (&& (== netstandard1.1) (>= netstandard2.1)) (== netstandard2.0)
      System.Security.AccessControl (>= 5.0) - restriction: || (&& (== net20) (>= net46)) (&& (== net20) (>= net461)) (&& (== net20) (>= netcoreapp2.1)) (&& (== net20) (>= netstandard1.3)) (&& (== net20) (>= netstandard2.0)) (&& (== net35) (>= net46)) (&& (== net35) (>= net461)) (&& (== net35) (>= netcoreapp2.1)) (&& (== net35) (>= netstandard1.3)) (&& (== net35) (>= netstandard2.0)) (&& (== net40) (>= net46)) (&& (== net40) (>= net461)) (&& (== net40) (>= netcoreapp2.1)) (&& (== net40) (>= netstandard1.3)) (&& (== net40) (>= netstandard2.0)) (&& (== net45) (>= net46)) (&& (== net45) (>= net461)) (&& (== net45) (>= netcoreapp2.1)) (&& (== net45) (>= netstandard1.3)) (&& (== net45) (>= netstandard2.0)) (== net461) (== net471) (== net472) (== net48) (== net5.0-windows7.0) (== net50) (== netcoreapp2.0) (&& (== netstandard1.0) (>= net46)) (&& (== netstandard1.0) (>= net461)) (&& (== netstandard1.0) (>= netcoreapp2.1)) (&& (== netstandard1.0) (>= netstandard1.3)) (&& (== netstandard1.0) (>= netstandard2.0)) (&& (== netstandard1.1) (>= net46)) (&& (== netstandard1.1) (>= net461)) (&& (== netstandard1.1) (>= netcoreapp2.1)) (&& (== netstandard1.1) (>= netstandard1.3)) (&& (== netstandard1.1) (>= netstandard2.0)) (== netstandard2.0)
      System.Security.Principal.Windows (>= 5.0) - restriction: || (&& (== net20) (>= net46)) (&& (== net20) (>= net461)) (&& (== net20) (>= netcoreapp2.1)) (&& (== net20) (>= netstandard1.3)) (&& (== net20) (>= netstandard2.0)) (&& (== net35) (>= net46)) (&& (== net35) (>= net461)) (&& (== net35) (>= netcoreapp2.1)) (&& (== net35) (>= netstandard1.3)) (&& (== net35) (>= netstandard2.0)) (&& (== net40) (>= net46)) (&& (== net40) (>= net461)) (&& (== net40) (>= netcoreapp2.1)) (&& (== net40) (>= netstandard1.3)) (&& (== net40) (>= netstandard2.0)) (&& (== net45) (>= net46)) (&& (== net45) (>= net461)) (&& (== net45) (>= netcoreapp2.1)) (&& (== net45) (>= netstandard1.3)) (&& (== net45) (>= netstandard2.0)) (== net461) (== net471) (== net472) (== net48) (== net5.0-windows7.0) (== net50) (== netcoreapp2.0) (&& (== netstandard1.0) (>= net46)) (&& (== netstandard1.0) (>= net461)) (&& (== netstandard1.0) (>= netcoreapp2.1)) (&& (== netstandard1.0) (>= netstandard1.3)) (&& (== netstandard1.0) (>= netstandard2.0)) (&& (== netstandard1.1) (>= net46)) (&& (== netstandard1.1) (>= net461)) (&& (== netstandard1.1) (>= netcoreapp2.1)) (&& (== netstandard1.1) (>= netstandard1.3)) (&& (== netstandard1.1) (>= netstandard2.0)) (== netstandard2.0)
    System.IO.Ports (5.0.1) - restriction: || (&& (== net20) (== net471)) (&& (== net20) (== net472)) (&& (== net20) (== net48)) (&& (== net20) (>= netcoreapp2.0)) (&& (== net20) (>= netcoreapp2.1)) (&& (== net20) (>= netcoreapp3.0)) (&& (== net20) (>= netstandard2.0)) (&& (== net20) (>= netstandard2.1)) (&& (== net35) (== net471)) (&& (== net35) (== net472)) (&& (== net35) (== net48)) (&& (== net35) (>= netcoreapp2.0)) (&& (== net35) (>= netcoreapp2.1)) (&& (== net35) (>= netcoreapp3.0)) (&& (== net35) (>= netstandard2.0)) (&& (== net35) (>= netstandard2.1)) (&& (== net40) (== net471)) (&& (== net40) (== net472)) (&& (== net40) (== net48)) (&& (== net40) (>= netcoreapp2.0)) (&& (== net40) (>= netcoreapp2.1)) (&& (== net40) (>= netcoreapp3.0)) (&& (== net40) (>= netstandard2.0)) (&& (== net40) (>= netstandard2.1)) (&& (== net45) (== net471)) (&& (== net45) (== net472)) (&& (== net45) (== net48)) (&& (== net45) (>= netcoreapp2.0)) (&& (== net45) (>= netcoreapp2.1)) (&& (== net45) (>= netcoreapp3.0)) (&& (== net45) (>= netstandard2.0)) (&& (== net45) (>= netstandard2.1)) (&& (== net461) (>= netcoreapp3.0)) (&& (== net461) (>= netstandard2.1)) (&& (== net471) (== netstandard1.0)) (&& (== net471) (== netstandard1.1)) (&& (== net471) (< net461)) (&& (== net471) (>= netcoreapp2.0)) (&& (== net471) (>= netcoreapp2.1)) (&& (== net471) (>= netcoreapp3.0)) (&& (== net471) (>= netstandard2.1)) (&& (== net472) (== netstandard1.0)) (&& (== net472) (== netstandard1.1)) (&& (== net472) (< net461)) (&& (== net472) (>= netcoreapp2.0)) (&& (== net472) (>= netcoreapp2.1)) (&& (== net472) (>= netcoreapp3.0)) (&& (== net472) (>= netstandard2.1)) (&& (== net48) (== netstandard1.0)) (&& (== net48) (== netstandard1.1)) (&& (== net48) (< net461)) (&& (== net48) (>= netcoreapp2.0)) (&& (== net48) (>= netcoreapp2.1)) (&& (== net48) (>= netcoreapp3.0)) (&& (== net48) (>= netstandard2.1)) (== net5.0-windows7.0) (== net50) (== netcoreapp2.0) (&& (== netstandard1.0) (>= netcoreapp2.0)) (&& (== netstandard1.0) (>= netcoreapp2.1)) (&& (== netstandard1.0) (>= netcoreapp3.0)) (&& (== netstandard1.0) (>= netstandard2.0)) (&& (== netstandard1.0) (>= netstandard2.1)) (&& (== netstandard1.1) (>= netcoreapp2.0)) (&& (== netstandard1.1) (>= netcoreapp2.1)) (&& (== netstandard1.1) (>= netcoreapp3.0)) (&& (== netstandard1.1) (>= netstandard2.0)) (&& (== netstandard1.1) (>= netstandard2.1)) (== netstandard2.0)
      Microsoft.Win32.Registry (>= 5.0) - restriction: || (&& (== net20) (>= monoandroid)) (&& (== net20) (>= monotouch)) (&& (== net20) (>= netcoreapp2.1)) (&& (== net20) (>= netstandard2.0)) (&& (== net20) (>= xamarinios)) (&& (== net20) (>= xamarinmac)) (&& (== net20) (>= xamarintvos)) (&& (== net20) (>= xamarinwatchos)) (&& (== net35) (>= monoandroid)) (&& (== net35) (>= monotouch)) (&& (== net35) (>= netcoreapp2.1)) (&& (== net35) (>= netstandard2.0)) (&& (== net35) (>= xamarinios)) (&& (== net35) (>= xamarinmac)) (&& (== net35) (>= xamarintvos)) (&& (== net35) (>= xamarinwatchos)) (&& (== net40) (>= monoandroid)) (&& (== net40) (>= monotouch)) (&& (== net40) (>= netcoreapp2.1)) (&& (== net40) (>= netstandard2.0)) (&& (== net40) (>= xamarinios)) (&& (== net40) (>= xamarinmac)) (&& (== net40) (>= xamarintvos)) (&& (== net40) (>= xamarinwatchos)) (&& (== net45) (>= monoandroid)) (&& (== net45) (>= monotouch)) (&& (== net45) (>= netcoreapp2.1)) (&& (== net45) (>= netstandard2.0)) (&& (== net45) (>= xamarinios)) (&& (== net45) (>= xamarinmac)) (&& (== net45) (>= xamarintvos)) (&& (== net45) (>= xamarinwatchos)) (&& (== net461) (>= monoandroid)) (&& (== net461) (>= monotouch)) (&& (== net461) (>= netcoreapp2.1)) (&& (== net461) (>= xamarinios)) (&& (== net461) (>= xamarinmac)) (&& (== net461) (>= xamarintvos)) (&& (== net461) (>= xamarinwatchos)) (&& (== net471) (>= monoandroid)) (&& (== net471) (>= monotouch)) (&& (== net471) (< net461)) (&& (== net471) (>= netcoreapp2.1)) (&& (== net471) (>= xamarinios)) (&& (== net471) (>= xamarinmac)) (&& (== net471) (>= xamarintvos)) (&& (== net471) (>= xamarinwatchos)) (&& (== net472) (>= monoandroid)) (&& (== net472) (>= monotouch)) (&& (== net472) (< net461)) (&& (== net472) (>= netcoreapp2.1)) (&& (== net472) (>= xamarinios)) (&& (== net472) (>= xamarinmac)) (&& (== net472) (>= xamarintvos)) (&& (== net472) (>= xamarinwatchos)) (&& (== net48) (>= monoandroid)) (&& (== net48) (>= monotouch)) (&& (== net48) (< net461)) (&& (== net48) (>= netcoreapp2.1)) (&& (== net48) (>= xamarinios)) (&& (== net48) (>= xamarinmac)) (&& (== net48) (>= xamarintvos)) (&& (== net48) (>= xamarinwatchos)) (== net5.0-windows7.0) (== net50) (== netcoreapp2.0) (&& (== netstandard1.0) (>= monoandroid)) (&& (== netstandard1.0) (>= monotouch)) (&& (== netstandard1.0) (>= netcoreapp2.1)) (&& (== netstandard1.0) (>= netstandard2.0)) (&& (== netstandard1.0) (>= xamarinios)) (&& (== netstandard1.0) (>= xamarinmac)) (&& (== netstandard1.0) (>= xamarintvos)) (&& (== netstandard1.0) (>= xamarinwatchos)) (&& (== netstandard1.1) (>= monoandroid)) (&& (== netstandard1.1) (>= monotouch)) (&& (== netstandard1.1) (>= netcoreapp2.1)) (&& (== netstandard1.1) (>= netstandard2.0)) (&& (== netstandard1.1) (>= xamarinios)) (&& (== netstandard1.1) (>= xamarinmac)) (&& (== netstandard1.1) (>= xamarintvos)) (&& (== netstandard1.1) (>= xamarinwatchos)) (== netstandard2.0)
      runtime.native.System.IO.Ports (>= 5.0.1) - restriction: || (&& (== net20) (>= monoandroid)) (&& (== net20) (>= monotouch)) (&& (== net20) (>= netcoreapp2.1)) (&& (== net20) (>= netstandard2.0)) (&& (== net20) (>= xamarinios)) (&& (== net20) (>= xamarinmac)) (&& (== net20) (>= xamarintvos)) (&& (== net20) (>= xamarinwatchos)) (&& (== net35) (>= monoandroid)) (&& (== net35) (>= monotouch)) (&& (== net35) (>= netcoreapp2.1)) (&& (== net35) (>= netstandard2.0)) (&& (== net35) (>= xamarinios)) (&& (== net35) (>= xamarinmac)) (&& (== net35) (>= xamarintvos)) (&& (== net35) (>= xamarinwatchos)) (&& (== net40) (>= monoandroid)) (&& (== net40) (>= monotouch)) (&& (== net40) (>= netcoreapp2.1)) (&& (== net40) (>= netstandard2.0)) (&& (== net40) (>= xamarinios)) (&& (== net40) (>= xamarinmac)) (&& (== net40) (>= xamarintvos)) (&& (== net40) (>= xamarinwatchos)) (&& (== net45) (>= monoandroid)) (&& (== net45) (>= monotouch)) (&& (== net45) (>= netcoreapp2.1)) (&& (== net45) (>= netstandard2.0)) (&& (== net45) (>= xamarinios)) (&& (== net45) (>= xamarinmac)) (&& (== net45) (>= xamarintvos)) (&& (== net45) (>= xamarinwatchos)) (&& (== net461) (>= monoandroid)) (&& (== net461) (>= monotouch)) (&& (== net461) (>= netcoreapp2.1)) (&& (== net461) (>= xamarinios)) (&& (== net461) (>= xamarinmac)) (&& (== net461) (>= xamarintvos)) (&& (== net461) (>= xamarinwatchos)) (&& (== net471) (>= monoandroid)) (&& (== net471) (>= monotouch)) (&& (== net471) (< net461)) (&& (== net471) (>= netcoreapp2.1)) (&& (== net471) (>= xamarinios)) (&& (== net471) (>= xamarinmac)) (&& (== net471) (>= xamarintvos)) (&& (== net471) (>= xamarinwatchos)) (&& (== net472) (>= monoandroid)) (&& (== net472) (>= monotouch)) (&& (== net472) (< net461)) (&& (== net472) (>= netcoreapp2.1)) (&& (== net472) (>= xamarinios)) (&& (== net472) (>= xamarinmac)) (&& (== net472) (>= xamarintvos)) (&& (== net472) (>= xamarinwatchos)) (&& (== net48) (>= monoandroid)) (&& (== net48) (>= monotouch)) (&& (== net48) (< net461)) (&& (== net48) (>= netcoreapp2.1)) (&& (== net48) (>= xamarinios)) (&& (== net48) (>= xamarinmac)) (&& (== net48) (>= xamarintvos)) (&& (== net48) (>= xamarinwatchos)) (== net5.0-windows7.0) (== net50) (== netcoreapp2.0) (&& (== netstandard1.0) (>= monoandroid)) (&& (== netstandard1.0) (>= monotouch)) (&& (== netstandard1.0) (>= netcoreapp2.1)) (&& (== netstandard1.0) (>= netstandard2.0)) (&& (== netstandard1.0) (>= xamarinios)) (&& (== netstandard1.0) (>= xamarinmac)) (&& (== netstandard1.0) (>= xamarintvos)) (&& (== netstandard1.0) (>= xamarinwatchos)) (&& (== netstandard1.1) (>= monoandroid)) (&& (== netstandard1.1) (>= monotouch)) (&& (== netstandard1.1) (>= netcoreapp2.1)) (&& (== netstandard1.1) (>= netstandard2.0)) (&& (== netstandard1.1) (>= xamarinios)) (&& (== netstandard1.1) (>= xamarinmac)) (&& (== netstandard1.1) (>= xamarintvos)) (&& (== netstandard1.1) (>= xamarinwatchos)) (== netstandard2.0)
      System.Memory (>= 4.5.4) - restriction: || (&& (== net20) (>= netstandard2.0)) (&& (== net35) (>= netstandard2.0)) (&& (== net40) (>= netstandard2.0)) (&& (== net45) (>= netstandard2.0)) (&& (== net471) (< net461)) (&& (== net472) (< net461)) (&& (== net48) (< net461)) (&& (== net5.0-windows7.0) (< netcoreapp2.1)) (&& (== net50) (< netcoreapp2.1)) (== netcoreapp2.0) (&& (== netstandard1.0) (>= netstandard2.0)) (&& (== netstandard1.1) (>= netstandard2.0)) (== netstandard2.0)
    System.Linq (4.3)
      System.Collections (>= 4.3) - restriction: || (&& (== net20) (>= netstandard1.0)) (&& (== net20) (>= netstandard1.6)) (&& (== net35) (>= netstandard1.0)) (&& (== net35) (>= netstandard1.6)) (&& (== net40) (>= netstandard1.0)) (&& (== net40) (>= netstandard1.6)) (&& (== net461) (< net45)) (&& (== net471) (< net45)) (&& (== net472) (< net45)) (&& (== net48) (< net45)) (== net5.0-windows7.0) (== net50) (== netcoreapp2.0) (== netstandard1.0) (== netstandard1.1) (== netstandard2.0)
      System.Diagnostics.Debug (>= 4.3) - restriction: || (&& (== net20) (>= netstandard1.6)) (&& (== net35) (>= netstandard1.6)) (&& (== net40) (>= netstandard1.6)) (&& (== net461) (< net45) (>= netstandard1.6)) (&& (== net471) (< net45)) (&& (== net472) (< net45)) (&& (== net48) (< net45)) (== net5.0-windows7.0) (== net50) (== netcoreapp2.0) (&& (== netstandard1.0) (>= netstandard1.6)) (&& (== netstandard1.1) (>= netstandard1.6)) (== netstandard2.0)
      System.Resources.ResourceManager (>= 4.3) - restriction: || (&& (== net20) (>= netstandard1.6)) (&& (== net35) (>= netstandard1.6)) (&& (== net40) (>= netstandard1.6)) (&& (== net461) (< net45) (>= netstandard1.6)) (&& (== net471) (< net45)) (&& (== net472) (< net45)) (&& (== net48) (< net45)) (== net5.0-windows7.0) (== net50) (== netcoreapp2.0) (&& (== netstandard1.0) (>= netstandard1.6)) (&& (== netstandard1.1) (>= netstandard1.6)) (== netstandard2.0)
      System.Runtime (>= 4.3) - restriction: || (&& (== net20) (>= netstandard1.0)) (&& (== net20) (>= netstandard1.6)) (&& (== net35) (>= netstandard1.0)) (&& (== net35) (>= netstandard1.6)) (&& (== net40) (>= netstandard1.0)) (&& (== net40) (>= netstandard1.6)) (&& (== net461) (< net45)) (&& (== net471) (< net45)) (&& (== net472) (< net45)) (&& (== net48) (< net45)) (== net5.0-windows7.0) (== net50) (== netcoreapp2.0) (== netstandard1.0) (== netstandard1.1) (== netstandard2.0)
      System.Runtime.Extensions (>= 4.3) - restriction: || (&& (== net20) (>= netstandard1.6)) (&& (== net35) (>= netstandard1.6)) (&& (== net40) (>= netstandard1.6)) (&& (== net461) (< net45) (>= netstandard1.6)) (&& (== net471) (< net45)) (&& (== net472) (< net45)) (&& (== net48) (< net45)) (== net5.0-windows7.0) (== net50) (== netcoreapp2.0) (&& (== netstandard1.0) (>= netstandard1.6)) (&& (== netstandard1.1) (>= netstandard1.6)) (== netstandard2.0)
    System.Linq.Expressions (4.3) - restriction: || (&& (== net20) (== net45)) (&& (== net20) (== net461)) (&& (== net20) (== net471)) (&& (== net20) (== net472)) (&& (== net20) (== net48)) (&& (== net20) (>= netstandard1.0)) (&& (== net20) (>= netstandard1.1)) (&& (== net20) (>= netstandard1.2)) (&& (== net20) (>= netstandard1.3)) (&& (== net20) (>= netstandard1.4)) (&& (== net20) (>= netstandard1.5)) (&& (== net20) (>= netstandard1.6)) (&& (== net20) (>= netstandard2.0)) (&& (== net20) (>= uap10.0)) (&& (== net35) (== net45)) (&& (== net35) (== net461)) (&& (== net35) (== net471)) (&& (== net35) (== net472)) (&& (== net35) (== net48)) (&& (== net35) (>= netstandard1.0)) (&& (== net35) (>= netstandard1.1)) (&& (== net35) (>= netstandard1.2)) (&& (== net35) (>= netstandard1.3)) (&& (== net35) (>= netstandard1.4)) (&& (== net35) (>= netstandard1.5)) (&& (== net35) (>= netstandard1.6)) (&& (== net35) (>= uap10.0)) (&& (== net40) (== net45)) (&& (== net40) (== net461)) (&& (== net40) (== net471)) (&& (== net40) (== net472)) (&& (== net40) (== net48)) (&& (== net40) (< net35) (>= netstandard2.0)) (&& (== net40) (>= netstandard1.0)) (&& (== net40) (>= netstandard1.1)) (&& (== net40) (>= netstandard1.2)) (&& (== net40) (>= netstandard1.3)) (&& (== net40) (>= netstandard1.4)) (&& (== net40) (>= netstandard1.5)) (&& (== net40) (>= netstandard1.6)) (&& (== net40) (>= uap10.0)) (&& (== net45) (< net35) (>= netstandard1.3)) (&& (== net45) (< net35) (>= netstandard1.5)) (&& (== net45) (< portable-net45+win8+wpa81)) (&& (== net45) (>= uap10.0)) (&& (== net461) (< net35)) (&& (== net461) (< net45)) (&& (== net461) (< portable-net45+win8+wpa81)) (&& (== net461) (>= uap10.0)) (&& (== net471) (< net35)) (&& (== net471) (< net45) (< netstandard1.2)) (&& (== net471) (< net45) (< netstandard1.3)) (&& (== net471) (< net45) (< netstandard1.4)) (&& (== net471) (< net45) (< netstandard1.5)) (&& (== net471) (< net45) (< netstandard1.6)) (&& (== net471) (< net45) (< netstandard2.0)) (&& (== net471) (< netstandard1.5) (>= uap10.0)) (&& (== net471) (< portable-net45+win8+wpa81)) (&& (== net472) (< net35)) (&& (== net472) (< net45) (< netstandard1.2)) (&& (== net472) (< net45) (< netstandard1.3)) (&& (== net472) (< net45) (< netstandard1.4)) (&& (== net472) (< net45) (< netstandard1.5)) (&& (== net472) (< net45) (< netstandard1.6)) (&& (== net472) (< net45) (< netstandard2.0)) (&& (== net472) (< netstandard1.5) (>= uap10.0)) (&& (== net472) (< portable-net45+win8+wpa81)) (&& (== net48) (< net35)) (&& (== net48) (< net45) (< netstandard1.2)) (&& (== net48) (< net45) (< netstandard1.3)) (&& (== net48) (< net45) (< netstandard1.4)) (&& (== net48) (< net45) (< netstandard1.5)) (&& (== net48) (< net45) (< netstandard1.6)) (&& (== net48) (< net45) (< netstandard2.0)) (&& (== net48) (< netstandard1.5) (>= uap10.0)) (&& (== net48) (< portable-net45+win8+wpa81)) (== net5.0-windows7.0) (== net50) (== netcoreapp2.0) (== netstandard1.0) (== netstandard1.1) (== netstandard2.0)
      System.Reflection (>= 4.3) - restriction: || (&& (== net20) (>= netstandard1.0)) (&& (== net20) (>= netstandard1.3)) (&& (== net20) (>= netstandard1.6)) (&& (== net35) (>= netstandard1.0)) (&& (== net35) (>= netstandard1.3)) (&& (== net35) (>= netstandard1.6)) (&& (== net40) (>= netstandard1.0)) (&& (== net40) (>= netstandard1.3)) (&& (== net40) (>= netstandard1.6)) (&& (== net461) (< net45)) (&& (== net471) (< net45)) (&& (== net472) (< net45)) (&& (== net48) (< net45)) (== net5.0-windows7.0) (== net50) (== netcoreapp2.0) (== netstandard1.0) (== netstandard1.1) (== netstandard2.0)
      System.Runtime (>= 4.3) - restriction: || (&& (== net20) (>= netstandard1.0)) (&& (== net20) (>= netstandard1.3)) (&& (== net20) (>= netstandard1.6)) (&& (== net35) (>= netstandard1.0)) (&& (== net35) (>= netstandard1.3)) (&& (== net35) (>= netstandard1.6)) (&& (== net40) (>= netstandard1.0)) (&& (== net40) (>= netstandard1.3)) (&& (== net40) (>= netstandard1.6)) (&& (== net461) (< net45)) (&& (== net471) (< net45)) (&& (== net472) (< net45)) (&& (== net48) (< net45)) (== net5.0-windows7.0) (== net50) (== netcoreapp2.0) (== netstandard1.0) (== netstandard1.1) (== netstandard2.0)
    System.Linq.Parallel (4.3) - restriction: || (&& (== net20) (== net471)) (&& (== net20) (== net472)) (&& (== net20) (== net48)) (&& (== net20) (>= netstandard2.0)) (&& (== net35) (== net471)) (&& (== net35) (== net472)) (&& (== net35) (== net48)) (&& (== net35) (>= netstandard2.0)) (&& (== net40) (== net471)) (&& (== net40) (== net472)) (&& (== net40) (== net48)) (&& (== net40) (>= netstandard2.0)) (&& (== net45) (== net471)) (&& (== net45) (== net472)) (&& (== net45) (== net48)) (&& (== net45) (>= netstandard2.0)) (&& (== net461) (< net46) (>= netstandard2.0)) (&& (== net471) (== netstandard1.0)) (&& (== net471) (== netstandard1.1)) (&& (== net471) (< net46)) (&& (== net472) (== netstandard1.0)) (&& (== net472) (== netstandard1.1)) (&& (== net472) (< net46)) (&& (== net48) (== netstandard1.0)) (&& (== net48) (== netstandard1.1)) (&& (== net48) (< net46)) (== net5.0-windows7.0) (== net50) (== netcoreapp2.0) (&& (== netstandard1.0) (>= netstandard2.0)) (&& (== netstandard1.1) (>= netstandard2.0)) (== netstandard2.0)
      System.Collections (>= 4.3) - restriction: || (&& (== net20) (>= netstandard1.1)) (&& (== net20) (>= netstandard1.3)) (&& (== net35) (>= netstandard1.1)) (&& (== net35) (>= netstandard1.3)) (&& (== net40) (>= netstandard1.1)) (&& (== net40) (>= netstandard1.3)) (&& (== net461) (< net45)) (&& (== net471) (< net45)) (&& (== net472) (< net45)) (&& (== net48) (< net45)) (== net5.0-windows7.0) (== net50) (== netcoreapp2.0) (&& (== netstandard1.0) (>= netstandard1.1)) (&& (== netstandard1.0) (>= netstandard1.3)) (== netstandard1.1) (== netstandard2.0)
      System.Collections.Concurrent (>= 4.3) - restriction: || (&& (== net20) (>= netstandard1.1)) (&& (== net20) (>= netstandard1.3)) (&& (== net35) (>= netstandard1.1)) (&& (== net35) (>= netstandard1.3)) (&& (== net40) (>= netstandard1.1)) (&& (== net40) (>= netstandard1.3)) (&& (== net461) (< net45)) (&& (== net471) (< net45)) (&& (== net472) (< net45)) (&& (== net48) (< net45)) (== net5.0-windows7.0) (== net50) (== netcoreapp2.0) (&& (== netstandard1.0) (>= netstandard1.1)) (&& (== netstandard1.0) (>= netstandard1.3)) (== netstandard1.1) (== netstandard2.0)
      System.Diagnostics.Debug (>= 4.3) - restriction: || (&& (== net20) (>= netstandard1.3)) (&& (== net35) (>= netstandard1.3)) (&& (== net40) (>= netstandard1.3)) (&& (== net461) (< net45)) (&& (== net471) (< net45)) (&& (== net472) (< net45)) (&& (== net48) (< net45)) (== net5.0-windows7.0) (== net50) (== netcoreapp2.0) (&& (== netstandard1.0) (>= netstandard1.3)) (&& (== netstandard1.1) (>= netstandard1.3)) (== netstandard2.0)
      System.Diagnostics.Tracing (>= 4.3) - restriction: || (&& (== net20) (>= netstandard1.3)) (&& (== net35) (>= netstandard1.3)) (&& (== net40) (>= netstandard1.3)) (&& (== net461) (< net45)) (&& (== net471) (< net45)) (&& (== net472) (< net45)) (&& (== net48) (< net45)) (== net5.0-windows7.0) (== net50) (== netcoreapp2.0) (&& (== netstandard1.0) (>= netstandard1.3)) (&& (== netstandard1.1) (>= netstandard1.3)) (== netstandard2.0)
      System.Linq (>= 4.3) - restriction: || (&& (== net20) (>= netstandard1.1)) (&& (== net20) (>= netstandard1.3)) (&& (== net35) (>= netstandard1.1)) (&& (== net35) (>= netstandard1.3)) (&& (== net40) (>= netstandard1.1)) (&& (== net40) (>= netstandard1.3)) (&& (== net461) (< net45)) (&& (== net471) (< net45)) (&& (== net472) (< net45)) (&& (== net48) (< net45)) (== net5.0-windows7.0) (== net50) (== netcoreapp2.0) (&& (== netstandard1.0) (>= netstandard1.1)) (&& (== netstandard1.0) (>= netstandard1.3)) (== netstandard1.1) (== netstandard2.0)
      System.Resources.ResourceManager (>= 4.3) - restriction: || (&& (== net20) (>= netstandard1.3)) (&& (== net35) (>= netstandard1.3)) (&& (== net40) (>= netstandard1.3)) (&& (== net461) (< net45)) (&& (== net471) (< net45)) (&& (== net472) (< net45)) (&& (== net48) (< net45)) (== net5.0-windows7.0) (== net50) (== netcoreapp2.0) (&& (== netstandard1.0) (>= netstandard1.3)) (&& (== netstandard1.1) (>= netstandard1.3)) (== netstandard2.0)
      System.Runtime (>= 4.3) - restriction: || (&& (== net20) (>= netstandard1.1)) (&& (== net20) (>= netstandard1.3)) (&& (== net35) (>= netstandard1.1)) (&& (== net35) (>= netstandard1.3)) (&& (== net40) (>= netstandard1.1)) (&& (== net40) (>= netstandard1.3)) (&& (== net461) (< net45)) (&& (== net471) (< net45)) (&& (== net472) (< net45)) (&& (== net48) (< net45)) (== net5.0-windows7.0) (== net50) (== netcoreapp2.0) (&& (== netstandard1.0) (>= netstandard1.1)) (&& (== netstandard1.0) (>= netstandard1.3)) (== netstandard1.1) (== netstandard2.0)
      System.Runtime.Extensions (>= 4.3) - restriction: || (&& (== net20) (>= netstandard1.3)) (&& (== net35) (>= netstandard1.3)) (&& (== net40) (>= netstandard1.3)) (&& (== net461) (< net45)) (&& (== net471) (< net45)) (&& (== net472) (< net45)) (&& (== net48) (< net45)) (== net5.0-windows7.0) (== net50) (== netcoreapp2.0) (&& (== netstandard1.0) (>= netstandard1.3)) (&& (== netstandard1.1) (>= netstandard1.3)) (== netstandard2.0)
      System.Threading (>= 4.3) - restriction: || (&& (== net20) (>= netstandard1.3)) (&& (== net35) (>= netstandard1.3)) (&& (== net40) (>= netstandard1.3)) (&& (== net461) (< net45)) (&& (== net471) (< net45)) (&& (== net472) (< net45)) (&& (== net48) (< net45)) (== net5.0-windows7.0) (== net50) (== netcoreapp2.0) (&& (== netstandard1.0) (>= netstandard1.3)) (&& (== netstandard1.1) (>= netstandard1.3)) (== netstandard2.0)
      System.Threading.Tasks (>= 4.3) - restriction: || (&& (== net20) (>= netstandard1.1)) (&& (== net20) (>= netstandard1.3)) (&& (== net35) (>= netstandard1.1)) (&& (== net35) (>= netstandard1.3)) (&& (== net40) (>= netstandard1.1)) (&& (== net40) (>= netstandard1.3)) (&& (== net461) (< net45)) (&& (== net471) (< net45)) (&& (== net472) (< net45)) (&& (== net48) (< net45)) (== net5.0-windows7.0) (== net50) (== netcoreapp2.0) (&& (== netstandard1.0) (>= netstandard1.1)) (&& (== netstandard1.0) (>= netstandard1.3)) (== netstandard1.1) (== netstandard2.0)
    System.Management (5.0) - restriction: || (&& (== net20) (>= net461)) (&& (== net20) (>= netcoreapp2.0)) (&& (== net20) (>= netcoreapp2.1)) (&& (== net20) (>= netcoreapp3.0)) (&& (== net20) (>= netstandard2.0)) (&& (== net20) (>= netstandard2.1)) (&& (== net35) (>= net461)) (&& (== net35) (>= netcoreapp2.0)) (&& (== net35) (>= netcoreapp2.1)) (&& (== net35) (>= netcoreapp3.0)) (&& (== net35) (>= netstandard2.0)) (&& (== net35) (>= netstandard2.1)) (&& (== net40) (>= net461)) (&& (== net40) (>= netcoreapp2.0)) (&& (== net40) (>= netcoreapp2.1)) (&& (== net40) (>= netcoreapp3.0)) (&& (== net40) (>= netstandard2.0)) (&& (== net40) (>= netstandard2.1)) (&& (== net45) (>= net461)) (&& (== net45) (>= netcoreapp2.0)) (&& (== net45) (>= netcoreapp2.1)) (&& (== net45) (>= netcoreapp3.0)) (&& (== net45) (>= netstandard2.0)) (&& (== net45) (>= netstandard2.1)) (== net461) (== net471) (== net472) (== net48) (== net5.0-windows7.0) (== net50) (== netcoreapp2.0) (&& (== netstandard1.0) (>= net461)) (&& (== netstandard1.0) (>= netcoreapp2.0)) (&& (== netstandard1.0) (>= netcoreapp2.1)) (&& (== netstandard1.0) (>= netcoreapp3.0)) (&& (== netstandard1.0) (>= netstandard2.0)) (&& (== netstandard1.0) (>= netstandard2.1)) (&& (== netstandard1.1) (>= net461)) (&& (== netstandard1.1) (>= netcoreapp2.0)) (&& (== netstandard1.1) (>= netcoreapp2.1)) (&& (== netstandard1.1) (>= netcoreapp3.0)) (&& (== netstandard1.1) (>= netstandard2.0)) (&& (== netstandard1.1) (>= netstandard2.1)) (== netstandard2.0)
      Microsoft.NETCore.Platforms (>= 5.0) - restriction: || (&& (== net20) (>= netcoreapp2.0)) (&& (== net35) (>= netcoreapp2.0)) (&& (== net40) (>= netcoreapp2.0)) (&& (== net45) (>= netcoreapp2.0)) (&& (== net461) (>= netcoreapp2.0)) (&& (== net471) (>= netcoreapp2.0)) (&& (== net472) (>= netcoreapp2.0)) (&& (== net48) (>= netcoreapp2.0)) (== net5.0-windows7.0) (== net50) (== netcoreapp2.0) (&& (== netstandard1.0) (>= netcoreapp2.0)) (&& (== netstandard1.1) (>= netcoreapp2.0)) (&& (== netstandard2.0) (>= netcoreapp2.0))
      Microsoft.Win32.Registry (>= 5.0) - restriction: || (&& (== net20) (>= netcoreapp2.0)) (&& (== net35) (>= netcoreapp2.0)) (&& (== net40) (>= netcoreapp2.0)) (&& (== net45) (>= netcoreapp2.0)) (&& (== net461) (>= netcoreapp2.0)) (&& (== net471) (>= netcoreapp2.0)) (&& (== net472) (>= netcoreapp2.0)) (&& (== net48) (>= netcoreapp2.0)) (== net5.0-windows7.0) (== net50) (== netcoreapp2.0) (&& (== netstandard1.0) (>= netcoreapp2.0)) (&& (== netstandard1.1) (>= netcoreapp2.0)) (&& (== netstandard2.0) (>= netcoreapp2.0))
      System.CodeDom (>= 5.0) - restriction: || (&& (== net20) (>= netcoreapp2.0)) (&& (== net20) (>= netstandard2.0)) (&& (== net35) (>= netcoreapp2.0)) (&& (== net35) (>= netstandard2.0)) (&& (== net40) (>= netcoreapp2.0)) (&& (== net40) (>= netstandard2.0)) (&& (== net45) (>= netcoreapp2.0)) (&& (== net461) (< net45) (>= netstandard2.0)) (&& (== net461) (>= netcoreapp2.0)) (&& (== net471) (< net45)) (&& (== net471) (>= netcoreapp2.0)) (&& (== net472) (< net45)) (&& (== net472) (>= netcoreapp2.0)) (&& (== net48) (< net45)) (&& (== net48) (>= netcoreapp2.0)) (== net5.0-windows7.0) (== net50) (== netcoreapp2.0) (&& (== netstandard1.0) (>= netcoreapp2.0)) (&& (== netstandard1.0) (>= netstandard2.0)) (&& (== netstandard1.1) (>= netcoreapp2.0)) (&& (== netstandard1.1) (>= netstandard2.0)) (== netstandard2.0)
    System.Memory (4.5.4) - restriction: || (&& (== net20) (>= net45)) (&& (== net20) (>= net46)) (&& (== net20) (>= net461)) (&& (== net20) (>= netcoreapp2.0)) (&& (== net20) (>= netcoreapp2.1)) (&& (== net20) (>= netcoreapp3.0)) (&& (== net20) (>= netstandard1.6)) (&& (== net20) (>= netstandard2.0)) (&& (== net20) (>= uap10.1)) (&& (== net35) (>= net45)) (&& (== net35) (>= net46)) (&& (== net35) (>= net461)) (&& (== net35) (>= netcoreapp2.0)) (&& (== net35) (>= netcoreapp2.1)) (&& (== net35) (>= netcoreapp3.0)) (&& (== net35) (>= netstandard1.6)) (&& (== net35) (>= netstandard2.0)) (&& (== net35) (>= uap10.1)) (&& (== net40) (>= net45)) (&& (== net40) (>= net46)) (&& (== net40) (>= net461)) (&& (== net40) (>= netcoreapp2.0)) (&& (== net40) (>= netcoreapp2.1)) (&& (== net40) (>= netcoreapp3.0)) (&& (== net40) (>= netstandard1.6)) (&& (== net40) (>= netstandard2.0)) (&& (== net40) (>= uap10.1)) (== net45) (== net461) (== net471) (== net472) (== net48) (== net5.0-windows7.0) (== net50) (== netcoreapp2.0) (&& (== netstandard1.0) (>= net45)) (&& (== netstandard1.0) (>= net46)) (&& (== netstandard1.0) (>= net461)) (&& (== netstandard1.0) (>= netcoreapp2.0)) (&& (== netstandard1.0) (>= netcoreapp2.1)) (&& (== netstandard1.0) (>= netcoreapp3.0)) (&& (== netstandard1.0) (>= netstandard1.6)) (&& (== netstandard1.0) (>= netstandard2.0)) (&& (== netstandard1.0) (>= uap10.1)) (&& (== netstandard1.1) (>= net45)) (&& (== netstandard1.1) (>= net46)) (&& (== netstandard1.1) (>= net461)) (&& (== netstandard1.1) (>= netcoreapp2.0)) (&& (== netstandard1.1) (>= netcoreapp2.1)) (&& (== netstandard1.1) (>= netcoreapp3.0)) (&& (== netstandard1.1) (>= netstandard1.6)) (&& (== netstandard1.1) (>= netstandard2.0)) (&& (== netstandard1.1) (>= uap10.1)) (== netstandard2.0)
      System.Buffers (>= 4.5.1) - restriction: || (&& (== net20) (>= monoandroid)) (&& (== net20) (>= monotouch)) (&& (== net20) (>= net45)) (&& (== net20) (>= net461)) (&& (== net20) (>= netstandard1.1)) (&& (== net20) (>= netstandard2.0)) (&& (== net20) (>= portable-net45+win8+wpa81)) (&& (== net20) (>= win8)) (&& (== net20) (>= wpa81)) (&& (== net20) (>= xamarinios)) (&& (== net20) (>= xamarinmac)) (&& (== net20) (>= xamarintvos)) (&& (== net20) (>= xamarinwatchos)) (&& (== net35) (>= monoandroid)) (&& (== net35) (>= monotouch)) (&& (== net35) (>= net45)) (&& (== net35) (>= net461)) (&& (== net35) (>= netstandard1.1)) (&& (== net35) (>= netstandard2.0)) (&& (== net35) (>= portable-net45+win8+wpa81)) (&& (== net35) (>= win8)) (&& (== net35) (>= wpa81)) (&& (== net35) (>= xamarinios)) (&& (== net35) (>= xamarinmac)) (&& (== net35) (>= xamarintvos)) (&& (== net35) (>= xamarinwatchos)) (&& (== net40) (>= monoandroid)) (&& (== net40) (>= monotouch)) (&& (== net40) (>= net45)) (&& (== net40) (>= net461)) (&& (== net40) (>= netstandard1.1)) (&& (== net40) (>= netstandard2.0)) (&& (== net40) (>= portable-net45+win8+wpa81)) (&& (== net40) (>= win8)) (&& (== net40) (>= wpa81)) (&& (== net40) (>= xamarinios)) (&& (== net40) (>= xamarinmac)) (&& (== net40) (>= xamarintvos)) (&& (== net40) (>= xamarinwatchos)) (== net45) (== net461) (== net471) (== net472) (== net48) (&& (== net5.0-windows7.0) (>= monotouch)) (&& (== net5.0-windows7.0) (>= net461)) (&& (== net5.0-windows7.0) (< netcoreapp2.0)) (&& (== net5.0-windows7.0) (< netstandard1.1)) (&& (== net5.0-windows7.0) (< netstandard2.0)) (&& (== net5.0-windows7.0) (>= xamarinios)) (&& (== net5.0-windows7.0) (>= xamarinmac)) (&& (== net5.0-windows7.0) (>= xamarintvos)) (&& (== net5.0-windows7.0) (>= xamarinwatchos)) (&& (== net50) (>= monotouch)) (&& (== net50) (>= net461)) (&& (== net50) (< netcoreapp2.0)) (&& (== net50) (< netstandard1.1)) (&& (== net50) (< netstandard2.0)) (&& (== net50) (>= xamarinios)) (&& (== net50) (>= xamarinmac)) (&& (== net50) (>= xamarintvos)) (&& (== net50) (>= xamarinwatchos)) (&& (== netcoreapp2.0) (>= monotouch)) (&& (== netcoreapp2.0) (>= net461)) (&& (== netcoreapp2.0) (< netstandard1.1)) (&& (== netcoreapp2.0) (< netstandard2.0)) (&& (== netcoreapp2.0) (>= xamarinios)) (&& (== netcoreapp2.0) (>= xamarinmac)) (&& (== netcoreapp2.0) (>= xamarintvos)) (&& (== netcoreapp2.0) (>= xamarinwatchos)) (&& (== netstandard1.0) (>= monoandroid)) (&& (== netstandard1.0) (>= monotouch)) (&& (== netstandard1.0) (>= net45)) (&& (== netstandard1.0) (>= net461)) (&& (== netstandard1.0) (>= netstandard1.1)) (&& (== netstandard1.0) (>= netstandard2.0)) (&& (== netstandard1.0) (>= portable-net45+win8+wpa81)) (&& (== netstandard1.0) (>= win8)) (&& (== netstandard1.0) (>= wpa81)) (&& (== netstandard1.0) (>= xamarinios)) (&& (== netstandard1.0) (>= xamarinmac)) (&& (== netstandard1.0) (>= xamarintvos)) (&& (== netstandard1.0) (>= xamarinwatchos)) (== netstandard1.1) (== netstandard2.0)
      System.Numerics.Vectors (>= 4.4) - restriction: || (&& (== net20) (>= netstandard2.0)) (&& (== net35) (>= netstandard2.0)) (&& (== net40) (>= netstandard2.0)) (&& (== net461) (< net45) (>= netstandard2.0)) (&& (== net471) (< net45)) (&& (== net472) (< net45)) (&& (== net48) (< net45)) (&& (== net5.0-windows7.0) (< netcoreapp2.0)) (&& (== net50) (< netcoreapp2.0)) (&& (== netstandard1.0) (>= netstandard2.0)) (&& (== netstandard1.1) (>= netstandard2.0)) (== netstandard2.0)
      System.Numerics.Vectors (>= 4.5) - restriction: || (&& (== net20) (>= net461)) (&& (== net35) (>= net461)) (&& (== net40) (>= net461)) (&& (== net45) (>= net461)) (== net461) (== net471) (== net472) (== net48) (&& (== net5.0-windows7.0) (>= net461)) (&& (== net50) (>= net461)) (&& (== netcoreapp2.0) (>= net461)) (&& (== netstandard1.0) (>= net461)) (&& (== netstandard1.1) (>= net461)) (&& (== netstandard2.0) (>= net461))
      System.Runtime.CompilerServices.Unsafe (>= 4.5.3) - restriction: || (&& (== net20) (>= monoandroid)) (&& (== net20) (>= monotouch)) (&& (== net20) (>= net45)) (&& (== net20) (>= net461)) (&& (== net20) (>= netcoreapp2.0)) (&& (== net20) (>= netstandard1.1)) (&& (== net20) (>= netstandard2.0)) (&& (== net20) (>= portable-net45+win8+wpa81)) (&& (== net20) (>= uap10.1)) (&& (== net20) (>= win8)) (&& (== net20) (>= wpa81)) (&& (== net20) (>= xamarinios)) (&& (== net20) (>= xamarinmac)) (&& (== net20) (>= xamarintvos)) (&& (== net20) (>= xamarinwatchos)) (&& (== net35) (>= monoandroid)) (&& (== net35) (>= monotouch)) (&& (== net35) (>= net45)) (&& (== net35) (>= net461)) (&& (== net35) (>= netcoreapp2.0)) (&& (== net35) (>= netstandard1.1)) (&& (== net35) (>= netstandard2.0)) (&& (== net35) (>= portable-net45+win8+wpa81)) (&& (== net35) (>= uap10.1)) (&& (== net35) (>= win8)) (&& (== net35) (>= wpa81)) (&& (== net35) (>= xamarinios)) (&& (== net35) (>= xamarinmac)) (&& (== net35) (>= xamarintvos)) (&& (== net35) (>= xamarinwatchos)) (&& (== net40) (>= monoandroid)) (&& (== net40) (>= monotouch)) (&& (== net40) (>= net45)) (&& (== net40) (>= net461)) (&& (== net40) (>= netcoreapp2.0)) (&& (== net40) (>= netstandard1.1)) (&& (== net40) (>= netstandard2.0)) (&& (== net40) (>= portable-net45+win8+wpa81)) (&& (== net40) (>= uap10.1)) (&& (== net40) (>= win8)) (&& (== net40) (>= wpa81)) (&& (== net40) (>= xamarinios)) (&& (== net40) (>= xamarinmac)) (&& (== net40) (>= xamarintvos)) (&& (== net40) (>= xamarinwatchos)) (== net45) (== net461) (== net471) (== net472) (== net48) (&& (== net5.0-windows7.0) (>= monotouch)) (&& (== net5.0-windows7.0) (>= net461)) (&& (== net5.0-windows7.0) (< netcoreapp2.0)) (&& (== net5.0-windows7.0) (< netcoreapp2.1)) (&& (== net5.0-windows7.0) (< netstandard1.1)) (&& (== net5.0-windows7.0) (< netstandard2.0)) (&& (== net5.0-windows7.0) (>= uap10.1)) (&& (== net5.0-windows7.0) (>= xamarinios)) (&& (== net5.0-windows7.0) (>= xamarinmac)) (&& (== net5.0-windows7.0) (>= xamarintvos)) (&& (== net5.0-windows7.0) (>= xamarinwatchos)) (&& (== net50) (>= monotouch)) (&& (== net50) (>= net461)) (&& (== net50) (< netcoreapp2.0)) (&& (== net50) (< netcoreapp2.1)) (&& (== net50) (< netstandard1.1)) (&& (== net50) (< netstandard2.0)) (&& (== net50) (>= uap10.1)) (&& (== net50) (>= xamarinios)) (&& (== net50) (>= xamarinmac)) (&& (== net50) (>= xamarintvos)) (&& (== net50) (>= xamarinwatchos)) (== netcoreapp2.0) (&& (== netstandard1.0) (>= monoandroid)) (&& (== netstandard1.0) (>= monotouch)) (&& (== netstandard1.0) (>= net45)) (&& (== netstandard1.0) (>= net461)) (&& (== netstandard1.0) (>= netcoreapp2.0)) (&& (== netstandard1.0) (>= netstandard1.1)) (&& (== netstandard1.0) (>= netstandard2.0)) (&& (== netstandard1.0) (>= portable-net45+win8+wpa81)) (&& (== netstandard1.0) (>= uap10.1)) (&& (== netstandard1.0) (>= win8)) (&& (== netstandard1.0) (>= wpa81)) (&& (== netstandard1.0) (>= xamarinios)) (&& (== netstandard1.0) (>= xamarinmac)) (&& (== netstandard1.0) (>= xamarintvos)) (&& (== netstandard1.0) (>= xamarinwatchos)) (== netstandard1.1) (== netstandard2.0)
    System.Net.Http (4.3.4) - restriction: || (&& (== net20) (== net45)) (&& (== net20) (== net461)) (&& (== net20) (== net471)) (&& (== net20) (== net472)) (&& (== net20) (== net48)) (&& (== net20) (>= net46)) (&& (== net20) (>= netstandard1.1)) (&& (== net20) (>= netstandard1.2)) (&& (== net20) (>= netstandard1.3)) (&& (== net20) (>= netstandard1.4)) (&& (== net20) (>= netstandard1.5)) (&& (== net20) (>= netstandard1.6)) (&& (== net20) (>= netstandard2.0)) (&& (== net20) (>= uap10.0)) (&& (== net35) (== net45)) (&& (== net35) (== net461)) (&& (== net35) (== net471)) (&& (== net35) (== net472)) (&& (== net35) (== net48)) (&& (== net35) (>= net46)) (&& (== net35) (>= netstandard1.1)) (&& (== net35) (>= netstandard1.2)) (&& (== net35) (>= netstandard1.3)) (&& (== net35) (>= netstandard1.4)) (&& (== net35) (>= netstandard1.5)) (&& (== net35) (>= netstandard1.6)) (&& (== net35) (>= netstandard2.0)) (&& (== net35) (>= uap10.0)) (&& (== net40) (== net45)) (&& (== net40) (== net461)) (&& (== net40) (== net471)) (&& (== net40) (== net472)) (&& (== net40) (== net48)) (&& (== net40) (>= net46)) (&& (== net40) (>= netstandard1.1)) (&& (== net40) (>= netstandard1.2)) (&& (== net40) (>= netstandard1.3)) (&& (== net40) (>= netstandard1.4)) (&& (== net40) (>= netstandard1.5)) (&& (== net40) (>= netstandard1.6)) (&& (== net40) (>= netstandard2.0)) (&& (== net40) (>= uap10.0)) (&& (== net45) (== net461)) (&& (== net45) (== net471)) (&& (== net45) (== net472)) (&& (== net45) (== net48)) (&& (== net45) (== netstandard1.0)) (&& (== net45) (>= net46)) (&& (== net45) (>= netstandard2.0)) (&& (== net45) (>= uap10.0)) (&& (== net461) (== netstandard1.0)) (&& (== net461) (< net45)) (&& (== net461) (< net46) (>= netstandard2.0)) (&& (== net461) (< netstandard1.4)) (&& (== net461) (>= uap10.0)) (&& (== net471) (== netstandard1.0)) (&& (== net471) (< net45) (< netstandard1.2)) (&& (== net471) (< net45) (< netstandard1.3)) (&& (== net471) (< net45) (< netstandard1.5)) (&& (== net471) (< net45) (< netstandard1.6)) (&& (== net471) (< net45) (< netstandard2.0)) (&& (== net471) (< net46)) (&& (== net471) (< netstandard1.4)) (&& (== net471) (< netstandard1.5) (>= uap10.0)) (&& (== net472) (== netstandard1.0)) (&& (== net472) (< net45) (< netstandard1.2)) (&& (== net472) (< net45) (< netstandard1.3)) (&& (== net472) (< net45) (< netstandard1.5)) (&& (== net472) (< net45) (< netstandard1.6)) (&& (== net472) (< net45) (< netstandard2.0)) (&& (== net472) (< net46)) (&& (== net472) (< netstandard1.4)) (&& (== net472) (< netstandard1.5) (>= uap10.0)) (&& (== net48) (== netstandard1.0)) (&& (== net48) (< net45) (< netstandard1.2)) (&& (== net48) (< net45) (< netstandard1.3)) (&& (== net48) (< net45) (< netstandard1.5)) (&& (== net48) (< net45) (< netstandard1.6)) (&& (== net48) (< net45) (< netstandard2.0)) (&& (== net48) (< net46)) (&& (== net48) (< netstandard1.4)) (&& (== net48) (< netstandard1.5) (>= uap10.0)) (== net5.0-windows7.0) (== net50) (== netcoreapp2.0) (&& (== netstandard1.0) (>= net46)) (&& (== netstandard1.0) (>= netstandard1.1)) (&& (== netstandard1.0) (>= netstandard1.2)) (&& (== netstandard1.0) (>= netstandard1.3)) (&& (== netstandard1.0) (>= netstandard1.4)) (&& (== netstandard1.0) (>= netstandard1.5)) (&& (== netstandard1.0) (>= netstandard1.6)) (&& (== netstandard1.0) (>= netstandard2.0)) (&& (== netstandard1.0) (>= uap10.0)) (== netstandard1.1) (== netstandard2.0)
      Microsoft.NETCore.Platforms (>= 1.1.1) - restriction: || (&& (== net20) (>= netstandard1.3)) (&& (== net20) (>= netstandard1.6)) (&& (== net35) (>= netstandard1.3)) (&& (== net35) (>= netstandard1.6)) (&& (== net40) (>= netstandard1.3)) (&& (== net40) (>= netstandard1.6)) (&& (== net461) (< net45)) (&& (== net471) (< net45)) (&& (== net472) (< net45)) (&& (== net48) (< net45)) (== net5.0-windows7.0) (== net50) (== netcoreapp2.0) (&& (== netstandard1.0) (>= netstandard1.3)) (&& (== netstandard1.0) (>= netstandard1.6)) (&& (== netstandard1.1) (>= netstandard1.3)) (&& (== netstandard1.1) (>= netstandard1.6)) (== netstandard2.0)
      runtime.native.System (>= 4.3) - restriction: || (&& (== net20) (>= netstandard1.6)) (&& (== net35) (>= netstandard1.6)) (&& (== net40) (>= netstandard1.6)) (&& (== net461) (< net45) (>= netstandard1.6)) (&& (== net471) (< net45)) (&& (== net472) (< net45)) (&& (== net48) (< net45)) (== net5.0-windows7.0) (== net50) (== netcoreapp2.0) (&& (== netstandard1.0) (>= netstandard1.6)) (&& (== netstandard1.1) (>= netstandard1.6)) (== netstandard2.0)
      runtime.native.System.Net.Http (>= 4.3) - restriction: || (&& (== net20) (>= netstandard1.6)) (&& (== net35) (>= netstandard1.6)) (&& (== net40) (>= netstandard1.6)) (&& (== net461) (< net45) (>= netstandard1.6)) (&& (== net471) (< net45)) (&& (== net472) (< net45)) (&& (== net48) (< net45)) (== net5.0-windows7.0) (== net50) (== netcoreapp2.0) (&& (== netstandard1.0) (>= netstandard1.6)) (&& (== netstandard1.1) (>= netstandard1.6)) (== netstandard2.0)
      runtime.native.System.Security.Cryptography.OpenSsl (>= 4.3.2) - restriction: || (&& (== net20) (>= netstandard1.6)) (&& (== net35) (>= netstandard1.6)) (&& (== net40) (>= netstandard1.6)) (&& (== net461) (< net45) (>= netstandard1.6)) (&& (== net471) (< net45)) (&& (== net472) (< net45)) (&& (== net48) (< net45)) (== net5.0-windows7.0) (== net50) (== netcoreapp2.0) (&& (== netstandard1.0) (>= netstandard1.6)) (&& (== netstandard1.1) (>= netstandard1.6)) (== netstandard2.0)
      System.Collections (>= 4.3) - restriction: || (&& (== net20) (>= netstandard1.3)) (&& (== net20) (>= netstandard1.6)) (&& (== net35) (>= netstandard1.3)) (&& (== net35) (>= netstandard1.6)) (&& (== net40) (>= netstandard1.3)) (&& (== net40) (>= netstandard1.6)) (&& (== net461) (< net45)) (&& (== net471) (< net45)) (&& (== net472) (< net45)) (&& (== net48) (< net45)) (== net5.0-windows7.0) (== net50) (== netcoreapp2.0) (&& (== netstandard1.0) (>= netstandard1.3)) (&& (== netstandard1.0) (>= netstandard1.6)) (&& (== netstandard1.1) (>= netstandard1.3)) (&& (== netstandard1.1) (>= netstandard1.6)) (== netstandard2.0)
      System.Diagnostics.Debug (>= 4.3) - restriction: || (&& (== net20) (>= netstandard1.3)) (&& (== net20) (>= netstandard1.6)) (&& (== net35) (>= netstandard1.3)) (&& (== net35) (>= netstandard1.6)) (&& (== net40) (>= netstandard1.3)) (&& (== net40) (>= netstandard1.6)) (&& (== net461) (< net45)) (&& (== net471) (< net45)) (&& (== net472) (< net45)) (&& (== net48) (< net45)) (== net5.0-windows7.0) (== net50) (== netcoreapp2.0) (&& (== netstandard1.0) (>= netstandard1.3)) (&& (== netstandard1.0) (>= netstandard1.6)) (&& (== netstandard1.1) (>= netstandard1.3)) (&& (== netstandard1.1) (>= netstandard1.6)) (== netstandard2.0)
      System.Diagnostics.DiagnosticSource (>= 4.3) - restriction: || (&& (== net20) (>= netstandard1.3)) (&& (== net20) (>= netstandard1.6)) (&& (== net35) (>= netstandard1.3)) (&& (== net35) (>= netstandard1.6)) (&& (== net40) (>= netstandard1.3)) (&& (== net40) (>= netstandard1.6)) (&& (== net461) (< net45)) (&& (== net471) (< net45)) (&& (== net472) (< net45)) (&& (== net48) (< net45)) (== net5.0-windows7.0) (== net50) (== netcoreapp2.0) (&& (== netstandard1.0) (>= netstandard1.3)) (&& (== netstandard1.0) (>= netstandard1.6)) (&& (== netstandard1.1) (>= netstandard1.3)) (&& (== netstandard1.1) (>= netstandard1.6)) (== netstandard2.0)
      System.Diagnostics.Tracing (>= 4.3) - restriction: || (&& (== net20) (>= netstandard1.3)) (&& (== net20) (>= netstandard1.6)) (&& (== net35) (>= netstandard1.3)) (&& (== net35) (>= netstandard1.6)) (&& (== net40) (>= netstandard1.3)) (&& (== net40) (>= netstandard1.6)) (&& (== net461) (< net45)) (&& (== net471) (< net45)) (&& (== net472) (< net45)) (&& (== net48) (< net45)) (== net5.0-windows7.0) (== net50) (== netcoreapp2.0) (&& (== netstandard1.0) (>= netstandard1.3)) (&& (== netstandard1.0) (>= netstandard1.6)) (&& (== netstandard1.1) (>= netstandard1.3)) (&& (== netstandard1.1) (>= netstandard1.6)) (== netstandard2.0)
      System.Globalization (>= 4.3) - restriction: || (&& (== net20) (>= netstandard1.3)) (&& (== net20) (>= netstandard1.6)) (&& (== net35) (>= netstandard1.3)) (&& (== net35) (>= netstandard1.6)) (&& (== net40) (>= netstandard1.3)) (&& (== net40) (>= netstandard1.6)) (&& (== net461) (< net45)) (&& (== net471) (< net45)) (&& (== net472) (< net45)) (&& (== net48) (< net45)) (== net5.0-windows7.0) (== net50) (== netcoreapp2.0) (&& (== netstandard1.0) (>= netstandard1.3)) (&& (== netstandard1.0) (>= netstandard1.6)) (&& (== netstandard1.1) (>= netstandard1.3)) (&& (== netstandard1.1) (>= netstandard1.6)) (== netstandard2.0)
      System.Globalization.Extensions (>= 4.3) - restriction: || (&& (== net20) (>= netstandard1.6)) (&& (== net35) (>= netstandard1.6)) (&& (== net40) (>= netstandard1.6)) (&& (== net461) (< net45) (>= netstandard1.6)) (&& (== net471) (< net45)) (&& (== net472) (< net45)) (&& (== net48) (< net45)) (== net5.0-windows7.0) (== net50) (== netcoreapp2.0) (&& (== netstandard1.0) (>= netstandard1.6)) (&& (== netstandard1.1) (>= netstandard1.6)) (== netstandard2.0)
      System.IO (>= 4.3) - restriction: || (&& (== net20) (>= netstandard1.1)) (&& (== net20) (>= netstandard1.3)) (&& (== net20) (>= netstandard1.6)) (&& (== net35) (>= netstandard1.1)) (&& (== net35) (>= netstandard1.3)) (&& (== net35) (>= netstandard1.6)) (&& (== net40) (>= netstandard1.1)) (&& (== net40) (>= netstandard1.3)) (&& (== net40) (>= netstandard1.6)) (&& (== net461) (< net45)) (&& (== net471) (< net45)) (&& (== net472) (< net45)) (&& (== net48) (< net45)) (== net5.0-windows7.0) (== net50) (== netcoreapp2.0) (&& (== netstandard1.0) (>= netstandard1.1)) (&& (== netstandard1.0) (>= netstandard1.3)) (&& (== netstandard1.0) (>= netstandard1.6)) (== netstandard1.1) (== netstandard2.0)
      System.IO.FileSystem (>= 4.3) - restriction: || (&& (== net20) (>= netstandard1.6)) (&& (== net35) (>= netstandard1.6)) (&& (== net40) (>= netstandard1.6)) (&& (== net461) (< net45) (>= netstandard1.6)) (&& (== net471) (< net45)) (&& (== net472) (< net45)) (&& (== net48) (< net45)) (== net5.0-windows7.0) (== net50) (== netcoreapp2.0) (&& (== netstandard1.0) (>= netstandard1.6)) (&& (== netstandard1.1) (>= netstandard1.6)) (== netstandard2.0)
      System.Net.Primitives (>= 4.3) - restriction: || (&& (== net20) (>= netstandard1.1)) (&& (== net20) (>= netstandard1.3)) (&& (== net20) (>= netstandard1.6)) (&& (== net35) (>= netstandard1.1)) (&& (== net35) (>= netstandard1.3)) (&& (== net35) (>= netstandard1.6)) (&& (== net40) (>= netstandard1.1)) (&& (== net40) (>= netstandard1.3)) (&& (== net40) (>= netstandard1.6)) (&& (== net461) (< net45)) (&& (== net471) (< net45)) (&& (== net472) (< net45)) (&& (== net48) (< net45)) (== net5.0-windows7.0) (== net50) (== netcoreapp2.0) (&& (== netstandard1.0) (>= netstandard1.1)) (&& (== netstandard1.0) (>= netstandard1.3)) (&& (== netstandard1.0) (>= netstandard1.6)) (== netstandard1.1) (== netstandard2.0)
      System.Resources.ResourceManager (>= 4.3) - restriction: || (&& (== net20) (>= netstandard1.3)) (&& (== net20) (>= netstandard1.6)) (&& (== net35) (>= netstandard1.3)) (&& (== net35) (>= netstandard1.6)) (&& (== net40) (>= netstandard1.3)) (&& (== net40) (>= netstandard1.6)) (&& (== net461) (< net45)) (&& (== net471) (< net45)) (&& (== net472) (< net45)) (&& (== net48) (< net45)) (== net5.0-windows7.0) (== net50) (== netcoreapp2.0) (&& (== netstandard1.0) (>= netstandard1.3)) (&& (== netstandard1.0) (>= netstandard1.6)) (&& (== netstandard1.1) (>= netstandard1.3)) (&& (== netstandard1.1) (>= netstandard1.6)) (== netstandard2.0)
      System.Runtime (>= 4.3) - restriction: || (&& (== net20) (>= netstandard1.1)) (&& (== net20) (>= netstandard1.3)) (&& (== net20) (>= netstandard1.6)) (&& (== net35) (>= netstandard1.1)) (&& (== net35) (>= netstandard1.3)) (&& (== net35) (>= netstandard1.6)) (&& (== net40) (>= netstandard1.1)) (&& (== net40) (>= netstandard1.3)) (&& (== net40) (>= netstandard1.6)) (&& (== net461) (< net45)) (&& (== net471) (< net45)) (&& (== net472) (< net45)) (&& (== net48) (< net45)) (== net5.0-windows7.0) (== net50) (== netcoreapp2.0) (&& (== netstandard1.0) (>= netstandard1.1)) (&& (== netstandard1.0) (>= netstandard1.3)) (&& (== netstandard1.0) (>= netstandard1.6)) (== netstandard1.1) (== netstandard2.0)
      System.Runtime.Extensions (>= 4.3) - restriction: || (&& (== net20) (>= netstandard1.3)) (&& (== net20) (>= netstandard1.6)) (&& (== net35) (>= netstandard1.3)) (&& (== net35) (>= netstandard1.6)) (&& (== net40) (>= netstandard1.3)) (&& (== net40) (>= netstandard1.6)) (&& (== net461) (< net45)) (&& (== net471) (< net45)) (&& (== net472) (< net45)) (&& (== net48) (< net45)) (== net5.0-windows7.0) (== net50) (== netcoreapp2.0) (&& (== netstandard1.0) (>= netstandard1.3)) (&& (== netstandard1.0) (>= netstandard1.6)) (&& (== netstandard1.1) (>= netstandard1.3)) (&& (== netstandard1.1) (>= netstandard1.6)) (== netstandard2.0)
      System.Runtime.Handles (>= 4.3) - restriction: || (&& (== net20) (>= netstandard1.3)) (&& (== net20) (>= netstandard1.6)) (&& (== net35) (>= netstandard1.3)) (&& (== net35) (>= netstandard1.6)) (&& (== net40) (>= netstandard1.3)) (&& (== net40) (>= netstandard1.6)) (&& (== net461) (< net45)) (&& (== net471) (< net45)) (&& (== net472) (< net45)) (&& (== net48) (< net45)) (== net5.0-windows7.0) (== net50) (== netcoreapp2.0) (&& (== netstandard1.0) (>= netstandard1.3)) (&& (== netstandard1.0) (>= netstandard1.6)) (&& (== netstandard1.1) (>= netstandard1.3)) (&& (== netstandard1.1) (>= netstandard1.6)) (== netstandard2.0)
      System.Runtime.InteropServices (>= 4.3) - restriction: || (&& (== net20) (>= netstandard1.3)) (&& (== net20) (>= netstandard1.6)) (&& (== net35) (>= netstandard1.3)) (&& (== net35) (>= netstandard1.6)) (&& (== net40) (>= netstandard1.3)) (&& (== net40) (>= netstandard1.6)) (&& (== net461) (< net45)) (&& (== net471) (< net45)) (&& (== net472) (< net45)) (&& (== net48) (< net45)) (== net5.0-windows7.0) (== net50) (== netcoreapp2.0) (&& (== netstandard1.0) (>= netstandard1.3)) (&& (== netstandard1.0) (>= netstandard1.6)) (&& (== netstandard1.1) (>= netstandard1.3)) (&& (== netstandard1.1) (>= netstandard1.6)) (== netstandard2.0)
      System.Security.Cryptography.Algorithms (>= 4.3) - restriction: || (&& (== net20) (>= netstandard1.6)) (&& (== net35) (>= netstandard1.6)) (&& (== net40) (>= netstandard1.6)) (&& (== net461) (< net45) (>= netstandard1.6)) (&& (== net471) (< net45)) (&& (== net472) (< net45)) (&& (== net48) (< net45)) (== net5.0-windows7.0) (== net50) (== netcoreapp2.0) (&& (== netstandard1.0) (>= netstandard1.6)) (&& (== netstandard1.1) (>= netstandard1.6)) (== netstandard2.0)
      System.Security.Cryptography.Encoding (>= 4.3) - restriction: || (&& (== net20) (>= netstandard1.3)) (&& (== net20) (>= netstandard1.6)) (&& (== net35) (>= netstandard1.3)) (&& (== net35) (>= netstandard1.6)) (&& (== net40) (>= netstandard1.3)) (&& (== net40) (>= netstandard1.6)) (&& (== net461) (< net45)) (&& (== net471) (< net45)) (&& (== net472) (< net45)) (&& (== net48) (< net45)) (== net5.0-windows7.0) (== net50) (== netcoreapp2.0) (&& (== netstandard1.0) (>= netstandard1.3)) (&& (== netstandard1.0) (>= netstandard1.6)) (&& (== netstandard1.1) (>= netstandard1.3)) (&& (== netstandard1.1) (>= netstandard1.6)) (== netstandard2.0)
      System.Security.Cryptography.OpenSsl (>= 4.3) - restriction: || (&& (== net20) (>= netstandard1.6)) (&& (== net35) (>= netstandard1.6)) (&& (== net40) (>= netstandard1.6)) (&& (== net461) (< net45) (>= netstandard1.6)) (&& (== net471) (< net45)) (&& (== net472) (< net45)) (&& (== net48) (< net45)) (== net5.0-windows7.0) (== net50) (== netcoreapp2.0) (&& (== netstandard1.0) (>= netstandard1.6)) (&& (== netstandard1.1) (>= netstandard1.6)) (== netstandard2.0)
      System.Security.Cryptography.Primitives (>= 4.3) - restriction: || (&& (== net20) (>= netstandard1.6)) (&& (== net35) (>= netstandard1.6)) (&& (== net40) (>= netstandard1.6)) (&& (== net461) (< net45) (>= netstandard1.6)) (&& (== net471) (< net45)) (&& (== net472) (< net45)) (&& (== net48) (< net45)) (== net5.0-windows7.0) (== net50) (== netcoreapp2.0) (&& (== netstandard1.0) (>= netstandard1.6)) (&& (== netstandard1.1) (>= netstandard1.6)) (== netstandard2.0)
      System.Security.Cryptography.X509Certificates (>= 4.3) - restriction: || (&& (== net20) (>= net46)) (&& (== net20) (>= netstandard1.3)) (&& (== net20) (>= netstandard1.6)) (&& (== net35) (>= net46)) (&& (== net35) (>= netstandard1.3)) (&& (== net35) (>= netstandard1.6)) (&& (== net40) (>= net46)) (&& (== net40) (>= netstandard1.3)) (&& (== net40) (>= netstandard1.6)) (&& (== net45) (>= net46)) (== net461) (== net471) (== net472) (== net48) (== net5.0-windows7.0) (== net50) (== netcoreapp2.0) (&& (== netstandard1.0) (>= net46)) (&& (== netstandard1.0) (>= netstandard1.3)) (&& (== netstandard1.0) (>= netstandard1.6)) (&& (== netstandard1.1) (>= net46)) (&& (== netstandard1.1) (>= netstandard1.3)) (&& (== netstandard1.1) (>= netstandard1.6)) (== netstandard2.0)
      System.Text.Encoding (>= 4.3) - restriction: || (&& (== net20) (>= netstandard1.1)) (&& (== net20) (>= netstandard1.3)) (&& (== net20) (>= netstandard1.6)) (&& (== net35) (>= netstandard1.1)) (&& (== net35) (>= netstandard1.3)) (&& (== net35) (>= netstandard1.6)) (&& (== net40) (>= netstandard1.1)) (&& (== net40) (>= netstandard1.3)) (&& (== net40) (>= netstandard1.6)) (&& (== net461) (< net45)) (&& (== net471) (< net45)) (&& (== net472) (< net45)) (&& (== net48) (< net45)) (== net5.0-windows7.0) (== net50) (== netcoreapp2.0) (&& (== netstandard1.0) (>= netstandard1.1)) (&& (== netstandard1.0) (>= netstandard1.3)) (&& (== netstandard1.0) (>= netstandard1.6)) (== netstandard1.1) (== netstandard2.0)
      System.Threading (>= 4.3) - restriction: || (&& (== net20) (>= netstandard1.3)) (&& (== net20) (>= netstandard1.6)) (&& (== net35) (>= netstandard1.3)) (&& (== net35) (>= netstandard1.6)) (&& (== net40) (>= netstandard1.3)) (&& (== net40) (>= netstandard1.6)) (&& (== net461) (< net45)) (&& (== net471) (< net45)) (&& (== net472) (< net45)) (&& (== net48) (< net45)) (== net5.0-windows7.0) (== net50) (== netcoreapp2.0) (&& (== netstandard1.0) (>= netstandard1.3)) (&& (== netstandard1.0) (>= netstandard1.6)) (&& (== netstandard1.1) (>= netstandard1.3)) (&& (== netstandard1.1) (>= netstandard1.6)) (== netstandard2.0)
      System.Threading.Tasks (>= 4.3) - restriction: || (&& (== net20) (>= netstandard1.1)) (&& (== net20) (>= netstandard1.3)) (&& (== net20) (>= netstandard1.6)) (&& (== net35) (>= netstandard1.1)) (&& (== net35) (>= netstandard1.3)) (&& (== net35) (>= netstandard1.6)) (&& (== net40) (>= netstandard1.1)) (&& (== net40) (>= netstandard1.3)) (&& (== net40) (>= netstandard1.6)) (&& (== net461) (< net45)) (&& (== net471) (< net45)) (&& (== net472) (< net45)) (&& (== net48) (< net45)) (== net5.0-windows7.0) (== net50) (== netcoreapp2.0) (&& (== netstandard1.0) (>= netstandard1.1)) (&& (== netstandard1.0) (>= netstandard1.3)) (&& (== netstandard1.0) (>= netstandard1.6)) (== netstandard1.1) (== netstandard2.0)
    System.Net.Primitives (4.3.1) - restriction: || (&& (== net20) (== net45)) (&& (== net20) (== net461)) (&& (== net20) (== net471)) (&& (== net20) (== net472)) (&& (== net20) (== net48)) (&& (== net20) (>= netstandard1.0)) (&& (== net20) (>= netstandard1.1)) (&& (== net20) (>= netstandard1.2)) (&& (== net20) (>= netstandard1.3)) (&& (== net20) (>= netstandard1.4)) (&& (== net20) (>= netstandard1.5)) (&& (== net20) (>= netstandard1.6)) (&& (== net20) (>= netstandard2.0)) (&& (== net20) (>= uap10.0)) (&& (== net35) (== net45)) (&& (== net35) (== net461)) (&& (== net35) (== net471)) (&& (== net35) (== net472)) (&& (== net35) (== net48)) (&& (== net35) (>= netstandard1.0)) (&& (== net35) (>= netstandard1.1)) (&& (== net35) (>= netstandard1.2)) (&& (== net35) (>= netstandard1.3)) (&& (== net35) (>= netstandard1.4)) (&& (== net35) (>= netstandard1.5)) (&& (== net35) (>= netstandard1.6)) (&& (== net35) (>= netstandard2.0)) (&& (== net35) (>= uap10.0)) (&& (== net40) (== net45)) (&& (== net40) (== net461)) (&& (== net40) (== net471)) (&& (== net40) (== net472)) (&& (== net40) (== net48)) (&& (== net40) (>= netstandard1.0)) (&& (== net40) (>= netstandard1.1)) (&& (== net40) (>= netstandard1.2)) (&& (== net40) (>= netstandard1.3)) (&& (== net40) (>= netstandard1.4)) (&& (== net40) (>= netstandard1.5)) (&& (== net40) (>= netstandard1.6)) (&& (== net40) (>= netstandard2.0)) (&& (== net40) (>= uap10.0)) (&& (== net45) (< portable-net45+win8+wpa81)) (&& (== net45) (>= uap10.0)) (&& (== net461) (< net45)) (&& (== net461) (< portable-net45+win8+wpa81)) (&& (== net461) (>= uap10.0)) (&& (== net471) (< net45)) (&& (== net471) (< netstandard1.5) (>= uap10.0)) (&& (== net471) (< portable-net45+win8+wpa81)) (&& (== net472) (< net45)) (&& (== net472) (< netstandard1.5) (>= uap10.0)) (&& (== net472) (< portable-net45+win8+wpa81)) (&& (== net48) (< net45)) (&& (== net48) (< netstandard1.5) (>= uap10.0)) (&& (== net48) (< portable-net45+win8+wpa81)) (== net5.0-windows7.0) (== net50) (== netcoreapp2.0) (== netstandard1.0) (== netstandard1.1) (== netstandard2.0)
      Microsoft.NETCore.Platforms (>= 1.1.1) - restriction: || (&& (== net20) (>= netstandard1.0)) (&& (== net20) (>= netstandard1.1)) (&& (== net20) (>= netstandard1.3)) (&& (== net35) (>= netstandard1.0)) (&& (== net35) (>= netstandard1.1)) (&& (== net35) (>= netstandard1.3)) (&& (== net40) (>= netstandard1.0)) (&& (== net40) (>= netstandard1.1)) (&& (== net40) (>= netstandard1.3)) (&& (== net45) (< netstandard1.1)) (&& (== net461) (< net45)) (&& (== net461) (< netstandard1.1)) (&& (== net471) (< net45)) (&& (== net471) (< netstandard1.1)) (&& (== net472) (< net45)) (&& (== net472) (< netstandard1.1)) (&& (== net48) (< net45)) (&& (== net48) (< netstandard1.1)) (== net5.0-windows7.0) (== net50) (== netcoreapp2.0) (== netstandard1.0) (== netstandard1.1) (== netstandard2.0)
      Microsoft.NETCore.Targets (>= 1.1.3) - restriction: || (&& (== net20) (>= netstandard1.0)) (&& (== net20) (>= netstandard1.1)) (&& (== net20) (>= netstandard1.3)) (&& (== net35) (>= netstandard1.0)) (&& (== net35) (>= netstandard1.1)) (&& (== net35) (>= netstandard1.3)) (&& (== net40) (>= netstandard1.0)) (&& (== net40) (>= netstandard1.1)) (&& (== net40) (>= netstandard1.3)) (&& (== net45) (< netstandard1.1)) (&& (== net461) (< net45)) (&& (== net461) (< netstandard1.1)) (&& (== net471) (< net45)) (&& (== net471) (< netstandard1.1)) (&& (== net472) (< net45)) (&& (== net472) (< netstandard1.1)) (&& (== net48) (< net45)) (&& (== net48) (< netstandard1.1)) (== net5.0-windows7.0) (== net50) (== netcoreapp2.0) (== netstandard1.0) (== netstandard1.1) (== netstandard2.0)
      System.Runtime (>= 4.3.1) - restriction: || (&& (== net20) (>= netstandard1.0)) (&& (== net20) (>= netstandard1.1)) (&& (== net20) (>= netstandard1.3)) (&& (== net35) (>= netstandard1.0)) (&& (== net35) (>= netstandard1.1)) (&& (== net35) (>= netstandard1.3)) (&& (== net40) (>= netstandard1.0)) (&& (== net40) (>= netstandard1.1)) (&& (== net40) (>= netstandard1.3)) (&& (== net45) (< netstandard1.1)) (&& (== net461) (< net45)) (&& (== net461) (< netstandard1.1)) (&& (== net471) (< net45)) (&& (== net471) (< netstandard1.1)) (&& (== net472) (< net45)) (&& (== net472) (< netstandard1.1)) (&& (== net48) (< net45)) (&& (== net48) (< netstandard1.1)) (== net5.0-windows7.0) (== net50) (== netcoreapp2.0) (== netstandard1.0) (== netstandard1.1) (== netstandard2.0)
    System.Numerics.Vectors (4.5) - restriction: || (&& (== net20) (>= net461)) (&& (== net20) (>= netcoreapp2.0)) (&& (== net20) (>= netcoreapp2.1)) (&& (== net20) (>= netcoreapp3.0)) (&& (== net20) (>= netstandard2.0)) (&& (== net20) (>= netstandard2.1)) (&& (== net20) (>= xamarinios)) (&& (== net20) (>= xamarinmac)) (&& (== net35) (>= net461)) (&& (== net35) (>= netcoreapp2.0)) (&& (== net35) (>= netcoreapp2.1)) (&& (== net35) (>= netcoreapp3.0)) (&& (== net35) (>= netstandard2.0)) (&& (== net35) (>= netstandard2.1)) (&& (== net35) (>= xamarinios)) (&& (== net35) (>= xamarinmac)) (&& (== net40) (>= net461)) (&& (== net40) (>= netcoreapp2.0)) (&& (== net40) (>= netcoreapp2.1)) (&& (== net40) (>= netcoreapp3.0)) (&& (== net40) (>= netstandard2.0)) (&& (== net40) (>= netstandard2.1)) (&& (== net40) (>= xamarinios)) (&& (== net40) (>= xamarinmac)) (&& (== net45) (>= net461)) (&& (== net45) (>= netcoreapp2.0)) (&& (== net45) (>= netcoreapp2.1)) (&& (== net45) (>= netcoreapp3.0)) (&& (== net45) (>= netstandard2.0)) (&& (== net45) (>= netstandard2.1)) (&& (== net45) (>= xamarinios)) (&& (== net45) (>= xamarinmac)) (== net461) (== net471) (== net472) (== net48) (== net5.0-windows7.0) (== net50) (== netcoreapp2.0) (&& (== netstandard1.0) (>= net461)) (&& (== netstandard1.0) (>= netcoreapp2.0)) (&& (== netstandard1.0) (>= netcoreapp2.1)) (&& (== netstandard1.0) (>= netcoreapp3.0)) (&& (== netstandard1.0) (>= netstandard2.0)) (&& (== netstandard1.0) (>= netstandard2.1)) (&& (== netstandard1.0) (>= xamarinios)) (&& (== netstandard1.0) (>= xamarinmac)) (&& (== netstandard1.1) (>= net461)) (&& (== netstandard1.1) (>= netcoreapp2.0)) (&& (== netstandard1.1) (>= netcoreapp2.1)) (&& (== netstandard1.1) (>= netcoreapp3.0)) (&& (== netstandard1.1) (>= netstandard2.0)) (&& (== netstandard1.1) (>= netstandard2.1)) (&& (== netstandard1.1) (>= xamarinios)) (&& (== netstandard1.1) (>= xamarinmac)) (== netstandard2.0)
    System.ObjectModel (4.3) - restriction: || (&& (== net20) (== net45)) (&& (== net20) (== net461)) (&& (== net20) (== net471)) (&& (== net20) (== net472)) (&& (== net20) (== net48)) (&& (== net20) (>= netstandard1.0)) (&& (== net20) (>= netstandard1.1)) (&& (== net20) (>= netstandard1.2)) (&& (== net20) (>= netstandard1.3)) (&& (== net20) (>= netstandard1.4)) (&& (== net20) (>= netstandard1.5)) (&& (== net20) (>= netstandard1.6)) (&& (== net20) (>= netstandard2.0)) (&& (== net20) (>= uap10.0)) (&& (== net35) (== net45)) (&& (== net35) (== net461)) (&& (== net35) (== net471)) (&& (== net35) (== net472)) (&& (== net35) (== net48)) (&& (== net35) (>= netstandard1.0)) (&& (== net35) (>= netstandard1.1)) (&& (== net35) (>= netstandard1.2)) (&& (== net35) (>= netstandard1.3)) (&& (== net35) (>= netstandard1.4)) (&& (== net35) (>= netstandard1.5)) (&& (== net35) (>= netstandard1.6)) (&& (== net35) (>= uap10.0)) (&& (== net40) (== net45)) (&& (== net40) (== net461)) (&& (== net40) (== net471)) (&& (== net40) (== net472)) (&& (== net40) (== net48)) (&& (== net40) (< net35) (>= netstandard2.0)) (&& (== net40) (>= netstandard1.0)) (&& (== net40) (>= netstandard1.1)) (&& (== net40) (>= netstandard1.2)) (&& (== net40) (>= netstandard1.3)) (&& (== net40) (>= netstandard1.4)) (&& (== net40) (>= netstandard1.5)) (&& (== net40) (>= netstandard1.6)) (&& (== net40) (>= uap10.0)) (&& (== net45) (< net35) (>= netstandard1.3)) (&& (== net45) (< net35) (>= netstandard1.5)) (&& (== net45) (< portable-net45+win8+wpa81)) (&& (== net45) (>= uap10.0)) (&& (== net461) (< net35)) (&& (== net461) (< net45)) (&& (== net461) (< portable-net45+win8+wpa81)) (&& (== net461) (>= uap10.0)) (&& (== net471) (< net35)) (&& (== net471) (< net45) (< netstandard1.2)) (&& (== net471) (< net45) (< netstandard1.3)) (&& (== net471) (< net45) (< netstandard1.4)) (&& (== net471) (< net45) (< netstandard1.5)) (&& (== net471) (< net45) (< netstandard1.6)) (&& (== net471) (< net45) (< netstandard2.0)) (&& (== net471) (< netstandard1.5) (>= uap10.0)) (&& (== net471) (< portable-net45+win8+wpa81)) (&& (== net472) (< net35)) (&& (== net472) (< net45) (< netstandard1.2)) (&& (== net472) (< net45) (< netstandard1.3)) (&& (== net472) (< net45) (< netstandard1.4)) (&& (== net472) (< net45) (< netstandard1.5)) (&& (== net472) (< net45) (< netstandard1.6)) (&& (== net472) (< net45) (< netstandard2.0)) (&& (== net472) (< netstandard1.5) (>= uap10.0)) (&& (== net472) (< portable-net45+win8+wpa81)) (&& (== net48) (< net35)) (&& (== net48) (< net45) (< netstandard1.2)) (&& (== net48) (< net45) (< netstandard1.3)) (&& (== net48) (< net45) (< netstandard1.4)) (&& (== net48) (< net45) (< netstandard1.5)) (&& (== net48) (< net45) (< netstandard1.6)) (&& (== net48) (< net45) (< netstandard2.0)) (&& (== net48) (< netstandard1.5) (>= uap10.0)) (&& (== net48) (< portable-net45+win8+wpa81)) (== net5.0-windows7.0) (== net50) (== netcoreapp2.0) (== netstandard1.0) (== netstandard1.1) (== netstandard2.0)
      System.Runtime (>= 4.3) - restriction: || (&& (== net20) (>= netstandard1.0)) (&& (== net20) (>= netstandard1.3)) (&& (== net35) (>= netstandard1.0)) (&& (== net35) (>= netstandard1.3)) (&& (== net40) (>= netstandard1.0)) (&& (== net40) (>= netstandard1.3)) (&& (== net461) (< net45)) (&& (== net471) (< net45)) (&& (== net472) (< net45)) (&& (== net48) (< net45)) (== net5.0-windows7.0) (== net50) (== netcoreapp2.0) (== netstandard1.0) (== netstandard1.1) (== netstandard2.0)
    System.Private.ServiceModel (4.8.1) - restriction: || (&& (== net20) (== net471)) (&& (== net20) (== net472)) (&& (== net20) (== net48)) (&& (== net20) (>= netcoreapp2.0)) (&& (== net20) (>= netcoreapp2.1)) (&& (== net20) (>= netcoreapp3.0)) (&& (== net20) (>= netstandard2.0)) (&& (== net20) (>= netstandard2.1)) (&& (== net35) (== net471)) (&& (== net35) (== net472)) (&& (== net35) (== net48)) (&& (== net35) (>= netcoreapp2.0)) (&& (== net35) (>= netcoreapp2.1)) (&& (== net35) (>= netcoreapp3.0)) (&& (== net35) (>= netstandard2.0)) (&& (== net35) (>= netstandard2.1)) (&& (== net40) (== net471)) (&& (== net40) (== net472)) (&& (== net40) (== net48)) (&& (== net40) (>= netcoreapp2.0)) (&& (== net40) (>= netcoreapp2.1)) (&& (== net40) (>= netcoreapp3.0)) (&& (== net40) (>= netstandard2.0)) (&& (== net40) (>= netstandard2.1)) (&& (== net45) (>= netcoreapp2.0)) (&& (== net45) (>= netcoreapp2.1)) (&& (== net45) (>= netcoreapp3.0)) (&& (== net45) (>= netstandard2.1)) (&& (== net461) (>= netcoreapp3.0)) (&& (== net461) (>= netstandard2.1)) (&& (== net471) (== netstandard1.0)) (&& (== net471) (== netstandard1.1)) (&& (== net471) (< net45)) (&& (== net471) (>= netcoreapp2.0)) (&& (== net471) (>= netcoreapp2.1)) (&& (== net471) (>= netcoreapp3.0)) (&& (== net471) (>= netstandard2.1)) (&& (== net472) (== netstandard1.0)) (&& (== net472) (== netstandard1.1)) (&& (== net472) (< net45)) (&& (== net472) (>= netcoreapp2.0)) (&& (== net472) (>= netcoreapp2.1)) (&& (== net472) (>= netcoreapp3.0)) (&& (== net472) (>= netstandard2.1)) (&& (== net48) (== netstandard1.0)) (&& (== net48) (== netstandard1.1)) (&& (== net48) (< net45)) (&& (== net48) (>= netcoreapp2.0)) (&& (== net48) (>= netcoreapp2.1)) (&& (== net48) (>= netcoreapp3.0)) (&& (== net48) (>= netstandard2.1)) (== net5.0-windows7.0) (== net50) (== netcoreapp2.0) (&& (== netstandard1.0) (>= netcoreapp2.0)) (&& (== netstandard1.0) (>= netcoreapp2.1)) (&& (== netstandard1.0) (>= netcoreapp3.0)) (&& (== netstandard1.0) (>= netstandard2.0)) (&& (== netstandard1.0) (>= netstandard2.1)) (&& (== netstandard1.1) (>= netcoreapp2.0)) (&& (== netstandard1.1) (>= netcoreapp2.1)) (&& (== netstandard1.1) (>= netcoreapp3.0)) (&& (== netstandard1.1) (>= netstandard2.0)) (&& (== netstandard1.1) (>= netstandard2.1)) (== netstandard2.0)
      System.Numerics.Vectors (>= 4.5) - restriction: || (&& (== net20) (>= netstandard2.0)) (&& (== net35) (>= netstandard2.0)) (&& (== net40) (>= netstandard2.0)) (&& (== net45) (>= netstandard2.0)) (&& (== net461) (>= netstandard2.0)) (== net471) (== net472) (== net48) (== net5.0-windows7.0) (== net50) (== netcoreapp2.0) (&& (== netstandard1.0) (>= netstandard2.0)) (&& (== netstandard1.1) (>= netstandard2.0)) (== netstandard2.0)
      System.Reflection.DispatchProxy (>= 4.7.1) - restriction: || (&& (== net20) (>= netstandard2.0)) (&& (== net35) (>= netstandard2.0)) (&& (== net40) (>= netstandard2.0)) (&& (== net45) (>= netstandard2.0)) (&& (== net461) (>= netstandard2.0)) (== net471) (== net472) (== net48) (== net5.0-windows7.0) (== net50) (== netcoreapp2.0) (&& (== netstandard1.0) (>= netstandard2.0)) (&& (== netstandard1.1) (>= netstandard2.0)) (== netstandard2.0)
      System.Security.Cryptography.Xml (>= 4.7) - restriction: || (&& (== net20) (>= netstandard2.0)) (&& (== net35) (>= netstandard2.0)) (&& (== net40) (>= netstandard2.0)) (&& (== net45) (>= netstandard2.0)) (&& (== net461) (>= netstandard2.0)) (== net471) (== net472) (== net48) (== net5.0-windows7.0) (== net50) (== netcoreapp2.0) (&& (== netstandard1.0) (>= netstandard2.0)) (&& (== netstandard1.1) (>= netstandard2.0)) (== netstandard2.0)
      System.Security.Principal.Windows (>= 4.7) - restriction: || (&& (== net20) (>= netstandard2.0)) (&& (== net35) (>= netstandard2.0)) (&& (== net40) (>= netstandard2.0)) (&& (== net45) (>= netstandard2.0)) (&& (== net461) (>= netstandard2.0)) (== net471) (== net472) (== net48) (== net5.0-windows7.0) (== net50) (== netcoreapp2.0) (&& (== netstandard1.0) (>= netstandard2.0)) (&& (== netstandard1.1) (>= netstandard2.0)) (== netstandard2.0)
    System.Reflection (4.3) - restriction: || (&& (== net20) (== net45)) (&& (== net20) (== net461)) (&& (== net20) (== net471)) (&& (== net20) (== net472)) (&& (== net20) (== net48)) (&& (== net20) (>= net45) (>= netstandard1.3)) (&& (== net20) (>= net45) (>= netstandard1.5)) (&& (== net20) (>= netcoreapp1.0)) (&& (== net20) (>= netstandard1.0)) (&& (== net20) (>= netstandard2.0)) (&& (== net35) (== net45)) (&& (== net35) (== net461)) (&& (== net35) (== net471)) (&& (== net35) (== net472)) (&& (== net35) (== net48)) (&& (== net35) (>= netcoreapp1.0)) (&& (== net35) (>= netstandard1.0)) (&& (== net40) (== net45)) (&& (== net40) (== net461)) (&& (== net40) (== net471)) (&& (== net40) (== net472)) (&& (== net40) (== net48)) (&& (== net40) (< net35) (>= net45) (>= netstandard1.3)) (&& (== net40) (< net35) (>= net45) (>= netstandard1.5)) (&& (== net40) (< net35) (>= netstandard2.0)) (&& (== net40) (>= netcoreapp1.0)) (&& (== net40) (>= netstandard1.0)) (&& (== net45) (< net35) (>= netstandard1.3)) (&& (== net45) (< net35) (>= netstandard1.5)) (&& (== net45) (>= netcoreapp1.0)) (&& (== net461) (< net35)) (&& (== net461) (< net45)) (&& (== net461) (>= netcoreapp1.0)) (&& (== net471) (< net35)) (&& (== net471) (< net45) (< netstandard2.0)) (&& (== net471) (>= netcoreapp1.0)) (&& (== net472) (< net35)) (&& (== net472) (< net45) (< netstandard2.0)) (&& (== net472) (>= netcoreapp1.0)) (&& (== net48) (< net35)) (&& (== net48) (< net45) (< netstandard2.0)) (&& (== net48) (>= netcoreapp1.0)) (== net5.0-windows7.0) (== net50) (== netcoreapp2.0) (== netstandard1.0) (== netstandard1.1) (== netstandard2.0)
      Microsoft.NETCore.Platforms (>= 1.1) - restriction: || (&& (== net20) (>= netstandard1.0)) (&& (== net20) (>= netstandard1.3)) (&& (== net20) (>= netstandard1.5)) (&& (== net35) (>= netstandard1.0)) (&& (== net35) (>= netstandard1.3)) (&& (== net35) (>= netstandard1.5)) (&& (== net40) (>= netstandard1.0)) (&& (== net40) (>= netstandard1.3)) (&& (== net40) (>= netstandard1.5)) (&& (== net461) (< net45)) (&& (== net471) (< net45)) (&& (== net472) (< net45)) (&& (== net48) (< net45)) (== net5.0-windows7.0) (== net50) (== netcoreapp2.0) (== netstandard1.0) (== netstandard1.1) (== netstandard2.0)
      Microsoft.NETCore.Targets (>= 1.1) - restriction: || (&& (== net20) (>= netstandard1.0)) (&& (== net20) (>= netstandard1.3)) (&& (== net20) (>= netstandard1.5)) (&& (== net35) (>= netstandard1.0)) (&& (== net35) (>= netstandard1.3)) (&& (== net35) (>= netstandard1.5)) (&& (== net40) (>= netstandard1.0)) (&& (== net40) (>= netstandard1.3)) (&& (== net40) (>= netstandard1.5)) (&& (== net461) (< net45)) (&& (== net471) (< net45)) (&& (== net472) (< net45)) (&& (== net48) (< net45)) (== net5.0-windows7.0) (== net50) (== netcoreapp2.0) (== netstandard1.0) (== netstandard1.1) (== netstandard2.0)
      System.IO (>= 4.3) - restriction: || (&& (== net20) (>= netstandard1.0)) (&& (== net20) (>= netstandard1.3)) (&& (== net20) (>= netstandard1.5)) (&& (== net35) (>= netstandard1.0)) (&& (== net35) (>= netstandard1.3)) (&& (== net35) (>= netstandard1.5)) (&& (== net40) (>= netstandard1.0)) (&& (== net40) (>= netstandard1.3)) (&& (== net40) (>= netstandard1.5)) (&& (== net461) (< net45)) (&& (== net471) (< net45)) (&& (== net472) (< net45)) (&& (== net48) (< net45)) (== net5.0-windows7.0) (== net50) (== netcoreapp2.0) (== netstandard1.0) (== netstandard1.1) (== netstandard2.0)
      System.Reflection.Primitives (>= 4.3) - restriction: || (&& (== net20) (>= netstandard1.0)) (&& (== net20) (>= netstandard1.3)) (&& (== net20) (>= netstandard1.5)) (&& (== net35) (>= netstandard1.0)) (&& (== net35) (>= netstandard1.3)) (&& (== net35) (>= netstandard1.5)) (&& (== net40) (>= netstandard1.0)) (&& (== net40) (>= netstandard1.3)) (&& (== net40) (>= netstandard1.5)) (&& (== net461) (< net45)) (&& (== net471) (< net45)) (&& (== net472) (< net45)) (&& (== net48) (< net45)) (== net5.0-windows7.0) (== net50) (== netcoreapp2.0) (== netstandard1.0) (== netstandard1.1) (== netstandard2.0)
      System.Runtime (>= 4.3) - restriction: || (&& (== net20) (>= netstandard1.0)) (&& (== net20) (>= netstandard1.3)) (&& (== net20) (>= netstandard1.5)) (&& (== net35) (>= netstandard1.0)) (&& (== net35) (>= netstandard1.3)) (&& (== net35) (>= netstandard1.5)) (&& (== net40) (>= netstandard1.0)) (&& (== net40) (>= netstandard1.3)) (&& (== net40) (>= netstandard1.5)) (&& (== net461) (< net45)) (&& (== net471) (< net45)) (&& (== net472) (< net45)) (&& (== net48) (< net45)) (== net5.0-windows7.0) (== net50) (== netcoreapp2.0) (== netstandard1.0) (== netstandard1.1) (== netstandard2.0)
    System.Reflection.Context (5.0) - restriction: || (&& (== net20) (>= netcoreapp3.0)) (&& (== net20) (>= netstandard2.1)) (&& (== net35) (>= netcoreapp3.0)) (&& (== net35) (>= netstandard2.1)) (&& (== net40) (>= netcoreapp3.0)) (&& (== net40) (>= netstandard2.1)) (&& (== net45) (>= netcoreapp3.0)) (&& (== net45) (>= netstandard2.1)) (&& (== net461) (>= netcoreapp3.0)) (&& (== net461) (>= netstandard2.1)) (&& (== net471) (>= netcoreapp3.0)) (&& (== net471) (>= netstandard2.1)) (&& (== net472) (>= netcoreapp3.0)) (&& (== net472) (>= netstandard2.1)) (&& (== net48) (>= netcoreapp3.0)) (&& (== net48) (>= netstandard2.1)) (== net5.0-windows7.0) (== net50) (&& (== netcoreapp2.0) (>= netcoreapp3.0)) (&& (== netstandard1.0) (>= netcoreapp3.0)) (&& (== netstandard1.0) (>= netstandard2.1)) (&& (== netstandard1.1) (>= netcoreapp3.0)) (&& (== netstandard1.1) (>= netstandard2.1)) (&& (== netstandard2.0) (>= netcoreapp3.0)) (&& (== netstandard2.0) (>= netstandard2.1))
    System.Reflection.DispatchProxy (4.7.1) - restriction: || (&& (== net20) (== net471)) (&& (== net20) (== net472)) (&& (== net20) (== net48)) (&& (== net20) (>= netcoreapp2.0)) (&& (== net20) (>= netcoreapp2.1)) (&& (== net20) (>= netcoreapp3.0)) (&& (== net20) (>= netstandard2.0)) (&& (== net20) (>= netstandard2.1)) (&& (== net35) (== net471)) (&& (== net35) (== net472)) (&& (== net35) (== net48)) (&& (== net35) (>= netcoreapp2.0)) (&& (== net35) (>= netcoreapp2.1)) (&& (== net35) (>= netcoreapp3.0)) (&& (== net35) (>= netstandard2.0)) (&& (== net35) (>= netstandard2.1)) (&& (== net40) (== net471)) (&& (== net40) (== net472)) (&& (== net40) (== net48)) (&& (== net40) (>= netcoreapp2.0)) (&& (== net40) (>= netcoreapp2.1)) (&& (== net40) (>= netcoreapp3.0)) (&& (== net40) (>= netstandard2.0)) (&& (== net40) (>= netstandard2.1)) (&& (== net45) (>= netcoreapp2.0)) (&& (== net45) (>= netcoreapp2.1)) (&& (== net45) (>= netcoreapp3.0)) (&& (== net45) (>= netstandard2.1)) (&& (== net461) (>= netcoreapp3.0)) (&& (== net461) (>= netstandard2.1)) (&& (== net471) (== netstandard1.0)) (&& (== net471) (== netstandard1.1)) (&& (== net471) (< net45)) (&& (== net471) (>= netcoreapp2.0)) (&& (== net471) (>= netcoreapp2.1)) (&& (== net471) (>= netcoreapp3.0)) (&& (== net471) (>= netstandard2.1)) (&& (== net472) (== netstandard1.0)) (&& (== net472) (== netstandard1.1)) (&& (== net472) (< net45)) (&& (== net472) (>= netcoreapp2.0)) (&& (== net472) (>= netcoreapp2.1)) (&& (== net472) (>= netcoreapp3.0)) (&& (== net472) (>= netstandard2.1)) (&& (== net48) (== netstandard1.0)) (&& (== net48) (== netstandard1.1)) (&& (== net48) (< net45)) (&& (== net48) (>= netcoreapp2.0)) (&& (== net48) (>= netcoreapp2.1)) (&& (== net48) (>= netcoreapp3.0)) (&& (== net48) (>= netstandard2.1)) (== net5.0-windows7.0) (== net50) (== netcoreapp2.0) (&& (== netstandard1.0) (>= netcoreapp2.0)) (&& (== netstandard1.0) (>= netcoreapp2.1)) (&& (== netstandard1.0) (>= netcoreapp3.0)) (&& (== netstandard1.0) (>= netstandard2.0)) (&& (== netstandard1.0) (>= netstandard2.1)) (&& (== netstandard1.1) (>= netcoreapp2.0)) (&& (== netstandard1.1) (>= netcoreapp2.1)) (&& (== netstandard1.1) (>= netcoreapp3.0)) (&& (== netstandard1.1) (>= netstandard2.0)) (&& (== netstandard1.1) (>= netstandard2.1)) (== netstandard2.0)
    System.Reflection.Emit (4.7) - restriction: || (&& (== net20) (== net471)) (&& (== net20) (== net472)) (&& (== net20) (== net48)) (&& (== net20) (>= netstandard2.0)) (&& (== net40) (< net35) (>= netstandard2.0)) (&& (== net45) (< net35) (>= netstandard2.0)) (&& (== net461) (< net35) (>= netstandard2.0)) (&& (== net471) (== netstandard1.0)) (&& (== net471) (== netstandard1.1)) (&& (== net471) (< net35)) (&& (== net472) (== netstandard1.0)) (&& (== net472) (== netstandard1.1)) (&& (== net472) (< net35)) (&& (== net48) (== netstandard1.0)) (&& (== net48) (== netstandard1.1)) (&& (== net48) (< net35)) (== net5.0-windows7.0) (== net50) (== netcoreapp2.0) (&& (== netstandard1.0) (>= netstandard2.0)) (&& (== netstandard1.1) (>= netstandard2.0)) (== netstandard2.0)
      System.Reflection.Emit.ILGeneration (>= 4.7) - restriction: || (&& (== net20) (>= netstandard1.1)) (&& (== net20) (>= netstandard2.0)) (&& (== net20) (>= portable-net45+win8+wpa81)) (&& (== net20) (>= uap10.1)) (&& (== net20) (>= win8)) (&& (== net20) (>= wpa81)) (&& (== net35) (>= netstandard1.1)) (&& (== net35) (>= netstandard2.0)) (&& (== net35) (>= portable-net45+win8+wpa81)) (&& (== net35) (>= uap10.1)) (&& (== net35) (>= win8)) (&& (== net35) (>= wpa81)) (&& (== net40) (>= netstandard1.1)) (&& (== net40) (>= netstandard2.0)) (&& (== net40) (>= portable-net45+win8+wpa81)) (&& (== net40) (>= uap10.1)) (&& (== net40) (>= win8)) (&& (== net40) (>= wpa81)) (&& (== net45) (< netstandard1.1)) (&& (== net45) (>= uap10.1)) (&& (== net45) (>= wpa81)) (&& (== net461) (< net45)) (&& (== net461) (< netstandard1.1)) (&& (== net461) (>= uap10.1)) (&& (== net461) (>= wpa81)) (&& (== net471) (< net45)) (&& (== net471) (< netstandard1.1)) (&& (== net471) (< netstandard2.0) (>= wpa81)) (&& (== net471) (>= uap10.1)) (&& (== net472) (< net45)) (&& (== net472) (< netstandard1.1)) (&& (== net472) (< netstandard2.0) (>= wpa81)) (&& (== net472) (>= uap10.1)) (&& (== net48) (< net45)) (&& (== net48) (< netstandard1.1)) (&& (== net48) (< netstandard2.0) (>= wpa81)) (&& (== net48) (>= uap10.1)) (&& (== net5.0-windows7.0) (< netcoreapp2.0) (< netstandard2.1)) (&& (== net5.0-windows7.0) (< netstandard1.1)) (&& (== net5.0-windows7.0) (< netstandard2.0)) (&& (== net5.0-windows7.0) (>= uap10.1)) (&& (== net50) (< netcoreapp2.0) (< netstandard2.1)) (&& (== net50) (< netstandard1.1)) (&& (== net50) (< netstandard2.0)) (&& (== net50) (>= uap10.1)) (&& (== netcoreapp2.0) (< netstandard1.1)) (&& (== netcoreapp2.0) (< netstandard2.0)) (&& (== netcoreapp2.0) (>= uap10.1)) (&& (== netstandard1.0) (>= netstandard1.1)) (&& (== netstandard1.0) (>= netstandard2.0)) (&& (== netstandard1.0) (>= portable-net45+win8+wpa81)) (&& (== netstandard1.0) (>= uap10.1)) (&& (== netstandard1.0) (>= win8)) (&& (== netstandard1.0) (>= wpa81)) (== netstandard1.1) (== netstandard2.0)
    System.Reflection.Emit.ILGeneration (4.7) - restriction: || (&& (== net20) (== net45)) (&& (== net20) (== net461)) (&& (== net20) (== net471)) (&& (== net20) (== net472)) (&& (== net20) (== net48)) (&& (== net20) (>= netcoreapp2.0)) (&& (== net20) (>= netcoreapp2.1)) (&& (== net20) (>= netcoreapp3.0)) (&& (== net20) (>= netstandard1.0)) (&& (== net20) (>= netstandard2.0)) (&& (== net20) (>= netstandard2.1)) (&& (== net20) (>= portable-net45+win8+wp8+wpa81)) (&& (== net20) (>= uap10.1)) (&& (== net20) (>= win8)) (&& (== net20) (>= wpa81)) (&& (== net35) (== net45)) (&& (== net35) (== net461)) (&& (== net35) (== net471)) (&& (== net35) (== net472)) (&& (== net35) (== net48)) (&& (== net35) (>= netcoreapp2.0)) (&& (== net35) (>= netcoreapp2.1)) (&& (== net35) (>= netcoreapp3.0)) (&& (== net35) (>= netstandard1.0)) (&& (== net35) (>= netstandard2.0)) (&& (== net35) (>= netstandard2.1)) (&& (== net35) (>= portable-net45+win8+wp8+wpa81)) (&& (== net35) (>= uap10.1)) (&& (== net35) (>= win8)) (&& (== net35) (>= wpa81)) (&& (== net40) (== net45)) (&& (== net40) (== net461)) (&& (== net40) (== net471)) (&& (== net40) (== net472)) (&& (== net40) (== net48)) (&& (== net40) (>= netcoreapp2.0)) (&& (== net40) (>= netcoreapp2.1)) (&& (== net40) (>= netcoreapp3.0)) (&& (== net40) (>= netstandard1.0)) (&& (== net40) (>= netstandard2.0)) (&& (== net40) (>= netstandard2.1)) (&& (== net40) (>= portable-net45+win8+wp8+wpa81)) (&& (== net40) (>= uap10.1)) (&& (== net40) (>= win8)) (&& (== net40) (>= wpa81)) (&& (== net45) (== net471)) (&& (== net45) (== net472)) (&& (== net45) (== net48)) (&& (== net45) (>= netcoreapp2.0)) (&& (== net45) (>= netcoreapp2.1)) (&& (== net45) (>= netcoreapp3.0)) (&& (== net45) (>= netstandard2.0)) (&& (== net45) (>= netstandard2.1)) (&& (== net45) (< portable-net45+wp8)) (&& (== net45) (>= uap10.1)) (&& (== net45) (>= wpa81)) (&& (== net461) (< net35) (>= netstandard2.0)) (&& (== net461) (< net45)) (&& (== net461) (>= netcoreapp3.0)) (&& (== net461) (< netstandard1.1) (>= netstandard2.0) (>= win8)) (&& (== net461) (>= netstandard2.1)) (&& (== net461) (< portable-net45+wp8)) (&& (== net461) (>= uap10.1)) (&& (== net461) (>= wpa81)) (&& (== net471) (< net35)) (&& (== net471) (< net45)) (&& (== net471) (< net461)) (&& (== net471) (>= netcoreapp2.0)) (&& (== net471) (>= netcoreapp2.1)) (&& (== net471) (>= netcoreapp3.0)) (&& (== net471) (< netstandard1.1) (>= win8)) (&& (== net471) (< netstandard2.0) (>= wpa81)) (&& (== net471) (>= netstandard2.1)) (&& (== net471) (< portable-net45+wp8)) (&& (== net471) (>= uap10.1)) (&& (== net472) (< net35)) (&& (== net472) (< net45)) (&& (== net472) (< net461)) (&& (== net472) (>= netcoreapp2.0)) (&& (== net472) (>= netcoreapp2.1)) (&& (== net472) (>= netcoreapp3.0)) (&& (== net472) (< netstandard1.1) (>= win8)) (&& (== net472) (< netstandard2.0) (>= wpa81)) (&& (== net472) (>= netstandard2.1)) (&& (== net472) (< portable-net45+wp8)) (&& (== net472) (>= uap10.1)) (&& (== net48) (< net35)) (&& (== net48) (< net45)) (&& (== net48) (< net461)) (&& (== net48) (>= netcoreapp2.0)) (&& (== net48) (>= netcoreapp2.1)) (&& (== net48) (>= netcoreapp3.0)) (&& (== net48) (< netstandard1.1) (>= win8)) (&& (== net48) (< netstandard2.0) (>= wpa81)) (&& (== net48) (>= netstandard2.1)) (&& (== net48) (< portable-net45+wp8)) (&& (== net48) (>= uap10.1)) (== net5.0-windows7.0) (== net50) (== netcoreapp2.0) (== netstandard1.0) (== netstandard1.1) (== netstandard2.0)
      System.Reflection (>= 4.3) - restriction: || (&& (== net20) (>= netstandard1.0)) (&& (== net35) (>= netstandard1.0)) (&& (== net40) (>= netstandard1.0)) (&& (== net461) (< net45)) (&& (== net471) (< net45) (< netstandard2.0)) (&& (== net472) (< net45) (< netstandard2.0)) (&& (== net48) (< net45) (< netstandard2.0)) (&& (== net5.0-windows7.0) (< netstandard2.0)) (&& (== net50) (< netstandard2.0)) (&& (== netcoreapp2.0) (< netstandard2.0)) (== netstandard1.0) (== netstandard1.1)
      System.Reflection.Primitives (>= 4.3) - restriction: || (&& (== net20) (>= netstandard1.0)) (&& (== net35) (>= netstandard1.0)) (&& (== net40) (>= netstandard1.0)) (&& (== net461) (< net45)) (&& (== net471) (< net45) (< netstandard2.0)) (&& (== net472) (< net45) (< netstandard2.0)) (&& (== net48) (< net45) (< netstandard2.0)) (&& (== net5.0-windows7.0) (< netstandard2.0)) (&& (== net50) (< netstandard2.0)) (&& (== netcoreapp2.0) (< netstandard2.0)) (== netstandard1.0) (== netstandard1.1)
      System.Resources.ResourceManager (>= 4.3) - restriction: || (&& (== net20) (>= netstandard1.0)) (&& (== net35) (>= netstandard1.0)) (&& (== net40) (>= netstandard1.0)) (&& (== net461) (< net45)) (&& (== net471) (< net45) (< netstandard2.0)) (&& (== net472) (< net45) (< netstandard2.0)) (&& (== net48) (< net45) (< netstandard2.0)) (&& (== net5.0-windows7.0) (< netstandard2.0)) (&& (== net50) (< netstandard2.0)) (&& (== netcoreapp2.0) (< netstandard2.0)) (== netstandard1.0) (== netstandard1.1)
      System.Runtime (>= 4.3) - restriction: || (&& (== net20) (>= netstandard1.0)) (&& (== net35) (>= netstandard1.0)) (&& (== net40) (>= netstandard1.0)) (&& (== net461) (< net45)) (&& (== net471) (< net45) (< netstandard2.0)) (&& (== net472) (< net45) (< netstandard2.0)) (&& (== net48) (< net45) (< netstandard2.0)) (&& (== net5.0-windows7.0) (< netstandard2.0)) (&& (== net50) (< netstandard2.0)) (&& (== netcoreapp2.0) (< netstandard2.0)) (== netstandard1.0) (== netstandard1.1)
    System.Reflection.Emit.Lightweight (4.7)
      System.Reflection (>= 4.3) - restriction: || (&& (== net20) (>= netstandard1.0)) (&& (== net35) (>= netstandard1.0)) (&& (== net40) (>= netstandard1.0)) (&& (== net461) (< net45)) (&& (== net471) (< net45) (< netstandard2.0)) (&& (== net472) (< net45) (< netstandard2.0)) (&& (== net48) (< net45) (< netstandard2.0)) (&& (== net5.0-windows7.0) (< netstandard2.0)) (&& (== net50) (< netstandard2.0)) (&& (== netcoreapp2.0) (< netstandard2.0)) (== netstandard1.0) (== netstandard1.1)
      System.Reflection.Emit.ILGeneration (>= 4.7) - restriction: || (&& (== net20) (>= netstandard1.0)) (&& (== net20) (>= netstandard2.0)) (&& (== net20) (>= portable-net45+win8+wp8+wpa81)) (&& (== net20) (>= uap10.1)) (&& (== net20) (>= win8)) (&& (== net20) (>= wpa81)) (&& (== net35) (>= netstandard1.0)) (&& (== net35) (>= netstandard2.0)) (&& (== net35) (>= portable-net45+win8+wp8+wpa81)) (&& (== net35) (>= uap10.1)) (&& (== net35) (>= win8)) (&& (== net35) (>= wpa81)) (&& (== net40) (>= netstandard1.0)) (&& (== net40) (>= netstandard2.0)) (&& (== net40) (>= portable-net45+win8+wp8+wpa81)) (&& (== net40) (>= uap10.1)) (&& (== net40) (>= win8)) (&& (== net40) (>= wpa81)) (&& (== net45) (< portable-net45+wp8)) (&& (== net45) (>= uap10.1)) (&& (== net45) (>= wpa81)) (&& (== net461) (< net45)) (&& (== net461) (< portable-net45+wp8)) (&& (== net461) (>= uap10.1)) (&& (== net461) (>= wpa81)) (&& (== net471) (< net45)) (&& (== net471) (< netstandard2.0) (>= wpa81)) (&& (== net471) (< portable-net45+wp8)) (&& (== net471) (>= uap10.1)) (&& (== net472) (< net45)) (&& (== net472) (< netstandard2.0) (>= wpa81)) (&& (== net472) (< portable-net45+wp8)) (&& (== net472) (>= uap10.1)) (&& (== net48) (< net45)) (&& (== net48) (< netstandard2.0) (>= wpa81)) (&& (== net48) (< portable-net45+wp8)) (&& (== net48) (>= uap10.1)) (&& (== net5.0-windows7.0) (< netcoreapp2.0) (< netstandard2.1)) (&& (== net5.0-windows7.0) (< netstandard2.0)) (&& (== net5.0-windows7.0) (< portable-net45+wp8)) (&& (== net5.0-windows7.0) (>= uap10.1)) (&& (== net50) (< netcoreapp2.0) (< netstandard2.1)) (&& (== net50) (< netstandard2.0)) (&& (== net50) (< portable-net45+wp8)) (&& (== net50) (>= uap10.1)) (&& (== netcoreapp2.0) (< netstandard2.0)) (&& (== netcoreapp2.0) (< portable-net45+wp8)) (&& (== netcoreapp2.0) (>= uap10.1)) (== netstandard1.0) (== netstandard1.1) (== netstandard2.0)
      System.Reflection.Primitives (>= 4.3) - restriction: || (&& (== net20) (>= netstandard1.0)) (&& (== net35) (>= netstandard1.0)) (&& (== net40) (>= netstandard1.0)) (&& (== net461) (< net45)) (&& (== net471) (< net45) (< netstandard2.0)) (&& (== net472) (< net45) (< netstandard2.0)) (&& (== net48) (< net45) (< netstandard2.0)) (&& (== net5.0-windows7.0) (< netstandard2.0)) (&& (== net50) (< netstandard2.0)) (&& (== netcoreapp2.0) (< netstandard2.0)) (== netstandard1.0) (== netstandard1.1)
      System.Resources.ResourceManager (>= 4.3) - restriction: || (&& (== net20) (>= netstandard1.0)) (&& (== net35) (>= netstandard1.0)) (&& (== net40) (>= netstandard1.0)) (&& (== net461) (< net45)) (&& (== net471) (< net45) (< netstandard2.0)) (&& (== net472) (< net45) (< netstandard2.0)) (&& (== net48) (< net45) (< netstandard2.0)) (&& (== net5.0-windows7.0) (< netstandard2.0)) (&& (== net50) (< netstandard2.0)) (&& (== netcoreapp2.0) (< netstandard2.0)) (== netstandard1.0) (== netstandard1.1)
      System.Runtime (>= 4.3) - restriction: || (&& (== net20) (>= netstandard1.0)) (&& (== net35) (>= netstandard1.0)) (&& (== net40) (>= netstandard1.0)) (&& (== net461) (< net45)) (&& (== net471) (< net45) (< netstandard2.0)) (&& (== net472) (< net45) (< netstandard2.0)) (&& (== net48) (< net45) (< netstandard2.0)) (&& (== net5.0-windows7.0) (< netstandard2.0)) (&& (== net50) (< netstandard2.0)) (&& (== netcoreapp2.0) (< netstandard2.0)) (== netstandard1.0) (== netstandard1.1)
    System.Reflection.Extensions (4.3) - restriction: || (&& (== net20) (== net45)) (&& (== net20) (== net461)) (&& (== net20) (== net471)) (&& (== net20) (== net472)) (&& (== net20) (== net48)) (&& (== net20) (>= netstandard1.0)) (&& (== net20) (>= netstandard1.1)) (&& (== net20) (>= netstandard1.2)) (&& (== net20) (>= netstandard1.3)) (&& (== net20) (>= netstandard1.4)) (&& (== net20) (>= netstandard1.5)) (&& (== net20) (>= netstandard1.6)) (&& (== net20) (>= netstandard2.0)) (&& (== net20) (>= uap10.0)) (&& (== net35) (== net45)) (&& (== net35) (== net461)) (&& (== net35) (== net471)) (&& (== net35) (== net472)) (&& (== net35) (== net48)) (&& (== net35) (>= netstandard1.0)) (&& (== net35) (>= netstandard1.1)) (&& (== net35) (>= netstandard1.2)) (&& (== net35) (>= netstandard1.3)) (&& (== net35) (>= netstandard1.4)) (&& (== net35) (>= netstandard1.5)) (&& (== net35) (>= netstandard1.6)) (&& (== net35) (>= uap10.0)) (&& (== net40) (== net45)) (&& (== net40) (== net461)) (&& (== net40) (== net471)) (&& (== net40) (== net472)) (&& (== net40) (== net48)) (&& (== net40) (< net35) (>= netstandard2.0)) (&& (== net40) (>= netstandard1.0)) (&& (== net40) (>= netstandard1.1)) (&& (== net40) (>= netstandard1.2)) (&& (== net40) (>= netstandard1.3)) (&& (== net40) (>= netstandard1.4)) (&& (== net40) (>= netstandard1.5)) (&& (== net40) (>= netstandard1.6)) (&& (== net40) (>= uap10.0)) (&& (== net45) (< net35) (>= netstandard1.3)) (&& (== net45) (< net35) (>= netstandard1.5)) (&& (== net45) (< portable-net45+win8+wpa81)) (&& (== net45) (>= uap10.0)) (&& (== net461) (< net35)) (&& (== net461) (< net45)) (&& (== net461) (< portable-net45+win8+wpa81)) (&& (== net461) (>= uap10.0)) (&& (== net471) (< net35)) (&& (== net471) (< net45) (< netstandard1.2)) (&& (== net471) (< net45) (< netstandard1.3)) (&& (== net471) (< net45) (< netstandard1.4)) (&& (== net471) (< net45) (< netstandard1.5)) (&& (== net471) (< net45) (< netstandard1.6)) (&& (== net471) (< net45) (< netstandard2.0)) (&& (== net471) (< netstandard1.5) (>= uap10.0)) (&& (== net471) (< portable-net45+win8+wpa81)) (&& (== net472) (< net35)) (&& (== net472) (< net45) (< netstandard1.2)) (&& (== net472) (< net45) (< netstandard1.3)) (&& (== net472) (< net45) (< netstandard1.4)) (&& (== net472) (< net45) (< netstandard1.5)) (&& (== net472) (< net45) (< netstandard1.6)) (&& (== net472) (< net45) (< netstandard2.0)) (&& (== net472) (< netstandard1.5) (>= uap10.0)) (&& (== net472) (< portable-net45+win8+wpa81)) (&& (== net48) (< net35)) (&& (== net48) (< net45) (< netstandard1.2)) (&& (== net48) (< net45) (< netstandard1.3)) (&& (== net48) (< net45) (< netstandard1.4)) (&& (== net48) (< net45) (< netstandard1.5)) (&& (== net48) (< net45) (< netstandard1.6)) (&& (== net48) (< net45) (< netstandard2.0)) (&& (== net48) (< netstandard1.5) (>= uap10.0)) (&& (== net48) (< portable-net45+win8+wpa81)) (== net5.0-windows7.0) (== net50) (== netcoreapp2.0) (== netstandard1.0) (== netstandard1.1) (== netstandard2.0)
      Microsoft.NETCore.Platforms (>= 1.1) - restriction: || (&& (== net20) (>= netstandard1.0)) (&& (== net35) (>= netstandard1.0)) (&& (== net40) (>= netstandard1.0)) (&& (== net461) (< net45)) (&& (== net471) (< net45)) (&& (== net472) (< net45)) (&& (== net48) (< net45)) (== net5.0-windows7.0) (== net50) (== netcoreapp2.0) (== netstandard1.0) (== netstandard1.1) (== netstandard2.0)
      Microsoft.NETCore.Targets (>= 1.1) - restriction: || (&& (== net20) (>= netstandard1.0)) (&& (== net35) (>= netstandard1.0)) (&& (== net40) (>= netstandard1.0)) (&& (== net461) (< net45)) (&& (== net471) (< net45)) (&& (== net472) (< net45)) (&& (== net48) (< net45)) (== net5.0-windows7.0) (== net50) (== netcoreapp2.0) (== netstandard1.0) (== netstandard1.1) (== netstandard2.0)
      System.Reflection (>= 4.3) - restriction: || (&& (== net20) (>= netstandard1.0)) (&& (== net35) (>= netstandard1.0)) (&& (== net40) (>= netstandard1.0)) (&& (== net461) (< net45)) (&& (== net471) (< net45)) (&& (== net472) (< net45)) (&& (== net48) (< net45)) (== net5.0-windows7.0) (== net50) (== netcoreapp2.0) (== netstandard1.0) (== netstandard1.1) (== netstandard2.0)
      System.Runtime (>= 4.3) - restriction: || (&& (== net20) (>= netstandard1.0)) (&& (== net35) (>= netstandard1.0)) (&& (== net40) (>= netstandard1.0)) (&& (== net461) (< net45)) (&& (== net471) (< net45)) (&& (== net472) (< net45)) (&& (== net48) (< net45)) (== net5.0-windows7.0) (== net50) (== netcoreapp2.0) (== netstandard1.0) (== netstandard1.1) (== netstandard2.0)
    System.Reflection.Metadata (5.0) - restriction: || (&& (== net20) (== net471)) (&& (== net20) (== net472)) (&& (== net20) (== net48)) (&& (== net20) (>= netcoreapp1.0)) (&& (== net20) (>= netcoreapp2.1)) (&& (== net20) (>= netstandard2.0)) (&& (== net35) (== net471)) (&& (== net35) (== net472)) (&& (== net35) (== net48)) (&& (== net35) (>= netcoreapp1.0)) (&& (== net35) (>= netcoreapp2.1)) (&& (== net35) (>= netstandard2.0)) (&& (== net40) (== net471)) (&& (== net40) (== net472)) (&& (== net40) (== net48)) (&& (== net40) (>= netcoreapp1.0)) (&& (== net40) (>= netcoreapp2.1)) (&& (== net40) (>= netstandard2.0)) (&& (== net45) (== net471)) (&& (== net45) (== net472)) (&& (== net45) (== net48)) (&& (== net45) (>= netcoreapp1.0)) (&& (== net45) (>= netcoreapp2.1)) (&& (== net45) (>= netstandard2.0)) (&& (== net461) (< net46) (>= netstandard2.0)) (&& (== net461) (>= netcoreapp1.0)) (&& (== net461) (>= netcoreapp2.1)) (&& (== net471) (== netstandard1.0)) (&& (== net471) (== netstandard1.1)) (&& (== net471) (< net46)) (&& (== net471) (>= netcoreapp1.0)) (&& (== net471) (>= netcoreapp2.1)) (&& (== net472) (== netstandard1.0)) (&& (== net472) (== netstandard1.1)) (&& (== net472) (< net46)) (&& (== net472) (>= netcoreapp1.0)) (&& (== net472) (>= netcoreapp2.1)) (&& (== net48) (== netstandard1.0)) (&& (== net48) (== netstandard1.1)) (&& (== net48) (< net46)) (&& (== net48) (>= netcoreapp1.0)) (&& (== net48) (>= netcoreapp2.1)) (== net5.0-windows7.0) (== net50) (== netcoreapp2.0) (&& (== netstandard1.0) (>= netcoreapp1.0)) (&& (== netstandard1.0) (>= netcoreapp2.1)) (&& (== netstandard1.0) (>= netstandard2.0)) (&& (== netstandard1.1) (>= netcoreapp1.0)) (&& (== netstandard1.1) (>= netcoreapp2.1)) (&& (== netstandard1.1) (>= netstandard2.0)) (== netstandard2.0)
      System.Collections.Immutable (>= 5.0) - restriction: || (&& (== net20) (>= net45)) (&& (== net20) (>= net461)) (&& (== net20) (>= netstandard1.1)) (&& (== net20) (>= netstandard2.0)) (&& (== net20) (>= portable-net45+win8+wpa81)) (&& (== net20) (>= win8)) (&& (== net20) (>= wpa81)) (&& (== net35) (>= net45)) (&& (== net35) (>= net461)) (&& (== net35) (>= netstandard1.1)) (&& (== net35) (>= netstandard2.0)) (&& (== net35) (>= portable-net45+win8+wpa81)) (&& (== net35) (>= win8)) (&& (== net35) (>= wpa81)) (&& (== net40) (>= net45)) (&& (== net40) (>= net461)) (&& (== net40) (>= netstandard1.1)) (&& (== net40) (>= netstandard2.0)) (&& (== net40) (>= portable-net45+win8+wpa81)) (&& (== net40) (>= win8)) (&& (== net40) (>= wpa81)) (== net45) (== net461) (== net471) (== net472) (== net48) (&& (== net5.0-windows7.0) (>= net461)) (&& (== net5.0-windows7.0) (< net50)) (&& (== net5.0-windows7.0) (< netstandard1.1)) (&& (== net5.0-windows7.0) (< netstandard2.0)) (&& (== net50) (>= net461)) (&& (== net50) (< netstandard1.1)) (&& (== net50) (< netstandard2.0)) (== netcoreapp2.0) (&& (== netstandard1.0) (>= net45)) (&& (== netstandard1.0) (>= net461)) (&& (== netstandard1.0) (>= netstandard1.1)) (&& (== netstandard1.0) (>= netstandard2.0)) (&& (== netstandard1.0) (>= portable-net45+win8+wpa81)) (&& (== netstandard1.0) (>= win8)) (&& (== netstandard1.0) (>= wpa81)) (== netstandard1.1) (== netstandard2.0)
    System.Reflection.Primitives (4.3) - restriction: || (&& (== net20) (== net45)) (&& (== net20) (== net461)) (&& (== net20) (== net471)) (&& (== net20) (== net472)) (&& (== net20) (== net48)) (&& (== net20) (>= netcoreapp1.1)) (&& (== net20) (>= netstandard1.0)) (&& (== net20) (>= netstandard1.6)) (&& (== net35) (== net45)) (&& (== net35) (== net461)) (&& (== net35) (== net471)) (&& (== net35) (== net472)) (&& (== net35) (== net48)) (&& (== net35) (>= netcoreapp1.1)) (&& (== net35) (>= netstandard1.0)) (&& (== net35) (>= netstandard1.6)) (&& (== net40) (== net45)) (&& (== net40) (== net461)) (&& (== net40) (== net471)) (&& (== net40) (== net472)) (&& (== net40) (== net48)) (&& (== net40) (>= netcoreapp1.1)) (&& (== net40) (>= netstandard1.0)) (&& (== net40) (>= netstandard1.6)) (&& (== net45) (>= netcoreapp1.1)) (&& (== net461) (< net45)) (&& (== net461) (>= netcoreapp1.1)) (&& (== net471) (< net45)) (&& (== net471) (>= netcoreapp1.1)) (&& (== net472) (< net45)) (&& (== net472) (>= netcoreapp1.1)) (&& (== net48) (< net45)) (&& (== net48) (>= netcoreapp1.1)) (== net5.0-windows7.0) (== net50) (== netcoreapp2.0) (== netstandard1.0) (== netstandard1.1) (== netstandard2.0)
      Microsoft.NETCore.Platforms (>= 1.1) - restriction: || (&& (== net20) (>= netstandard1.0)) (&& (== net35) (>= netstandard1.0)) (&& (== net40) (>= netstandard1.0)) (&& (== net461) (< net45)) (&& (== net471) (< net45)) (&& (== net472) (< net45)) (&& (== net48) (< net45)) (== net5.0-windows7.0) (== net50) (== netcoreapp2.0) (== netstandard1.0) (== netstandard1.1) (== netstandard2.0)
      Microsoft.NETCore.Targets (>= 1.1) - restriction: || (&& (== net20) (>= netstandard1.0)) (&& (== net35) (>= netstandard1.0)) (&& (== net40) (>= netstandard1.0)) (&& (== net461) (< net45)) (&& (== net471) (< net45)) (&& (== net472) (< net45)) (&& (== net48) (< net45)) (== net5.0-windows7.0) (== net50) (== netcoreapp2.0) (== netstandard1.0) (== netstandard1.1) (== netstandard2.0)
      System.Runtime (>= 4.3) - restriction: || (&& (== net20) (>= netstandard1.0)) (&& (== net35) (>= netstandard1.0)) (&& (== net40) (>= netstandard1.0)) (&& (== net461) (< net45)) (&& (== net471) (< net45)) (&& (== net472) (< net45)) (&& (== net48) (< net45)) (== net5.0-windows7.0) (== net50) (== netcoreapp2.0) (== netstandard1.0) (== netstandard1.1) (== netstandard2.0)
    System.Reflection.TypeExtensions (4.7) - restriction: || (&& (== net20) (== net45) (>= netstandard1.3)) (&& (== net20) (== net45) (>= netstandard1.5)) (&& (== net20) (== net461)) (&& (== net20) (== net471)) (&& (== net20) (== net472)) (&& (== net20) (== net48)) (&& (== net20) (>= net45) (>= netstandard1.3)) (&& (== net20) (>= net45) (>= netstandard1.5)) (&& (== net20) (>= netstandard2.0)) (&& (== net40) (< net35) (>= net45) (>= netstandard1.3)) (&& (== net40) (< net35) (>= net45) (>= netstandard1.5)) (&& (== net40) (< net35) (>= netstandard2.0)) (&& (== net45) (== netstandard1.0) (>= netstandard1.3)) (&& (== net45) (== netstandard1.0) (>= netstandard1.5)) (&& (== net45) (== netstandard1.1) (>= netstandard1.3)) (&& (== net45) (== netstandard1.1) (>= netstandard1.5)) (&& (== net45) (< net35) (>= netstandard1.3)) (&& (== net45) (< net35) (>= netstandard1.5)) (&& (== net461) (== netstandard1.0)) (&& (== net461) (== netstandard1.1)) (&& (== net461) (< net35)) (&& (== net471) (== netstandard1.0)) (&& (== net471) (== netstandard1.1)) (&& (== net471) (< net35)) (&& (== net472) (== netstandard1.0)) (&& (== net472) (== netstandard1.1)) (&& (== net472) (< net35)) (&& (== net48) (== netstandard1.0)) (&& (== net48) (== netstandard1.1)) (&& (== net48) (< net35)) (== net5.0-windows7.0) (== net50) (== netcoreapp2.0) (&& (== netstandard1.0) (>= net45) (>= netstandard1.3)) (&& (== netstandard1.0) (>= net45) (>= netstandard1.5)) (&& (== netstandard1.0) (>= netstandard2.0)) (&& (== netstandard1.1) (>= net45) (>= netstandard1.3)) (&& (== netstandard1.1) (>= net45) (>= netstandard1.5)) (&& (== netstandard1.1) (>= netstandard2.0)) (== netstandard2.0)
    System.Resources.ResourceManager (4.3) - restriction: || (&& (== net20) (== net45)) (&& (== net20) (== net461)) (&& (== net20) (== net471)) (&& (== net20) (== net472)) (&& (== net20) (== net48)) (&& (== net20) (>= netcoreapp1.0)) (&& (== net20) (>= netstandard1.0)) (&& (== net20) (>= netstandard1.6)) (&& (== net35) (== net45)) (&& (== net35) (== net461)) (&& (== net35) (== net471)) (&& (== net35) (== net472)) (&& (== net35) (== net48)) (&& (== net35) (>= netcoreapp1.0)) (&& (== net35) (>= netstandard1.0)) (&& (== net35) (>= netstandard1.6)) (&& (== net40) (== net45)) (&& (== net40) (== net461)) (&& (== net40) (== net471)) (&& (== net40) (== net472)) (&& (== net40) (== net48)) (&& (== net40) (>= netcoreapp1.0)) (&& (== net40) (>= netstandard1.0)) (&& (== net40) (>= netstandard1.6)) (&& (== net45) (>= netcoreapp1.0)) (&& (== net461) (< net45)) (&& (== net461) (>= netcoreapp1.0)) (&& (== net471) (< net45)) (&& (== net471) (>= netcoreapp1.0)) (&& (== net472) (< net45)) (&& (== net472) (>= netcoreapp1.0)) (&& (== net48) (< net45)) (&& (== net48) (>= netcoreapp1.0)) (== net5.0-windows7.0) (== net50) (== netcoreapp2.0) (== netstandard1.0) (== netstandard1.1) (== netstandard2.0)
      Microsoft.NETCore.Platforms (>= 1.1) - restriction: || (&& (== net20) (>= netstandard1.0)) (&& (== net35) (>= netstandard1.0)) (&& (== net40) (>= netstandard1.0)) (&& (== net461) (< net45)) (&& (== net471) (< net45)) (&& (== net472) (< net45)) (&& (== net48) (< net45)) (== net5.0-windows7.0) (== net50) (== netcoreapp2.0) (== netstandard1.0) (== netstandard1.1) (== netstandard2.0)
      Microsoft.NETCore.Targets (>= 1.1) - restriction: || (&& (== net20) (>= netstandard1.0)) (&& (== net35) (>= netstandard1.0)) (&& (== net40) (>= netstandard1.0)) (&& (== net461) (< net45)) (&& (== net471) (< net45)) (&& (== net472) (< net45)) (&& (== net48) (< net45)) (== net5.0-windows7.0) (== net50) (== netcoreapp2.0) (== netstandard1.0) (== netstandard1.1) (== netstandard2.0)
      System.Globalization (>= 4.3) - restriction: || (&& (== net20) (>= netstandard1.0)) (&& (== net35) (>= netstandard1.0)) (&& (== net40) (>= netstandard1.0)) (&& (== net461) (< net45)) (&& (== net471) (< net45)) (&& (== net472) (< net45)) (&& (== net48) (< net45)) (== net5.0-windows7.0) (== net50) (== netcoreapp2.0) (== netstandard1.0) (== netstandard1.1) (== netstandard2.0)
      System.Reflection (>= 4.3) - restriction: || (&& (== net20) (>= netstandard1.0)) (&& (== net35) (>= netstandard1.0)) (&& (== net40) (>= netstandard1.0)) (&& (== net461) (< net45)) (&& (== net471) (< net45)) (&& (== net472) (< net45)) (&& (== net48) (< net45)) (== net5.0-windows7.0) (== net50) (== netcoreapp2.0) (== netstandard1.0) (== netstandard1.1) (== netstandard2.0)
      System.Runtime (>= 4.3) - restriction: || (&& (== net20) (>= netstandard1.0)) (&& (== net35) (>= netstandard1.0)) (&& (== net40) (>= netstandard1.0)) (&& (== net461) (< net45)) (&& (== net471) (< net45)) (&& (== net472) (< net45)) (&& (== net48) (< net45)) (== net5.0-windows7.0) (== net50) (== netcoreapp2.0) (== netstandard1.0) (== netstandard1.1) (== netstandard2.0)
    System.Resources.Writer (4.3) - restriction: || (&& (== net20) (== net471)) (&& (== net20) (== net472)) (&& (== net20) (== net48)) (&& (== net20) (>= netstandard2.0)) (&& (== net35) (== net471)) (&& (== net35) (== net472)) (&& (== net35) (== net48)) (&& (== net35) (>= netstandard2.0)) (&& (== net40) (== net471)) (&& (== net40) (== net472)) (&& (== net40) (== net48)) (&& (== net40) (>= netstandard2.0)) (&& (== net45) (== net471)) (&& (== net45) (== net472)) (&& (== net45) (== net48)) (&& (== net45) (>= netstandard2.0)) (&& (== net461) (< net46) (>= netstandard2.0)) (&& (== net471) (== netstandard1.0)) (&& (== net471) (== netstandard1.1)) (&& (== net471) (< net46)) (&& (== net472) (== netstandard1.0)) (&& (== net472) (== netstandard1.1)) (&& (== net472) (< net46)) (&& (== net48) (== netstandard1.0)) (&& (== net48) (== netstandard1.1)) (&& (== net48) (< net46)) (== net5.0-windows7.0) (== net50) (== netcoreapp2.0) (&& (== netstandard1.0) (>= netstandard2.0)) (&& (== netstandard1.1) (>= netstandard2.0)) (== netstandard2.0)
      System.Collections (>= 4.3) - restriction: || (&& (== net20) (>= netstandard1.3)) (&& (== net35) (>= netstandard1.3)) (&& (== net40) (>= netstandard1.3)) (&& (== net45) (>= netstandard1.3)) (&& (== net461) (< net46)) (&& (== net471) (< net46)) (&& (== net472) (< net46)) (&& (== net48) (< net46)) (== net5.0-windows7.0) (== net50) (== netcoreapp2.0) (&& (== netstandard1.0) (>= netstandard1.3)) (&& (== netstandard1.1) (>= netstandard1.3)) (== netstandard2.0)
      System.IO (>= 4.3) - restriction: || (&& (== net20) (>= netstandard1.3)) (&& (== net35) (>= netstandard1.3)) (&& (== net40) (>= netstandard1.3)) (&& (== net45) (>= netstandard1.3)) (&& (== net461) (< net46)) (&& (== net471) (< net46)) (&& (== net472) (< net46)) (&& (== net48) (< net46)) (== net5.0-windows7.0) (== net50) (== netcoreapp2.0) (&& (== netstandard1.0) (>= netstandard1.3)) (&& (== netstandard1.1) (>= netstandard1.3)) (== netstandard2.0)
      System.Resources.ResourceManager (>= 4.3) - restriction: || (&& (== net20) (>= netstandard1.3)) (&& (== net35) (>= netstandard1.3)) (&& (== net40) (>= netstandard1.3)) (&& (== net45) (>= netstandard1.3)) (&& (== net461) (< net46)) (&& (== net471) (< net46)) (&& (== net472) (< net46)) (&& (== net48) (< net46)) (== net5.0-windows7.0) (== net50) (== netcoreapp2.0) (&& (== netstandard1.0) (>= netstandard1.3)) (&& (== netstandard1.1) (>= netstandard1.3)) (== netstandard2.0)
      System.Runtime (>= 4.3) - restriction: || (&& (== net20) (>= netstandard1.3)) (&& (== net35) (>= netstandard1.3)) (&& (== net40) (>= netstandard1.3)) (&& (== net45) (>= netstandard1.3)) (&& (== net461) (< net46)) (&& (== net471) (< net46)) (&& (== net472) (< net46)) (&& (== net48) (< net46)) (== net5.0-windows7.0) (== net50) (== netcoreapp2.0) (&& (== netstandard1.0) (>= netstandard1.3)) (&& (== netstandard1.1) (>= netstandard1.3)) (== netstandard2.0)
      System.Runtime.Extensions (>= 4.3) - restriction: || (&& (== net20) (>= netstandard1.3)) (&& (== net35) (>= netstandard1.3)) (&& (== net40) (>= netstandard1.3)) (&& (== net45) (>= netstandard1.3)) (&& (== net461) (< net46)) (&& (== net471) (< net46)) (&& (== net472) (< net46)) (&& (== net48) (< net46)) (== net5.0-windows7.0) (== net50) (== netcoreapp2.0) (&& (== netstandard1.0) (>= netstandard1.3)) (&& (== netstandard1.1) (>= netstandard1.3)) (== netstandard2.0)
      System.Text.Encoding (>= 4.3) - restriction: || (&& (== net20) (>= netstandard1.3)) (&& (== net35) (>= netstandard1.3)) (&& (== net40) (>= netstandard1.3)) (&& (== net45) (>= netstandard1.3)) (&& (== net461) (< net46)) (&& (== net471) (< net46)) (&& (== net472) (< net46)) (&& (== net48) (< net46)) (== net5.0-windows7.0) (== net50) (== netcoreapp2.0) (&& (== netstandard1.0) (>= netstandard1.3)) (&& (== netstandard1.1) (>= netstandard1.3)) (== netstandard2.0)
    System.Runtime (4.3.1) - restriction: || (&& (== net20) (== net45)) (&& (== net20) (== net461)) (&& (== net20) (>= net463)) (&& (== net20) (>= netcoreapp1.0)) (&& (== net20) (>= netstandard1.0)) (&& (== net20) (>= netstandard1.1)) (&& (== net20) (>= netstandard1.2)) (&& (== net20) (>= netstandard1.3)) (&& (== net20) (>= netstandard1.4)) (&& (== net20) (>= netstandard1.5)) (&& (== net20) (>= netstandard1.6)) (&& (== net20) (>= uap10.0)) (&& (== net35) (== net45)) (&& (== net35) (== net461)) (&& (== net35) (>= net463)) (&& (== net35) (>= netcoreapp1.0)) (&& (== net35) (>= netstandard1.0)) (&& (== net35) (>= netstandard1.1)) (&& (== net35) (>= netstandard1.2)) (&& (== net35) (>= netstandard1.3)) (&& (== net35) (>= netstandard1.4)) (&& (== net35) (>= netstandard1.5)) (&& (== net35) (>= netstandard1.6)) (&& (== net35) (>= uap10.0)) (&& (== net40) (== net45)) (&& (== net40) (== net461)) (&& (== net40) (>= net463)) (&& (== net40) (>= netcoreapp1.0)) (&& (== net40) (>= netstandard1.0)) (&& (== net40) (>= netstandard1.1)) (&& (== net40) (>= netstandard1.2)) (&& (== net40) (>= netstandard1.3)) (&& (== net40) (>= netstandard1.4)) (&& (== net40) (>= netstandard1.5)) (&& (== net40) (>= netstandard1.6)) (&& (== net40) (>= uap10.0)) (&& (== net45) (== net461)) (&& (== net45) (>= net463)) (&& (== net45) (>= netcoreapp1.0)) (&& (== net45) (>= netstandard1.3)) (&& (== net45) (>= netstandard1.4)) (&& (== net45) (>= netstandard1.6)) (&& (== net45) (< portable-net45+win8+wpa81)) (&& (== net45) (>= uap10.0)) (&& (== net461) (< net45)) (&& (== net461) (< net46)) (&& (== net461) (>= net463)) (&& (== net461) (>= netcoreapp1.0)) (&& (== net461) (< netstandard1.1)) (&& (== net461) (< portable-net45+win8+wpa81)) (&& (== net461) (>= uap10.0)) (== net471) (== net472) (== net48) (== net5.0-windows7.0) (== net50) (== netcoreapp2.0) (== netstandard1.0) (== netstandard1.1) (== netstandard2.0)
      Microsoft.NETCore.Platforms (>= 1.1.1) - restriction: || (&& (== net20) (>= netstandard1.0)) (&& (== net20) (>= netstandard1.2)) (&& (== net20) (>= netstandard1.3)) (&& (== net20) (>= netstandard1.5)) (&& (== net35) (>= netstandard1.0)) (&& (== net35) (>= netstandard1.2)) (&& (== net35) (>= netstandard1.3)) (&& (== net35) (>= netstandard1.5)) (&& (== net40) (>= netstandard1.0)) (&& (== net40) (>= netstandard1.2)) (&& (== net40) (>= netstandard1.3)) (&& (== net40) (>= netstandard1.5)) (&& (== net461) (< net45)) (&& (== net471) (< net45)) (&& (== net472) (< net45)) (&& (== net48) (< net45)) (== net5.0-windows7.0) (== net50) (== netcoreapp2.0) (== netstandard1.0) (== netstandard1.1) (== netstandard2.0)
      Microsoft.NETCore.Targets (>= 1.1.3) - restriction: || (&& (== net20) (>= netstandard1.0)) (&& (== net20) (>= netstandard1.2)) (&& (== net20) (>= netstandard1.3)) (&& (== net20) (>= netstandard1.5)) (&& (== net35) (>= netstandard1.0)) (&& (== net35) (>= netstandard1.2)) (&& (== net35) (>= netstandard1.3)) (&& (== net35) (>= netstandard1.5)) (&& (== net40) (>= netstandard1.0)) (&& (== net40) (>= netstandard1.2)) (&& (== net40) (>= netstandard1.3)) (&& (== net40) (>= netstandard1.5)) (&& (== net461) (< net45)) (&& (== net471) (< net45)) (&& (== net472) (< net45)) (&& (== net48) (< net45)) (== net5.0-windows7.0) (== net50) (== netcoreapp2.0) (== netstandard1.0) (== netstandard1.1) (== netstandard2.0)
    System.Runtime.Caching (5.0) - restriction: || (&& (== net20) (== net471)) (&& (== net20) (== net472)) (&& (== net20) (== net48)) (&& (== net20) (>= netcoreapp2.0)) (&& (== net20) (>= netcoreapp2.1)) (&& (== net20) (>= netcoreapp3.0)) (&& (== net20) (>= netstandard2.0)) (&& (== net20) (>= netstandard2.1)) (&& (== net35) (== net471)) (&& (== net35) (== net472)) (&& (== net35) (== net48)) (&& (== net35) (>= netcoreapp2.0)) (&& (== net35) (>= netcoreapp2.1)) (&& (== net35) (>= netcoreapp3.0)) (&& (== net35) (>= netstandard2.0)) (&& (== net35) (>= netstandard2.1)) (&& (== net40) (== net471)) (&& (== net40) (== net472)) (&& (== net40) (== net48)) (&& (== net40) (>= netcoreapp2.0)) (&& (== net40) (>= netcoreapp2.1)) (&& (== net40) (>= netcoreapp3.0)) (&& (== net40) (>= netstandard2.0)) (&& (== net40) (>= netstandard2.1)) (&& (== net45) (== net471)) (&& (== net45) (== net472)) (&& (== net45) (== net48)) (&& (== net45) (>= netcoreapp2.0)) (&& (== net45) (>= netcoreapp2.1)) (&& (== net45) (>= netcoreapp3.0)) (&& (== net45) (>= netstandard2.0)) (&& (== net45) (>= netstandard2.1)) (&& (== net461) (>= netcoreapp3.0)) (&& (== net461) (>= netstandard2.1)) (&& (== net471) (== netstandard1.0)) (&& (== net471) (== netstandard1.1)) (&& (== net471) (< net461)) (&& (== net471) (>= netcoreapp2.0)) (&& (== net471) (>= netcoreapp2.1)) (&& (== net471) (>= netcoreapp3.0)) (&& (== net471) (>= netstandard2.1)) (&& (== net472) (== netstandard1.0)) (&& (== net472) (== netstandard1.1)) (&& (== net472) (< net461)) (&& (== net472) (>= netcoreapp2.0)) (&& (== net472) (>= netcoreapp2.1)) (&& (== net472) (>= netcoreapp3.0)) (&& (== net472) (>= netstandard2.1)) (&& (== net48) (== netstandard1.0)) (&& (== net48) (== netstandard1.1)) (&& (== net48) (< net461)) (&& (== net48) (>= netcoreapp2.0)) (&& (== net48) (>= netcoreapp2.1)) (&& (== net48) (>= netcoreapp3.0)) (&& (== net48) (>= netstandard2.1)) (== net5.0-windows7.0) (== net50) (== netcoreapp2.0) (&& (== netstandard1.0) (>= netcoreapp2.0)) (&& (== netstandard1.0) (>= netcoreapp2.1)) (&& (== netstandard1.0) (>= netcoreapp3.0)) (&& (== netstandard1.0) (>= netstandard2.0)) (&& (== netstandard1.0) (>= netstandard2.1)) (&& (== netstandard1.1) (>= netcoreapp2.0)) (&& (== netstandard1.1) (>= netcoreapp2.1)) (&& (== netstandard1.1) (>= netcoreapp3.0)) (&& (== netstandard1.1) (>= netstandard2.0)) (&& (== netstandard1.1) (>= netstandard2.1)) (== netstandard2.0)
      System.Configuration.ConfigurationManager (>= 5.0) - restriction: || (&& (== net20) (>= netstandard2.0)) (&& (== net35) (>= netstandard2.0)) (&& (== net40) (>= netstandard2.0)) (&& (== net461) (< net45) (>= netstandard2.0)) (&& (== net471) (< net45)) (&& (== net472) (< net45)) (&& (== net48) (< net45)) (== net5.0-windows7.0) (== net50) (== netcoreapp2.0) (&& (== netstandard1.0) (>= netstandard2.0)) (&& (== netstandard1.1) (>= netstandard2.0)) (== netstandard2.0)
    System.Runtime.CompilerServices.Unsafe (5.0) - restriction: || (&& (== net20) (== net5.0-windows7.0)) (&& (== net20) (== net50)) (&& (== net20) (>= net461)) (&& (== net20) (>= netcoreapp2.0)) (&& (== net20) (>= netcoreapp2.1)) (&& (== net20) (>= netstandard2.0)) (&& (== net20) (>= netstandard2.1)) (&& (== net20) (>= xamarinios)) (&& (== net20) (>= xamarinmac)) (&& (== net35) (== net5.0-windows7.0)) (&& (== net35) (== net50)) (&& (== net35) (>= net461)) (&& (== net35) (>= netcoreapp2.0)) (&& (== net35) (>= netcoreapp2.1)) (&& (== net35) (>= netstandard2.0)) (&& (== net35) (>= netstandard2.1)) (&& (== net35) (>= xamarinios)) (&& (== net35) (>= xamarinmac)) (&& (== net40) (== net5.0-windows7.0)) (&& (== net40) (== net50)) (&& (== net40) (>= net461)) (&& (== net40) (>= netcoreapp2.0)) (&& (== net40) (>= netcoreapp2.1)) (&& (== net40) (>= netstandard2.0)) (&& (== net40) (>= netstandard2.1)) (&& (== net40) (>= xamarinios)) (&& (== net40) (>= xamarinmac)) (&& (== net45) (== net5.0-windows7.0)) (&& (== net45) (== net50)) (&& (== net45) (>= net461)) (&& (== net45) (>= netcoreapp2.0)) (&& (== net45) (>= netcoreapp2.1)) (&& (== net45) (>= netstandard2.0)) (&& (== net45) (>= netstandard2.1)) (&& (== net45) (>= xamarinios)) (&& (== net45) (>= xamarinmac)) (== net461) (== net471) (== net472) (== net48) (&& (== net5.0-windows7.0) (== netstandard1.0)) (&& (== net5.0-windows7.0) (== netstandard1.1)) (&& (== net5.0-windows7.0) (>= monotouch)) (&& (== net5.0-windows7.0) (>= net45) (< netstandard1.3)) (&& (== net5.0-windows7.0) (>= net46)) (&& (== net5.0-windows7.0) (>= net461)) (&& (== net5.0-windows7.0) (< net50)) (&& (== net5.0-windows7.0) (< netcoreapp2.0)) (&& (== net5.0-windows7.0) (< netcoreapp2.1)) (&& (== net5.0-windows7.0) (< netcoreapp3.0)) (&& (== net5.0-windows7.0) (< netstandard2.0)) (&& (== net5.0-windows7.0) (< netstandard2.1)) (&& (== net5.0-windows7.0) (>= uap10.1)) (&& (== net50) (== netstandard1.0)) (&& (== net50) (== netstandard1.1)) (&& (== net50) (>= monotouch)) (&& (== net50) (>= net45) (< netstandard1.3)) (&& (== net50) (>= net46)) (&& (== net50) (>= net461)) (&& (== net50) (< netcoreapp2.0)) (&& (== net50) (< netstandard2.0)) (&& (== net50) (< netstandard2.1)) (&& (== net50) (>= uap10.1)) (== netcoreapp2.0) (&& (== netstandard1.0) (>= net461)) (&& (== netstandard1.0) (>= netcoreapp2.0)) (&& (== netstandard1.0) (>= netcoreapp2.1)) (&& (== netstandard1.0) (>= netstandard2.0)) (&& (== netstandard1.0) (>= netstandard2.1)) (&& (== netstandard1.0) (>= xamarinios)) (&& (== netstandard1.0) (>= xamarinmac)) (&& (== netstandard1.1) (>= net461)) (&& (== netstandard1.1) (>= netcoreapp2.0)) (&& (== netstandard1.1) (>= netcoreapp2.1)) (&& (== netstandard1.1) (>= netstandard2.0)) (&& (== netstandard1.1) (>= netstandard2.1)) (&& (== netstandard1.1) (>= xamarinios)) (&& (== netstandard1.1) (>= xamarinmac)) (== netstandard2.0)
    System.Runtime.Extensions (4.3.1)
      Microsoft.NETCore.Platforms (>= 1.1.1) - restriction: || (&& (== net20) (>= netstandard1.0)) (&& (== net20) (>= netstandard1.3)) (&& (== net20) (>= netstandard1.5)) (&& (== net35) (>= netstandard1.0)) (&& (== net35) (>= netstandard1.3)) (&& (== net35) (>= netstandard1.5)) (&& (== net40) (>= netstandard1.0)) (&& (== net40) (>= netstandard1.3)) (&& (== net40) (>= netstandard1.5)) (&& (== net461) (< net45)) (&& (== net471) (< net45)) (&& (== net472) (< net45)) (&& (== net48) (< net45)) (== net5.0-windows7.0) (== net50) (== netcoreapp2.0) (== netstandard1.0) (== netstandard1.1) (== netstandard2.0)
      Microsoft.NETCore.Targets (>= 1.1.3) - restriction: || (&& (== net20) (>= netstandard1.0)) (&& (== net20) (>= netstandard1.3)) (&& (== net20) (>= netstandard1.5)) (&& (== net35) (>= netstandard1.0)) (&& (== net35) (>= netstandard1.3)) (&& (== net35) (>= netstandard1.5)) (&& (== net40) (>= netstandard1.0)) (&& (== net40) (>= netstandard1.3)) (&& (== net40) (>= netstandard1.5)) (&& (== net461) (< net45)) (&& (== net471) (< net45)) (&& (== net472) (< net45)) (&& (== net48) (< net45)) (== net5.0-windows7.0) (== net50) (== netcoreapp2.0) (== netstandard1.0) (== netstandard1.1) (== netstandard2.0)
      System.Runtime (>= 4.3.1) - restriction: || (&& (== net20) (>= netstandard1.0)) (&& (== net20) (>= netstandard1.3)) (&& (== net20) (>= netstandard1.5)) (&& (== net35) (>= netstandard1.0)) (&& (== net35) (>= netstandard1.3)) (&& (== net35) (>= netstandard1.5)) (&& (== net40) (>= netstandard1.0)) (&& (== net40) (>= netstandard1.3)) (&& (== net40) (>= netstandard1.5)) (&& (== net461) (< net45)) (&& (== net471) (< net45)) (&& (== net472) (< net45)) (&& (== net48) (< net45)) (== net5.0-windows7.0) (== net50) (== netcoreapp2.0) (== netstandard1.0) (== netstandard1.1) (== netstandard2.0)
    System.Runtime.Handles (4.3) - restriction: || (&& (== net20) (== net471)) (&& (== net20) (== net472)) (&& (== net20) (== net48)) (&& (== net20) (>= netcoreapp1.0)) (&& (== net20) (>= netstandard1.6)) (&& (== net35) (== net471)) (&& (== net35) (== net472)) (&& (== net35) (== net48)) (&& (== net35) (>= netcoreapp1.0)) (&& (== net35) (>= netstandard1.6)) (&& (== net40) (== net471)) (&& (== net40) (== net472)) (&& (== net40) (== net48)) (&& (== net40) (>= netcoreapp1.0)) (&& (== net40) (>= netstandard1.6)) (&& (== net45) (== net471)) (&& (== net45) (== net472)) (&& (== net45) (== net48)) (&& (== net45) (>= netcoreapp1.0)) (&& (== net45) (>= netstandard1.6)) (&& (== net461) (< net46) (>= netstandard1.6)) (&& (== net461) (>= netcoreapp1.0)) (&& (== net471) (== netstandard1.0)) (&& (== net471) (== netstandard1.1)) (&& (== net471) (< net46)) (&& (== net471) (>= netcoreapp1.0)) (&& (== net472) (== netstandard1.0)) (&& (== net472) (== netstandard1.1)) (&& (== net472) (< net46)) (&& (== net472) (>= netcoreapp1.0)) (&& (== net48) (== netstandard1.0)) (&& (== net48) (== netstandard1.1)) (&& (== net48) (< net46)) (&& (== net48) (>= netcoreapp1.0)) (== net5.0-windows7.0) (== net50) (== netcoreapp2.0) (&& (== netstandard1.0) (>= netcoreapp1.0)) (&& (== netstandard1.0) (>= netstandard1.6)) (&& (== netstandard1.1) (>= netcoreapp1.0)) (&& (== netstandard1.1) (>= netstandard1.6)) (== netstandard2.0)
      Microsoft.NETCore.Platforms (>= 1.1) - restriction: || (&& (== net20) (>= netstandard1.3)) (&& (== net35) (>= netstandard1.3)) (&& (== net40) (>= netstandard1.3)) (&& (== net45) (>= netstandard1.3)) (&& (== net461) (< net46)) (&& (== net471) (< net46)) (&& (== net472) (< net46)) (&& (== net48) (< net46)) (== net5.0-windows7.0) (== net50) (== netcoreapp2.0) (&& (== netstandard1.0) (>= netstandard1.3)) (&& (== netstandard1.1) (>= netstandard1.3)) (== netstandard2.0)
      Microsoft.NETCore.Targets (>= 1.1) - restriction: || (&& (== net20) (>= netstandard1.3)) (&& (== net35) (>= netstandard1.3)) (&& (== net40) (>= netstandard1.3)) (&& (== net45) (>= netstandard1.3)) (&& (== net461) (< net46)) (&& (== net471) (< net46)) (&& (== net472) (< net46)) (&& (== net48) (< net46)) (== net5.0-windows7.0) (== net50) (== netcoreapp2.0) (&& (== netstandard1.0) (>= netstandard1.3)) (&& (== netstandard1.1) (>= netstandard1.3)) (== netstandard2.0)
      System.Runtime (>= 4.3) - restriction: || (&& (== net20) (>= netstandard1.3)) (&& (== net35) (>= netstandard1.3)) (&& (== net40) (>= netstandard1.3)) (&& (== net45) (>= netstandard1.3)) (&& (== net461) (< net46)) (&& (== net471) (< net46)) (&& (== net472) (< net46)) (&& (== net48) (< net46)) (== net5.0-windows7.0) (== net50) (== netcoreapp2.0) (&& (== netstandard1.0) (>= netstandard1.3)) (&& (== netstandard1.1) (>= netstandard1.3)) (== netstandard2.0)
    System.Runtime.InteropServices (4.3) - restriction: || (&& (== net20) (== net45)) (&& (== net20) (== net461)) (&& (== net20) (== net471)) (&& (== net20) (== net472)) (&& (== net20) (== net48)) (&& (== net20) (>= netcoreapp1.0)) (&& (== net20) (>= netstandard1.1)) (&& (== net20) (>= netstandard1.2)) (&& (== net20) (>= netstandard1.3)) (&& (== net20) (>= netstandard1.4)) (&& (== net20) (>= netstandard1.5)) (&& (== net20) (>= netstandard1.6)) (&& (== net20) (>= uap10.0)) (&& (== net35) (== net45)) (&& (== net35) (== net461)) (&& (== net35) (== net471)) (&& (== net35) (== net472)) (&& (== net35) (== net48)) (&& (== net35) (>= netcoreapp1.0)) (&& (== net35) (>= netstandard1.1)) (&& (== net35) (>= netstandard1.2)) (&& (== net35) (>= netstandard1.3)) (&& (== net35) (>= netstandard1.4)) (&& (== net35) (>= netstandard1.5)) (&& (== net35) (>= netstandard1.6)) (&& (== net35) (>= uap10.0)) (&& (== net40) (== net45)) (&& (== net40) (== net461)) (&& (== net40) (== net471)) (&& (== net40) (== net472)) (&& (== net40) (== net48)) (&& (== net40) (>= netcoreapp1.0)) (&& (== net40) (>= netstandard1.1)) (&& (== net40) (>= netstandard1.2)) (&& (== net40) (>= netstandard1.3)) (&& (== net40) (>= netstandard1.4)) (&& (== net40) (>= netstandard1.5)) (&& (== net40) (>= netstandard1.6)) (&& (== net40) (>= uap10.0)) (&& (== net45) (== net471)) (&& (== net45) (== net472)) (&& (== net45) (== net48)) (&& (== net45) (== netstandard1.0)) (&& (== net45) (>= netcoreapp1.0)) (&& (== net45) (>= netstandard1.6)) (&& (== net45) (>= uap10.0)) (&& (== net461) (== netstandard1.0)) (&& (== net461) (< net45)) (&& (== net461) (< net46) (>= netstandard1.6)) (&& (== net461) (>= netcoreapp1.0)) (&& (== net461) (>= uap10.0)) (&& (== net471) (== netstandard1.0)) (&& (== net471) (< net45) (< netstandard1.2)) (&& (== net471) (< net45) (< netstandard1.3)) (&& (== net471) (< net45) (< netstandard1.4)) (&& (== net471) (< net45) (< netstandard1.5)) (&& (== net471) (< net45) (< netstandard1.6)) (&& (== net471) (< net45) (< netstandard2.0)) (&& (== net471) (< net46)) (&& (== net471) (>= netcoreapp1.0)) (&& (== net471) (< netstandard1.5) (>= uap10.0)) (&& (== net472) (== netstandard1.0)) (&& (== net472) (< net45) (< netstandard1.2)) (&& (== net472) (< net45) (< netstandard1.3)) (&& (== net472) (< net45) (< netstandard1.4)) (&& (== net472) (< net45) (< netstandard1.5)) (&& (== net472) (< net45) (< netstandard1.6)) (&& (== net472) (< net45) (< netstandard2.0)) (&& (== net472) (< net46)) (&& (== net472) (>= netcoreapp1.0)) (&& (== net472) (< netstandard1.5) (>= uap10.0)) (&& (== net48) (== netstandard1.0)) (&& (== net48) (< net45) (< netstandard1.2)) (&& (== net48) (< net45) (< netstandard1.3)) (&& (== net48) (< net45) (< netstandard1.4)) (&& (== net48) (< net45) (< netstandard1.5)) (&& (== net48) (< net45) (< netstandard1.6)) (&& (== net48) (< net45) (< netstandard2.0)) (&& (== net48) (< net46)) (&& (== net48) (>= netcoreapp1.0)) (&& (== net48) (< netstandard1.5) (>= uap10.0)) (== net5.0-windows7.0) (== net50) (== netcoreapp2.0) (&& (== netstandard1.0) (>= netcoreapp1.0)) (&& (== netstandard1.0) (>= netstandard1.1)) (&& (== netstandard1.0) (>= netstandard1.2)) (&& (== netstandard1.0) (>= netstandard1.3)) (&& (== netstandard1.0) (>= netstandard1.4)) (&& (== netstandard1.0) (>= netstandard1.5)) (&& (== netstandard1.0) (>= netstandard1.6)) (&& (== netstandard1.0) (>= uap10.0)) (== netstandard1.1) (== netstandard2.0)
      Microsoft.NETCore.Platforms (>= 1.1) - restriction: || (&& (== net20) (>= netcoreapp1.1)) (&& (== net20) (>= netstandard1.1)) (&& (== net20) (>= netstandard1.2)) (&& (== net20) (>= netstandard1.3)) (&& (== net20) (>= netstandard1.5)) (&& (== net35) (>= netcoreapp1.1)) (&& (== net35) (>= netstandard1.1)) (&& (== net35) (>= netstandard1.2)) (&& (== net35) (>= netstandard1.3)) (&& (== net35) (>= netstandard1.5)) (&& (== net40) (>= netcoreapp1.1)) (&& (== net40) (>= netstandard1.1)) (&& (== net40) (>= netstandard1.2)) (&& (== net40) (>= netstandard1.3)) (&& (== net40) (>= netstandard1.5)) (&& (== net45) (>= netcoreapp1.1)) (&& (== net461) (< net45)) (&& (== net461) (>= netcoreapp1.1)) (&& (== net471) (< net45)) (&& (== net471) (>= netcoreapp1.1)) (&& (== net472) (< net45)) (&& (== net472) (>= netcoreapp1.1)) (&& (== net48) (< net45)) (&& (== net48) (>= netcoreapp1.1)) (== net5.0-windows7.0) (== net50) (== netcoreapp2.0) (&& (== netstandard1.0) (>= netcoreapp1.1)) (&& (== netstandard1.0) (>= netstandard1.1)) (&& (== netstandard1.0) (>= netstandard1.2)) (&& (== netstandard1.0) (>= netstandard1.3)) (&& (== netstandard1.0) (>= netstandard1.5)) (== netstandard1.1) (== netstandard2.0)
      Microsoft.NETCore.Targets (>= 1.1) - restriction: || (&& (== net20) (>= netcoreapp1.1)) (&& (== net20) (>= netstandard1.1)) (&& (== net20) (>= netstandard1.2)) (&& (== net20) (>= netstandard1.3)) (&& (== net20) (>= netstandard1.5)) (&& (== net35) (>= netcoreapp1.1)) (&& (== net35) (>= netstandard1.1)) (&& (== net35) (>= netstandard1.2)) (&& (== net35) (>= netstandard1.3)) (&& (== net35) (>= netstandard1.5)) (&& (== net40) (>= netcoreapp1.1)) (&& (== net40) (>= netstandard1.1)) (&& (== net40) (>= netstandard1.2)) (&& (== net40) (>= netstandard1.3)) (&& (== net40) (>= netstandard1.5)) (&& (== net45) (>= netcoreapp1.1)) (&& (== net461) (< net45)) (&& (== net461) (>= netcoreapp1.1)) (&& (== net471) (< net45)) (&& (== net471) (>= netcoreapp1.1)) (&& (== net472) (< net45)) (&& (== net472) (>= netcoreapp1.1)) (&& (== net48) (< net45)) (&& (== net48) (>= netcoreapp1.1)) (== net5.0-windows7.0) (== net50) (== netcoreapp2.0) (&& (== netstandard1.0) (>= netcoreapp1.1)) (&& (== netstandard1.0) (>= netstandard1.1)) (&& (== netstandard1.0) (>= netstandard1.2)) (&& (== netstandard1.0) (>= netstandard1.3)) (&& (== netstandard1.0) (>= netstandard1.5)) (== netstandard1.1) (== netstandard2.0)
      System.Reflection (>= 4.3) - restriction: || (&& (== net20) (>= netcoreapp1.1)) (&& (== net20) (>= netstandard1.1)) (&& (== net20) (>= netstandard1.2)) (&& (== net20) (>= netstandard1.3)) (&& (== net20) (>= netstandard1.5)) (&& (== net35) (>= netcoreapp1.1)) (&& (== net35) (>= netstandard1.1)) (&& (== net35) (>= netstandard1.2)) (&& (== net35) (>= netstandard1.3)) (&& (== net35) (>= netstandard1.5)) (&& (== net40) (>= netcoreapp1.1)) (&& (== net40) (>= netstandard1.1)) (&& (== net40) (>= netstandard1.2)) (&& (== net40) (>= netstandard1.3)) (&& (== net40) (>= netstandard1.5)) (&& (== net45) (>= netcoreapp1.1)) (&& (== net461) (< net45)) (&& (== net461) (>= netcoreapp1.1)) (&& (== net471) (< net45)) (&& (== net471) (>= netcoreapp1.1)) (&& (== net472) (< net45)) (&& (== net472) (>= netcoreapp1.1)) (&& (== net48) (< net45)) (&& (== net48) (>= netcoreapp1.1)) (== net5.0-windows7.0) (== net50) (== netcoreapp2.0) (&& (== netstandard1.0) (>= netcoreapp1.1)) (&& (== netstandard1.0) (>= netstandard1.1)) (&& (== netstandard1.0) (>= netstandard1.2)) (&& (== netstandard1.0) (>= netstandard1.3)) (&& (== netstandard1.0) (>= netstandard1.5)) (== netstandard1.1) (== netstandard2.0)
      System.Reflection.Primitives (>= 4.3) - restriction: || (&& (== net20) (>= netcoreapp1.1)) (&& (== net20) (>= netstandard1.1)) (&& (== net20) (>= netstandard1.2)) (&& (== net20) (>= netstandard1.3)) (&& (== net20) (>= netstandard1.5)) (&& (== net35) (>= netcoreapp1.1)) (&& (== net35) (>= netstandard1.1)) (&& (== net35) (>= netstandard1.2)) (&& (== net35) (>= netstandard1.3)) (&& (== net35) (>= netstandard1.5)) (&& (== net40) (>= netcoreapp1.1)) (&& (== net40) (>= netstandard1.1)) (&& (== net40) (>= netstandard1.2)) (&& (== net40) (>= netstandard1.3)) (&& (== net40) (>= netstandard1.5)) (&& (== net45) (>= netcoreapp1.1)) (&& (== net461) (< net45)) (&& (== net461) (>= netcoreapp1.1)) (&& (== net471) (< net45)) (&& (== net471) (>= netcoreapp1.1)) (&& (== net472) (< net45)) (&& (== net472) (>= netcoreapp1.1)) (&& (== net48) (< net45)) (&& (== net48) (>= netcoreapp1.1)) (== net5.0-windows7.0) (== net50) (== netcoreapp2.0) (&& (== netstandard1.0) (>= netcoreapp1.1)) (&& (== netstandard1.0) (>= netstandard1.1)) (&& (== netstandard1.0) (>= netstandard1.2)) (&& (== netstandard1.0) (>= netstandard1.3)) (&& (== netstandard1.0) (>= netstandard1.5)) (== netstandard1.1) (== netstandard2.0)
      System.Runtime (>= 4.3) - restriction: || (&& (== net20) (>= net462)) (&& (== net20) (>= netcoreapp1.1)) (&& (== net20) (>= netstandard1.1)) (&& (== net20) (>= netstandard1.2)) (&& (== net20) (>= netstandard1.3)) (&& (== net20) (>= netstandard1.5)) (&& (== net35) (>= net462)) (&& (== net35) (>= netcoreapp1.1)) (&& (== net35) (>= netstandard1.1)) (&& (== net35) (>= netstandard1.2)) (&& (== net35) (>= netstandard1.3)) (&& (== net35) (>= netstandard1.5)) (&& (== net40) (>= net462)) (&& (== net40) (>= netcoreapp1.1)) (&& (== net40) (>= netstandard1.1)) (&& (== net40) (>= netstandard1.2)) (&& (== net40) (>= netstandard1.3)) (&& (== net40) (>= netstandard1.5)) (&& (== net45) (>= net462)) (&& (== net45) (>= netcoreapp1.1)) (&& (== net461) (< net45)) (&& (== net461) (>= net462)) (&& (== net461) (>= netcoreapp1.1)) (== net471) (== net472) (== net48) (== net5.0-windows7.0) (== net50) (== netcoreapp2.0) (&& (== netstandard1.0) (>= net462)) (&& (== netstandard1.0) (>= netcoreapp1.1)) (&& (== netstandard1.0) (>= netstandard1.1)) (&& (== netstandard1.0) (>= netstandard1.2)) (&& (== netstandard1.0) (>= netstandard1.3)) (&& (== netstandard1.0) (>= netstandard1.5)) (== netstandard1.1) (== netstandard2.0)
      System.Runtime.Handles (>= 4.3) - restriction: || (&& (== net20) (>= netcoreapp1.1)) (&& (== net20) (>= netstandard1.3)) (&& (== net20) (>= netstandard1.5)) (&& (== net35) (>= netcoreapp1.1)) (&& (== net35) (>= netstandard1.3)) (&& (== net35) (>= netstandard1.5)) (&& (== net40) (>= netcoreapp1.1)) (&& (== net40) (>= netstandard1.3)) (&& (== net40) (>= netstandard1.5)) (&& (== net45) (>= netcoreapp1.1)) (&& (== net461) (< net45)) (&& (== net461) (>= netcoreapp1.1)) (&& (== net471) (< net45)) (&& (== net471) (>= netcoreapp1.1)) (&& (== net472) (< net45)) (&& (== net472) (>= netcoreapp1.1)) (&& (== net48) (< net45)) (&& (== net48) (>= netcoreapp1.1)) (== net5.0-windows7.0) (== net50) (== netcoreapp2.0) (&& (== netstandard1.0) (>= netcoreapp1.1)) (&& (== netstandard1.0) (>= netstandard1.3)) (&& (== netstandard1.0) (>= netstandard1.5)) (&& (== netstandard1.1) (>= netcoreapp1.1)) (&& (== netstandard1.1) (>= netstandard1.3)) (&& (== netstandard1.1) (>= netstandard1.5)) (== netstandard2.0)
    System.Runtime.InteropServices.RuntimeInformation (4.3) - restriction: || (&& (== net20) (== net5.0-windows7.0)) (&& (== net20) (== net50)) (&& (== net20) (== netstandard1.0) (>= portable-net45+win8)) (&& (== net20) (== netstandard1.0) (>= portable-net45+win8+wpa81)) (&& (== net20) (== netstandard1.0) (>= win8)) (&& (== net20) (== netstandard2.0)) (&& (== net20) (>= net45)) (&& (== net20) (>= net46)) (&& (== net20) (>= net461)) (&& (== net20) (>= netcoreapp1.0)) (&& (== net20) (>= netstandard1.0) (>= portable-net45+win8)) (&& (== net20) (>= netstandard1.0) (>= portable-net45+win8+wpa81)) (&& (== net20) (>= netstandard1.0) (>= win8)) (&& (== net20) (>= netstandard1.1)) (&& (== net20) (>= netstandard1.2)) (&& (== net20) (>= netstandard1.3)) (&& (== net20) (>= netstandard1.4)) (&& (== net20) (>= netstandard1.5)) (&& (== net20) (>= netstandard1.6)) (&& (== net20) (>= uap10.0)) (&& (== net20) (>= wpa81)) (&& (== net35) (== net5.0-windows7.0)) (&& (== net35) (== net50)) (&& (== net35) (== netstandard1.0) (>= portable-net45+win8)) (&& (== net35) (== netstandard1.0) (>= portable-net45+win8+wpa81)) (&& (== net35) (== netstandard1.0) (>= win8)) (&& (== net35) (== netstandard2.0)) (&& (== net35) (>= net45)) (&& (== net35) (>= net46)) (&& (== net35) (>= net461)) (&& (== net35) (>= netcoreapp1.0)) (&& (== net35) (>= netstandard1.0) (>= portable-net45+win8)) (&& (== net35) (>= netstandard1.0) (>= portable-net45+win8+wpa81)) (&& (== net35) (>= netstandard1.0) (>= win8)) (&& (== net35) (>= netstandard1.1)) (&& (== net35) (>= netstandard1.2)) (&& (== net35) (>= netstandard1.3)) (&& (== net35) (>= netstandard1.4)) (&& (== net35) (>= netstandard1.5)) (&& (== net35) (>= netstandard1.6)) (&& (== net35) (>= uap10.0)) (&& (== net35) (>= wpa81)) (&& (== net40) (== net5.0-windows7.0)) (&& (== net40) (== net50)) (&& (== net40) (== netstandard1.0) (>= portable-net45+win8)) (&& (== net40) (== netstandard1.0) (>= portable-net45+win8+wpa81)) (&& (== net40) (== netstandard1.0) (>= win8)) (&& (== net40) (== netstandard2.0)) (&& (== net40) (>= net45)) (&& (== net40) (>= net46)) (&& (== net40) (>= net461)) (&& (== net40) (>= netcoreapp1.0)) (&& (== net40) (>= netstandard1.0) (>= portable-net45+win8)) (&& (== net40) (>= netstandard1.0) (>= portable-net45+win8+wpa81)) (&& (== net40) (>= netstandard1.0) (>= win8)) (&& (== net40) (>= netstandard1.1)) (&& (== net40) (>= netstandard1.2)) (&& (== net40) (>= netstandard1.3)) (&& (== net40) (>= netstandard1.4)) (&& (== net40) (>= netstandard1.5)) (&& (== net40) (>= netstandard1.6)) (&& (== net40) (>= uap10.0)) (&& (== net40) (>= wpa81)) (== net45) (== net461) (== net471) (== net472) (== net48) (&& (== net5.0-windows7.0) (== netstandard1.0)) (&& (== net5.0-windows7.0) (== netstandard2.0)) (&& (== net5.0-windows7.0) (>= net461)) (&& (== net5.0-windows7.0) (< netcoreapp2.1)) (&& (== net5.0-windows7.0) (< netstandard1.0)) (&& (== net5.0-windows7.0) (< netstandard1.2)) (&& (== net5.0-windows7.0) (< netstandard1.3)) (&& (== net5.0-windows7.0) (< netstandard1.4)) (&& (== net5.0-windows7.0) (< netstandard1.5)) (&& (== net5.0-windows7.0) (< netstandard1.6)) (&& (== net5.0-windows7.0) (< netstandard2.0)) (&& (== net50) (== netstandard1.0)) (&& (== net50) (== netstandard2.0)) (&& (== net50) (>= net461)) (&& (== net50) (< netcoreapp2.1)) (&& (== net50) (< netstandard1.0)) (&& (== net50) (< netstandard1.2)) (&& (== net50) (< netstandard1.3)) (&& (== net50) (< netstandard1.4)) (&& (== net50) (< netstandard1.5)) (&& (== net50) (< netstandard1.6)) (&& (== net50) (< netstandard2.0)) (== netcoreapp2.0) (&& (== netstandard1.0) (== netstandard2.0)) (&& (== netstandard1.0) (>= net45)) (&& (== netstandard1.0) (>= net46)) (&& (== netstandard1.0) (>= net461)) (&& (== netstandard1.0) (>= netcoreapp1.0)) (&& (== netstandard1.0) (>= netstandard1.1)) (&& (== netstandard1.0) (>= netstandard1.2)) (&& (== netstandard1.0) (>= netstandard1.3)) (&& (== netstandard1.0) (>= netstandard1.4)) (&& (== netstandard1.0) (>= netstandard1.5)) (&& (== netstandard1.0) (>= netstandard1.6)) (&& (== netstandard1.0) (>= uap10.0)) (&& (== netstandard1.0) (>= wpa81)) (== netstandard1.1) (&& (== netstandard2.0) (>= net461)) (&& (== netstandard2.0) (>= netcoreapp1.0))
    System.Runtime.Loader (4.3) - restriction: || (&& (== net20) (== net5.0-windows7.0)) (&& (== net20) (== net50)) (&& (== net20) (>= netcoreapp1.0)) (&& (== net35) (== net5.0-windows7.0)) (&& (== net35) (== net50)) (&& (== net35) (>= netcoreapp1.0)) (&& (== net40) (== net5.0-windows7.0)) (&& (== net40) (== net50)) (&& (== net40) (>= netcoreapp1.0)) (&& (== net45) (== net5.0-windows7.0)) (&& (== net45) (== net50)) (&& (== net45) (>= netcoreapp1.0)) (&& (== net461) (== net5.0-windows7.0)) (&& (== net461) (== net50)) (&& (== net461) (>= netcoreapp1.0)) (&& (== net471) (== net5.0-windows7.0)) (&& (== net471) (== net50)) (&& (== net471) (>= netcoreapp1.0)) (&& (== net472) (== net5.0-windows7.0)) (&& (== net472) (== net50)) (&& (== net472) (>= netcoreapp1.0)) (&& (== net48) (== net5.0-windows7.0)) (&& (== net48) (== net50)) (&& (== net48) (>= netcoreapp1.0)) (&& (== net5.0-windows7.0) (== netstandard1.0)) (&& (== net5.0-windows7.0) (== netstandard1.1)) (&& (== net5.0-windows7.0) (== netstandard2.0)) (&& (== net5.0-windows7.0) (< netcoreapp2.1)) (&& (== net50) (== netstandard1.0)) (&& (== net50) (== netstandard1.1)) (&& (== net50) (== netstandard2.0)) (&& (== net50) (< netcoreapp2.1)) (== netcoreapp2.0) (&& (== netstandard1.0) (>= netcoreapp1.0)) (&& (== netstandard1.1) (>= netcoreapp1.0)) (&& (== netstandard2.0) (>= netcoreapp1.0))
      System.IO (>= 4.3) - restriction: || (&& (== net20) (>= netstandard1.5)) (&& (== net35) (>= netstandard1.5)) (&& (== net40) (>= netstandard1.5)) (&& (== net45) (>= netstandard1.5)) (&& (== net461) (>= netstandard1.5)) (&& (== net471) (< net462)) (&& (== net472) (< net462)) (&& (== net48) (< net462)) (== net5.0-windows7.0) (== net50) (== netcoreapp2.0) (&& (== netstandard1.0) (>= netstandard1.5)) (&& (== netstandard1.1) (>= netstandard1.5)) (== netstandard2.0)
      System.Reflection (>= 4.3) - restriction: || (&& (== net20) (>= netstandard1.5)) (&& (== net35) (>= netstandard1.5)) (&& (== net40) (>= netstandard1.5)) (&& (== net45) (>= netstandard1.5)) (&& (== net461) (>= netstandard1.5)) (&& (== net471) (< net462)) (&& (== net472) (< net462)) (&& (== net48) (< net462)) (== net5.0-windows7.0) (== net50) (== netcoreapp2.0) (&& (== netstandard1.0) (>= netstandard1.5)) (&& (== netstandard1.1) (>= netstandard1.5)) (== netstandard2.0)
      System.Runtime (>= 4.3) - restriction: || (&& (== net20) (>= netstandard1.5)) (&& (== net35) (>= netstandard1.5)) (&& (== net40) (>= netstandard1.5)) (&& (== net45) (>= netstandard1.5)) (&& (== net461) (>= netstandard1.5)) (&& (== net471) (< net462)) (&& (== net472) (< net462)) (&& (== net48) (< net462)) (== net5.0-windows7.0) (== net50) (== netcoreapp2.0) (&& (== netstandard1.0) (>= netstandard1.5)) (&& (== netstandard1.1) (>= netstandard1.5)) (== netstandard2.0)
    System.Runtime.Numerics (4.3) - restriction: || (&& (== net20) (== net45)) (&& (== net20) (== net461)) (&& (== net20) (== net471)) (&& (== net20) (== net472)) (&& (== net20) (== net48)) (&& (== net20) (>= netstandard1.1)) (&& (== net20) (>= netstandard1.2)) (&& (== net20) (>= netstandard1.3)) (&& (== net20) (>= netstandard1.4)) (&& (== net20) (>= netstandard1.5)) (&& (== net20) (>= netstandard1.6)) (&& (== net20) (>= uap10.0)) (&& (== net35) (== net45)) (&& (== net35) (== net461)) (&& (== net35) (== net471)) (&& (== net35) (== net472)) (&& (== net35) (== net48)) (&& (== net35) (>= netstandard1.1)) (&& (== net35) (>= netstandard1.2)) (&& (== net35) (>= netstandard1.3)) (&& (== net35) (>= netstandard1.4)) (&& (== net35) (>= netstandard1.5)) (&& (== net35) (>= netstandard1.6)) (&& (== net35) (>= uap10.0)) (&& (== net40) (== net45)) (&& (== net40) (== net461)) (&& (== net40) (== net471)) (&& (== net40) (== net472)) (&& (== net40) (== net48)) (&& (== net40) (>= netstandard1.1)) (&& (== net40) (>= netstandard1.2)) (&& (== net40) (>= netstandard1.3)) (&& (== net40) (>= netstandard1.4)) (&& (== net40) (>= netstandard1.5)) (&& (== net40) (>= netstandard1.6)) (&& (== net40) (>= uap10.0)) (&& (== net45) (== net471)) (&& (== net45) (== net472)) (&& (== net45) (== net48)) (&& (== net45) (== netstandard1.0)) (&& (== net45) (>= netstandard1.6)) (&& (== net45) (>= uap10.0)) (&& (== net461) (== netstandard1.0)) (&& (== net461) (< net45)) (&& (== net461) (< net46) (>= netstandard1.6)) (&& (== net461) (>= uap10.0)) (&& (== net471) (== netstandard1.0)) (&& (== net471) (< net45) (< netstandard1.2)) (&& (== net471) (< net45) (< netstandard1.3)) (&& (== net471) (< net45) (< netstandard1.4)) (&& (== net471) (< net45) (< netstandard1.5)) (&& (== net471) (< net45) (< netstandard1.6)) (&& (== net471) (< net45) (< netstandard2.0)) (&& (== net471) (< net46)) (&& (== net471) (< netstandard1.5) (>= uap10.0)) (&& (== net472) (== netstandard1.0)) (&& (== net472) (< net45) (< netstandard1.2)) (&& (== net472) (< net45) (< netstandard1.3)) (&& (== net472) (< net45) (< netstandard1.4)) (&& (== net472) (< net45) (< netstandard1.5)) (&& (== net472) (< net45) (< netstandard1.6)) (&& (== net472) (< net45) (< netstandard2.0)) (&& (== net472) (< net46)) (&& (== net472) (< netstandard1.5) (>= uap10.0)) (&& (== net48) (== netstandard1.0)) (&& (== net48) (< net45) (< netstandard1.2)) (&& (== net48) (< net45) (< netstandard1.3)) (&& (== net48) (< net45) (< netstandard1.4)) (&& (== net48) (< net45) (< netstandard1.5)) (&& (== net48) (< net45) (< netstandard1.6)) (&& (== net48) (< net45) (< netstandard2.0)) (&& (== net48) (< net46)) (&& (== net48) (< netstandard1.5) (>= uap10.0)) (== net5.0-windows7.0) (== net50) (== netcoreapp2.0) (&& (== netstandard1.0) (>= netstandard1.1)) (&& (== netstandard1.0) (>= netstandard1.2)) (&& (== netstandard1.0) (>= netstandard1.3)) (&& (== netstandard1.0) (>= netstandard1.4)) (&& (== netstandard1.0) (>= netstandard1.5)) (&& (== netstandard1.0) (>= netstandard1.6)) (&& (== netstandard1.0) (>= uap10.0)) (== netstandard1.1) (== netstandard2.0)
      System.Globalization (>= 4.3) - restriction: || (&& (== net20) (>= netstandard1.3)) (&& (== net35) (>= netstandard1.3)) (&& (== net40) (>= netstandard1.3)) (&& (== net461) (< net45)) (&& (== net471) (< net45)) (&& (== net472) (< net45)) (&& (== net48) (< net45)) (== net5.0-windows7.0) (== net50) (== netcoreapp2.0) (&& (== netstandard1.0) (>= netstandard1.3)) (&& (== netstandard1.1) (>= netstandard1.3)) (== netstandard2.0)
      System.Resources.ResourceManager (>= 4.3) - restriction: || (&& (== net20) (>= netstandard1.3)) (&& (== net35) (>= netstandard1.3)) (&& (== net40) (>= netstandard1.3)) (&& (== net461) (< net45)) (&& (== net471) (< net45)) (&& (== net472) (< net45)) (&& (== net48) (< net45)) (== net5.0-windows7.0) (== net50) (== netcoreapp2.0) (&& (== netstandard1.0) (>= netstandard1.3)) (&& (== netstandard1.1) (>= netstandard1.3)) (== netstandard2.0)
      System.Runtime (>= 4.3) - restriction: || (&& (== net20) (>= netstandard1.1)) (&& (== net20) (>= netstandard1.3)) (&& (== net35) (>= netstandard1.1)) (&& (== net35) (>= netstandard1.3)) (&& (== net40) (>= netstandard1.1)) (&& (== net40) (>= netstandard1.3)) (&& (== net461) (< net45)) (&& (== net471) (< net45)) (&& (== net472) (< net45)) (&& (== net48) (< net45)) (== net5.0-windows7.0) (== net50) (== netcoreapp2.0) (&& (== netstandard1.0) (>= netstandard1.1)) (&& (== netstandard1.0) (>= netstandard1.3)) (== netstandard1.1) (== netstandard2.0)
      System.Runtime.Extensions (>= 4.3) - restriction: || (&& (== net20) (>= netstandard1.3)) (&& (== net35) (>= netstandard1.3)) (&& (== net40) (>= netstandard1.3)) (&& (== net461) (< net45)) (&& (== net471) (< net45)) (&& (== net472) (< net45)) (&& (== net48) (< net45)) (== net5.0-windows7.0) (== net50) (== netcoreapp2.0) (&& (== netstandard1.0) (>= netstandard1.3)) (&& (== netstandard1.1) (>= netstandard1.3)) (== netstandard2.0)
    System.Security.AccessControl (5.0) - restriction: || (&& (== net20) (>= monoandroid)) (&& (== net20) (>= monotouch)) (&& (== net20) (>= net461)) (&& (== net20) (>= netcoreapp2.0)) (&& (== net20) (>= netcoreapp2.1)) (&& (== net20) (>= netcoreapp3.0)) (&& (== net20) (>= netstandard2.0)) (&& (== net20) (>= netstandard2.1)) (&& (== net20) (>= uap10.1)) (&& (== net20) (>= xamarinios)) (&& (== net20) (>= xamarinmac)) (&& (== net20) (>= xamarintvos)) (&& (== net20) (>= xamarinwatchos)) (&& (== net35) (>= monoandroid)) (&& (== net35) (>= monotouch)) (&& (== net35) (>= net461)) (&& (== net35) (>= netcoreapp2.0)) (&& (== net35) (>= netcoreapp2.1)) (&& (== net35) (>= netcoreapp3.0)) (&& (== net35) (>= netstandard2.0)) (&& (== net35) (>= netstandard2.1)) (&& (== net35) (>= uap10.1)) (&& (== net35) (>= xamarinios)) (&& (== net35) (>= xamarinmac)) (&& (== net35) (>= xamarintvos)) (&& (== net35) (>= xamarinwatchos)) (&& (== net40) (>= monoandroid)) (&& (== net40) (>= monotouch)) (&& (== net40) (>= net461)) (&& (== net40) (>= netcoreapp2.0)) (&& (== net40) (>= netcoreapp2.1)) (&& (== net40) (>= netcoreapp3.0)) (&& (== net40) (>= netstandard2.0)) (&& (== net40) (>= netstandard2.1)) (&& (== net40) (>= uap10.1)) (&& (== net40) (>= xamarinios)) (&& (== net40) (>= xamarinmac)) (&& (== net40) (>= xamarintvos)) (&& (== net40) (>= xamarinwatchos)) (&& (== net45) (>= monoandroid)) (&& (== net45) (>= monotouch)) (&& (== net45) (>= net461)) (&& (== net45) (>= netcoreapp2.0)) (&& (== net45) (>= netcoreapp2.1)) (&& (== net45) (>= netcoreapp3.0)) (&& (== net45) (>= netstandard2.0)) (&& (== net45) (>= netstandard2.1)) (&& (== net45) (>= uap10.1)) (&& (== net45) (>= xamarinios)) (&& (== net45) (>= xamarinmac)) (&& (== net45) (>= xamarintvos)) (&& (== net45) (>= xamarinwatchos)) (== net461) (== net471) (== net472) (== net48) (== net5.0-windows7.0) (== net50) (== netcoreapp2.0) (&& (== netstandard1.0) (>= monoandroid)) (&& (== netstandard1.0) (>= monotouch)) (&& (== netstandard1.0) (>= net461)) (&& (== netstandard1.0) (>= netcoreapp2.0)) (&& (== netstandard1.0) (>= netcoreapp2.1)) (&& (== netstandard1.0) (>= netcoreapp3.0)) (&& (== netstandard1.0) (>= netstandard2.0)) (&& (== netstandard1.0) (>= netstandard2.1)) (&& (== netstandard1.0) (>= uap10.1)) (&& (== netstandard1.0) (>= xamarinios)) (&& (== netstandard1.0) (>= xamarinmac)) (&& (== netstandard1.0) (>= xamarintvos)) (&& (== netstandard1.0) (>= xamarinwatchos)) (&& (== netstandard1.1) (>= monoandroid)) (&& (== netstandard1.1) (>= monotouch)) (&& (== netstandard1.1) (>= net461)) (&& (== netstandard1.1) (>= netcoreapp2.0)) (&& (== netstandard1.1) (>= netcoreapp2.1)) (&& (== netstandard1.1) (>= netcoreapp3.0)) (&& (== netstandard1.1) (>= netstandard2.0)) (&& (== netstandard1.1) (>= netstandard2.1)) (&& (== netstandard1.1) (>= uap10.1)) (&& (== netstandard1.1) (>= xamarinios)) (&& (== netstandard1.1) (>= xamarinmac)) (&& (== netstandard1.1) (>= xamarintvos)) (&& (== netstandard1.1) (>= xamarinwatchos)) (== netstandard2.0)
      Microsoft.NETCore.Platforms (>= 5.0) - restriction: || (&& (== net20) (>= netcoreapp2.0)) (&& (== net35) (>= netcoreapp2.0)) (&& (== net40) (>= netcoreapp2.0)) (&& (== net45) (>= netcoreapp2.0)) (&& (== net461) (>= netcoreapp2.0)) (&& (== net471) (>= netcoreapp2.0)) (&& (== net472) (>= netcoreapp2.0)) (&& (== net48) (>= netcoreapp2.0)) (== net5.0-windows7.0) (== net50) (== netcoreapp2.0) (&& (== netstandard1.0) (>= netcoreapp2.0)) (&& (== netstandard1.1) (>= netcoreapp2.0)) (&& (== netstandard2.0) (>= netcoreapp2.0))
      System.Security.Principal.Windows (>= 5.0) - restriction: || (&& (== net20) (>= net46)) (&& (== net20) (>= net461)) (&& (== net20) (>= netcoreapp2.0)) (&& (== net20) (>= netstandard1.3)) (&& (== net20) (>= netstandard2.0)) (&& (== net35) (>= net46)) (&& (== net35) (>= net461)) (&& (== net35) (>= netcoreapp2.0)) (&& (== net35) (>= netstandard1.3)) (&& (== net35) (>= netstandard2.0)) (&& (== net40) (>= net46)) (&& (== net40) (>= net461)) (&& (== net40) (>= netcoreapp2.0)) (&& (== net40) (>= netstandard1.3)) (&& (== net40) (>= netstandard2.0)) (&& (== net45) (>= net46)) (&& (== net45) (>= net461)) (&& (== net45) (>= netcoreapp2.0)) (&& (== net45) (>= netstandard1.3)) (&& (== net45) (>= netstandard2.0)) (== net461) (== net471) (== net472) (== net48) (== net5.0-windows7.0) (== net50) (== netcoreapp2.0) (&& (== netstandard1.0) (>= net46)) (&& (== netstandard1.0) (>= net461)) (&& (== netstandard1.0) (>= netcoreapp2.0)) (&& (== netstandard1.0) (>= netstandard1.3)) (&& (== netstandard1.0) (>= netstandard2.0)) (&& (== netstandard1.1) (>= net46)) (&& (== netstandard1.1) (>= net461)) (&& (== netstandard1.1) (>= netcoreapp2.0)) (&& (== netstandard1.1) (>= netstandard1.3)) (&& (== netstandard1.1) (>= netstandard2.0)) (== netstandard2.0)
    System.Security.Cryptography.Algorithms (4.3.1)
      Microsoft.NETCore.Platforms (>= 1.1) - restriction: || (&& (== net20) (>= netstandard1.6)) (&& (== net35) (>= netstandard1.6)) (&& (== net40) (>= netstandard1.6)) (&& (== net45) (>= netstandard1.6)) (&& (== net461) (< net46) (>= netstandard1.6)) (&& (== net471) (< net46)) (&& (== net472) (< net46)) (&& (== net48) (< net46)) (== net5.0-windows7.0) (== net50) (== netcoreapp2.0) (&& (== netstandard1.0) (>= netstandard1.6)) (&& (== netstandard1.1) (>= netstandard1.6)) (== netstandard2.0)
      runtime.native.System.Security.Cryptography.Apple (>= 4.3.1) - restriction: || (&& (== net20) (>= netstandard1.6)) (&& (== net35) (>= netstandard1.6)) (&& (== net40) (>= netstandard1.6)) (&& (== net45) (>= netstandard1.6)) (&& (== net461) (< net46) (>= netstandard1.6)) (&& (== net471) (< net46)) (&& (== net472) (< net46)) (&& (== net48) (< net46)) (== net5.0-windows7.0) (== net50) (== netcoreapp2.0) (&& (== netstandard1.0) (>= netstandard1.6)) (&& (== netstandard1.1) (>= netstandard1.6)) (== netstandard2.0)
      runtime.native.System.Security.Cryptography.OpenSsl (>= 4.3.2) - restriction: || (&& (== net20) (>= netstandard1.6)) (&& (== net35) (>= netstandard1.6)) (&& (== net40) (>= netstandard1.6)) (&& (== net45) (>= netstandard1.6)) (&& (== net461) (< net46) (>= netstandard1.6)) (&& (== net471) (< net46)) (&& (== net472) (< net46)) (&& (== net48) (< net46)) (== net5.0-windows7.0) (== net50) (== netcoreapp2.0) (&& (== netstandard1.0) (>= netstandard1.6)) (&& (== netstandard1.1) (>= netstandard1.6)) (== netstandard2.0)
      System.Collections (>= 4.3) - restriction: || (&& (== net20) (>= netstandard1.6)) (&& (== net35) (>= netstandard1.6)) (&& (== net40) (>= netstandard1.6)) (&& (== net45) (>= netstandard1.6)) (&& (== net461) (< net46) (>= netstandard1.6)) (&& (== net471) (< net46)) (&& (== net472) (< net46)) (&& (== net48) (< net46)) (== net5.0-windows7.0) (== net50) (== netcoreapp2.0) (&& (== netstandard1.0) (>= netstandard1.6)) (&& (== netstandard1.1) (>= netstandard1.6)) (== netstandard2.0)
      System.IO (>= 4.3) - restriction: || (&& (== net20) (>= net463)) (&& (== net20) (>= netstandard1.3)) (&& (== net20) (>= netstandard1.4)) (&& (== net20) (>= netstandard1.6)) (&& (== net35) (>= net463)) (&& (== net35) (>= netstandard1.3)) (&& (== net35) (>= netstandard1.4)) (&& (== net35) (>= netstandard1.6)) (&& (== net40) (>= net463)) (&& (== net40) (>= netstandard1.3)) (&& (== net40) (>= netstandard1.4)) (&& (== net40) (>= netstandard1.6)) (&& (== net45) (>= net463)) (&& (== net45) (>= netstandard1.3)) (&& (== net45) (>= netstandard1.4)) (&& (== net45) (>= netstandard1.6)) (&& (== net461) (< net46)) (&& (== net461) (>= net463)) (== net471) (== net472) (== net48) (== net5.0-windows7.0) (== net50) (== netcoreapp2.0) (&& (== netstandard1.0) (>= net463)) (&& (== netstandard1.0) (>= netstandard1.3)) (&& (== netstandard1.0) (>= netstandard1.4)) (&& (== netstandard1.0) (>= netstandard1.6)) (&& (== netstandard1.1) (>= net463)) (&& (== netstandard1.1) (>= netstandard1.3)) (&& (== netstandard1.1) (>= netstandard1.4)) (&& (== netstandard1.1) (>= netstandard1.6)) (== netstandard2.0)
      System.Resources.ResourceManager (>= 4.3) - restriction: || (&& (== net20) (>= netstandard1.6)) (&& (== net35) (>= netstandard1.6)) (&& (== net40) (>= netstandard1.6)) (&& (== net45) (>= netstandard1.6)) (&& (== net461) (< net46) (>= netstandard1.6)) (&& (== net471) (< net46)) (&& (== net472) (< net46)) (&& (== net48) (< net46)) (== net5.0-windows7.0) (== net50) (== netcoreapp2.0) (&& (== netstandard1.0) (>= netstandard1.6)) (&& (== netstandard1.1) (>= netstandard1.6)) (== netstandard2.0)
      System.Runtime (>= 4.3) - restriction: || (&& (== net20) (>= net463)) (&& (== net20) (>= netstandard1.3)) (&& (== net20) (>= netstandard1.4)) (&& (== net20) (>= netstandard1.6)) (&& (== net35) (>= net463)) (&& (== net35) (>= netstandard1.3)) (&& (== net35) (>= netstandard1.4)) (&& (== net35) (>= netstandard1.6)) (&& (== net40) (>= net463)) (&& (== net40) (>= netstandard1.3)) (&& (== net40) (>= netstandard1.4)) (&& (== net40) (>= netstandard1.6)) (&& (== net45) (>= net463)) (&& (== net45) (>= netstandard1.3)) (&& (== net45) (>= netstandard1.4)) (&& (== net45) (>= netstandard1.6)) (&& (== net461) (< net46)) (&& (== net461) (>= net463)) (== net471) (== net472) (== net48) (== net5.0-windows7.0) (== net50) (== netcoreapp2.0) (&& (== netstandard1.0) (>= net463)) (&& (== netstandard1.0) (>= netstandard1.3)) (&& (== netstandard1.0) (>= netstandard1.4)) (&& (== netstandard1.0) (>= netstandard1.6)) (&& (== netstandard1.1) (>= net463)) (&& (== netstandard1.1) (>= netstandard1.3)) (&& (== netstandard1.1) (>= netstandard1.4)) (&& (== netstandard1.1) (>= netstandard1.6)) (== netstandard2.0)
      System.Runtime.Extensions (>= 4.3) - restriction: || (&& (== net20) (>= netstandard1.6)) (&& (== net35) (>= netstandard1.6)) (&& (== net40) (>= netstandard1.6)) (&& (== net45) (>= netstandard1.6)) (&& (== net461) (< net46) (>= netstandard1.6)) (&& (== net471) (< net46)) (&& (== net472) (< net46)) (&& (== net48) (< net46)) (== net5.0-windows7.0) (== net50) (== netcoreapp2.0) (&& (== netstandard1.0) (>= netstandard1.6)) (&& (== netstandard1.1) (>= netstandard1.6)) (== netstandard2.0)
      System.Runtime.Handles (>= 4.3) - restriction: || (&& (== net20) (>= netstandard1.6)) (&& (== net35) (>= netstandard1.6)) (&& (== net40) (>= netstandard1.6)) (&& (== net45) (>= netstandard1.6)) (&& (== net461) (< net46) (>= netstandard1.6)) (&& (== net471) (< net46)) (&& (== net472) (< net46)) (&& (== net48) (< net46)) (== net5.0-windows7.0) (== net50) (== netcoreapp2.0) (&& (== netstandard1.0) (>= netstandard1.6)) (&& (== netstandard1.1) (>= netstandard1.6)) (== netstandard2.0)
      System.Runtime.InteropServices (>= 4.3) - restriction: || (&& (== net20) (>= netstandard1.6)) (&& (== net35) (>= netstandard1.6)) (&& (== net40) (>= netstandard1.6)) (&& (== net45) (>= netstandard1.6)) (&& (== net461) (< net46) (>= netstandard1.6)) (&& (== net471) (< net46)) (&& (== net472) (< net46)) (&& (== net48) (< net46)) (== net5.0-windows7.0) (== net50) (== netcoreapp2.0) (&& (== netstandard1.0) (>= netstandard1.6)) (&& (== netstandard1.1) (>= netstandard1.6)) (== netstandard2.0)
      System.Runtime.Numerics (>= 4.3) - restriction: || (&& (== net20) (>= netstandard1.6)) (&& (== net35) (>= netstandard1.6)) (&& (== net40) (>= netstandard1.6)) (&& (== net45) (>= netstandard1.6)) (&& (== net461) (< net46) (>= netstandard1.6)) (&& (== net471) (< net46)) (&& (== net472) (< net46)) (&& (== net48) (< net46)) (== net5.0-windows7.0) (== net50) (== netcoreapp2.0) (&& (== netstandard1.0) (>= netstandard1.6)) (&& (== netstandard1.1) (>= netstandard1.6)) (== netstandard2.0)
      System.Security.Cryptography.Encoding (>= 4.3) - restriction: || (&& (== net20) (>= net463)) (&& (== net20) (>= netstandard1.6)) (&& (== net35) (>= net463)) (&& (== net35) (>= netstandard1.6)) (&& (== net40) (>= net463)) (&& (== net40) (>= netstandard1.6)) (&& (== net45) (>= net463)) (&& (== net45) (>= netstandard1.6)) (&& (== net461) (< net46) (>= netstandard1.6)) (&& (== net461) (>= net463)) (== net471) (== net472) (== net48) (== net5.0-windows7.0) (== net50) (== netcoreapp2.0) (&& (== netstandard1.0) (>= net463)) (&& (== netstandard1.0) (>= netstandard1.6)) (&& (== netstandard1.1) (>= net463)) (&& (== netstandard1.1) (>= netstandard1.6)) (== netstandard2.0)
      System.Security.Cryptography.Primitives (>= 4.3) - restriction: || (&& (== net20) (>= net46)) (&& (== net20) (>= net461)) (&& (== net20) (>= net463)) (&& (== net20) (>= netstandard1.3)) (&& (== net20) (>= netstandard1.4)) (&& (== net20) (>= netstandard1.6)) (&& (== net35) (>= net46)) (&& (== net35) (>= net461)) (&& (== net35) (>= net463)) (&& (== net35) (>= netstandard1.3)) (&& (== net35) (>= netstandard1.4)) (&& (== net35) (>= netstandard1.6)) (&& (== net40) (>= net46)) (&& (== net40) (>= net461)) (&& (== net40) (>= net463)) (&& (== net40) (>= netstandard1.3)) (&& (== net40) (>= netstandard1.4)) (&& (== net40) (>= netstandard1.6)) (&& (== net45) (>= net46)) (&& (== net45) (>= net461)) (&& (== net45) (>= net463)) (&& (== net45) (>= netstandard1.3)) (&& (== net45) (>= netstandard1.4)) (&& (== net45) (>= netstandard1.6)) (== net461) (== net471) (== net472) (== net48) (== net5.0-windows7.0) (== net50) (== netcoreapp2.0) (&& (== netstandard1.0) (>= net46)) (&& (== netstandard1.0) (>= net461)) (&& (== netstandard1.0) (>= net463)) (&& (== netstandard1.0) (>= netstandard1.3)) (&& (== netstandard1.0) (>= netstandard1.4)) (&& (== netstandard1.0) (>= netstandard1.6)) (&& (== netstandard1.1) (>= net46)) (&& (== netstandard1.1) (>= net461)) (&& (== netstandard1.1) (>= net463)) (&& (== netstandard1.1) (>= netstandard1.3)) (&& (== netstandard1.1) (>= netstandard1.4)) (&& (== netstandard1.1) (>= netstandard1.6)) (== netstandard2.0)
      System.Text.Encoding (>= 4.3) - restriction: || (&& (== net20) (>= netstandard1.6)) (&& (== net35) (>= netstandard1.6)) (&& (== net40) (>= netstandard1.6)) (&& (== net45) (>= netstandard1.6)) (&& (== net461) (< net46) (>= netstandard1.6)) (&& (== net471) (< net46)) (&& (== net472) (< net46)) (&& (== net48) (< net46)) (== net5.0-windows7.0) (== net50) (== netcoreapp2.0) (&& (== netstandard1.0) (>= netstandard1.6)) (&& (== netstandard1.1) (>= netstandard1.6)) (== netstandard2.0)
    System.Security.Cryptography.Cng (5.0) - restriction: || (&& (== net20) (== net471)) (&& (== net20) (== net472)) (&& (== net20) (== net48)) (&& (== net20) (>= netcoreapp2.0)) (&& (== net20) (>= netcoreapp2.1)) (&& (== net20) (>= netcoreapp3.0)) (&& (== net20) (>= netstandard2.0)) (&& (== net20) (>= netstandard2.1)) (&& (== net35) (== net471)) (&& (== net35) (== net472)) (&& (== net35) (== net48)) (&& (== net35) (>= netcoreapp2.0)) (&& (== net35) (>= netcoreapp2.1)) (&& (== net35) (>= netcoreapp3.0)) (&& (== net35) (>= netstandard2.0)) (&& (== net35) (>= netstandard2.1)) (&& (== net40) (== net471)) (&& (== net40) (== net472)) (&& (== net40) (== net48)) (&& (== net40) (>= netcoreapp2.0)) (&& (== net40) (>= netcoreapp2.1)) (&& (== net40) (>= netcoreapp3.0)) (&& (== net40) (>= netstandard2.0)) (&& (== net40) (>= netstandard2.1)) (&& (== net45) (== net471)) (&& (== net45) (== net472)) (&& (== net45) (== net48)) (&& (== net45) (>= netcoreapp2.0)) (&& (== net45) (>= netcoreapp2.1)) (&& (== net45) (>= netcoreapp3.0)) (&& (== net45) (>= netstandard2.0)) (&& (== net45) (>= netstandard2.1)) (&& (== net461) (>= netcoreapp3.0)) (&& (== net461) (>= netstandard2.1)) (&& (== net471) (== netstandard1.0)) (&& (== net471) (== netstandard1.1)) (&& (== net471) (< net461)) (&& (== net471) (>= netcoreapp2.0)) (&& (== net471) (>= netcoreapp2.1)) (&& (== net471) (>= netcoreapp3.0)) (&& (== net471) (>= netstandard2.1)) (&& (== net472) (== netstandard1.0)) (&& (== net472) (== netstandard1.1)) (&& (== net472) (< net461)) (&& (== net472) (>= netcoreapp2.0)) (&& (== net472) (>= netcoreapp2.1)) (&& (== net472) (>= netcoreapp3.0)) (&& (== net472) (>= netstandard2.1)) (&& (== net48) (== netstandard1.0)) (&& (== net48) (== netstandard1.1)) (&& (== net48) (< net461)) (&& (== net48) (>= netcoreapp2.0)) (&& (== net48) (>= netcoreapp2.1)) (&& (== net48) (>= netcoreapp3.0)) (&& (== net48) (>= netstandard2.1)) (== net5.0-windows7.0) (== net50) (== netcoreapp2.0) (&& (== netstandard1.0) (>= netcoreapp2.0)) (&& (== netstandard1.0) (>= netcoreapp2.1)) (&& (== netstandard1.0) (>= netcoreapp3.0)) (&& (== netstandard1.0) (>= netstandard2.0)) (&& (== netstandard1.0) (>= netstandard2.1)) (&& (== netstandard1.1) (>= netcoreapp2.0)) (&& (== netstandard1.1) (>= netcoreapp2.1)) (&& (== netstandard1.1) (>= netcoreapp3.0)) (&& (== netstandard1.1) (>= netstandard2.0)) (&& (== netstandard1.1) (>= netstandard2.1)) (== netstandard2.0)
      Microsoft.NETCore.Platforms (>= 5.0) - restriction: || (&& (== net20) (>= netcoreapp2.0)) (&& (== net35) (>= netcoreapp2.0)) (&& (== net40) (>= netcoreapp2.0)) (&& (== net45) (>= netcoreapp2.0)) (&& (== net461) (>= netcoreapp2.0)) (&& (== net471) (>= netcoreapp2.0)) (&& (== net472) (>= netcoreapp2.0)) (&& (== net48) (>= netcoreapp2.0)) (&& (== net5.0-windows7.0) (< netcoreapp2.1) (< netstandard2.1)) (&& (== net50) (< netcoreapp2.1) (< netstandard2.1)) (== netcoreapp2.0) (&& (== netstandard1.0) (>= netcoreapp2.0)) (&& (== netstandard1.1) (>= netcoreapp2.0)) (&& (== netstandard2.0) (>= netcoreapp2.0))
      System.Formats.Asn1 (>= 5.0) - restriction: || (&& (== net20) (>= netcoreapp3.0)) (&& (== net35) (>= netcoreapp3.0)) (&& (== net40) (>= netcoreapp3.0)) (&& (== net45) (>= netcoreapp3.0)) (&& (== net461) (>= netcoreapp3.0)) (&& (== net471) (>= netcoreapp3.0)) (&& (== net472) (>= netcoreapp3.0)) (&& (== net48) (>= netcoreapp3.0)) (== net5.0-windows7.0) (== net50) (&& (== netcoreapp2.0) (>= netcoreapp3.0)) (&& (== netstandard1.0) (>= netcoreapp3.0)) (&& (== netstandard1.1) (>= netcoreapp3.0)) (&& (== netstandard2.0) (>= netcoreapp3.0))
    System.Security.Cryptography.Csp (4.3) - restriction: || (&& (== net20) (== net471)) (&& (== net20) (== net472)) (&& (== net20) (== net48)) (&& (== net20) (>= netstandard2.0)) (&& (== net35) (== net471)) (&& (== net35) (== net472)) (&& (== net35) (== net48)) (&& (== net35) (>= netstandard2.0)) (&& (== net40) (== net471)) (&& (== net40) (== net472)) (&& (== net40) (== net48)) (&& (== net40) (>= netstandard2.0)) (&& (== net45) (== net461) (>= netstandard2.0)) (&& (== net45) (== net471)) (&& (== net45) (== net472)) (&& (== net45) (== net48)) (&& (== net45) (>= net46) (>= netstandard2.0)) (&& (== net461) (< net45) (>= netstandard2.0)) (&& (== net461) (< net46) (>= netstandard2.0)) (&& (== net471) (== netstandard1.0)) (&& (== net471) (== netstandard1.1)) (&& (== net471) (< net45)) (&& (== net471) (< net46)) (&& (== net472) (== netstandard1.0)) (&& (== net472) (== netstandard1.1)) (&& (== net472) (< net45)) (&& (== net472) (< net46)) (&& (== net48) (== netstandard1.0)) (&& (== net48) (== netstandard1.1)) (&& (== net48) (< net45)) (&& (== net48) (< net46)) (== net5.0-windows7.0) (== net50) (== netcoreapp2.0) (&& (== netstandard1.0) (>= netstandard2.0)) (&& (== netstandard1.1) (>= netstandard2.0)) (== netstandard2.0)
      Microsoft.NETCore.Platforms (>= 1.1) - restriction: || (&& (== net20) (>= netstandard1.3)) (&& (== net35) (>= netstandard1.3)) (&& (== net40) (>= netstandard1.3)) (&& (== net45) (>= netstandard1.3)) (&& (== net461) (< net46)) (&& (== net471) (< net46)) (&& (== net472) (< net46)) (&& (== net48) (< net46)) (== net5.0-windows7.0) (== net50) (== netcoreapp2.0) (&& (== netstandard1.0) (>= netstandard1.3)) (&& (== netstandard1.1) (>= netstandard1.3)) (== netstandard2.0)
      System.IO (>= 4.3) - restriction: || (&& (== net20) (>= netstandard1.3)) (&& (== net35) (>= netstandard1.3)) (&& (== net40) (>= netstandard1.3)) (&& (== net45) (>= netstandard1.3)) (&& (== net461) (< net46)) (&& (== net471) (< net46)) (&& (== net472) (< net46)) (&& (== net48) (< net46)) (== net5.0-windows7.0) (== net50) (== netcoreapp2.0) (&& (== netstandard1.0) (>= netstandard1.3)) (&& (== netstandard1.1) (>= netstandard1.3)) (== netstandard2.0)
      System.Reflection (>= 4.3) - restriction: || (&& (== net20) (>= netstandard1.3)) (&& (== net35) (>= netstandard1.3)) (&& (== net40) (>= netstandard1.3)) (&& (== net45) (>= netstandard1.3)) (&& (== net461) (< net46)) (&& (== net471) (< net46)) (&& (== net472) (< net46)) (&& (== net48) (< net46)) (== net5.0-windows7.0) (== net50) (== netcoreapp2.0) (&& (== netstandard1.0) (>= netstandard1.3)) (&& (== netstandard1.1) (>= netstandard1.3)) (== netstandard2.0)
      System.Resources.ResourceManager (>= 4.3) - restriction: || (&& (== net20) (>= netstandard1.3)) (&& (== net35) (>= netstandard1.3)) (&& (== net40) (>= netstandard1.3)) (&& (== net45) (>= netstandard1.3)) (&& (== net461) (< net46)) (&& (== net471) (< net46)) (&& (== net472) (< net46)) (&& (== net48) (< net46)) (== net5.0-windows7.0) (== net50) (== netcoreapp2.0) (&& (== netstandard1.0) (>= netstandard1.3)) (&& (== netstandard1.1) (>= netstandard1.3)) (== netstandard2.0)
      System.Runtime (>= 4.3) - restriction: || (&& (== net20) (>= netstandard1.3)) (&& (== net35) (>= netstandard1.3)) (&& (== net40) (>= netstandard1.3)) (&& (== net45) (>= netstandard1.3)) (&& (== net461) (< net46)) (&& (== net471) (< net46)) (&& (== net472) (< net46)) (&& (== net48) (< net46)) (== net5.0-windows7.0) (== net50) (== netcoreapp2.0) (&& (== netstandard1.0) (>= netstandard1.3)) (&& (== netstandard1.1) (>= netstandard1.3)) (== netstandard2.0)
      System.Runtime.Extensions (>= 4.3) - restriction: || (&& (== net20) (>= netstandard1.3)) (&& (== net35) (>= netstandard1.3)) (&& (== net40) (>= netstandard1.3)) (&& (== net45) (>= netstandard1.3)) (&& (== net461) (< net46)) (&& (== net471) (< net46)) (&& (== net472) (< net46)) (&& (== net48) (< net46)) (== net5.0-windows7.0) (== net50) (== netcoreapp2.0) (&& (== netstandard1.0) (>= netstandard1.3)) (&& (== netstandard1.1) (>= netstandard1.3)) (== netstandard2.0)
      System.Runtime.Handles (>= 4.3) - restriction: || (&& (== net20) (>= netstandard1.3)) (&& (== net35) (>= netstandard1.3)) (&& (== net40) (>= netstandard1.3)) (&& (== net45) (>= netstandard1.3)) (&& (== net461) (< net46)) (&& (== net471) (< net46)) (&& (== net472) (< net46)) (&& (== net48) (< net46)) (== net5.0-windows7.0) (== net50) (== netcoreapp2.0) (&& (== netstandard1.0) (>= netstandard1.3)) (&& (== netstandard1.1) (>= netstandard1.3)) (== netstandard2.0)
      System.Runtime.InteropServices (>= 4.3) - restriction: || (&& (== net20) (>= netstandard1.3)) (&& (== net35) (>= netstandard1.3)) (&& (== net40) (>= netstandard1.3)) (&& (== net45) (>= netstandard1.3)) (&& (== net461) (< net46)) (&& (== net471) (< net46)) (&& (== net472) (< net46)) (&& (== net48) (< net46)) (== net5.0-windows7.0) (== net50) (== netcoreapp2.0) (&& (== netstandard1.0) (>= netstandard1.3)) (&& (== netstandard1.1) (>= netstandard1.3)) (== netstandard2.0)
      System.Security.Cryptography.Algorithms (>= 4.3) - restriction: || (&& (== net20) (>= net46)) (&& (== net20) (>= netstandard1.3)) (&& (== net35) (>= net46)) (&& (== net35) (>= netstandard1.3)) (&& (== net40) (>= net46)) (&& (== net40) (>= netstandard1.3)) (&& (== net45) (>= net46)) (&& (== net45) (>= netstandard1.3)) (== net461) (== net471) (== net472) (== net48) (== net5.0-windows7.0) (== net50) (== netcoreapp2.0) (&& (== netstandard1.0) (>= net46)) (&& (== netstandard1.0) (>= netstandard1.3)) (&& (== netstandard1.1) (>= net46)) (&& (== netstandard1.1) (>= netstandard1.3)) (== netstandard2.0)
      System.Security.Cryptography.Encoding (>= 4.3) - restriction: || (&& (== net20) (>= netstandard1.3)) (&& (== net35) (>= netstandard1.3)) (&& (== net40) (>= netstandard1.3)) (&& (== net45) (>= netstandard1.3)) (&& (== net461) (< net46)) (&& (== net471) (< net46)) (&& (== net472) (< net46)) (&& (== net48) (< net46)) (== net5.0-windows7.0) (== net50) (== netcoreapp2.0) (&& (== netstandard1.0) (>= netstandard1.3)) (&& (== netstandard1.1) (>= netstandard1.3)) (== netstandard2.0)
      System.Security.Cryptography.Primitives (>= 4.3) - restriction: || (&& (== net20) (>= net46)) (&& (== net20) (>= netstandard1.3)) (&& (== net35) (>= net46)) (&& (== net35) (>= netstandard1.3)) (&& (== net40) (>= net46)) (&& (== net40) (>= netstandard1.3)) (&& (== net45) (>= net46)) (&& (== net45) (>= netstandard1.3)) (== net461) (== net471) (== net472) (== net48) (== net5.0-windows7.0) (== net50) (== netcoreapp2.0) (&& (== netstandard1.0) (>= net46)) (&& (== netstandard1.0) (>= netstandard1.3)) (&& (== netstandard1.1) (>= net46)) (&& (== netstandard1.1) (>= netstandard1.3)) (== netstandard2.0)
      System.Text.Encoding (>= 4.3) - restriction: || (&& (== net20) (>= netstandard1.3)) (&& (== net35) (>= netstandard1.3)) (&& (== net40) (>= netstandard1.3)) (&& (== net45) (>= netstandard1.3)) (&& (== net461) (< net46)) (&& (== net471) (< net46)) (&& (== net472) (< net46)) (&& (== net48) (< net46)) (== net5.0-windows7.0) (== net50) (== netcoreapp2.0) (&& (== netstandard1.0) (>= netstandard1.3)) (&& (== netstandard1.1) (>= netstandard1.3)) (== netstandard2.0)
      System.Threading (>= 4.3) - restriction: || (&& (== net20) (>= netstandard1.3)) (&& (== net35) (>= netstandard1.3)) (&& (== net40) (>= netstandard1.3)) (&& (== net45) (>= netstandard1.3)) (&& (== net461) (< net46)) (&& (== net471) (< net46)) (&& (== net472) (< net46)) (&& (== net48) (< net46)) (== net5.0-windows7.0) (== net50) (== netcoreapp2.0) (&& (== netstandard1.0) (>= netstandard1.3)) (&& (== netstandard1.1) (>= netstandard1.3)) (== netstandard2.0)
    System.Security.Cryptography.Encoding (4.3) - restriction: || (&& (== net20) (>= net463)) (&& (== net20) (>= netstandard1.6)) (&& (== net20) (>= netstandard2.0)) (&& (== net35) (>= net463)) (&& (== net35) (>= netstandard1.6)) (&& (== net35) (>= netstandard2.0)) (&& (== net40) (>= net463)) (&& (== net40) (>= netstandard1.6)) (&& (== net40) (>= netstandard2.0)) (&& (== net45) (>= net463)) (&& (== net45) (>= netstandard1.6)) (&& (== net461) (< net45) (>= netstandard2.0)) (&& (== net461) (< net46) (>= netstandard1.6)) (&& (== net461) (>= net463)) (== net471) (== net472) (== net48) (== net5.0-windows7.0) (== net50) (== netcoreapp2.0) (&& (== netstandard1.0) (>= net463)) (&& (== netstandard1.0) (>= netstandard1.6)) (&& (== netstandard1.0) (>= netstandard2.0)) (&& (== netstandard1.1) (>= net463)) (&& (== netstandard1.1) (>= netstandard1.6)) (&& (== netstandard1.1) (>= netstandard2.0)) (== netstandard2.0)
      Microsoft.NETCore.Platforms (>= 1.1) - restriction: || (&& (== net20) (>= netstandard1.3)) (&& (== net35) (>= netstandard1.3)) (&& (== net40) (>= netstandard1.3)) (&& (== net45) (>= netstandard1.3)) (&& (== net461) (< net46)) (&& (== net471) (< net46)) (&& (== net472) (< net46)) (&& (== net48) (< net46)) (== net5.0-windows7.0) (== net50) (== netcoreapp2.0) (&& (== netstandard1.0) (>= netstandard1.3)) (&& (== netstandard1.1) (>= netstandard1.3)) (== netstandard2.0)
      runtime.native.System.Security.Cryptography.OpenSsl (>= 4.3) - restriction: || (&& (== net20) (>= netstandard1.3)) (&& (== net35) (>= netstandard1.3)) (&& (== net40) (>= netstandard1.3)) (&& (== net45) (>= netstandard1.3)) (&& (== net461) (< net46)) (&& (== net471) (< net46)) (&& (== net472) (< net46)) (&& (== net48) (< net46)) (== net5.0-windows7.0) (== net50) (== netcoreapp2.0) (&& (== netstandard1.0) (>= netstandard1.3)) (&& (== netstandard1.1) (>= netstandard1.3)) (== netstandard2.0)
      System.Collections (>= 4.3) - restriction: || (&& (== net20) (>= netstandard1.3)) (&& (== net35) (>= netstandard1.3)) (&& (== net40) (>= netstandard1.3)) (&& (== net45) (>= netstandard1.3)) (&& (== net461) (< net46)) (&& (== net471) (< net46)) (&& (== net472) (< net46)) (&& (== net48) (< net46)) (== net5.0-windows7.0) (== net50) (== netcoreapp2.0) (&& (== netstandard1.0) (>= netstandard1.3)) (&& (== netstandard1.1) (>= netstandard1.3)) (== netstandard2.0)
      System.Collections.Concurrent (>= 4.3) - restriction: || (&& (== net20) (>= netstandard1.3)) (&& (== net35) (>= netstandard1.3)) (&& (== net40) (>= netstandard1.3)) (&& (== net45) (>= netstandard1.3)) (&& (== net461) (< net46)) (&& (== net471) (< net46)) (&& (== net472) (< net46)) (&& (== net48) (< net46)) (== net5.0-windows7.0) (== net50) (== netcoreapp2.0) (&& (== netstandard1.0) (>= netstandard1.3)) (&& (== netstandard1.1) (>= netstandard1.3)) (== netstandard2.0)
      System.Linq (>= 4.3) - restriction: || (&& (== net20) (>= netstandard1.3)) (&& (== net35) (>= netstandard1.3)) (&& (== net40) (>= netstandard1.3)) (&& (== net45) (>= netstandard1.3)) (&& (== net461) (< net46)) (&& (== net471) (< net46)) (&& (== net472) (< net46)) (&& (== net48) (< net46)) (== net5.0-windows7.0) (== net50) (== netcoreapp2.0) (&& (== netstandard1.0) (>= netstandard1.3)) (&& (== netstandard1.1) (>= netstandard1.3)) (== netstandard2.0)
      System.Resources.ResourceManager (>= 4.3) - restriction: || (&& (== net20) (>= netstandard1.3)) (&& (== net35) (>= netstandard1.3)) (&& (== net40) (>= netstandard1.3)) (&& (== net45) (>= netstandard1.3)) (&& (== net461) (< net46)) (&& (== net471) (< net46)) (&& (== net472) (< net46)) (&& (== net48) (< net46)) (== net5.0-windows7.0) (== net50) (== netcoreapp2.0) (&& (== netstandard1.0) (>= netstandard1.3)) (&& (== netstandard1.1) (>= netstandard1.3)) (== netstandard2.0)
      System.Runtime (>= 4.3) - restriction: || (&& (== net20) (>= netstandard1.3)) (&& (== net35) (>= netstandard1.3)) (&& (== net40) (>= netstandard1.3)) (&& (== net45) (>= netstandard1.3)) (&& (== net461) (< net46)) (&& (== net471) (< net46)) (&& (== net472) (< net46)) (&& (== net48) (< net46)) (== net5.0-windows7.0) (== net50) (== netcoreapp2.0) (&& (== netstandard1.0) (>= netstandard1.3)) (&& (== netstandard1.1) (>= netstandard1.3)) (== netstandard2.0)
      System.Runtime.Extensions (>= 4.3) - restriction: || (&& (== net20) (>= netstandard1.3)) (&& (== net35) (>= netstandard1.3)) (&& (== net40) (>= netstandard1.3)) (&& (== net45) (>= netstandard1.3)) (&& (== net461) (< net46)) (&& (== net471) (< net46)) (&& (== net472) (< net46)) (&& (== net48) (< net46)) (== net5.0-windows7.0) (== net50) (== netcoreapp2.0) (&& (== netstandard1.0) (>= netstandard1.3)) (&& (== netstandard1.1) (>= netstandard1.3)) (== netstandard2.0)
      System.Runtime.Handles (>= 4.3) - restriction: || (&& (== net20) (>= netstandard1.3)) (&& (== net35) (>= netstandard1.3)) (&& (== net40) (>= netstandard1.3)) (&& (== net45) (>= netstandard1.3)) (&& (== net461) (< net46)) (&& (== net471) (< net46)) (&& (== net472) (< net46)) (&& (== net48) (< net46)) (== net5.0-windows7.0) (== net50) (== netcoreapp2.0) (&& (== netstandard1.0) (>= netstandard1.3)) (&& (== netstandard1.1) (>= netstandard1.3)) (== netstandard2.0)
      System.Runtime.InteropServices (>= 4.3) - restriction: || (&& (== net20) (>= netstandard1.3)) (&& (== net35) (>= netstandard1.3)) (&& (== net40) (>= netstandard1.3)) (&& (== net45) (>= netstandard1.3)) (&& (== net461) (< net46)) (&& (== net471) (< net46)) (&& (== net472) (< net46)) (&& (== net48) (< net46)) (== net5.0-windows7.0) (== net50) (== netcoreapp2.0) (&& (== netstandard1.0) (>= netstandard1.3)) (&& (== netstandard1.1) (>= netstandard1.3)) (== netstandard2.0)
      System.Security.Cryptography.Primitives (>= 4.3) - restriction: || (&& (== net20) (>= netstandard1.3)) (&& (== net35) (>= netstandard1.3)) (&& (== net40) (>= netstandard1.3)) (&& (== net45) (>= netstandard1.3)) (&& (== net461) (< net46)) (&& (== net471) (< net46)) (&& (== net472) (< net46)) (&& (== net48) (< net46)) (== net5.0-windows7.0) (== net50) (== netcoreapp2.0) (&& (== netstandard1.0) (>= netstandard1.3)) (&& (== netstandard1.1) (>= netstandard1.3)) (== netstandard2.0)
      System.Text.Encoding (>= 4.3) - restriction: || (&& (== net20) (>= netstandard1.3)) (&& (== net35) (>= netstandard1.3)) (&& (== net40) (>= netstandard1.3)) (&& (== net45) (>= netstandard1.3)) (&& (== net461) (< net46)) (&& (== net471) (< net46)) (&& (== net472) (< net46)) (&& (== net48) (< net46)) (== net5.0-windows7.0) (== net50) (== netcoreapp2.0) (&& (== netstandard1.0) (>= netstandard1.3)) (&& (== netstandard1.1) (>= netstandard1.3)) (== netstandard2.0)
    System.Security.Cryptography.OpenSsl (5.0) - restriction: || (&& (== net20) (== net471)) (&& (== net20) (== net472)) (&& (== net20) (== net48)) (&& (== net20) (>= netstandard2.0)) (&& (== net35) (== net471)) (&& (== net35) (== net472)) (&& (== net35) (== net48)) (&& (== net35) (>= netstandard2.0)) (&& (== net40) (== net471)) (&& (== net40) (== net472)) (&& (== net40) (== net48)) (&& (== net40) (>= netstandard2.0)) (&& (== net461) (< net45) (>= netstandard2.0)) (&& (== net471) (== netstandard1.0)) (&& (== net471) (== netstandard1.1)) (&& (== net471) (< net45)) (&& (== net472) (== netstandard1.0)) (&& (== net472) (== netstandard1.1)) (&& (== net472) (< net45)) (&& (== net48) (== netstandard1.0)) (&& (== net48) (== netstandard1.1)) (&& (== net48) (< net45)) (== net5.0-windows7.0) (== net50) (== netcoreapp2.0) (&& (== netstandard1.0) (>= netstandard2.0)) (&& (== netstandard1.1) (>= netstandard2.0)) (== netstandard2.0)
      Microsoft.NETCore.Platforms (>= 5.0) - restriction: || (&& (== net20) (>= netcoreapp2.0)) (&& (== net35) (>= netcoreapp2.0)) (&& (== net40) (>= netcoreapp2.0)) (&& (== net45) (>= netcoreapp2.0)) (&& (== net461) (>= netcoreapp2.0)) (&& (== net471) (>= netcoreapp2.0)) (&& (== net472) (>= netcoreapp2.0)) (&& (== net48) (>= netcoreapp2.0)) (&& (== net5.0-windows7.0) (< netcoreapp2.1)) (&& (== net50) (< netcoreapp2.1)) (== netcoreapp2.0) (&& (== netstandard1.0) (>= netcoreapp2.0)) (&& (== netstandard1.1) (>= netcoreapp2.0)) (&& (== netstandard2.0) (>= netcoreapp2.0))
      System.Formats.Asn1 (>= 5.0) - restriction: || (&& (== net20) (>= netcoreapp3.0)) (&& (== net35) (>= netcoreapp3.0)) (&& (== net40) (>= netcoreapp3.0)) (&& (== net45) (>= netcoreapp3.0)) (&& (== net461) (>= netcoreapp3.0)) (&& (== net471) (>= netcoreapp3.0)) (&& (== net472) (>= netcoreapp3.0)) (&& (== net48) (>= netcoreapp3.0)) (== net5.0-windows7.0) (== net50) (&& (== netcoreapp2.0) (>= netcoreapp3.0)) (&& (== netstandard1.0) (>= netcoreapp3.0)) (&& (== netstandard1.1) (>= netcoreapp3.0)) (&& (== netstandard2.0) (>= netcoreapp3.0))
    System.Security.Cryptography.Pkcs (5.0.1) - restriction: || (&& (== net20) (== net471)) (&& (== net20) (== net472)) (&& (== net20) (== net48)) (&& (== net20) (>= netcoreapp2.0)) (&& (== net20) (>= netcoreapp2.1)) (&& (== net20) (>= netcoreapp3.0)) (&& (== net20) (>= netstandard2.0)) (&& (== net20) (>= netstandard2.1)) (&& (== net35) (== net471)) (&& (== net35) (== net472)) (&& (== net35) (== net48)) (&& (== net35) (>= netcoreapp2.0)) (&& (== net35) (>= netcoreapp2.1)) (&& (== net35) (>= netcoreapp3.0)) (&& (== net35) (>= netstandard2.0)) (&& (== net35) (>= netstandard2.1)) (&& (== net40) (== net471)) (&& (== net40) (== net472)) (&& (== net40) (== net48)) (&& (== net40) (>= netcoreapp2.0)) (&& (== net40) (>= netcoreapp2.1)) (&& (== net40) (>= netcoreapp3.0)) (&& (== net40) (>= netstandard2.0)) (&& (== net40) (>= netstandard2.1)) (&& (== net45) (== net471)) (&& (== net45) (== net472)) (&& (== net45) (== net48)) (&& (== net45) (>= netcoreapp2.0)) (&& (== net45) (>= netcoreapp2.1)) (&& (== net45) (>= netcoreapp3.0)) (&& (== net45) (>= netstandard2.0)) (&& (== net45) (>= netstandard2.1)) (&& (== net461) (>= netcoreapp3.0)) (&& (== net461) (>= netstandard2.1)) (&& (== net471) (== netstandard1.0)) (&& (== net471) (== netstandard1.1)) (&& (== net471) (< net461)) (&& (== net471) (>= netcoreapp2.0)) (&& (== net471) (>= netcoreapp2.1)) (&& (== net471) (>= netcoreapp3.0)) (&& (== net471) (>= netstandard2.1)) (&& (== net472) (== netstandard1.0)) (&& (== net472) (== netstandard1.1)) (&& (== net472) (< net461)) (&& (== net472) (>= netcoreapp2.0)) (&& (== net472) (>= netcoreapp2.1)) (&& (== net472) (>= netcoreapp3.0)) (&& (== net472) (>= netstandard2.1)) (&& (== net48) (== netstandard1.0)) (&& (== net48) (== netstandard1.1)) (&& (== net48) (< net461)) (&& (== net48) (>= netcoreapp2.0)) (&& (== net48) (>= netcoreapp2.1)) (&& (== net48) (>= netcoreapp3.0)) (&& (== net48) (>= netstandard2.1)) (== net5.0-windows7.0) (== net50) (== netcoreapp2.0) (&& (== netstandard1.0) (>= netcoreapp2.0)) (&& (== netstandard1.0) (>= netcoreapp2.1)) (&& (== netstandard1.0) (>= netcoreapp3.0)) (&& (== netstandard1.0) (>= netstandard2.0)) (&& (== netstandard1.0) (>= netstandard2.1)) (&& (== netstandard1.1) (>= netcoreapp2.0)) (&& (== netstandard1.1) (>= netcoreapp2.1)) (&& (== netstandard1.1) (>= netcoreapp3.0)) (&& (== netstandard1.1) (>= netstandard2.0)) (&& (== netstandard1.1) (>= netstandard2.1)) (== netstandard2.0)
      System.Buffers (>= 4.5.1) - restriction: || (&& (== net20) (>= netstandard2.0)) (&& (== net35) (>= netstandard2.0)) (&& (== net40) (>= netstandard2.0)) (&& (== net45) (>= netstandard2.0)) (&& (== net461) (< net46) (>= netstandard2.0)) (&& (== net471) (< net46)) (&& (== net472) (< net46)) (&& (== net48) (< net46)) (&& (== net5.0-windows7.0) (< netcoreapp2.0) (< netstandard2.1)) (&& (== net50) (< netcoreapp2.0) (< netstandard2.1)) (&& (== netstandard1.0) (>= netstandard2.0)) (&& (== netstandard1.1) (>= netstandard2.0)) (== netstandard2.0)
      System.Formats.Asn1 (>= 5.0) - restriction: || (&& (== net20) (>= monoandroid)) (&& (== net20) (>= monotouch)) (&& (== net20) (>= netcoreapp2.0)) (&& (== net20) (>= netcoreapp3.0)) (&& (== net20) (>= netstandard2.0)) (&& (== net20) (>= netstandard2.1)) (&& (== net20) (>= uap10.1)) (&& (== net20) (>= xamarinios)) (&& (== net20) (>= xamarinmac)) (&& (== net20) (>= xamarintvos)) (&& (== net20) (>= xamarinwatchos)) (&& (== net35) (>= monoandroid)) (&& (== net35) (>= monotouch)) (&& (== net35) (>= netcoreapp2.0)) (&& (== net35) (>= netcoreapp3.0)) (&& (== net35) (>= netstandard2.0)) (&& (== net35) (>= netstandard2.1)) (&& (== net35) (>= uap10.1)) (&& (== net35) (>= xamarinios)) (&& (== net35) (>= xamarinmac)) (&& (== net35) (>= xamarintvos)) (&& (== net35) (>= xamarinwatchos)) (&& (== net40) (>= monoandroid)) (&& (== net40) (>= monotouch)) (&& (== net40) (>= netcoreapp2.0)) (&& (== net40) (>= netcoreapp3.0)) (&& (== net40) (>= netstandard2.0)) (&& (== net40) (>= netstandard2.1)) (&& (== net40) (>= uap10.1)) (&& (== net40) (>= xamarinios)) (&& (== net40) (>= xamarinmac)) (&& (== net40) (>= xamarintvos)) (&& (== net40) (>= xamarinwatchos)) (&& (== net45) (>= monoandroid)) (&& (== net45) (>= monotouch)) (&& (== net45) (>= netcoreapp2.0)) (&& (== net45) (>= netcoreapp3.0)) (&& (== net45) (>= netstandard2.0)) (&& (== net45) (>= netstandard2.1)) (&& (== net45) (>= uap10.1)) (&& (== net45) (>= xamarinios)) (&& (== net45) (>= xamarinmac)) (&& (== net45) (>= xamarintvos)) (&& (== net45) (>= xamarinwatchos)) (&& (== net461) (>= monoandroid)) (&& (== net461) (>= monotouch)) (&& (== net461) (< net46) (>= netstandard2.0)) (&& (== net461) (>= netcoreapp2.0)) (&& (== net461) (>= netcoreapp3.0)) (&& (== net461) (>= netstandard2.1)) (&& (== net461) (>= uap10.1)) (&& (== net461) (>= xamarinios)) (&& (== net461) (>= xamarinmac)) (&& (== net461) (>= xamarintvos)) (&& (== net461) (>= xamarinwatchos)) (&& (== net471) (>= monoandroid)) (&& (== net471) (>= monotouch)) (&& (== net471) (< net46)) (&& (== net471) (>= netcoreapp2.0)) (&& (== net471) (>= netcoreapp3.0)) (&& (== net471) (>= netstandard2.1)) (&& (== net471) (>= uap10.1)) (&& (== net471) (>= xamarinios)) (&& (== net471) (>= xamarinmac)) (&& (== net471) (>= xamarintvos)) (&& (== net471) (>= xamarinwatchos)) (&& (== net472) (>= monoandroid)) (&& (== net472) (>= monotouch)) (&& (== net472) (< net46)) (&& (== net472) (>= netcoreapp2.0)) (&& (== net472) (>= netcoreapp3.0)) (&& (== net472) (>= netstandard2.1)) (&& (== net472) (>= uap10.1)) (&& (== net472) (>= xamarinios)) (&& (== net472) (>= xamarinmac)) (&& (== net472) (>= xamarintvos)) (&& (== net472) (>= xamarinwatchos)) (&& (== net48) (>= monoandroid)) (&& (== net48) (>= monotouch)) (&& (== net48) (< net46)) (&& (== net48) (>= netcoreapp2.0)) (&& (== net48) (>= netcoreapp3.0)) (&& (== net48) (>= netstandard2.1)) (&& (== net48) (>= uap10.1)) (&& (== net48) (>= xamarinios)) (&& (== net48) (>= xamarinmac)) (&& (== net48) (>= xamarintvos)) (&& (== net48) (>= xamarinwatchos)) (== net5.0-windows7.0) (== net50) (== netcoreapp2.0) (&& (== netstandard1.0) (>= monoandroid)) (&& (== netstandard1.0) (>= monotouch)) (&& (== netstandard1.0) (>= netcoreapp2.0)) (&& (== netstandard1.0) (>= netcoreapp3.0)) (&& (== netstandard1.0) (>= netstandard2.0)) (&& (== netstandard1.0) (>= netstandard2.1)) (&& (== netstandard1.0) (>= uap10.1)) (&& (== netstandard1.0) (>= xamarinios)) (&& (== netstandard1.0) (>= xamarinmac)) (&& (== netstandard1.0) (>= xamarintvos)) (&& (== netstandard1.0) (>= xamarinwatchos)) (&& (== netstandard1.1) (>= monoandroid)) (&& (== netstandard1.1) (>= monotouch)) (&& (== netstandard1.1) (>= netcoreapp2.0)) (&& (== netstandard1.1) (>= netcoreapp3.0)) (&& (== netstandard1.1) (>= netstandard2.0)) (&& (== netstandard1.1) (>= netstandard2.1)) (&& (== netstandard1.1) (>= uap10.1)) (&& (== netstandard1.1) (>= xamarinios)) (&& (== netstandard1.1) (>= xamarinmac)) (&& (== netstandard1.1) (>= xamarintvos)) (&& (== netstandard1.1) (>= xamarinwatchos)) (== netstandard2.0)
      System.Memory (>= 4.5.4) - restriction: || (&& (== net20) (>= netcoreapp2.0)) (&& (== net20) (>= netstandard2.0)) (&& (== net20) (>= uap10.1)) (&& (== net35) (>= netcoreapp2.0)) (&& (== net35) (>= netstandard2.0)) (&& (== net35) (>= uap10.1)) (&& (== net40) (>= netcoreapp2.0)) (&& (== net40) (>= netstandard2.0)) (&& (== net40) (>= uap10.1)) (&& (== net45) (>= netcoreapp2.0)) (&& (== net45) (>= netstandard2.0)) (&& (== net45) (>= uap10.1)) (&& (== net461) (< net46) (>= netstandard2.0)) (&& (== net461) (>= netcoreapp2.0)) (&& (== net461) (>= uap10.1)) (&& (== net471) (< net46)) (&& (== net471) (>= netcoreapp2.0)) (&& (== net471) (>= uap10.1)) (&& (== net472) (< net46)) (&& (== net472) (>= netcoreapp2.0)) (&& (== net472) (>= uap10.1)) (&& (== net48) (< net46)) (&& (== net48) (>= netcoreapp2.0)) (&& (== net48) (>= uap10.1)) (&& (== net5.0-windows7.0) (< netcoreapp2.0) (< netstandard2.1)) (&& (== net5.0-windows7.0) (< netcoreapp2.1) (< netstandard2.1)) (&& (== net5.0-windows7.0) (>= uap10.1)) (&& (== net50) (< netcoreapp2.0) (< netstandard2.1)) (&& (== net50) (< netcoreapp2.1) (< netstandard2.1)) (&& (== net50) (>= uap10.1)) (== netcoreapp2.0) (&& (== netstandard1.0) (>= netcoreapp2.0)) (&& (== netstandard1.0) (>= netstandard2.0)) (&& (== netstandard1.0) (>= uap10.1)) (&& (== netstandard1.1) (>= netcoreapp2.0)) (&& (== netstandard1.1) (>= netstandard2.0)) (&& (== netstandard1.1) (>= uap10.1)) (== netstandard2.0)
      System.Security.Cryptography.Cng (>= 5.0) - restriction: || (&& (== net20) (>= netcoreapp2.0)) (&& (== net20) (>= netcoreapp2.1)) (&& (== net20) (>= netcoreapp3.0)) (&& (== net20) (>= netstandard2.0)) (&& (== net20) (>= netstandard2.1)) (&& (== net35) (>= netcoreapp2.0)) (&& (== net35) (>= netcoreapp2.1)) (&& (== net35) (>= netcoreapp3.0)) (&& (== net35) (>= netstandard2.0)) (&& (== net35) (>= netstandard2.1)) (&& (== net40) (>= netcoreapp2.0)) (&& (== net40) (>= netcoreapp2.1)) (&& (== net40) (>= netcoreapp3.0)) (&& (== net40) (>= netstandard2.0)) (&& (== net40) (>= netstandard2.1)) (&& (== net45) (>= netcoreapp2.0)) (&& (== net45) (>= netcoreapp2.1)) (&& (== net45) (>= netcoreapp3.0)) (&& (== net45) (>= netstandard2.0)) (&& (== net45) (>= netstandard2.1)) (&& (== net461) (< net46) (>= netstandard2.0)) (&& (== net461) (>= netcoreapp2.0)) (&& (== net461) (>= netcoreapp2.1)) (&& (== net461) (>= netcoreapp3.0)) (&& (== net461) (>= netstandard2.1)) (&& (== net471) (< net46)) (&& (== net471) (>= netcoreapp2.0)) (&& (== net471) (>= netcoreapp2.1)) (&& (== net471) (>= netcoreapp3.0)) (&& (== net471) (>= netstandard2.1)) (&& (== net472) (< net46)) (&& (== net472) (>= netcoreapp2.0)) (&& (== net472) (>= netcoreapp2.1)) (&& (== net472) (>= netcoreapp3.0)) (&& (== net472) (>= netstandard2.1)) (&& (== net48) (< net46)) (&& (== net48) (>= netcoreapp2.0)) (&& (== net48) (>= netcoreapp2.1)) (&& (== net48) (>= netcoreapp3.0)) (&& (== net48) (>= netstandard2.1)) (== net5.0-windows7.0) (== net50) (== netcoreapp2.0) (&& (== netstandard1.0) (>= netcoreapp2.0)) (&& (== netstandard1.0) (>= netcoreapp2.1)) (&& (== netstandard1.0) (>= netcoreapp3.0)) (&& (== netstandard1.0) (>= netstandard2.0)) (&& (== netstandard1.0) (>= netstandard2.1)) (&& (== netstandard1.1) (>= netcoreapp2.0)) (&& (== netstandard1.1) (>= netcoreapp2.1)) (&& (== netstandard1.1) (>= netcoreapp3.0)) (&& (== netstandard1.1) (>= netstandard2.0)) (&& (== netstandard1.1) (>= netstandard2.1)) (== netstandard2.0)
    System.Security.Cryptography.Primitives (4.3) - restriction: || (&& (== net20) (>= net46)) (&& (== net20) (>= net461)) (&& (== net20) (>= net463)) (&& (== net20) (>= netstandard1.3)) (&& (== net20) (>= netstandard1.4)) (&& (== net20) (>= netstandard1.6)) (&& (== net20) (>= netstandard2.0)) (&& (== net35) (>= net46)) (&& (== net35) (>= net461)) (&& (== net35) (>= net463)) (&& (== net35) (>= netstandard1.3)) (&& (== net35) (>= netstandard1.4)) (&& (== net35) (>= netstandard1.6)) (&& (== net35) (>= netstandard2.0)) (&& (== net40) (>= net46)) (&& (== net40) (>= net461)) (&& (== net40) (>= net463)) (&& (== net40) (>= netstandard1.3)) (&& (== net40) (>= netstandard1.4)) (&& (== net40) (>= netstandard1.6)) (&& (== net40) (>= netstandard2.0)) (&& (== net45) (>= net46)) (&& (== net45) (>= net461)) (&& (== net45) (>= net463)) (&& (== net45) (>= netstandard1.3)) (&& (== net45) (>= netstandard1.4)) (&& (== net45) (>= netstandard1.6)) (== net461) (== net471) (== net472) (== net48) (== net5.0-windows7.0) (== net50) (== netcoreapp2.0) (&& (== netstandard1.0) (>= net46)) (&& (== netstandard1.0) (>= net461)) (&& (== netstandard1.0) (>= net463)) (&& (== netstandard1.0) (>= netstandard1.3)) (&& (== netstandard1.0) (>= netstandard1.4)) (&& (== netstandard1.0) (>= netstandard1.6)) (&& (== netstandard1.0) (>= netstandard2.0)) (&& (== netstandard1.1) (>= net46)) (&& (== netstandard1.1) (>= net461)) (&& (== netstandard1.1) (>= net463)) (&& (== netstandard1.1) (>= netstandard1.3)) (&& (== netstandard1.1) (>= netstandard1.4)) (&& (== netstandard1.1) (>= netstandard1.6)) (&& (== netstandard1.1) (>= netstandard2.0)) (== netstandard2.0)
      System.Diagnostics.Debug (>= 4.3) - restriction: || (&& (== net20) (>= netstandard1.3)) (&& (== net35) (>= netstandard1.3)) (&& (== net40) (>= netstandard1.3)) (&& (== net45) (>= netstandard1.3)) (&& (== net461) (< net46)) (&& (== net471) (< net46)) (&& (== net472) (< net46)) (&& (== net48) (< net46)) (== net5.0-windows7.0) (== net50) (== netcoreapp2.0) (&& (== netstandard1.0) (>= netstandard1.3)) (&& (== netstandard1.1) (>= netstandard1.3)) (== netstandard2.0)
      System.Globalization (>= 4.3) - restriction: || (&& (== net20) (>= netstandard1.3)) (&& (== net35) (>= netstandard1.3)) (&& (== net40) (>= netstandard1.3)) (&& (== net45) (>= netstandard1.3)) (&& (== net461) (< net46)) (&& (== net471) (< net46)) (&& (== net472) (< net46)) (&& (== net48) (< net46)) (== net5.0-windows7.0) (== net50) (== netcoreapp2.0) (&& (== netstandard1.0) (>= netstandard1.3)) (&& (== netstandard1.1) (>= netstandard1.3)) (== netstandard2.0)
      System.IO (>= 4.3) - restriction: || (&& (== net20) (>= netstandard1.3)) (&& (== net35) (>= netstandard1.3)) (&& (== net40) (>= netstandard1.3)) (&& (== net45) (>= netstandard1.3)) (&& (== net461) (< net46)) (&& (== net471) (< net46)) (&& (== net472) (< net46)) (&& (== net48) (< net46)) (== net5.0-windows7.0) (== net50) (== netcoreapp2.0) (&& (== netstandard1.0) (>= netstandard1.3)) (&& (== netstandard1.1) (>= netstandard1.3)) (== netstandard2.0)
      System.Resources.ResourceManager (>= 4.3) - restriction: || (&& (== net20) (>= netstandard1.3)) (&& (== net35) (>= netstandard1.3)) (&& (== net40) (>= netstandard1.3)) (&& (== net45) (>= netstandard1.3)) (&& (== net461) (< net46)) (&& (== net471) (< net46)) (&& (== net472) (< net46)) (&& (== net48) (< net46)) (== net5.0-windows7.0) (== net50) (== netcoreapp2.0) (&& (== netstandard1.0) (>= netstandard1.3)) (&& (== netstandard1.1) (>= netstandard1.3)) (== netstandard2.0)
      System.Runtime (>= 4.3) - restriction: || (&& (== net20) (>= netstandard1.3)) (&& (== net35) (>= netstandard1.3)) (&& (== net40) (>= netstandard1.3)) (&& (== net45) (>= netstandard1.3)) (&& (== net461) (< net46)) (&& (== net471) (< net46)) (&& (== net472) (< net46)) (&& (== net48) (< net46)) (== net5.0-windows7.0) (== net50) (== netcoreapp2.0) (&& (== netstandard1.0) (>= netstandard1.3)) (&& (== netstandard1.1) (>= netstandard1.3)) (== netstandard2.0)
      System.Threading (>= 4.3) - restriction: || (&& (== net20) (>= netstandard1.3)) (&& (== net35) (>= netstandard1.3)) (&& (== net40) (>= netstandard1.3)) (&& (== net45) (>= netstandard1.3)) (&& (== net461) (< net46)) (&& (== net471) (< net46)) (&& (== net472) (< net46)) (&& (== net48) (< net46)) (== net5.0-windows7.0) (== net50) (== netcoreapp2.0) (&& (== netstandard1.0) (>= netstandard1.3)) (&& (== netstandard1.1) (>= netstandard1.3)) (== netstandard2.0)
      System.Threading.Tasks (>= 4.3) - restriction: || (&& (== net20) (>= netstandard1.3)) (&& (== net35) (>= netstandard1.3)) (&& (== net40) (>= netstandard1.3)) (&& (== net45) (>= netstandard1.3)) (&& (== net461) (< net46)) (&& (== net471) (< net46)) (&& (== net472) (< net46)) (&& (== net48) (< net46)) (== net5.0-windows7.0) (== net50) (== netcoreapp2.0) (&& (== netstandard1.0) (>= netstandard1.3)) (&& (== netstandard1.1) (>= netstandard1.3)) (== netstandard2.0)
    System.Security.Cryptography.ProtectedData (5.0) - restriction: || (&& (== net20) (== net471)) (&& (== net20) (== net472)) (&& (== net20) (== net48)) (&& (== net20) (>= netcoreapp2.0)) (&& (== net20) (>= netcoreapp2.1)) (&& (== net20) (>= netcoreapp3.0)) (&& (== net20) (>= netstandard2.0)) (&& (== net20) (>= netstandard2.1)) (&& (== net35) (== net471)) (&& (== net35) (== net472)) (&& (== net35) (== net48)) (&& (== net35) (>= netcoreapp2.0)) (&& (== net35) (>= netcoreapp2.1)) (&& (== net35) (>= netcoreapp3.0)) (&& (== net35) (>= netstandard2.0)) (&& (== net35) (>= netstandard2.1)) (&& (== net40) (== net471)) (&& (== net40) (== net472)) (&& (== net40) (== net48)) (&& (== net40) (>= netcoreapp2.0)) (&& (== net40) (>= netcoreapp2.1)) (&& (== net40) (>= netcoreapp3.0)) (&& (== net40) (>= netstandard2.0)) (&& (== net40) (>= netstandard2.1)) (&& (== net45) (== net471)) (&& (== net45) (== net472)) (&& (== net45) (== net48)) (&& (== net45) (>= netcoreapp2.0)) (&& (== net45) (>= netcoreapp2.1)) (&& (== net45) (>= netcoreapp3.0)) (&& (== net45) (>= netstandard2.0)) (&& (== net45) (>= netstandard2.1)) (&& (== net461) (>= netcoreapp3.0)) (&& (== net461) (>= netstandard2.1)) (&& (== net471) (== netstandard1.0)) (&& (== net471) (== netstandard1.1)) (&& (== net471) (< net461)) (&& (== net471) (>= netcoreapp2.0)) (&& (== net471) (>= netcoreapp2.1)) (&& (== net471) (>= netcoreapp3.0)) (&& (== net471) (>= netstandard2.1)) (&& (== net472) (== netstandard1.0)) (&& (== net472) (== netstandard1.1)) (&& (== net472) (< net461)) (&& (== net472) (>= netcoreapp2.0)) (&& (== net472) (>= netcoreapp2.1)) (&& (== net472) (>= netcoreapp3.0)) (&& (== net472) (>= netstandard2.1)) (&& (== net48) (== netstandard1.0)) (&& (== net48) (== netstandard1.1)) (&& (== net48) (< net461)) (&& (== net48) (>= netcoreapp2.0)) (&& (== net48) (>= netcoreapp2.1)) (&& (== net48) (>= netcoreapp3.0)) (&& (== net48) (>= netstandard2.1)) (== net5.0-windows7.0) (== net50) (== netcoreapp2.0) (&& (== netstandard1.0) (>= netcoreapp2.0)) (&& (== netstandard1.0) (>= netcoreapp2.1)) (&& (== netstandard1.0) (>= netcoreapp3.0)) (&& (== netstandard1.0) (>= netstandard2.0)) (&& (== netstandard1.0) (>= netstandard2.1)) (&& (== netstandard1.1) (>= netcoreapp2.0)) (&& (== netstandard1.1) (>= netcoreapp2.1)) (&& (== netstandard1.1) (>= netcoreapp3.0)) (&& (== netstandard1.1) (>= netstandard2.0)) (&& (== netstandard1.1) (>= netstandard2.1)) (== netstandard2.0)
      System.Memory (>= 4.5.4) - restriction: || (&& (== net20) (>= netstandard2.0)) (&& (== net35) (>= netstandard2.0)) (&& (== net40) (>= netstandard2.0)) (&& (== net45) (>= netstandard2.0)) (&& (== net461) (< net46) (>= netstandard2.0)) (&& (== net471) (< net46)) (&& (== net472) (< net46)) (&& (== net48) (< net46)) (&& (== net5.0-windows7.0) (< netcoreapp2.1)) (&& (== net50) (< netcoreapp2.1)) (== netcoreapp2.0) (&& (== netstandard1.0) (>= netstandard2.0)) (&& (== netstandard1.1) (>= netstandard2.0)) (== netstandard2.0)
    System.Security.Cryptography.X509Certificates (4.3.2) - restriction: || (&& (== net20) (== net471)) (&& (== net20) (== net472)) (&& (== net20) (== net48)) (&& (== net20) (>= netstandard2.0)) (&& (== net35) (== net471)) (&& (== net35) (== net472)) (&& (== net35) (== net48)) (&& (== net35) (>= netstandard2.0)) (&& (== net40) (== net471)) (&& (== net40) (== net472)) (&& (== net40) (== net48)) (&& (== net40) (>= netstandard2.0)) (&& (== net45) (== net461) (>= netstandard2.0)) (&& (== net45) (== net471)) (&& (== net45) (== net472)) (&& (== net45) (== net48)) (&& (== net45) (>= net46) (>= netstandard2.0)) (&& (== net461) (< net45) (>= netstandard2.0)) (&& (== net461) (< net46) (>= netstandard2.0)) (&& (== net471) (== netstandard1.0)) (&& (== net471) (== netstandard1.1)) (&& (== net471) (< net45)) (&& (== net471) (< net46)) (&& (== net472) (== netstandard1.0)) (&& (== net472) (== netstandard1.1)) (&& (== net472) (< net45)) (&& (== net472) (< net46)) (&& (== net48) (== netstandard1.0)) (&& (== net48) (== netstandard1.1)) (&& (== net48) (< net45)) (&& (== net48) (< net46)) (== net5.0-windows7.0) (== net50) (== netcoreapp2.0) (&& (== netstandard1.0) (>= netstandard2.0)) (&& (== netstandard1.1) (>= netstandard2.0)) (== netstandard2.0)
      Microsoft.NETCore.Platforms (>= 1.1) - restriction: || (&& (== net20) (>= netstandard1.6)) (&& (== net35) (>= netstandard1.6)) (&& (== net40) (>= netstandard1.6)) (&& (== net45) (>= netstandard1.6)) (&& (== net461) (< net46) (>= netstandard1.6)) (&& (== net471) (< net46)) (&& (== net472) (< net46)) (&& (== net48) (< net46)) (== net5.0-windows7.0) (== net50) (== netcoreapp2.0) (&& (== netstandard1.0) (>= netstandard1.6)) (&& (== netstandard1.1) (>= netstandard1.6)) (== netstandard2.0)
      runtime.native.System (>= 4.3) - restriction: || (&& (== net20) (>= netstandard1.6)) (&& (== net35) (>= netstandard1.6)) (&& (== net40) (>= netstandard1.6)) (&& (== net45) (>= netstandard1.6)) (&& (== net461) (< net46) (>= netstandard1.6)) (&& (== net471) (< net46)) (&& (== net472) (< net46)) (&& (== net48) (< net46)) (== net5.0-windows7.0) (== net50) (== netcoreapp2.0) (&& (== netstandard1.0) (>= netstandard1.6)) (&& (== netstandard1.1) (>= netstandard1.6)) (== netstandard2.0)
      runtime.native.System.Net.Http (>= 4.3) - restriction: || (&& (== net20) (>= netstandard1.6)) (&& (== net35) (>= netstandard1.6)) (&& (== net40) (>= netstandard1.6)) (&& (== net45) (>= netstandard1.6)) (&& (== net461) (< net46) (>= netstandard1.6)) (&& (== net471) (< net46)) (&& (== net472) (< net46)) (&& (== net48) (< net46)) (== net5.0-windows7.0) (== net50) (== netcoreapp2.0) (&& (== netstandard1.0) (>= netstandard1.6)) (&& (== netstandard1.1) (>= netstandard1.6)) (== netstandard2.0)
      runtime.native.System.Security.Cryptography.OpenSsl (>= 4.3.2) - restriction: || (&& (== net20) (>= netstandard1.6)) (&& (== net35) (>= netstandard1.6)) (&& (== net40) (>= netstandard1.6)) (&& (== net45) (>= netstandard1.6)) (&& (== net461) (< net46) (>= netstandard1.6)) (&& (== net471) (< net46)) (&& (== net472) (< net46)) (&& (== net48) (< net46)) (== net5.0-windows7.0) (== net50) (== netcoreapp2.0) (&& (== netstandard1.0) (>= netstandard1.6)) (&& (== netstandard1.1) (>= netstandard1.6)) (== netstandard2.0)
      System.Collections (>= 4.3) - restriction: || (&& (== net20) (>= netstandard1.6)) (&& (== net35) (>= netstandard1.6)) (&& (== net40) (>= netstandard1.6)) (&& (== net45) (>= netstandard1.6)) (&& (== net461) (< net46) (>= netstandard1.6)) (&& (== net471) (< net46)) (&& (== net472) (< net46)) (&& (== net48) (< net46)) (== net5.0-windows7.0) (== net50) (== netcoreapp2.0) (&& (== netstandard1.0) (>= netstandard1.6)) (&& (== netstandard1.1) (>= netstandard1.6)) (== netstandard2.0)
      System.Diagnostics.Debug (>= 4.3) - restriction: || (&& (== net20) (>= netstandard1.6)) (&& (== net35) (>= netstandard1.6)) (&& (== net40) (>= netstandard1.6)) (&& (== net45) (>= netstandard1.6)) (&& (== net461) (< net46) (>= netstandard1.6)) (&& (== net471) (< net46)) (&& (== net472) (< net46)) (&& (== net48) (< net46)) (== net5.0-windows7.0) (== net50) (== netcoreapp2.0) (&& (== netstandard1.0) (>= netstandard1.6)) (&& (== netstandard1.1) (>= netstandard1.6)) (== netstandard2.0)
      System.Globalization (>= 4.3) - restriction: || (&& (== net20) (>= netstandard1.6)) (&& (== net35) (>= netstandard1.6)) (&& (== net40) (>= netstandard1.6)) (&& (== net45) (>= netstandard1.6)) (&& (== net461) (< net46) (>= netstandard1.6)) (&& (== net471) (< net46)) (&& (== net472) (< net46)) (&& (== net48) (< net46)) (== net5.0-windows7.0) (== net50) (== netcoreapp2.0) (&& (== netstandard1.0) (>= netstandard1.6)) (&& (== netstandard1.1) (>= netstandard1.6)) (== netstandard2.0)
      System.Globalization.Calendars (>= 4.3) - restriction: || (&& (== net20) (>= netstandard1.6)) (&& (== net35) (>= netstandard1.6)) (&& (== net40) (>= netstandard1.6)) (&& (== net45) (>= netstandard1.6)) (&& (== net461) (< net46) (>= netstandard1.6)) (&& (== net471) (< net46)) (&& (== net472) (< net46)) (&& (== net48) (< net46)) (== net5.0-windows7.0) (== net50) (== netcoreapp2.0) (&& (== netstandard1.0) (>= netstandard1.6)) (&& (== netstandard1.1) (>= netstandard1.6)) (== netstandard2.0)
      System.IO (>= 4.3) - restriction: || (&& (== net20) (>= netstandard1.6)) (&& (== net35) (>= netstandard1.6)) (&& (== net40) (>= netstandard1.6)) (&& (== net45) (>= netstandard1.6)) (&& (== net461) (< net46) (>= netstandard1.6)) (&& (== net471) (< net46)) (&& (== net472) (< net46)) (&& (== net48) (< net46)) (== net5.0-windows7.0) (== net50) (== netcoreapp2.0) (&& (== netstandard1.0) (>= netstandard1.6)) (&& (== netstandard1.1) (>= netstandard1.6)) (== netstandard2.0)
      System.IO.FileSystem (>= 4.3) - restriction: || (&& (== net20) (>= netstandard1.6)) (&& (== net35) (>= netstandard1.6)) (&& (== net40) (>= netstandard1.6)) (&& (== net45) (>= netstandard1.6)) (&& (== net461) (< net46) (>= netstandard1.6)) (&& (== net471) (< net46)) (&& (== net472) (< net46)) (&& (== net48) (< net46)) (== net5.0-windows7.0) (== net50) (== netcoreapp2.0) (&& (== netstandard1.0) (>= netstandard1.6)) (&& (== netstandard1.1) (>= netstandard1.6)) (== netstandard2.0)
      System.IO.FileSystem.Primitives (>= 4.3) - restriction: || (&& (== net20) (>= netstandard1.6)) (&& (== net35) (>= netstandard1.6)) (&& (== net40) (>= netstandard1.6)) (&& (== net45) (>= netstandard1.6)) (&& (== net461) (< net46) (>= netstandard1.6)) (&& (== net471) (< net46)) (&& (== net472) (< net46)) (&& (== net48) (< net46)) (== net5.0-windows7.0) (== net50) (== netcoreapp2.0) (&& (== netstandard1.0) (>= netstandard1.6)) (&& (== netstandard1.1) (>= netstandard1.6)) (== netstandard2.0)
      System.Resources.ResourceManager (>= 4.3) - restriction: || (&& (== net20) (>= netstandard1.6)) (&& (== net35) (>= netstandard1.6)) (&& (== net40) (>= netstandard1.6)) (&& (== net45) (>= netstandard1.6)) (&& (== net461) (< net46) (>= netstandard1.6)) (&& (== net471) (< net46)) (&& (== net472) (< net46)) (&& (== net48) (< net46)) (== net5.0-windows7.0) (== net50) (== netcoreapp2.0) (&& (== netstandard1.0) (>= netstandard1.6)) (&& (== netstandard1.1) (>= netstandard1.6)) (== netstandard2.0)
      System.Runtime (>= 4.3) - restriction: || (&& (== net20) (>= netstandard1.3)) (&& (== net20) (>= netstandard1.4)) (&& (== net20) (>= netstandard1.6)) (&& (== net35) (>= netstandard1.3)) (&& (== net35) (>= netstandard1.4)) (&& (== net35) (>= netstandard1.6)) (&& (== net40) (>= netstandard1.3)) (&& (== net40) (>= netstandard1.4)) (&& (== net40) (>= netstandard1.6)) (&& (== net45) (>= netstandard1.3)) (&& (== net45) (>= netstandard1.4)) (&& (== net45) (>= netstandard1.6)) (&& (== net461) (< net46)) (&& (== net471) (< net46)) (&& (== net472) (< net46)) (&& (== net48) (< net46)) (== net5.0-windows7.0) (== net50) (== netcoreapp2.0) (&& (== netstandard1.0) (>= netstandard1.3)) (&& (== netstandard1.0) (>= netstandard1.4)) (&& (== netstandard1.0) (>= netstandard1.6)) (&& (== netstandard1.1) (>= netstandard1.3)) (&& (== netstandard1.1) (>= netstandard1.4)) (&& (== netstandard1.1) (>= netstandard1.6)) (== netstandard2.0)
      System.Runtime.Extensions (>= 4.3) - restriction: || (&& (== net20) (>= netstandard1.6)) (&& (== net35) (>= netstandard1.6)) (&& (== net40) (>= netstandard1.6)) (&& (== net45) (>= netstandard1.6)) (&& (== net461) (< net46) (>= netstandard1.6)) (&& (== net471) (< net46)) (&& (== net472) (< net46)) (&& (== net48) (< net46)) (== net5.0-windows7.0) (== net50) (== netcoreapp2.0) (&& (== netstandard1.0) (>= netstandard1.6)) (&& (== netstandard1.1) (>= netstandard1.6)) (== netstandard2.0)
      System.Runtime.Handles (>= 4.3) - restriction: || (&& (== net20) (>= netstandard1.3)) (&& (== net20) (>= netstandard1.4)) (&& (== net20) (>= netstandard1.6)) (&& (== net35) (>= netstandard1.3)) (&& (== net35) (>= netstandard1.4)) (&& (== net35) (>= netstandard1.6)) (&& (== net40) (>= netstandard1.3)) (&& (== net40) (>= netstandard1.4)) (&& (== net40) (>= netstandard1.6)) (&& (== net45) (>= netstandard1.3)) (&& (== net45) (>= netstandard1.4)) (&& (== net45) (>= netstandard1.6)) (&& (== net461) (< net46)) (&& (== net471) (< net46)) (&& (== net472) (< net46)) (&& (== net48) (< net46)) (== net5.0-windows7.0) (== net50) (== netcoreapp2.0) (&& (== netstandard1.0) (>= netstandard1.3)) (&& (== netstandard1.0) (>= netstandard1.4)) (&& (== netstandard1.0) (>= netstandard1.6)) (&& (== netstandard1.1) (>= netstandard1.3)) (&& (== netstandard1.1) (>= netstandard1.4)) (&& (== netstandard1.1) (>= netstandard1.6)) (== netstandard2.0)
      System.Runtime.InteropServices (>= 4.3) - restriction: || (&& (== net20) (>= netstandard1.6)) (&& (== net35) (>= netstandard1.6)) (&& (== net40) (>= netstandard1.6)) (&& (== net45) (>= netstandard1.6)) (&& (== net461) (< net46) (>= netstandard1.6)) (&& (== net471) (< net46)) (&& (== net472) (< net46)) (&& (== net48) (< net46)) (== net5.0-windows7.0) (== net50) (== netcoreapp2.0) (&& (== netstandard1.0) (>= netstandard1.6)) (&& (== netstandard1.1) (>= netstandard1.6)) (== netstandard2.0)
      System.Runtime.Numerics (>= 4.3) - restriction: || (&& (== net20) (>= netstandard1.6)) (&& (== net35) (>= netstandard1.6)) (&& (== net40) (>= netstandard1.6)) (&& (== net45) (>= netstandard1.6)) (&& (== net461) (< net46) (>= netstandard1.6)) (&& (== net471) (< net46)) (&& (== net472) (< net46)) (&& (== net48) (< net46)) (== net5.0-windows7.0) (== net50) (== netcoreapp2.0) (&& (== netstandard1.0) (>= netstandard1.6)) (&& (== netstandard1.1) (>= netstandard1.6)) (== netstandard2.0)
      System.Security.Cryptography.Algorithms (>= 4.3) - restriction: || (&& (== net20) (>= net46)) (&& (== net20) (>= net461)) (&& (== net20) (>= netstandard1.3)) (&& (== net20) (>= netstandard1.4)) (&& (== net20) (>= netstandard1.6)) (&& (== net35) (>= net46)) (&& (== net35) (>= net461)) (&& (== net35) (>= netstandard1.3)) (&& (== net35) (>= netstandard1.4)) (&& (== net35) (>= netstandard1.6)) (&& (== net40) (>= net46)) (&& (== net40) (>= net461)) (&& (== net40) (>= netstandard1.3)) (&& (== net40) (>= netstandard1.4)) (&& (== net40) (>= netstandard1.6)) (&& (== net45) (>= net46)) (&& (== net45) (>= net461)) (&& (== net45) (>= netstandard1.3)) (&& (== net45) (>= netstandard1.4)) (&& (== net45) (>= netstandard1.6)) (== net461) (== net471) (== net472) (== net48) (== net5.0-windows7.0) (== net50) (== netcoreapp2.0) (&& (== netstandard1.0) (>= net46)) (&& (== netstandard1.0) (>= net461)) (&& (== netstandard1.0) (>= netstandard1.3)) (&& (== netstandard1.0) (>= netstandard1.4)) (&& (== netstandard1.0) (>= netstandard1.6)) (&& (== netstandard1.1) (>= net46)) (&& (== netstandard1.1) (>= net461)) (&& (== netstandard1.1) (>= netstandard1.3)) (&& (== netstandard1.1) (>= netstandard1.4)) (&& (== netstandard1.1) (>= netstandard1.6)) (== netstandard2.0)
      System.Security.Cryptography.Cng (>= 4.3) - restriction: || (&& (== net20) (>= netstandard1.6)) (&& (== net35) (>= netstandard1.6)) (&& (== net40) (>= netstandard1.6)) (&& (== net45) (>= netstandard1.6)) (&& (== net461) (< net46) (>= netstandard1.6)) (&& (== net471) (< net46)) (&& (== net472) (< net46)) (&& (== net48) (< net46)) (== net5.0-windows7.0) (== net50) (== netcoreapp2.0) (&& (== netstandard1.0) (>= netstandard1.6)) (&& (== netstandard1.1) (>= netstandard1.6)) (== netstandard2.0)
      System.Security.Cryptography.Csp (>= 4.3) - restriction: || (&& (== net20) (>= netstandard1.6)) (&& (== net35) (>= netstandard1.6)) (&& (== net40) (>= netstandard1.6)) (&& (== net45) (>= netstandard1.6)) (&& (== net461) (< net46) (>= netstandard1.6)) (&& (== net471) (< net46)) (&& (== net472) (< net46)) (&& (== net48) (< net46)) (== net5.0-windows7.0) (== net50) (== netcoreapp2.0) (&& (== netstandard1.0) (>= netstandard1.6)) (&& (== netstandard1.1) (>= netstandard1.6)) (== netstandard2.0)
      System.Security.Cryptography.Encoding (>= 4.3) - restriction: || (&& (== net20) (>= net46)) (&& (== net20) (>= net461)) (&& (== net20) (>= netstandard1.3)) (&& (== net20) (>= netstandard1.4)) (&& (== net20) (>= netstandard1.6)) (&& (== net35) (>= net46)) (&& (== net35) (>= net461)) (&& (== net35) (>= netstandard1.3)) (&& (== net35) (>= netstandard1.4)) (&& (== net35) (>= netstandard1.6)) (&& (== net40) (>= net46)) (&& (== net40) (>= net461)) (&& (== net40) (>= netstandard1.3)) (&& (== net40) (>= netstandard1.4)) (&& (== net40) (>= netstandard1.6)) (&& (== net45) (>= net46)) (&& (== net45) (>= net461)) (&& (== net45) (>= netstandard1.3)) (&& (== net45) (>= netstandard1.4)) (&& (== net45) (>= netstandard1.6)) (== net461) (== net471) (== net472) (== net48) (== net5.0-windows7.0) (== net50) (== netcoreapp2.0) (&& (== netstandard1.0) (>= net46)) (&& (== netstandard1.0) (>= net461)) (&& (== netstandard1.0) (>= netstandard1.3)) (&& (== netstandard1.0) (>= netstandard1.4)) (&& (== netstandard1.0) (>= netstandard1.6)) (&& (== netstandard1.1) (>= net46)) (&& (== netstandard1.1) (>= net461)) (&& (== netstandard1.1) (>= netstandard1.3)) (&& (== netstandard1.1) (>= netstandard1.4)) (&& (== netstandard1.1) (>= netstandard1.6)) (== netstandard2.0)
      System.Security.Cryptography.OpenSsl (>= 4.3) - restriction: || (&& (== net20) (>= netstandard1.6)) (&& (== net35) (>= netstandard1.6)) (&& (== net40) (>= netstandard1.6)) (&& (== net45) (>= netstandard1.6)) (&& (== net461) (< net46) (>= netstandard1.6)) (&& (== net471) (< net46)) (&& (== net472) (< net46)) (&& (== net48) (< net46)) (== net5.0-windows7.0) (== net50) (== netcoreapp2.0) (&& (== netstandard1.0) (>= netstandard1.6)) (&& (== netstandard1.1) (>= netstandard1.6)) (== netstandard2.0)
      System.Security.Cryptography.Primitives (>= 4.3) - restriction: || (&& (== net20) (>= netstandard1.6)) (&& (== net35) (>= netstandard1.6)) (&& (== net40) (>= netstandard1.6)) (&& (== net45) (>= netstandard1.6)) (&& (== net461) (< net46) (>= netstandard1.6)) (&& (== net471) (< net46)) (&& (== net472) (< net46)) (&& (== net48) (< net46)) (== net5.0-windows7.0) (== net50) (== netcoreapp2.0) (&& (== netstandard1.0) (>= netstandard1.6)) (&& (== netstandard1.1) (>= netstandard1.6)) (== netstandard2.0)
      System.Text.Encoding (>= 4.3) - restriction: || (&& (== net20) (>= netstandard1.6)) (&& (== net35) (>= netstandard1.6)) (&& (== net40) (>= netstandard1.6)) (&& (== net45) (>= netstandard1.6)) (&& (== net461) (< net46) (>= netstandard1.6)) (&& (== net471) (< net46)) (&& (== net472) (< net46)) (&& (== net48) (< net46)) (== net5.0-windows7.0) (== net50) (== netcoreapp2.0) (&& (== netstandard1.0) (>= netstandard1.6)) (&& (== netstandard1.1) (>= netstandard1.6)) (== netstandard2.0)
      System.Threading (>= 4.3) - restriction: || (&& (== net20) (>= netstandard1.6)) (&& (== net35) (>= netstandard1.6)) (&& (== net40) (>= netstandard1.6)) (&& (== net45) (>= netstandard1.6)) (&& (== net461) (< net46) (>= netstandard1.6)) (&& (== net471) (< net46)) (&& (== net472) (< net46)) (&& (== net48) (< net46)) (== net5.0-windows7.0) (== net50) (== netcoreapp2.0) (&& (== netstandard1.0) (>= netstandard1.6)) (&& (== netstandard1.1) (>= netstandard1.6)) (== netstandard2.0)
    System.Security.Cryptography.Xml (5.0) - restriction: || (&& (== net20) (== net471)) (&& (== net20) (== net472)) (&& (== net20) (== net48)) (&& (== net20) (>= netcoreapp2.0)) (&& (== net20) (>= netcoreapp2.1)) (&& (== net20) (>= netcoreapp3.0)) (&& (== net20) (>= netstandard2.0)) (&& (== net20) (>= netstandard2.1)) (&& (== net35) (== net471)) (&& (== net35) (== net472)) (&& (== net35) (== net48)) (&& (== net35) (>= netcoreapp2.0)) (&& (== net35) (>= netcoreapp2.1)) (&& (== net35) (>= netcoreapp3.0)) (&& (== net35) (>= netstandard2.0)) (&& (== net35) (>= netstandard2.1)) (&& (== net40) (== net471)) (&& (== net40) (== net472)) (&& (== net40) (== net48)) (&& (== net40) (>= netcoreapp2.0)) (&& (== net40) (>= netcoreapp2.1)) (&& (== net40) (>= netcoreapp3.0)) (&& (== net40) (>= netstandard2.0)) (&& (== net40) (>= netstandard2.1)) (&& (== net45) (== net471)) (&& (== net45) (== net472)) (&& (== net45) (== net48)) (&& (== net45) (>= netcoreapp2.0)) (&& (== net45) (>= netcoreapp2.1)) (&& (== net45) (>= netcoreapp3.0)) (&& (== net45) (>= netstandard2.0)) (&& (== net45) (>= netstandard2.1)) (&& (== net461) (>= netcoreapp3.0)) (&& (== net461) (>= netstandard2.1)) (&& (== net471) (== netstandard1.0)) (&& (== net471) (== netstandard1.1)) (&& (== net471) (< net461)) (&& (== net471) (>= netcoreapp2.0)) (&& (== net471) (>= netcoreapp2.1)) (&& (== net471) (>= netcoreapp3.0)) (&& (== net471) (>= netstandard2.1)) (&& (== net472) (== netstandard1.0)) (&& (== net472) (== netstandard1.1)) (&& (== net472) (< net461)) (&& (== net472) (>= netcoreapp2.0)) (&& (== net472) (>= netcoreapp2.1)) (&& (== net472) (>= netcoreapp3.0)) (&& (== net472) (>= netstandard2.1)) (&& (== net48) (== netstandard1.0)) (&& (== net48) (== netstandard1.1)) (&& (== net48) (< net461)) (&& (== net48) (>= netcoreapp2.0)) (&& (== net48) (>= netcoreapp2.1)) (&& (== net48) (>= netcoreapp3.0)) (&& (== net48) (>= netstandard2.1)) (== net5.0-windows7.0) (== net50) (== netcoreapp2.0) (&& (== netstandard1.0) (>= netcoreapp2.0)) (&& (== netstandard1.0) (>= netcoreapp2.1)) (&& (== netstandard1.0) (>= netcoreapp3.0)) (&& (== netstandard1.0) (>= netstandard2.0)) (&& (== netstandard1.0) (>= netstandard2.1)) (&& (== netstandard1.1) (>= netcoreapp2.0)) (&& (== netstandard1.1) (>= netcoreapp2.1)) (&& (== netstandard1.1) (>= netcoreapp3.0)) (&& (== netstandard1.1) (>= netstandard2.0)) (&& (== netstandard1.1) (>= netstandard2.1)) (== netstandard2.0)
      System.Memory (>= 4.5.4) - restriction: || (&& (== net20) (>= netstandard2.0)) (&& (== net35) (>= netstandard2.0)) (&& (== net40) (>= netstandard2.0)) (&& (== net45) (>= netstandard2.0)) (&& (== net471) (< net461)) (&& (== net472) (< net461)) (&& (== net48) (< net461)) (&& (== net5.0-windows7.0) (< netcoreapp2.1)) (&& (== net50) (< netcoreapp2.1)) (== netcoreapp2.0) (&& (== netstandard1.0) (>= netstandard2.0)) (&& (== netstandard1.1) (>= netstandard2.0)) (== netstandard2.0)
      System.Security.Cryptography.Pkcs (>= 5.0) - restriction: || (&& (== net20) (>= monoandroid)) (&& (== net20) (>= monotouch)) (&& (== net20) (>= netcoreapp2.1)) (&& (== net20) (>= netstandard2.0)) (&& (== net20) (>= xamarinios)) (&& (== net20) (>= xamarinmac)) (&& (== net20) (>= xamarintvos)) (&& (== net20) (>= xamarinwatchos)) (&& (== net35) (>= monoandroid)) (&& (== net35) (>= monotouch)) (&& (== net35) (>= netcoreapp2.1)) (&& (== net35) (>= netstandard2.0)) (&& (== net35) (>= xamarinios)) (&& (== net35) (>= xamarinmac)) (&& (== net35) (>= xamarintvos)) (&& (== net35) (>= xamarinwatchos)) (&& (== net40) (>= monoandroid)) (&& (== net40) (>= monotouch)) (&& (== net40) (>= netcoreapp2.1)) (&& (== net40) (>= netstandard2.0)) (&& (== net40) (>= xamarinios)) (&& (== net40) (>= xamarinmac)) (&& (== net40) (>= xamarintvos)) (&& (== net40) (>= xamarinwatchos)) (&& (== net45) (>= monoandroid)) (&& (== net45) (>= monotouch)) (&& (== net45) (>= netcoreapp2.1)) (&& (== net45) (>= netstandard2.0)) (&& (== net45) (>= xamarinios)) (&& (== net45) (>= xamarinmac)) (&& (== net45) (>= xamarintvos)) (&& (== net45) (>= xamarinwatchos)) (&& (== net461) (>= monoandroid)) (&& (== net461) (>= monotouch)) (&& (== net461) (>= netcoreapp2.1)) (&& (== net461) (>= xamarinios)) (&& (== net461) (>= xamarinmac)) (&& (== net461) (>= xamarintvos)) (&& (== net461) (>= xamarinwatchos)) (&& (== net471) (>= monoandroid)) (&& (== net471) (>= monotouch)) (&& (== net471) (< net461)) (&& (== net471) (>= netcoreapp2.1)) (&& (== net471) (>= xamarinios)) (&& (== net471) (>= xamarinmac)) (&& (== net471) (>= xamarintvos)) (&& (== net471) (>= xamarinwatchos)) (&& (== net472) (>= monoandroid)) (&& (== net472) (>= monotouch)) (&& (== net472) (< net461)) (&& (== net472) (>= netcoreapp2.1)) (&& (== net472) (>= xamarinios)) (&& (== net472) (>= xamarinmac)) (&& (== net472) (>= xamarintvos)) (&& (== net472) (>= xamarinwatchos)) (&& (== net48) (>= monoandroid)) (&& (== net48) (>= monotouch)) (&& (== net48) (< net461)) (&& (== net48) (>= netcoreapp2.1)) (&& (== net48) (>= xamarinios)) (&& (== net48) (>= xamarinmac)) (&& (== net48) (>= xamarintvos)) (&& (== net48) (>= xamarinwatchos)) (== net5.0-windows7.0) (== net50) (== netcoreapp2.0) (&& (== netstandard1.0) (>= monoandroid)) (&& (== netstandard1.0) (>= monotouch)) (&& (== netstandard1.0) (>= netcoreapp2.1)) (&& (== netstandard1.0) (>= netstandard2.0)) (&& (== netstandard1.0) (>= xamarinios)) (&& (== netstandard1.0) (>= xamarinmac)) (&& (== netstandard1.0) (>= xamarintvos)) (&& (== netstandard1.0) (>= xamarinwatchos)) (&& (== netstandard1.1) (>= monoandroid)) (&& (== netstandard1.1) (>= monotouch)) (&& (== netstandard1.1) (>= netcoreapp2.1)) (&& (== netstandard1.1) (>= netstandard2.0)) (&& (== netstandard1.1) (>= xamarinios)) (&& (== netstandard1.1) (>= xamarinmac)) (&& (== netstandard1.1) (>= xamarintvos)) (&& (== netstandard1.1) (>= xamarinwatchos)) (== netstandard2.0)
      System.Security.Permissions (>= 5.0) - restriction: || (&& (== net20) (>= monoandroid)) (&& (== net20) (>= monotouch)) (&& (== net20) (>= net461)) (&& (== net20) (>= netstandard2.0)) (&& (== net20) (>= xamarintvos)) (&& (== net20) (>= xamarinwatchos)) (&& (== net35) (>= monoandroid)) (&& (== net35) (>= monotouch)) (&& (== net35) (>= net461)) (&& (== net35) (>= netstandard2.0)) (&& (== net35) (>= xamarintvos)) (&& (== net35) (>= xamarinwatchos)) (&& (== net40) (>= monoandroid)) (&& (== net40) (>= monotouch)) (&& (== net40) (>= net461)) (&& (== net40) (>= netstandard2.0)) (&& (== net40) (>= xamarintvos)) (&& (== net40) (>= xamarinwatchos)) (&& (== net45) (>= monoandroid)) (&& (== net45) (>= monotouch)) (&& (== net45) (>= net461)) (&& (== net45) (>= netstandard2.0)) (&& (== net45) (>= xamarintvos)) (&& (== net45) (>= xamarinwatchos)) (== net461) (== net471) (== net472) (== net48) (== net5.0-windows7.0) (== net50) (== netcoreapp2.0) (&& (== netstandard1.0) (>= monoandroid)) (&& (== netstandard1.0) (>= monotouch)) (&& (== netstandard1.0) (>= net461)) (&& (== netstandard1.0) (>= netstandard2.0)) (&& (== netstandard1.0) (>= xamarintvos)) (&& (== netstandard1.0) (>= xamarinwatchos)) (&& (== netstandard1.1) (>= monoandroid)) (&& (== netstandard1.1) (>= monotouch)) (&& (== netstandard1.1) (>= net461)) (&& (== netstandard1.1) (>= netstandard2.0)) (&& (== netstandard1.1) (>= xamarintvos)) (&& (== netstandard1.1) (>= xamarinwatchos)) (== netstandard2.0)
    System.Security.Permissions (5.0) - restriction: || (&& (== net20) (== net472)) (&& (== net20) (== net48)) (&& (== net20) (>= netcoreapp2.0)) (&& (== net20) (>= netcoreapp2.1)) (&& (== net20) (>= netcoreapp3.0)) (&& (== net20) (>= netstandard2.0)) (&& (== net20) (>= netstandard2.1)) (&& (== net35) (== net472)) (&& (== net35) (== net48)) (&& (== net35) (>= netcoreapp2.0)) (&& (== net35) (>= netcoreapp2.1)) (&& (== net35) (>= netcoreapp3.0)) (&& (== net35) (>= netstandard2.0)) (&& (== net35) (>= netstandard2.1)) (&& (== net40) (== net472)) (&& (== net40) (== net48)) (&& (== net40) (>= netcoreapp2.0)) (&& (== net40) (>= netcoreapp2.1)) (&& (== net40) (>= netcoreapp3.0)) (&& (== net40) (>= netstandard2.0)) (&& (== net40) (>= netstandard2.1)) (&& (== net45) (== net472)) (&& (== net45) (== net48)) (&& (== net45) (>= netcoreapp2.0)) (&& (== net45) (>= netcoreapp2.1)) (&& (== net45) (>= netcoreapp3.0)) (&& (== net45) (>= netstandard2.0)) (&& (== net45) (>= netstandard2.1)) (&& (== net461) (== net472)) (&& (== net461) (== net48)) (&& (== net461) (>= netcoreapp3.0)) (&& (== net461) (>= netstandard2.0)) (&& (== net461) (>= netstandard2.1)) (== net471) (&& (== net472) (== netstandard1.0)) (&& (== net472) (== netstandard1.1)) (&& (== net472) (< net461)) (&& (== net472) (>= netcoreapp2.0)) (&& (== net472) (>= netcoreapp2.1)) (&& (== net472) (>= netcoreapp3.0)) (&& (== net472) (>= netstandard2.1)) (&& (== net48) (== netstandard1.0)) (&& (== net48) (== netstandard1.1)) (&& (== net48) (< net461)) (&& (== net48) (< net472)) (&& (== net48) (>= netcoreapp2.0)) (&& (== net48) (>= netcoreapp2.1)) (&& (== net48) (>= netcoreapp3.0)) (&& (== net48) (>= netstandard2.1)) (== net5.0-windows7.0) (== net50) (== netcoreapp2.0) (&& (== netstandard1.0) (>= netcoreapp2.0)) (&& (== netstandard1.0) (>= netcoreapp2.1)) (&& (== netstandard1.0) (>= netcoreapp3.0)) (&& (== netstandard1.0) (>= netstandard2.0)) (&& (== netstandard1.0) (>= netstandard2.1)) (&& (== netstandard1.1) (>= netcoreapp2.0)) (&& (== netstandard1.1) (>= netcoreapp2.1)) (&& (== netstandard1.1) (>= netcoreapp3.0)) (&& (== netstandard1.1) (>= netstandard2.0)) (&& (== netstandard1.1) (>= netstandard2.1)) (== netstandard2.0)
      System.Security.AccessControl (>= 5.0) - restriction: || (&& (== net20) (>= net461)) (&& (== net20) (>= netstandard2.0)) (&& (== net35) (>= net461)) (&& (== net35) (>= netstandard2.0)) (&& (== net40) (>= net461)) (&& (== net40) (>= netstandard2.0)) (&& (== net45) (>= net461)) (&& (== net45) (>= netstandard2.0)) (== net461) (== net471) (== net472) (== net48) (== net5.0-windows7.0) (== net50) (== netcoreapp2.0) (&& (== netstandard1.0) (>= net461)) (&& (== netstandard1.0) (>= netstandard2.0)) (&& (== netstandard1.1) (>= net461)) (&& (== netstandard1.1) (>= netstandard2.0)) (== netstandard2.0)
      System.Windows.Extensions (>= 5.0) - restriction: || (&& (== net20) (>= netcoreapp3.0)) (&& (== net35) (>= netcoreapp3.0)) (&& (== net40) (>= netcoreapp3.0)) (&& (== net45) (>= netcoreapp3.0)) (&& (== net461) (>= netcoreapp3.0)) (&& (== net471) (>= netcoreapp3.0)) (&& (== net472) (>= netcoreapp3.0)) (&& (== net48) (>= netcoreapp3.0)) (== net5.0-windows7.0) (== net50) (&& (== netcoreapp2.0) (>= netcoreapp3.0)) (&& (== netstandard1.0) (>= netcoreapp3.0)) (&& (== netstandard1.1) (>= netcoreapp3.0)) (&& (== netstandard2.0) (>= netcoreapp3.0))
    System.Security.Principal.Windows (5.0) - restriction: || (&& (== net20) (>= monoandroid)) (&& (== net20) (>= monotouch)) (&& (== net20) (>= net461)) (&& (== net20) (>= netcoreapp2.0)) (&& (== net20) (>= netcoreapp2.1)) (&& (== net20) (>= netcoreapp3.0)) (&& (== net20) (>= netstandard2.0)) (&& (== net20) (>= netstandard2.1)) (&& (== net20) (>= uap10.1)) (&& (== net20) (>= xamarinios)) (&& (== net20) (>= xamarinmac)) (&& (== net20) (>= xamarintvos)) (&& (== net20) (>= xamarinwatchos)) (&& (== net35) (>= monoandroid)) (&& (== net35) (>= monotouch)) (&& (== net35) (>= net461)) (&& (== net35) (>= netcoreapp2.0)) (&& (== net35) (>= netcoreapp2.1)) (&& (== net35) (>= netcoreapp3.0)) (&& (== net35) (>= netstandard2.0)) (&& (== net35) (>= netstandard2.1)) (&& (== net35) (>= uap10.1)) (&& (== net35) (>= xamarinios)) (&& (== net35) (>= xamarinmac)) (&& (== net35) (>= xamarintvos)) (&& (== net35) (>= xamarinwatchos)) (&& (== net40) (>= monoandroid)) (&& (== net40) (>= monotouch)) (&& (== net40) (>= net461)) (&& (== net40) (>= netcoreapp2.0)) (&& (== net40) (>= netcoreapp2.1)) (&& (== net40) (>= netcoreapp3.0)) (&& (== net40) (>= netstandard2.0)) (&& (== net40) (>= netstandard2.1)) (&& (== net40) (>= uap10.1)) (&& (== net40) (>= xamarinios)) (&& (== net40) (>= xamarinmac)) (&& (== net40) (>= xamarintvos)) (&& (== net40) (>= xamarinwatchos)) (&& (== net45) (>= monoandroid)) (&& (== net45) (>= monotouch)) (&& (== net45) (>= net461)) (&& (== net45) (>= netcoreapp2.0)) (&& (== net45) (>= netcoreapp2.1)) (&& (== net45) (>= netcoreapp3.0)) (&& (== net45) (>= netstandard2.0)) (&& (== net45) (>= netstandard2.1)) (&& (== net45) (>= uap10.1)) (&& (== net45) (>= xamarinios)) (&& (== net45) (>= xamarinmac)) (&& (== net45) (>= xamarintvos)) (&& (== net45) (>= xamarinwatchos)) (== net461) (== net471) (== net472) (== net48) (== net5.0-windows7.0) (== net50) (== netcoreapp2.0) (&& (== netstandard1.0) (>= monoandroid)) (&& (== netstandard1.0) (>= monotouch)) (&& (== netstandard1.0) (>= net461)) (&& (== netstandard1.0) (>= netcoreapp2.0)) (&& (== netstandard1.0) (>= netcoreapp2.1)) (&& (== netstandard1.0) (>= netcoreapp3.0)) (&& (== netstandard1.0) (>= netstandard2.0)) (&& (== netstandard1.0) (>= netstandard2.1)) (&& (== netstandard1.0) (>= uap10.1)) (&& (== netstandard1.0) (>= xamarinios)) (&& (== netstandard1.0) (>= xamarinmac)) (&& (== netstandard1.0) (>= xamarintvos)) (&& (== netstandard1.0) (>= xamarinwatchos)) (&& (== netstandard1.1) (>= monoandroid)) (&& (== netstandard1.1) (>= monotouch)) (&& (== netstandard1.1) (>= net461)) (&& (== netstandard1.1) (>= netcoreapp2.0)) (&& (== netstandard1.1) (>= netcoreapp2.1)) (&& (== netstandard1.1) (>= netcoreapp3.0)) (&& (== netstandard1.1) (>= netstandard2.0)) (&& (== netstandard1.1) (>= netstandard2.1)) (&& (== netstandard1.1) (>= uap10.1)) (&& (== netstandard1.1) (>= xamarinios)) (&& (== netstandard1.1) (>= xamarinmac)) (&& (== netstandard1.1) (>= xamarintvos)) (&& (== netstandard1.1) (>= xamarinwatchos)) (== netstandard2.0)
      Microsoft.NETCore.Platforms (>= 5.0) - restriction: || (&& (== net20) (>= netcoreapp2.0)) (&& (== net20) (>= netcoreapp2.1)) (&& (== net35) (>= netcoreapp2.0)) (&& (== net35) (>= netcoreapp2.1)) (&& (== net40) (>= netcoreapp2.0)) (&& (== net40) (>= netcoreapp2.1)) (&& (== net45) (>= netcoreapp2.0)) (&& (== net45) (>= netcoreapp2.1)) (&& (== net461) (>= netcoreapp2.0)) (&& (== net461) (>= netcoreapp2.1)) (&& (== net471) (>= netcoreapp2.0)) (&& (== net471) (>= netcoreapp2.1)) (&& (== net472) (>= netcoreapp2.0)) (&& (== net472) (>= netcoreapp2.1)) (&& (== net48) (>= netcoreapp2.0)) (&& (== net48) (>= netcoreapp2.1)) (&& (== net5.0-windows7.0) (< netcoreapp2.1)) (&& (== net5.0-windows7.0) (< netcoreapp3.0)) (&& (== net50) (< netcoreapp2.1)) (&& (== net50) (< netcoreapp3.0)) (== netcoreapp2.0) (&& (== netstandard1.0) (>= netcoreapp2.0)) (&& (== netstandard1.0) (>= netcoreapp2.1)) (&& (== netstandard1.1) (>= netcoreapp2.0)) (&& (== netstandard1.1) (>= netcoreapp2.1)) (&& (== netstandard2.0) (>= netcoreapp2.0)) (&& (== netstandard2.0) (>= netcoreapp2.1))
    System.ServiceModel.Duplex (4.8.1) - restriction: || (&& (== net20) (== net471)) (&& (== net20) (== net472)) (&& (== net20) (== net48)) (&& (== net20) (>= netcoreapp2.0)) (&& (== net20) (>= netcoreapp2.1)) (&& (== net20) (>= netcoreapp3.0)) (&& (== net20) (>= netstandard2.0)) (&& (== net20) (>= netstandard2.1)) (&& (== net35) (== net471)) (&& (== net35) (== net472)) (&& (== net35) (== net48)) (&& (== net35) (>= netcoreapp2.0)) (&& (== net35) (>= netcoreapp2.1)) (&& (== net35) (>= netcoreapp3.0)) (&& (== net35) (>= netstandard2.0)) (&& (== net35) (>= netstandard2.1)) (&& (== net40) (== net471)) (&& (== net40) (== net472)) (&& (== net40) (== net48)) (&& (== net40) (>= netcoreapp2.0)) (&& (== net40) (>= netcoreapp2.1)) (&& (== net40) (>= netcoreapp3.0)) (&& (== net40) (>= netstandard2.0)) (&& (== net40) (>= netstandard2.1)) (&& (== net45) (== net471)) (&& (== net45) (== net472)) (&& (== net45) (== net48)) (&& (== net45) (>= netcoreapp2.0)) (&& (== net45) (>= netcoreapp2.1)) (&& (== net45) (>= netcoreapp3.0)) (&& (== net45) (>= netstandard2.0)) (&& (== net45) (>= netstandard2.1)) (&& (== net461) (>= netcoreapp3.0)) (&& (== net461) (>= netstandard2.1)) (&& (== net471) (== netstandard1.0)) (&& (== net471) (== netstandard1.1)) (&& (== net471) (< net461)) (&& (== net471) (>= netcoreapp2.0)) (&& (== net471) (>= netcoreapp2.1)) (&& (== net471) (>= netcoreapp3.0)) (&& (== net471) (>= netstandard2.1)) (&& (== net472) (== netstandard1.0)) (&& (== net472) (== netstandard1.1)) (&& (== net472) (< net461)) (&& (== net472) (>= netcoreapp2.0)) (&& (== net472) (>= netcoreapp2.1)) (&& (== net472) (>= netcoreapp3.0)) (&& (== net472) (>= netstandard2.1)) (&& (== net48) (== netstandard1.0)) (&& (== net48) (== netstandard1.1)) (&& (== net48) (< net461)) (&& (== net48) (>= netcoreapp2.0)) (&& (== net48) (>= netcoreapp2.1)) (&& (== net48) (>= netcoreapp3.0)) (&& (== net48) (>= netstandard2.1)) (== net5.0-windows7.0) (== net50) (== netcoreapp2.0) (&& (== netstandard1.0) (>= netcoreapp2.0)) (&& (== netstandard1.0) (>= netcoreapp2.1)) (&& (== netstandard1.0) (>= netcoreapp3.0)) (&& (== netstandard1.0) (>= netstandard2.0)) (&& (== netstandard1.0) (>= netstandard2.1)) (&& (== netstandard1.1) (>= netcoreapp2.0)) (&& (== netstandard1.1) (>= netcoreapp2.1)) (&& (== netstandard1.1) (>= netcoreapp3.0)) (&& (== netstandard1.1) (>= netstandard2.0)) (&& (== netstandard1.1) (>= netstandard2.1)) (== netstandard2.0)
      System.Private.ServiceModel (>= 4.8.1) - restriction: || (&& (== net20) (>= netstandard2.0)) (&& (== net35) (>= netstandard2.0)) (&& (== net40) (>= netstandard2.0)) (&& (== net461) (< net45) (>= netstandard2.0)) (&& (== net471) (< net45)) (&& (== net472) (< net45)) (&& (== net48) (< net45)) (== net5.0-windows7.0) (== net50) (== netcoreapp2.0) (&& (== netstandard1.0) (>= netstandard2.0)) (&& (== netstandard1.1) (>= netstandard2.0)) (== netstandard2.0)
      System.ServiceModel.Primitives (>= 4.8.1) - restriction: || (&& (== net20) (>= net461)) (&& (== net20) (>= netstandard2.0)) (&& (== net35) (>= net461)) (&& (== net35) (>= netstandard2.0)) (&& (== net40) (>= net461)) (&& (== net40) (>= netstandard2.0)) (&& (== net45) (>= net461)) (== net461) (== net471) (== net472) (== net48) (== net5.0-windows7.0) (== net50) (== netcoreapp2.0) (&& (== netstandard1.0) (>= net461)) (&& (== netstandard1.0) (>= netstandard2.0)) (&& (== netstandard1.1) (>= net461)) (&& (== netstandard1.1) (>= netstandard2.0)) (== netstandard2.0)
    System.ServiceModel.Http (4.8.1) - restriction: || (&& (== net20) (== net471)) (&& (== net20) (== net472)) (&& (== net20) (== net48)) (&& (== net20) (>= netcoreapp2.0)) (&& (== net20) (>= netcoreapp2.1)) (&& (== net20) (>= netcoreapp3.0)) (&& (== net20) (>= netstandard2.0)) (&& (== net20) (>= netstandard2.1)) (&& (== net35) (== net471)) (&& (== net35) (== net472)) (&& (== net35) (== net48)) (&& (== net35) (>= netcoreapp2.0)) (&& (== net35) (>= netcoreapp2.1)) (&& (== net35) (>= netcoreapp3.0)) (&& (== net35) (>= netstandard2.0)) (&& (== net35) (>= netstandard2.1)) (&& (== net40) (== net471)) (&& (== net40) (== net472)) (&& (== net40) (== net48)) (&& (== net40) (>= netcoreapp2.0)) (&& (== net40) (>= netcoreapp2.1)) (&& (== net40) (>= netcoreapp3.0)) (&& (== net40) (>= netstandard2.0)) (&& (== net40) (>= netstandard2.1)) (&& (== net45) (== net471)) (&& (== net45) (== net472)) (&& (== net45) (== net48)) (&& (== net45) (>= netcoreapp2.0)) (&& (== net45) (>= netcoreapp2.1)) (&& (== net45) (>= netcoreapp3.0)) (&& (== net45) (>= netstandard2.0)) (&& (== net45) (>= netstandard2.1)) (&& (== net461) (>= netcoreapp3.0)) (&& (== net461) (>= netstandard2.1)) (&& (== net471) (== netstandard1.0)) (&& (== net471) (== netstandard1.1)) (&& (== net471) (< net461)) (&& (== net471) (>= netcoreapp2.0)) (&& (== net471) (>= netcoreapp2.1)) (&& (== net471) (>= netcoreapp3.0)) (&& (== net471) (>= netstandard2.1)) (&& (== net472) (== netstandard1.0)) (&& (== net472) (== netstandard1.1)) (&& (== net472) (< net461)) (&& (== net472) (>= netcoreapp2.0)) (&& (== net472) (>= netcoreapp2.1)) (&& (== net472) (>= netcoreapp3.0)) (&& (== net472) (>= netstandard2.1)) (&& (== net48) (== netstandard1.0)) (&& (== net48) (== netstandard1.1)) (&& (== net48) (< net461)) (&& (== net48) (>= netcoreapp2.0)) (&& (== net48) (>= netcoreapp2.1)) (&& (== net48) (>= netcoreapp3.0)) (&& (== net48) (>= netstandard2.1)) (== net5.0-windows7.0) (== net50) (== netcoreapp2.0) (&& (== netstandard1.0) (>= netcoreapp2.0)) (&& (== netstandard1.0) (>= netcoreapp2.1)) (&& (== netstandard1.0) (>= netcoreapp3.0)) (&& (== netstandard1.0) (>= netstandard2.0)) (&& (== netstandard1.0) (>= netstandard2.1)) (&& (== netstandard1.1) (>= netcoreapp2.0)) (&& (== netstandard1.1) (>= netcoreapp2.1)) (&& (== netstandard1.1) (>= netcoreapp3.0)) (&& (== netstandard1.1) (>= netstandard2.0)) (&& (== netstandard1.1) (>= netstandard2.1)) (== netstandard2.0)
      System.Private.ServiceModel (>= 4.8.1) - restriction: || (&& (== net20) (>= netstandard2.0)) (&& (== net35) (>= netstandard2.0)) (&& (== net40) (>= netstandard2.0)) (&& (== net461) (< net45) (>= netstandard2.0)) (&& (== net471) (< net45)) (&& (== net472) (< net45)) (&& (== net48) (< net45)) (== net5.0-windows7.0) (== net50) (== netcoreapp2.0) (&& (== netstandard1.0) (>= netstandard2.0)) (&& (== netstandard1.1) (>= netstandard2.0)) (== netstandard2.0)
      System.ServiceModel.Primitives (>= 4.8.1) - restriction: || (&& (== net20) (>= net461)) (&& (== net20) (>= netstandard2.0)) (&& (== net35) (>= net461)) (&& (== net35) (>= netstandard2.0)) (&& (== net40) (>= net461)) (&& (== net40) (>= netstandard2.0)) (&& (== net45) (>= net461)) (== net461) (== net471) (== net472) (== net48) (== net5.0-windows7.0) (== net50) (== netcoreapp2.0) (&& (== netstandard1.0) (>= net461)) (&& (== netstandard1.0) (>= netstandard2.0)) (&& (== netstandard1.1) (>= net461)) (&& (== netstandard1.1) (>= netstandard2.0)) (== netstandard2.0)
    System.ServiceModel.NetTcp (4.8.1) - restriction: || (&& (== net20) (== net471)) (&& (== net20) (== net472)) (&& (== net20) (== net48)) (&& (== net20) (>= netcoreapp2.0)) (&& (== net20) (>= netcoreapp2.1)) (&& (== net20) (>= netcoreapp3.0)) (&& (== net20) (>= netstandard2.0)) (&& (== net20) (>= netstandard2.1)) (&& (== net35) (== net471)) (&& (== net35) (== net472)) (&& (== net35) (== net48)) (&& (== net35) (>= netcoreapp2.0)) (&& (== net35) (>= netcoreapp2.1)) (&& (== net35) (>= netcoreapp3.0)) (&& (== net35) (>= netstandard2.0)) (&& (== net35) (>= netstandard2.1)) (&& (== net40) (== net471)) (&& (== net40) (== net472)) (&& (== net40) (== net48)) (&& (== net40) (>= netcoreapp2.0)) (&& (== net40) (>= netcoreapp2.1)) (&& (== net40) (>= netcoreapp3.0)) (&& (== net40) (>= netstandard2.0)) (&& (== net40) (>= netstandard2.1)) (&& (== net45) (== net471)) (&& (== net45) (== net472)) (&& (== net45) (== net48)) (&& (== net45) (>= netcoreapp2.0)) (&& (== net45) (>= netcoreapp2.1)) (&& (== net45) (>= netcoreapp3.0)) (&& (== net45) (>= netstandard2.0)) (&& (== net45) (>= netstandard2.1)) (&& (== net461) (>= netcoreapp3.0)) (&& (== net461) (>= netstandard2.1)) (&& (== net471) (== netstandard1.0)) (&& (== net471) (== netstandard1.1)) (&& (== net471) (< net461)) (&& (== net471) (>= netcoreapp2.0)) (&& (== net471) (>= netcoreapp2.1)) (&& (== net471) (>= netcoreapp3.0)) (&& (== net471) (>= netstandard2.1)) (&& (== net472) (== netstandard1.0)) (&& (== net472) (== netstandard1.1)) (&& (== net472) (< net461)) (&& (== net472) (>= netcoreapp2.0)) (&& (== net472) (>= netcoreapp2.1)) (&& (== net472) (>= netcoreapp3.0)) (&& (== net472) (>= netstandard2.1)) (&& (== net48) (== netstandard1.0)) (&& (== net48) (== netstandard1.1)) (&& (== net48) (< net461)) (&& (== net48) (>= netcoreapp2.0)) (&& (== net48) (>= netcoreapp2.1)) (&& (== net48) (>= netcoreapp3.0)) (&& (== net48) (>= netstandard2.1)) (== net5.0-windows7.0) (== net50) (== netcoreapp2.0) (&& (== netstandard1.0) (>= netcoreapp2.0)) (&& (== netstandard1.0) (>= netcoreapp2.1)) (&& (== netstandard1.0) (>= netcoreapp3.0)) (&& (== netstandard1.0) (>= netstandard2.0)) (&& (== netstandard1.0) (>= netstandard2.1)) (&& (== netstandard1.1) (>= netcoreapp2.0)) (&& (== netstandard1.1) (>= netcoreapp2.1)) (&& (== netstandard1.1) (>= netcoreapp3.0)) (&& (== netstandard1.1) (>= netstandard2.0)) (&& (== netstandard1.1) (>= netstandard2.1)) (== netstandard2.0)
      System.Private.ServiceModel (>= 4.8.1) - restriction: || (&& (== net20) (>= netstandard2.0)) (&& (== net35) (>= netstandard2.0)) (&& (== net40) (>= netstandard2.0)) (&& (== net461) (< net45) (>= netstandard2.0)) (&& (== net471) (< net45)) (&& (== net472) (< net45)) (&& (== net48) (< net45)) (== net5.0-windows7.0) (== net50) (== netcoreapp2.0) (&& (== netstandard1.0) (>= netstandard2.0)) (&& (== netstandard1.1) (>= netstandard2.0)) (== netstandard2.0)
      System.ServiceModel.Primitives (>= 4.8.1) - restriction: || (&& (== net20) (>= net461)) (&& (== net20) (>= netstandard2.0)) (&& (== net35) (>= net461)) (&& (== net35) (>= netstandard2.0)) (&& (== net40) (>= net461)) (&& (== net40) (>= netstandard2.0)) (&& (== net45) (>= net461)) (== net461) (== net471) (== net472) (== net48) (== net5.0-windows7.0) (== net50) (== netcoreapp2.0) (&& (== netstandard1.0) (>= net461)) (&& (== netstandard1.0) (>= netstandard2.0)) (&& (== netstandard1.1) (>= net461)) (&& (== netstandard1.1) (>= netstandard2.0)) (== netstandard2.0)
    System.ServiceModel.Primitives (4.8.1) - restriction: || (&& (== net20) (== net471)) (&& (== net20) (== net472)) (&& (== net20) (== net48)) (&& (== net20) (>= netcoreapp2.0)) (&& (== net20) (>= netcoreapp2.1)) (&& (== net20) (>= netcoreapp3.0)) (&& (== net20) (>= netstandard2.0)) (&& (== net20) (>= netstandard2.1)) (&& (== net35) (== net471)) (&& (== net35) (== net472)) (&& (== net35) (== net48)) (&& (== net35) (>= netcoreapp2.0)) (&& (== net35) (>= netcoreapp2.1)) (&& (== net35) (>= netcoreapp3.0)) (&& (== net35) (>= netstandard2.0)) (&& (== net35) (>= netstandard2.1)) (&& (== net40) (== net471)) (&& (== net40) (== net472)) (&& (== net40) (== net48)) (&& (== net40) (>= netcoreapp2.0)) (&& (== net40) (>= netcoreapp2.1)) (&& (== net40) (>= netcoreapp3.0)) (&& (== net40) (>= netstandard2.0)) (&& (== net40) (>= netstandard2.1)) (&& (== net45) (== net461) (>= netstandard2.0)) (&& (== net45) (== net471)) (&& (== net45) (== net472)) (&& (== net45) (== net48)) (&& (== net45) (>= net461) (>= netstandard2.0)) (&& (== net45) (>= netcoreapp2.0)) (&& (== net45) (>= netcoreapp2.1)) (&& (== net45) (>= netcoreapp3.0)) (&& (== net45) (>= netstandard2.1)) (&& (== net461) (>= netcoreapp3.0)) (&& (== net461) (>= netstandard2.1)) (&& (== net471) (== netstandard1.0)) (&& (== net471) (== netstandard1.1)) (&& (== net471) (< net45)) (&& (== net471) (< net461)) (&& (== net471) (>= netcoreapp2.0)) (&& (== net471) (>= netcoreapp2.1)) (&& (== net471) (>= netcoreapp3.0)) (&& (== net471) (>= netstandard2.1)) (&& (== net472) (== netstandard1.0)) (&& (== net472) (== netstandard1.1)) (&& (== net472) (< net45)) (&& (== net472) (< net461)) (&& (== net472) (>= netcoreapp2.0)) (&& (== net472) (>= netcoreapp2.1)) (&& (== net472) (>= netcoreapp3.0)) (&& (== net472) (>= netstandard2.1)) (&& (== net48) (== netstandard1.0)) (&& (== net48) (== netstandard1.1)) (&& (== net48) (< net45)) (&& (== net48) (< net461)) (&& (== net48) (>= netcoreapp2.0)) (&& (== net48) (>= netcoreapp2.1)) (&& (== net48) (>= netcoreapp3.0)) (&& (== net48) (>= netstandard2.1)) (== net5.0-windows7.0) (== net50) (== netcoreapp2.0) (&& (== netstandard1.0) (>= netcoreapp2.0)) (&& (== netstandard1.0) (>= netcoreapp2.1)) (&& (== netstandard1.0) (>= netcoreapp3.0)) (&& (== netstandard1.0) (>= netstandard2.0)) (&& (== netstandard1.0) (>= netstandard2.1)) (&& (== netstandard1.1) (>= netcoreapp2.0)) (&& (== netstandard1.1) (>= netcoreapp2.1)) (&& (== netstandard1.1) (>= netcoreapp3.0)) (&& (== netstandard1.1) (>= netstandard2.0)) (&& (== netstandard1.1) (>= netstandard2.1)) (== netstandard2.0)
      System.Private.ServiceModel (>= 4.8.1) - restriction: || (&& (== net20) (>= netcoreapp2.1)) (&& (== net20) (>= netstandard2.0)) (&& (== net35) (>= netcoreapp2.1)) (&& (== net35) (>= netstandard2.0)) (&& (== net40) (>= netcoreapp2.1)) (&& (== net40) (>= netstandard2.0)) (&& (== net45) (>= netcoreapp2.1)) (&& (== net461) (< net45) (>= netstandard2.0)) (&& (== net461) (>= netcoreapp2.1)) (&& (== net471) (< net45)) (&& (== net471) (>= netcoreapp2.1)) (&& (== net472) (< net45)) (&& (== net472) (>= netcoreapp2.1)) (&& (== net48) (< net45)) (&& (== net48) (>= netcoreapp2.1)) (== net5.0-windows7.0) (== net50) (== netcoreapp2.0) (&& (== netstandard1.0) (>= netcoreapp2.1)) (&& (== netstandard1.0) (>= netstandard2.0)) (&& (== netstandard1.1) (>= netcoreapp2.1)) (&& (== netstandard1.1) (>= netstandard2.0)) (== netstandard2.0)
    System.ServiceModel.Security (4.8.1) - restriction: || (&& (== net20) (== net471)) (&& (== net20) (== net472)) (&& (== net20) (== net48)) (&& (== net20) (>= netcoreapp2.0)) (&& (== net20) (>= netcoreapp2.1)) (&& (== net20) (>= netcoreapp3.0)) (&& (== net20) (>= netstandard2.0)) (&& (== net20) (>= netstandard2.1)) (&& (== net35) (== net471)) (&& (== net35) (== net472)) (&& (== net35) (== net48)) (&& (== net35) (>= netcoreapp2.0)) (&& (== net35) (>= netcoreapp2.1)) (&& (== net35) (>= netcoreapp3.0)) (&& (== net35) (>= netstandard2.0)) (&& (== net35) (>= netstandard2.1)) (&& (== net40) (== net471)) (&& (== net40) (== net472)) (&& (== net40) (== net48)) (&& (== net40) (>= netcoreapp2.0)) (&& (== net40) (>= netcoreapp2.1)) (&& (== net40) (>= netcoreapp3.0)) (&& (== net40) (>= netstandard2.0)) (&& (== net40) (>= netstandard2.1)) (&& (== net45) (== net471)) (&& (== net45) (== net472)) (&& (== net45) (== net48)) (&& (== net45) (>= netcoreapp2.0)) (&& (== net45) (>= netcoreapp2.1)) (&& (== net45) (>= netcoreapp3.0)) (&& (== net45) (>= netstandard2.0)) (&& (== net45) (>= netstandard2.1)) (&& (== net461) (>= netcoreapp3.0)) (&& (== net461) (>= netstandard2.1)) (&& (== net471) (== netstandard1.0)) (&& (== net471) (== netstandard1.1)) (&& (== net471) (< net461)) (&& (== net471) (>= netcoreapp2.0)) (&& (== net471) (>= netcoreapp2.1)) (&& (== net471) (>= netcoreapp3.0)) (&& (== net471) (>= netstandard2.1)) (&& (== net472) (== netstandard1.0)) (&& (== net472) (== netstandard1.1)) (&& (== net472) (< net461)) (&& (== net472) (>= netcoreapp2.0)) (&& (== net472) (>= netcoreapp2.1)) (&& (== net472) (>= netcoreapp3.0)) (&& (== net472) (>= netstandard2.1)) (&& (== net48) (== netstandard1.0)) (&& (== net48) (== netstandard1.1)) (&& (== net48) (< net461)) (&& (== net48) (>= netcoreapp2.0)) (&& (== net48) (>= netcoreapp2.1)) (&& (== net48) (>= netcoreapp3.0)) (&& (== net48) (>= netstandard2.1)) (== net5.0-windows7.0) (== net50) (== netcoreapp2.0) (&& (== netstandard1.0) (>= netcoreapp2.0)) (&& (== netstandard1.0) (>= netcoreapp2.1)) (&& (== netstandard1.0) (>= netcoreapp3.0)) (&& (== netstandard1.0) (>= netstandard2.0)) (&& (== netstandard1.0) (>= netstandard2.1)) (&& (== netstandard1.1) (>= netcoreapp2.0)) (&& (== netstandard1.1) (>= netcoreapp2.1)) (&& (== netstandard1.1) (>= netcoreapp3.0)) (&& (== netstandard1.1) (>= netstandard2.0)) (&& (== netstandard1.1) (>= netstandard2.1)) (== netstandard2.0)
      System.Private.ServiceModel (>= 4.8.1) - restriction: || (&& (== net20) (>= netstandard2.0)) (&& (== net35) (>= netstandard2.0)) (&& (== net40) (>= netstandard2.0)) (&& (== net461) (< net45) (>= netstandard2.0)) (&& (== net471) (< net45)) (&& (== net472) (< net45)) (&& (== net48) (< net45)) (== net5.0-windows7.0) (== net50) (== netcoreapp2.0) (&& (== netstandard1.0) (>= netstandard2.0)) (&& (== netstandard1.1) (>= netstandard2.0)) (== netstandard2.0)
      System.ServiceModel.Primitives (>= 4.8.1) - restriction: || (&& (== net20) (>= net461)) (&& (== net20) (>= netstandard2.0)) (&& (== net35) (>= net461)) (&& (== net35) (>= netstandard2.0)) (&& (== net40) (>= net461)) (&& (== net40) (>= netstandard2.0)) (&& (== net45) (>= net461)) (== net461) (== net471) (== net472) (== net48) (== net5.0-windows7.0) (== net50) (== netcoreapp2.0) (&& (== netstandard1.0) (>= net461)) (&& (== netstandard1.0) (>= netstandard2.0)) (&& (== netstandard1.1) (>= net461)) (&& (== netstandard1.1) (>= netstandard2.0)) (== netstandard2.0)
    System.ServiceModel.Syndication (5.0) - restriction: || (&& (== net20) (== net471)) (&& (== net20) (== net472)) (&& (== net20) (== net48)) (&& (== net20) (>= netcoreapp2.0)) (&& (== net20) (>= netcoreapp2.1)) (&& (== net20) (>= netcoreapp3.0)) (&& (== net20) (>= netstandard2.0)) (&& (== net20) (>= netstandard2.1)) (&& (== net35) (== net471)) (&& (== net35) (== net472)) (&& (== net35) (== net48)) (&& (== net35) (>= netcoreapp2.0)) (&& (== net35) (>= netcoreapp2.1)) (&& (== net35) (>= netcoreapp3.0)) (&& (== net35) (>= netstandard2.0)) (&& (== net35) (>= netstandard2.1)) (&& (== net40) (== net471)) (&& (== net40) (== net472)) (&& (== net40) (== net48)) (&& (== net40) (>= netcoreapp2.0)) (&& (== net40) (>= netcoreapp2.1)) (&& (== net40) (>= netcoreapp3.0)) (&& (== net40) (>= netstandard2.0)) (&& (== net40) (>= netstandard2.1)) (&& (== net45) (== net471)) (&& (== net45) (== net472)) (&& (== net45) (== net48)) (&& (== net45) (>= netcoreapp2.0)) (&& (== net45) (>= netcoreapp2.1)) (&& (== net45) (>= netcoreapp3.0)) (&& (== net45) (>= netstandard2.0)) (&& (== net45) (>= netstandard2.1)) (&& (== net461) (>= netcoreapp3.0)) (&& (== net461) (>= netstandard2.1)) (&& (== net471) (== netstandard1.0)) (&& (== net471) (== netstandard1.1)) (&& (== net471) (< net461)) (&& (== net471) (>= netcoreapp2.0)) (&& (== net471) (>= netcoreapp2.1)) (&& (== net471) (>= netcoreapp3.0)) (&& (== net471) (>= netstandard2.1)) (&& (== net472) (== netstandard1.0)) (&& (== net472) (== netstandard1.1)) (&& (== net472) (< net461)) (&& (== net472) (>= netcoreapp2.0)) (&& (== net472) (>= netcoreapp2.1)) (&& (== net472) (>= netcoreapp3.0)) (&& (== net472) (>= netstandard2.1)) (&& (== net48) (== netstandard1.0)) (&& (== net48) (== netstandard1.1)) (&& (== net48) (< net461)) (&& (== net48) (>= netcoreapp2.0)) (&& (== net48) (>= netcoreapp2.1)) (&& (== net48) (>= netcoreapp3.0)) (&& (== net48) (>= netstandard2.1)) (== net5.0-windows7.0) (== net50) (== netcoreapp2.0) (&& (== netstandard1.0) (>= netcoreapp2.0)) (&& (== netstandard1.0) (>= netcoreapp2.1)) (&& (== netstandard1.0) (>= netcoreapp3.0)) (&& (== netstandard1.0) (>= netstandard2.0)) (&& (== netstandard1.0) (>= netstandard2.1)) (&& (== netstandard1.1) (>= netcoreapp2.0)) (&& (== netstandard1.1) (>= netcoreapp2.1)) (&& (== netstandard1.1) (>= netcoreapp3.0)) (&& (== netstandard1.1) (>= netstandard2.0)) (&& (== netstandard1.1) (>= netstandard2.1)) (== netstandard2.0)
    System.ServiceProcess.ServiceController (5.0) - restriction: || (&& (== net20) (== net471)) (&& (== net20) (== net472)) (&& (== net20) (== net48)) (&& (== net20) (>= netcoreapp2.0)) (&& (== net20) (>= netcoreapp2.1)) (&& (== net20) (>= netcoreapp3.0)) (&& (== net20) (>= netstandard2.0)) (&& (== net20) (>= netstandard2.1)) (&& (== net35) (== net471)) (&& (== net35) (== net472)) (&& (== net35) (== net48)) (&& (== net35) (>= netcoreapp2.0)) (&& (== net35) (>= netcoreapp2.1)) (&& (== net35) (>= netcoreapp3.0)) (&& (== net35) (>= netstandard2.0)) (&& (== net35) (>= netstandard2.1)) (&& (== net40) (== net471)) (&& (== net40) (== net472)) (&& (== net40) (== net48)) (&& (== net40) (>= netcoreapp2.0)) (&& (== net40) (>= netcoreapp2.1)) (&& (== net40) (>= netcoreapp3.0)) (&& (== net40) (>= netstandard2.0)) (&& (== net40) (>= netstandard2.1)) (&& (== net45) (== net471)) (&& (== net45) (== net472)) (&& (== net45) (== net48)) (&& (== net45) (>= netcoreapp2.0)) (&& (== net45) (>= netcoreapp2.1)) (&& (== net45) (>= netcoreapp3.0)) (&& (== net45) (>= netstandard2.0)) (&& (== net45) (>= netstandard2.1)) (&& (== net461) (>= netcoreapp3.0)) (&& (== net461) (>= netstandard2.1)) (&& (== net471) (== netstandard1.0)) (&& (== net471) (== netstandard1.1)) (&& (== net471) (< net461)) (&& (== net471) (>= netcoreapp2.0)) (&& (== net471) (>= netcoreapp2.1)) (&& (== net471) (>= netcoreapp3.0)) (&& (== net471) (>= netstandard2.1)) (&& (== net472) (== netstandard1.0)) (&& (== net472) (== netstandard1.1)) (&& (== net472) (< net461)) (&& (== net472) (>= netcoreapp2.0)) (&& (== net472) (>= netcoreapp2.1)) (&& (== net472) (>= netcoreapp3.0)) (&& (== net472) (>= netstandard2.1)) (&& (== net48) (== netstandard1.0)) (&& (== net48) (== netstandard1.1)) (&& (== net48) (< net461)) (&& (== net48) (>= netcoreapp2.0)) (&& (== net48) (>= netcoreapp2.1)) (&& (== net48) (>= netcoreapp3.0)) (&& (== net48) (>= netstandard2.1)) (== net5.0-windows7.0) (== net50) (== netcoreapp2.0) (&& (== netstandard1.0) (>= netcoreapp2.0)) (&& (== netstandard1.0) (>= netcoreapp2.1)) (&& (== netstandard1.0) (>= netcoreapp3.0)) (&& (== netstandard1.0) (>= netstandard2.0)) (&& (== netstandard1.0) (>= netstandard2.1)) (&& (== netstandard1.1) (>= netcoreapp2.0)) (&& (== netstandard1.1) (>= netcoreapp2.1)) (&& (== netstandard1.1) (>= netcoreapp3.0)) (&& (== netstandard1.1) (>= netstandard2.0)) (&& (== netstandard1.1) (>= netstandard2.1)) (== netstandard2.0)
      System.Buffers (>= 4.5.1) - restriction: || (&& (== net20) (>= monoandroid)) (&& (== net20) (>= monotouch)) (&& (== net20) (>= netstandard2.0)) (&& (== net20) (>= xamarinios)) (&& (== net20) (>= xamarinmac)) (&& (== net20) (>= xamarintvos)) (&& (== net20) (>= xamarinwatchos)) (&& (== net35) (>= monoandroid)) (&& (== net35) (>= monotouch)) (&& (== net35) (>= netstandard2.0)) (&& (== net35) (>= xamarinios)) (&& (== net35) (>= xamarinmac)) (&& (== net35) (>= xamarintvos)) (&& (== net35) (>= xamarinwatchos)) (&& (== net40) (>= monoandroid)) (&& (== net40) (>= monotouch)) (&& (== net40) (>= netstandard2.0)) (&& (== net40) (>= xamarinios)) (&& (== net40) (>= xamarinmac)) (&& (== net40) (>= xamarintvos)) (&& (== net40) (>= xamarinwatchos)) (&& (== net45) (>= monoandroid)) (&& (== net45) (>= monotouch)) (&& (== net45) (>= netstandard2.0)) (&& (== net45) (>= xamarinios)) (&& (== net45) (>= xamarinmac)) (&& (== net45) (>= xamarintvos)) (&& (== net45) (>= xamarinwatchos)) (&& (== net461) (>= monoandroid)) (&& (== net461) (>= monotouch)) (&& (== net461) (>= xamarinios)) (&& (== net461) (>= xamarinmac)) (&& (== net461) (>= xamarintvos)) (&& (== net461) (>= xamarinwatchos)) (&& (== net471) (>= monoandroid)) (&& (== net471) (>= monotouch)) (&& (== net471) (< net461)) (&& (== net471) (>= xamarinios)) (&& (== net471) (>= xamarinmac)) (&& (== net471) (>= xamarintvos)) (&& (== net471) (>= xamarinwatchos)) (&& (== net472) (>= monoandroid)) (&& (== net472) (>= monotouch)) (&& (== net472) (< net461)) (&& (== net472) (>= xamarinios)) (&& (== net472) (>= xamarinmac)) (&& (== net472) (>= xamarintvos)) (&& (== net472) (>= xamarinwatchos)) (&& (== net48) (>= monoandroid)) (&& (== net48) (>= monotouch)) (&& (== net48) (< net461)) (&& (== net48) (>= xamarinios)) (&& (== net48) (>= xamarinmac)) (&& (== net48) (>= xamarintvos)) (&& (== net48) (>= xamarinwatchos)) (&& (== net5.0-windows7.0) (>= monotouch)) (&& (== net5.0-windows7.0) (< netcoreapp2.0)) (&& (== net5.0-windows7.0) (>= xamarinios)) (&& (== net5.0-windows7.0) (>= xamarinmac)) (&& (== net5.0-windows7.0) (>= xamarintvos)) (&& (== net5.0-windows7.0) (>= xamarinwatchos)) (&& (== net50) (>= monotouch)) (&& (== net50) (< netcoreapp2.0)) (&& (== net50) (>= xamarinios)) (&& (== net50) (>= xamarinmac)) (&& (== net50) (>= xamarintvos)) (&& (== net50) (>= xamarinwatchos)) (&& (== netcoreapp2.0) (>= monotouch)) (&& (== netcoreapp2.0) (>= xamarinios)) (&& (== netcoreapp2.0) (>= xamarinmac)) (&& (== netcoreapp2.0) (>= xamarintvos)) (&& (== netcoreapp2.0) (>= xamarinwatchos)) (&& (== netstandard1.0) (>= monoandroid)) (&& (== netstandard1.0) (>= monotouch)) (&& (== netstandard1.0) (>= netstandard2.0)) (&& (== netstandard1.0) (>= xamarinios)) (&& (== netstandard1.0) (>= xamarinmac)) (&& (== netstandard1.0) (>= xamarintvos)) (&& (== netstandard1.0) (>= xamarinwatchos)) (&& (== netstandard1.1) (>= monoandroid)) (&& (== netstandard1.1) (>= monotouch)) (&& (== netstandard1.1) (>= netstandard2.0)) (&& (== netstandard1.1) (>= xamarinios)) (&& (== netstandard1.1) (>= xamarinmac)) (&& (== netstandard1.1) (>= xamarintvos)) (&& (== netstandard1.1) (>= xamarinwatchos)) (== netstandard2.0)
      System.Diagnostics.EventLog (>= 5.0) - restriction: || (&& (== net20) (>= monoandroid)) (&& (== net20) (>= monotouch)) (&& (== net20) (>= net461)) (&& (== net20) (>= netcoreapp2.0)) (&& (== net20) (>= netcoreapp2.1)) (&& (== net20) (>= netstandard2.0)) (&& (== net20) (>= uap10.1)) (&& (== net20) (>= xamarinios)) (&& (== net20) (>= xamarinmac)) (&& (== net20) (>= xamarintvos)) (&& (== net20) (>= xamarinwatchos)) (&& (== net35) (>= monoandroid)) (&& (== net35) (>= monotouch)) (&& (== net35) (>= net461)) (&& (== net35) (>= netcoreapp2.0)) (&& (== net35) (>= netcoreapp2.1)) (&& (== net35) (>= netstandard2.0)) (&& (== net35) (>= uap10.1)) (&& (== net35) (>= xamarinios)) (&& (== net35) (>= xamarinmac)) (&& (== net35) (>= xamarintvos)) (&& (== net35) (>= xamarinwatchos)) (&& (== net40) (>= monoandroid)) (&& (== net40) (>= monotouch)) (&& (== net40) (>= net461)) (&& (== net40) (>= netcoreapp2.0)) (&& (== net40) (>= netcoreapp2.1)) (&& (== net40) (>= netstandard2.0)) (&& (== net40) (>= uap10.1)) (&& (== net40) (>= xamarinios)) (&& (== net40) (>= xamarinmac)) (&& (== net40) (>= xamarintvos)) (&& (== net40) (>= xamarinwatchos)) (&& (== net45) (>= monoandroid)) (&& (== net45) (>= monotouch)) (&& (== net45) (>= net461)) (&& (== net45) (>= netcoreapp2.0)) (&& (== net45) (>= netcoreapp2.1)) (&& (== net45) (>= netstandard2.0)) (&& (== net45) (>= uap10.1)) (&& (== net45) (>= xamarinios)) (&& (== net45) (>= xamarinmac)) (&& (== net45) (>= xamarintvos)) (&& (== net45) (>= xamarinwatchos)) (== net461) (== net471) (== net472) (== net48) (== net5.0-windows7.0) (== net50) (== netcoreapp2.0) (&& (== netstandard1.0) (>= monoandroid)) (&& (== netstandard1.0) (>= monotouch)) (&& (== netstandard1.0) (>= net461)) (&& (== netstandard1.0) (>= netcoreapp2.0)) (&& (== netstandard1.0) (>= netcoreapp2.1)) (&& (== netstandard1.0) (>= netstandard2.0)) (&& (== netstandard1.0) (>= uap10.1)) (&& (== netstandard1.0) (>= xamarinios)) (&& (== netstandard1.0) (>= xamarinmac)) (&& (== netstandard1.0) (>= xamarintvos)) (&& (== netstandard1.0) (>= xamarinwatchos)) (&& (== netstandard1.1) (>= monoandroid)) (&& (== netstandard1.1) (>= monotouch)) (&& (== netstandard1.1) (>= net461)) (&& (== netstandard1.1) (>= netcoreapp2.0)) (&& (== netstandard1.1) (>= netcoreapp2.1)) (&& (== netstandard1.1) (>= netstandard2.0)) (&& (== netstandard1.1) (>= uap10.1)) (&& (== netstandard1.1) (>= xamarinios)) (&& (== netstandard1.1) (>= xamarinmac)) (&& (== netstandard1.1) (>= xamarintvos)) (&& (== netstandard1.1) (>= xamarinwatchos)) (== netstandard2.0)
      System.Memory (>= 4.5.4) - restriction: || (&& (== net20) (>= netcoreapp2.0)) (&& (== net20) (>= netstandard2.0)) (&& (== net20) (>= uap10.1)) (&& (== net35) (>= netcoreapp2.0)) (&& (== net35) (>= netstandard2.0)) (&& (== net35) (>= uap10.1)) (&& (== net40) (>= netcoreapp2.0)) (&& (== net40) (>= netstandard2.0)) (&& (== net40) (>= uap10.1)) (&& (== net45) (>= netcoreapp2.0)) (&& (== net45) (>= netstandard2.0)) (&& (== net45) (>= uap10.1)) (&& (== net461) (>= netcoreapp2.0)) (&& (== net461) (>= uap10.1)) (&& (== net471) (< net461)) (&& (== net471) (>= netcoreapp2.0)) (&& (== net471) (>= uap10.1)) (&& (== net472) (< net461)) (&& (== net472) (>= netcoreapp2.0)) (&& (== net472) (>= uap10.1)) (&& (== net48) (< net461)) (&& (== net48) (>= netcoreapp2.0)) (&& (== net48) (>= uap10.1)) (&& (== net5.0-windows7.0) (< netcoreapp2.0)) (&& (== net5.0-windows7.0) (< netcoreapp2.1)) (&& (== net5.0-windows7.0) (>= uap10.1)) (&& (== net50) (< netcoreapp2.0)) (&& (== net50) (< netcoreapp2.1)) (&& (== net50) (>= uap10.1)) (== netcoreapp2.0) (&& (== netstandard1.0) (>= netcoreapp2.0)) (&& (== netstandard1.0) (>= netstandard2.0)) (&& (== netstandard1.0) (>= uap10.1)) (&& (== netstandard1.1) (>= netcoreapp2.0)) (&& (== netstandard1.1) (>= netstandard2.0)) (&& (== netstandard1.1) (>= uap10.1)) (== netstandard2.0)
    System.Speech (5.0) - restriction: || (&& (== net20) (== net471)) (&& (== net20) (== net472)) (&& (== net20) (== net48)) (&& (== net20) (>= netcoreapp2.0)) (&& (== net20) (>= netcoreapp2.1)) (&& (== net20) (>= netcoreapp3.0)) (&& (== net20) (>= netstandard2.0)) (&& (== net20) (>= netstandard2.1)) (&& (== net35) (== net471)) (&& (== net35) (== net472)) (&& (== net35) (== net48)) (&& (== net35) (>= netcoreapp2.0)) (&& (== net35) (>= netcoreapp2.1)) (&& (== net35) (>= netcoreapp3.0)) (&& (== net35) (>= netstandard2.0)) (&& (== net35) (>= netstandard2.1)) (&& (== net40) (== net471)) (&& (== net40) (== net472)) (&& (== net40) (== net48)) (&& (== net40) (>= netcoreapp2.0)) (&& (== net40) (>= netcoreapp2.1)) (&& (== net40) (>= netcoreapp3.0)) (&& (== net40) (>= netstandard2.0)) (&& (== net40) (>= netstandard2.1)) (&& (== net45) (== net471)) (&& (== net45) (== net472)) (&& (== net45) (== net48)) (&& (== net45) (>= netcoreapp2.0)) (&& (== net45) (>= netcoreapp2.1)) (&& (== net45) (>= netcoreapp3.0)) (&& (== net45) (>= netstandard2.0)) (&& (== net45) (>= netstandard2.1)) (&& (== net461) (>= netcoreapp3.0)) (&& (== net461) (>= netstandard2.1)) (&& (== net471) (== netstandard1.0)) (&& (== net471) (== netstandard1.1)) (&& (== net471) (< net461)) (&& (== net471) (>= netcoreapp2.0)) (&& (== net471) (>= netcoreapp2.1)) (&& (== net471) (>= netcoreapp3.0)) (&& (== net471) (>= netstandard2.1)) (&& (== net472) (== netstandard1.0)) (&& (== net472) (== netstandard1.1)) (&& (== net472) (< net461)) (&& (== net472) (>= netcoreapp2.0)) (&& (== net472) (>= netcoreapp2.1)) (&& (== net472) (>= netcoreapp3.0)) (&& (== net472) (>= netstandard2.1)) (&& (== net48) (== netstandard1.0)) (&& (== net48) (== netstandard1.1)) (&& (== net48) (< net461)) (&& (== net48) (>= netcoreapp2.0)) (&& (== net48) (>= netcoreapp2.1)) (&& (== net48) (>= netcoreapp3.0)) (&& (== net48) (>= netstandard2.1)) (== net5.0-windows7.0) (== net50) (== netcoreapp2.0) (&& (== netstandard1.0) (>= netcoreapp2.0)) (&& (== netstandard1.0) (>= netcoreapp2.1)) (&& (== netstandard1.0) (>= netcoreapp3.0)) (&& (== netstandard1.0) (>= netstandard2.0)) (&& (== netstandard1.0) (>= netstandard2.1)) (&& (== netstandard1.1) (>= netcoreapp2.0)) (&& (== netstandard1.1) (>= netcoreapp2.1)) (&& (== netstandard1.1) (>= netcoreapp3.0)) (&& (== netstandard1.1) (>= netstandard2.0)) (&& (== netstandard1.1) (>= netstandard2.1)) (== netstandard2.0)
      Microsoft.NETCore.Platforms (>= 5.0.1) - restriction: || (&& (== net20) (>= netcoreapp2.1)) (&& (== net35) (>= netcoreapp2.1)) (&& (== net40) (>= netcoreapp2.1)) (&& (== net45) (>= netcoreapp2.1)) (&& (== net461) (>= netcoreapp2.1)) (&& (== net471) (>= netcoreapp2.1)) (&& (== net472) (>= netcoreapp2.1)) (&& (== net48) (>= netcoreapp2.1)) (== net5.0-windows7.0) (== net50) (&& (== netcoreapp2.0) (>= netcoreapp2.1)) (&& (== netstandard1.0) (>= netcoreapp2.1)) (&& (== netstandard1.1) (>= netcoreapp2.1)) (&& (== netstandard2.0) (>= netcoreapp2.1))
      Microsoft.Win32.Registry (>= 5.0) - restriction: || (&& (== net20) (>= netcoreapp2.1)) (&& (== net35) (>= netcoreapp2.1)) (&& (== net40) (>= netcoreapp2.1)) (&& (== net45) (>= netcoreapp2.1)) (&& (== net461) (>= netcoreapp2.1)) (&& (== net471) (>= netcoreapp2.1)) (&& (== net472) (>= netcoreapp2.1)) (&& (== net48) (>= netcoreapp2.1)) (== net5.0-windows7.0) (== net50) (&& (== netcoreapp2.0) (>= netcoreapp2.1)) (&& (== netstandard1.0) (>= netcoreapp2.1)) (&& (== netstandard1.1) (>= netcoreapp2.1)) (&& (== netstandard2.0) (>= netcoreapp2.1))
    System.Text.Encoding (4.3) - restriction: || (&& (== net20) (== net45)) (&& (== net20) (== net461)) (&& (== net20) (== net471)) (&& (== net20) (== net472)) (&& (== net20) (== net48)) (&& (== net20) (>= net46)) (&& (== net20) (>= netcoreapp1.0)) (&& (== net20) (>= netstandard1.0)) (&& (== net20) (>= netstandard1.1)) (&& (== net20) (>= netstandard1.2)) (&& (== net20) (>= netstandard1.3)) (&& (== net20) (>= netstandard1.4)) (&& (== net20) (>= netstandard1.5)) (&& (== net20) (>= netstandard1.6)) (&& (== net20) (>= uap10.0)) (&& (== net35) (== net45)) (&& (== net35) (== net461)) (&& (== net35) (== net471)) (&& (== net35) (== net472)) (&& (== net35) (== net48)) (&& (== net35) (>= net46)) (&& (== net35) (>= netcoreapp1.0)) (&& (== net35) (>= netstandard1.0)) (&& (== net35) (>= netstandard1.1)) (&& (== net35) (>= netstandard1.2)) (&& (== net35) (>= netstandard1.3)) (&& (== net35) (>= netstandard1.4)) (&& (== net35) (>= netstandard1.5)) (&& (== net35) (>= netstandard1.6)) (&& (== net35) (>= uap10.0)) (&& (== net40) (== net45)) (&& (== net40) (== net461)) (&& (== net40) (== net471)) (&& (== net40) (== net472)) (&& (== net40) (== net48)) (&& (== net40) (>= net46)) (&& (== net40) (>= netcoreapp1.0)) (&& (== net40) (>= netstandard1.0)) (&& (== net40) (>= netstandard1.1)) (&& (== net40) (>= netstandard1.2)) (&& (== net40) (>= netstandard1.3)) (&& (== net40) (>= netstandard1.4)) (&& (== net40) (>= netstandard1.5)) (&& (== net40) (>= netstandard1.6)) (&& (== net40) (>= uap10.0)) (&& (== net45) (== net461)) (&& (== net45) (== net471)) (&& (== net45) (== net472)) (&& (== net45) (== net48)) (&& (== net45) (>= netcoreapp1.0)) (&& (== net45) (>= netstandard1.3)) (&& (== net45) (< portable-net45+win8+wpa81)) (&& (== net45) (>= uap10.0)) (&& (== net461) (< net45)) (&& (== net461) (< net46)) (&& (== net461) (>= netcoreapp1.0)) (&& (== net461) (< portable-net45+win8+wpa81)) (&& (== net461) (>= uap10.0)) (&& (== net471) (< net45) (< netstandard1.2)) (&& (== net471) (< net45) (< netstandard1.3)) (&& (== net471) (< net45) (< netstandard1.4)) (&& (== net471) (< net45) (< netstandard1.5)) (&& (== net471) (< net45) (< netstandard1.6)) (&& (== net471) (< net45) (< netstandard2.0)) (&& (== net471) (< net46)) (&& (== net471) (>= netcoreapp1.0)) (&& (== net471) (< netstandard1.3) (>= uap10.0)) (&& (== net471) (< netstandard1.5) (>= uap10.0)) (&& (== net471) (< portable-net45+win8+wpa81)) (&& (== net472) (< net45) (< netstandard1.2)) (&& (== net472) (< net45) (< netstandard1.3)) (&& (== net472) (< net45) (< netstandard1.4)) (&& (== net472) (< net45) (< netstandard1.5)) (&& (== net472) (< net45) (< netstandard1.6)) (&& (== net472) (< net45) (< netstandard2.0)) (&& (== net472) (< net46)) (&& (== net472) (>= netcoreapp1.0)) (&& (== net472) (< netstandard1.3) (>= uap10.0)) (&& (== net472) (< netstandard1.5) (>= uap10.0)) (&& (== net472) (< portable-net45+win8+wpa81)) (&& (== net48) (< net45) (< netstandard1.2)) (&& (== net48) (< net45) (< netstandard1.3)) (&& (== net48) (< net45) (< netstandard1.4)) (&& (== net48) (< net45) (< netstandard1.5)) (&& (== net48) (< net45) (< netstandard1.6)) (&& (== net48) (< net45) (< netstandard2.0)) (&& (== net48) (< net46)) (&& (== net48) (>= netcoreapp1.0)) (&& (== net48) (< netstandard1.3) (>= uap10.0)) (&& (== net48) (< netstandard1.5) (>= uap10.0)) (&& (== net48) (< portable-net45+win8+wpa81)) (== net5.0-windows7.0) (== net50) (== netcoreapp2.0) (== netstandard1.0) (== netstandard1.1) (== netstandard2.0)
      Microsoft.NETCore.Platforms (>= 1.1) - restriction: || (&& (== net20) (>= netstandard1.0)) (&& (== net20) (>= netstandard1.3)) (&& (== net35) (>= netstandard1.0)) (&& (== net35) (>= netstandard1.3)) (&& (== net40) (>= netstandard1.0)) (&& (== net40) (>= netstandard1.3)) (&& (== net461) (< net45)) (&& (== net471) (< net45)) (&& (== net472) (< net45)) (&& (== net48) (< net45)) (== net5.0-windows7.0) (== net50) (== netcoreapp2.0) (== netstandard1.0) (== netstandard1.1) (== netstandard2.0)
      Microsoft.NETCore.Targets (>= 1.1) - restriction: || (&& (== net20) (>= netstandard1.0)) (&& (== net20) (>= netstandard1.3)) (&& (== net35) (>= netstandard1.0)) (&& (== net35) (>= netstandard1.3)) (&& (== net40) (>= netstandard1.0)) (&& (== net40) (>= netstandard1.3)) (&& (== net461) (< net45)) (&& (== net471) (< net45)) (&& (== net472) (< net45)) (&& (== net48) (< net45)) (== net5.0-windows7.0) (== net50) (== netcoreapp2.0) (== netstandard1.0) (== netstandard1.1) (== netstandard2.0)
      System.Runtime (>= 4.3) - restriction: || (&& (== net20) (>= netstandard1.0)) (&& (== net20) (>= netstandard1.3)) (&& (== net35) (>= netstandard1.0)) (&& (== net35) (>= netstandard1.3)) (&& (== net40) (>= netstandard1.0)) (&& (== net40) (>= netstandard1.3)) (&& (== net461) (< net45)) (&& (== net471) (< net45)) (&& (== net472) (< net45)) (&& (== net48) (< net45)) (== net5.0-windows7.0) (== net50) (== netcoreapp2.0) (== netstandard1.0) (== netstandard1.1) (== netstandard2.0)
    System.Text.Encoding.CodePages (5.0) - restriction: || (&& (== net20) (== net461)) (&& (== net20) (== net472)) (&& (== net20) (== net48)) (&& (== net20) (>= net461)) (&& (== net20) (>= netcoreapp2.0)) (&& (== net20) (>= netcoreapp2.1)) (&& (== net20) (>= netcoreapp3.0)) (&& (== net20) (>= netstandard2.0)) (&& (== net20) (>= netstandard2.1)) (&& (== net35) (== net461)) (&& (== net35) (== net472)) (&& (== net35) (== net48)) (&& (== net35) (>= net461)) (&& (== net35) (>= netcoreapp2.0)) (&& (== net35) (>= netcoreapp2.1)) (&& (== net35) (>= netcoreapp3.0)) (&& (== net35) (>= netstandard2.0)) (&& (== net35) (>= netstandard2.1)) (&& (== net40) (== net461)) (&& (== net40) (== net472)) (&& (== net40) (== net48)) (&& (== net40) (>= net461)) (&& (== net40) (>= netcoreapp2.0)) (&& (== net40) (>= netcoreapp2.1)) (&& (== net40) (>= netcoreapp3.0)) (&& (== net40) (>= netstandard2.0)) (&& (== net40) (>= netstandard2.1)) (&& (== net45) (== net461)) (&& (== net45) (== net472)) (&& (== net45) (== net48)) (&& (== net45) (>= net461)) (&& (== net45) (>= netcoreapp2.0)) (&& (== net45) (>= netcoreapp2.1)) (&& (== net45) (>= netcoreapp3.0)) (&& (== net45) (>= netstandard2.0)) (&& (== net45) (>= netstandard2.1)) (&& (== net461) (== net472)) (&& (== net461) (== net48)) (&& (== net461) (== netstandard1.0)) (&& (== net461) (== netstandard1.1)) (&& (== net461) (< net451)) (&& (== net461) (>= netcoreapp2.0)) (&& (== net461) (>= netcoreapp2.1)) (&& (== net461) (>= netcoreapp3.0)) (&& (== net461) (>= netstandard2.0)) (&& (== net461) (>= netstandard2.1)) (&& (== net461) (>= uap10.1)) (== net471) (&& (== net472) (== netstandard1.0)) (&& (== net472) (== netstandard1.1)) (&& (== net472) (< net451)) (&& (== net472) (< net461)) (&& (== net472) (>= netcoreapp2.0)) (&& (== net472) (>= netcoreapp2.1)) (&& (== net472) (>= netcoreapp3.0)) (&& (== net472) (>= netstandard2.1)) (&& (== net472) (>= uap10.1)) (&& (== net48) (== netstandard1.0)) (&& (== net48) (== netstandard1.1)) (&& (== net48) (< net451)) (&& (== net48) (< net461)) (&& (== net48) (< net472)) (&& (== net48) (>= netcoreapp2.0)) (&& (== net48) (>= netcoreapp2.1)) (&& (== net48) (>= netcoreapp3.0)) (&& (== net48) (>= netstandard2.1)) (&& (== net48) (>= uap10.1)) (== net5.0-windows7.0) (== net50) (== netcoreapp2.0) (&& (== netstandard1.0) (>= net461)) (&& (== netstandard1.0) (>= netcoreapp2.0)) (&& (== netstandard1.0) (>= netcoreapp2.1)) (&& (== netstandard1.0) (>= netcoreapp3.0)) (&& (== netstandard1.0) (>= netstandard2.0)) (&& (== netstandard1.0) (>= netstandard2.1)) (&& (== netstandard1.1) (>= net461)) (&& (== netstandard1.1) (>= netcoreapp2.0)) (&& (== netstandard1.1) (>= netcoreapp2.1)) (&& (== netstandard1.1) (>= netcoreapp3.0)) (&& (== netstandard1.1) (>= netstandard2.0)) (&& (== netstandard1.1) (>= netstandard2.1)) (== netstandard2.0)
      Microsoft.NETCore.Platforms (>= 5.0) - restriction: || (&& (== net20) (>= net50)) (&& (== net20) (>= netcoreapp2.0)) (&& (== net35) (>= net50)) (&& (== net35) (>= netcoreapp2.0)) (&& (== net40) (>= net50)) (&& (== net40) (>= netcoreapp2.0)) (&& (== net45) (>= net50)) (&& (== net45) (>= netcoreapp2.0)) (&& (== net461) (>= net50)) (&& (== net461) (>= netcoreapp2.0)) (&& (== net471) (>= net50)) (&& (== net471) (>= netcoreapp2.0)) (&& (== net472) (>= net50)) (&& (== net472) (>= netcoreapp2.0)) (&& (== net48) (>= net50)) (&& (== net48) (>= netcoreapp2.0)) (== net5.0-windows7.0) (== net50) (== netcoreapp2.0) (&& (== netstandard1.0) (>= net50)) (&& (== netstandard1.0) (>= netcoreapp2.0)) (&& (== netstandard1.1) (>= net50)) (&& (== netstandard1.1) (>= netcoreapp2.0)) (&& (== netstandard2.0) (>= net50)) (&& (== netstandard2.0) (>= netcoreapp2.0))
      System.Runtime.CompilerServices.Unsafe (>= 5.0) - restriction: || (&& (== net20) (>= net461)) (&& (== net20) (>= netcoreapp2.0)) (&& (== net20) (>= netstandard2.0)) (&& (== net35) (>= net461)) (&& (== net35) (>= netcoreapp2.0)) (&& (== net35) (>= netstandard2.0)) (&& (== net40) (>= net461)) (&& (== net40) (>= netcoreapp2.0)) (&& (== net40) (>= netstandard2.0)) (&& (== net45) (>= net461)) (&& (== net45) (>= netcoreapp2.0)) (&& (== net45) (>= netstandard2.0)) (== net461) (== net471) (== net472) (== net48) (&& (== net5.0-windows7.0) (>= net461)) (&& (== net5.0-windows7.0) (< net50)) (&& (== net5.0-windows7.0) (< netcoreapp2.0)) (&& (== net50) (>= net461)) (&& (== net50) (< netcoreapp2.0)) (== netcoreapp2.0) (&& (== netstandard1.0) (>= net461)) (&& (== netstandard1.0) (>= netcoreapp2.0)) (&& (== netstandard1.0) (>= netstandard2.0)) (&& (== netstandard1.1) (>= net461)) (&& (== netstandard1.1) (>= netcoreapp2.0)) (&& (== netstandard1.1) (>= netstandard2.0)) (== netstandard2.0)
    System.Text.Encoding.Extensions (4.3) - restriction: || (&& (== net20) (== net45)) (&& (== net20) (== net461)) (&& (== net20) (== net471)) (&& (== net20) (== net472)) (&& (== net20) (== net48)) (&& (== net20) (>= netcoreapp1.0)) (&& (== net20) (>= netstandard1.0)) (&& (== net20) (>= netstandard1.1)) (&& (== net20) (>= netstandard1.2)) (&& (== net20) (>= netstandard1.3)) (&& (== net20) (>= netstandard1.4)) (&& (== net20) (>= netstandard1.5)) (&& (== net20) (>= netstandard1.6)) (&& (== net20) (>= uap10.0)) (&& (== net35) (== net45)) (&& (== net35) (== net461)) (&& (== net35) (== net471)) (&& (== net35) (== net472)) (&& (== net35) (== net48)) (&& (== net35) (>= netcoreapp1.0)) (&& (== net35) (>= netstandard1.0)) (&& (== net35) (>= netstandard1.1)) (&& (== net35) (>= netstandard1.2)) (&& (== net35) (>= netstandard1.3)) (&& (== net35) (>= netstandard1.4)) (&& (== net35) (>= netstandard1.5)) (&& (== net35) (>= netstandard1.6)) (&& (== net35) (>= uap10.0)) (&& (== net40) (== net45)) (&& (== net40) (== net461)) (&& (== net40) (== net471)) (&& (== net40) (== net472)) (&& (== net40) (== net48)) (&& (== net40) (>= netcoreapp1.0)) (&& (== net40) (>= netstandard1.0)) (&& (== net40) (>= netstandard1.1)) (&& (== net40) (>= netstandard1.2)) (&& (== net40) (>= netstandard1.3)) (&& (== net40) (>= netstandard1.4)) (&& (== net40) (>= netstandard1.5)) (&& (== net40) (>= netstandard1.6)) (&& (== net40) (>= uap10.0)) (&& (== net45) (>= netcoreapp1.0)) (&& (== net45) (< portable-net45+win8+wpa81)) (&& (== net45) (>= uap10.0)) (&& (== net461) (< net45)) (&& (== net461) (>= netcoreapp1.0)) (&& (== net461) (< portable-net45+win8+wpa81)) (&& (== net461) (>= uap10.0)) (&& (== net471) (< net45)) (&& (== net471) (>= netcoreapp1.0)) (&& (== net471) (< netstandard1.5) (>= uap10.0)) (&& (== net471) (< portable-net45+win8+wpa81)) (&& (== net472) (< net45)) (&& (== net472) (>= netcoreapp1.0)) (&& (== net472) (< netstandard1.5) (>= uap10.0)) (&& (== net472) (< portable-net45+win8+wpa81)) (&& (== net48) (< net45)) (&& (== net48) (>= netcoreapp1.0)) (&& (== net48) (< netstandard1.5) (>= uap10.0)) (&& (== net48) (< portable-net45+win8+wpa81)) (== net5.0-windows7.0) (== net50) (== netcoreapp2.0) (== netstandard1.0) (== netstandard1.1) (== netstandard2.0)
      Microsoft.NETCore.Platforms (>= 1.1) - restriction: || (&& (== net20) (>= netstandard1.0)) (&& (== net20) (>= netstandard1.3)) (&& (== net35) (>= netstandard1.0)) (&& (== net35) (>= netstandard1.3)) (&& (== net40) (>= netstandard1.0)) (&& (== net40) (>= netstandard1.3)) (&& (== net461) (< net45)) (&& (== net471) (< net45)) (&& (== net472) (< net45)) (&& (== net48) (< net45)) (== net5.0-windows7.0) (== net50) (== netcoreapp2.0) (== netstandard1.0) (== netstandard1.1) (== netstandard2.0)
      Microsoft.NETCore.Targets (>= 1.1) - restriction: || (&& (== net20) (>= netstandard1.0)) (&& (== net20) (>= netstandard1.3)) (&& (== net35) (>= netstandard1.0)) (&& (== net35) (>= netstandard1.3)) (&& (== net40) (>= netstandard1.0)) (&& (== net40) (>= netstandard1.3)) (&& (== net461) (< net45)) (&& (== net471) (< net45)) (&& (== net472) (< net45)) (&& (== net48) (< net45)) (== net5.0-windows7.0) (== net50) (== netcoreapp2.0) (== netstandard1.0) (== netstandard1.1) (== netstandard2.0)
      System.Runtime (>= 4.3) - restriction: || (&& (== net20) (>= netstandard1.0)) (&& (== net20) (>= netstandard1.3)) (&& (== net35) (>= netstandard1.0)) (&& (== net35) (>= netstandard1.3)) (&& (== net40) (>= netstandard1.0)) (&& (== net40) (>= netstandard1.3)) (&& (== net461) (< net45)) (&& (== net471) (< net45)) (&& (== net472) (< net45)) (&& (== net48) (< net45)) (== net5.0-windows7.0) (== net50) (== netcoreapp2.0) (== netstandard1.0) (== netstandard1.1) (== netstandard2.0)
      System.Text.Encoding (>= 4.3) - restriction: || (&& (== net20) (>= netstandard1.0)) (&& (== net20) (>= netstandard1.3)) (&& (== net35) (>= netstandard1.0)) (&& (== net35) (>= netstandard1.3)) (&& (== net40) (>= netstandard1.0)) (&& (== net40) (>= netstandard1.3)) (&& (== net461) (< net45)) (&& (== net471) (< net45)) (&& (== net472) (< net45)) (&& (== net48) (< net45)) (== net5.0-windows7.0) (== net50) (== netcoreapp2.0) (== netstandard1.0) (== netstandard1.1) (== netstandard2.0)
    System.Text.Encodings.Web (5.0.1) - restriction: || (&& (== net20) (== net5.0-windows7.0)) (&& (== net20) (== net50)) (&& (== net20) (>= monoandroid)) (&& (== net20) (>= monotouch)) (&& (== net20) (>= net461)) (&& (== net20) (>= netcoreapp2.0)) (&& (== net20) (>= netcoreapp2.1)) (&& (== net20) (>= netcoreapp3.0)) (&& (== net20) (>= netstandard2.0)) (&& (== net20) (>= uap10.1)) (&& (== net20) (>= xamarinios)) (&& (== net20) (>= xamarinmac)) (&& (== net20) (>= xamarintvos)) (&& (== net20) (>= xamarinwatchos)) (&& (== net35) (== net5.0-windows7.0)) (&& (== net35) (== net50)) (&& (== net35) (>= monoandroid)) (&& (== net35) (>= monotouch)) (&& (== net35) (>= net461)) (&& (== net35) (>= netcoreapp2.0)) (&& (== net35) (>= netcoreapp2.1)) (&& (== net35) (>= netcoreapp3.0)) (&& (== net35) (>= netstandard2.0)) (&& (== net35) (>= uap10.1)) (&& (== net35) (>= xamarinios)) (&& (== net35) (>= xamarinmac)) (&& (== net35) (>= xamarintvos)) (&& (== net35) (>= xamarinwatchos)) (&& (== net40) (== net5.0-windows7.0)) (&& (== net40) (== net50)) (&& (== net40) (>= monoandroid)) (&& (== net40) (>= monotouch)) (&& (== net40) (>= net461)) (&& (== net40) (>= netcoreapp2.0)) (&& (== net40) (>= netcoreapp2.1)) (&& (== net40) (>= netcoreapp3.0)) (&& (== net40) (>= netstandard2.0)) (&& (== net40) (>= uap10.1)) (&& (== net40) (>= xamarinios)) (&& (== net40) (>= xamarinmac)) (&& (== net40) (>= xamarintvos)) (&& (== net40) (>= xamarinwatchos)) (&& (== net45) (== net5.0-windows7.0)) (&& (== net45) (== net50)) (&& (== net45) (>= monoandroid)) (&& (== net45) (>= monotouch)) (&& (== net45) (>= net461)) (&& (== net45) (>= netcoreapp2.0)) (&& (== net45) (>= netcoreapp2.1)) (&& (== net45) (>= netcoreapp3.0)) (&& (== net45) (>= netstandard2.0)) (&& (== net45) (>= uap10.1)) (&& (== net45) (>= xamarinios)) (&& (== net45) (>= xamarinmac)) (&& (== net45) (>= xamarintvos)) (&& (== net45) (>= xamarinwatchos)) (== net461) (== net471) (== net472) (== net48) (&& (== net5.0-windows7.0) (== netstandard1.0)) (&& (== net5.0-windows7.0) (== netstandard1.1)) (&& (== net5.0-windows7.0) (>= monotouch)) (&& (== net5.0-windows7.0) (>= net461)) (&& (== net5.0-windows7.0) (< net50) (>= xamarinios)) (&& (== net5.0-windows7.0) (< net50) (>= xamarinmac)) (&& (== net5.0-windows7.0) (< net50) (>= xamarintvos)) (&& (== net5.0-windows7.0) (< net50) (>= xamarinwatchos)) (&& (== net5.0-windows7.0) (< netcoreapp2.0)) (&& (== net5.0-windows7.0) (< netcoreapp2.1)) (&& (== net5.0-windows7.0) (< netcoreapp3.0)) (&& (== net5.0-windows7.0) (< netstandard2.0) (>= xamarintvos)) (&& (== net5.0-windows7.0) (< netstandard2.0) (>= xamarinwatchos)) (&& (== net5.0-windows7.0) (>= uap10.1)) (&& (== net50) (== netstandard1.0)) (&& (== net50) (== netstandard1.1)) (&& (== net50) (>= monotouch)) (&& (== net50) (>= net461)) (&& (== net50) (< netcoreapp2.0)) (&& (== net50) (< netcoreapp2.1)) (&& (== net50) (< netcoreapp3.0)) (&& (== net50) (< netstandard2.0) (>= xamarintvos)) (&& (== net50) (< netstandard2.0) (>= xamarinwatchos)) (&& (== net50) (>= uap10.1)) (== netcoreapp2.0) (&& (== netstandard1.0) (>= monoandroid)) (&& (== netstandard1.0) (>= monotouch)) (&& (== netstandard1.0) (>= net461)) (&& (== netstandard1.0) (>= netcoreapp2.0)) (&& (== netstandard1.0) (>= netcoreapp2.1)) (&& (== netstandard1.0) (>= netcoreapp3.0)) (&& (== netstandard1.0) (>= netstandard2.0)) (&& (== netstandard1.0) (>= uap10.1)) (&& (== netstandard1.0) (>= xamarinios)) (&& (== netstandard1.0) (>= xamarinmac)) (&& (== netstandard1.0) (>= xamarintvos)) (&& (== netstandard1.0) (>= xamarinwatchos)) (&& (== netstandard1.1) (>= monoandroid)) (&& (== netstandard1.1) (>= monotouch)) (&& (== netstandard1.1) (>= net461)) (&& (== netstandard1.1) (>= netcoreapp2.0)) (&& (== netstandard1.1) (>= netcoreapp2.1)) (&& (== netstandard1.1) (>= netcoreapp3.0)) (&& (== netstandard1.1) (>= netstandard2.0)) (&& (== netstandard1.1) (>= uap10.1)) (&& (== netstandard1.1) (>= xamarinios)) (&& (== netstandard1.1) (>= xamarinmac)) (&& (== netstandard1.1) (>= xamarintvos)) (&& (== netstandard1.1) (>= xamarinwatchos)) (== netstandard2.0)
      System.Buffers (>= 4.5.1) - restriction: || (&& (== net20) (>= net461)) (&& (== net20) (>= netstandard2.0)) (&& (== net35) (>= net461)) (&& (== net35) (>= netstandard2.0)) (&& (== net40) (>= net461)) (&& (== net40) (>= netstandard2.0)) (&& (== net45) (>= net461)) (== net461) (== net471) (== net472) (== net48) (&& (== net5.0-windows7.0) (>= net461)) (&& (== net5.0-windows7.0) (< netcoreapp2.0) (< netstandard2.1)) (&& (== net50) (>= net461)) (&& (== net50) (< netcoreapp2.0) (< netstandard2.1)) (&& (== netcoreapp2.0) (>= net461)) (&& (== netstandard1.0) (>= net461)) (&& (== netstandard1.0) (>= netstandard2.0)) (&& (== netstandard1.1) (>= net461)) (&& (== netstandard1.1) (>= netstandard2.0)) (== netstandard2.0)
      System.Memory (>= 4.5.4) - restriction: || (&& (== net20) (>= net461)) (&& (== net20) (>= netcoreapp2.0)) (&& (== net20) (>= netstandard2.0)) (&& (== net20) (>= uap10.1)) (&& (== net35) (>= net461)) (&& (== net35) (>= netcoreapp2.0)) (&& (== net35) (>= netstandard2.0)) (&& (== net35) (>= uap10.1)) (&& (== net40) (>= net461)) (&& (== net40) (>= netcoreapp2.0)) (&& (== net40) (>= netstandard2.0)) (&& (== net40) (>= uap10.1)) (&& (== net45) (>= net461)) (&& (== net45) (>= netcoreapp2.0)) (&& (== net45) (>= uap10.1)) (== net461) (== net471) (== net472) (== net48) (&& (== net5.0-windows7.0) (>= net461)) (&& (== net5.0-windows7.0) (< netcoreapp2.0) (< netstandard2.1)) (&& (== net5.0-windows7.0) (< netcoreapp2.1) (< netstandard2.1)) (&& (== net5.0-windows7.0) (>= uap10.1)) (&& (== net50) (>= net461)) (&& (== net50) (< netcoreapp2.0) (< netstandard2.1)) (&& (== net50) (< netcoreapp2.1) (< netstandard2.1)) (&& (== net50) (>= uap10.1)) (== netcoreapp2.0) (&& (== netstandard1.0) (>= net461)) (&& (== netstandard1.0) (>= netcoreapp2.0)) (&& (== netstandard1.0) (>= netstandard2.0)) (&& (== netstandard1.0) (>= uap10.1)) (&& (== netstandard1.1) (>= net461)) (&& (== netstandard1.1) (>= netcoreapp2.0)) (&& (== netstandard1.1) (>= netstandard2.0)) (&& (== netstandard1.1) (>= uap10.1)) (== netstandard2.0)
    System.Text.Json (5.0.1) - restriction: || (&& (== net20) (== net5.0-windows7.0)) (&& (== net20) (== net50)) (&& (== net20) (>= monoandroid)) (&& (== net20) (>= monotouch)) (&& (== net20) (>= net461)) (&& (== net20) (>= netcoreapp2.0)) (&& (== net20) (>= netcoreapp2.1)) (&& (== net20) (>= netcoreapp3.0)) (&& (== net20) (>= netstandard2.0)) (&& (== net20) (>= uap10.1)) (&& (== net20) (>= xamarinios)) (&& (== net20) (>= xamarinmac)) (&& (== net20) (>= xamarintvos)) (&& (== net20) (>= xamarinwatchos)) (&& (== net35) (== net5.0-windows7.0)) (&& (== net35) (== net50)) (&& (== net35) (>= monoandroid)) (&& (== net35) (>= monotouch)) (&& (== net35) (>= net461)) (&& (== net35) (>= netcoreapp2.0)) (&& (== net35) (>= netcoreapp2.1)) (&& (== net35) (>= netcoreapp3.0)) (&& (== net35) (>= netstandard2.0)) (&& (== net35) (>= uap10.1)) (&& (== net35) (>= xamarinios)) (&& (== net35) (>= xamarinmac)) (&& (== net35) (>= xamarintvos)) (&& (== net35) (>= xamarinwatchos)) (&& (== net40) (== net5.0-windows7.0)) (&& (== net40) (== net50)) (&& (== net40) (>= monoandroid)) (&& (== net40) (>= monotouch)) (&& (== net40) (>= net461)) (&& (== net40) (>= netcoreapp2.0)) (&& (== net40) (>= netcoreapp2.1)) (&& (== net40) (>= netcoreapp3.0)) (&& (== net40) (>= netstandard2.0)) (&& (== net40) (>= uap10.1)) (&& (== net40) (>= xamarinios)) (&& (== net40) (>= xamarinmac)) (&& (== net40) (>= xamarintvos)) (&& (== net40) (>= xamarinwatchos)) (&& (== net45) (== net5.0-windows7.0)) (&& (== net45) (== net50)) (&& (== net45) (>= monoandroid)) (&& (== net45) (>= monotouch)) (&& (== net45) (>= net461)) (&& (== net45) (>= netcoreapp2.0)) (&& (== net45) (>= netcoreapp2.1)) (&& (== net45) (>= netcoreapp3.0)) (&& (== net45) (>= netstandard2.0)) (&& (== net45) (>= uap10.1)) (&& (== net45) (>= xamarinios)) (&& (== net45) (>= xamarinmac)) (&& (== net45) (>= xamarintvos)) (&& (== net45) (>= xamarinwatchos)) (== net461) (== net471) (== net472) (== net48) (&& (== net5.0-windows7.0) (== netstandard1.0)) (&& (== net5.0-windows7.0) (== netstandard1.1)) (&& (== net5.0-windows7.0) (>= monotouch)) (&& (== net5.0-windows7.0) (>= net461)) (&& (== net5.0-windows7.0) (< net50)) (&& (== net5.0-windows7.0) (< netcoreapp2.0)) (&& (== net5.0-windows7.0) (< netcoreapp2.1)) (&& (== net5.0-windows7.0) (< netcoreapp3.0)) (&& (== net5.0-windows7.0) (< netstandard2.0) (>= xamarintvos)) (&& (== net5.0-windows7.0) (< netstandard2.0) (>= xamarinwatchos)) (&& (== net5.0-windows7.0) (>= uap10.1)) (&& (== net50) (== netstandard1.0)) (&& (== net50) (== netstandard1.1)) (&& (== net50) (>= monotouch)) (&& (== net50) (>= net461)) (&& (== net50) (< netcoreapp2.0)) (&& (== net50) (< netcoreapp2.1)) (&& (== net50) (< netcoreapp3.0)) (&& (== net50) (< netstandard2.0) (>= xamarintvos)) (&& (== net50) (< netstandard2.0) (>= xamarinwatchos)) (&& (== net50) (>= uap10.1)) (== netcoreapp2.0) (&& (== netstandard1.0) (>= monoandroid)) (&& (== netstandard1.0) (>= monotouch)) (&& (== netstandard1.0) (>= net461)) (&& (== netstandard1.0) (>= netcoreapp2.0)) (&& (== netstandard1.0) (>= netcoreapp2.1)) (&& (== netstandard1.0) (>= netcoreapp3.0)) (&& (== netstandard1.0) (>= netstandard2.0)) (&& (== netstandard1.0) (>= uap10.1)) (&& (== netstandard1.0) (>= xamarinios)) (&& (== netstandard1.0) (>= xamarinmac)) (&& (== netstandard1.0) (>= xamarintvos)) (&& (== netstandard1.0) (>= xamarinwatchos)) (&& (== netstandard1.1) (>= monoandroid)) (&& (== netstandard1.1) (>= monotouch)) (&& (== netstandard1.1) (>= net461)) (&& (== netstandard1.1) (>= netcoreapp2.0)) (&& (== netstandard1.1) (>= netcoreapp2.1)) (&& (== netstandard1.1) (>= netcoreapp3.0)) (&& (== netstandard1.1) (>= netstandard2.0)) (&& (== netstandard1.1) (>= uap10.1)) (&& (== netstandard1.1) (>= xamarinios)) (&& (== netstandard1.1) (>= xamarinmac)) (&& (== netstandard1.1) (>= xamarintvos)) (&& (== netstandard1.1) (>= xamarinwatchos)) (== netstandard2.0)
      Microsoft.Bcl.AsyncInterfaces (>= 5.0) - restriction: || (&& (== net20) (>= monoandroid)) (&& (== net20) (>= monotouch)) (&& (== net20) (>= net461)) (&& (== net20) (>= netcoreapp2.0)) (&& (== net20) (>= netcoreapp2.1)) (&& (== net20) (>= netstandard2.0)) (&& (== net20) (>= uap10.1)) (&& (== net20) (>= xamarinios)) (&& (== net20) (>= xamarinmac)) (&& (== net20) (>= xamarintvos)) (&& (== net20) (>= xamarinwatchos)) (&& (== net35) (>= monoandroid)) (&& (== net35) (>= monotouch)) (&& (== net35) (>= net461)) (&& (== net35) (>= netcoreapp2.0)) (&& (== net35) (>= netcoreapp2.1)) (&& (== net35) (>= netstandard2.0)) (&& (== net35) (>= uap10.1)) (&& (== net35) (>= xamarinios)) (&& (== net35) (>= xamarinmac)) (&& (== net35) (>= xamarintvos)) (&& (== net35) (>= xamarinwatchos)) (&& (== net40) (>= monoandroid)) (&& (== net40) (>= monotouch)) (&& (== net40) (>= net461)) (&& (== net40) (>= netcoreapp2.0)) (&& (== net40) (>= netcoreapp2.1)) (&& (== net40) (>= netstandard2.0)) (&& (== net40) (>= uap10.1)) (&& (== net40) (>= xamarinios)) (&& (== net40) (>= xamarinmac)) (&& (== net40) (>= xamarintvos)) (&& (== net40) (>= xamarinwatchos)) (&& (== net45) (>= monoandroid)) (&& (== net45) (>= monotouch)) (&& (== net45) (>= net461)) (&& (== net45) (>= netcoreapp2.0)) (&& (== net45) (>= netcoreapp2.1)) (&& (== net45) (>= netstandard2.0)) (&& (== net45) (>= uap10.1)) (&& (== net45) (>= xamarinios)) (&& (== net45) (>= xamarinmac)) (&& (== net45) (>= xamarintvos)) (&& (== net45) (>= xamarinwatchos)) (== net461) (== net471) (== net472) (== net48) (&& (== net5.0-windows7.0) (>= monotouch)) (&& (== net5.0-windows7.0) (>= net461)) (&& (== net5.0-windows7.0) (< netcoreapp2.0)) (&& (== net5.0-windows7.0) (< netcoreapp2.1)) (&& (== net5.0-windows7.0) (< netcoreapp3.0)) (&& (== net5.0-windows7.0) (>= uap10.1)) (&& (== net5.0-windows7.0) (>= xamarinios)) (&& (== net5.0-windows7.0) (>= xamarinmac)) (&& (== net5.0-windows7.0) (>= xamarintvos)) (&& (== net5.0-windows7.0) (>= xamarinwatchos)) (&& (== net50) (>= monotouch)) (&& (== net50) (>= net461)) (&& (== net50) (< netcoreapp2.0)) (&& (== net50) (< netcoreapp2.1)) (&& (== net50) (< netcoreapp3.0)) (&& (== net50) (>= uap10.1)) (&& (== net50) (>= xamarinios)) (&& (== net50) (>= xamarinmac)) (&& (== net50) (>= xamarintvos)) (&& (== net50) (>= xamarinwatchos)) (== netcoreapp2.0) (&& (== netstandard1.0) (>= monoandroid)) (&& (== netstandard1.0) (>= monotouch)) (&& (== netstandard1.0) (>= net461)) (&& (== netstandard1.0) (>= netcoreapp2.0)) (&& (== netstandard1.0) (>= netcoreapp2.1)) (&& (== netstandard1.0) (>= netstandard2.0)) (&& (== netstandard1.0) (>= uap10.1)) (&& (== netstandard1.0) (>= xamarinios)) (&& (== netstandard1.0) (>= xamarinmac)) (&& (== netstandard1.0) (>= xamarintvos)) (&& (== netstandard1.0) (>= xamarinwatchos)) (&& (== netstandard1.1) (>= monoandroid)) (&& (== netstandard1.1) (>= monotouch)) (&& (== netstandard1.1) (>= net461)) (&& (== netstandard1.1) (>= netcoreapp2.0)) (&& (== netstandard1.1) (>= netcoreapp2.1)) (&& (== netstandard1.1) (>= netstandard2.0)) (&& (== netstandard1.1) (>= uap10.1)) (&& (== netstandard1.1) (>= xamarinios)) (&& (== netstandard1.1) (>= xamarinmac)) (&& (== netstandard1.1) (>= xamarintvos)) (&& (== netstandard1.1) (>= xamarinwatchos)) (== netstandard2.0)
      System.Buffers (>= 4.5.1) - restriction: || (&& (== net20) (>= monoandroid)) (&& (== net20) (>= monotouch)) (&& (== net20) (>= net461)) (&& (== net20) (>= netstandard2.0)) (&& (== net20) (>= xamarinios)) (&& (== net20) (>= xamarinmac)) (&& (== net20) (>= xamarintvos)) (&& (== net20) (>= xamarinwatchos)) (&& (== net35) (>= monoandroid)) (&& (== net35) (>= monotouch)) (&& (== net35) (>= net461)) (&& (== net35) (>= netstandard2.0)) (&& (== net35) (>= xamarinios)) (&& (== net35) (>= xamarinmac)) (&& (== net35) (>= xamarintvos)) (&& (== net35) (>= xamarinwatchos)) (&& (== net40) (>= monoandroid)) (&& (== net40) (>= monotouch)) (&& (== net40) (>= net461)) (&& (== net40) (>= netstandard2.0)) (&& (== net40) (>= xamarinios)) (&& (== net40) (>= xamarinmac)) (&& (== net40) (>= xamarintvos)) (&& (== net40) (>= xamarinwatchos)) (&& (== net45) (>= monoandroid)) (&& (== net45) (>= monotouch)) (&& (== net45) (>= net461)) (&& (== net45) (>= netstandard2.0)) (&& (== net45) (>= xamarinios)) (&& (== net45) (>= xamarinmac)) (&& (== net45) (>= xamarintvos)) (&& (== net45) (>= xamarinwatchos)) (== net461) (== net471) (== net472) (== net48) (&& (== net5.0-windows7.0) (>= monotouch)) (&& (== net5.0-windows7.0) (>= net461)) (&& (== net5.0-windows7.0) (< netcoreapp2.0)) (&& (== net5.0-windows7.0) (>= xamarinios)) (&& (== net5.0-windows7.0) (>= xamarinmac)) (&& (== net5.0-windows7.0) (>= xamarintvos)) (&& (== net5.0-windows7.0) (>= xamarinwatchos)) (&& (== net50) (>= monotouch)) (&& (== net50) (>= net461)) (&& (== net50) (< netcoreapp2.0)) (&& (== net50) (>= xamarinios)) (&& (== net50) (>= xamarinmac)) (&& (== net50) (>= xamarintvos)) (&& (== net50) (>= xamarinwatchos)) (&& (== netcoreapp2.0) (>= monotouch)) (&& (== netcoreapp2.0) (>= net461)) (&& (== netcoreapp2.0) (>= xamarinios)) (&& (== netcoreapp2.0) (>= xamarinmac)) (&& (== netcoreapp2.0) (>= xamarintvos)) (&& (== netcoreapp2.0) (>= xamarinwatchos)) (&& (== netstandard1.0) (>= monoandroid)) (&& (== netstandard1.0) (>= monotouch)) (&& (== netstandard1.0) (>= net461)) (&& (== netstandard1.0) (>= netstandard2.0)) (&& (== netstandard1.0) (>= xamarinios)) (&& (== netstandard1.0) (>= xamarinmac)) (&& (== netstandard1.0) (>= xamarintvos)) (&& (== netstandard1.0) (>= xamarinwatchos)) (&& (== netstandard1.1) (>= monoandroid)) (&& (== netstandard1.1) (>= monotouch)) (&& (== netstandard1.1) (>= net461)) (&& (== netstandard1.1) (>= netstandard2.0)) (&& (== netstandard1.1) (>= xamarinios)) (&& (== netstandard1.1) (>= xamarinmac)) (&& (== netstandard1.1) (>= xamarintvos)) (&& (== netstandard1.1) (>= xamarinwatchos)) (== netstandard2.0)
      System.Memory (>= 4.5.4) - restriction: || (&& (== net20) (>= net461)) (&& (== net20) (>= netcoreapp2.0)) (&& (== net20) (>= netstandard2.0)) (&& (== net20) (>= uap10.1)) (&& (== net35) (>= net461)) (&& (== net35) (>= netcoreapp2.0)) (&& (== net35) (>= netstandard2.0)) (&& (== net35) (>= uap10.1)) (&& (== net40) (>= net461)) (&& (== net40) (>= netcoreapp2.0)) (&& (== net40) (>= netstandard2.0)) (&& (== net40) (>= uap10.1)) (&& (== net45) (>= net461)) (&& (== net45) (>= netcoreapp2.0)) (&& (== net45) (>= netstandard2.0)) (&& (== net45) (>= uap10.1)) (== net461) (== net471) (== net472) (== net48) (&& (== net5.0-windows7.0) (>= net461)) (&& (== net5.0-windows7.0) (< netcoreapp2.0)) (&& (== net5.0-windows7.0) (< netcoreapp2.1)) (&& (== net5.0-windows7.0) (>= uap10.1)) (&& (== net50) (>= net461)) (&& (== net50) (< netcoreapp2.0)) (&& (== net50) (< netcoreapp2.1)) (&& (== net50) (>= uap10.1)) (== netcoreapp2.0) (&& (== netstandard1.0) (>= net461)) (&& (== netstandard1.0) (>= netcoreapp2.0)) (&& (== netstandard1.0) (>= netstandard2.0)) (&& (== netstandard1.0) (>= uap10.1)) (&& (== netstandard1.1) (>= net461)) (&& (== netstandard1.1) (>= netcoreapp2.0)) (&& (== netstandard1.1) (>= netstandard2.0)) (&& (== netstandard1.1) (>= uap10.1)) (== netstandard2.0)
      System.Numerics.Vectors (>= 4.5) - restriction: || (&& (== net20) (>= net461)) (&& (== net20) (>= netstandard2.0)) (&& (== net35) (>= net461)) (&& (== net35) (>= netstandard2.0)) (&& (== net40) (>= net461)) (&& (== net40) (>= netstandard2.0)) (&& (== net45) (>= net461)) (&& (== net45) (>= netstandard2.0)) (== net461) (== net471) (== net472) (== net48) (&& (== net5.0-windows7.0) (>= net461)) (&& (== net5.0-windows7.0) (< netcoreapp2.0)) (&& (== net50) (>= net461)) (&& (== net50) (< netcoreapp2.0)) (&& (== netcoreapp2.0) (>= net461)) (&& (== netstandard1.0) (>= net461)) (&& (== netstandard1.0) (>= netstandard2.0)) (&& (== netstandard1.1) (>= net461)) (&& (== netstandard1.1) (>= netstandard2.0)) (== netstandard2.0)
      System.Runtime.CompilerServices.Unsafe (>= 5.0) - restriction: || (&& (== net20) (>= monoandroid)) (&& (== net20) (>= monotouch)) (&& (== net20) (>= net461)) (&& (== net20) (>= netcoreapp2.0)) (&& (== net20) (>= netcoreapp2.1)) (&& (== net20) (>= netstandard2.0)) (&& (== net20) (>= uap10.1)) (&& (== net20) (>= xamarinios)) (&& (== net20) (>= xamarinmac)) (&& (== net20) (>= xamarintvos)) (&& (== net20) (>= xamarinwatchos)) (&& (== net35) (>= monoandroid)) (&& (== net35) (>= monotouch)) (&& (== net35) (>= net461)) (&& (== net35) (>= netcoreapp2.0)) (&& (== net35) (>= netcoreapp2.1)) (&& (== net35) (>= netstandard2.0)) (&& (== net35) (>= uap10.1)) (&& (== net35) (>= xamarinios)) (&& (== net35) (>= xamarinmac)) (&& (== net35) (>= xamarintvos)) (&& (== net35) (>= xamarinwatchos)) (&& (== net40) (>= monoandroid)) (&& (== net40) (>= monotouch)) (&& (== net40) (>= net461)) (&& (== net40) (>= netcoreapp2.0)) (&& (== net40) (>= netcoreapp2.1)) (&& (== net40) (>= netstandard2.0)) (&& (== net40) (>= uap10.1)) (&& (== net40) (>= xamarinios)) (&& (== net40) (>= xamarinmac)) (&& (== net40) (>= xamarintvos)) (&& (== net40) (>= xamarinwatchos)) (&& (== net45) (>= monoandroid)) (&& (== net45) (>= monotouch)) (&& (== net45) (>= net461)) (&& (== net45) (>= netcoreapp2.0)) (&& (== net45) (>= netcoreapp2.1)) (&& (== net45) (>= netstandard2.0)) (&& (== net45) (>= uap10.1)) (&& (== net45) (>= xamarinios)) (&& (== net45) (>= xamarinmac)) (&& (== net45) (>= xamarintvos)) (&& (== net45) (>= xamarinwatchos)) (== net461) (== net471) (== net472) (== net48) (&& (== net5.0-windows7.0) (>= monotouch)) (&& (== net5.0-windows7.0) (>= net461)) (&& (== net5.0-windows7.0) (< netcoreapp2.0)) (&& (== net5.0-windows7.0) (< netcoreapp2.1)) (&& (== net5.0-windows7.0) (< netcoreapp3.0)) (&& (== net5.0-windows7.0) (>= uap10.1)) (&& (== net5.0-windows7.0) (>= xamarinios)) (&& (== net5.0-windows7.0) (>= xamarinmac)) (&& (== net5.0-windows7.0) (>= xamarintvos)) (&& (== net5.0-windows7.0) (>= xamarinwatchos)) (&& (== net50) (>= monotouch)) (&& (== net50) (>= net461)) (&& (== net50) (< netcoreapp2.0)) (&& (== net50) (< netcoreapp2.1)) (&& (== net50) (< netcoreapp3.0)) (&& (== net50) (>= uap10.1)) (&& (== net50) (>= xamarinios)) (&& (== net50) (>= xamarinmac)) (&& (== net50) (>= xamarintvos)) (&& (== net50) (>= xamarinwatchos)) (== netcoreapp2.0) (&& (== netstandard1.0) (>= monoandroid)) (&& (== netstandard1.0) (>= monotouch)) (&& (== netstandard1.0) (>= net461)) (&& (== netstandard1.0) (>= netcoreapp2.0)) (&& (== netstandard1.0) (>= netcoreapp2.1)) (&& (== netstandard1.0) (>= netstandard2.0)) (&& (== netstandard1.0) (>= uap10.1)) (&& (== netstandard1.0) (>= xamarinios)) (&& (== netstandard1.0) (>= xamarinmac)) (&& (== netstandard1.0) (>= xamarintvos)) (&& (== netstandard1.0) (>= xamarinwatchos)) (&& (== netstandard1.1) (>= monoandroid)) (&& (== netstandard1.1) (>= monotouch)) (&& (== netstandard1.1) (>= net461)) (&& (== netstandard1.1) (>= netcoreapp2.0)) (&& (== netstandard1.1) (>= netcoreapp2.1)) (&& (== netstandard1.1) (>= netstandard2.0)) (&& (== netstandard1.1) (>= uap10.1)) (&& (== netstandard1.1) (>= xamarinios)) (&& (== netstandard1.1) (>= xamarinmac)) (&& (== netstandard1.1) (>= xamarintvos)) (&& (== netstandard1.1) (>= xamarinwatchos)) (== netstandard2.0)
      System.Text.Encodings.Web (>= 5.0) - restriction: || (&& (== net20) (>= monoandroid)) (&& (== net20) (>= monotouch)) (&& (== net20) (>= net461)) (&& (== net20) (>= netcoreapp2.0)) (&& (== net20) (>= netcoreapp2.1)) (&& (== net20) (>= netstandard2.0)) (&& (== net20) (>= uap10.1)) (&& (== net20) (>= xamarinios)) (&& (== net20) (>= xamarinmac)) (&& (== net20) (>= xamarintvos)) (&& (== net20) (>= xamarinwatchos)) (&& (== net35) (>= monoandroid)) (&& (== net35) (>= monotouch)) (&& (== net35) (>= net461)) (&& (== net35) (>= netcoreapp2.0)) (&& (== net35) (>= netcoreapp2.1)) (&& (== net35) (>= netstandard2.0)) (&& (== net35) (>= uap10.1)) (&& (== net35) (>= xamarinios)) (&& (== net35) (>= xamarinmac)) (&& (== net35) (>= xamarintvos)) (&& (== net35) (>= xamarinwatchos)) (&& (== net40) (>= monoandroid)) (&& (== net40) (>= monotouch)) (&& (== net40) (>= net461)) (&& (== net40) (>= netcoreapp2.0)) (&& (== net40) (>= netcoreapp2.1)) (&& (== net40) (>= netstandard2.0)) (&& (== net40) (>= uap10.1)) (&& (== net40) (>= xamarinios)) (&& (== net40) (>= xamarinmac)) (&& (== net40) (>= xamarintvos)) (&& (== net40) (>= xamarinwatchos)) (&& (== net45) (>= monoandroid)) (&& (== net45) (>= monotouch)) (&& (== net45) (>= net461)) (&& (== net45) (>= netcoreapp2.0)) (&& (== net45) (>= netcoreapp2.1)) (&& (== net45) (>= netstandard2.0)) (&& (== net45) (>= uap10.1)) (&& (== net45) (>= xamarinios)) (&& (== net45) (>= xamarinmac)) (&& (== net45) (>= xamarintvos)) (&& (== net45) (>= xamarinwatchos)) (== net461) (== net471) (== net472) (== net48) (&& (== net5.0-windows7.0) (>= monotouch)) (&& (== net5.0-windows7.0) (>= net461)) (&& (== net5.0-windows7.0) (< netcoreapp2.0)) (&& (== net5.0-windows7.0) (< netcoreapp2.1)) (&& (== net5.0-windows7.0) (< netcoreapp3.0)) (&& (== net5.0-windows7.0) (>= uap10.1)) (&& (== net5.0-windows7.0) (>= xamarinios)) (&& (== net5.0-windows7.0) (>= xamarinmac)) (&& (== net5.0-windows7.0) (>= xamarintvos)) (&& (== net5.0-windows7.0) (>= xamarinwatchos)) (&& (== net50) (>= monotouch)) (&& (== net50) (>= net461)) (&& (== net50) (< netcoreapp2.0)) (&& (== net50) (< netcoreapp2.1)) (&& (== net50) (< netcoreapp3.0)) (&& (== net50) (>= uap10.1)) (&& (== net50) (>= xamarinios)) (&& (== net50) (>= xamarinmac)) (&& (== net50) (>= xamarintvos)) (&& (== net50) (>= xamarinwatchos)) (== netcoreapp2.0) (&& (== netstandard1.0) (>= monoandroid)) (&& (== netstandard1.0) (>= monotouch)) (&& (== netstandard1.0) (>= net461)) (&& (== netstandard1.0) (>= netcoreapp2.0)) (&& (== netstandard1.0) (>= netcoreapp2.1)) (&& (== netstandard1.0) (>= netstandard2.0)) (&& (== netstandard1.0) (>= uap10.1)) (&& (== netstandard1.0) (>= xamarinios)) (&& (== netstandard1.0) (>= xamarinmac)) (&& (== netstandard1.0) (>= xamarintvos)) (&& (== netstandard1.0) (>= xamarinwatchos)) (&& (== netstandard1.1) (>= monoandroid)) (&& (== netstandard1.1) (>= monotouch)) (&& (== netstandard1.1) (>= net461)) (&& (== netstandard1.1) (>= netcoreapp2.0)) (&& (== netstandard1.1) (>= netcoreapp2.1)) (&& (== netstandard1.1) (>= netstandard2.0)) (&& (== netstandard1.1) (>= uap10.1)) (&& (== netstandard1.1) (>= xamarinios)) (&& (== netstandard1.1) (>= xamarinmac)) (&& (== netstandard1.1) (>= xamarintvos)) (&& (== netstandard1.1) (>= xamarinwatchos)) (== netstandard2.0)
      System.Threading.Tasks.Extensions (>= 4.5.4) - restriction: || (&& (== net20) (>= net461)) (&& (== net20) (>= netcoreapp2.0)) (&& (== net20) (>= netstandard2.0)) (&& (== net20) (>= uap10.1)) (&& (== net35) (>= net461)) (&& (== net35) (>= netcoreapp2.0)) (&& (== net35) (>= netstandard2.0)) (&& (== net35) (>= uap10.1)) (&& (== net40) (>= net461)) (&& (== net40) (>= netcoreapp2.0)) (&& (== net40) (>= netstandard2.0)) (&& (== net40) (>= uap10.1)) (&& (== net45) (>= net461)) (&& (== net45) (>= netcoreapp2.0)) (&& (== net45) (>= netstandard2.0)) (&& (== net45) (>= uap10.1)) (== net461) (== net471) (== net472) (== net48) (&& (== net5.0-windows7.0) (>= net461)) (&& (== net5.0-windows7.0) (< netcoreapp2.0)) (&& (== net5.0-windows7.0) (< netcoreapp2.1)) (&& (== net5.0-windows7.0) (>= uap10.1)) (&& (== net50) (>= net461)) (&& (== net50) (< netcoreapp2.0)) (&& (== net50) (< netcoreapp2.1)) (&& (== net50) (>= uap10.1)) (== netcoreapp2.0) (&& (== netstandard1.0) (>= net461)) (&& (== netstandard1.0) (>= netcoreapp2.0)) (&& (== netstandard1.0) (>= netstandard2.0)) (&& (== netstandard1.0) (>= uap10.1)) (&& (== netstandard1.1) (>= net461)) (&& (== netstandard1.1) (>= netcoreapp2.0)) (&& (== netstandard1.1) (>= netstandard2.0)) (&& (== netstandard1.1) (>= uap10.1)) (== netstandard2.0)
      System.ValueTuple (>= 4.5) - restriction: || (&& (== net20) (>= net461)) (&& (== net35) (>= net461)) (&& (== net40) (>= net461)) (&& (== net45) (>= net461)) (== net461) (== net471) (== net472) (== net48) (&& (== net5.0-windows7.0) (>= net461)) (&& (== net50) (>= net461)) (&& (== netcoreapp2.0) (>= net461)) (&& (== netstandard1.0) (>= net461)) (&& (== netstandard1.1) (>= net461)) (&& (== netstandard2.0) (>= net461))
    System.Text.RegularExpressions (4.3.1)
      System.Collections (>= 4.3) - restriction: || (&& (== net20) (>= netstandard1.6)) (&& (== net35) (>= netstandard1.6)) (&& (== net40) (>= netstandard1.6)) (&& (== net461) (< net45) (>= netstandard1.6)) (&& (== net471) (< net45)) (&& (== net472) (< net45)) (&& (== net48) (< net45)) (&& (== net5.0-windows7.0) (< netcoreapp1.1)) (&& (== net50) (< netcoreapp1.1)) (&& (== netcoreapp2.0) (< netcoreapp1.1)) (&& (== netstandard1.0) (>= netstandard1.6)) (&& (== netstandard1.1) (>= netstandard1.6)) (== netstandard2.0)
      System.Globalization (>= 4.3) - restriction: || (&& (== net20) (>= netstandard1.6)) (&& (== net35) (>= netstandard1.6)) (&& (== net40) (>= netstandard1.6)) (&& (== net461) (< net45) (>= netstandard1.6)) (&& (== net471) (< net45)) (&& (== net472) (< net45)) (&& (== net48) (< net45)) (&& (== net5.0-windows7.0) (< netcoreapp1.1)) (&& (== net50) (< netcoreapp1.1)) (&& (== netcoreapp2.0) (< netcoreapp1.1)) (&& (== netstandard1.0) (>= netstandard1.6)) (&& (== netstandard1.1) (>= netstandard1.6)) (== netstandard2.0)
      System.Resources.ResourceManager (>= 4.3) - restriction: || (&& (== net20) (>= netstandard1.6)) (&& (== net35) (>= netstandard1.6)) (&& (== net40) (>= netstandard1.6)) (&& (== net461) (< net45) (>= netstandard1.6)) (&& (== net471) (< net45)) (&& (== net472) (< net45)) (&& (== net48) (< net45)) (&& (== net5.0-windows7.0) (< netcoreapp1.1)) (&& (== net50) (< netcoreapp1.1)) (&& (== netcoreapp2.0) (< netcoreapp1.1)) (&& (== netstandard1.0) (>= netstandard1.6)) (&& (== netstandard1.1) (>= netstandard1.6)) (== netstandard2.0)
      System.Runtime (>= 4.3.1) - restriction: || (&& (== net20) (>= netcoreapp1.1)) (&& (== net20) (>= netstandard1.0)) (&& (== net20) (>= netstandard1.3)) (&& (== net20) (>= netstandard1.6)) (&& (== net35) (>= netcoreapp1.1)) (&& (== net35) (>= netstandard1.0)) (&& (== net35) (>= netstandard1.3)) (&& (== net35) (>= netstandard1.6)) (&& (== net40) (>= netcoreapp1.1)) (&& (== net40) (>= netstandard1.0)) (&& (== net40) (>= netstandard1.3)) (&& (== net40) (>= netstandard1.6)) (&& (== net45) (>= netcoreapp1.1)) (&& (== net461) (< net45)) (&& (== net461) (>= netcoreapp1.1)) (&& (== net471) (< net45)) (&& (== net471) (>= netcoreapp1.1)) (&& (== net472) (< net45)) (&& (== net472) (>= netcoreapp1.1)) (&& (== net48) (< net45)) (&& (== net48) (>= netcoreapp1.1)) (== net5.0-windows7.0) (== net50) (== netcoreapp2.0) (== netstandard1.0) (== netstandard1.1) (== netstandard2.0)
      System.Runtime.Extensions (>= 4.3.1) - restriction: || (&& (== net20) (>= netstandard1.6)) (&& (== net35) (>= netstandard1.6)) (&& (== net40) (>= netstandard1.6)) (&& (== net461) (< net45) (>= netstandard1.6)) (&& (== net471) (< net45)) (&& (== net472) (< net45)) (&& (== net48) (< net45)) (&& (== net5.0-windows7.0) (< netcoreapp1.1)) (&& (== net50) (< netcoreapp1.1)) (&& (== netcoreapp2.0) (< netcoreapp1.1)) (&& (== netstandard1.0) (>= netstandard1.6)) (&& (== netstandard1.1) (>= netstandard1.6)) (== netstandard2.0)
      System.Threading (>= 4.3) - restriction: || (&& (== net20) (>= netstandard1.6)) (&& (== net35) (>= netstandard1.6)) (&& (== net40) (>= netstandard1.6)) (&& (== net461) (< net45) (>= netstandard1.6)) (&& (== net471) (< net45)) (&& (== net472) (< net45)) (&& (== net48) (< net45)) (&& (== net5.0-windows7.0) (< netcoreapp1.1)) (&& (== net50) (< netcoreapp1.1)) (&& (== netcoreapp2.0) (< netcoreapp1.1)) (&& (== netstandard1.0) (>= netstandard1.6)) (&& (== netstandard1.1) (>= netstandard1.6)) (== netstandard2.0)
    System.Threading (4.3) - restriction: || (&& (== net20) (== net45)) (&& (== net20) (== net461)) (&& (== net20) (== net471)) (&& (== net20) (== net472)) (&& (== net20) (== net48)) (&& (== net20) (>= netcoreapp1.0)) (&& (== net20) (>= netstandard1.0)) (&& (== net20) (>= netstandard1.1)) (&& (== net20) (>= netstandard1.2)) (&& (== net20) (>= netstandard1.3)) (&& (== net20) (>= netstandard1.4)) (&& (== net20) (>= netstandard1.5)) (&& (== net20) (>= netstandard1.6)) (&& (== net20) (>= uap10.0)) (&& (== net35) (== net45)) (&& (== net35) (== net461)) (&& (== net35) (== net471)) (&& (== net35) (== net472)) (&& (== net35) (== net48)) (&& (== net35) (>= netcoreapp1.0)) (&& (== net35) (>= netstandard1.0)) (&& (== net35) (>= netstandard1.1)) (&& (== net35) (>= netstandard1.2)) (&& (== net35) (>= netstandard1.3)) (&& (== net35) (>= netstandard1.4)) (&& (== net35) (>= netstandard1.5)) (&& (== net35) (>= netstandard1.6)) (&& (== net35) (>= uap10.0)) (&& (== net40) (== net45)) (&& (== net40) (== net461)) (&& (== net40) (== net471)) (&& (== net40) (== net472)) (&& (== net40) (== net48)) (&& (== net40) (>= netcoreapp1.0)) (&& (== net40) (>= netstandard1.0)) (&& (== net40) (>= netstandard1.1)) (&& (== net40) (>= netstandard1.2)) (&& (== net40) (>= netstandard1.3)) (&& (== net40) (>= netstandard1.4)) (&& (== net40) (>= netstandard1.5)) (&& (== net40) (>= netstandard1.6)) (&& (== net40) (>= uap10.0)) (&& (== net45) (== net461)) (&& (== net45) (== net471)) (&& (== net45) (== net472)) (&& (== net45) (== net48)) (&& (== net45) (>= netcoreapp1.0)) (&& (== net45) (>= netstandard1.3)) (&& (== net45) (< portable-net45+win8+wpa81)) (&& (== net45) (>= uap10.0)) (&& (== net461) (< net45)) (&& (== net461) (< net46)) (&& (== net461) (>= netcoreapp1.0)) (&& (== net461) (< portable-net45+win8+wpa81)) (&& (== net461) (>= uap10.0)) (&& (== net471) (< net45)) (&& (== net471) (< net46)) (&& (== net471) (>= netcoreapp1.0)) (&& (== net471) (< netstandard1.5) (>= uap10.0)) (&& (== net471) (< portable-net45+win8+wpa81)) (&& (== net472) (< net45)) (&& (== net472) (< net46)) (&& (== net472) (>= netcoreapp1.0)) (&& (== net472) (< netstandard1.5) (>= uap10.0)) (&& (== net472) (< portable-net45+win8+wpa81)) (&& (== net48) (< net45)) (&& (== net48) (< net46)) (&& (== net48) (>= netcoreapp1.0)) (&& (== net48) (< netstandard1.5) (>= uap10.0)) (&& (== net48) (< portable-net45+win8+wpa81)) (== net5.0-windows7.0) (== net50) (== netcoreapp2.0) (== netstandard1.0) (== netstandard1.1) (== netstandard2.0)
      System.Runtime (>= 4.3) - restriction: || (&& (== net20) (>= netstandard1.0)) (&& (== net20) (>= netstandard1.3)) (&& (== net35) (>= netstandard1.0)) (&& (== net35) (>= netstandard1.3)) (&& (== net40) (>= netstandard1.0)) (&& (== net40) (>= netstandard1.3)) (&& (== net461) (< net45)) (&& (== net471) (< net45)) (&& (== net472) (< net45)) (&& (== net48) (< net45)) (== net5.0-windows7.0) (== net50) (== netcoreapp2.0) (== netstandard1.0) (== netstandard1.1) (== netstandard2.0)
      System.Threading.Tasks (>= 4.3) - restriction: || (&& (== net20) (>= netstandard1.0)) (&& (== net20) (>= netstandard1.3)) (&& (== net35) (>= netstandard1.0)) (&& (== net35) (>= netstandard1.3)) (&& (== net40) (>= netstandard1.0)) (&& (== net40) (>= netstandard1.3)) (&& (== net461) (< net45)) (&& (== net471) (< net45)) (&& (== net472) (< net45)) (&& (== net48) (< net45)) (== net5.0-windows7.0) (== net50) (== netcoreapp2.0) (== netstandard1.0) (== netstandard1.1) (== netstandard2.0)
    System.Threading.AccessControl (5.0) - restriction: || (&& (== net20) (== net471)) (&& (== net20) (== net472)) (&& (== net20) (== net48)) (&& (== net20) (>= netcoreapp2.0)) (&& (== net20) (>= netcoreapp2.1)) (&& (== net20) (>= netcoreapp3.0)) (&& (== net20) (>= netstandard2.0)) (&& (== net20) (>= netstandard2.1)) (&& (== net35) (== net471)) (&& (== net35) (== net472)) (&& (== net35) (== net48)) (&& (== net35) (>= netcoreapp2.0)) (&& (== net35) (>= netcoreapp2.1)) (&& (== net35) (>= netcoreapp3.0)) (&& (== net35) (>= netstandard2.0)) (&& (== net35) (>= netstandard2.1)) (&& (== net40) (== net471)) (&& (== net40) (== net472)) (&& (== net40) (== net48)) (&& (== net40) (>= netcoreapp2.0)) (&& (== net40) (>= netcoreapp2.1)) (&& (== net40) (>= netcoreapp3.0)) (&& (== net40) (>= netstandard2.0)) (&& (== net40) (>= netstandard2.1)) (&& (== net45) (== net471)) (&& (== net45) (== net472)) (&& (== net45) (== net48)) (&& (== net45) (>= netcoreapp2.0)) (&& (== net45) (>= netcoreapp2.1)) (&& (== net45) (>= netcoreapp3.0)) (&& (== net45) (>= netstandard2.0)) (&& (== net45) (>= netstandard2.1)) (&& (== net461) (>= netcoreapp3.0)) (&& (== net461) (>= netstandard2.1)) (&& (== net471) (== netstandard1.0)) (&& (== net471) (== netstandard1.1)) (&& (== net471) (< net461)) (&& (== net471) (>= netcoreapp2.0)) (&& (== net471) (>= netcoreapp2.1)) (&& (== net471) (>= netcoreapp3.0)) (&& (== net471) (>= netstandard2.1)) (&& (== net472) (== netstandard1.0)) (&& (== net472) (== netstandard1.1)) (&& (== net472) (< net461)) (&& (== net472) (>= netcoreapp2.0)) (&& (== net472) (>= netcoreapp2.1)) (&& (== net472) (>= netcoreapp3.0)) (&& (== net472) (>= netstandard2.1)) (&& (== net48) (== netstandard1.0)) (&& (== net48) (== netstandard1.1)) (&& (== net48) (< net461)) (&& (== net48) (>= netcoreapp2.0)) (&& (== net48) (>= netcoreapp2.1)) (&& (== net48) (>= netcoreapp3.0)) (&& (== net48) (>= netstandard2.1)) (== net5.0-windows7.0) (== net50) (== netcoreapp2.0) (&& (== netstandard1.0) (>= netcoreapp2.0)) (&& (== netstandard1.0) (>= netcoreapp2.1)) (&& (== netstandard1.0) (>= netcoreapp3.0)) (&& (== netstandard1.0) (>= netstandard2.0)) (&& (== netstandard1.0) (>= netstandard2.1)) (&& (== netstandard1.1) (>= netcoreapp2.0)) (&& (== netstandard1.1) (>= netcoreapp2.1)) (&& (== netstandard1.1) (>= netcoreapp3.0)) (&& (== netstandard1.1) (>= netstandard2.0)) (&& (== netstandard1.1) (>= netstandard2.1)) (== netstandard2.0)
      System.Memory (>= 4.5.4) - restriction: || (&& (== net20) (>= netstandard2.0)) (&& (== net35) (>= netstandard2.0)) (&& (== net40) (>= netstandard2.0)) (&& (== net45) (>= netstandard2.0)) (&& (== net461) (< net46) (>= netstandard2.0)) (&& (== net471) (< net46)) (&& (== net472) (< net46)) (&& (== net48) (< net46)) (&& (== net5.0-windows7.0) (< netcoreapp2.1)) (&& (== net50) (< netcoreapp2.1)) (== netcoreapp2.0) (&& (== netstandard1.0) (>= netstandard2.0)) (&& (== netstandard1.1) (>= netstandard2.0)) (== netstandard2.0)
      System.Security.AccessControl (>= 5.0) - restriction: || (&& (== net20) (>= monoandroid)) (&& (== net20) (>= monotouch)) (&& (== net20) (>= net46)) (&& (== net20) (>= net461)) (&& (== net20) (>= netcoreapp2.1)) (&& (== net20) (>= netstandard1.3)) (&& (== net20) (>= netstandard2.0)) (&& (== net20) (>= xamarinios)) (&& (== net20) (>= xamarinmac)) (&& (== net20) (>= xamarintvos)) (&& (== net20) (>= xamarinwatchos)) (&& (== net35) (>= monoandroid)) (&& (== net35) (>= monotouch)) (&& (== net35) (>= net46)) (&& (== net35) (>= net461)) (&& (== net35) (>= netcoreapp2.1)) (&& (== net35) (>= netstandard1.3)) (&& (== net35) (>= netstandard2.0)) (&& (== net35) (>= xamarinios)) (&& (== net35) (>= xamarinmac)) (&& (== net35) (>= xamarintvos)) (&& (== net35) (>= xamarinwatchos)) (&& (== net40) (>= monoandroid)) (&& (== net40) (>= monotouch)) (&& (== net40) (>= net46)) (&& (== net40) (>= net461)) (&& (== net40) (>= netcoreapp2.1)) (&& (== net40) (>= netstandard1.3)) (&& (== net40) (>= netstandard2.0)) (&& (== net40) (>= xamarinios)) (&& (== net40) (>= xamarinmac)) (&& (== net40) (>= xamarintvos)) (&& (== net40) (>= xamarinwatchos)) (&& (== net45) (>= monoandroid)) (&& (== net45) (>= monotouch)) (&& (== net45) (>= net46)) (&& (== net45) (>= net461)) (&& (== net45) (>= netcoreapp2.1)) (&& (== net45) (>= netstandard1.3)) (&& (== net45) (>= netstandard2.0)) (&& (== net45) (>= xamarinios)) (&& (== net45) (>= xamarinmac)) (&& (== net45) (>= xamarintvos)) (&& (== net45) (>= xamarinwatchos)) (== net461) (== net471) (== net472) (== net48) (== net5.0-windows7.0) (== net50) (== netcoreapp2.0) (&& (== netstandard1.0) (>= monoandroid)) (&& (== netstandard1.0) (>= monotouch)) (&& (== netstandard1.0) (>= net46)) (&& (== netstandard1.0) (>= net461)) (&& (== netstandard1.0) (>= netcoreapp2.1)) (&& (== netstandard1.0) (>= netstandard1.3)) (&& (== netstandard1.0) (>= netstandard2.0)) (&& (== netstandard1.0) (>= xamarinios)) (&& (== netstandard1.0) (>= xamarinmac)) (&& (== netstandard1.0) (>= xamarintvos)) (&& (== netstandard1.0) (>= xamarinwatchos)) (&& (== netstandard1.1) (>= monoandroid)) (&& (== netstandard1.1) (>= monotouch)) (&& (== netstandard1.1) (>= net46)) (&& (== netstandard1.1) (>= net461)) (&& (== netstandard1.1) (>= netcoreapp2.1)) (&& (== netstandard1.1) (>= netstandard1.3)) (&& (== netstandard1.1) (>= netstandard2.0)) (&& (== netstandard1.1) (>= xamarinios)) (&& (== netstandard1.1) (>= xamarinmac)) (&& (== netstandard1.1) (>= xamarintvos)) (&& (== netstandard1.1) (>= xamarinwatchos)) (== netstandard2.0)
      System.Security.Principal.Windows (>= 5.0) - restriction: || (&& (== net20) (>= monoandroid)) (&& (== net20) (>= monotouch)) (&& (== net20) (>= net46)) (&& (== net20) (>= net461)) (&& (== net20) (>= netcoreapp2.1)) (&& (== net20) (>= netstandard1.3)) (&& (== net20) (>= netstandard2.0)) (&& (== net20) (>= xamarinios)) (&& (== net20) (>= xamarinmac)) (&& (== net20) (>= xamarintvos)) (&& (== net20) (>= xamarinwatchos)) (&& (== net35) (>= monoandroid)) (&& (== net35) (>= monotouch)) (&& (== net35) (>= net46)) (&& (== net35) (>= net461)) (&& (== net35) (>= netcoreapp2.1)) (&& (== net35) (>= netstandard1.3)) (&& (== net35) (>= netstandard2.0)) (&& (== net35) (>= xamarinios)) (&& (== net35) (>= xamarinmac)) (&& (== net35) (>= xamarintvos)) (&& (== net35) (>= xamarinwatchos)) (&& (== net40) (>= monoandroid)) (&& (== net40) (>= monotouch)) (&& (== net40) (>= net46)) (&& (== net40) (>= net461)) (&& (== net40) (>= netcoreapp2.1)) (&& (== net40) (>= netstandard1.3)) (&& (== net40) (>= netstandard2.0)) (&& (== net40) (>= xamarinios)) (&& (== net40) (>= xamarinmac)) (&& (== net40) (>= xamarintvos)) (&& (== net40) (>= xamarinwatchos)) (&& (== net45) (>= monoandroid)) (&& (== net45) (>= monotouch)) (&& (== net45) (>= net46)) (&& (== net45) (>= net461)) (&& (== net45) (>= netcoreapp2.1)) (&& (== net45) (>= netstandard1.3)) (&& (== net45) (>= netstandard2.0)) (&& (== net45) (>= xamarinios)) (&& (== net45) (>= xamarinmac)) (&& (== net45) (>= xamarintvos)) (&& (== net45) (>= xamarinwatchos)) (== net461) (== net471) (== net472) (== net48) (== net5.0-windows7.0) (== net50) (== netcoreapp2.0) (&& (== netstandard1.0) (>= monoandroid)) (&& (== netstandard1.0) (>= monotouch)) (&& (== netstandard1.0) (>= net46)) (&& (== netstandard1.0) (>= net461)) (&& (== netstandard1.0) (>= netcoreapp2.1)) (&& (== netstandard1.0) (>= netstandard1.3)) (&& (== netstandard1.0) (>= netstandard2.0)) (&& (== netstandard1.0) (>= xamarinios)) (&& (== netstandard1.0) (>= xamarinmac)) (&& (== netstandard1.0) (>= xamarintvos)) (&& (== netstandard1.0) (>= xamarinwatchos)) (&& (== netstandard1.1) (>= monoandroid)) (&& (== netstandard1.1) (>= monotouch)) (&& (== netstandard1.1) (>= net46)) (&& (== netstandard1.1) (>= net461)) (&& (== netstandard1.1) (>= netcoreapp2.1)) (&& (== netstandard1.1) (>= netstandard1.3)) (&& (== netstandard1.1) (>= netstandard2.0)) (&& (== netstandard1.1) (>= xamarinios)) (&& (== netstandard1.1) (>= xamarinmac)) (&& (== netstandard1.1) (>= xamarintvos)) (&& (== netstandard1.1) (>= xamarinwatchos)) (== netstandard2.0)
    System.Threading.Tasks (4.3) - restriction: || (&& (== net20) (== net45)) (&& (== net20) (== net461)) (&& (== net20) (== net471)) (&& (== net20) (== net472)) (&& (== net20) (== net48)) (&& (== net20) (>= netcoreapp1.0)) (&& (== net20) (>= netstandard1.0)) (&& (== net20) (>= netstandard1.1)) (&& (== net20) (>= netstandard1.2)) (&& (== net20) (>= netstandard1.3)) (&& (== net20) (>= netstandard1.4)) (&& (== net20) (>= netstandard1.5)) (&& (== net20) (>= netstandard1.6)) (&& (== net20) (>= netstandard2.0)) (&& (== net20) (>= uap10.0)) (&& (== net35) (== net45)) (&& (== net35) (== net461)) (&& (== net35) (== net471)) (&& (== net35) (== net472)) (&& (== net35) (== net48)) (&& (== net35) (>= netcoreapp1.0)) (&& (== net35) (>= netstandard1.0)) (&& (== net35) (>= netstandard1.1)) (&& (== net35) (>= netstandard1.2)) (&& (== net35) (>= netstandard1.3)) (&& (== net35) (>= netstandard1.4)) (&& (== net35) (>= netstandard1.5)) (&& (== net35) (>= netstandard1.6)) (&& (== net35) (>= netstandard2.0)) (&& (== net35) (>= uap10.0)) (&& (== net40) (== net45)) (&& (== net40) (== net461)) (&& (== net40) (== net471)) (&& (== net40) (== net472)) (&& (== net40) (== net48)) (&& (== net40) (>= netcoreapp1.0)) (&& (== net40) (>= netstandard1.0)) (&& (== net40) (>= netstandard1.1)) (&& (== net40) (>= netstandard1.2)) (&& (== net40) (>= netstandard1.3)) (&& (== net40) (>= netstandard1.4)) (&& (== net40) (>= netstandard1.5)) (&& (== net40) (>= netstandard1.6)) (&& (== net40) (>= netstandard2.0)) (&& (== net40) (>= uap10.0)) (&& (== net45) (>= netcoreapp1.0)) (&& (== net45) (< portable-net45+win8+wpa81)) (&& (== net45) (>= uap10.0)) (&& (== net461) (< net45)) (&& (== net461) (>= netcoreapp1.0)) (&& (== net461) (< portable-net45+win8+wpa81)) (&& (== net461) (>= uap10.0)) (&& (== net471) (< net45)) (&& (== net471) (>= netcoreapp1.0)) (&& (== net471) (< netstandard1.3) (>= uap10.0)) (&& (== net471) (< netstandard1.5) (>= uap10.0)) (&& (== net471) (< portable-net45+win8+wpa81)) (&& (== net472) (< net45)) (&& (== net472) (>= netcoreapp1.0)) (&& (== net472) (< netstandard1.3) (>= uap10.0)) (&& (== net472) (< netstandard1.5) (>= uap10.0)) (&& (== net472) (< portable-net45+win8+wpa81)) (&& (== net48) (< net45)) (&& (== net48) (>= netcoreapp1.0)) (&& (== net48) (< netstandard1.3) (>= uap10.0)) (&& (== net48) (< netstandard1.5) (>= uap10.0)) (&& (== net48) (< portable-net45+win8+wpa81)) (== net5.0-windows7.0) (== net50) (== netcoreapp2.0) (== netstandard1.0) (== netstandard1.1) (== netstandard2.0)
      Microsoft.NETCore.Platforms (>= 1.1) - restriction: || (&& (== net20) (>= netstandard1.0)) (&& (== net20) (>= netstandard1.3)) (&& (== net35) (>= netstandard1.0)) (&& (== net35) (>= netstandard1.3)) (&& (== net40) (>= netstandard1.0)) (&& (== net40) (>= netstandard1.3)) (&& (== net461) (< net45)) (&& (== net471) (< net45)) (&& (== net472) (< net45)) (&& (== net48) (< net45)) (== net5.0-windows7.0) (== net50) (== netcoreapp2.0) (== netstandard1.0) (== netstandard1.1) (== netstandard2.0)
      Microsoft.NETCore.Targets (>= 1.1) - restriction: || (&& (== net20) (>= netstandard1.0)) (&& (== net20) (>= netstandard1.3)) (&& (== net35) (>= netstandard1.0)) (&& (== net35) (>= netstandard1.3)) (&& (== net40) (>= netstandard1.0)) (&& (== net40) (>= netstandard1.3)) (&& (== net461) (< net45)) (&& (== net471) (< net45)) (&& (== net472) (< net45)) (&& (== net48) (< net45)) (== net5.0-windows7.0) (== net50) (== netcoreapp2.0) (== netstandard1.0) (== netstandard1.1) (== netstandard2.0)
      System.Runtime (>= 4.3) - restriction: || (&& (== net20) (>= netstandard1.0)) (&& (== net20) (>= netstandard1.3)) (&& (== net35) (>= netstandard1.0)) (&& (== net35) (>= netstandard1.3)) (&& (== net40) (>= netstandard1.0)) (&& (== net40) (>= netstandard1.3)) (&& (== net461) (< net45)) (&& (== net471) (< net45)) (&& (== net472) (< net45)) (&& (== net48) (< net45)) (== net5.0-windows7.0) (== net50) (== netcoreapp2.0) (== netstandard1.0) (== netstandard1.1) (== netstandard2.0)
    System.Threading.Tasks.Dataflow (5.0) - restriction: || (&& (== net20) (>= net46)) (&& (== net20) (>= netstandard2.0)) (&& (== net35) (>= net46)) (&& (== net35) (>= netstandard2.0)) (&& (== net40) (>= net46)) (&& (== net40) (>= netstandard2.0)) (&& (== net45) (>= net46)) (&& (== net45) (>= netstandard2.0)) (== net461) (== net471) (== net472) (== net48) (== net5.0-windows7.0) (== net50) (== netcoreapp2.0) (&& (== netstandard1.0) (>= net46)) (&& (== netstandard1.0) (>= netstandard2.0)) (&& (== netstandard1.1) (>= net46)) (&& (== netstandard1.1) (>= netstandard2.0)) (== netstandard2.0)
    System.Threading.Tasks.Extensions (4.5.4) - restriction: || (&& (== net20) (>= net45)) (&& (== net20) (>= net461)) (&& (== net20) (>= netstandard1.3)) (&& (== net20) (>= netstandard2.0)) (&& (== net35) (>= net45)) (&& (== net35) (>= net461)) (&& (== net35) (>= netstandard1.3)) (&& (== net35) (>= netstandard2.0)) (&& (== net40) (>= net45)) (&& (== net40) (>= net461)) (&& (== net40) (>= netstandard1.3)) (&& (== net40) (>= netstandard2.0)) (== net45) (== net461) (== net471) (== net472) (== net48) (== net5.0-windows7.0) (== net50) (== netcoreapp2.0) (&& (== netstandard1.0) (>= net45)) (&& (== netstandard1.0) (>= net461)) (&& (== netstandard1.0) (>= netstandard1.3)) (&& (== netstandard1.0) (>= netstandard2.0)) (&& (== netstandard1.1) (>= net45)) (&& (== netstandard1.1) (>= net461)) (&& (== netstandard1.1) (>= netstandard1.3)) (&& (== netstandard1.1) (>= netstandard2.0)) (== netstandard2.0)
      System.Runtime.CompilerServices.Unsafe (>= 4.5.3) - restriction: || (&& (== net20) (>= net45)) (&& (== net20) (>= net461)) (&& (== net20) (>= netstandard1.0)) (&& (== net20) (>= netstandard2.0)) (&& (== net20) (>= portable-net45+win8+wp8+wpa81)) (&& (== net20) (>= win8)) (&& (== net20) (>= wp8)) (&& (== net20) (>= wpa81)) (&& (== net35) (>= net45)) (&& (== net35) (>= net461)) (&& (== net35) (>= netstandard1.0)) (&& (== net35) (>= netstandard2.0)) (&& (== net35) (>= portable-net45+win8+wp8+wpa81)) (&& (== net35) (>= win8)) (&& (== net35) (>= wp8)) (&& (== net35) (>= wpa81)) (&& (== net40) (>= net45)) (&& (== net40) (>= net461)) (&& (== net40) (>= netstandard1.0)) (&& (== net40) (>= netstandard2.0)) (&& (== net40) (>= portable-net45+win8+wp8+wpa81)) (&& (== net40) (>= win8)) (&& (== net40) (>= wp8)) (&& (== net40) (>= wpa81)) (== net45) (== net461) (== net471) (== net472) (== net48) (&& (== net5.0-windows7.0) (>= net461)) (&& (== net5.0-windows7.0) (< netcoreapp2.1)) (&& (== net5.0-windows7.0) (< netstandard1.0)) (&& (== net5.0-windows7.0) (< netstandard2.0)) (&& (== net5.0-windows7.0) (>= wp8)) (&& (== net50) (>= net461)) (&& (== net50) (< netcoreapp2.1)) (&& (== net50) (< netstandard1.0)) (&& (== net50) (< netstandard2.0)) (&& (== net50) (>= wp8)) (== netcoreapp2.0) (== netstandard1.0) (== netstandard1.1) (== netstandard2.0)
    System.Threading.Thread (4.3) - restriction: || (&& (== net20) (== net5.0-windows7.0)) (&& (== net20) (== net50)) (&& (== net20) (>= netcoreapp1.0)) (&& (== net35) (== net5.0-windows7.0)) (&& (== net35) (== net50)) (&& (== net35) (>= netcoreapp1.0)) (&& (== net40) (== net5.0-windows7.0)) (&& (== net40) (== net50)) (&& (== net40) (>= netcoreapp1.0)) (&& (== net45) (== net5.0-windows7.0)) (&& (== net45) (== net50)) (&& (== net45) (>= netcoreapp1.0)) (&& (== net461) (== net5.0-windows7.0)) (&& (== net461) (== net50)) (&& (== net461) (>= netcoreapp1.0)) (&& (== net471) (== net5.0-windows7.0)) (&& (== net471) (== net50)) (&& (== net471) (>= netcoreapp1.0)) (&& (== net472) (== net5.0-windows7.0)) (&& (== net472) (== net50)) (&& (== net472) (>= netcoreapp1.0)) (&& (== net48) (== net5.0-windows7.0)) (&& (== net48) (== net50)) (&& (== net48) (>= netcoreapp1.0)) (&& (== net5.0-windows7.0) (== netstandard1.0)) (&& (== net5.0-windows7.0) (== netstandard1.1)) (&& (== net5.0-windows7.0) (== netstandard2.0)) (&& (== net5.0-windows7.0) (< netcoreapp2.1)) (&& (== net50) (== netstandard1.0)) (&& (== net50) (== netstandard1.1)) (&& (== net50) (== netstandard2.0)) (&& (== net50) (< netcoreapp2.1)) (== netcoreapp2.0) (&& (== netstandard1.0) (>= netcoreapp1.0)) (&& (== netstandard1.1) (>= netcoreapp1.0)) (&& (== netstandard2.0) (>= netcoreapp1.0))
      System.Runtime (>= 4.3) - restriction: || (&& (== net20) (>= netstandard1.3)) (&& (== net35) (>= netstandard1.3)) (&& (== net40) (>= netstandard1.3)) (&& (== net45) (>= netstandard1.3)) (&& (== net461) (< net46)) (&& (== net471) (< net46)) (&& (== net472) (< net46)) (&& (== net48) (< net46)) (== net5.0-windows7.0) (== net50) (== netcoreapp2.0) (&& (== netstandard1.0) (>= netstandard1.3)) (&& (== netstandard1.1) (>= netstandard1.3)) (== netstandard2.0)
    System.Threading.ThreadPool (4.3) - restriction: || (&& (== net20) (== net5.0-windows7.0)) (&& (== net20) (== net50)) (&& (== net20) (>= netcoreapp1.0)) (&& (== net35) (== net5.0-windows7.0)) (&& (== net35) (== net50)) (&& (== net35) (>= netcoreapp1.0)) (&& (== net40) (== net5.0-windows7.0)) (&& (== net40) (== net50)) (&& (== net40) (>= netcoreapp1.0)) (&& (== net45) (== net5.0-windows7.0)) (&& (== net45) (== net50)) (&& (== net45) (>= netcoreapp1.0)) (&& (== net461) (== net5.0-windows7.0)) (&& (== net461) (== net50)) (&& (== net461) (>= netcoreapp1.0)) (&& (== net471) (== net5.0-windows7.0)) (&& (== net471) (== net50)) (&& (== net471) (>= netcoreapp1.0)) (&& (== net472) (== net5.0-windows7.0)) (&& (== net472) (== net50)) (&& (== net472) (>= netcoreapp1.0)) (&& (== net48) (== net5.0-windows7.0)) (&& (== net48) (== net50)) (&& (== net48) (>= netcoreapp1.0)) (&& (== net5.0-windows7.0) (== netstandard1.0)) (&& (== net5.0-windows7.0) (== netstandard1.1)) (&& (== net5.0-windows7.0) (== netstandard2.0)) (&& (== net5.0-windows7.0) (< netcoreapp2.1)) (&& (== net50) (== netstandard1.0)) (&& (== net50) (== netstandard1.1)) (&& (== net50) (== netstandard2.0)) (&& (== net50) (< netcoreapp2.1)) (== netcoreapp2.0) (&& (== netstandard1.0) (>= netcoreapp1.0)) (&& (== netstandard1.1) (>= netcoreapp1.0)) (&& (== netstandard2.0) (>= netcoreapp1.0))
      System.Runtime (>= 4.3) - restriction: || (&& (== net20) (>= netstandard1.3)) (&& (== net35) (>= netstandard1.3)) (&& (== net40) (>= netstandard1.3)) (&& (== net45) (>= netstandard1.3)) (&& (== net461) (< net46)) (&& (== net471) (< net46)) (&& (== net472) (< net46)) (&& (== net48) (< net46)) (== net5.0-windows7.0) (== net50) (== netcoreapp2.0) (&& (== netstandard1.0) (>= netstandard1.3)) (&& (== netstandard1.1) (>= netstandard1.3)) (== netstandard2.0)
      System.Runtime.Handles (>= 4.3) - restriction: || (&& (== net20) (>= netstandard1.3)) (&& (== net35) (>= netstandard1.3)) (&& (== net40) (>= netstandard1.3)) (&& (== net45) (>= netstandard1.3)) (&& (== net461) (< net46)) (&& (== net471) (< net46)) (&& (== net472) (< net46)) (&& (== net48) (< net46)) (== net5.0-windows7.0) (== net50) (== netcoreapp2.0) (&& (== netstandard1.0) (>= netstandard1.3)) (&& (== netstandard1.1) (>= netstandard1.3)) (== netstandard2.0)
    System.ValueTuple (4.5)
      NETStandard.Library (>= 1.6.1) - restriction: || (&& (== net20) (>= netstandard1.0)) (&& (== net35) (>= netstandard1.0)) (&& (== net40) (>= netstandard1.0)) (&& (== net461) (< net45)) (&& (== net471) (< net45) (< netstandard2.0)) (&& (== net472) (< net45) (< netstandard2.0)) (&& (== net48) (< net45) (< netstandard2.0)) (&& (== net5.0-windows7.0) (< netstandard2.0)) (&& (== net50) (< netstandard2.0)) (&& (== netcoreapp2.0) (< netstandard2.0)) (== netstandard1.0) (== netstandard1.1)
    System.Windows.Extensions (5.0) - restriction: || (&& (== net20) (>= netcoreapp3.0)) (&& (== net35) (>= netcoreapp3.0)) (&& (== net40) (>= netcoreapp3.0)) (&& (== net45) (>= netcoreapp3.0)) (&& (== net461) (>= netcoreapp3.0)) (&& (== net471) (>= netcoreapp3.0)) (&& (== net48) (>= netcoreapp3.0)) (== net5.0-windows7.0) (== net50) (&& (== netcoreapp2.0) (>= netcoreapp3.0)) (&& (== netstandard1.0) (>= netcoreapp3.0)) (&& (== netstandard1.1) (>= netcoreapp3.0)) (&& (== netstandard2.0) (>= netcoreapp3.0))
      System.Drawing.Common (>= 5.0) - restriction: || (&& (== net20) (>= netcoreapp3.0)) (&& (== net35) (>= netcoreapp3.0)) (&& (== net40) (>= netcoreapp3.0)) (&& (== net45) (>= netcoreapp3.0)) (&& (== net461) (>= netcoreapp3.0)) (&& (== net471) (>= netcoreapp3.0)) (&& (== net472) (>= netcoreapp3.0)) (&& (== net48) (>= netcoreapp3.0)) (== net5.0-windows7.0) (== net50) (&& (== netcoreapp2.0) (>= netcoreapp3.0)) (&& (== netstandard1.0) (>= netcoreapp3.0)) (&& (== netstandard1.1) (>= netcoreapp3.0)) (&& (== netstandard2.0) (>= netcoreapp3.0))
    System.Xml.ReaderWriter (4.3.1) - restriction: || (&& (== net20) (== net45)) (&& (== net20) (== net461)) (&& (== net20) (== net471)) (&& (== net20) (== net472)) (&& (== net20) (== net48)) (&& (== net20) (>= net46)) (&& (== net20) (>= netstandard1.0)) (&& (== net20) (>= netstandard1.1)) (&& (== net20) (>= netstandard1.2)) (&& (== net20) (>= netstandard1.3)) (&& (== net20) (>= netstandard1.4)) (&& (== net20) (>= netstandard1.5)) (&& (== net20) (>= netstandard1.6)) (&& (== net20) (>= uap10.0)) (&& (== net35) (== net45)) (&& (== net35) (== net461)) (&& (== net35) (== net471)) (&& (== net35) (== net472)) (&& (== net35) (== net48)) (&& (== net35) (>= net46)) (&& (== net35) (>= netstandard1.0)) (&& (== net35) (>= netstandard1.1)) (&& (== net35) (>= netstandard1.2)) (&& (== net35) (>= netstandard1.3)) (&& (== net35) (>= netstandard1.4)) (&& (== net35) (>= netstandard1.5)) (&& (== net35) (>= netstandard1.6)) (&& (== net35) (>= uap10.0)) (&& (== net40) (== net45)) (&& (== net40) (== net461)) (&& (== net40) (== net471)) (&& (== net40) (== net472)) (&& (== net40) (== net48)) (&& (== net40) (>= net46)) (&& (== net40) (>= netstandard1.0)) (&& (== net40) (>= netstandard1.1)) (&& (== net40) (>= netstandard1.2)) (&& (== net40) (>= netstandard1.3)) (&& (== net40) (>= netstandard1.4)) (&& (== net40) (>= netstandard1.5)) (&& (== net40) (>= netstandard1.6)) (&& (== net40) (>= uap10.0)) (&& (== net45) (== net461)) (&& (== net45) (== net471)) (&& (== net45) (== net472)) (&& (== net45) (== net48)) (&& (== net45) (>= net46)) (&& (== net45) (>= netstandard1.3)) (&& (== net45) (< portable-net45+win8+wpa81)) (&& (== net45) (>= uap10.0)) (&& (== net461) (< net45)) (&& (== net461) (< net46)) (&& (== net461) (< netstandard1.4)) (&& (== net461) (< portable-net45+win8+wpa81)) (&& (== net461) (>= uap10.0)) (&& (== net471) (< net45) (< netstandard1.2)) (&& (== net471) (< net45) (< netstandard1.3)) (&& (== net471) (< net45) (< netstandard1.5)) (&& (== net471) (< net45) (< netstandard1.6)) (&& (== net471) (< net45) (< netstandard2.0)) (&& (== net471) (< net46)) (&& (== net471) (< netstandard1.4)) (&& (== net471) (< netstandard1.5) (>= uap10.0)) (&& (== net471) (< portable-net45+win8+wpa81)) (&& (== net472) (< net45) (< netstandard1.2)) (&& (== net472) (< net45) (< netstandard1.3)) (&& (== net472) (< net45) (< netstandard1.5)) (&& (== net472) (< net45) (< netstandard1.6)) (&& (== net472) (< net45) (< netstandard2.0)) (&& (== net472) (< net46)) (&& (== net472) (< netstandard1.4)) (&& (== net472) (< netstandard1.5) (>= uap10.0)) (&& (== net472) (< portable-net45+win8+wpa81)) (&& (== net48) (< net45) (< netstandard1.2)) (&& (== net48) (< net45) (< netstandard1.3)) (&& (== net48) (< net45) (< netstandard1.5)) (&& (== net48) (< net45) (< netstandard1.6)) (&& (== net48) (< net45) (< netstandard2.0)) (&& (== net48) (< net46)) (&& (== net48) (< netstandard1.4)) (&& (== net48) (< netstandard1.5) (>= uap10.0)) (&& (== net48) (< portable-net45+win8+wpa81)) (== net5.0-windows7.0) (== net50) (== netcoreapp2.0) (== netstandard1.0) (== netstandard1.1) (== netstandard2.0)
      System.Collections (>= 4.3) - restriction: || (&& (== net20) (>= netstandard1.3)) (&& (== net35) (>= netstandard1.3)) (&& (== net40) (>= netstandard1.3)) (&& (== net461) (< net45)) (&& (== net471) (< net45)) (&& (== net472) (< net45)) (&& (== net48) (< net45)) (== net5.0-windows7.0) (== net50) (== netcoreapp2.0) (&& (== netstandard1.0) (>= netstandard1.3)) (&& (== netstandard1.1) (>= netstandard1.3)) (== netstandard2.0)
      System.Diagnostics.Debug (>= 4.3) - restriction: || (&& (== net20) (>= netstandard1.3)) (&& (== net35) (>= netstandard1.3)) (&& (== net40) (>= netstandard1.3)) (&& (== net461) (< net45)) (&& (== net471) (< net45)) (&& (== net472) (< net45)) (&& (== net48) (< net45)) (== net5.0-windows7.0) (== net50) (== netcoreapp2.0) (&& (== netstandard1.0) (>= netstandard1.3)) (&& (== netstandard1.1) (>= netstandard1.3)) (== netstandard2.0)
      System.Globalization (>= 4.3) - restriction: || (&& (== net20) (>= netstandard1.3)) (&& (== net35) (>= netstandard1.3)) (&& (== net40) (>= netstandard1.3)) (&& (== net461) (< net45)) (&& (== net471) (< net45)) (&& (== net472) (< net45)) (&& (== net48) (< net45)) (== net5.0-windows7.0) (== net50) (== netcoreapp2.0) (&& (== netstandard1.0) (>= netstandard1.3)) (&& (== netstandard1.1) (>= netstandard1.3)) (== netstandard2.0)
      System.IO (>= 4.3) - restriction: || (&& (== net20) (>= netstandard1.0)) (&& (== net20) (>= netstandard1.3)) (&& (== net35) (>= netstandard1.0)) (&& (== net35) (>= netstandard1.3)) (&& (== net40) (>= netstandard1.0)) (&& (== net40) (>= netstandard1.3)) (&& (== net461) (< net45)) (&& (== net471) (< net45)) (&& (== net472) (< net45)) (&& (== net48) (< net45)) (== net5.0-windows7.0) (== net50) (== netcoreapp2.0) (== netstandard1.0) (== netstandard1.1) (== netstandard2.0)
      System.IO.FileSystem (>= 4.3) - restriction: || (&& (== net20) (>= netstandard1.3)) (&& (== net35) (>= netstandard1.3)) (&& (== net40) (>= netstandard1.3)) (&& (== net461) (< net45)) (&& (== net471) (< net45)) (&& (== net472) (< net45)) (&& (== net48) (< net45)) (== net5.0-windows7.0) (== net50) (== netcoreapp2.0) (&& (== netstandard1.0) (>= netstandard1.3)) (&& (== netstandard1.1) (>= netstandard1.3)) (== netstandard2.0)
      System.IO.FileSystem.Primitives (>= 4.3) - restriction: || (&& (== net20) (>= netstandard1.3)) (&& (== net35) (>= netstandard1.3)) (&& (== net40) (>= netstandard1.3)) (&& (== net461) (< net45)) (&& (== net471) (< net45)) (&& (== net472) (< net45)) (&& (== net48) (< net45)) (== net5.0-windows7.0) (== net50) (== netcoreapp2.0) (&& (== netstandard1.0) (>= netstandard1.3)) (&& (== netstandard1.1) (>= netstandard1.3)) (== netstandard2.0)
      System.Resources.ResourceManager (>= 4.3) - restriction: || (&& (== net20) (>= netstandard1.3)) (&& (== net35) (>= netstandard1.3)) (&& (== net40) (>= netstandard1.3)) (&& (== net461) (< net45)) (&& (== net471) (< net45)) (&& (== net472) (< net45)) (&& (== net48) (< net45)) (== net5.0-windows7.0) (== net50) (== netcoreapp2.0) (&& (== netstandard1.0) (>= netstandard1.3)) (&& (== netstandard1.1) (>= netstandard1.3)) (== netstandard2.0)
      System.Runtime (>= 4.3) - restriction: || (&& (== net20) (>= netstandard1.0)) (&& (== net20) (>= netstandard1.3)) (&& (== net35) (>= netstandard1.0)) (&& (== net35) (>= netstandard1.3)) (&& (== net40) (>= netstandard1.0)) (&& (== net40) (>= netstandard1.3)) (&& (== net461) (< net45)) (&& (== net471) (< net45)) (&& (== net472) (< net45)) (&& (== net48) (< net45)) (== net5.0-windows7.0) (== net50) (== netcoreapp2.0) (== netstandard1.0) (== netstandard1.1) (== netstandard2.0)
      System.Runtime.Extensions (>= 4.3) - restriction: || (&& (== net20) (>= netstandard1.3)) (&& (== net35) (>= netstandard1.3)) (&& (== net40) (>= netstandard1.3)) (&& (== net461) (< net45)) (&& (== net471) (< net45)) (&& (== net472) (< net45)) (&& (== net48) (< net45)) (== net5.0-windows7.0) (== net50) (== netcoreapp2.0) (&& (== netstandard1.0) (>= netstandard1.3)) (&& (== netstandard1.1) (>= netstandard1.3)) (== netstandard2.0)
      System.Runtime.InteropServices (>= 4.3) - restriction: || (&& (== net20) (>= netstandard1.3)) (&& (== net35) (>= netstandard1.3)) (&& (== net40) (>= netstandard1.3)) (&& (== net461) (< net45)) (&& (== net471) (< net45)) (&& (== net472) (< net45)) (&& (== net48) (< net45)) (== net5.0-windows7.0) (== net50) (== netcoreapp2.0) (&& (== netstandard1.0) (>= netstandard1.3)) (&& (== netstandard1.1) (>= netstandard1.3)) (== netstandard2.0)
      System.Text.Encoding (>= 4.3) - restriction: || (&& (== net20) (>= netstandard1.0)) (&& (== net20) (>= netstandard1.3)) (&& (== net35) (>= netstandard1.0)) (&& (== net35) (>= netstandard1.3)) (&& (== net40) (>= netstandard1.0)) (&& (== net40) (>= netstandard1.3)) (&& (== net461) (< net45)) (&& (== net471) (< net45)) (&& (== net472) (< net45)) (&& (== net48) (< net45)) (== net5.0-windows7.0) (== net50) (== netcoreapp2.0) (== netstandard1.0) (== netstandard1.1) (== netstandard2.0)
      System.Text.Encoding.Extensions (>= 4.3) - restriction: || (&& (== net20) (>= netstandard1.3)) (&& (== net35) (>= netstandard1.3)) (&& (== net40) (>= netstandard1.3)) (&& (== net461) (< net45)) (&& (== net471) (< net45)) (&& (== net472) (< net45)) (&& (== net48) (< net45)) (== net5.0-windows7.0) (== net50) (== netcoreapp2.0) (&& (== netstandard1.0) (>= netstandard1.3)) (&& (== netstandard1.1) (>= netstandard1.3)) (== netstandard2.0)
      System.Text.RegularExpressions (>= 4.3) - restriction: || (&& (== net20) (>= netstandard1.3)) (&& (== net35) (>= netstandard1.3)) (&& (== net40) (>= netstandard1.3)) (&& (== net461) (< net45)) (&& (== net471) (< net45)) (&& (== net472) (< net45)) (&& (== net48) (< net45)) (== net5.0-windows7.0) (== net50) (== netcoreapp2.0) (&& (== netstandard1.0) (>= netstandard1.3)) (&& (== netstandard1.1) (>= netstandard1.3)) (== netstandard2.0)
      System.Threading.Tasks (>= 4.3) - restriction: || (&& (== net20) (>= netstandard1.0)) (&& (== net20) (>= netstandard1.3)) (&& (== net35) (>= netstandard1.0)) (&& (== net35) (>= netstandard1.3)) (&& (== net40) (>= netstandard1.0)) (&& (== net40) (>= netstandard1.3)) (&& (== net461) (< net45)) (&& (== net471) (< net45)) (&& (== net472) (< net45)) (&& (== net48) (< net45)) (== net5.0-windows7.0) (== net50) (== netcoreapp2.0) (== netstandard1.0) (== netstandard1.1) (== netstandard2.0)
      System.Threading.Tasks.Extensions (>= 4.3) - restriction: || (&& (== net20) (>= netstandard1.3)) (&& (== net35) (>= netstandard1.3)) (&& (== net40) (>= netstandard1.3)) (&& (== net461) (< net45)) (&& (== net471) (< net45)) (&& (== net472) (< net45)) (&& (== net48) (< net45)) (== net5.0-windows7.0) (== net50) (== netcoreapp2.0) (&& (== netstandard1.0) (>= netstandard1.3)) (&& (== netstandard1.1) (>= netstandard1.3)) (== netstandard2.0)
    System.Xml.XDocument (4.3) - restriction: || (&& (== net20) (== net45)) (&& (== net20) (== net461)) (&& (== net20) (== net471)) (&& (== net20) (== net472)) (&& (== net20) (== net48)) (&& (== net20) (== net5.0-windows7.0)) (&& (== net20) (== net50)) (&& (== net20) (== netcoreapp2.0)) (&& (== net20) (== netstandard2.0)) (&& (== net20) (>= netstandard1.0)) (&& (== net20) (>= netstandard1.1)) (&& (== net20) (>= netstandard1.2)) (&& (== net20) (>= netstandard1.3)) (&& (== net20) (>= netstandard1.4)) (&& (== net20) (>= netstandard1.5)) (&& (== net20) (>= netstandard1.6)) (&& (== net20) (>= uap10.0)) (&& (== net35) (== net45)) (&& (== net35) (== net461)) (&& (== net35) (== net471)) (&& (== net35) (== net472)) (&& (== net35) (== net48)) (&& (== net35) (== net5.0-windows7.0)) (&& (== net35) (== net50)) (&& (== net35) (== netcoreapp2.0)) (&& (== net35) (== netstandard2.0)) (&& (== net35) (>= netstandard1.0)) (&& (== net35) (>= netstandard1.1)) (&& (== net35) (>= netstandard1.2)) (&& (== net35) (>= netstandard1.3)) (&& (== net35) (>= netstandard1.4)) (&& (== net35) (>= netstandard1.5)) (&& (== net35) (>= netstandard1.6)) (&& (== net35) (>= uap10.0)) (&& (== net40) (== net45)) (&& (== net40) (== net461)) (&& (== net40) (== net471)) (&& (== net40) (== net472)) (&& (== net40) (== net48)) (&& (== net40) (== net5.0-windows7.0)) (&& (== net40) (== net50)) (&& (== net40) (== netcoreapp2.0)) (&& (== net40) (== netstandard2.0)) (&& (== net40) (>= netstandard1.0)) (&& (== net40) (>= netstandard1.1)) (&& (== net40) (>= netstandard1.2)) (&& (== net40) (>= netstandard1.3)) (&& (== net40) (>= netstandard1.4)) (&& (== net40) (>= netstandard1.5)) (&& (== net40) (>= netstandard1.6)) (&& (== net40) (>= uap10.0)) (&& (== net45) (== net471) (== netstandard2.0)) (&& (== net45) (== net472) (== netstandard2.0)) (&& (== net45) (== net48) (== netstandard2.0)) (&& (== net45) (== net5.0-windows7.0)) (&& (== net45) (== net50)) (&& (== net45) (== netcoreapp2.0)) (&& (== net45) (< portable-net45+win8+wpa81)) (&& (== net45) (>= uap10.0)) (&& (== net461) (== net5.0-windows7.0)) (&& (== net461) (== net50)) (&& (== net461) (== netcoreapp2.0)) (&& (== net461) (== netstandard2.0)) (&& (== net461) (< net45)) (&& (== net461) (< portable-net45+win8+wpa81)) (&& (== net461) (>= uap10.0)) (&& (== net471) (== netstandard2.0) (< netstandard1.2)) (&& (== net471) (== netstandard2.0) (< netstandard1.3)) (&& (== net471) (== netstandard2.0) (< netstandard1.4)) (&& (== net471) (== netstandard2.0) (< netstandard1.5)) (&& (== net471) (== netstandard2.0) (< netstandard1.6)) (&& (== net471) (< net45) (< netstandard1.2)) (&& (== net471) (< net45) (< netstandard1.3)) (&& (== net471) (< net45) (< netstandard1.4)) (&& (== net471) (< net45) (< netstandard1.5)) (&& (== net471) (< net45) (< netstandard1.6)) (&& (== net471) (< net45) (< netstandard2.0)) (&& (== net471) (< netstandard1.5) (>= uap10.0)) (&& (== net471) (< portable-net45+win8+wpa81)) (&& (== net472) (== netstandard2.0) (< netstandard1.2)) (&& (== net472) (== netstandard2.0) (< netstandard1.3)) (&& (== net472) (== netstandard2.0) (< netstandard1.4)) (&& (== net472) (== netstandard2.0) (< netstandard1.5)) (&& (== net472) (== netstandard2.0) (< netstandard1.6)) (&& (== net472) (< net45) (< netstandard1.2)) (&& (== net472) (< net45) (< netstandard1.3)) (&& (== net472) (< net45) (< netstandard1.4)) (&& (== net472) (< net45) (< netstandard1.5)) (&& (== net472) (< net45) (< netstandard1.6)) (&& (== net472) (< net45) (< netstandard2.0)) (&& (== net472) (< netstandard1.5) (>= uap10.0)) (&& (== net472) (< portable-net45+win8+wpa81)) (&& (== net48) (== netstandard2.0) (< netstandard1.2)) (&& (== net48) (== netstandard2.0) (< netstandard1.3)) (&& (== net48) (== netstandard2.0) (< netstandard1.4)) (&& (== net48) (== netstandard2.0) (< netstandard1.5)) (&& (== net48) (== netstandard2.0) (< netstandard1.6)) (&& (== net48) (< net45) (< netstandard1.2)) (&& (== net48) (< net45) (< netstandard1.3)) (&& (== net48) (< net45) (< netstandard1.4)) (&& (== net48) (< net45) (< netstandard1.5)) (&& (== net48) (< net45) (< netstandard1.6)) (&& (== net48) (< net45) (< netstandard2.0)) (&& (== net48) (< netstandard1.5) (>= uap10.0)) (&& (== net48) (< portable-net45+win8+wpa81)) (&& (== net5.0-windows7.0) (< netstandard1.2)) (&& (== net5.0-windows7.0) (< netstandard1.3)) (&& (== net5.0-windows7.0) (< netstandard1.4)) (&& (== net5.0-windows7.0) (< netstandard1.5)) (&& (== net5.0-windows7.0) (< netstandard1.6)) (&& (== net5.0-windows7.0) (< netstandard2.0)) (&& (== net5.0-windows7.0) (< portable-net45+win8+wpa81)) (&& (== net50) (< netstandard1.2)) (&& (== net50) (< netstandard1.3)) (&& (== net50) (< netstandard1.4)) (&& (== net50) (< netstandard1.5)) (&& (== net50) (< netstandard1.6)) (&& (== net50) (< netstandard2.0)) (&& (== net50) (< portable-net45+win8+wpa81)) (&& (== netcoreapp2.0) (< netstandard1.2)) (&& (== netcoreapp2.0) (< netstandard1.3)) (&& (== netcoreapp2.0) (< netstandard1.4)) (&& (== netcoreapp2.0) (< netstandard1.5)) (&& (== netcoreapp2.0) (< netstandard1.6)) (&& (== netcoreapp2.0) (< netstandard2.0)) (&& (== netcoreapp2.0) (< portable-net45+win8+wpa81)) (== netstandard1.0) (== netstandard1.1)
      System.IO (>= 4.3) - restriction: || (&& (== net20) (>= netstandard1.0)) (&& (== net20) (>= netstandard1.3)) (&& (== net35) (>= netstandard1.0)) (&& (== net35) (>= netstandard1.3)) (&& (== net40) (>= netstandard1.0)) (&& (== net40) (>= netstandard1.3)) (&& (== net461) (< net45)) (&& (== net471) (< net45)) (&& (== net472) (< net45)) (&& (== net48) (< net45)) (== net5.0-windows7.0) (== net50) (== netcoreapp2.0) (== netstandard1.0) (== netstandard1.1) (== netstandard2.0)
      System.Runtime (>= 4.3) - restriction: || (&& (== net20) (>= netstandard1.0)) (&& (== net20) (>= netstandard1.3)) (&& (== net35) (>= netstandard1.0)) (&& (== net35) (>= netstandard1.3)) (&& (== net40) (>= netstandard1.0)) (&& (== net40) (>= netstandard1.3)) (&& (== net461) (< net45)) (&& (== net471) (< net45)) (&& (== net472) (< net45)) (&& (== net48) (< net45)) (== net5.0-windows7.0) (== net50) (== netcoreapp2.0) (== netstandard1.0) (== netstandard1.1) (== netstandard2.0)
      System.Xml.ReaderWriter (>= 4.3) - restriction: || (&& (== net20) (>= netstandard1.0)) (&& (== net20) (>= netstandard1.3)) (&& (== net35) (>= netstandard1.0)) (&& (== net35) (>= netstandard1.3)) (&& (== net40) (>= netstandard1.0)) (&& (== net40) (>= netstandard1.3)) (&& (== net461) (< net45)) (&& (== net471) (< net45)) (&& (== net472) (< net45)) (&& (== net48) (< net45)) (== net5.0-windows7.0) (== net50) (== netcoreapp2.0) (== netstandard1.0) (== netstandard1.1) (== netstandard2.0)
    System.Xml.XmlDocument (4.3)
      System.Collections (>= 4.3) - restriction: || (&& (== net20) (>= netstandard1.3)) (&& (== net35) (>= netstandard1.3)) (&& (== net40) (>= netstandard1.3)) (&& (== net45) (>= netstandard1.3)) (&& (== net461) (< net46)) (&& (== net471) (< net46)) (&& (== net472) (< net46)) (&& (== net48) (< net46)) (== net5.0-windows7.0) (== net50) (== netcoreapp2.0) (&& (== netstandard1.0) (>= netstandard1.3)) (&& (== netstandard1.1) (>= netstandard1.3)) (== netstandard2.0)
      System.Diagnostics.Debug (>= 4.3) - restriction: || (&& (== net20) (>= netstandard1.3)) (&& (== net35) (>= netstandard1.3)) (&& (== net40) (>= netstandard1.3)) (&& (== net45) (>= netstandard1.3)) (&& (== net461) (< net46)) (&& (== net471) (< net46)) (&& (== net472) (< net46)) (&& (== net48) (< net46)) (== net5.0-windows7.0) (== net50) (== netcoreapp2.0) (&& (== netstandard1.0) (>= netstandard1.3)) (&& (== netstandard1.1) (>= netstandard1.3)) (== netstandard2.0)
      System.Globalization (>= 4.3) - restriction: || (&& (== net20) (>= netstandard1.3)) (&& (== net35) (>= netstandard1.3)) (&& (== net40) (>= netstandard1.3)) (&& (== net45) (>= netstandard1.3)) (&& (== net461) (< net46)) (&& (== net471) (< net46)) (&& (== net472) (< net46)) (&& (== net48) (< net46)) (== net5.0-windows7.0) (== net50) (== netcoreapp2.0) (&& (== netstandard1.0) (>= netstandard1.3)) (&& (== netstandard1.1) (>= netstandard1.3)) (== netstandard2.0)
      System.IO (>= 4.3) - restriction: || (&& (== net20) (>= netstandard1.3)) (&& (== net35) (>= netstandard1.3)) (&& (== net40) (>= netstandard1.3)) (&& (== net45) (>= netstandard1.3)) (&& (== net461) (< net46)) (&& (== net471) (< net46)) (&& (== net472) (< net46)) (&& (== net48) (< net46)) (== net5.0-windows7.0) (== net50) (== netcoreapp2.0) (&& (== netstandard1.0) (>= netstandard1.3)) (&& (== netstandard1.1) (>= netstandard1.3)) (== netstandard2.0)
      System.Resources.ResourceManager (>= 4.3) - restriction: || (&& (== net20) (>= netstandard1.3)) (&& (== net35) (>= netstandard1.3)) (&& (== net40) (>= netstandard1.3)) (&& (== net45) (>= netstandard1.3)) (&& (== net461) (< net46)) (&& (== net471) (< net46)) (&& (== net472) (< net46)) (&& (== net48) (< net46)) (== net5.0-windows7.0) (== net50) (== netcoreapp2.0) (&& (== netstandard1.0) (>= netstandard1.3)) (&& (== netstandard1.1) (>= netstandard1.3)) (== netstandard2.0)
      System.Runtime (>= 4.3) - restriction: || (&& (== net20) (>= netstandard1.3)) (&& (== net35) (>= netstandard1.3)) (&& (== net40) (>= netstandard1.3)) (&& (== net45) (>= netstandard1.3)) (&& (== net461) (< net46)) (&& (== net471) (< net46)) (&& (== net472) (< net46)) (&& (== net48) (< net46)) (== net5.0-windows7.0) (== net50) (== netcoreapp2.0) (&& (== netstandard1.0) (>= netstandard1.3)) (&& (== netstandard1.1) (>= netstandard1.3)) (== netstandard2.0)
      System.Runtime.Extensions (>= 4.3) - restriction: || (&& (== net20) (>= netstandard1.3)) (&& (== net35) (>= netstandard1.3)) (&& (== net40) (>= netstandard1.3)) (&& (== net45) (>= netstandard1.3)) (&& (== net461) (< net46)) (&& (== net471) (< net46)) (&& (== net472) (< net46)) (&& (== net48) (< net46)) (== net5.0-windows7.0) (== net50) (== netcoreapp2.0) (&& (== netstandard1.0) (>= netstandard1.3)) (&& (== netstandard1.1) (>= netstandard1.3)) (== netstandard2.0)
      System.Text.Encoding (>= 4.3) - restriction: || (&& (== net20) (>= netstandard1.3)) (&& (== net35) (>= netstandard1.3)) (&& (== net40) (>= netstandard1.3)) (&& (== net45) (>= netstandard1.3)) (&& (== net461) (< net46)) (&& (== net471) (< net46)) (&& (== net472) (< net46)) (&& (== net48) (< net46)) (== net5.0-windows7.0) (== net50) (== netcoreapp2.0) (&& (== netstandard1.0) (>= netstandard1.3)) (&& (== netstandard1.1) (>= netstandard1.3)) (== netstandard2.0)
      System.Threading (>= 4.3) - restriction: || (&& (== net20) (>= netstandard1.3)) (&& (== net35) (>= netstandard1.3)) (&& (== net40) (>= netstandard1.3)) (&& (== net45) (>= netstandard1.3)) (&& (== net461) (< net46)) (&& (== net471) (< net46)) (&& (== net472) (< net46)) (&& (== net48) (< net46)) (== net5.0-windows7.0) (== net50) (== netcoreapp2.0) (&& (== netstandard1.0) (>= netstandard1.3)) (&& (== netstandard1.1) (>= netstandard1.3)) (== netstandard2.0)
      System.Xml.ReaderWriter (>= 4.3) - restriction: || (&& (== net20) (>= netstandard1.3)) (&& (== net35) (>= netstandard1.3)) (&& (== net40) (>= netstandard1.3)) (&& (== net45) (>= netstandard1.3)) (&& (== net461) (< net46)) (&& (== net471) (< net46)) (&& (== net472) (< net46)) (&& (== net48) (< net46)) (== net5.0-windows7.0) (== net50) (== netcoreapp2.0) (&& (== netstandard1.0) (>= netstandard1.3)) (&& (== netstandard1.1) (>= netstandard1.3)) (== netstandard2.0)
    TextCopy (4.3) - restriction: || (&& (== net20) (>= net461)) (&& (== net20) (>= netstandard2.0)) (&& (== net35) (>= net461)) (&& (== net35) (>= netstandard2.0)) (&& (== net40) (>= net461)) (&& (== net40) (>= netstandard2.0)) (&& (== net45) (>= net461)) (&& (== net45) (>= netstandard2.0)) (== net461) (== net471) (== net472) (== net48) (== net5.0-windows7.0) (== net50) (== netcoreapp2.0) (&& (== netstandard1.0) (>= net461)) (&& (== netstandard1.0) (>= netstandard2.0)) (&& (== netstandard1.1) (>= net461)) (&& (== netstandard1.1) (>= netstandard2.0)) (== netstandard2.0)
      Microsoft.Extensions.DependencyInjection.Abstractions (>= 5.0) - restriction: || (&& (== net20) (>= monoandroid9.0)) (&& (== net20) (>= net461)) (&& (== net20) (>= net50)) (&& (== net20) (>= netstandard2.0)) (&& (== net20) (>= netstandard2.1)) (&& (== net20) (>= xamarinios)) (&& (== net35) (>= monoandroid9.0)) (&& (== net35) (>= net461)) (&& (== net35) (>= net50)) (&& (== net35) (>= netstandard2.0)) (&& (== net35) (>= netstandard2.1)) (&& (== net35) (>= xamarinios)) (&& (== net40) (>= monoandroid9.0)) (&& (== net40) (>= net461)) (&& (== net40) (>= net50)) (&& (== net40) (>= netstandard2.0)) (&& (== net40) (>= netstandard2.1)) (&& (== net40) (>= xamarinios)) (&& (== net45) (>= monoandroid9.0)) (&& (== net45) (>= net461)) (&& (== net45) (>= net50)) (&& (== net45) (>= netstandard2.0)) (&& (== net45) (>= netstandard2.1)) (&& (== net45) (>= xamarinios)) (== net461) (== net471) (== net472) (== net48) (== net5.0-windows7.0) (== net50) (== netcoreapp2.0) (&& (== netstandard1.0) (>= monoandroid9.0)) (&& (== netstandard1.0) (>= net461)) (&& (== netstandard1.0) (>= net50)) (&& (== netstandard1.0) (>= netstandard2.0)) (&& (== netstandard1.0) (>= netstandard2.1)) (&& (== netstandard1.0) (>= xamarinios)) (&& (== netstandard1.1) (>= monoandroid9.0)) (&& (== netstandard1.1) (>= net461)) (&& (== netstandard1.1) (>= net50)) (&& (== netstandard1.1) (>= netstandard2.0)) (&& (== netstandard1.1) (>= netstandard2.1)) (&& (== netstandard1.1) (>= xamarinios)) (== netstandard2.0)
      System.Runtime.InteropServices.RuntimeInformation (>= 4.3) - restriction: || (&& (== net20) (>= net461)) (&& (== net35) (>= net461)) (&& (== net40) (>= net461)) (&& (== net45) (>= net461)) (== net461) (== net471) (== net472) (== net48) (&& (== net5.0-windows7.0) (>= net461)) (&& (== net50) (>= net461)) (&& (== netcoreapp2.0) (>= net461)) (&& (== netstandard1.0) (>= net461)) (&& (== netstandard1.1) (>= net461)) (&& (== netstandard2.0) (>= net461))
    xunit (2.4.1)
      xunit.analyzers (>= 0.10)
      xunit.assert (2.4.1)
      xunit.core (2.4.1)
    xunit.abstractions (2.0.3) - restriction: || (&& (== net20) (>= netstandard1.1)) (&& (== net35) (>= netstandard1.1)) (&& (== net40) (>= netstandard1.1)) (== net45) (== net461) (== net471) (== net472) (== net48) (== net5.0-windows7.0) (== net50) (== netcoreapp2.0) (&& (== netstandard1.0) (>= netstandard1.1)) (== netstandard1.1) (== netstandard2.0)
      NETStandard.Library (>= 1.6) - restriction: || (&& (== net20) (>= netstandard1.0)) (&& (== net40) (< net35) (>= netstandard1.0)) (&& (== net45) (< net35)) (&& (== net461) (< net35)) (&& (== net471) (< net35) (< netstandard2.0)) (&& (== net472) (< net35) (< netstandard2.0)) (&& (== net48) (< net35) (< netstandard2.0)) (&& (== net5.0-windows7.0) (< netstandard2.0)) (&& (== net50) (< netstandard2.0)) (&& (== netcoreapp2.0) (< netstandard2.0)) (== netstandard1.0) (== netstandard1.1)
    xunit.analyzers (0.10)
    xunit.assert (2.4.1)
      NETStandard.Library (>= 1.6.1) - restriction: || (&& (== net20) (>= netstandard1.1)) (&& (== net35) (>= netstandard1.1)) (&& (== net40) (>= netstandard1.1)) (== net45) (&& (== net461) (< net452)) (&& (== net471) (< net452)) (&& (== net472) (< net452)) (&& (== net48) (< net452)) (== net5.0-windows7.0) (== net50) (== netcoreapp2.0) (&& (== netstandard1.0) (>= netstandard1.1)) (== netstandard1.1) (== netstandard2.0)
    xunit.core (2.4.1)
      xunit.extensibility.core (2.4.1)
      xunit.extensibility.execution (2.4.1)
    xunit.extensibility.core (2.4.1)
      NETStandard.Library (>= 1.6.1) - restriction: || (&& (== net20) (>= netstandard1.1)) (&& (== net35) (>= netstandard1.1)) (&& (== net40) (>= netstandard1.1)) (== net45) (&& (== net461) (< net452)) (&& (== net471) (< net452)) (&& (== net472) (< net452)) (&& (== net48) (< net452)) (== net5.0-windows7.0) (== net50) (== netcoreapp2.0) (&& (== netstandard1.0) (>= netstandard1.1)) (== netstandard1.1) (== netstandard2.0)
      xunit.abstractions (>= 2.0.3) - restriction: || (&& (== net20) (>= netstandard1.1)) (&& (== net35) (>= netstandard1.1)) (&& (== net40) (>= netstandard1.1)) (== net45) (== net461) (== net471) (== net472) (== net48) (== net5.0-windows7.0) (== net50) (== netcoreapp2.0) (&& (== netstandard1.0) (>= netstandard1.1)) (== netstandard1.1) (== netstandard2.0)
    xunit.extensibility.execution (2.4.1)
      NETStandard.Library (>= 1.6.1) - restriction: || (&& (== net20) (>= netstandard1.1)) (&& (== net35) (>= netstandard1.1)) (&& (== net40) (>= netstandard1.1)) (== net45) (&& (== net461) (< net452)) (&& (== net471) (< net452)) (&& (== net472) (< net452)) (&& (== net48) (< net452)) (== net5.0-windows7.0) (== net50) (== netcoreapp2.0) (&& (== netstandard1.0) (>= netstandard1.1)) (== netstandard1.1) (== netstandard2.0)
      xunit.extensibility.core (2.4.1) - restriction: || (&& (== net20) (>= netstandard1.1)) (&& (== net35) (>= netstandard1.1)) (&& (== net40) (>= netstandard1.1)) (== net45) (== net461) (== net471) (== net472) (== net48) (== net5.0-windows7.0) (== net50) (== netcoreapp2.0) (&& (== netstandard1.0) (>= netstandard1.1)) (== netstandard1.1) (== netstandard2.0)
    xunit.runner.visualstudio (2.4.3)

GROUP Build
STORAGE: NONE
RESTRICTION: || (== net20) (== net35) (== net40) (== net45) (== net461) (== net471) (== net472) (== net48) (== net5.0-windows7.0) (== net50) (== netcoreapp2.0) (== netstandard1.0) (== netstandard1.1) (== netstandard2.0)
NUGET
  remote: https://api.nuget.org/v3/index.json
    Nerdbank.GitVersioning (3.4.220)

GROUP Runtime
STORAGE: NONE
RESTRICTION: || (== net20) (== net35) (== net40) (== net45) (== net461) (== net471) (== net472) (== net48) (== net5.0-windows7.0) (== net50) (== netcoreapp2.0) (== netstandard1.0) (== netstandard1.1) (== netstandard2.0)
NUGET
  remote: https://api.nuget.org/v3/index.json
    Microsoft.NETFramework.ReferenceAssemblies (1.0.2)
      Microsoft.NETFramework.ReferenceAssemblies.net20 (>= 1.0.2) - restriction: || (== net20) (&& (== net35) (== net5.0-windows7.0)) (&& (== net35) (== net50)) (&& (== net35) (== netcoreapp2.0)) (&& (== net35) (== netstandard1.0)) (&& (== net35) (== netstandard1.1)) (&& (== net35) (== netstandard2.0)) (&& (== net40) (== net5.0-windows7.0)) (&& (== net40) (== net50)) (&& (== net40) (== netcoreapp2.0)) (&& (== net40) (== netstandard1.0)) (&& (== net40) (== netstandard1.1)) (&& (== net40) (== netstandard2.0)) (&& (== net40) (< net35)) (&& (== net45) (== net5.0-windows7.0)) (&& (== net45) (== net50)) (&& (== net45) (== netcoreapp2.0)) (&& (== net45) (== netstandard1.0)) (&& (== net45) (== netstandard1.1)) (&& (== net45) (== netstandard2.0)) (&& (== net45) (< net35)) (&& (== net461) (== net5.0-windows7.0)) (&& (== net461) (== net50)) (&& (== net461) (== netcoreapp2.0)) (&& (== net461) (== netstandard1.0)) (&& (== net461) (== netstandard1.1)) (&& (== net461) (== netstandard2.0)) (&& (== net461) (< net35)) (&& (== net471) (== net5.0-windows7.0)) (&& (== net471) (== net50)) (&& (== net471) (== netcoreapp2.0)) (&& (== net471) (== netstandard1.0)) (&& (== net471) (== netstandard1.1)) (&& (== net471) (== netstandard2.0)) (&& (== net471) (< net35)) (&& (== net472) (== net5.0-windows7.0)) (&& (== net472) (== net50)) (&& (== net472) (== netcoreapp2.0)) (&& (== net472) (== netstandard1.0)) (&& (== net472) (== netstandard1.1)) (&& (== net472) (== netstandard2.0)) (&& (== net472) (< net35)) (&& (== net48) (== net5.0-windows7.0)) (&& (== net48) (== net50)) (&& (== net48) (== netcoreapp2.0)) (&& (== net48) (== netstandard1.0)) (&& (== net48) (== netstandard1.1)) (&& (== net48) (== netstandard2.0)) (&& (== net48) (< net35)) (&& (== net5.0-windows7.0) (>= net20)) (&& (== net50) (>= net20)) (&& (== netcoreapp2.0) (>= net20)) (&& (== netstandard1.0) (>= net20)) (&& (== netstandard1.1) (>= net20)) (&& (== netstandard2.0) (>= net20))
      Microsoft.NETFramework.ReferenceAssemblies.net35 (>= 1.0.2) - restriction: || (&& (== net20) (== net40)) (&& (== net20) (== net45)) (&& (== net20) (== net461)) (&& (== net20) (== net471)) (&& (== net20) (== net472)) (&& (== net20) (== net48)) (&& (== net20) (>= net35)) (== net35) (&& (== net40) (== net5.0-windows7.0)) (&& (== net40) (== net50)) (&& (== net40) (== netcoreapp2.0)) (&& (== net40) (== netstandard1.0)) (&& (== net40) (== netstandard1.1)) (&& (== net40) (== netstandard2.0)) (&& (== net45) (== net5.0-windows7.0)) (&& (== net45) (== net50)) (&& (== net45) (== netcoreapp2.0)) (&& (== net45) (== netstandard1.0)) (&& (== net45) (== netstandard1.1)) (&& (== net45) (== netstandard2.0)) (&& (== net45) (< net40)) (&& (== net461) (== net5.0-windows7.0)) (&& (== net461) (== net50)) (&& (== net461) (== netcoreapp2.0)) (&& (== net461) (== netstandard1.0)) (&& (== net461) (== netstandard1.1)) (&& (== net461) (== netstandard2.0)) (&& (== net461) (< net40)) (&& (== net471) (== net5.0-windows7.0)) (&& (== net471) (== net50)) (&& (== net471) (== netcoreapp2.0)) (&& (== net471) (== netstandard1.0)) (&& (== net471) (== netstandard1.1)) (&& (== net471) (== netstandard2.0)) (&& (== net471) (< net40)) (&& (== net472) (== net5.0-windows7.0)) (&& (== net472) (== net50)) (&& (== net472) (== netcoreapp2.0)) (&& (== net472) (== netstandard1.0)) (&& (== net472) (== netstandard1.1)) (&& (== net472) (== netstandard2.0)) (&& (== net472) (< net40)) (&& (== net48) (== net5.0-windows7.0)) (&& (== net48) (== net50)) (&& (== net48) (== netcoreapp2.0)) (&& (== net48) (== netstandard1.0)) (&& (== net48) (== netstandard1.1)) (&& (== net48) (== netstandard2.0)) (&& (== net48) (< net40)) (&& (== net5.0-windows7.0) (>= net35)) (&& (== net50) (>= net35)) (&& (== netcoreapp2.0) (>= net35)) (&& (== netstandard1.0) (>= net35)) (&& (== netstandard1.1) (>= net35)) (&& (== netstandard2.0) (>= net35))
      Microsoft.NETFramework.ReferenceAssemblies.net40 (>= 1.0.2) - restriction: || (&& (== net20) (== net45)) (&& (== net20) (== net461)) (&& (== net20) (== net471)) (&& (== net20) (== net472)) (&& (== net20) (== net48)) (&& (== net20) (>= net40)) (&& (== net35) (== net45)) (&& (== net35) (== net461)) (&& (== net35) (== net471)) (&& (== net35) (== net472)) (&& (== net35) (== net48)) (&& (== net35) (>= net40)) (== net40) (&& (== net45) (== net5.0-windows7.0)) (&& (== net45) (== net50)) (&& (== net45) (== netcoreapp2.0)) (&& (== net45) (== netstandard1.0)) (&& (== net45) (== netstandard1.1)) (&& (== net45) (== netstandard2.0)) (&& (== net461) (== net5.0-windows7.0)) (&& (== net461) (== net50)) (&& (== net461) (== netcoreapp2.0)) (&& (== net461) (== netstandard1.0)) (&& (== net461) (== netstandard1.1)) (&& (== net461) (== netstandard2.0)) (&& (== net461) (< net45)) (&& (== net471) (== net5.0-windows7.0)) (&& (== net471) (== net50)) (&& (== net471) (== netcoreapp2.0)) (&& (== net471) (== netstandard1.0)) (&& (== net471) (== netstandard1.1)) (&& (== net471) (== netstandard2.0)) (&& (== net471) (< net45)) (&& (== net472) (== net5.0-windows7.0)) (&& (== net472) (== net50)) (&& (== net472) (== netcoreapp2.0)) (&& (== net472) (== netstandard1.0)) (&& (== net472) (== netstandard1.1)) (&& (== net472) (== netstandard2.0)) (&& (== net472) (< net45)) (&& (== net48) (== net5.0-windows7.0)) (&& (== net48) (== net50)) (&& (== net48) (== netcoreapp2.0)) (&& (== net48) (== netstandard1.0)) (&& (== net48) (== netstandard1.1)) (&& (== net48) (== netstandard2.0)) (&& (== net48) (< net45)) (&& (== net5.0-windows7.0) (>= net40)) (&& (== net50) (>= net40)) (&& (== netcoreapp2.0) (>= net40)) (&& (== netstandard1.0) (>= net40)) (&& (== netstandard1.1) (>= net40)) (&& (== netstandard2.0) (>= net40))
      Microsoft.NETFramework.ReferenceAssemblies.net45 (>= 1.0.2) - restriction: || (&& (== net20) (== net461)) (&& (== net20) (== net471)) (&& (== net20) (== net472)) (&& (== net20) (== net48)) (&& (== net20) (>= net45)) (&& (== net35) (== net461)) (&& (== net35) (== net471)) (&& (== net35) (== net472)) (&& (== net35) (== net48)) (&& (== net35) (>= net45)) (&& (== net40) (== net461)) (&& (== net40) (== net471)) (&& (== net40) (== net472)) (&& (== net40) (== net48)) (&& (== net40) (>= net45)) (== net45) (&& (== net461) (== net5.0-windows7.0)) (&& (== net461) (== net50)) (&& (== net461) (== netcoreapp2.0)) (&& (== net461) (== netstandard1.0)) (&& (== net461) (== netstandard1.1)) (&& (== net461) (== netstandard2.0)) (&& (== net461) (< net451)) (&& (== net471) (== net5.0-windows7.0)) (&& (== net471) (== net50)) (&& (== net471) (== netcoreapp2.0)) (&& (== net471) (== netstandard1.0)) (&& (== net471) (== netstandard1.1)) (&& (== net471) (== netstandard2.0)) (&& (== net471) (< net451)) (&& (== net472) (== net5.0-windows7.0)) (&& (== net472) (== net50)) (&& (== net472) (== netcoreapp2.0)) (&& (== net472) (== netstandard1.0)) (&& (== net472) (== netstandard1.1)) (&& (== net472) (== netstandard2.0)) (&& (== net472) (< net451)) (&& (== net48) (== net5.0-windows7.0)) (&& (== net48) (== net50)) (&& (== net48) (== netcoreapp2.0)) (&& (== net48) (== netstandard1.0)) (&& (== net48) (== netstandard1.1)) (&& (== net48) (== netstandard2.0)) (&& (== net48) (< net451)) (&& (== net5.0-windows7.0) (>= net45)) (&& (== net50) (>= net45)) (&& (== netcoreapp2.0) (>= net45)) (&& (== netstandard1.0) (>= net45)) (&& (== netstandard1.1) (>= net45)) (&& (== netstandard2.0) (>= net45))
      Microsoft.NETFramework.ReferenceAssemblies.net461 (>= 1.0.2) - restriction: || (&& (== net20) (== net471)) (&& (== net20) (== net472)) (&& (== net20) (== net48)) (&& (== net20) (>= net461)) (&& (== net35) (== net471)) (&& (== net35) (== net472)) (&& (== net35) (== net48)) (&& (== net35) (>= net461)) (&& (== net40) (== net471)) (&& (== net40) (== net472)) (&& (== net40) (== net48)) (&& (== net40) (>= net461)) (&& (== net45) (== net471)) (&& (== net45) (== net472)) (&& (== net45) (== net48)) (&& (== net45) (>= net461)) (== net461) (&& (== net471) (== net5.0-windows7.0)) (&& (== net471) (== net50)) (&& (== net471) (== netcoreapp2.0)) (&& (== net471) (== netstandard1.0)) (&& (== net471) (== netstandard1.1)) (&& (== net471) (== netstandard2.0)) (&& (== net471) (< net462)) (&& (== net472) (== net5.0-windows7.0)) (&& (== net472) (== net50)) (&& (== net472) (== netcoreapp2.0)) (&& (== net472) (== netstandard1.0)) (&& (== net472) (== netstandard1.1)) (&& (== net472) (== netstandard2.0)) (&& (== net472) (< net462)) (&& (== net48) (== net5.0-windows7.0)) (&& (== net48) (== net50)) (&& (== net48) (== netcoreapp2.0)) (&& (== net48) (== netstandard1.0)) (&& (== net48) (== netstandard1.1)) (&& (== net48) (== netstandard2.0)) (&& (== net48) (< net462)) (&& (== net5.0-windows7.0) (>= net461)) (&& (== net50) (>= net461)) (&& (== netcoreapp2.0) (>= net461)) (&& (== netstandard1.0) (>= net461)) (&& (== netstandard1.1) (>= net461)) (&& (== netstandard2.0) (>= net461))
      Microsoft.NETFramework.ReferenceAssemblies.net471 (>= 1.0.2) - restriction: || (&& (== net20) (== net472)) (&& (== net20) (== net48)) (&& (== net20) (>= net471)) (&& (== net35) (== net472)) (&& (== net35) (== net48)) (&& (== net35) (>= net471)) (&& (== net40) (== net472)) (&& (== net40) (== net48)) (&& (== net40) (>= net471)) (&& (== net45) (== net472)) (&& (== net45) (== net48)) (&& (== net45) (>= net471)) (&& (== net461) (== net472)) (&& (== net461) (== net48)) (&& (== net461) (>= net471)) (== net471) (&& (== net472) (== net5.0-windows7.0)) (&& (== net472) (== net50)) (&& (== net472) (== netcoreapp2.0)) (&& (== net472) (== netstandard1.0)) (&& (== net472) (== netstandard1.1)) (&& (== net472) (== netstandard2.0)) (&& (== net48) (== net5.0-windows7.0)) (&& (== net48) (== net50)) (&& (== net48) (== netcoreapp2.0)) (&& (== net48) (== netstandard1.0)) (&& (== net48) (== netstandard1.1)) (&& (== net48) (== netstandard2.0)) (&& (== net48) (< net472)) (&& (== net5.0-windows7.0) (>= net471)) (&& (== net50) (>= net471)) (&& (== netcoreapp2.0) (>= net471)) (&& (== netstandard1.0) (>= net471)) (&& (== netstandard1.1) (>= net471)) (&& (== netstandard2.0) (>= net471))
      Microsoft.NETFramework.ReferenceAssemblies.net472 (>= 1.0.2) - restriction: || (&& (== net20) (== net48)) (&& (== net20) (>= net472)) (&& (== net35) (== net48)) (&& (== net35) (>= net472)) (&& (== net40) (== net48)) (&& (== net40) (>= net472)) (&& (== net45) (== net48)) (&& (== net45) (>= net472)) (&& (== net461) (== net48)) (&& (== net461) (>= net472)) (&& (== net471) (== net48)) (&& (== net471) (>= net472)) (== net472) (&& (== net48) (== net5.0-windows7.0)) (&& (== net48) (== net50)) (&& (== net48) (== netcoreapp2.0)) (&& (== net48) (== netstandard1.0)) (&& (== net48) (== netstandard1.1)) (&& (== net48) (== netstandard2.0)) (&& (== net5.0-windows7.0) (>= net472)) (&& (== net50) (>= net472)) (&& (== netcoreapp2.0) (>= net472)) (&& (== netstandard1.0) (>= net472)) (&& (== netstandard1.1) (>= net472)) (&& (== netstandard2.0) (>= net472))
      Microsoft.NETFramework.ReferenceAssemblies.net48 (>= 1.0.2) - restriction: || (&& (== net20) (>= net48)) (&& (== net35) (>= net48)) (&& (== net40) (>= net48)) (&& (== net45) (>= net48)) (&& (== net461) (>= net48)) (&& (== net471) (>= net48)) (&& (== net472) (>= net48)) (== net48) (&& (== net5.0-windows7.0) (>= net48)) (&& (== net50) (>= net48)) (&& (== netcoreapp2.0) (>= net48)) (&& (== netstandard1.0) (>= net48)) (&& (== netstandard1.1) (>= net48)) (&& (== netstandard2.0) (>= net48))
    Microsoft.NETFramework.ReferenceAssemblies.net20 (1.0.2) - restriction: || (== net20) (&& (== net35) (== net5.0-windows7.0)) (&& (== net35) (== net50)) (&& (== net35) (== netcoreapp2.0)) (&& (== net35) (== netstandard1.0)) (&& (== net35) (== netstandard1.1)) (&& (== net35) (== netstandard2.0)) (&& (== net40) (== net5.0-windows7.0)) (&& (== net40) (== net50)) (&& (== net40) (== netcoreapp2.0)) (&& (== net40) (== netstandard1.0)) (&& (== net40) (== netstandard1.1)) (&& (== net40) (== netstandard2.0)) (&& (== net40) (< net35)) (&& (== net45) (== net5.0-windows7.0)) (&& (== net45) (== net50)) (&& (== net45) (== netcoreapp2.0)) (&& (== net45) (== netstandard1.0)) (&& (== net45) (== netstandard1.1)) (&& (== net45) (== netstandard2.0)) (&& (== net45) (< net35)) (&& (== net461) (== net5.0-windows7.0)) (&& (== net461) (== net50)) (&& (== net461) (== netcoreapp2.0)) (&& (== net461) (== netstandard1.0)) (&& (== net461) (== netstandard1.1)) (&& (== net461) (== netstandard2.0)) (&& (== net461) (< net35)) (&& (== net471) (== net5.0-windows7.0)) (&& (== net471) (== net50)) (&& (== net471) (== netcoreapp2.0)) (&& (== net471) (== netstandard1.0)) (&& (== net471) (== netstandard1.1)) (&& (== net471) (== netstandard2.0)) (&& (== net471) (< net35)) (&& (== net472) (== net5.0-windows7.0)) (&& (== net472) (== net50)) (&& (== net472) (== netcoreapp2.0)) (&& (== net472) (== netstandard1.0)) (&& (== net472) (== netstandard1.1)) (&& (== net472) (== netstandard2.0)) (&& (== net472) (< net35)) (&& (== net48) (== net5.0-windows7.0)) (&& (== net48) (== net50)) (&& (== net48) (== netcoreapp2.0)) (&& (== net48) (== netstandard1.0)) (&& (== net48) (== netstandard1.1)) (&& (== net48) (== netstandard2.0)) (&& (== net48) (< net35)) (&& (== net5.0-windows7.0) (>= net20)) (&& (== net50) (>= net20)) (&& (== netcoreapp2.0) (>= net20)) (&& (== netstandard1.0) (>= net20)) (&& (== netstandard1.1) (>= net20)) (&& (== netstandard2.0) (>= net20))
    Microsoft.NETFramework.ReferenceAssemblies.net35 (1.0.2) - restriction: || (&& (== net20) (== net40)) (&& (== net20) (== net45)) (&& (== net20) (== net461)) (&& (== net20) (== net471)) (&& (== net20) (== net472)) (&& (== net20) (== net48)) (&& (== net20) (>= net35)) (== net35) (&& (== net40) (== net5.0-windows7.0)) (&& (== net40) (== net50)) (&& (== net40) (== netcoreapp2.0)) (&& (== net40) (== netstandard1.0)) (&& (== net40) (== netstandard1.1)) (&& (== net40) (== netstandard2.0)) (&& (== net45) (== net5.0-windows7.0)) (&& (== net45) (== net50)) (&& (== net45) (== netcoreapp2.0)) (&& (== net45) (== netstandard1.0)) (&& (== net45) (== netstandard1.1)) (&& (== net45) (== netstandard2.0)) (&& (== net45) (< net40)) (&& (== net461) (== net5.0-windows7.0)) (&& (== net461) (== net50)) (&& (== net461) (== netcoreapp2.0)) (&& (== net461) (== netstandard1.0)) (&& (== net461) (== netstandard1.1)) (&& (== net461) (== netstandard2.0)) (&& (== net461) (< net40)) (&& (== net471) (== net5.0-windows7.0)) (&& (== net471) (== net50)) (&& (== net471) (== netcoreapp2.0)) (&& (== net471) (== netstandard1.0)) (&& (== net471) (== netstandard1.1)) (&& (== net471) (== netstandard2.0)) (&& (== net471) (< net40)) (&& (== net472) (== net5.0-windows7.0)) (&& (== net472) (== net50)) (&& (== net472) (== netcoreapp2.0)) (&& (== net472) (== netstandard1.0)) (&& (== net472) (== netstandard1.1)) (&& (== net472) (== netstandard2.0)) (&& (== net472) (< net40)) (&& (== net48) (== net5.0-windows7.0)) (&& (== net48) (== net50)) (&& (== net48) (== netcoreapp2.0)) (&& (== net48) (== netstandard1.0)) (&& (== net48) (== netstandard1.1)) (&& (== net48) (== netstandard2.0)) (&& (== net48) (< net40)) (&& (== net5.0-windows7.0) (>= net35)) (&& (== net50) (>= net35)) (&& (== netcoreapp2.0) (>= net35)) (&& (== netstandard1.0) (>= net35)) (&& (== netstandard1.1) (>= net35)) (&& (== netstandard2.0) (>= net35))
    Microsoft.NETFramework.ReferenceAssemblies.net40 (1.0.2) - restriction: || (&& (== net20) (== net45)) (&& (== net20) (== net461)) (&& (== net20) (== net471)) (&& (== net20) (== net472)) (&& (== net20) (== net48)) (&& (== net20) (>= net40)) (&& (== net35) (== net45)) (&& (== net35) (== net461)) (&& (== net35) (== net471)) (&& (== net35) (== net472)) (&& (== net35) (== net48)) (&& (== net35) (>= net40)) (== net40) (&& (== net45) (== net5.0-windows7.0)) (&& (== net45) (== net50)) (&& (== net45) (== netcoreapp2.0)) (&& (== net45) (== netstandard1.0)) (&& (== net45) (== netstandard1.1)) (&& (== net45) (== netstandard2.0)) (&& (== net461) (== net5.0-windows7.0)) (&& (== net461) (== net50)) (&& (== net461) (== netcoreapp2.0)) (&& (== net461) (== netstandard1.0)) (&& (== net461) (== netstandard1.1)) (&& (== net461) (== netstandard2.0)) (&& (== net461) (< net45)) (&& (== net471) (== net5.0-windows7.0)) (&& (== net471) (== net50)) (&& (== net471) (== netcoreapp2.0)) (&& (== net471) (== netstandard1.0)) (&& (== net471) (== netstandard1.1)) (&& (== net471) (== netstandard2.0)) (&& (== net471) (< net45)) (&& (== net472) (== net5.0-windows7.0)) (&& (== net472) (== net50)) (&& (== net472) (== netcoreapp2.0)) (&& (== net472) (== netstandard1.0)) (&& (== net472) (== netstandard1.1)) (&& (== net472) (== netstandard2.0)) (&& (== net472) (< net45)) (&& (== net48) (== net5.0-windows7.0)) (&& (== net48) (== net50)) (&& (== net48) (== netcoreapp2.0)) (&& (== net48) (== netstandard1.0)) (&& (== net48) (== netstandard1.1)) (&& (== net48) (== netstandard2.0)) (&& (== net48) (< net45)) (&& (== net5.0-windows7.0) (>= net40)) (&& (== net50) (>= net40)) (&& (== netcoreapp2.0) (>= net40)) (&& (== netstandard1.0) (>= net40)) (&& (== netstandard1.1) (>= net40)) (&& (== netstandard2.0) (>= net40))
    Microsoft.NETFramework.ReferenceAssemblies.net45 (1.0.2) - restriction: || (&& (== net20) (== net461)) (&& (== net20) (== net471)) (&& (== net20) (== net472)) (&& (== net20) (== net48)) (&& (== net20) (>= net45)) (&& (== net35) (== net461)) (&& (== net35) (== net471)) (&& (== net35) (== net472)) (&& (== net35) (== net48)) (&& (== net35) (>= net45)) (&& (== net40) (== net461)) (&& (== net40) (== net471)) (&& (== net40) (== net472)) (&& (== net40) (== net48)) (&& (== net40) (>= net45)) (== net45) (&& (== net461) (== net5.0-windows7.0)) (&& (== net461) (== net50)) (&& (== net461) (== netcoreapp2.0)) (&& (== net461) (== netstandard1.0)) (&& (== net461) (== netstandard1.1)) (&& (== net461) (== netstandard2.0)) (&& (== net461) (< net451)) (&& (== net471) (== net5.0-windows7.0)) (&& (== net471) (== net50)) (&& (== net471) (== netcoreapp2.0)) (&& (== net471) (== netstandard1.0)) (&& (== net471) (== netstandard1.1)) (&& (== net471) (== netstandard2.0)) (&& (== net471) (< net451)) (&& (== net472) (== net5.0-windows7.0)) (&& (== net472) (== net50)) (&& (== net472) (== netcoreapp2.0)) (&& (== net472) (== netstandard1.0)) (&& (== net472) (== netstandard1.1)) (&& (== net472) (== netstandard2.0)) (&& (== net472) (< net451)) (&& (== net48) (== net5.0-windows7.0)) (&& (== net48) (== net50)) (&& (== net48) (== netcoreapp2.0)) (&& (== net48) (== netstandard1.0)) (&& (== net48) (== netstandard1.1)) (&& (== net48) (== netstandard2.0)) (&& (== net48) (< net451)) (&& (== net5.0-windows7.0) (>= net45)) (&& (== net50) (>= net45)) (&& (== netcoreapp2.0) (>= net45)) (&& (== netstandard1.0) (>= net45)) (&& (== netstandard1.1) (>= net45)) (&& (== netstandard2.0) (>= net45))
    Microsoft.NETFramework.ReferenceAssemblies.net461 (1.0.2) - restriction: || (&& (== net20) (== net471)) (&& (== net20) (== net472)) (&& (== net20) (== net48)) (&& (== net20) (>= net461)) (&& (== net35) (== net471)) (&& (== net35) (== net472)) (&& (== net35) (== net48)) (&& (== net35) (>= net461)) (&& (== net40) (== net471)) (&& (== net40) (== net472)) (&& (== net40) (== net48)) (&& (== net40) (>= net461)) (&& (== net45) (== net471)) (&& (== net45) (== net472)) (&& (== net45) (== net48)) (&& (== net45) (>= net461)) (== net461) (&& (== net471) (== net5.0-windows7.0)) (&& (== net471) (== net50)) (&& (== net471) (== netcoreapp2.0)) (&& (== net471) (== netstandard1.0)) (&& (== net471) (== netstandard1.1)) (&& (== net471) (== netstandard2.0)) (&& (== net471) (< net462)) (&& (== net472) (== net5.0-windows7.0)) (&& (== net472) (== net50)) (&& (== net472) (== netcoreapp2.0)) (&& (== net472) (== netstandard1.0)) (&& (== net472) (== netstandard1.1)) (&& (== net472) (== netstandard2.0)) (&& (== net472) (< net462)) (&& (== net48) (== net5.0-windows7.0)) (&& (== net48) (== net50)) (&& (== net48) (== netcoreapp2.0)) (&& (== net48) (== netstandard1.0)) (&& (== net48) (== netstandard1.1)) (&& (== net48) (== netstandard2.0)) (&& (== net48) (< net462)) (&& (== net5.0-windows7.0) (>= net461)) (&& (== net50) (>= net461)) (&& (== netcoreapp2.0) (>= net461)) (&& (== netstandard1.0) (>= net461)) (&& (== netstandard1.1) (>= net461)) (&& (== netstandard2.0) (>= net461))
    Microsoft.NETFramework.ReferenceAssemblies.net471 (1.0.2) - restriction: || (&& (== net20) (== net472)) (&& (== net20) (== net48)) (&& (== net20) (>= net471)) (&& (== net35) (== net472)) (&& (== net35) (== net48)) (&& (== net35) (>= net471)) (&& (== net40) (== net472)) (&& (== net40) (== net48)) (&& (== net40) (>= net471)) (&& (== net45) (== net472)) (&& (== net45) (== net48)) (&& (== net45) (>= net471)) (&& (== net461) (== net472)) (&& (== net461) (== net48)) (&& (== net461) (>= net471)) (== net471) (&& (== net472) (== net5.0-windows7.0)) (&& (== net472) (== net50)) (&& (== net472) (== netcoreapp2.0)) (&& (== net472) (== netstandard1.0)) (&& (== net472) (== netstandard1.1)) (&& (== net472) (== netstandard2.0)) (&& (== net48) (== net5.0-windows7.0)) (&& (== net48) (== net50)) (&& (== net48) (== netcoreapp2.0)) (&& (== net48) (== netstandard1.0)) (&& (== net48) (== netstandard1.1)) (&& (== net48) (== netstandard2.0)) (&& (== net48) (< net472)) (&& (== net5.0-windows7.0) (>= net471)) (&& (== net50) (>= net471)) (&& (== netcoreapp2.0) (>= net471)) (&& (== netstandard1.0) (>= net471)) (&& (== netstandard1.1) (>= net471)) (&& (== netstandard2.0) (>= net471))
    Microsoft.NETFramework.ReferenceAssemblies.net472 (1.0.2) - restriction: || (&& (== net20) (== net48)) (&& (== net20) (>= net472)) (&& (== net35) (== net48)) (&& (== net35) (>= net472)) (&& (== net40) (== net48)) (&& (== net40) (>= net472)) (&& (== net45) (== net48)) (&& (== net45) (>= net472)) (&& (== net461) (== net48)) (&& (== net461) (>= net472)) (&& (== net471) (== net48)) (&& (== net471) (>= net472)) (== net472) (&& (== net48) (== net5.0-windows7.0)) (&& (== net48) (== net50)) (&& (== net48) (== netcoreapp2.0)) (&& (== net48) (== netstandard1.0)) (&& (== net48) (== netstandard1.1)) (&& (== net48) (== netstandard2.0)) (&& (== net5.0-windows7.0) (>= net472)) (&& (== net50) (>= net472)) (&& (== netcoreapp2.0) (>= net472)) (&& (== netstandard1.0) (>= net472)) (&& (== netstandard1.1) (>= net472)) (&& (== netstandard2.0) (>= net472))
    Microsoft.NETFramework.ReferenceAssemblies.net48 (1.0.2) - restriction: || (&& (== net20) (>= net48)) (&& (== net35) (>= net48)) (&& (== net40) (>= net48)) (&& (== net45) (>= net48)) (&& (== net461) (>= net48)) (&& (== net471) (>= net48)) (&& (== net472) (>= net48)) (== net48) (&& (== net5.0-windows7.0) (>= net48)) (&& (== net50) (>= net48)) (&& (== netcoreapp2.0) (>= net48)) (&& (== netstandard1.0) (>= net48)) (&& (== netstandard1.1) (>= net48)) (&& (== netstandard2.0) (>= net48))
GITHUB
  remote: MiloszKrajewski/K4os.Compression.LZ4
    src/K4os.Compression.LZ4/Engine/LZ4_xx.cs (c960ca7ddeb483e077fc5c89efb1323bd187311a)
GROUP TestTarget
STORAGE: NONE
RESTRICTION: >= net20
NUGET
  remote: https://api.nuget.org/v3/index.json
    Microsoft.Build.Framework (16.10)
      System.Security.Permissions (>= 4.7) - restriction: && (>= net20) (< net472) (>= netstandard2.0)
    Microsoft.NETFramework.ReferenceAssemblies (1.0.2)
      Microsoft.NETFramework.ReferenceAssemblies.net20 (>= 1.0.2) - restriction: && (>= net20) (< net35)
      Microsoft.NETFramework.ReferenceAssemblies.net35 (>= 1.0.2) - restriction: && (>= net35) (< net40)
      Microsoft.NETFramework.ReferenceAssemblies.net40 (>= 1.0.2) - restriction: && (>= net40) (< net45)
      Microsoft.NETFramework.ReferenceAssemblies.net45 (>= 1.0.2) - restriction: && (>= net45) (< net451)
      Microsoft.NETFramework.ReferenceAssemblies.net451 (>= 1.0.2) - restriction: && (>= net451) (< net452)
      Microsoft.NETFramework.ReferenceAssemblies.net452 (>= 1.0.2) - restriction: && (>= net452) (< net46)
      Microsoft.NETFramework.ReferenceAssemblies.net46 (>= 1.0.2) - restriction: && (>= net46) (< net461)
      Microsoft.NETFramework.ReferenceAssemblies.net461 (>= 1.0.2) - restriction: && (>= net461) (< net462)
      Microsoft.NETFramework.ReferenceAssemblies.net462 (>= 1.0.2) - restriction: && (>= net462) (< net47)
      Microsoft.NETFramework.ReferenceAssemblies.net47 (>= 1.0.2) - restriction: && (>= net47) (< net471)
      Microsoft.NETFramework.ReferenceAssemblies.net471 (>= 1.0.2) - restriction: && (>= net471) (< net472)
      Microsoft.NETFramework.ReferenceAssemblies.net472 (>= 1.0.2) - restriction: && (>= net472) (< net48)
      Microsoft.NETFramework.ReferenceAssemblies.net48 (>= 1.0.2) - restriction: >= net48
    Microsoft.NETFramework.ReferenceAssemblies.net20 (1.0.2) - restriction: && (>= net20) (< net35)
    Microsoft.NETFramework.ReferenceAssemblies.net35 (1.0.2) - restriction: && (>= net35) (< net40)
    Microsoft.NETFramework.ReferenceAssemblies.net40 (1.0.2) - restriction: && (>= net40) (< net45)
    Microsoft.NETFramework.ReferenceAssemblies.net45 (1.0.2) - restriction: && (>= net45) (< net451)
    Microsoft.NETFramework.ReferenceAssemblies.net451 (1.0.2) - restriction: && (>= net451) (< net452)
    Microsoft.NETFramework.ReferenceAssemblies.net452 (1.0.2) - restriction: && (>= net452) (< net46)
    Microsoft.NETFramework.ReferenceAssemblies.net46 (1.0.2) - restriction: && (>= net46) (< net461)
    Microsoft.NETFramework.ReferenceAssemblies.net461 (1.0.2) - restriction: && (>= net461) (< net462)
    Microsoft.NETFramework.ReferenceAssemblies.net462 (1.0.2) - restriction: && (>= net462) (< net47)
    Microsoft.NETFramework.ReferenceAssemblies.net47 (1.0.2) - restriction: && (>= net47) (< net471)
    Microsoft.NETFramework.ReferenceAssemblies.net471 (1.0.2) - restriction: && (>= net471) (< net472)
    Microsoft.NETFramework.ReferenceAssemblies.net472 (1.0.2) - restriction: && (>= net472) (< net48)
    Microsoft.NETFramework.ReferenceAssemblies.net48 (1.0.2) - restriction: >= net48
    System.Security.AccessControl (5.0) - restriction: || (&& (>= net20) (< net472) (>= netstandard2.0)) (&& (>= net461) (< net472) (>= netstandard2.0))
      System.Security.Principal.Windows (>= 5.0) - restriction: || (&& (>= net20) (< net46) (>= netstandard1.3) (< netstandard2.0)) (&& (>= net20) (< net46) (>= netstandard2.0)) (&& (>= net20) (>= netcoreapp2.0)) (&& (>= net46) (< netstandard2.0)) (>= net461)
    System.Security.Permissions (5.0) - restriction: && (>= net20) (< net472) (>= netstandard2.0)
      System.Security.AccessControl (>= 5.0) - restriction: || (&& (>= net20) (>= netstandard2.0)) (>= net461)
    System.Security.Principal.Windows (5.0) - restriction: || (&& (>= net20) (< net46) (>= netstandard2.0)) (&& (>= net20) (>= netcoreapp2.0)) (&& (< net46) (>= net461) (>= netstandard2.0)) (&& (>= net461) (< net472) (>= netstandard2.0)) (&& (>= net461) (>= netcoreapp2.0))
    System.Text.RegularExpressions (4.3.1) - restriction: >= net45
